{
  "aor": 0.00019147887323943662,
  "aqi": 0.011472594953051642,
  "bids_meta": {
    "AcquisitionMatrixPE": 100,
    "AcquisitionNumber": 1,
    "AcquisitionTime": "15:09:5.845000",
    "BandwidthPerPixelPhaseEncode": 13.889,
    "BaseResolution": 100,
    "ConversionSoftware": "dcm2niix",
    "ConversionSoftwareVersion": "v1.0.20180404 Clang8.0.0",
    "DerivedVendorReportedEchoSpacing": 0.000719994,
    "DeviceSerialNumber": "35002",
    "DwellTime": 2.8e-06,
    "EchoTime": 0.0436,
    "EffectiveEchoSpacing": 0.000719994,
    "FlipAngle": 55,
    "ImageComments": "Unaliased_MB8_PE3_(remote)",
    "ImageOrientationPatientDICOM": [
      0.999991,
      -0.00218029,
      0.00358806,
      -2.71028e-08,
      0.854591,
      0.519302
    ],
    "ImageType": [
      "ORIGINAL",
      "PRIMARY",
      "M",
      "MB",
      "ND",
      "MOSAIC"
    ],
    "InPlanePhaseEncodingDirectionDICOM": "COL",
    "InstitutionAddress": "University_Pkwy_1700_North_685_Provo_UT_US_84601",
    "InstitutionName": "Brigham_Young_University",
    "InstitutionalDepartmentName": "MRI",
    "MRAcquisitionType": "2D",
    "MagneticFieldStrength": 3,
    "Manufacturer": "Siemens",
    "ManufacturersModelName": "TrioTim",
    "Modality": "MR",
    "MultibandAccelerationFactor": 8,
    "PartialFourier": 1,
    "PatientPosition": "HFS",
    "PercentPhaseFOV": 100,
    "PhaseEncodingDirection": "j-",
    "PhaseEncodingSteps": 100,
    "PhaseResolution": 1,
    "PixelBandwidth": 1786,
    "ProcedureStepDescription": "Research_KIRWAN",
    "ProtocolName": "run4",
    "PulseSequenceDetails": "%CustomerSeq%_cmrr_mbep2d_bold",
    "ReceiveCoilName": "32Ch_Head",
    "ReconMatrixPE": 100,
    "RepetitionTime": 0.875,
    "SAR": 0.110625,
    "ScanOptions": "FS",
    "ScanningSequence": "EP",
    "SequenceName": "epfid2d1_100",
    "SequenceVariant": "SK_SS",
    "SeriesDescription": "run4",
    "SeriesNumber": 6,
    "ShimSetting": [
      -2819,
      -22952,
      2288,
      672,
      129,
      324,
      -161,
      398
    ],
    "SliceThickness": 1.8,
    "SliceTiming": [
      0,
      0.4875,
      0.0975,
      0.585,
      0.195,
      0.6825,
      0.2925,
      0.78,
      0.39,
      0,
      0.4875,
      0.0975,
      0.585,
      0.195,
      0.6825,
      0.2925,
      0.78,
      0.39,
      0,
      0.4875,
      0.0975,
      0.585,
      0.195,
      0.6825,
      0.2925,
      0.78,
      0.39,
      0,
      0.4875,
      0.0975,
      0.585,
      0.195,
      0.6825,
      0.2925,
      0.78,
      0.39,
      0,
      0.4875,
      0.0975,
      0.585,
      0.195,
      0.6825,
      0.2925,
      0.78,
      0.39,
      0,
      0.4875,
      0.0975,
      0.585,
      0.195,
      0.6825,
      0.2925,
      0.78,
      0.39,
      0,
      0.4875,
      0.0975,
      0.585,
      0.195,
      0.6825,
      0.2925,
      0.78,
      0.39,
      0,
      0.4875,
      0.0975,
      0.585,
      0.195,
      0.6825,
      0.2925,
      0.78,
      0.39
    ],
    "SoftwareVersions": "syngo_MR_B17",
    "SpacingBetweenSlices": 1.8,
    "StationName": "MININT-E41B04",
    "TaskName": "MST",
    "TotalReadoutTime": 0.0712794,
    "TxRefAmp": 324.097,
    "dataset": "ds002168",
    "modality": "bold",
    "run_id": 4,
    "subject_id": "1594",
    "task_id": "mst"
  },
  "dummy_trs": 2,
  "dvars_nstd": 69.39720006578828,
  "dvars_std": 1.0564008695764715,
  "dvars_vstd": 1.0009801847529416,
  "efc": 0.5614950142010312,
  "fber": 293.2426452636719,
  "fd_mean": 0.10687022123831731,
  "fd_num": 1,
  "fd_perc": 0.2347417840375587,
  "fwhm_avg": 3.6352870563312845,
  "fwhm_x": 3.5293778712743618,
  "fwhm_y": 3.888138991889397,
  "fwhm_z": 3.4883443058300956,
  "gcor": 0.00500909,
  "gsr_x": -0.010737961158156395,
  "gsr_y": 0.07602362334728241,
  "provenance": {
    "md5sum": "8fbe667b1900dada4feb530e3c9771c9",
    "settings": {
      "fd_thres": 0.2,
      "testing": false
    },
    "software": "mriqc",
    "version": "23.0.1",
    "webapi_port": null,
    "webapi_url": "https://mriqc.nimh.nih.gov/api/v1"
  },
  "size_t": 426,
  "size_x": 100,
  "size_y": 100,
  "size_z": 72,
  "snr": 1.9281507691638569,
  "spacing_tr": 0.875,
  "spacing_x": 1.7999999523162842,
  "spacing_y": 1.7999999523162842,
  "spacing_z": 1.8000000715255737,
  "summary_bg_k": 27.091304520819577,
  "summary_bg_mad": 14.213492394666304,
  "summary_bg_mean": 40.895263671875,
  "summary_bg_median": 22.774648666381836,
  "summary_bg_n": 442994.0,
  "summary_bg_p05": 11.561033248901367,
  "summary_bg_p95": 133.9483642578125,
  "summary_bg_stdv": 55.055423736572266,
  "summary_fg_k": 2.935792774663553,
  "summary_fg_mad": 151.38202071744956,
  "summary_fg_mean": 453.7342529296875,
  "summary_fg_median": 397.0328674316406,
  "summary_fg_n": 176051.0,
  "summary_fg_p05": 229.56690216064453,
  "summary_fg_p95": 875.0762939453125,
  "summary_fg_stdv": 205.91322326660156,
  "tsnr": 22.625720623414963
}