{
  "aor": 0.00030133489461358314,
  "aqi": 0.011444639625292739,
  "bids_meta": {
    "AcquisitionMatrixPE": 100,
    "AcquisitionNumber": 1,
    "AcquisitionTime": "15:15:51.390000",
    "BandwidthPerPixelPhaseEncode": 13.889,
    "BaseResolution": 100,
    "ConversionSoftware": "dcm2niix",
    "ConversionSoftwareVersion": "v1.0.20180404 Clang8.0.0",
    "DerivedVendorReportedEchoSpacing": 0.000719994,
    "DeviceSerialNumber": "35002",
    "DwellTime": 2.8e-06,
    "EchoTime": 0.0436,
    "EffectiveEchoSpacing": 0.000719994,
    "FlipAngle": 55,
    "ImageComments": "Unaliased_MB8_PE3_(remote)",
    "ImageOrientationPatientDICOM": [
      0.999991,
      -0.00218029,
      0.00358806,
      -2.71028e-08,
      0.854591,
      0.519302
    ],
    "ImageType": [
      "ORIGINAL",
      "PRIMARY",
      "M",
      "MB",
      "ND",
      "MOSAIC"
    ],
    "InPlanePhaseEncodingDirectionDICOM": "COL",
    "InstitutionAddress": "University_Pkwy_1700_North_685_Provo_UT_US_84601",
    "InstitutionName": "Brigham_Young_University",
    "InstitutionalDepartmentName": "MRI",
    "MRAcquisitionType": "2D",
    "MagneticFieldStrength": 3,
    "Manufacturer": "Siemens",
    "ManufacturersModelName": "TrioTim",
    "Modality": "MR",
    "MultibandAccelerationFactor": 8,
    "PartialFourier": 1,
    "PatientPosition": "HFS",
    "PercentPhaseFOV": 100,
    "PhaseEncodingDirection": "j-",
    "PhaseEncodingSteps": 100,
    "PhaseResolution": 1,
    "PixelBandwidth": 1786,
    "ProcedureStepDescription": "Research_KIRWAN",
    "ProtocolName": "run5",
    "PulseSequenceDetails": "%CustomerSeq%_cmrr_mbep2d_bold",
    "ReceiveCoilName": "32Ch_Head",
    "ReconMatrixPE": 100,
    "RepetitionTime": 0.875,
    "SAR": 0.114138,
    "ScanOptions": "FS",
    "ScanningSequence": "EP",
    "SequenceName": "epfid2d1_100",
    "SequenceVariant": "SK_SS",
    "SeriesDescription": "run5",
    "SeriesNumber": 7,
    "ShimSetting": [
      -2819,
      -22952,
      2288,
      672,
      129,
      324,
      -161,
      398
    ],
    "SliceThickness": 1.8,
    "SliceTiming": [
      0,
      0.4875,
      0.0975,
      0.585,
      0.195,
      0.6825,
      0.2925,
      0.78,
      0.39,
      0,
      0.4875,
      0.0975,
      0.585,
      0.195,
      0.6825,
      0.2925,
      0.78,
      0.39,
      0,
      0.4875,
      0.0975,
      0.585,
      0.195,
      0.6825,
      0.2925,
      0.78,
      0.39,
      0,
      0.4875,
      0.0975,
      0.585,
      0.195,
      0.6825,
      0.2925,
      0.78,
      0.39,
      0,
      0.4875,
      0.0975,
      0.585,
      0.195,
      0.6825,
      0.2925,
      0.78,
      0.39,
      0,
      0.4875,
      0.0975,
      0.585,
      0.195,
      0.6825,
      0.2925,
      0.78,
      0.39,
      0,
      0.4875,
      0.0975,
      0.585,
      0.195,
      0.6825,
      0.2925,
      0.78,
      0.39,
      0,
      0.4875,
      0.0975,
      0.585,
      0.195,
      0.6825,
      0.2925,
      0.78,
      0.39
    ],
    "SoftwareVersions": "syngo_MR_B17",
    "SpacingBetweenSlices": 1.8,
    "StationName": "MININT-E41B04",
    "TaskName": "MST",
    "TotalReadoutTime": 0.0712794,
    "TxRefAmp": 324.097,
    "dataset": "ds002168",
    "modality": "bold",
    "run_id": 5,
    "subject_id": "1594",
    "task_id": "mst"
  },
  "dummy_trs": 1,
  "dvars_nstd": 69.34095341492963,
  "dvars_std": 1.061209353145539,
  "dvars_vstd": 1.0058258242957738,
  "efc": 0.5623389172644899,
  "fber": 288.5108642578125,
  "fd_mean": 0.10853951167499823,
  "fd_num": 2,
  "fd_perc": 0.468384074941452,
  "fwhm_avg": 3.636575945505614,
  "fwhm_x": 3.5416667604887953,
  "fwhm_y": 3.891100103078951,
  "fwhm_z": 3.4769609729490956,
  "gcor": 0.00415726,
  "gsr_x": -0.010643918067216873,
  "gsr_y": 0.07584941387176514,
  "provenance": {
    "md5sum": "ea967e7f1d9b9a3bae0e60ff0a0e1229",
    "settings": {
      "fd_thres": 0.2,
      "testing": false
    },
    "software": "mriqc",
    "version": "23.0.1",
    "webapi_port": null,
    "webapi_url": "https://mriqc.nimh.nih.gov/api/v1"
  },
  "size_t": 427,
  "size_x": 100,
  "size_y": 100,
  "size_z": 72,
  "snr": 1.9225643015407157,
  "spacing_tr": 0.875,
  "spacing_x": 1.7999999523162842,
  "spacing_y": 1.7999999523162842,
  "spacing_z": 1.8000000715255737,
  "summary_bg_k": 26.82590522576421,
  "summary_bg_mad": 14.409365512622482,
  "summary_bg_mean": 41.43623733520508,
  "summary_bg_median": 22.967212677001953,
  "summary_bg_n": 442691.0,
  "summary_bg_p05": 11.613582611083984,
  "summary_bg_p95": 136.0796127319336,
  "summary_bg_stdv": 56.019378662109375,
  "summary_fg_k": 2.9548146575205774,
  "summary_fg_mad": 151.44070403890348,
  "summary_fg_mean": 454.85980224609375,
  "summary_fg_median": 397.36767578125,
  "summary_fg_n": 176083.0,
  "summary_fg_p05": 230.49905853271486,
  "summary_fg_p95": 879.0154235839843,
  "summary_fg_stdv": 206.68569946289062,
  "tsnr": 22.73746935953386
}