{
  "bids_meta": {
    "AcquisitionMatrixPE": 256,
    "AcquisitionNumber": 1,
    "AcquisitionTime": "13:03:10.320000",
    "BaseResolution": 256,
    "ConversionSoftware": "dcm2niix",
    "ConversionSoftwareVersion": "v1.0.20180404 Clang8.0.0",
    "DeviceSerialNumber": "35002",
    "DwellTime": 1.03e-05,
    "EchoTime": 0.00492,
    "FlipAngle": 25,
    "ImageOrientationPatientDICOM": [
      -0.0645323,
      0.997916,
      -1.78099e-08,
      -0.0435285,
      -0.00281488,
      -0.999048
    ],
    "ImageType": [
      "ORIGINAL",
      "PRIMARY",
      "M",
      "ND",
      "NORM"
    ],
    "InPlanePhaseEncodingDirectionDICOM": "ROW",
    "InstitutionAddress": "University_Pkwy_1700_North_685_Provo_UT_US_84601",
    "InstitutionName": "Brigham_Young_University",
    "InstitutionalDepartmentName": "MRI",
    "MRAcquisitionType": "3D",
    "MagneticFieldStrength": 3,
    "Manufacturer": "Siemens",
    "ManufacturersModelName": "TrioTim",
    "Modality": "MR",
    "ParallelReductionFactorInPlane": 2,
    "PartialFourier": 1,
    "PatientPosition": "HFS",
    "PercentPhaseFOV": 100,
    "PhaseEncodingSteps": 255,
    "PhaseResolution": 1,
    "PixelBandwidth": 190,
    "ProcedureStepDescription": "Research_KIRWAN",
    "ProtocolName": "t1_fl3d_sag_no3Daccel_iso_1.0_1avg",
    "PulseSequenceDetails": "%SiemensSeq%_gre",
    "ReceiveCoilName": "32Ch_Head",
    "ReconMatrixPE": 256,
    "RepetitionTime": 0.02,
    "SAR": 0.191838,
    "ScanningSequence": "GR",
    "SequenceName": "_fl3d1_ns",
    "SequenceVariant": "SP",
    "SeriesDescription": "t1_fl3d_sag_no3Daccel_iso_1.0_1avg",
    "SeriesNumber": 9,
    "ShimSetting": [
      -2826,
      -22917,
      1922,
      -109,
      -90,
      -53,
      -300,
      376
    ],
    "SliceThickness": 1,
    "SoftwareVersions": "syngo_MR_B17",
    "StationName": "MININT-E41B04",
    "TxRefAmp": 337.171,
    "dataset": "ds002168",
    "modality": "T1w",
    "subject_id": "1963"
  },
  "cjv": 0.4344283308588734,
  "cnr": 3.1593867244729235,
  "efc": 0.5362631335876146,
  "fber": 16449.102381300218,
  "fwhm_avg": 3.610343349969634,
  "fwhm_x": 3.4410100499089027,
  "fwhm_y": 3.9076,
  "fwhm_z": 3.48242,
  "icvs_csf": 0.19136593907124835,
  "icvs_gm": 0.3813921222413753,
  "icvs_wm": 0.4272419386873763,
  "inu_med": 0.26139533519744873,
  "inu_range": 0.08222494199872016,
  "provenance": {
    "md5sum": "77e602c3bf80833b267bb71a777e7ec9",
    "settings": {
      "testing": false
    },
    "software": "mriqc",
    "version": "23.0.1",
    "warnings": {
      "large_rot_frame": true,
      "small_air_mask": false
    },
    "webapi_port": null,
    "webapi_url": "https://mriqc.nimh.nih.gov/api/v1"
  },
  "qi_1": 0.0,
  "qi_2": 0.024946347623270974,
  "rpve_csf": 28.37366657750738,
  "rpve_gm": 14.13286838177748,
  "rpve_wm": 14.956639310003725,
  "size_x": 192,
  "size_y": 256,
  "size_z": 256,
  "snr_csf": 2.9041261929980866,
  "snr_gm": 15.916416185809876,
  "snr_total": 14.880869269414811,
  "snr_wm": 25.822065429436474,
  "snrd_csf": 68.39363577611574,
  "snrd_gm": 139.18216714972013,
  "snrd_total": 127.25315035433262,
  "snrd_wm": 174.18364813716198,
  "spacing_x": 0.999997079372406,
  "spacing_y": 1.0,
  "spacing_z": 1.0,
  "summary_bg_k": 6.225783510264289,
  "summary_bg_mad": 3.761417480049681,
  "summary_bg_mean": 3.867443587160211,
  "summary_bg_median": 2.5370375365018845,
  "summary_bg_n": 3610246.0,
  "summary_bg_p05": 0.0,
  "summary_bg_p95": 13.061045095324516,
  "summary_bg_stdv": 5.0316439778299475,
  "summary_csf_k": 6.628902187561561,
  "summary_csf_mad": 80.66150818328761,
  "summary_csf_mean": 373.61704907336633,
  "summary_csf_median": 392.67703203856945,
  "summary_csf_n": 46431.0,
  "summary_csf_p05": 95.42080067843199,
  "summary_csf_p95": 561.68758200109,
  "summary_csf_stdv": 135.21203188558295,
  "summary_gm_k": 0.42106408498359027,
  "summary_gm_mad": 50.15223306732908,
  "summary_gm_mean": 799.7250393049569,
  "summary_gm_median": 799.1041810959578,
  "summary_gm_n": 26431.0,
  "summary_gm_p05": 719.6886419132352,
  "summary_gm_p95": 881.4169545024633,
  "summary_gm_stdv": 50.20533861556678,
  "summary_wm_k": 0.535948391814177,
  "summary_wm_mad": 37.14980227209561,
  "summary_wm_mean": 1002.6079020763024,
  "summary_wm_median": 1000.0626111477613,
  "summary_wm_n": 277246.0,
  "summary_wm_p05": 944.0285351872444,
  "summary_wm_p95": 1070.316625893116,
  "summary_wm_stdv": 38.728923924135294,
  "tpm_overlap_csf": 0.1491769504082185,
  "tpm_overlap_gm": 0.4380275623735715,
  "tpm_overlap_wm": 0.5141017993512297,
  "wm2max": 0.6840627215393164
}