{
  "aor": 0.0008146713615023475,
  "aqi": 0.020574173708920188,
  "bids_meta": {
    "AcquisitionMatrixPE": 100,
    "AcquisitionNumber": 1,
    "AcquisitionTime": "14:46:20.712500",
    "BandwidthPerPixelPhaseEncode": 13.889,
    "BaseResolution": 100,
    "ConversionSoftware": "dcm2niix",
    "ConversionSoftwareVersion": "v1.0.20180404 Clang8.0.0",
    "DerivedVendorReportedEchoSpacing": 0.000719994,
    "DeviceSerialNumber": "35002",
    "DwellTime": 2.8e-06,
    "EchoTime": 0.0436,
    "EffectiveEchoSpacing": 0.000719994,
    "FlipAngle": 55,
    "ImageComments": "Unaliased_MB8_PE3_(remote)",
    "ImageOrientationPatientDICOM": [
      1,
      0,
      0,
      0,
      0.864275,
      0.50302
    ],
    "ImageType": [
      "ORIGINAL",
      "PRIMARY",
      "M",
      "MB",
      "ND",
      "MOSAIC"
    ],
    "InPlanePhaseEncodingDirectionDICOM": "COL",
    "InstitutionAddress": "University_Pkwy_1700_North_685_Provo_UT_US_84601",
    "InstitutionName": "Brigham_Young_University",
    "InstitutionalDepartmentName": "MRI",
    "MRAcquisitionType": "2D",
    "MagneticFieldStrength": 3,
    "Manufacturer": "Siemens",
    "ManufacturersModelName": "TrioTim",
    "Modality": "MR",
    "MultibandAccelerationFactor": 8,
    "PartialFourier": 1,
    "PatientPosition": "HFS",
    "PercentPhaseFOV": 100,
    "PhaseEncodingDirection": "j-",
    "PhaseEncodingSteps": 100,
    "PhaseResolution": 1,
    "PixelBandwidth": 1786,
    "ProcedureStepDescription": "Research_KIRWAN",
    "ProtocolName": "run4",
    "PulseSequenceDetails": "%CustomerSeq%_cmrr_mbep2d_bold",
    "ReceiveCoilName": "32Ch_Head",
    "ReconMatrixPE": 100,
    "RepetitionTime": 0.875,
    "SAR": 0.125398,
    "ScanOptions": "FS",
    "ScanningSequence": "EP",
    "SequenceName": "epfid2d1_100",
    "SequenceVariant": "SK_SS",
    "SeriesDescription": "run4",
    "SeriesNumber": 6,
    "ShimSetting": [
      -2830,
      -23023,
      2373,
      705,
      -117,
      10,
      -284,
      433
    ],
    "SliceThickness": 1.8,
    "SliceTiming": [
      0,
      0.4875,
      0.0975,
      0.585,
      0.195,
      0.6825,
      0.2925,
      0.78,
      0.39,
      0,
      0.4875,
      0.0975,
      0.585,
      0.195,
      0.6825,
      0.2925,
      0.78,
      0.39,
      0,
      0.4875,
      0.0975,
      0.585,
      0.195,
      0.6825,
      0.2925,
      0.78,
      0.39,
      0,
      0.4875,
      0.0975,
      0.585,
      0.195,
      0.6825,
      0.2925,
      0.78,
      0.39,
      0,
      0.4875,
      0.0975,
      0.585,
      0.195,
      0.6825,
      0.2925,
      0.78,
      0.39,
      0,
      0.4875,
      0.0975,
      0.585,
      0.195,
      0.6825,
      0.2925,
      0.78,
      0.39,
      0,
      0.4875,
      0.0975,
      0.585,
      0.195,
      0.6825,
      0.2925,
      0.78,
      0.39,
      0,
      0.4875,
      0.0975,
      0.585,
      0.195,
      0.6825,
      0.2925,
      0.78,
      0.39
    ],
    "SoftwareVersions": "syngo_MR_B17",
    "SpacingBetweenSlices": 1.8,
    "StationName": "MININT-E41B04",
    "TaskName": "MST",
    "TotalReadoutTime": 0.0712794,
    "TxRefAmp": 324.111,
    "dataset": "ds002168",
    "modality": "bold",
    "run_id": 4,
    "subject_id": "2395",
    "task_id": "mst"
  },
  "dummy_trs": 2,
  "dvars_nstd": 70.48669605943529,
  "dvars_std": 1.039955225788236,
  "dvars_vstd": 1.0075782142823526,
  "efc": 0.6047432222053148,
  "fber": 198.66854858398438,
  "fd_mean": 0.11363197122342039,
  "fd_num": 9,
  "fd_perc": 2.112676056338028,
  "fwhm_avg": 3.174127794881935,
  "fwhm_x": 3.033272302576497,
  "fwhm_y": 3.4549500915249216,
  "fwhm_z": 3.034160990544386,
  "gcor": 0.00633688,
  "gsr_x": -0.0005599629948846996,
  "gsr_y": 0.08875616639852524,
  "provenance": {
    "md5sum": "03bf5812dac37a4e59922fab4eee7f93",
    "settings": {
      "fd_thres": 0.2,
      "testing": false
    },
    "software": "mriqc",
    "version": "23.0.1",
    "webapi_port": null,
    "webapi_url": "https://mriqc.nimh.nih.gov/api/v1"
  },
  "size_t": 426,
  "size_x": 100,
  "size_y": 100,
  "size_z": 72,
  "snr": 1.9892118900789248,
  "spacing_tr": 0.875,
  "spacing_x": 1.7999999523162842,
  "spacing_y": 1.7999999523162842,
  "spacing_z": 1.8000000715255737,
  "summary_bg_k": 33.82488417499964,
  "summary_bg_mad": 15.91535113441945,
  "summary_bg_mean": 44.502037048339844,
  "summary_bg_median": 25.558685302734375,
  "summary_bg_n": 404513.0,
  "summary_bg_p05": 12.84976577758789,
  "summary_bg_p95": 142.92019653320312,
  "summary_bg_stdv": 56.22300720214844,
  "summary_fg_k": 4.317946644089921,
  "summary_fg_mad": 127.67954666055479,
  "summary_fg_mean": 419.5022277832031,
  "summary_fg_median": 371.00469970703125,
  "summary_fg_n": 206420.0,
  "summary_fg_p05": 218.68016891479493,
  "summary_fg_p95": 807.3929687499998,
  "summary_fg_stdv": 186.5079345703125,
  "tsnr": 17.872826362028718
}