{
  "aor": 0.0007018289786223279,
  "aqi": 0.015830257957244655,
  "bids_meta": {
    "AcquisitionMatrixPE": 100,
    "AcquisitionNumber": 1,
    "AcquisitionTime": "14:39:36.650000",
    "BandwidthPerPixelPhaseEncode": 13.889,
    "BaseResolution": 100,
    "ConversionSoftware": "dcm2niix",
    "ConversionSoftwareVersion": "v1.0.20180404 Clang8.0.0",
    "DerivedVendorReportedEchoSpacing": 0.000719994,
    "DeviceSerialNumber": "35002",
    "DwellTime": 2.8e-06,
    "EchoTime": 0.0436,
    "EffectiveEchoSpacing": 0.000719994,
    "FlipAngle": 55,
    "ImageComments": "Unaliased_MB8_PE3_(remote)",
    "ImageOrientationPatientDICOM": [
      1,
      0,
      0,
      0,
      0.864275,
      0.50302
    ],
    "ImageType": [
      "ORIGINAL",
      "PRIMARY",
      "M",
      "MB",
      "ND",
      "MOSAIC"
    ],
    "InPlanePhaseEncodingDirectionDICOM": "COL",
    "InstitutionAddress": "University_Pkwy_1700_North_685_Provo_UT_US_84601",
    "InstitutionName": "Brigham_Young_University",
    "InstitutionalDepartmentName": "MRI",
    "MRAcquisitionType": "2D",
    "MagneticFieldStrength": 3,
    "Manufacturer": "Siemens",
    "ManufacturersModelName": "TrioTim",
    "Modality": "MR",
    "MultibandAccelerationFactor": 8,
    "PartialFourier": 1,
    "PatientPosition": "HFS",
    "PercentPhaseFOV": 100,
    "PhaseEncodingDirection": "j-",
    "PhaseEncodingSteps": 100,
    "PhaseResolution": 1,
    "PixelBandwidth": 1786,
    "ProcedureStepDescription": "Research_KIRWAN",
    "ProtocolName": "run3",
    "PulseSequenceDetails": "%CustomerSeq%_cmrr_mbep2d_bold",
    "ReceiveCoilName": "32Ch_Head",
    "ReconMatrixPE": 100,
    "RepetitionTime": 0.875,
    "SAR": 0.122499,
    "ScanOptions": "FS",
    "ScanningSequence": "EP",
    "SequenceName": "epfid2d1_100",
    "SequenceVariant": "SK_SS",
    "SeriesDescription": "run3",
    "SeriesNumber": 5,
    "ShimSetting": [
      -2830,
      -23023,
      2373,
      705,
      -117,
      10,
      -284,
      433
    ],
    "SliceThickness": 1.8,
    "SliceTiming": [
      0,
      0.4875,
      0.0975,
      0.585,
      0.195,
      0.6825,
      0.2925,
      0.78,
      0.39,
      0,
      0.4875,
      0.0975,
      0.585,
      0.195,
      0.6825,
      0.2925,
      0.78,
      0.39,
      0,
      0.4875,
      0.0975,
      0.585,
      0.195,
      0.6825,
      0.2925,
      0.78,
      0.39,
      0,
      0.4875,
      0.0975,
      0.585,
      0.195,
      0.6825,
      0.2925,
      0.78,
      0.39,
      0,
      0.4875,
      0.0975,
      0.585,
      0.195,
      0.6825,
      0.2925,
      0.78,
      0.39,
      0,
      0.4875,
      0.0975,
      0.585,
      0.195,
      0.6825,
      0.2925,
      0.78,
      0.39,
      0,
      0.4875,
      0.0975,
      0.585,
      0.195,
      0.6825,
      0.2925,
      0.78,
      0.39,
      0,
      0.4875,
      0.0975,
      0.585,
      0.195,
      0.6825,
      0.2925,
      0.78,
      0.39
    ],
    "SoftwareVersions": "syngo_MR_B17",
    "SpacingBetweenSlices": 1.8,
    "StationName": "MININT-E41B04",
    "TaskName": "MST",
    "TotalReadoutTime": 0.0712794,
    "TxRefAmp": 324.111,
    "dataset": "ds002168",
    "modality": "bold",
    "run_id": 3,
    "subject_id": "2395",
    "task_id": "mst"
  },
  "dummy_trs": 7,
  "dvars_nstd": 70.70859020754766,
  "dvars_std": 1.040959608261904,
  "dvars_vstd": 1.0023946254761897,
  "efc": 0.6047686515104275,
  "fber": 199.1980743408203,
  "fd_mean": 0.11192690550287644,
  "fd_num": 7,
  "fd_perc": 1.66270783847981,
  "fwhm_avg": 3.1201481651083705,
  "fwhm_x": 2.994372301545999,
  "fwhm_y": 3.3901667564754154,
  "fwhm_z": 2.9759054373036977,
  "gcor": 0.00192161,
  "gsr_x": -0.001621106406673789,
  "gsr_y": 0.09089694172143936,
  "provenance": {
    "md5sum": "629e6ac38d34e6e40525d3adedcdf83a",
    "settings": {
      "fd_thres": 0.2,
      "testing": false
    },
    "software": "mriqc",
    "version": "23.0.1",
    "webapi_port": null,
    "webapi_url": "https://mriqc.nimh.nih.gov/api/v1"
  },
  "size_t": 421,
  "size_x": 100,
  "size_y": 100,
  "size_z": 72,
  "snr": 1.9742730462449043,
  "spacing_tr": 0.875,
  "spacing_x": 1.7999999523162842,
  "spacing_y": 1.7999999523162842,
  "spacing_z": 1.8000000715255737,
  "summary_bg_k": 34.67539771474392,
  "summary_bg_mad": 16.051545531483022,
  "summary_bg_mean": 44.57735824584961,
  "summary_bg_median": 25.467933654785156,
  "summary_bg_n": 403310.0,
  "summary_bg_p05": 12.605701446533203,
  "summary_bg_p95": 143.10582351684567,
  "summary_bg_stdv": 56.87199020385742,
  "summary_fg_k": 4.266901694139533,
  "summary_fg_mad": 128.8543216026443,
  "summary_fg_mean": 420.047119140625,
  "summary_fg_median": 371.0926513671875,
  "summary_fg_n": 207150.0,
  "summary_fg_p05": 217.36212463378905,
  "summary_fg_p95": 809.1208251953124,
  "summary_fg_stdv": 187.9637451171875,
  "tsnr": 19.741641321452335
}