{
  "aor": 0.001938290398126464,
  "aqi": 0.018087122950819674,
  "bids_meta": {
    "AcquisitionMatrixPE": 100,
    "AcquisitionNumber": 1,
    "AcquisitionTime": "15:00:4.522500",
    "BandwidthPerPixelPhaseEncode": 13.889,
    "BaseResolution": 100,
    "ConversionSoftware": "dcm2niix",
    "ConversionSoftwareVersion": "v1.0.20180404 Clang8.0.0",
    "DerivedVendorReportedEchoSpacing": 0.000719994,
    "DeviceSerialNumber": "35002",
    "DwellTime": 2.8e-06,
    "EchoTime": 0.0436,
    "EffectiveEchoSpacing": 0.000719994,
    "FlipAngle": 55,
    "ImageComments": "Unaliased_MB8_PE3_(remote)",
    "ImageOrientationPatientDICOM": [
      1,
      0,
      0,
      0,
      0.864275,
      0.50302
    ],
    "ImageType": [
      "ORIGINAL",
      "PRIMARY",
      "M",
      "MB",
      "ND",
      "MOSAIC"
    ],
    "InPlanePhaseEncodingDirectionDICOM": "COL",
    "InstitutionAddress": "University_Pkwy_1700_North_685_Provo_UT_US_84601",
    "InstitutionName": "Brigham_Young_University",
    "InstitutionalDepartmentName": "MRI",
    "MRAcquisitionType": "2D",
    "MagneticFieldStrength": 3,
    "Manufacturer": "Siemens",
    "ManufacturersModelName": "TrioTim",
    "Modality": "MR",
    "MultibandAccelerationFactor": 8,
    "PartialFourier": 1,
    "PatientPosition": "HFS",
    "PercentPhaseFOV": 100,
    "PhaseEncodingDirection": "j-",
    "PhaseEncodingSteps": 100,
    "PhaseResolution": 1,
    "PixelBandwidth": 1786,
    "ProcedureStepDescription": "Research_KIRWAN",
    "ProtocolName": "run6",
    "PulseSequenceDetails": "%CustomerSeq%_cmrr_mbep2d_bold",
    "ReceiveCoilName": "32Ch_Head",
    "ReconMatrixPE": 100,
    "RepetitionTime": 0.875,
    "SAR": 0.125333,
    "ScanOptions": "FS",
    "ScanningSequence": "EP",
    "SequenceName": "epfid2d1_100",
    "SequenceVariant": "SK_SS",
    "SeriesDescription": "run6",
    "SeriesNumber": 8,
    "ShimSetting": [
      -2830,
      -23023,
      2373,
      705,
      -117,
      10,
      -284,
      433
    ],
    "SliceThickness": 1.8,
    "SliceTiming": [
      0,
      0.4875,
      0.0975,
      0.585,
      0.195,
      0.6825,
      0.2925,
      0.78,
      0.39,
      0,
      0.4875,
      0.0975,
      0.585,
      0.195,
      0.6825,
      0.2925,
      0.78,
      0.39,
      0,
      0.4875,
      0.0975,
      0.585,
      0.195,
      0.6825,
      0.2925,
      0.78,
      0.39,
      0,
      0.4875,
      0.0975,
      0.585,
      0.195,
      0.6825,
      0.2925,
      0.78,
      0.39,
      0,
      0.4875,
      0.0975,
      0.585,
      0.195,
      0.6825,
      0.2925,
      0.78,
      0.39,
      0,
      0.4875,
      0.0975,
      0.585,
      0.195,
      0.6825,
      0.2925,
      0.78,
      0.39,
      0,
      0.4875,
      0.0975,
      0.585,
      0.195,
      0.6825,
      0.2925,
      0.78,
      0.39,
      0,
      0.4875,
      0.0975,
      0.585,
      0.195,
      0.6825,
      0.2925,
      0.78,
      0.39
    ],
    "SoftwareVersions": "syngo_MR_B17",
    "SpacingBetweenSlices": 1.8,
    "StationName": "MININT-E41B04",
    "TaskName": "MST",
    "TotalReadoutTime": 0.0712794,
    "TxRefAmp": 324.111,
    "dataset": "ds002168",
    "modality": "bold",
    "run_id": 6,
    "subject_id": "2395",
    "task_id": "mst"
  },
  "dummy_trs": 1,
  "dvars_nstd": 71.62654808664323,
  "dvars_std": 1.0523981968779337,
  "dvars_vstd": 1.0204098878169015,
  "efc": 0.6047929288168185,
  "fber": 212.6309356689453,
  "fd_mean": 0.12005429442358746,
  "fd_num": 13,
  "fd_perc": 3.0444964871194378,
  "fwhm_avg": 3.088114831164617,
  "fwhm_x": 2.94483896690048,
  "fwhm_y": 3.35438897774985,
  "fwhm_z": 2.965116548843521,
  "gcor": 0.00569059,
  "gsr_x": -0.004021844826638699,
  "gsr_y": 0.0868111327290535,
  "provenance": {
    "md5sum": "008ee5b23e731afa526261d8b69a0b44",
    "settings": {
      "fd_thres": 0.2,
      "testing": false
    },
    "software": "mriqc",
    "version": "23.0.1",
    "webapi_port": null,
    "webapi_url": "https://mriqc.nimh.nih.gov/api/v1"
  },
  "size_t": 427,
  "size_x": 100,
  "size_y": 100,
  "size_z": 72,
  "snr": 2.0353696473552194,
  "spacing_tr": 0.875,
  "spacing_x": 1.7999999523162842,
  "spacing_y": 1.7999999523162842,
  "spacing_z": 1.8000000715255737,
  "summary_bg_k": 43.39237113170979,
  "summary_bg_mad": 15.003101482928221,
  "summary_bg_mean": 42.25266647338867,
  "summary_bg_median": 24.571428298950195,
  "summary_bg_n": 400696.0,
  "summary_bg_p05": 12.526931762695312,
  "summary_bg_p95": 129.86943435668945,
  "summary_bg_stdv": 53.48786163330078,
  "summary_fg_k": 4.081995162728269,
  "summary_fg_mad": 125.70175584401348,
  "summary_fg_mean": 412.4098815917969,
  "summary_fg_median": 367.7236328125,
  "summary_fg_n": 207249.0,
  "summary_fg_p05": 212.64401245117188,
  "summary_fg_p95": 783.3020751953122,
  "summary_fg_stdv": 180.66632080078125,
  "tsnr": 18.447344713960774
}