{
  "bids_meta": {
    "AcquisitionMatrixPE": 256,
    "AcquisitionNumber": 1,
    "AcquisitionTime": "15:00:49.650000",
    "BaseResolution": 256,
    "ConversionSoftware": "dcm2niix",
    "ConversionSoftwareVersion": "v1.0.20180404 Clang8.0.0",
    "DeviceSerialNumber": "35002",
    "DwellTime": 1.03e-05,
    "EchoTime": 0.00492,
    "FlipAngle": 25,
    "ImageOrientationPatientDICOM": [
      -0.0226873,
      0.999743,
      -1.61947e-08,
      -0.00697945,
      -0.000158402,
      -0.999976
    ],
    "ImageType": [
      "ORIGINAL",
      "PRIMARY",
      "M",
      "ND",
      "NORM"
    ],
    "InPlanePhaseEncodingDirectionDICOM": "ROW",
    "InstitutionAddress": "University_Pkwy_1700_North_685_Provo_UT_US_84601",
    "InstitutionName": "Brigham_Young_University",
    "InstitutionalDepartmentName": "MRI",
    "MRAcquisitionType": "3D",
    "MagneticFieldStrength": 3,
    "Manufacturer": "Siemens",
    "ManufacturersModelName": "TrioTim",
    "Modality": "MR",
    "ParallelReductionFactorInPlane": 2,
    "PartialFourier": 1,
    "PatientPosition": "HFS",
    "PercentPhaseFOV": 100,
    "PhaseEncodingSteps": 255,
    "PhaseResolution": 1,
    "PixelBandwidth": 190,
    "ProcedureStepDescription": "Research_KIRWAN",
    "ProtocolName": "t1_fl3d_sag_no3Daccel_iso_1.0_1avg",
    "PulseSequenceDetails": "%SiemensSeq%_gre",
    "ReceiveCoilName": "32Ch_Head",
    "ReconMatrixPE": 256,
    "RepetitionTime": 0.02,
    "SAR": 0.186173,
    "ScanningSequence": "GR",
    "SequenceName": "_fl3d1_ns",
    "SequenceVariant": "SP",
    "SeriesDescription": "t1_fl3d_sag_no3Daccel_iso_1.0_1avg",
    "SeriesNumber": 9,
    "ShimSetting": [
      -2826,
      -22917,
      1922,
      -109,
      -90,
      -53,
      -300,
      376
    ],
    "SliceThickness": 1,
    "SoftwareVersions": "syngo_MR_B17",
    "StationName": "MININT-E41B04",
    "TxRefAmp": 319.068,
    "dataset": "ds002168",
    "modality": "T1w",
    "subject_id": "1593"
  },
  "cjv": 0.4390074837563398,
  "cnr": 3.1263553911238358,
  "efc": 0.5489401856891798,
  "fber": 13600.385255648038,
  "fwhm_avg": 3.65036396454686,
  "fwhm_x": 3.53000189364058,
  "fwhm_y": 4.04652,
  "fwhm_z": 3.37457,
  "icvs_csf": 0.13731628996462328,
  "icvs_gm": 0.42463311618415694,
  "icvs_wm": 0.4380505938512198,
  "inu_med": 0.3401763588190079,
  "inu_range": 0.14720625132322313,
  "provenance": {
    "md5sum": "a7973d253e97d30c4161cefdf1fd3948",
    "settings": {
      "testing": false
    },
    "software": "mriqc",
    "version": "23.0.1",
    "warnings": {
      "large_rot_frame": true,
      "small_air_mask": false
    },
    "webapi_port": null,
    "webapi_url": "https://mriqc.nimh.nih.gov/api/v1"
  },
  "qi_1": 1.7949353079673076e-06,
  "qi_2": 0.02319194068673192,
  "rpve_csf": 35.6195008177487,
  "rpve_gm": 12.268856375509753,
  "rpve_wm": 13.407686275859621,
  "size_x": 192,
  "size_y": 256,
  "size_z": 256,
  "snr_csf": 2.7954975539692364,
  "snr_gm": 17.106325696646763,
  "snr_total": 13.914744706310598,
  "snr_wm": 21.842410868315792,
  "snrd_csf": 55.49582662185767,
  "snrd_gm": 108.90782704921426,
  "snrd_total": 100.460888725076,
  "snrd_wm": 136.9790125041561,
  "spacing_x": 0.999999463558197,
  "spacing_y": 1.0,
  "spacing_z": 1.0,
  "summary_bg_k": 15.693611706350008,
  "summary_bg_mad": 4.782912556848113,
  "summary_bg_mean": 4.8560166084399645,
  "summary_bg_median": 3.2260254956781864,
  "summary_bg_n": 3648697.0,
  "summary_bg_p05": 0.0,
  "summary_bg_p95": 16.94512339308858,
  "summary_bg_stdv": 6.3657623489677935,
  "summary_csf_k": 3.9955891526943077,
  "summary_csf_mad": 105.42546204252578,
  "summary_csf_mean": 402.3998630590955,
  "summary_csf_median": 405.1548440940678,
  "summary_csf_n": 24813.0,
  "summary_csf_p05": 126.54849065467715,
  "summary_csf_p95": 619.0029804781075,
  "summary_csf_stdv": 144.92828987516722,
  "summary_gm_k": 0.4194967668602807,
  "summary_gm_mad": 45.00972448233909,
  "summary_gm_mean": 795.8717815069735,
  "summary_gm_median": 795.0964311137795,
  "summary_gm_n": 48077.0,
  "summary_gm_p05": 721.4751334860921,
  "summary_gm_p95": 872.6229174993932,
  "summary_gm_stdv": 46.479189989758176,
  "summary_wm_k": 0.22694398128884563,
  "summary_wm_mad": 44.959378034372264,
  "summary_wm_mean": 1004.0215854559667,
  "summary_wm_median": 1000.0339454971254,
  "summary_wm_n": 257096.0,
  "summary_wm_p05": 935.9209335409105,
  "summary_wm_p95": 1085.6764328666031,
  "summary_wm_stdv": 45.78395703017451,
  "tpm_overlap_csf": 0.15884207841417272,
  "tpm_overlap_gm": 0.45574498401805913,
  "tpm_overlap_wm": 0.5014816412299157,
  "wm2max": 0.6618198979706497
}