{
  "aor": 0.0002235128805620609,
  "aqi": 0.015860863466042156,
  "bids_meta": {
    "AcquisitionMatrixPE": 100,
    "AcquisitionNumber": 1,
    "AcquisitionTime": "14:29:58.310000",
    "BandwidthPerPixelPhaseEncode": 13.889,
    "BaseResolution": 100,
    "ConversionSoftware": "dcm2niix",
    "ConversionSoftwareVersion": "v1.0.20180404 Clang8.0.0",
    "DerivedVendorReportedEchoSpacing": 0.000719994,
    "DeviceSerialNumber": "35002",
    "DwellTime": 2.8e-06,
    "EchoTime": 0.0436,
    "EffectiveEchoSpacing": 0.000719994,
    "FlipAngle": 55,
    "ImageComments": "Unaliased_MB8_PE3_(remote)",
    "ImageOrientationPatientDICOM": [
      0.99997,
      -0.00391926,
      0.00668429,
      4.63064e-08,
      0.862651,
      0.505799
    ],
    "ImageType": [
      "ORIGINAL",
      "PRIMARY",
      "M",
      "ND",
      "MOSAIC"
    ],
    "InPlanePhaseEncodingDirectionDICOM": "COL",
    "InstitutionAddress": "University_Pkwy_1700_North_685_Provo_UT_US_84601",
    "InstitutionName": "Brigham_Young_University",
    "InstitutionalDepartmentName": "MRI",
    "MRAcquisitionType": "2D",
    "MagneticFieldStrength": 3,
    "Manufacturer": "Siemens",
    "ManufacturersModelName": "TrioTim",
    "Modality": "MR",
    "MultibandAccelerationFactor": 8,
    "PartialFourier": 1,
    "PatientPosition": "HFS",
    "PercentPhaseFOV": 100,
    "PhaseEncodingDirection": "j-",
    "PhaseEncodingSteps": 100,
    "PhaseResolution": 1,
    "PixelBandwidth": 1786,
    "ProcedureStepDescription": "Research_KIRWAN",
    "ProtocolName": "run3",
    "PulseSequenceDetails": "%CustomerSeq%_cmrr_mbep2d_bold",
    "ReceiveCoilName": "32Ch_Head",
    "ReconMatrixPE": 100,
    "RepetitionTime": 0.875,
    "SAR": 0.120848,
    "ScanOptions": "FS",
    "ScanningSequence": "EP",
    "SequenceName": "epfid2d1_100",
    "SequenceVariant": "SK",
    "SeriesDescription": "run3",
    "SeriesNumber": 5,
    "ShimSetting": [
      -2675,
      -23170,
      2466,
      676,
      -210,
      -41,
      -259,
      36
    ],
    "SliceThickness": 1.8,
    "SliceTiming": [
      0,
      0.4875,
      0.0975,
      0.585,
      0.195,
      0.6825,
      0.2925,
      0.78,
      0.39,
      0,
      0.4875,
      0.0975,
      0.585,
      0.195,
      0.6825,
      0.2925,
      0.78,
      0.39,
      0,
      0.4875,
      0.0975,
      0.585,
      0.195,
      0.6825,
      0.2925,
      0.78,
      0.39,
      0,
      0.4875,
      0.0975,
      0.585,
      0.195,
      0.6825,
      0.2925,
      0.78,
      0.39,
      0,
      0.4875,
      0.0975,
      0.585,
      0.195,
      0.6825,
      0.2925,
      0.78,
      0.39,
      0,
      0.4875,
      0.0975,
      0.585,
      0.195,
      0.6825,
      0.2925,
      0.78,
      0.39,
      0,
      0.4875,
      0.0975,
      0.585,
      0.195,
      0.6825,
      0.2925,
      0.78,
      0.39,
      0,
      0.4875,
      0.0975,
      0.585,
      0.195,
      0.6825,
      0.2925,
      0.78,
      0.39
    ],
    "SoftwareVersions": "syngo_MR_B17",
    "SpacingBetweenSlices": 1.8,
    "StationName": "MININT-E41B04",
    "TaskName": "MST",
    "TotalReadoutTime": 0.0712794,
    "TxRefAmp": 359.097,
    "dataset": "ds002168",
    "modality": "bold",
    "run_id": 3,
    "subject_id": "1443",
    "task_id": "mst"
  },
  "dummy_trs": 1,
  "dvars_nstd": 74.35186538363851,
  "dvars_std": 1.0465858802582164,
  "dvars_vstd": 0.9975766573943675,
  "efc": 0.6095077182511366,
  "fber": 230.99960327148438,
  "fd_mean": 0.07270931570512609,
  "fd_num": 0,
  "fd_perc": 0.0,
  "fwhm_avg": 3.0976832831653187,
  "fwhm_x": 2.8991611879126546,
  "fwhm_y": 3.399011201154158,
  "fwhm_z": 2.994877460429143,
  "gcor": 0.00218302,
  "gsr_x": -0.004852443467825651,
  "gsr_y": 0.08012254536151886,
  "provenance": {
    "md5sum": "4834172fe0774179119881566ba6f20e",
    "settings": {
      "fd_thres": 0.2,
      "testing": false
    },
    "software": "mriqc",
    "version": "23.0.1",
    "webapi_port": null,
    "webapi_url": "https://mriqc.nimh.nih.gov/api/v1"
  },
  "size_t": 427,
  "size_x": 100,
  "size_y": 100,
  "size_z": 72,
  "snr": 2.1264787349762293,
  "spacing_tr": 0.875,
  "spacing_x": 1.7999999523162842,
  "spacing_y": 1.7999999523162842,
  "spacing_z": 1.8000001907348633,
  "summary_bg_k": 34.31917406188016,
  "summary_bg_mad": 12.666353227325835,
  "summary_bg_mean": 37.07134246826172,
  "summary_bg_median": 21.274003982543945,
  "summary_bg_n": 397950.0,
  "summary_bg_p05": 10.985947608947754,
  "summary_bg_p95": 115.34086494445798,
  "summary_bg_stdv": 49.94017791748047,
  "summary_fg_k": 3.1380882027523107,
  "summary_fg_mad": 111.30276001815716,
  "summary_fg_mean": 371.5533447265625,
  "summary_fg_median": 331.6322937011719,
  "summary_fg_n": 215185.0,
  "summary_fg_p05": 198.81778869628906,
  "summary_fg_p95": 692.1564208984373,
  "summary_fg_stdv": 155.953369140625,
  "tsnr": 20.160763543797657
}