{
  "aor": 0.0003514051522248244,
  "aqi": 0.017502442388758782,
  "bids_meta": {
    "AcquisitionMatrixPE": 100,
    "AcquisitionNumber": 1,
    "AcquisitionTime": "14:16:30.100000",
    "BandwidthPerPixelPhaseEncode": 13.889,
    "BaseResolution": 100,
    "ConversionSoftware": "dcm2niix",
    "ConversionSoftwareVersion": "v1.0.20180404 Clang8.0.0",
    "DerivedVendorReportedEchoSpacing": 0.000719994,
    "DeviceSerialNumber": "35002",
    "DwellTime": 2.8e-06,
    "EchoTime": 0.0436,
    "EffectiveEchoSpacing": 0.000719994,
    "FlipAngle": 55,
    "ImageComments": "Unaliased_MB8_PE3_(remote)",
    "ImageOrientationPatientDICOM": [
      0.99997,
      -0.00391926,
      0.00668429,
      4.63064e-08,
      0.862651,
      0.505799
    ],
    "ImageType": [
      "ORIGINAL",
      "PRIMARY",
      "M",
      "ND",
      "MOSAIC"
    ],
    "InPlanePhaseEncodingDirectionDICOM": "COL",
    "InstitutionAddress": "University_Pkwy_1700_North_685_Provo_UT_US_84601",
    "InstitutionName": "Brigham_Young_University",
    "InstitutionalDepartmentName": "MRI",
    "MRAcquisitionType": "2D",
    "MagneticFieldStrength": 3,
    "Manufacturer": "Siemens",
    "ManufacturersModelName": "TrioTim",
    "Modality": "MR",
    "MultibandAccelerationFactor": 8,
    "PartialFourier": 1,
    "PatientPosition": "HFS",
    "PercentPhaseFOV": 100,
    "PhaseEncodingDirection": "j-",
    "PhaseEncodingSteps": 100,
    "PhaseResolution": 1,
    "PixelBandwidth": 1786,
    "ProcedureStepDescription": "Research_KIRWAN",
    "ProtocolName": "run1",
    "PulseSequenceDetails": "%CustomerSeq%_cmrr_mbep2d_bold",
    "ReceiveCoilName": "32Ch_Head",
    "ReconMatrixPE": 100,
    "RepetitionTime": 0.875,
    "SAR": 0.118504,
    "ScanOptions": "FS",
    "ScanningSequence": "EP",
    "SequenceName": "epfid2d1_100",
    "SequenceVariant": "SK",
    "SeriesDescription": "run1",
    "SeriesNumber": 3,
    "ShimSetting": [
      -2675,
      -23170,
      2466,
      676,
      -210,
      -41,
      -259,
      36
    ],
    "SliceThickness": 1.8,
    "SliceTiming": [
      0,
      0.4875,
      0.0975,
      0.585,
      0.195,
      0.6825,
      0.2925,
      0.7825,
      0.39,
      0,
      0.4875,
      0.0975,
      0.585,
      0.195,
      0.6825,
      0.2925,
      0.7825,
      0.39,
      0,
      0.4875,
      0.0975,
      0.585,
      0.195,
      0.6825,
      0.2925,
      0.7825,
      0.39,
      0,
      0.4875,
      0.0975,
      0.585,
      0.195,
      0.6825,
      0.2925,
      0.7825,
      0.39,
      0,
      0.4875,
      0.0975,
      0.585,
      0.195,
      0.6825,
      0.2925,
      0.7825,
      0.39,
      0,
      0.4875,
      0.0975,
      0.585,
      0.195,
      0.6825,
      0.2925,
      0.7825,
      0.39,
      0,
      0.4875,
      0.0975,
      0.585,
      0.195,
      0.6825,
      0.2925,
      0.7825,
      0.39,
      0,
      0.4875,
      0.0975,
      0.585,
      0.195,
      0.6825,
      0.2925,
      0.7825,
      0.39
    ],
    "SoftwareVersions": "syngo_MR_B17",
    "SpacingBetweenSlices": 1.8,
    "StationName": "MININT-E41B04",
    "TaskName": "MST",
    "TotalReadoutTime": 0.0712794,
    "TxRefAmp": 359.097,
    "dataset": "ds002168",
    "modality": "bold",
    "run_id": 1,
    "subject_id": "1443",
    "task_id": "mst"
  },
  "dummy_trs": 1,
  "dvars_nstd": 72.98721571366198,
  "dvars_std": 1.0386793198826287,
  "dvars_vstd": 0.996328186056338,
  "efc": 0.6085978952608341,
  "fber": 249.21163940429688,
  "fd_mean": 0.0845927811894925,
  "fd_num": 4,
  "fd_perc": 0.936768149882904,
  "fwhm_avg": 3.143435132800564,
  "fwhm_x": 2.92426674413328,
  "fwhm_y": 3.433505646512393,
  "fwhm_z": 3.0725330077560207,
  "gcor": 0.00288087,
  "gsr_x": -0.0047559007070958614,
  "gsr_y": 0.08011143654584885,
  "provenance": {
    "md5sum": "84c98dbad0b1e72a325e7ca22568937b",
    "settings": {
      "fd_thres": 0.2,
      "testing": false
    },
    "software": "mriqc",
    "version": "23.0.1",
    "webapi_port": null,
    "webapi_url": "https://mriqc.nimh.nih.gov/api/v1"
  },
  "size_t": 427,
  "size_x": 100,
  "size_y": 100,
  "size_z": 72,
  "snr": 2.1403632248206965,
  "spacing_tr": 0.875,
  "spacing_x": 1.7999999523162842,
  "spacing_y": 1.7999999523162842,
  "spacing_z": 1.8000001907348633,
  "summary_bg_k": 35.95409571642872,
  "summary_bg_mad": 12.124699694554202,
  "summary_bg_mean": 35.79179000854492,
  "summary_bg_median": 20.608898162841797,
  "summary_bg_n": 396362.0,
  "summary_bg_p05": 10.78454303741455,
  "summary_bg_p95": 109.9857124328611,
  "summary_bg_stdv": 48.05234146118164,
  "summary_fg_k": 3.140634944560988,
  "summary_fg_mad": 111.54932498366455,
  "summary_fg_mean": 372.0188903808594,
  "summary_fg_median": 332.60186767578125,
  "summary_fg_n": 216426.0,
  "summary_fg_p05": 198.7517547607422,
  "summary_fg_p95": 688.7950592041016,
  "summary_fg_stdv": 155.3946990966797,
  "tsnr": 19.335073042893782
}