{
  "aor": 0.00034100467289719625,
  "aqi": 0.016721964719626167,
  "bids_meta": {
    "AcquisitionMatrixPE": 100,
    "AcquisitionNumber": 1,
    "AcquisitionTime": "14:43:34.105000",
    "BandwidthPerPixelPhaseEncode": 13.889,
    "BaseResolution": 100,
    "ConversionSoftware": "dcm2niix",
    "ConversionSoftwareVersion": "v1.0.20180404 Clang8.0.0",
    "DerivedVendorReportedEchoSpacing": 0.000719994,
    "DeviceSerialNumber": "35002",
    "DwellTime": 2.8e-06,
    "EchoTime": 0.0436,
    "EffectiveEchoSpacing": 0.000719994,
    "FlipAngle": 55,
    "ImageComments": "Unaliased_MB8_PE3_(remote)",
    "ImageOrientationPatientDICOM": [
      0.99997,
      -0.00391926,
      0.00668429,
      4.63064e-08,
      0.862651,
      0.505799
    ],
    "ImageType": [
      "ORIGINAL",
      "PRIMARY",
      "M",
      "ND",
      "MOSAIC"
    ],
    "InPlanePhaseEncodingDirectionDICOM": "COL",
    "InstitutionAddress": "University_Pkwy_1700_North_685_Provo_UT_US_84601",
    "InstitutionName": "Brigham_Young_University",
    "InstitutionalDepartmentName": "MRI",
    "MRAcquisitionType": "2D",
    "MagneticFieldStrength": 3,
    "Manufacturer": "Siemens",
    "ManufacturersModelName": "TrioTim",
    "Modality": "MR",
    "MultibandAccelerationFactor": 8,
    "PartialFourier": 1,
    "PatientPosition": "HFS",
    "PercentPhaseFOV": 100,
    "PhaseEncodingDirection": "j-",
    "PhaseEncodingSteps": 100,
    "PhaseResolution": 1,
    "PixelBandwidth": 1786,
    "ProcedureStepDescription": "Research_KIRWAN",
    "ProtocolName": "run5",
    "PulseSequenceDetails": "%CustomerSeq%_cmrr_mbep2d_bold",
    "ReceiveCoilName": "32Ch_Head",
    "ReconMatrixPE": 100,
    "RepetitionTime": 0.875,
    "SAR": 0.118715,
    "ScanOptions": "FS",
    "ScanningSequence": "EP",
    "SequenceName": "epfid2d1_100",
    "SequenceVariant": "SK",
    "SeriesDescription": "run5",
    "SeriesNumber": 7,
    "ShimSetting": [
      -2675,
      -23170,
      2466,
      676,
      -210,
      -41,
      -259,
      36
    ],
    "SliceThickness": 1.8,
    "SliceTiming": [
      0,
      0.4875,
      0.0975,
      0.585,
      0.195,
      0.6825,
      0.2925,
      0.78,
      0.39,
      0,
      0.4875,
      0.0975,
      0.585,
      0.195,
      0.6825,
      0.2925,
      0.78,
      0.39,
      0,
      0.4875,
      0.0975,
      0.585,
      0.195,
      0.6825,
      0.2925,
      0.78,
      0.39,
      0,
      0.4875,
      0.0975,
      0.585,
      0.195,
      0.6825,
      0.2925,
      0.78,
      0.39,
      0,
      0.4875,
      0.0975,
      0.585,
      0.195,
      0.6825,
      0.2925,
      0.78,
      0.39,
      0,
      0.4875,
      0.0975,
      0.585,
      0.195,
      0.6825,
      0.2925,
      0.78,
      0.39,
      0,
      0.4875,
      0.0975,
      0.585,
      0.195,
      0.6825,
      0.2925,
      0.78,
      0.39,
      0,
      0.4875,
      0.0975,
      0.585,
      0.195,
      0.6825,
      0.2925,
      0.78,
      0.39
    ],
    "SoftwareVersions": "syngo_MR_B17",
    "SpacingBetweenSlices": 1.8,
    "StationName": "MININT-E41B04",
    "TaskName": "MST",
    "TotalReadoutTime": 0.0712794,
    "TxRefAmp": 359.097,
    "dataset": "ds002168",
    "modality": "bold",
    "run_id": 5,
    "subject_id": "1443",
    "task_id": "mst"
  },
  "dummy_trs": 0,
  "dvars_nstd": 75.77434579086652,
  "dvars_std": 1.0498218301873545,
  "dvars_vstd": 1.0002553456674474,
  "efc": 0.610358447973686,
  "fber": 226.74960327148438,
  "fd_mean": 0.08558267602170073,
  "fd_num": 4,
  "fd_perc": 0.9345794392523364,
  "fwhm_avg": 3.070855505365857,
  "fwhm_x": 2.865161187011962,
  "fwhm_y": 3.3681334225583983,
  "fwhm_z": 2.9792719065272113,
  "gcor": 0.00395938,
  "gsr_x": -0.003080355701968074,
  "gsr_y": 0.08251170814037323,
  "provenance": {
    "md5sum": "94cd355abe8b801df479d5c67e6c941b",
    "settings": {
      "fd_thres": 0.2,
      "testing": false
    },
    "software": "mriqc",
    "version": "23.0.1",
    "webapi_port": null,
    "webapi_url": "https://mriqc.nimh.nih.gov/api/v1"
  },
  "size_t": 428,
  "size_x": 100,
  "size_y": 100,
  "size_z": 72,
  "snr": 2.1506891192656807,
  "spacing_tr": 0.875,
  "spacing_x": 1.7999999523162842,
  "spacing_y": 1.7999999523162842,
  "spacing_z": 1.8000001907348633,
  "summary_bg_k": 34.43171649452296,
  "summary_bg_mad": 13.007409029606634,
  "summary_bg_mean": 37.80927658081055,
  "summary_bg_median": 21.46962547302246,
  "summary_bg_n": 400278.0,
  "summary_bg_p05": 10.925232887268066,
  "summary_bg_p95": 119.21495056152344,
  "summary_bg_stdv": 51.25656509399414,
  "summary_fg_k": 3.023181703198963,
  "summary_fg_mad": 110.48503937927008,
  "summary_fg_mean": 369.883544921875,
  "summary_fg_median": 330.5210266113281,
  "summary_fg_n": 213048.0,
  "summary_fg_p05": 198.24228057861328,
  "summary_fg_p95": 685.3059539794922,
  "summary_fg_stdv": 153.68109130859375,
  "tsnr": 19.922188499942422
}