{
  "aor": 0.0009692740046838407,
  "aqi": 0.01910666487119438,
  "bids_meta": {
    "AcquisitionMatrixPE": 100,
    "AcquisitionNumber": 1,
    "AcquisitionTime": "10:23:35.415000",
    "BandwidthPerPixelPhaseEncode": 13.889,
    "BaseResolution": 100,
    "ConversionSoftware": "dcm2niix",
    "ConversionSoftwareVersion": "v1.0.20180404 Clang8.0.0",
    "DerivedVendorReportedEchoSpacing": 0.000719994,
    "DeviceSerialNumber": "35002",
    "DwellTime": 2.8e-06,
    "EchoTime": 0.0436,
    "EffectiveEchoSpacing": 0.000719994,
    "FlipAngle": 55,
    "ImageComments": "Unaliased_MB8_PE3_(remote)",
    "ImageOrientationPatientDICOM": [
      1,
      0,
      0,
      0,
      0.903335,
      0.428935
    ],
    "ImageType": [
      "ORIGINAL",
      "PRIMARY",
      "M",
      "ND",
      "MOSAIC"
    ],
    "InPlanePhaseEncodingDirectionDICOM": "COL",
    "InstitutionAddress": "University_Pkwy_1700_North_685_Provo_UT_US_84601",
    "InstitutionName": "Brigham_Young_University",
    "InstitutionalDepartmentName": "MRI",
    "MRAcquisitionType": "2D",
    "MagneticFieldStrength": 3,
    "Manufacturer": "Siemens",
    "ManufacturersModelName": "TrioTim",
    "Modality": "MR",
    "MultibandAccelerationFactor": 8,
    "PartialFourier": 1,
    "PatientPosition": "HFS",
    "PercentPhaseFOV": 100,
    "PhaseEncodingDirection": "j-",
    "PhaseEncodingSteps": 100,
    "PhaseResolution": 1,
    "PixelBandwidth": 1786,
    "ProcedureStepDescription": "Research_KIRWAN",
    "ProtocolName": "run1",
    "PulseSequenceDetails": "%CustomerSeq%_cmrr_mbep2d_bold",
    "ReceiveCoilName": "32Ch_Head",
    "ReconMatrixPE": 100,
    "RepetitionTime": 0.875,
    "SAR": 0.150786,
    "ScanOptions": "FS",
    "ScanningSequence": "EP",
    "SequenceName": "epfid2d1_100",
    "SequenceVariant": "SK",
    "SeriesDescription": "run1",
    "SeriesNumber": 3,
    "ShimSetting": [
      -2683,
      -23106,
      2447,
      578,
      89,
      436,
      -56,
      19
    ],
    "SliceThickness": 1.8,
    "SliceTiming": [
      0,
      0.4875,
      0.0975,
      0.585,
      0.195,
      0.6825,
      0.2925,
      0.78,
      0.39,
      0,
      0.4875,
      0.0975,
      0.585,
      0.195,
      0.6825,
      0.2925,
      0.78,
      0.39,
      0,
      0.4875,
      0.0975,
      0.585,
      0.195,
      0.6825,
      0.2925,
      0.78,
      0.39,
      0,
      0.4875,
      0.0975,
      0.585,
      0.195,
      0.6825,
      0.2925,
      0.78,
      0.39,
      0,
      0.4875,
      0.0975,
      0.585,
      0.195,
      0.6825,
      0.2925,
      0.78,
      0.39,
      0,
      0.4875,
      0.0975,
      0.585,
      0.195,
      0.6825,
      0.2925,
      0.78,
      0.39,
      0,
      0.4875,
      0.0975,
      0.585,
      0.195,
      0.6825,
      0.2925,
      0.78,
      0.39,
      0,
      0.4875,
      0.0975,
      0.585,
      0.195,
      0.6825,
      0.2925,
      0.78,
      0.39
    ],
    "SoftwareVersions": "syngo_MR_B17",
    "SpacingBetweenSlices": 1.8,
    "StationName": "MININT-E41B04",
    "TaskName": "MST",
    "TotalReadoutTime": 0.0712794,
    "TxRefAmp": 334.91,
    "dataset": "ds002168",
    "modality": "bold",
    "run_id": 1,
    "subject_id": "1515",
    "task_id": "mst"
  },
  "dummy_trs": 1,
  "dvars_nstd": 81.78716183164315,
  "dvars_std": 1.0503595010328644,
  "dvars_vstd": 1.0094688189671366,
  "efc": 0.6139851959488171,
  "fber": 181.02157592773438,
  "fd_mean": 0.14516543801034237,
  "fd_num": 30,
  "fd_perc": 7.02576112412178,
  "fwhm_avg": 2.9199869793310618,
  "fwhm_x": 2.641983403321992,
  "fwhm_y": 3.2219776497478887,
  "fwhm_z": 2.8959998849233037,
  "gcor": 0.00254971,
  "gsr_x": -0.0006193862063810229,
  "gsr_y": 0.08755641430616379,
  "provenance": {
    "md5sum": "c99d22d18fb3609e0663e669c2ebaf86",
    "settings": {
      "fd_thres": 0.2,
      "testing": false
    },
    "software": "mriqc",
    "version": "23.0.1",
    "webapi_port": null,
    "webapi_url": "https://mriqc.nimh.nih.gov/api/v1"
  },
  "size_t": 427,
  "size_x": 100,
  "size_y": 100,
  "size_z": 72,
  "snr": 2.171925434380602,
  "spacing_tr": 0.875,
  "spacing_x": 1.7999999523162842,
  "spacing_y": 1.8000000715255737,
  "spacing_z": 1.8000000715255737,
  "summary_bg_k": 62.86094544550056,
  "summary_bg_mad": 13.909376657350446,
  "summary_bg_mean": 40.46260452270508,
  "summary_bg_median": 22.946134567260742,
  "summary_bg_n": 411362.0,
  "summary_bg_p05": 11.744729995727539,
  "summary_bg_p95": 125.5593639373776,
  "summary_bg_stdv": 53.89091110229492,
  "summary_fg_k": 5.353232208372404,
  "summary_fg_mad": 107.61885456369441,
  "summary_fg_mean": 349.79461669921875,
  "summary_fg_median": 319.0116882324219,
  "summary_fg_n": 200811.0,
  "summary_fg_p05": 176.69671630859375,
  "summary_fg_p95": 625.7224426269531,
  "summary_fg_stdv": 146.87930297851562,
  "tsnr": 17.794305006507784
}