{
  "aor": 0.00027492957746478875,
  "aqi": 0.0161492617370892,
  "bids_meta": {
    "AcquisitionMatrixPE": 100,
    "AcquisitionNumber": 1,
    "AcquisitionTime": "19:27:58.567500",
    "BandwidthPerPixelPhaseEncode": 13.889,
    "BaseResolution": 100,
    "ConversionSoftware": "dcm2niix",
    "ConversionSoftwareVersion": "v1.0.20180404 Clang8.0.0",
    "DerivedVendorReportedEchoSpacing": 0.000719994,
    "DeviceSerialNumber": "35002",
    "DwellTime": 2.8e-06,
    "EchoTime": 0.0436,
    "EffectiveEchoSpacing": 0.000719994,
    "FlipAngle": 55,
    "ImageComments": "Unaliased_MB8_PE3_(remote)",
    "ImageOrientationPatientDICOM": [
      0.99889,
      0.0245554,
      -0.0401883,
      -5.54586e-09,
      0.853321,
      0.521386
    ],
    "ImageType": [
      "ORIGINAL",
      "PRIMARY",
      "M",
      "MB",
      "ND",
      "MOSAIC"
    ],
    "InPlanePhaseEncodingDirectionDICOM": "COL",
    "InstitutionAddress": "University_Pkwy_1700_North_685_Provo_UT_US_84601",
    "InstitutionName": "Brigham_Young_University",
    "InstitutionalDepartmentName": "MRI",
    "MRAcquisitionType": "2D",
    "MagneticFieldStrength": 3,
    "Manufacturer": "Siemens",
    "ManufacturersModelName": "TrioTim",
    "Modality": "MR",
    "MultibandAccelerationFactor": 8,
    "PartialFourier": 1,
    "PatientPosition": "HFS",
    "PercentPhaseFOV": 100,
    "PhaseEncodingDirection": "j-",
    "PhaseEncodingSteps": 100,
    "PhaseResolution": 1,
    "PixelBandwidth": 1786,
    "ProcedureStepDescription": "Research_KIRWAN",
    "ProtocolName": "run4",
    "PulseSequenceDetails": "%CustomerSeq%_cmrr_mbep2d_bold",
    "ReceiveCoilName": "32Ch_Head",
    "ReconMatrixPE": 100,
    "RepetitionTime": 0.875,
    "SAR": 0.120725,
    "ScanOptions": "FS",
    "ScanningSequence": "EP",
    "SequenceName": "epfid2d1_100",
    "SequenceVariant": "SK_SS",
    "SeriesDescription": "run4",
    "SeriesNumber": 6,
    "ShimSetting": [
      -2875,
      -22912,
      2281,
      591,
      2,
      323,
      -17,
      469
    ],
    "SliceThickness": 1.8,
    "SliceTiming": [
      0,
      0.4875,
      0.0975,
      0.585,
      0.195,
      0.6825,
      0.2925,
      0.78,
      0.39,
      0,
      0.4875,
      0.0975,
      0.585,
      0.195,
      0.6825,
      0.2925,
      0.78,
      0.39,
      0,
      0.4875,
      0.0975,
      0.585,
      0.195,
      0.6825,
      0.2925,
      0.78,
      0.39,
      0,
      0.4875,
      0.0975,
      0.585,
      0.195,
      0.6825,
      0.2925,
      0.78,
      0.39,
      0,
      0.4875,
      0.0975,
      0.585,
      0.195,
      0.6825,
      0.2925,
      0.78,
      0.39,
      0,
      0.4875,
      0.0975,
      0.585,
      0.195,
      0.6825,
      0.2925,
      0.78,
      0.39,
      0,
      0.4875,
      0.0975,
      0.585,
      0.195,
      0.6825,
      0.2925,
      0.78,
      0.39,
      0,
      0.4875,
      0.0975,
      0.585,
      0.195,
      0.6825,
      0.2925,
      0.78,
      0.39
    ],
    "SoftwareVersions": "syngo_MR_B17",
    "SpacingBetweenSlices": 1.8,
    "StationName": "MININT-E41B04",
    "TaskName": "MST",
    "TotalReadoutTime": 0.0712794,
    "TxRefAmp": 340.46,
    "dataset": "ds002168",
    "modality": "bold",
    "run_id": 4,
    "subject_id": "1588",
    "task_id": "mst"
  },
  "dummy_trs": 2,
  "dvars_nstd": 72.31625599597642,
  "dvars_std": 1.0521670584235308,
  "dvars_vstd": 1.0075210747764696,
  "efc": 0.5774117538703882,
  "fber": 297.8447570800781,
  "fd_mean": 0.07540806733378791,
  "fd_num": 0,
  "fd_perc": 0.0,
  "fwhm_avg": 2.9721426713274846,
  "fwhm_x": 2.772672295672954,
  "fwhm_y": 3.2380723080018443,
  "fwhm_z": 2.9056834103076565,
  "gcor": 0.00242418,
  "gsr_x": -0.004286407493054867,
  "gsr_y": 0.06572268158197403,
  "provenance": {
    "md5sum": "2a1c23d262a31460d31f3790027bd40b",
    "settings": {
      "fd_thres": 0.2,
      "testing": false
    },
    "software": "mriqc",
    "version": "23.0.1",
    "webapi_port": null,
    "webapi_url": "https://mriqc.nimh.nih.gov/api/v1"
  },
  "size_t": 426,
  "size_x": 100,
  "size_y": 100,
  "size_z": 72,
  "snr": 2.3459285978922657,
  "spacing_tr": 0.875,
  "spacing_x": 1.7999999523162842,
  "spacing_y": 1.7999999523162842,
  "spacing_z": 1.7999999523162842,
  "summary_bg_k": 25.039984140253697,
  "summary_bg_mad": 11.070792967403671,
  "summary_bg_mean": 31.790870666503906,
  "summary_bg_median": 19.178403854370117,
  "summary_bg_n": 436946.0,
  "summary_bg_p05": 10.755868911743164,
  "summary_bg_p95": 98.2323989868164,
  "summary_bg_stdv": 36.4924201965332,
  "summary_fg_k": 6.1642862793754585,
  "summary_fg_mad": 96.05591009767875,
  "summary_fg_mean": 368.21820068359375,
  "summary_fg_median": 336.8497619628906,
  "summary_fg_n": 181915.0,
  "summary_fg_p05": 205.5227783203125,
  "summary_fg_p95": 645.6875915527343,
  "summary_fg_stdv": 143.5886993408203,
  "tsnr": 21.24636390421074
}