{
  "aor": 0.0002643294117647059,
  "aqi": 0.01655178305882353,
  "bids_meta": {
    "AcquisitionMatrixPE": 100,
    "AcquisitionNumber": 1,
    "AcquisitionTime": "19:14:39.817500",
    "BandwidthPerPixelPhaseEncode": 13.889,
    "BaseResolution": 100,
    "ConversionSoftware": "dcm2niix",
    "ConversionSoftwareVersion": "v1.0.20180404 Clang8.0.0",
    "DerivedVendorReportedEchoSpacing": 0.000719994,
    "DeviceSerialNumber": "35002",
    "DwellTime": 2.8e-06,
    "EchoTime": 0.0436,
    "EffectiveEchoSpacing": 0.000719994,
    "FlipAngle": 55,
    "ImageComments": "Unaliased_MB8_PE3_(remote)",
    "ImageOrientationPatientDICOM": [
      0.99889,
      0.0245554,
      -0.0401883,
      -5.54586e-09,
      0.853321,
      0.521386
    ],
    "ImageType": [
      "ORIGINAL",
      "PRIMARY",
      "M",
      "MB",
      "ND",
      "MOSAIC"
    ],
    "InPlanePhaseEncodingDirectionDICOM": "COL",
    "InstitutionAddress": "University_Pkwy_1700_North_685_Provo_UT_US_84601",
    "InstitutionName": "Brigham_Young_University",
    "InstitutionalDepartmentName": "MRI",
    "MRAcquisitionType": "2D",
    "MagneticFieldStrength": 3,
    "Manufacturer": "Siemens",
    "ManufacturersModelName": "TrioTim",
    "Modality": "MR",
    "MultibandAccelerationFactor": 8,
    "PartialFourier": 1,
    "PatientPosition": "HFS",
    "PercentPhaseFOV": 100,
    "PhaseEncodingDirection": "j-",
    "PhaseEncodingSteps": 100,
    "PhaseResolution": 1,
    "PixelBandwidth": 1786,
    "ProcedureStepDescription": "Research_KIRWAN",
    "ProtocolName": "run2",
    "PulseSequenceDetails": "%CustomerSeq%_cmrr_mbep2d_bold",
    "ReceiveCoilName": "32Ch_Head",
    "ReconMatrixPE": 100,
    "RepetitionTime": 0.875,
    "SAR": 0.116928,
    "ScanOptions": "FS",
    "ScanningSequence": "EP",
    "SequenceName": "epfid2d1_100",
    "SequenceVariant": "SK_SS",
    "SeriesDescription": "run2",
    "SeriesNumber": 4,
    "ShimSetting": [
      -2875,
      -22912,
      2281,
      591,
      2,
      323,
      -17,
      469
    ],
    "SliceThickness": 1.8,
    "SliceTiming": [
      0,
      0.4875,
      0.0975,
      0.585,
      0.195,
      0.6825,
      0.2925,
      0.78,
      0.39,
      0,
      0.4875,
      0.0975,
      0.585,
      0.195,
      0.6825,
      0.2925,
      0.78,
      0.39,
      0,
      0.4875,
      0.0975,
      0.585,
      0.195,
      0.6825,
      0.2925,
      0.78,
      0.39,
      0,
      0.4875,
      0.0975,
      0.585,
      0.195,
      0.6825,
      0.2925,
      0.78,
      0.39,
      0,
      0.4875,
      0.0975,
      0.585,
      0.195,
      0.6825,
      0.2925,
      0.78,
      0.39,
      0,
      0.4875,
      0.0975,
      0.585,
      0.195,
      0.6825,
      0.2925,
      0.78,
      0.39,
      0,
      0.4875,
      0.0975,
      0.585,
      0.195,
      0.6825,
      0.2925,
      0.78,
      0.39,
      0,
      0.4875,
      0.0975,
      0.585,
      0.195,
      0.6825,
      0.2925,
      0.78,
      0.39
    ],
    "SoftwareVersions": "syngo_MR_B17",
    "SpacingBetweenSlices": 1.8,
    "StationName": "MININT-E41B04",
    "TaskName": "MST",
    "TotalReadoutTime": 0.0712794,
    "TxRefAmp": 340.46,
    "dataset": "ds002168",
    "modality": "bold",
    "run_id": 2,
    "subject_id": "1588",
    "task_id": "mst"
  },
  "dummy_trs": 3,
  "dvars_nstd": 72.09490479172167,
  "dvars_std": 1.048157998231132,
  "dvars_vstd": 1.0044808676886796,
  "efc": 0.5775579723747855,
  "fber": 302.5512390136719,
  "fd_mean": 0.07845050267730797,
  "fd_num": 0,
  "fd_perc": 0.0,
  "fwhm_avg": 2.965090819288823,
  "fwhm_x": 2.758694517524892,
  "fwhm_y": 3.2307445300299467,
  "fwhm_z": 2.9058334103116303,
  "gcor": 0.00401829,
  "gsr_x": -0.0034006652422249317,
  "gsr_y": 0.06551596522331238,
  "provenance": {
    "md5sum": "c83de8b7a48ebca4eeddf09b8335d297",
    "settings": {
      "fd_thres": 0.2,
      "testing": false
    },
    "software": "mriqc",
    "version": "23.0.1",
    "webapi_port": null,
    "webapi_url": "https://mriqc.nimh.nih.gov/api/v1"
  },
  "size_t": 425,
  "size_x": 100,
  "size_y": 100,
  "size_z": 72,
  "snr": 2.3573622315072473,
  "spacing_tr": 0.875,
  "spacing_x": 1.7999999523162842,
  "spacing_y": 1.7999999523162842,
  "spacing_z": 1.7999999523162842,
  "summary_bg_k": 23.918785343413504,
  "summary_bg_mad": 10.79334234090362,
  "summary_bg_mean": 31.459918975830078,
  "summary_bg_median": 18.967058181762695,
  "summary_bg_n": 436469.0,
  "summary_bg_p05": 10.80941104888916,
  "summary_bg_p95": 96.84611358642573,
  "summary_bg_stdv": 35.88311767578125,
  "summary_fg_k": 6.180323225661407,
  "summary_fg_mad": 95.65399495159156,
  "summary_fg_mean": 367.77056884765625,
  "summary_fg_median": 336.3623352050781,
  "summary_fg_n": 182028.0,
  "summary_fg_p05": 206.8322265625,
  "summary_fg_p95": 643.90022277832,
  "summary_fg_stdv": 142.6855010986328,
  "tsnr": 21.074113318580203
}