{
  "aor": 0.00025204225352112674,
  "aqi": 0.016138203286384975,
  "bids_meta": {
    "AcquisitionMatrixPE": 100,
    "AcquisitionNumber": 1,
    "AcquisitionTime": "19:21:19.815000",
    "BandwidthPerPixelPhaseEncode": 13.889,
    "BaseResolution": 100,
    "ConversionSoftware": "dcm2niix",
    "ConversionSoftwareVersion": "v1.0.20180404 Clang8.0.0",
    "DerivedVendorReportedEchoSpacing": 0.000719994,
    "DeviceSerialNumber": "35002",
    "DwellTime": 2.8e-06,
    "EchoTime": 0.0436,
    "EffectiveEchoSpacing": 0.000719994,
    "FlipAngle": 55,
    "ImageComments": "Unaliased_MB8_PE3_(remote)",
    "ImageOrientationPatientDICOM": [
      0.99889,
      0.0245554,
      -0.0401883,
      -5.54586e-09,
      0.853321,
      0.521386
    ],
    "ImageType": [
      "ORIGINAL",
      "PRIMARY",
      "M",
      "MB",
      "ND",
      "MOSAIC"
    ],
    "InPlanePhaseEncodingDirectionDICOM": "COL",
    "InstitutionAddress": "University_Pkwy_1700_North_685_Provo_UT_US_84601",
    "InstitutionName": "Brigham_Young_University",
    "InstitutionalDepartmentName": "MRI",
    "MRAcquisitionType": "2D",
    "MagneticFieldStrength": 3,
    "Manufacturer": "Siemens",
    "ManufacturersModelName": "TrioTim",
    "Modality": "MR",
    "MultibandAccelerationFactor": 8,
    "PartialFourier": 1,
    "PatientPosition": "HFS",
    "PercentPhaseFOV": 100,
    "PhaseEncodingDirection": "j-",
    "PhaseEncodingSteps": 100,
    "PhaseResolution": 1,
    "PixelBandwidth": 1786,
    "ProcedureStepDescription": "Research_KIRWAN",
    "ProtocolName": "run3",
    "PulseSequenceDetails": "%CustomerSeq%_cmrr_mbep2d_bold",
    "ReceiveCoilName": "32Ch_Head",
    "ReconMatrixPE": 100,
    "RepetitionTime": 0.875,
    "SAR": 0.118929,
    "ScanOptions": "FS",
    "ScanningSequence": "EP",
    "SequenceName": "epfid2d1_100",
    "SequenceVariant": "SK_SS",
    "SeriesDescription": "run3",
    "SeriesNumber": 5,
    "ShimSetting": [
      -2875,
      -22912,
      2281,
      591,
      2,
      323,
      -17,
      469
    ],
    "SliceThickness": 1.8,
    "SliceTiming": [
      0,
      0.4875,
      0.0975,
      0.585,
      0.195,
      0.6825,
      0.2925,
      0.78,
      0.39,
      0,
      0.4875,
      0.0975,
      0.585,
      0.195,
      0.6825,
      0.2925,
      0.78,
      0.39,
      0,
      0.4875,
      0.0975,
      0.585,
      0.195,
      0.6825,
      0.2925,
      0.78,
      0.39,
      0,
      0.4875,
      0.0975,
      0.585,
      0.195,
      0.6825,
      0.2925,
      0.78,
      0.39,
      0,
      0.4875,
      0.0975,
      0.585,
      0.195,
      0.6825,
      0.2925,
      0.78,
      0.39,
      0,
      0.4875,
      0.0975,
      0.585,
      0.195,
      0.6825,
      0.2925,
      0.78,
      0.39,
      0,
      0.4875,
      0.0975,
      0.585,
      0.195,
      0.6825,
      0.2925,
      0.78,
      0.39,
      0,
      0.4875,
      0.0975,
      0.585,
      0.195,
      0.6825,
      0.2925,
      0.78,
      0.39
    ],
    "SoftwareVersions": "syngo_MR_B17",
    "SpacingBetweenSlices": 1.8,
    "StationName": "MININT-E41B04",
    "TaskName": "MST",
    "TotalReadoutTime": 0.0712794,
    "TxRefAmp": 340.46,
    "dataset": "ds002168",
    "modality": "bold",
    "run_id": 3,
    "subject_id": "1588",
    "task_id": "mst"
  },
  "dummy_trs": 2,
  "dvars_nstd": 72.172787386,
  "dvars_std": 1.050754055223529,
  "dvars_vstd": 1.0068164915764701,
  "efc": 0.5774729378024879,
  "fber": 296.866455078125,
  "fd_mean": 0.0757253706781297,
  "fd_num": 0,
  "fd_perc": 0.0,
  "fwhm_avg": 2.970670449066262,
  "fwhm_x": 2.769266740027182,
  "fwhm_y": 3.235011196809641,
  "fwhm_z": 2.9077334103619634,
  "gcor": 0.00284775,
  "gsr_x": -0.003011108608916402,
  "gsr_y": 0.06562742590904236,
  "provenance": {
    "md5sum": "53facd95f152c6cb55faa8b9935f29db",
    "settings": {
      "fd_thres": 0.2,
      "testing": false
    },
    "software": "mriqc",
    "version": "23.0.1",
    "webapi_port": null,
    "webapi_url": "https://mriqc.nimh.nih.gov/api/v1"
  },
  "size_t": 426,
  "size_x": 100,
  "size_y": 100,
  "size_z": 72,
  "snr": 2.34616710790384,
  "spacing_tr": 0.875,
  "spacing_x": 1.7999999523162842,
  "spacing_y": 1.7999999523162842,
  "spacing_z": 1.7999999523162842,
  "summary_bg_k": 23.966309276658656,
  "summary_bg_mad": 11.042950061513386,
  "summary_bg_mean": 31.70172119140625,
  "summary_bg_median": 19.171361923217773,
  "summary_bg_n": 437017.0,
  "summary_bg_p05": 10.835680961608887,
  "summary_bg_p95": 97.6408462524414,
  "summary_bg_stdv": 36.20849609375,
  "summary_fg_k": 6.131352580841378,
  "summary_fg_mad": 95.30766381506962,
  "summary_fg_mean": 367.9474792480469,
  "summary_fg_median": 336.1337890625,
  "summary_fg_n": 181996.0,
  "summary_fg_p05": 205.80516052246094,
  "summary_fg_p95": 645.6443634033203,
  "summary_fg_stdv": 143.26893615722656,
  "tsnr": 21.30822082189843
}