{
  "aor": 0.00040563380281690136,
  "aqi": 0.013590118544600939,
  "bids_meta": {
    "AcquisitionMatrixPE": 100,
    "AcquisitionNumber": 1,
    "AcquisitionTime": "15:06:16.532500",
    "BandwidthPerPixelPhaseEncode": 13.889,
    "BaseResolution": 100,
    "ConversionSoftware": "dcm2niix",
    "ConversionSoftwareVersion": "v1.0.20180404 Clang8.0.0",
    "DerivedVendorReportedEchoSpacing": 0.000719994,
    "DeviceSerialNumber": "35002",
    "DwellTime": 2.8e-06,
    "EchoTime": 0.0436,
    "EffectiveEchoSpacing": 0.000719994,
    "FlipAngle": 55,
    "ImageComments": "Unaliased_MB8_PE3_(remote)",
    "ImageOrientationPatientDICOM": [
      0.99925,
      0.0202425,
      -0.0330102,
      3.8165e-08,
      0.85248,
      0.52276
    ],
    "ImageType": [
      "ORIGINAL",
      "PRIMARY",
      "M",
      "MB",
      "ND",
      "MOSAIC"
    ],
    "InPlanePhaseEncodingDirectionDICOM": "COL",
    "InstitutionAddress": "University_Pkwy_1700_North_685_Provo_UT_US_84601",
    "InstitutionName": "Brigham_Young_University",
    "InstitutionalDepartmentName": "MRI",
    "MRAcquisitionType": "2D",
    "MagneticFieldStrength": 3,
    "Manufacturer": "Siemens",
    "ManufacturersModelName": "TrioTim",
    "Modality": "MR",
    "MultibandAccelerationFactor": 8,
    "PartialFourier": 1,
    "PatientPosition": "HFS",
    "PercentPhaseFOV": 100,
    "PhaseEncodingDirection": "j-",
    "PhaseEncodingSteps": 100,
    "PhaseResolution": 1,
    "PixelBandwidth": 1786,
    "ProcedureStepDescription": "Research_KIRWAN",
    "ProtocolName": "run4",
    "PulseSequenceDetails": "%CustomerSeq%_cmrr_mbep2d_bold",
    "ReceiveCoilName": "32Ch_Head",
    "ReconMatrixPE": 100,
    "RepetitionTime": 0.875,
    "SAR": 0.125661,
    "ScanOptions": "FS",
    "ScanningSequence": "EP",
    "SequenceName": "epfid2d1_100",
    "SequenceVariant": "SK_SS",
    "SeriesDescription": "run4",
    "SeriesNumber": 6,
    "ShimSetting": [
      -2855,
      -22921,
      2393,
      1039,
      0,
      316,
      -165,
      538
    ],
    "SliceThickness": 1.8,
    "SliceTiming": [
      0,
      0.49,
      0.0975,
      0.5875,
      0.1975,
      0.685,
      0.295,
      0.7825,
      0.3925,
      0,
      0.49,
      0.0975,
      0.5875,
      0.1975,
      0.685,
      0.295,
      0.7825,
      0.3925,
      0,
      0.49,
      0.0975,
      0.5875,
      0.1975,
      0.685,
      0.295,
      0.7825,
      0.3925,
      0,
      0.49,
      0.0975,
      0.5875,
      0.1975,
      0.685,
      0.295,
      0.7825,
      0.3925,
      0,
      0.49,
      0.0975,
      0.5875,
      0.1975,
      0.685,
      0.295,
      0.7825,
      0.3925,
      0,
      0.49,
      0.0975,
      0.5875,
      0.1975,
      0.685,
      0.295,
      0.7825,
      0.3925,
      0,
      0.49,
      0.0975,
      0.5875,
      0.1975,
      0.685,
      0.295,
      0.7825,
      0.3925,
      0,
      0.49,
      0.0975,
      0.5875,
      0.1975,
      0.685,
      0.295,
      0.7825,
      0.3925
    ],
    "SoftwareVersions": "syngo_MR_B17",
    "SpacingBetweenSlices": 1.8,
    "StationName": "MININT-E41B04",
    "TaskName": "MST",
    "TotalReadoutTime": 0.0712794,
    "TxRefAmp": 340.046,
    "dataset": "ds002168",
    "modality": "bold",
    "run_id": 4,
    "subject_id": "1587",
    "task_id": "mst"
  },
  "dummy_trs": 2,
  "dvars_nstd": 69.09972880644706,
  "dvars_std": 1.055793327623529,
  "dvars_vstd": 1.0089525467058822,
  "efc": 0.5680762548973445,
  "fber": 351.5580749511719,
  "fd_mean": 0.1472599126960034,
  "fd_num": 88,
  "fd_perc": 20.657276995305164,
  "fwhm_avg": 3.377894462458198,
  "fwhm_x": 3.2166611963235328,
  "fwhm_y": 3.6795445419190864,
  "fwhm_z": 3.2374776491319746,
  "gcor": 0.00377211,
  "gsr_x": -0.015555138699710369,
  "gsr_y": 0.0962924063205719,
  "provenance": {
    "md5sum": "cadc56c8197eb582b06b23914fb7d923",
    "settings": {
      "fd_thres": 0.2,
      "testing": false
    },
    "software": "mriqc",
    "version": "23.0.1",
    "webapi_port": null,
    "webapi_url": "https://mriqc.nimh.nih.gov/api/v1"
  },
  "size_t": 426,
  "size_x": 100,
  "size_y": 100,
  "size_z": 72,
  "snr": 2.119976214409957,
  "spacing_tr": 0.875,
  "spacing_x": 1.7999999523162842,
  "spacing_y": 1.7999999523162842,
  "spacing_z": 1.8000000715255737,
  "summary_bg_k": 29.407090992771998,
  "summary_bg_mad": 11.735527499377843,
  "summary_bg_mean": 39.408424377441406,
  "summary_bg_median": 19.856807708740234,
  "summary_bg_n": 443423.0,
  "summary_bg_p05": 11.105633735656738,
  "summary_bg_p95": 134.57676391601538,
  "summary_bg_stdv": 57.41013717651367,
  "summary_fg_k": 3.042678441145174,
  "summary_fg_mad": 125.06411201267194,
  "summary_fg_mean": 425.4189758300781,
  "summary_fg_median": 376.0774841308594,
  "summary_fg_n": 177447.0,
  "summary_fg_p05": 233.40963287353517,
  "summary_fg_p95": 791.007080078125,
  "summary_fg_stdv": 177.3965301513672,
  "tsnr": 22.591097501688637
}