{
  "bids_meta": {
    "AcquisitionMatrixPE": 512,
    "AcquisitionNumber": 1,
    "AcquisitionTime": "11:15:43.837500",
    "BaseResolution": 512,
    "ConversionSoftware": "dcm2niix",
    "ConversionSoftwareVersion": "v1.0.20180404 Clang8.0.0",
    "DeviceSerialNumber": "35002",
    "DwellTime": 5e-06,
    "EchoTime": 0.064,
    "EchoTrainLength": 15,
    "FlipAngle": 129,
    "ImageOrientationPatientDICOM": [
      0.999971,
      -0.00762455,
      2.74824e-11,
      0.00392245,
      0.514435,
      -0.857521
    ],
    "ImageType": [
      "ORIGINAL",
      "PRIMARY",
      "M",
      "ND"
    ],
    "InPlanePhaseEncodingDirectionDICOM": "ROW",
    "InstitutionAddress": "University_Pkwy_1700_North_685_Provo_UT_US_84601",
    "InstitutionName": "Brigham_Young_University",
    "InstitutionalDepartmentName": "MRI",
    "MRAcquisitionType": "2D",
    "MagneticFieldStrength": 3,
    "Manufacturer": "Siemens",
    "ManufacturersModelName": "TrioTim",
    "Modality": "MR",
    "PartialFourier": 1,
    "PatientPosition": "HFS",
    "PercentPhaseFOV": 100,
    "PhaseEncodingDirection": "i",
    "PhaseEncodingSteps": 720,
    "PhaseOversampling": 0.4,
    "PhaseResolution": 1,
    "PixelBandwidth": 195,
    "ProcedureStepDescription": "Research_KIRWAN",
    "ProtocolName": "HHR_struct_MODIFIED",
    "PulseSequenceDetails": "%SiemensSeq%_tse",
    "ReceiveCoilName": "32Ch_Head",
    "ReconMatrixPE": 512,
    "RepetitionTime": 6,
    "SAR": 0.813923,
    "ScanningSequence": "SE",
    "SequenceName": "_tse2d1_15",
    "SequenceVariant": "SK_SP_OSP",
    "SeriesDescription": "HHR_struct_MODIFIED",
    "SeriesNumber": 16,
    "ShimSetting": [
      -2714,
      -23197,
      2764,
      1309,
      -190,
      -793,
      435,
      -74
    ],
    "SliceThickness": 2,
    "SoftwareVersions": "syngo_MR_B17",
    "SpacingBetweenSlices": 2,
    "StationName": "MININT-E41B04",
    "TxRefAmp": 316.697,
    "dataset": "ds002168",
    "modality": "T2w",
    "subject_id": "1543"
  },
  "cjv": 1.032944075755514,
  "cnr": 1.0227155438250364,
  "efc": 0.6276367626647812,
  "fber": 1772.8824407193192,
  "fwhm_avg": 5.469778933458467,
  "fwhm_x": 5.9139072,
  "fwhm_y": 3.949561299785518,
  "fwhm_z": 6.5458683005898814,
  "icvs_csf": 0.44035508242580423,
  "icvs_gm": 0.12135678734652709,
  "icvs_wm": 0.43828813022766866,
  "inu_med": 1.0043524503707886,
  "inu_range": 1.6651352703571305,
  "provenance": {
    "md5sum": "b4ef5fe04f80bcb307b888b6ecaca3fd",
    "settings": {
      "testing": false
    },
    "software": "mriqc",
    "version": "23.0.1",
    "warnings": {
      "large_rot_frame": false,
      "small_air_mask": false
    },
    "webapi_port": null,
    "webapi_url": "https://mriqc.nimh.nih.gov/api/v1"
  },
  "qi_1": 0.0,
  "qi_2": 0.0005037980795085343,
  "rpve_csf": 5.857371076141434,
  "rpve_gm": 21.293871004643496,
  "rpve_wm": 6.245394348789369,
  "size_x": 512,
  "size_y": 35,
  "size_z": 512,
  "snr_csf": 11.426593195625289,
  "snr_gm": 2.0090646977050417,
  "snr_total": 7.315992646515343,
  "snr_wm": 8.512320046215695,
  "snrd_csf": 49.964524256864266,
  "snrd_gm": 66.26220115752814,
  "snrd_total": 49.4754687978568,
  "snrd_wm": 32.19968097917802,
  "spacing_x": 0.390625,
  "spacing_y": 1.9999942779541016,
  "spacing_z": 0.3906250298023224,
  "summary_bg_k": 477.25533810892756,
  "summary_bg_mad": 20.89711173484443,
  "summary_bg_mean": 27.97440120251977,
  "summary_bg_median": 14.094887673854828,
  "summary_bg_n": 2034516.0,
  "summary_bg_p05": 0.0,
  "summary_bg_p95": 88.43851089477539,
  "summary_bg_stdv": 85.56106403004205,
  "summary_csf_k": 0.38299205250392543,
  "summary_csf_mad": 135.35318777275054,
  "summary_csf_mean": 1604.645283888027,
  "summary_csf_median": 1593.7356650829315,
  "summary_csf_n": 861270.0,
  "summary_csf_p05": 1396.7757314443588,
  "summary_csf_p95": 1849.3782356381416,
  "summary_csf_stdv": 139.47593237752145,
  "summary_gm_k": -1.6197095998812059,
  "summary_gm_mad": 999.919967390824,
  "summary_gm_mean": 1569.8574672838163,
  "summary_gm_median": 2113.588286936283,
  "summary_gm_n": 249753.0,
  "summary_gm_p05": 84.75357294082642,
  "summary_gm_p95": 2863.5100099444385,
  "summary_gm_stdv": 1052.0238885234724,
  "summary_wm_k": 0.019480921202235546,
  "summary_wm_mad": 122.37785695699745,
  "summary_wm_mean": 1026.4970188673858,
  "summary_wm_median": 1027.084331214428,
  "summary_wm_n": 905410.0,
  "summary_wm_p05": 829.1110396385193,
  "summary_wm_p95": 1222.2017958760262,
  "summary_wm_stdv": 120.65849949778773,
  "tpm_overlap_csf": 0.10145286654450186,
  "tpm_overlap_gm": 0.08489098397855731,
  "tpm_overlap_wm": 0.4786907930819149,
  "wm2max": 0.2712652068126521
}