{
  "bids_meta": {
    "AcquisitionMatrixPE": 256,
    "AcquisitionNumber": 1,
    "AcquisitionTime": "10:50:24.885000",
    "BaseResolution": 256,
    "ConversionSoftware": "dcm2niix",
    "ConversionSoftwareVersion": "v1.0.20180404 Clang8.0.0",
    "DeviceSerialNumber": "35002",
    "DwellTime": 1.03e-05,
    "EchoTime": 0.00492,
    "FlipAngle": 25,
    "ImageOrientationPatientDICOM": [
      0.0348995,
      0.999391,
      4.73059e-08,
      -0.0104654,
      0.000365507,
      -0.999945
    ],
    "ImageType": [
      "ORIGINAL",
      "PRIMARY",
      "M",
      "ND",
      "NORM"
    ],
    "InPlanePhaseEncodingDirectionDICOM": "ROW",
    "InstitutionAddress": "University_Pkwy_1700_North_685_Provo_UT_US_84601",
    "InstitutionName": "Brigham_Young_University",
    "InstitutionalDepartmentName": "MRI",
    "MRAcquisitionType": "3D",
    "MagneticFieldStrength": 3,
    "Manufacturer": "Siemens",
    "ManufacturersModelName": "TrioTim",
    "Modality": "MR",
    "ParallelReductionFactorInPlane": 2,
    "PartialFourier": 1,
    "PatientPosition": "HFS",
    "PercentPhaseFOV": 100,
    "PhaseEncodingSteps": 255,
    "PhaseResolution": 1,
    "PixelBandwidth": 190,
    "ProcedureStepDescription": "Research_KIRWAN",
    "ProtocolName": "t1_fl3d_sag_no3Daccel_iso_1.0_1avg",
    "PulseSequenceDetails": "%SiemensSeq%_gre",
    "ReceiveCoilName": "32Ch_Head",
    "ReconMatrixPE": 256,
    "RepetitionTime": 0.02,
    "SAR": 0.17098,
    "ScanningSequence": "GR",
    "SequenceName": "_fl3d1_ns",
    "SequenceVariant": "SP",
    "SeriesDescription": "t1_fl3d_sag_no3Daccel_iso_1.0_1avg",
    "SeriesNumber": 9,
    "ShimSetting": [
      -2655,
      -23109,
      2059,
      81,
      -13,
      -145,
      -152,
      15
    ],
    "SliceThickness": 1,
    "SoftwareVersions": "syngo_MR_B17",
    "StationName": "MININT-E41B04",
    "TxRefAmp": 316.697,
    "dataset": "ds002168",
    "modality": "T1w",
    "subject_id": "1543"
  },
  "cjv": 0.41553173149074174,
  "cnr": 3.231084912391499,
  "efc": 0.5567979789229873,
  "fber": 8642.384664656533,
  "fwhm_avg": 3.2672565402241696,
  "fwhm_x": 3.18202962067251,
  "fwhm_y": 3.47609,
  "fwhm_z": 3.14365,
  "icvs_csf": 0.1813216535817561,
  "icvs_gm": 0.4218665430237293,
  "icvs_wm": 0.3968118033945146,
  "inu_med": 0.3392246961593628,
  "inu_range": 0.11802211403846746,
  "provenance": {
    "md5sum": "d47e6762bd57a216cdae59ce03281a88",
    "settings": {
      "testing": false
    },
    "software": "mriqc",
    "version": "23.0.1",
    "warnings": {
      "large_rot_frame": true,
      "small_air_mask": false
    },
    "webapi_port": null,
    "webapi_url": "https://mriqc.nimh.nih.gov/api/v1"
  },
  "qi_1": 2.242494371339128e-06,
  "qi_2": 0.014553620804348855,
  "rpve_csf": 32.420265428071374,
  "rpve_gm": 14.503234885697596,
  "rpve_wm": 17.42853497322624,
  "size_x": 192,
  "size_y": 256,
  "size_z": 256,
  "snr_csf": 3.1163965983885666,
  "snr_gm": 16.216204351457698,
  "snr_total": 15.081661523104252,
  "snr_wm": 25.912383619466492,
  "snrd_csf": 42.796181778329476,
  "snrd_gm": 82.50582890313297,
  "snrd_total": 76.27517086196428,
  "snrd_wm": 103.5235019044304,
  "spacing_x": 1.0000001192092896,
  "spacing_y": 1.0,
  "spacing_z": 1.0,
  "summary_bg_k": 8.091362943501109,
  "summary_bg_mad": 6.328383635903588,
  "summary_bg_mean": 6.07387304945316,
  "summary_bg_median": 4.268429897725582,
  "summary_bg_n": 2906316.0,
  "summary_bg_p05": 0.0,
  "summary_bg_p95": 18.935140147805214,
  "summary_bg_stdv": 6.59840309523013,
  "summary_csf_k": 1.5423502435368377,
  "summary_csf_mad": 84.3625878680982,
  "summary_csf_mean": 391.28033003087546,
  "summary_csf_median": 413.39583092182875,
  "summary_csf_n": 29126.0,
  "summary_csf_p05": 104.7851399704814,
  "summary_csf_p95": 573.3977651707828,
  "summary_csf_stdv": 132.64959100333922,
  "summary_gm_k": 0.2734308054755932,
  "summary_gm_mad": 48.58105031772604,
  "summary_gm_mean": 796.4511100276764,
  "summary_gm_median": 796.9768394753337,
  "summary_gm_n": 22993.0,
  "summary_gm_p05": 714.9010302990675,
  "summary_gm_p95": 874.5595645487308,
  "summary_gm_stdv": 49.14587231118469,
  "summary_wm_k": 0.8538084826257335,
  "summary_wm_mad": 35.781537550372164,
  "summary_wm_mean": 1002.4493793021186,
  "summary_wm_median": 1000.0000540092587,
  "summary_wm_n": 206563.0,
  "summary_wm_p05": 943.9006896391511,
  "summary_wm_p95": 1069.450296856463,
  "summary_wm_stdv": 38.59149540708134,
  "tpm_overlap_csf": 0.14439249645896837,
  "tpm_overlap_gm": 0.4506584918545461,
  "tpm_overlap_wm": 0.49887825072133085,
  "wm2max": 0.646425459524501
}