{
  "aor": 0.0003643661971830986,
  "aqi": 0.01217284525821596,
  "bids_meta": {
    "AcquisitionMatrixPE": 100,
    "AcquisitionNumber": 1,
    "AcquisitionTime": "17:27:42.475000",
    "BandwidthPerPixelPhaseEncode": 13.889,
    "BaseResolution": 100,
    "ConversionSoftware": "dcm2niix",
    "ConversionSoftwareVersion": "v1.0.20180404 Clang8.0.0",
    "DerivedVendorReportedEchoSpacing": 0.000719994,
    "DeviceSerialNumber": "35002",
    "DwellTime": 2.8e-06,
    "EchoTime": 0.0436,
    "EffectiveEchoSpacing": 0.000719994,
    "FlipAngle": 55,
    "ImageComments": "Unaliased_MB8_PE3_(remote)",
    "ImageOrientationPatientDICOM": [
      0.99997,
      0.00363924,
      -0.00679346,
      5.04534e-08,
      0.881483,
      0.472215
    ],
    "ImageType": [
      "ORIGINAL",
      "PRIMARY",
      "M",
      "ND",
      "MOSAIC"
    ],
    "InPlanePhaseEncodingDirectionDICOM": "COL",
    "InstitutionAddress": "University_Pkwy_1700_North_685_Provo_UT_US_84601",
    "InstitutionName": "Brigham_Young_University",
    "InstitutionalDepartmentName": "MRI",
    "MRAcquisitionType": "2D",
    "MagneticFieldStrength": 3,
    "Manufacturer": "Siemens",
    "ManufacturersModelName": "TrioTim",
    "Modality": "MR",
    "MultibandAccelerationFactor": 8,
    "PartialFourier": 1,
    "PatientPosition": "HFS",
    "PercentPhaseFOV": 100,
    "PhaseEncodingDirection": "j-",
    "PhaseEncodingSteps": 100,
    "PhaseResolution": 1,
    "PixelBandwidth": 1786,
    "ProcedureStepDescription": "Research_KIRWAN",
    "ProtocolName": "run6",
    "PulseSequenceDetails": "%CustomerSeq%_cmrr_mbep2d_bold",
    "ReceiveCoilName": "32Ch_Head",
    "ReconMatrixPE": 100,
    "RepetitionTime": 0.875,
    "SAR": 0.117332,
    "ScanOptions": "FS",
    "ScanningSequence": "EP",
    "SequenceName": "epfid2d1_100",
    "SequenceVariant": "SK",
    "SeriesDescription": "run6",
    "SeriesNumber": 8,
    "ShimSetting": [
      -2668,
      -23120,
      2480,
      1175,
      7,
      -83,
      105,
      -34
    ],
    "SliceThickness": 1.8,
    "SliceTiming": [
      0,
      0.4875,
      0.0975,
      0.585,
      0.195,
      0.6825,
      0.2925,
      0.78,
      0.39,
      0,
      0.4875,
      0.0975,
      0.585,
      0.195,
      0.6825,
      0.2925,
      0.78,
      0.39,
      0,
      0.4875,
      0.0975,
      0.585,
      0.195,
      0.6825,
      0.2925,
      0.78,
      0.39,
      0,
      0.4875,
      0.0975,
      0.585,
      0.195,
      0.6825,
      0.2925,
      0.78,
      0.39,
      0,
      0.4875,
      0.0975,
      0.585,
      0.195,
      0.6825,
      0.2925,
      0.78,
      0.39,
      0,
      0.4875,
      0.0975,
      0.585,
      0.195,
      0.6825,
      0.2925,
      0.78,
      0.39,
      0,
      0.4875,
      0.0975,
      0.585,
      0.195,
      0.6825,
      0.2925,
      0.78,
      0.39,
      0,
      0.4875,
      0.0975,
      0.585,
      0.195,
      0.6825,
      0.2925,
      0.78,
      0.39
    ],
    "SoftwareVersions": "syngo_MR_B17",
    "SpacingBetweenSlices": 1.8,
    "StationName": "MININT-E41B04",
    "TaskName": "MST",
    "TotalReadoutTime": 0.0712794,
    "TxRefAmp": 355.888,
    "dataset": "ds002168",
    "modality": "bold",
    "run_id": 6,
    "subject_id": "1516",
    "task_id": "mst"
  },
  "dummy_trs": 2,
  "dvars_nstd": 68.36656183574115,
  "dvars_std": 1.0643098622352938,
  "dvars_vstd": 1.003847715247059,
  "efc": 0.5516859157535756,
  "fber": 312.7759094238281,
  "fd_mean": 0.10874587080206213,
  "fd_num": 10,
  "fd_perc": 2.347417840375587,
  "fwhm_avg": 3.8085315823731136,
  "fwhm_x": 3.6551834301626265,
  "fwhm_y": 4.1459278876073595,
  "fwhm_z": 3.6244834293493544,
  "gcor": 0.00466924,
  "gsr_x": -0.016099613159894943,
  "gsr_y": 0.08486625552177429,
  "provenance": {
    "md5sum": "1ebd36bf204fcf7f40912c8bc6a358f5",
    "settings": {
      "fd_thres": 0.2,
      "testing": false
    },
    "software": "mriqc",
    "version": "23.0.1",
    "webapi_port": null,
    "webapi_url": "https://mriqc.nimh.nih.gov/api/v1"
  },
  "size_t": 426,
  "size_x": 100,
  "size_y": 100,
  "size_z": 72,
  "snr": 1.6272725717766452,
  "spacing_tr": 0.875,
  "spacing_x": 1.7999999523162842,
  "spacing_y": 1.7999999523162842,
  "spacing_z": 1.7999999523162842,
  "summary_bg_k": 23.69935096635521,
  "summary_bg_mad": 13.03019293096333,
  "summary_bg_mean": 37.08624267578125,
  "summary_bg_median": 21.15023422241211,
  "summary_bg_n": 428428.0,
  "summary_bg_p05": 11.183098793029785,
  "summary_bg_p95": 120.54847869873039,
  "summary_bg_stdv": 46.706546783447266,
  "summary_fg_k": 5.009983981607698,
  "summary_fg_mad": 149.74804991611893,
  "summary_fg_mean": 451.673828125,
  "summary_fg_median": 381.26995849609375,
  "summary_fg_n": 189122.0,
  "summary_fg_p05": 220.6877899169922,
  "summary_fg_p95": 935.4340301513671,
  "summary_fg_stdv": 234.29937744140625,
  "tsnr": 21.923844743752852
}