{
  "bids_meta": {
    "AcquisitionMatrixPE": 256,
    "AcquisitionNumber": 1,
    "AcquisitionTime": "14:54:13.872500",
    "BaseResolution": 256,
    "ConversionSoftware": "dcm2niix",
    "ConversionSoftwareVersion": "v1.0.20180404 Clang8.0.0",
    "DeviceSerialNumber": "35002",
    "DwellTime": 1.03e-05,
    "EchoTime": 0.00492,
    "FlipAngle": 25,
    "ImageOrientationPatientDICOM": [
      0,
      1,
      -1e-16,
      0.00349062,
      0,
      -0.999994
    ],
    "ImageType": [
      "ORIGINAL",
      "PRIMARY",
      "M",
      "ND",
      "NORM"
    ],
    "InPlanePhaseEncodingDirectionDICOM": "ROW",
    "InstitutionAddress": "University_Pkwy_1700_North_685_Provo_UT_US_84601",
    "InstitutionName": "Brigham_Young_University",
    "InstitutionalDepartmentName": "MRI",
    "MRAcquisitionType": "3D",
    "MagneticFieldStrength": 3,
    "Manufacturer": "Siemens",
    "ManufacturersModelName": "TrioTim",
    "Modality": "MR",
    "ParallelReductionFactorInPlane": 2,
    "PartialFourier": 1,
    "PatientPosition": "HFS",
    "PercentPhaseFOV": 100,
    "PhaseEncodingSteps": 255,
    "PhaseResolution": 1,
    "PixelBandwidth": 190,
    "ProcedureStepDescription": "Research_KIRWAN",
    "ProtocolName": "t1_fl3d_sag_no3Daccel_iso_1.0_1avg",
    "PulseSequenceDetails": "%SiemensSeq%_gre",
    "ReceiveCoilName": "32Ch_Head",
    "ReconMatrixPE": 256,
    "RepetitionTime": 0.02,
    "SAR": 0.208451,
    "ScanningSequence": "GR",
    "SequenceName": "_fl3d1_ns",
    "SequenceVariant": "SP",
    "SeriesDescription": "t1_fl3d_sag_no3Daccel_iso_1.0_1avg",
    "SeriesNumber": 9,
    "ShimSetting": [
      -2671,
      -23123,
      2054,
      173,
      -22,
      -157,
      -236,
      20
    ],
    "SliceThickness": 1,
    "SoftwareVersions": "syngo_MR_B17",
    "StationName": "MININT-E41B04",
    "TxRefAmp": 335.291,
    "dataset": "ds002168",
    "modality": "T1w",
    "subject_id": "1569"
  },
  "cjv": 0.405267684478099,
  "cnr": 3.313550453926807,
  "efc": 0.5576326697371181,
  "fber": 29418.602194787378,
  "fwhm_avg": 3.3135883446242587,
  "fwhm_x": 3.248245033872776,
  "fwhm_y": 3.51321,
  "fwhm_z": 3.17931,
  "icvs_csf": 0.17438490763079798,
  "icvs_gm": 0.44418439178031266,
  "icvs_wm": 0.3814307005888894,
  "inu_med": 0.3442639410495758,
  "inu_range": 0.14383364468812934,
  "provenance": {
    "md5sum": "9a343872da5794efcf2c5213fdd4f4e4",
    "settings": {
      "testing": false
    },
    "software": "mriqc",
    "version": "23.0.1",
    "warnings": {
      "large_rot_frame": true,
      "small_air_mask": false
    },
    "webapi_port": null,
    "webapi_url": "https://mriqc.nimh.nih.gov/api/v1"
  },
  "qi_1": 0.0,
  "qi_2": 0.03866048999655387,
  "rpve_csf": 34.316919645181535,
  "rpve_gm": 14.401165132602415,
  "rpve_wm": 18.548757902234886,
  "size_x": 192,
  "size_y": 256,
  "size_z": 256,
  "snr_csf": 2.8544701632300713,
  "snr_gm": 17.97168257460762,
  "snr_total": 15.569206916104866,
  "snr_wm": 25.881468010476905,
  "snrd_csf": 48.37988469962998,
  "snrd_gm": 99.16338695626736,
  "snrd_total": 90.32314595254884,
  "snrd_wm": 123.42616620174923,
  "spacing_x": 0.9999984502792358,
  "spacing_y": 1.0,
  "spacing_z": 1.0,
  "summary_bg_k": 8.310730148874937,
  "summary_bg_mad": 0.0,
  "summary_bg_mean": 3.407757340880609,
  "summary_bg_median": 0.0,
  "summary_bg_n": 2522074.0,
  "summary_bg_p05": 0.0,
  "summary_bg_p95": 15.408824943006039,
  "summary_bg_stdv": 5.307921246106457,
  "summary_csf_k": 1.1194916832060446,
  "summary_csf_mad": 89.99534068178347,
  "summary_csf_mean": 374.71355804523887,
  "summary_csf_median": 391.9742787629366,
  "summary_csf_n": 26350.0,
  "summary_csf_p05": 86.27138807717711,
  "summary_csf_p95": 575.685174527578,
  "summary_csf_stdv": 137.3168463623815,
  "summary_gm_k": 0.3329284132234074,
  "summary_gm_mad": 43.74604732033763,
  "summary_gm_mean": 802.5345446505062,
  "summary_gm_median": 803.4226894751191,
  "summary_gm_n": 25323.0,
  "summary_gm_p05": 727.7260173242539,
  "summary_gm_p95": 872.0739223062992,
  "summary_gm_stdv": 44.70404050849659,
  "summary_wm_k": 0.7999772220815746,
  "summary_wm_mad": 35.92036552192168,
  "summary_wm_mean": 1002.0543131352505,
  "summary_wm_median": 999.9999540671706,
  "summary_wm_n": 175012.0,
  "summary_wm_p05": 942.9873017780483,
  "summary_wm_p95": 1068.6511868983507,
  "summary_wm_stdv": 38.63757251758155,
  "tpm_overlap_csf": 0.14444002623928304,
  "tpm_overlap_gm": 0.4609492522386721,
  "tpm_overlap_wm": 0.4939423933000405,
  "wm2max": 0.667951385087047
}