{
  "bids_meta": {
    "AcquisitionMatrixPE": 512,
    "AcquisitionNumber": 1,
    "AcquisitionTime": "20:50:2.210000",
    "BaseResolution": 512,
    "ConversionSoftware": "dcm2niix",
    "ConversionSoftwareVersion": "v1.0.20180404 Clang8.0.0",
    "DeviceSerialNumber": "35002",
    "DwellTime": 5e-06,
    "EchoTime": 0.064,
    "EchoTrainLength": 15,
    "FlipAngle": 129,
    "ImageOrientationPatientDICOM": [
      0.999975,
      0.00713113,
      -2.44073e-10,
      -0.00396274,
      0.555682,
      -0.831386
    ],
    "ImageType": [
      "ORIGINAL",
      "PRIMARY",
      "M",
      "ND"
    ],
    "InPlanePhaseEncodingDirectionDICOM": "ROW",
    "InstitutionAddress": "University_Pkwy_1700_North_685_Provo_UT_US_84601",
    "InstitutionName": "Brigham_Young_University",
    "InstitutionalDepartmentName": "MRI",
    "MRAcquisitionType": "2D",
    "MagneticFieldStrength": 3,
    "Manufacturer": "Siemens",
    "ManufacturersModelName": "TrioTim",
    "Modality": "MR",
    "PartialFourier": 1,
    "PatientPosition": "HFS",
    "PercentPhaseFOV": 100,
    "PhaseEncodingDirection": "i",
    "PhaseEncodingSteps": 720,
    "PhaseOversampling": 0.4,
    "PhaseResolution": 1,
    "PixelBandwidth": 195,
    "ProcedureStepDescription": "Research_KIRWAN",
    "ProtocolName": "HHR_struct_MODIFIED",
    "PulseSequenceDetails": "%SiemensSeq%_tse",
    "ReceiveCoilName": "32Ch_Head",
    "ReconMatrixPE": 512,
    "RepetitionTime": 6,
    "SAR": 1.02049,
    "ScanningSequence": "SE",
    "SequenceName": "_tse2d1_15",
    "SequenceVariant": "SK_SP_OSP",
    "SeriesDescription": "HHR_struct_MODIFIED",
    "SeriesNumber": 16,
    "ShimSetting": [
      -2814,
      -23115,
      2510,
      512,
      -40,
      -683,
      148,
      434
    ],
    "SliceThickness": 2,
    "SoftwareVersions": "syngo_MR_B17",
    "SpacingBetweenSlices": 2,
    "StationName": "MININT-E41B04",
    "TxRefAmp": 321.009,
    "dataset": "ds002168",
    "modality": "T2w",
    "subject_id": "2552"
  },
  "cjv": 9.804698621969145,
  "cnr": 0.12440575489029639,
  "efc": 0.6447125947333562,
  "fber": 1917.1504008430877,
  "fwhm_avg": 5.209845778304029,
  "fwhm_x": 5.713382835896518,
  "fwhm_y": 3.8440904990155684,
  "fwhm_z": 6.072064,
  "icvs_csf": 0.4532627528715108,
  "icvs_gm": 0.4302404451379054,
  "icvs_wm": 0.11649680199058382,
  "inu_med": 0.9964982271194458,
  "inu_range": 1.707366332411766,
  "provenance": {
    "md5sum": "c9e1ab15cc358f535ef7f0576f2e2602",
    "settings": {
      "testing": false
    },
    "software": "mriqc",
    "version": "23.0.1",
    "warnings": {
      "large_rot_frame": false,
      "small_air_mask": false
    },
    "webapi_port": null,
    "webapi_url": "https://mriqc.nimh.nih.gov/api/v1"
  },
  "qi_1": 0.0,
  "qi_2": 0.0005893408375577923,
  "rpve_csf": 5.35352156592276,
  "rpve_gm": 5.797235596717158,
  "rpve_wm": 20.71084301777607,
  "size_x": 512,
  "size_y": 35,
  "size_z": 512,
  "snr_csf": 11.179019532683649,
  "snr_gm": 9.039960261517317,
  "snr_total": 7.007912405341071,
  "snr_wm": 0.8047574218222475,
  "snrd_csf": 52.9893453930818,
  "snrd_gm": 35.55889890562466,
  "snrd_total": 39.773203530290004,
  "snrd_wm": 30.771366292163556,
  "spacing_x": 0.3906249701976776,
  "spacing_y": 1.9999971389770508,
  "spacing_z": 0.390625,
  "summary_bg_k": 459.8808189184414,
  "summary_bg_mad": 7.044839768696841,
  "summary_bg_mean": 8.60275252411713,
  "summary_bg_median": 4.751672215759754,
  "summary_bg_n": 1518532.0,
  "summary_bg_p05": 0.0,
  "summary_bg_p95": 28.388971582055092,
  "summary_bg_stdv": 19.932643359205173,
  "summary_csf_k": 0.5352564075397686,
  "summary_csf_mad": 48.32670338144266,
  "summary_csf_mean": 573.9722559237811,
  "summary_csf_median": 569.8072153255343,
  "summary_csf_n": 905423.0,
  "summary_csf_p05": 498.0478852391243,
  "summary_csf_p95": 663.9024313688278,
  "summary_csf_stdv": 50.97109804629866,
  "summary_gm_k": 0.11821767705181108,
  "summary_gm_mad": 41.73057952158001,
  "summary_gm_mean": 382.48239618414306,
  "summary_gm_median": 382.37341894209385,
  "summary_gm_n": 872226.0,
  "summary_gm_p05": 312.490545399487,
  "summary_gm_p95": 451.6812493503094,
  "summary_gm_stdv": 42.29810626223342,
  "summary_wm_k": -1.6445682611008055,
  "summary_wm_mad": 463.02994632600445,
  "summary_wm_mean": 495.96347539694483,
  "summary_wm_median": 330.89192570000887,
  "summary_wm_n": 252544.0,
  "summary_wm_p05": 18.97642343491316,
  "summary_wm_p95": 1084.0773700401187,
  "summary_wm_stdv": 411.16895801064095,
  "tpm_overlap_csf": 0.09971396949088057,
  "tpm_overlap_gm": 0.258535449642518,
  "tpm_overlap_wm": 0.036264307794475474,
  "wm2max": 0.24697030204142878
}