{
  "aor": 0.00042877934272300466,
  "aqi": 0.013832275352112676,
  "bids_meta": {
    "AcquisitionMatrixPE": 100,
    "AcquisitionNumber": 1,
    "AcquisitionTime": "15:12:37.615000",
    "BandwidthPerPixelPhaseEncode": 13.889,
    "BaseResolution": 100,
    "ConversionSoftware": "dcm2niix",
    "ConversionSoftwareVersion": "v1.0.20180404 Clang8.0.0",
    "DerivedVendorReportedEchoSpacing": 0.000719994,
    "DeviceSerialNumber": "35002",
    "DwellTime": 2.8e-06,
    "EchoTime": 0.0436,
    "EffectiveEchoSpacing": 0.000719994,
    "FlipAngle": 55,
    "ImageComments": "Unaliased_MB8_PE3_(remote)",
    "ImageOrientationPatientDICOM": [
      0.999831,
      0.00481514,
      -0.0177174,
      3.11973e-08,
      0.964996,
      0.262264
    ],
    "ImageType": [
      "ORIGINAL",
      "PRIMARY",
      "M",
      "MB",
      "ND",
      "MOSAIC"
    ],
    "InPlanePhaseEncodingDirectionDICOM": "COL",
    "InstitutionAddress": "University_Pkwy_1700_North_685_Provo_UT_US_84601",
    "InstitutionName": "Brigham_Young_University",
    "InstitutionalDepartmentName": "MRI",
    "MRAcquisitionType": "2D",
    "MagneticFieldStrength": 3,
    "Manufacturer": "Siemens",
    "ManufacturersModelName": "TrioTim",
    "Modality": "MR",
    "MultibandAccelerationFactor": 8,
    "PartialFourier": 1,
    "PatientPosition": "HFS",
    "PercentPhaseFOV": 100,
    "PhaseEncodingDirection": "j-",
    "PhaseEncodingSteps": 100,
    "PhaseResolution": 1,
    "PixelBandwidth": 1786,
    "ProcedureStepDescription": "Research_KIRWAN",
    "ProtocolName": "run6",
    "PulseSequenceDetails": "%CustomerSeq%_cmrr_mbep2d_bold",
    "ReceiveCoilName": "32Ch_Head",
    "ReconMatrixPE": 100,
    "RepetitionTime": 0.875,
    "SAR": 0.124324,
    "ScanOptions": "FS",
    "ScanningSequence": "EP",
    "SequenceName": "epfid2d1_100",
    "SequenceVariant": "SK_SS",
    "SeriesDescription": "run6",
    "SeriesNumber": 8,
    "ShimSetting": [
      -2713,
      -23056,
      2460,
      1055,
      -3,
      -6,
      -271,
      44
    ],
    "SliceThickness": 1.8,
    "SliceTiming": [
      0,
      0.49,
      0.0975,
      0.5875,
      0.1975,
      0.685,
      0.295,
      0.7825,
      0.3925,
      0,
      0.49,
      0.0975,
      0.5875,
      0.1975,
      0.685,
      0.295,
      0.7825,
      0.3925,
      0,
      0.49,
      0.0975,
      0.5875,
      0.1975,
      0.685,
      0.295,
      0.7825,
      0.3925,
      0,
      0.49,
      0.0975,
      0.5875,
      0.1975,
      0.685,
      0.295,
      0.7825,
      0.3925,
      0,
      0.49,
      0.0975,
      0.5875,
      0.1975,
      0.685,
      0.295,
      0.7825,
      0.3925,
      0,
      0.49,
      0.0975,
      0.5875,
      0.1975,
      0.685,
      0.295,
      0.7825,
      0.3925,
      0,
      0.49,
      0.0975,
      0.5875,
      0.1975,
      0.685,
      0.295,
      0.7825,
      0.3925,
      0,
      0.49,
      0.0975,
      0.5875,
      0.1975,
      0.685,
      0.295,
      0.7825,
      0.3925
    ],
    "SoftwareVersions": "syngo_MR_B17",
    "SpacingBetweenSlices": 1.8,
    "StationName": "MININT-E41B04",
    "TaskName": "MST",
    "TotalReadoutTime": 0.0712794,
    "TxRefAmp": 324.256,
    "dataset": "ds002168",
    "modality": "bold",
    "run_id": 6,
    "subject_id": "1548",
    "task_id": "mst"
  },
  "dummy_trs": 2,
  "dvars_nstd": 77.0225034465647,
  "dvars_std": 1.0770494438823528,
  "dvars_vstd": 1.0083812331058823,
  "efc": 0.61840447637775,
  "fber": 143.54559326171875,
  "fd_mean": 0.09639303401319776,
  "fd_num": 0,
  "fd_perc": 0.0,
  "fwhm_avg": 3.3517963133182085,
  "fwhm_x": 3.158761194789706,
  "fwhm_y": 3.6455389854626916,
  "fwhm_z": 3.2510887597022284,
  "gcor": 0.00377072,
  "gsr_x": -0.02801571972668171,
  "gsr_y": 0.11585869640111923,
  "provenance": {
    "md5sum": "9b4a2d9261118ef9fb00971a98b97c4a",
    "settings": {
      "fd_thres": 0.2,
      "testing": false
    },
    "software": "mriqc",
    "version": "23.0.1",
    "webapi_port": null,
    "webapi_url": "https://mriqc.nimh.nih.gov/api/v1"
  },
  "size_t": 426,
  "size_x": 100,
  "size_y": 100,
  "size_z": 72,
  "snr": 1.7091291081919286,
  "spacing_tr": 0.875,
  "spacing_x": 1.7999999523162842,
  "spacing_y": 1.7999999523162842,
  "spacing_z": 1.8000000715255737,
  "summary_bg_k": 46.89145509709138,
  "summary_bg_mad": 17.50236142217431,
  "summary_bg_mean": 48.21737289428711,
  "summary_bg_median": 26.54929542541504,
  "summary_bg_n": 384010.0,
  "summary_bg_p05": 12.53286361694336,
  "summary_bg_p95": 152.40270538330074,
  "summary_bg_stdv": 65.5245361328125,
  "summary_fg_k": 6.690241277210422,
  "summary_fg_mad": 124.2253522492852,
  "summary_fg_mean": 382.9140930175781,
  "summary_fg_median": 333.56573486328125,
  "summary_fg_n": 223157.0,
  "summary_fg_p05": 178.24976806640626,
  "summary_fg_p95": 770.1427612304672,
  "summary_fg_stdv": 195.16664123535156,
  "tsnr": 20.857205272186548
}