{
  "aor": 0.0002523004694835681,
  "aqi": 0.01360349178403756,
  "bids_meta": {
    "AcquisitionMatrixPE": 100,
    "AcquisitionNumber": 1,
    "AcquisitionTime": "16:12:55.570000",
    "BandwidthPerPixelPhaseEncode": 13.889,
    "BaseResolution": 100,
    "ConversionSoftware": "dcm2niix",
    "ConversionSoftwareVersion": "v1.0.20180404 Clang8.0.0",
    "DerivedVendorReportedEchoSpacing": 0.000719994,
    "DeviceSerialNumber": "35002",
    "DwellTime": 2.8e-06,
    "EchoTime": 0.0436,
    "EffectiveEchoSpacing": 0.000719994,
    "FlipAngle": 55,
    "ImageComments": "Unaliased_MB8_PE3_(remote)",
    "ImageOrientationPatientDICOM": [
      0.999999,
      0.00074261,
      -0.00133419,
      -2.61088e-08,
      0.873778,
      0.486324
    ],
    "ImageType": [
      "ORIGINAL",
      "PRIMARY",
      "M",
      "MB",
      "ND",
      "MOSAIC"
    ],
    "InPlanePhaseEncodingDirectionDICOM": "COL",
    "InstitutionAddress": "University_Pkwy_1700_North_685_Provo_UT_US_84601",
    "InstitutionName": "Brigham_Young_University",
    "InstitutionalDepartmentName": "MRI",
    "MRAcquisitionType": "2D",
    "MagneticFieldStrength": 3,
    "Manufacturer": "Siemens",
    "ManufacturersModelName": "TrioTim",
    "Modality": "MR",
    "MultibandAccelerationFactor": 8,
    "PartialFourier": 1,
    "PatientPosition": "HFS",
    "PercentPhaseFOV": 100,
    "PhaseEncodingDirection": "j-",
    "PhaseEncodingSteps": 100,
    "PhaseResolution": 1,
    "PixelBandwidth": 1786,
    "ProcedureStepDescription": "Research_KIRWAN",
    "ProtocolName": "run2",
    "PulseSequenceDetails": "%CustomerSeq%_cmrr_mbep2d_bold",
    "ReceiveCoilName": "32Ch_Head",
    "ReconMatrixPE": 100,
    "RepetitionTime": 0.875,
    "SAR": 0.0972703,
    "ScanOptions": "FS",
    "ScanningSequence": "EP",
    "SequenceName": "epfid2d1_100",
    "SequenceVariant": "SK_SS",
    "SeriesDescription": "run2",
    "SeriesNumber": 4,
    "ShimSetting": [
      -2787,
      -22926,
      2256,
      673,
      70,
      305,
      -332,
      460
    ],
    "SliceThickness": 1.8,
    "SliceTiming": [
      0,
      0.4875,
      0.0975,
      0.585,
      0.195,
      0.6825,
      0.2925,
      0.78,
      0.39,
      0,
      0.4875,
      0.0975,
      0.585,
      0.195,
      0.6825,
      0.2925,
      0.78,
      0.39,
      0,
      0.4875,
      0.0975,
      0.585,
      0.195,
      0.6825,
      0.2925,
      0.78,
      0.39,
      0,
      0.4875,
      0.0975,
      0.585,
      0.195,
      0.6825,
      0.2925,
      0.78,
      0.39,
      0,
      0.4875,
      0.0975,
      0.585,
      0.195,
      0.6825,
      0.2925,
      0.78,
      0.39,
      0,
      0.4875,
      0.0975,
      0.585,
      0.195,
      0.6825,
      0.2925,
      0.78,
      0.39,
      0,
      0.4875,
      0.0975,
      0.585,
      0.195,
      0.6825,
      0.2925,
      0.78,
      0.39,
      0,
      0.4875,
      0.0975,
      0.585,
      0.195,
      0.6825,
      0.2925,
      0.78,
      0.39
    ],
    "SoftwareVersions": "syngo_MR_B17",
    "SpacingBetweenSlices": 1.8,
    "StationName": "MININT-E41B04",
    "TaskName": "MST",
    "TotalReadoutTime": 0.0712794,
    "TxRefAmp": 336.315,
    "dataset": "ds002168",
    "modality": "bold",
    "run_id": 2,
    "subject_id": "2555",
    "task_id": "mst"
  },
  "dummy_trs": 2,
  "dvars_nstd": 67.00516452576467,
  "dvars_std": 1.0618263907294112,
  "dvars_vstd": 1.0047226624941172,
  "efc": 0.5414194311470485,
  "fber": 402.772216796875,
  "fd_mean": 0.11885468621511884,
  "fd_num": 26,
  "fd_perc": 6.103286384976526,
  "fwhm_avg": 3.4562667582264677,
  "fwhm_x": 3.3049834208854945,
  "fwhm_y": 3.797272322815586,
  "fwhm_z": 3.2665445309783228,
  "gcor": 0.00941846,
  "gsr_x": -0.024767061695456505,
  "gsr_y": 0.10832404345273972,
  "provenance": {
    "md5sum": "369e8225af45561fdc602c7bd9cf9fcd",
    "settings": {
      "fd_thres": 0.2,
      "testing": false
    },
    "software": "mriqc",
    "version": "23.0.1",
    "webapi_port": null,
    "webapi_url": "https://mriqc.nimh.nih.gov/api/v1"
  },
  "size_t": 426,
  "size_x": 100,
  "size_y": 100,
  "size_z": 72,
  "snr": 1.9029093201613996,
  "spacing_tr": 0.875,
  "spacing_x": 1.7999999523162842,
  "spacing_y": 1.7999999523162842,
  "spacing_z": 1.7999999523162842,
  "summary_bg_k": 28.59489984656211,
  "summary_bg_mad": 11.161279583707787,
  "summary_bg_mean": 38.97187805175781,
  "summary_bg_median": 19.51643180847168,
  "summary_bg_n": 459428.0,
  "summary_bg_p05": 11.363849639892578,
  "summary_bg_p95": 134.67993316650382,
  "summary_bg_stdv": 55.93128967285156,
  "summary_fg_k": 6.36064625426903,
  "summary_fg_mad": 133.11225581523024,
  "summary_fg_mean": 455.3482666015625,
  "summary_fg_median": 396.2711181640625,
  "summary_fg_n": 165272.0,
  "summary_fg_p05": 244.4579833984375,
  "summary_fg_p95": 873.0515350341792,
  "summary_fg_stdv": 208.24424743652344,
  "tsnr": 22.72338635288179
}