{
  "bids_meta": {
    "AcquisitionMatrixPE": 512,
    "AcquisitionNumber": 1,
    "AcquisitionTime": "15:22:28.690000",
    "BaseResolution": 512,
    "ConversionSoftware": "dcm2niix",
    "ConversionSoftwareVersion": "v1.0.20180404 Clang8.0.0",
    "DeviceSerialNumber": "35002",
    "DwellTime": 5e-06,
    "EchoTime": 0.064,
    "EchoTrainLength": 15,
    "FlipAngle": 129,
    "ImageOrientationPatientDICOM": [
      0.999962,
      0.00867958,
      8.63811e-11,
      -0.00468363,
      0.539595,
      -0.841912
    ],
    "ImageType": [
      "ORIGINAL",
      "PRIMARY",
      "M",
      "ND"
    ],
    "InPlanePhaseEncodingDirectionDICOM": "ROW",
    "InstitutionAddress": "University_Pkwy_1700_North_685_Provo_UT_US_84601",
    "InstitutionName": "Brigham_Young_University",
    "InstitutionalDepartmentName": "MRI",
    "MRAcquisitionType": "2D",
    "MagneticFieldStrength": 3,
    "Manufacturer": "Siemens",
    "ManufacturersModelName": "TrioTim",
    "Modality": "MR",
    "PartialFourier": 1,
    "PatientPosition": "HFS",
    "PercentPhaseFOV": 100,
    "PhaseEncodingDirection": "i",
    "PhaseEncodingSteps": 720,
    "PhaseOversampling": 0.4,
    "PhaseResolution": 1,
    "PixelBandwidth": 195,
    "ProcedureStepDescription": "Research_KIRWAN",
    "ProtocolName": "HHR_struct_MODIFIED",
    "PulseSequenceDetails": "%SiemensSeq%_tse",
    "ReceiveCoilName": "32Ch_Head",
    "ReconMatrixPE": 512,
    "RepetitionTime": 6,
    "SAR": 0.87973,
    "ScanningSequence": "SE",
    "SequenceName": "_tse2d1_15",
    "SequenceVariant": "SK_SP_OSP",
    "SeriesDescription": "HHR_struct_MODIFIED",
    "SeriesNumber": 16,
    "ShimSetting": [
      -2674,
      -23148,
      2591,
      1005,
      -147,
      -433,
      0,
      -9
    ],
    "SliceThickness": 2,
    "SoftwareVersions": "syngo_MR_B17",
    "SpacingBetweenSlices": 2,
    "StationName": "MININT-E41B04",
    "TxRefAmp": 359.097,
    "dataset": "ds002168",
    "modality": "T2w",
    "subject_id": "1443"
  },
  "cjv": 1.3599033296719059,
  "cnr": 0.9308541326052782,
  "efc": 0.6743679431491298,
  "fber": 3880.0536099294914,
  "fwhm_avg": 5.548737774689819,
  "fwhm_x": 6.0063488,
  "fwhm_y": 3.795064524069457,
  "fwhm_z": 6.8448,
  "icvs_csf": 0.4244252863194338,
  "icvs_gm": 0.46907434857046815,
  "icvs_wm": 0.10650036511009803,
  "inu_med": 1.0108819007873535,
  "inu_range": 1.5760340869426726,
  "provenance": {
    "md5sum": "5caaccbad1eb131294748764a855ef94",
    "settings": {
      "testing": false
    },
    "software": "mriqc",
    "version": "23.0.1",
    "warnings": {
      "large_rot_frame": false,
      "small_air_mask": false
    },
    "webapi_port": null,
    "webapi_url": "https://mriqc.nimh.nih.gov/api/v1"
  },
  "qi_1": 0.0,
  "qi_2": 0.0009739769886719945,
  "rpve_csf": 4.495957620062205,
  "rpve_gm": 4.401828561088168,
  "rpve_wm": 18.84757347066348,
  "size_x": 512,
  "size_y": 35,
  "size_z": 512,
  "snr_csf": 10.93807543198813,
  "snr_gm": 8.61530922653945,
  "snr_total": 7.1680719728221645,
  "snr_wm": 1.9508312599389113,
  "snrd_csf": 66.15392727763563,
  "snrd_gm": 44.717911238077725,
  "snrd_total": 65.65981248296161,
  "snrd_wm": 86.10759893317147,
  "spacing_x": 0.390625,
  "spacing_y": 1.999997615814209,
  "spacing_z": 0.390625,
  "summary_bg_k": 147.6639643030296,
  "summary_bg_mad": 5.8587740181310375,
  "summary_bg_mean": 7.492466285793587,
  "summary_bg_median": 3.951683023944497,
  "summary_bg_n": 2078670.0,
  "summary_bg_p05": 0.0,
  "summary_bg_p95": 27.94204237498343,
  "summary_bg_stdv": 12.283275327605866,
  "summary_csf_k": 0.457453841448916,
  "summary_csf_mad": 51.52397008852827,
  "summary_csf_mean": 595.9657282841795,
  "summary_csf_median": 591.6033826414496,
  "summary_csf_n": 915450.0,
  "summary_csf_p05": 515.4283864777535,
  "summary_csf_p95": 691.684659793973,
  "summary_csf_stdv": 54.08657703983356,
  "summary_gm_k": -0.011117576414754637,
  "summary_gm_mad": 47.16105326651579,
  "summary_gm_mean": 399.7003727409155,
  "summary_gm_median": 399.90471679903567,
  "summary_gm_n": 1093677.0,
  "summary_gm_p05": 323.7016945146024,
  "summary_gm_p95": 475.0707726161927,
  "summary_gm_stdv": 46.417896729847065,
  "summary_wm_k": -1.5704058854951748,
  "summary_wm_mad": 456.19489322738053,
  "summary_wm_mean": 591.1507876574806,
  "summary_wm_median": 770.0456933751702,
  "summary_wm_n": 258814.0,
  "summary_wm_p05": 33.57529264315963,
  "summary_wm_p95": 1121.241012332961,
  "summary_wm_stdv": 394.72619777212464,
  "tpm_overlap_csf": 0.10441088519283813,
  "tpm_overlap_gm": 0.2944740628616091,
  "tpm_overlap_wm": 0.039528212623951405,
  "wm2max": 0.6003583446226456
}