{
  "aor": 0.0007196495327102803,
  "aqi": 0.015626793925233647,
  "bids_meta": {
    "AcquisitionMatrixPE": 100,
    "AcquisitionNumber": 1,
    "AcquisitionTime": "09:36:21.982500",
    "BandwidthPerPixelPhaseEncode": 13.889,
    "BaseResolution": 100,
    "ConversionSoftware": "dcm2niix",
    "ConversionSoftwareVersion": "v1.0.20180404 Clang8.0.0",
    "DerivedVendorReportedEchoSpacing": 0.000719994,
    "DeviceSerialNumber": "35002",
    "DwellTime": 2.8e-06,
    "EchoTime": 0.0436,
    "EffectiveEchoSpacing": 0.000719994,
    "FlipAngle": 55,
    "ImageComments": "Unaliased_MB8_PE3_(remote)",
    "ImageOrientationPatientDICOM": [
      1,
      0,
      0,
      0,
      0.883766,
      0.46793
    ],
    "ImageType": [
      "ORIGINAL",
      "PRIMARY",
      "M",
      "ND",
      "MOSAIC"
    ],
    "InPlanePhaseEncodingDirectionDICOM": "COL",
    "InstitutionAddress": "University_Pkwy_1700_North_685_Provo_UT_US_84601",
    "InstitutionName": "Brigham_Young_University",
    "InstitutionalDepartmentName": "MRI",
    "MRAcquisitionType": "2D",
    "MagneticFieldStrength": 3,
    "Manufacturer": "Siemens",
    "ManufacturersModelName": "TrioTim",
    "Modality": "MR",
    "MultibandAccelerationFactor": 8,
    "PartialFourier": 1,
    "PatientPosition": "HFS",
    "PercentPhaseFOV": 100,
    "PhaseEncodingDirection": "j-",
    "PhaseEncodingSteps": 100,
    "PhaseResolution": 1,
    "PixelBandwidth": 1786,
    "ProcedureStepDescription": "Research_KIRWAN",
    "ProtocolName": "run5",
    "PulseSequenceDetails": "%CustomerSeq%_cmrr_mbep2d_bold",
    "ReceiveCoilName": "32Ch_Head",
    "ReconMatrixPE": 100,
    "RepetitionTime": 0.875,
    "SAR": 0.119788,
    "ScanOptions": "FS",
    "ScanningSequence": "EP",
    "SequenceName": "epfid2d1_100",
    "SequenceVariant": "SK",
    "SeriesDescription": "run5",
    "SeriesNumber": 7,
    "ShimSetting": [
      -2637,
      -23162,
      2508,
      1178,
      -119,
      -106,
      -489,
      5
    ],
    "SliceThickness": 1.8,
    "SliceTiming": [
      0,
      0.4875,
      0.0975,
      0.585,
      0.195,
      0.6825,
      0.2925,
      0.78,
      0.39,
      0,
      0.4875,
      0.0975,
      0.585,
      0.195,
      0.6825,
      0.2925,
      0.78,
      0.39,
      0,
      0.4875,
      0.0975,
      0.585,
      0.195,
      0.6825,
      0.2925,
      0.78,
      0.39,
      0,
      0.4875,
      0.0975,
      0.585,
      0.195,
      0.6825,
      0.2925,
      0.78,
      0.39,
      0,
      0.4875,
      0.0975,
      0.585,
      0.195,
      0.6825,
      0.2925,
      0.78,
      0.39,
      0,
      0.4875,
      0.0975,
      0.585,
      0.195,
      0.6825,
      0.2925,
      0.78,
      0.39,
      0,
      0.4875,
      0.0975,
      0.585,
      0.195,
      0.6825,
      0.2925,
      0.78,
      0.39,
      0,
      0.4875,
      0.0975,
      0.585,
      0.195,
      0.6825,
      0.2925,
      0.78,
      0.39
    ],
    "SoftwareVersions": "syngo_MR_B17",
    "SpacingBetweenSlices": 1.8,
    "StationName": "MININT-E41B04",
    "TaskName": "MST",
    "TotalReadoutTime": 0.0712794,
    "TxRefAmp": 331.76,
    "dataset": "ds002168",
    "modality": "bold",
    "run_id": 5,
    "subject_id": "1428",
    "task_id": "mst"
  },
  "dummy_trs": 0,
  "dvars_nstd": 75.48561162316156,
  "dvars_std": 1.0635561448477757,
  "dvars_vstd": 1.0103565892740047,
  "efc": 0.5881516672848499,
  "fber": 201.94357299804688,
  "fd_mean": 0.09793862318272564,
  "fd_num": 12,
  "fd_perc": 2.803738317757009,
  "fwhm_avg": 3.4119259442224705,
  "fwhm_x": 3.216627862989316,
  "fwhm_y": 3.753644543882067,
  "fwhm_z": 3.2655054257960283,
  "gcor": 0.0077193,
  "gsr_x": -0.02998969703912735,
  "gsr_y": 0.10382307320833206,
  "provenance": {
    "md5sum": "70c20c8a6721b7da709e3aae88aa3699",
    "settings": {
      "fd_thres": 0.2,
      "testing": false
    },
    "software": "mriqc",
    "version": "23.0.1",
    "webapi_port": null,
    "webapi_url": "https://mriqc.nimh.nih.gov/api/v1"
  },
  "size_t": 428,
  "size_x": 100,
  "size_y": 100,
  "size_z": 72,
  "snr": 1.6333619008262732,
  "spacing_tr": 0.875,
  "spacing_x": 1.7999999523162842,
  "spacing_y": 1.7999999523162842,
  "spacing_z": 1.8000000715255737,
  "summary_bg_k": 46.783321996161796,
  "summary_bg_mad": 14.472692146230756,
  "summary_bg_mean": 40.69337844848633,
  "summary_bg_median": 23.483644485473633,
  "summary_bg_n": 397312.0,
  "summary_bg_p05": 11.899532318115234,
  "summary_bg_p95": 121.03142318725575,
  "summary_bg_stdv": 57.116641998291016,
  "summary_fg_k": 5.8568031087388075,
  "summary_fg_mad": 126.11127222217797,
  "summary_fg_mean": 401.24951171875,
  "summary_fg_median": 343.69158935546875,
  "summary_fg_n": 214163.0,
  "summary_fg_p05": 188.7083999633789,
  "summary_fg_p95": 836.7380493164062,
  "summary_fg_stdv": 210.41925048828125,
  "tsnr": 19.78699387225788
}