{
  "aor": 0.0003810352941176471,
  "aqi": 0.016317212,
  "bids_meta": {
    "AcquisitionMatrixPE": 100,
    "AcquisitionNumber": 1,
    "AcquisitionTime": "09:16:7.617500",
    "BandwidthPerPixelPhaseEncode": 13.889,
    "BaseResolution": 100,
    "ConversionSoftware": "dcm2niix",
    "ConversionSoftwareVersion": "v1.0.20180404 Clang8.0.0",
    "DerivedVendorReportedEchoSpacing": 0.000719994,
    "DeviceSerialNumber": "35002",
    "DwellTime": 2.8e-06,
    "EchoTime": 0.0436,
    "EffectiveEchoSpacing": 0.000719994,
    "FlipAngle": 55,
    "ImageComments": "Unaliased_MB8_PE3_(remote)",
    "ImageOrientationPatientDICOM": [
      1,
      0,
      0,
      0,
      0.883766,
      0.46793
    ],
    "ImageType": [
      "ORIGINAL",
      "PRIMARY",
      "M",
      "ND",
      "MOSAIC"
    ],
    "InPlanePhaseEncodingDirectionDICOM": "COL",
    "InstitutionAddress": "University_Pkwy_1700_North_685_Provo_UT_US_84601",
    "InstitutionName": "Brigham_Young_University",
    "InstitutionalDepartmentName": "MRI",
    "MRAcquisitionType": "2D",
    "MagneticFieldStrength": 3,
    "Manufacturer": "Siemens",
    "ManufacturersModelName": "TrioTim",
    "Modality": "MR",
    "MultibandAccelerationFactor": 8,
    "PartialFourier": 1,
    "PatientPosition": "HFS",
    "PercentPhaseFOV": 100,
    "PhaseEncodingDirection": "j-",
    "PhaseEncodingSteps": 100,
    "PhaseResolution": 1,
    "PixelBandwidth": 1786,
    "ProcedureStepDescription": "Research_KIRWAN",
    "ProtocolName": "run2",
    "PulseSequenceDetails": "%CustomerSeq%_cmrr_mbep2d_bold",
    "ReceiveCoilName": "32Ch_Head",
    "ReconMatrixPE": 100,
    "RepetitionTime": 0.875,
    "SAR": 0.1158,
    "ScanOptions": "FS",
    "ScanningSequence": "EP",
    "SequenceName": "epfid2d1_100",
    "SequenceVariant": "SK",
    "SeriesDescription": "run2",
    "SeriesNumber": 4,
    "ShimSetting": [
      -2637,
      -23162,
      2508,
      1178,
      -119,
      -106,
      -489,
      5
    ],
    "SliceThickness": 1.8,
    "SliceTiming": [
      0,
      0.4875,
      0.0975,
      0.585,
      0.195,
      0.6825,
      0.2925,
      0.78,
      0.39,
      0,
      0.4875,
      0.0975,
      0.585,
      0.195,
      0.6825,
      0.2925,
      0.78,
      0.39,
      0,
      0.4875,
      0.0975,
      0.585,
      0.195,
      0.6825,
      0.2925,
      0.78,
      0.39,
      0,
      0.4875,
      0.0975,
      0.585,
      0.195,
      0.6825,
      0.2925,
      0.78,
      0.39,
      0,
      0.4875,
      0.0975,
      0.585,
      0.195,
      0.6825,
      0.2925,
      0.78,
      0.39,
      0,
      0.4875,
      0.0975,
      0.585,
      0.195,
      0.6825,
      0.2925,
      0.78,
      0.39,
      0,
      0.4875,
      0.0975,
      0.585,
      0.195,
      0.6825,
      0.2925,
      0.78,
      0.39,
      0,
      0.4875,
      0.0975,
      0.585,
      0.195,
      0.6825,
      0.2925,
      0.78,
      0.39
    ],
    "SoftwareVersions": "syngo_MR_B17",
    "SpacingBetweenSlices": 1.8,
    "StationName": "MININT-E41B04",
    "TaskName": "MST",
    "TotalReadoutTime": 0.0712794,
    "TxRefAmp": 331.76,
    "dataset": "ds002168",
    "modality": "bold",
    "run_id": 2,
    "subject_id": "1428",
    "task_id": "mst"
  },
  "dummy_trs": 3,
  "dvars_nstd": 74.34175446346698,
  "dvars_std": 1.0521531000471709,
  "dvars_vstd": 1.0000551993160376,
  "efc": 0.5882225365395345,
  "fber": 205.77883911132812,
  "fd_mean": 0.09407552395661563,
  "fd_num": 4,
  "fd_perc": 0.9411764705882353,
  "fwhm_avg": 3.4437389074200007,
  "fwhm_x": 3.2530889750663166,
  "fwhm_y": 3.7850723224923963,
  "fwhm_z": 3.29305542470129,
  "gcor": 0.0041425,
  "gsr_x": -0.0322248712182045,
  "gsr_y": 0.10615237057209015,
  "provenance": {
    "md5sum": "4058868c2946aa26fc9e7cd30cfa5c48",
    "settings": {
      "fd_thres": 0.2,
      "testing": false
    },
    "software": "mriqc",
    "version": "23.0.1",
    "webapi_port": null,
    "webapi_url": "https://mriqc.nimh.nih.gov/api/v1"
  },
  "size_t": 425,
  "size_x": 100,
  "size_y": 100,
  "size_z": 72,
  "snr": 1.6357087189650112,
  "spacing_tr": 0.875,
  "spacing_x": 1.7999999523162842,
  "spacing_y": 1.7999999523162842,
  "spacing_z": 1.8000000715255737,
  "summary_bg_k": 48.938555227654106,
  "summary_bg_mad": 14.449266325349676,
  "summary_bg_mean": 40.54364776611328,
  "summary_bg_median": 23.336469650268555,
  "summary_bg_n": 397270.0,
  "summary_bg_p05": 11.844705581665039,
  "summary_bg_p95": 120.68470001220703,
  "summary_bg_stdv": 56.9893798828125,
  "summary_fg_k": 5.896459442377349,
  "summary_fg_mad": 125.61825540473576,
  "summary_fg_mean": 402.20733642578125,
  "summary_fg_median": 344.36468505859375,
  "summary_fg_n": 214592.0,
  "summary_fg_p05": 190.21328887939453,
  "summary_fg_p95": 837.6382080078123,
  "summary_fg_stdv": 210.5288543701172,
  "tsnr": 19.594486388377845
}