{
  "aor": 0.0004769392523364486,
  "aqi": 0.01725981051401869,
  "bids_meta": {
    "AcquisitionMatrixPE": 100,
    "AcquisitionNumber": 1,
    "AcquisitionTime": "14:20:4.105000",
    "BandwidthPerPixelPhaseEncode": 13.889,
    "BaseResolution": 100,
    "ConversionSoftware": "dcm2niix",
    "ConversionSoftwareVersion": "v1.0.20180404 Clang8.0.0",
    "DerivedVendorReportedEchoSpacing": 0.000719994,
    "DeviceSerialNumber": "35002",
    "DwellTime": 2.8e-06,
    "EchoTime": 0.0436,
    "EffectiveEchoSpacing": 0.000719994,
    "FlipAngle": 55,
    "ImageComments": "Unaliased_MB8_PE3_(remote)",
    "ImageOrientationPatientDICOM": [
      1,
      0.000245147,
      -0.000520972,
      8.60364e-10,
      0.904829,
      0.425775
    ],
    "ImageType": [
      "ORIGINAL",
      "PRIMARY",
      "M",
      "MB",
      "ND",
      "MOSAIC"
    ],
    "InPlanePhaseEncodingDirectionDICOM": "COL",
    "InstitutionAddress": "University_Pkwy_1700_North_685_Provo_UT_US_84601",
    "InstitutionName": "Brigham_Young_University",
    "InstitutionalDepartmentName": "MRI",
    "MRAcquisitionType": "2D",
    "MagneticFieldStrength": 3,
    "Manufacturer": "Siemens",
    "ManufacturersModelName": "TrioTim",
    "Modality": "MR",
    "MultibandAccelerationFactor": 8,
    "PartialFourier": 1,
    "PatientPosition": "HFS",
    "PercentPhaseFOV": 100,
    "PhaseEncodingDirection": "j-",
    "PhaseEncodingSteps": 100,
    "PhaseResolution": 1,
    "PixelBandwidth": 1786,
    "ProcedureStepDescription": "Research_KIRWAN",
    "ProtocolName": "run1",
    "PulseSequenceDetails": "%CustomerSeq%_cmrr_mbep2d_bold",
    "ReceiveCoilName": "32Ch_Head",
    "ReconMatrixPE": 100,
    "RepetitionTime": 0.875,
    "SAR": 0.121115,
    "ScanOptions": "FS",
    "ScanningSequence": "EP",
    "SequenceName": "epfid2d1_100",
    "SequenceVariant": "SK_SS",
    "SeriesDescription": "run1",
    "SeriesNumber": 3,
    "ShimSetting": [
      -2830,
      -22928,
      2335,
      567,
      40,
      512,
      -420,
      496
    ],
    "SliceThickness": 1.8,
    "SliceTiming": [
      0,
      0.4875,
      0.0975,
      0.585,
      0.195,
      0.6825,
      0.2925,
      0.78,
      0.39,
      0,
      0.4875,
      0.0975,
      0.585,
      0.195,
      0.6825,
      0.2925,
      0.78,
      0.39,
      0,
      0.4875,
      0.0975,
      0.585,
      0.195,
      0.6825,
      0.2925,
      0.78,
      0.39,
      0,
      0.4875,
      0.0975,
      0.585,
      0.195,
      0.6825,
      0.2925,
      0.78,
      0.39,
      0,
      0.4875,
      0.0975,
      0.585,
      0.195,
      0.6825,
      0.2925,
      0.78,
      0.39,
      0,
      0.4875,
      0.0975,
      0.585,
      0.195,
      0.6825,
      0.2925,
      0.78,
      0.39,
      0,
      0.4875,
      0.0975,
      0.585,
      0.195,
      0.6825,
      0.2925,
      0.78,
      0.39,
      0,
      0.4875,
      0.0975,
      0.585,
      0.195,
      0.6825,
      0.2925,
      0.78,
      0.39
    ],
    "SoftwareVersions": "syngo_MR_B17",
    "SpacingBetweenSlices": 1.8,
    "StationName": "MININT-E41B04",
    "TaskName": "MST",
    "TotalReadoutTime": 0.0712794,
    "TxRefAmp": 319.068,
    "dataset": "ds002168",
    "modality": "bold",
    "run_id": 1,
    "subject_id": "1593",
    "task_id": "mst"
  },
  "dummy_trs": 0,
  "dvars_nstd": 78.3523599593209,
  "dvars_std": 1.073357687306791,
  "dvars_vstd": 1.0004420572131147,
  "efc": 0.6128643438593757,
  "fber": 189.27029418945312,
  "fd_mean": 0.113610019943293,
  "fd_num": 15,
  "fd_perc": 3.5046728971962615,
  "fwhm_avg": 3.4873852775693455,
  "fwhm_x": 3.251638975027905,
  "fwhm_y": 3.84235565734322,
  "fwhm_z": 3.3681612003369117,
  "gcor": 0.00380648,
  "gsr_x": -0.012721109203994274,
  "gsr_y": 0.08173791319131851,
  "provenance": {
    "md5sum": "bb3f73ad7a5b1c31afcefb75055973ec",
    "settings": {
      "fd_thres": 0.2,
      "testing": false
    },
    "software": "mriqc",
    "version": "23.0.1",
    "webapi_port": null,
    "webapi_url": "https://mriqc.nimh.nih.gov/api/v1"
  },
  "size_t": 428,
  "size_x": 100,
  "size_y": 100,
  "size_z": 72,
  "snr": 1.9230767991818474,
  "spacing_tr": 0.875,
  "spacing_x": 1.7999999523162842,
  "spacing_y": 1.7999999523162842,
  "spacing_z": 1.7999999523162842,
  "summary_bg_k": 82.16978620053091,
  "summary_bg_mad": 16.523394557736754,
  "summary_bg_mean": 43.41926574707031,
  "summary_bg_median": 25.74532699584961,
  "summary_bg_n": 389873.0,
  "summary_bg_p05": 12.23270988464356,
  "summary_bg_p95": 128.65420532226562,
  "summary_bg_stdv": 57.474853515625,
  "summary_fg_k": 4.654814575906364,
  "summary_fg_mad": 123.26209968791815,
  "summary_fg_mean": 417.2528991699219,
  "summary_fg_median": 366.233642578125,
  "summary_fg_n": 218470.0,
  "summary_fg_p05": 218.76015548706056,
  "summary_fg_p95": 808.0777893066405,
  "summary_fg_stdv": 190.44107055664062,
  "tsnr": 20.108823557384312
}