{
  "aor": 0.00039000000000000005,
  "aqi": 0.01744103831775701,
  "bids_meta": {
    "AcquisitionMatrixPE": 100,
    "AcquisitionNumber": 1,
    "AcquisitionTime": "14:39:59.732500",
    "BandwidthPerPixelPhaseEncode": 13.889,
    "BaseResolution": 100,
    "ConversionSoftware": "dcm2niix",
    "ConversionSoftwareVersion": "v1.0.20180404 Clang8.0.0",
    "DerivedVendorReportedEchoSpacing": 0.000719994,
    "DeviceSerialNumber": "35002",
    "DwellTime": 2.8e-06,
    "EchoTime": 0.0436,
    "EffectiveEchoSpacing": 0.000719994,
    "FlipAngle": 55,
    "ImageComments": "Unaliased_MB8_PE3_(remote)",
    "ImageOrientationPatientDICOM": [
      1,
      0.000245147,
      -0.000520972,
      8.60364e-10,
      0.904829,
      0.425775
    ],
    "ImageType": [
      "ORIGINAL",
      "PRIMARY",
      "M",
      "MB",
      "ND",
      "MOSAIC"
    ],
    "InPlanePhaseEncodingDirectionDICOM": "COL",
    "InstitutionAddress": "University_Pkwy_1700_North_685_Provo_UT_US_84601",
    "InstitutionName": "Brigham_Young_University",
    "InstitutionalDepartmentName": "MRI",
    "MRAcquisitionType": "2D",
    "MagneticFieldStrength": 3,
    "Manufacturer": "Siemens",
    "ManufacturersModelName": "TrioTim",
    "Modality": "MR",
    "MultibandAccelerationFactor": 8,
    "PartialFourier": 1,
    "PatientPosition": "HFS",
    "PercentPhaseFOV": 100,
    "PhaseEncodingDirection": "j-",
    "PhaseEncodingSteps": 100,
    "PhaseResolution": 1,
    "PixelBandwidth": 1786,
    "ProcedureStepDescription": "Research_KIRWAN",
    "ProtocolName": "run4",
    "PulseSequenceDetails": "%CustomerSeq%_cmrr_mbep2d_bold",
    "ReceiveCoilName": "32Ch_Head",
    "ReconMatrixPE": 100,
    "RepetitionTime": 0.875,
    "SAR": 0.122967,
    "ScanOptions": "FS",
    "ScanningSequence": "EP",
    "SequenceName": "epfid2d1_100",
    "SequenceVariant": "SK_SS",
    "SeriesDescription": "run4",
    "SeriesNumber": 6,
    "ShimSetting": [
      -2830,
      -22928,
      2335,
      567,
      40,
      512,
      -420,
      496
    ],
    "SliceThickness": 1.8,
    "SliceTiming": [
      0,
      0.49,
      0.0975,
      0.5875,
      0.195,
      0.685,
      0.2925,
      0.7825,
      0.3925,
      0,
      0.49,
      0.0975,
      0.5875,
      0.195,
      0.685,
      0.2925,
      0.7825,
      0.3925,
      0,
      0.49,
      0.0975,
      0.5875,
      0.195,
      0.685,
      0.2925,
      0.7825,
      0.3925,
      0,
      0.49,
      0.0975,
      0.5875,
      0.195,
      0.685,
      0.2925,
      0.7825,
      0.3925,
      0,
      0.49,
      0.0975,
      0.5875,
      0.195,
      0.685,
      0.2925,
      0.7825,
      0.3925,
      0,
      0.49,
      0.0975,
      0.5875,
      0.195,
      0.685,
      0.2925,
      0.7825,
      0.3925,
      0,
      0.49,
      0.0975,
      0.5875,
      0.195,
      0.685,
      0.2925,
      0.7825,
      0.3925,
      0,
      0.49,
      0.0975,
      0.5875,
      0.195,
      0.685,
      0.2925,
      0.7825,
      0.3925
    ],
    "SoftwareVersions": "syngo_MR_B17",
    "SpacingBetweenSlices": 1.8,
    "StationName": "MININT-E41B04",
    "TaskName": "MST",
    "TotalReadoutTime": 0.0712794,
    "TxRefAmp": 319.068,
    "dataset": "ds002168",
    "modality": "bold",
    "run_id": 4,
    "subject_id": "1593",
    "task_id": "mst"
  },
  "dummy_trs": 0,
  "dvars_nstd": 79.42646316030446,
  "dvars_std": 1.079635537142857,
  "dvars_vstd": 0.9951731118266982,
  "efc": 0.6130519063178905,
  "fber": 173.63507080078125,
  "fd_mean": 0.09561198969599952,
  "fd_num": 7,
  "fd_perc": 1.6355140186915889,
  "fwhm_avg": 3.4978667593284913,
  "fwhm_x": 3.2673056421095965,
  "fwhm_y": 3.8537667687566217,
  "fwhm_z": 3.372527867119256,
  "gcor": 0.00444037,
  "gsr_x": -0.014554634690284729,
  "gsr_y": 0.08326371759176254,
  "provenance": {
    "md5sum": "db39eecfc72e9403e531c09abe865306",
    "settings": {
      "fd_thres": 0.2,
      "testing": false
    },
    "software": "mriqc",
    "version": "23.0.1",
    "webapi_port": null,
    "webapi_url": "https://mriqc.nimh.nih.gov/api/v1"
  },
  "size_t": 428,
  "size_x": 100,
  "size_y": 100,
  "size_z": 72,
  "snr": 1.8941555270776016,
  "spacing_tr": 0.875,
  "spacing_x": 1.7999999523162842,
  "spacing_y": 1.7999999523162842,
  "spacing_z": 1.7999999523162842,
  "summary_bg_k": 89.46312778170144,
  "summary_bg_mad": 17.40325272380037,
  "summary_bg_mean": 44.872249603271484,
  "summary_bg_median": 26.721961975097656,
  "summary_bg_n": 391097.0,
  "summary_bg_p05": 12.455607414245605,
  "summary_bg_p95": 133.1168212890625,
  "summary_bg_stdv": 61.17784118652344,
  "summary_fg_k": 4.522154170747466,
  "summary_fg_mad": 124.2216195013901,
  "summary_fg_mean": 415.82806396484375,
  "summary_fg_median": 364.16119384765625,
  "summary_fg_n": 218326.0,
  "summary_fg_p05": 215.74940490722656,
  "summary_fg_p95": 811.4018402099609,
  "summary_fg_stdv": 192.25473022460938,
  "tsnr": 20.254361363127828
}