{
  "aor": 0.00036437939110070257,
  "aqi": 0.01695861850117096,
  "bids_meta": {
    "AcquisitionMatrixPE": 100,
    "AcquisitionNumber": 1,
    "AcquisitionTime": "14:33:22.717500",
    "BandwidthPerPixelPhaseEncode": 13.889,
    "BaseResolution": 100,
    "ConversionSoftware": "dcm2niix",
    "ConversionSoftwareVersion": "v1.0.20180404 Clang8.0.0",
    "DerivedVendorReportedEchoSpacing": 0.000719994,
    "DeviceSerialNumber": "35002",
    "DwellTime": 2.8e-06,
    "EchoTime": 0.0436,
    "EffectiveEchoSpacing": 0.000719994,
    "FlipAngle": 55,
    "ImageComments": "Unaliased_MB8_PE3_(remote)",
    "ImageOrientationPatientDICOM": [
      1,
      0.000245147,
      -0.000520972,
      8.60364e-10,
      0.904829,
      0.425775
    ],
    "ImageType": [
      "ORIGINAL",
      "PRIMARY",
      "M",
      "MB",
      "ND",
      "MOSAIC"
    ],
    "InPlanePhaseEncodingDirectionDICOM": "COL",
    "InstitutionAddress": "University_Pkwy_1700_North_685_Provo_UT_US_84601",
    "InstitutionName": "Brigham_Young_University",
    "InstitutionalDepartmentName": "MRI",
    "MRAcquisitionType": "2D",
    "MagneticFieldStrength": 3,
    "Manufacturer": "Siemens",
    "ManufacturersModelName": "TrioTim",
    "Modality": "MR",
    "MultibandAccelerationFactor": 8,
    "PartialFourier": 1,
    "PatientPosition": "HFS",
    "PercentPhaseFOV": 100,
    "PhaseEncodingDirection": "j-",
    "PhaseEncodingSteps": 100,
    "PhaseResolution": 1,
    "PixelBandwidth": 1786,
    "ProcedureStepDescription": "Research_KIRWAN",
    "ProtocolName": "run3",
    "PulseSequenceDetails": "%CustomerSeq%_cmrr_mbep2d_bold",
    "ReceiveCoilName": "32Ch_Head",
    "ReconMatrixPE": 100,
    "RepetitionTime": 0.875,
    "SAR": 0.120475,
    "ScanOptions": "FS",
    "ScanningSequence": "EP",
    "SequenceName": "epfid2d1_100",
    "SequenceVariant": "SK_SS",
    "SeriesDescription": "run3",
    "SeriesNumber": 5,
    "ShimSetting": [
      -2830,
      -22928,
      2335,
      567,
      40,
      512,
      -420,
      496
    ],
    "SliceThickness": 1.8,
    "SliceTiming": [
      0,
      0.4875,
      0.0975,
      0.585,
      0.195,
      0.6825,
      0.2925,
      0.78,
      0.39,
      0,
      0.4875,
      0.0975,
      0.585,
      0.195,
      0.6825,
      0.2925,
      0.78,
      0.39,
      0,
      0.4875,
      0.0975,
      0.585,
      0.195,
      0.6825,
      0.2925,
      0.78,
      0.39,
      0,
      0.4875,
      0.0975,
      0.585,
      0.195,
      0.6825,
      0.2925,
      0.78,
      0.39,
      0,
      0.4875,
      0.0975,
      0.585,
      0.195,
      0.6825,
      0.2925,
      0.78,
      0.39,
      0,
      0.4875,
      0.0975,
      0.585,
      0.195,
      0.6825,
      0.2925,
      0.78,
      0.39,
      0,
      0.4875,
      0.0975,
      0.585,
      0.195,
      0.6825,
      0.2925,
      0.78,
      0.39,
      0,
      0.4875,
      0.0975,
      0.585,
      0.195,
      0.6825,
      0.2925,
      0.78,
      0.39
    ],
    "SoftwareVersions": "syngo_MR_B17",
    "SpacingBetweenSlices": 1.8,
    "StationName": "MININT-E41B04",
    "TaskName": "MST",
    "TotalReadoutTime": 0.0712794,
    "TxRefAmp": 319.068,
    "dataset": "ds002168",
    "modality": "bold",
    "run_id": 3,
    "subject_id": "1593",
    "task_id": "mst"
  },
  "dummy_trs": 1,
  "dvars_nstd": 79.072394035,
  "dvars_std": 1.0829893677464788,
  "dvars_vstd": 1.000316809671362,
  "efc": 0.6132130581390485,
  "fber": 173.9544219970703,
  "fd_mean": 0.0911892293752043,
  "fd_num": 2,
  "fd_perc": 0.468384074941452,
  "fwhm_avg": 3.490213055422034,
  "fwhm_x": 3.2605778641535936,
  "fwhm_y": 3.839905657278317,
  "fwhm_z": 3.370155644834191,
  "gcor": 0.00382941,
  "gsr_x": -0.014967731200158596,
  "gsr_y": 0.08389221876859665,
  "provenance": {
    "md5sum": "48bdaa9f96d16eb98acae6e283aae550",
    "settings": {
      "fd_thres": 0.2,
      "testing": false
    },
    "software": "mriqc",
    "version": "23.0.1",
    "webapi_port": null,
    "webapi_url": "https://mriqc.nimh.nih.gov/api/v1"
  },
  "size_t": 427,
  "size_x": 100,
  "size_y": 100,
  "size_z": 72,
  "snr": 1.901744332761158,
  "spacing_tr": 0.875,
  "spacing_x": 1.7999999523162842,
  "spacing_y": 1.7999999523162842,
  "spacing_z": 1.7999999523162842,
  "summary_bg_k": 90.72710195232706,
  "summary_bg_mad": 17.312071872944554,
  "summary_bg_mean": 44.536624908447266,
  "summary_bg_median": 26.683839797973633,
  "summary_bg_n": 390413.0,
  "summary_bg_p05": 12.447306632995605,
  "summary_bg_p95": 131.17423400878897,
  "summary_bg_stdv": 60.34626770019531,
  "summary_fg_k": 4.577690734696945,
  "summary_fg_mad": 123.60114631036602,
  "summary_fg_mean": 416.48651123046875,
  "summary_fg_median": 364.4683837890625,
  "summary_fg_n": 218213.0,
  "summary_fg_p05": 218.09554443359374,
  "summary_fg_p95": 810.8463378906249,
  "summary_fg_stdv": 191.64907836914062,
  "tsnr": 20.45398627524264
}