{
  "aor": 0.00040976580796252927,
  "aqi": 0.01359441756440281,
  "bids_meta": {
    "AcquisitionMatrixPE": 100,
    "AcquisitionNumber": 1,
    "AcquisitionTime": "15:49:10.842500",
    "BandwidthPerPixelPhaseEncode": 13.889,
    "BaseResolution": 100,
    "ConversionSoftware": "dcm2niix",
    "ConversionSoftwareVersion": "v1.0.20180404 Clang8.0.0",
    "DerivedVendorReportedEchoSpacing": 0.000719994,
    "DeviceSerialNumber": "35002",
    "DwellTime": 2.8e-06,
    "EchoTime": 0.0436,
    "EffectiveEchoSpacing": 0.000719994,
    "FlipAngle": 55,
    "ImageComments": "Unaliased_MB8_PE3_(remote)",
    "ImageOrientationPatientDICOM": [
      0.999894,
      0.00658071,
      -0.0129722,
      1.47299e-08,
      0.891811,
      0.452409
    ],
    "ImageType": [
      "ORIGINAL",
      "PRIMARY",
      "M",
      "MB",
      "ND",
      "MOSAIC"
    ],
    "InPlanePhaseEncodingDirectionDICOM": "COL",
    "InstitutionAddress": "University_Pkwy_1700_North_685_Provo_UT_US_84601",
    "InstitutionName": "Brigham_Young_University",
    "InstitutionalDepartmentName": "MRI",
    "MRAcquisitionType": "2D",
    "MagneticFieldStrength": 3,
    "Manufacturer": "Siemens",
    "ManufacturersModelName": "TrioTim",
    "Modality": "MR",
    "MultibandAccelerationFactor": 8,
    "PartialFourier": 1,
    "PatientPosition": "HFS",
    "PercentPhaseFOV": 100,
    "PhaseEncodingDirection": "j-",
    "PhaseEncodingSteps": 100,
    "PhaseResolution": 1,
    "PixelBandwidth": 1786,
    "ProcedureStepDescription": "Research_KIRWAN",
    "ProtocolName": "run3",
    "PulseSequenceDetails": "%CustomerSeq%_cmrr_mbep2d_bold",
    "ReceiveCoilName": "32Ch_Head",
    "ReconMatrixPE": 100,
    "RepetitionTime": 0.875,
    "SAR": 0.116884,
    "ScanOptions": "FS",
    "ScanningSequence": "EP",
    "SequenceName": "epfid2d1_100",
    "SequenceVariant": "SK_SS",
    "SeriesDescription": "run3",
    "SeriesNumber": 5,
    "ShimSetting": [
      -2835,
      -22928,
      2394,
      617,
      128,
      118,
      -88,
      441
    ],
    "SliceThickness": 1.8,
    "SliceTiming": [
      0,
      0.4875,
      0.0975,
      0.585,
      0.195,
      0.6825,
      0.2925,
      0.78,
      0.39,
      0,
      0.4875,
      0.0975,
      0.585,
      0.195,
      0.6825,
      0.2925,
      0.78,
      0.39,
      0,
      0.4875,
      0.0975,
      0.585,
      0.195,
      0.6825,
      0.2925,
      0.78,
      0.39,
      0,
      0.4875,
      0.0975,
      0.585,
      0.195,
      0.6825,
      0.2925,
      0.78,
      0.39,
      0,
      0.4875,
      0.0975,
      0.585,
      0.195,
      0.6825,
      0.2925,
      0.78,
      0.39,
      0,
      0.4875,
      0.0975,
      0.585,
      0.195,
      0.6825,
      0.2925,
      0.78,
      0.39,
      0,
      0.4875,
      0.0975,
      0.585,
      0.195,
      0.6825,
      0.2925,
      0.78,
      0.39,
      0,
      0.4875,
      0.0975,
      0.585,
      0.195,
      0.6825,
      0.2925,
      0.78,
      0.39
    ],
    "SoftwareVersions": "syngo_MR_B17",
    "SpacingBetweenSlices": 1.8,
    "StationName": "MININT-E41B04",
    "TaskName": "MST",
    "TotalReadoutTime": 0.0712794,
    "TxRefAmp": 331.993,
    "dataset": "ds002168",
    "modality": "bold",
    "run_id": 3,
    "subject_id": "2436",
    "task_id": "mst"
  },
  "dummy_trs": 1,
  "dvars_nstd": 70.18351446511743,
  "dvars_std": 1.0594744586384968,
  "dvars_vstd": 1.0071238533333329,
  "efc": 0.6527596382513008,
  "fber": 103.85588073730469,
  "fd_mean": 0.10505112321431247,
  "fd_num": 22,
  "fd_perc": 5.152224824355972,
  "fwhm_avg": 3.152014831208573,
  "fwhm_x": 3.0190778577560278,
  "fwhm_y": 3.3971612011051495,
  "fwhm_z": 3.0398054347645402,
  "gcor": 0.00451748,
  "gsr_x": 0.016504643484950066,
  "gsr_y": 0.07900311052799225,
  "provenance": {
    "md5sum": "29476fc3a38ac24daf9a4179708f09ad",
    "settings": {
      "fd_thres": 0.2,
      "testing": false
    },
    "software": "mriqc",
    "version": "23.0.1",
    "webapi_port": null,
    "webapi_url": "https://mriqc.nimh.nih.gov/api/v1"
  },
  "size_t": 427,
  "size_x": 100,
  "size_y": 100,
  "size_z": 72,
  "snr": 2.0005401358996924,
  "spacing_tr": 0.875,
  "spacing_x": 1.7999999523162842,
  "spacing_y": 1.7999999523162842,
  "spacing_z": 1.8000000715255737,
  "summary_bg_k": 22.2693066551781,
  "summary_bg_mad": 25.17645984900918,
  "summary_bg_mean": 62.653194427490234,
  "summary_bg_median": 37.84309005737305,
  "summary_bg_n": 370080.0,
  "summary_bg_p05": 15.838406562805176,
  "summary_bg_p95": 203.3981170654297,
  "summary_bg_stdv": 74.73072052001953,
  "summary_fg_k": 3.247978839846895,
  "summary_fg_mad": 145.47728862440258,
  "summary_fg_mean": 440.9074401855469,
  "summary_fg_median": 392.2587890625,
  "summary_fg_n": 241460.0,
  "summary_fg_p05": 223.6737663269043,
  "summary_fg_p95": 838.3279388427734,
  "summary_fg_stdv": 196.07603454589844,
  "tsnr": 21.222368359565735
}