{
  "aor": 0.0002912177985948477,
  "aqi": 0.016733589929742387,
  "bids_meta": {
    "AcquisitionMatrixPE": 100,
    "AcquisitionNumber": 1,
    "AcquisitionTime": "16:09:18.120000",
    "BandwidthPerPixelPhaseEncode": 13.889,
    "BaseResolution": 100,
    "ConversionSoftware": "dcm2niix",
    "ConversionSoftwareVersion": "v1.0.20180404 Clang8.0.0",
    "DerivedVendorReportedEchoSpacing": 0.000719994,
    "DeviceSerialNumber": "35002",
    "DwellTime": 2.8e-06,
    "EchoTime": 0.0436,
    "EffectiveEchoSpacing": 0.000719994,
    "FlipAngle": 55,
    "ImageComments": "Unaliased_MB8_PE3_(remote)",
    "ImageOrientationPatientDICOM": [
      0.999894,
      0.00658071,
      -0.0129722,
      1.47299e-08,
      0.891811,
      0.452409
    ],
    "ImageType": [
      "ORIGINAL",
      "PRIMARY",
      "M",
      "MB",
      "ND",
      "MOSAIC"
    ],
    "InPlanePhaseEncodingDirectionDICOM": "COL",
    "InstitutionAddress": "University_Pkwy_1700_North_685_Provo_UT_US_84601",
    "InstitutionName": "Brigham_Young_University",
    "InstitutionalDepartmentName": "MRI",
    "MRAcquisitionType": "2D",
    "MagneticFieldStrength": 3,
    "Manufacturer": "Siemens",
    "ManufacturersModelName": "TrioTim",
    "Modality": "MR",
    "MultibandAccelerationFactor": 8,
    "PartialFourier": 1,
    "PatientPosition": "HFS",
    "PercentPhaseFOV": 100,
    "PhaseEncodingDirection": "j-",
    "PhaseEncodingSteps": 100,
    "PhaseResolution": 1,
    "PixelBandwidth": 1786,
    "ProcedureStepDescription": "Research_KIRWAN",
    "ProtocolName": "run6",
    "PulseSequenceDetails": "%CustomerSeq%_cmrr_mbep2d_bold",
    "ReceiveCoilName": "32Ch_Head",
    "ReconMatrixPE": 100,
    "RepetitionTime": 0.875,
    "SAR": 0.119843,
    "ScanOptions": "FS",
    "ScanningSequence": "EP",
    "SequenceName": "epfid2d1_100",
    "SequenceVariant": "SK_SS",
    "SeriesDescription": "run6",
    "SeriesNumber": 8,
    "ShimSetting": [
      -2835,
      -22928,
      2394,
      617,
      128,
      118,
      -88,
      441
    ],
    "SliceThickness": 1.8,
    "SliceTiming": [
      0,
      0.4875,
      0.0975,
      0.585,
      0.195,
      0.6825,
      0.2925,
      0.78,
      0.39,
      0,
      0.4875,
      0.0975,
      0.585,
      0.195,
      0.6825,
      0.2925,
      0.78,
      0.39,
      0,
      0.4875,
      0.0975,
      0.585,
      0.195,
      0.6825,
      0.2925,
      0.78,
      0.39,
      0,
      0.4875,
      0.0975,
      0.585,
      0.195,
      0.6825,
      0.2925,
      0.78,
      0.39,
      0,
      0.4875,
      0.0975,
      0.585,
      0.195,
      0.6825,
      0.2925,
      0.78,
      0.39,
      0,
      0.4875,
      0.0975,
      0.585,
      0.195,
      0.6825,
      0.2925,
      0.78,
      0.39,
      0,
      0.4875,
      0.0975,
      0.585,
      0.195,
      0.6825,
      0.2925,
      0.78,
      0.39,
      0,
      0.4875,
      0.0975,
      0.585,
      0.195,
      0.6825,
      0.2925,
      0.78,
      0.39
    ],
    "SoftwareVersions": "syngo_MR_B17",
    "SpacingBetweenSlices": 1.8,
    "StationName": "MININT-E41B04",
    "TaskName": "MST",
    "TotalReadoutTime": 0.0712794,
    "TxRefAmp": 331.993,
    "dataset": "ds002168",
    "modality": "bold",
    "run_id": 6,
    "subject_id": "2436",
    "task_id": "mst"
  },
  "dummy_trs": 1,
  "dvars_nstd": 71.71045455577467,
  "dvars_std": 1.0409509975586853,
  "dvars_vstd": 0.9910018000000004,
  "efc": 0.6536379732765478,
  "fber": 100.79590606689453,
  "fd_mean": 0.11963591821080716,
  "fd_num": 53,
  "fd_perc": 12.412177985948478,
  "fwhm_avg": 3.180964831284268,
  "fwhm_x": 3.0374167471307314,
  "fwhm_y": 3.434361202090613,
  "fwhm_z": 3.0711165446314594,
  "gcor": 0.00553993,
  "gsr_x": 0.018879467621445656,
  "gsr_y": 0.07907774299383163,
  "provenance": {
    "md5sum": "581d2226fa05e686ae09d43e530a1c91",
    "settings": {
      "fd_thres": 0.2,
      "testing": false
    },
    "software": "mriqc",
    "version": "23.0.1",
    "webapi_port": null,
    "webapi_url": "https://mriqc.nimh.nih.gov/api/v1"
  },
  "size_t": 427,
  "size_x": 100,
  "size_y": 100,
  "size_z": 72,
  "snr": 1.9946970686995114,
  "spacing_tr": 0.875,
  "spacing_x": 1.7999999523162842,
  "spacing_y": 1.7999999523162842,
  "spacing_z": 1.8000000715255737,
  "summary_bg_k": 25.10175584500502,
  "summary_bg_mad": 25.676447290361562,
  "summary_bg_mean": 63.612125396728516,
  "summary_bg_median": 38.276344299316406,
  "summary_bg_n": 370382.0,
  "summary_bg_p05": 15.892271041870117,
  "summary_bg_p95": 206.35572280883795,
  "summary_bg_stdv": 76.8353042602539,
  "summary_fg_k": 3.2227083501248845,
  "summary_fg_mad": 145.163081742493,
  "summary_fg_mean": 440.14459228515625,
  "summary_fg_median": 391.0351257324219,
  "summary_fg_n": 240457.0,
  "summary_fg_p05": 223.28008422851562,
  "summary_fg_p95": 838.7423583984371,
  "summary_fg_stdv": 196.0369415283203,
  "tsnr": 19.58319578447845
}