{
  "aor": 0.0006607242990654206,
  "aqi": 0.01495057523364486,
  "bids_meta": {
    "AcquisitionMatrixPE": 100,
    "AcquisitionNumber": 1,
    "AcquisitionTime": "16:02:35.985000",
    "BandwidthPerPixelPhaseEncode": 13.889,
    "BaseResolution": 100,
    "ConversionSoftware": "dcm2niix",
    "ConversionSoftwareVersion": "v1.0.20180404 Clang8.0.0",
    "DerivedVendorReportedEchoSpacing": 0.000719994,
    "DeviceSerialNumber": "35002",
    "DwellTime": 2.8e-06,
    "EchoTime": 0.0436,
    "EffectiveEchoSpacing": 0.000719994,
    "FlipAngle": 55,
    "ImageComments": "Unaliased_MB8_PE3_(remote)",
    "ImageOrientationPatientDICOM": [
      0.999894,
      0.00658071,
      -0.0129722,
      1.47299e-08,
      0.891811,
      0.452409
    ],
    "ImageType": [
      "ORIGINAL",
      "PRIMARY",
      "M",
      "MB",
      "ND",
      "MOSAIC"
    ],
    "InPlanePhaseEncodingDirectionDICOM": "COL",
    "InstitutionAddress": "University_Pkwy_1700_North_685_Provo_UT_US_84601",
    "InstitutionName": "Brigham_Young_University",
    "InstitutionalDepartmentName": "MRI",
    "MRAcquisitionType": "2D",
    "MagneticFieldStrength": 3,
    "Manufacturer": "Siemens",
    "ManufacturersModelName": "TrioTim",
    "Modality": "MR",
    "MultibandAccelerationFactor": 8,
    "PartialFourier": 1,
    "PatientPosition": "HFS",
    "PercentPhaseFOV": 100,
    "PhaseEncodingDirection": "j-",
    "PhaseEncodingSteps": 100,
    "PhaseResolution": 1,
    "PixelBandwidth": 1786,
    "ProcedureStepDescription": "Research_KIRWAN",
    "ProtocolName": "run5",
    "PulseSequenceDetails": "%CustomerSeq%_cmrr_mbep2d_bold",
    "ReceiveCoilName": "32Ch_Head",
    "ReconMatrixPE": 100,
    "RepetitionTime": 0.875,
    "SAR": 0.119929,
    "ScanOptions": "FS",
    "ScanningSequence": "EP",
    "SequenceName": "epfid2d1_100",
    "SequenceVariant": "SK_SS",
    "SeriesDescription": "run5",
    "SeriesNumber": 7,
    "ShimSetting": [
      -2835,
      -22928,
      2394,
      617,
      128,
      118,
      -88,
      441
    ],
    "SliceThickness": 1.8,
    "SliceTiming": [
      0,
      0.4875,
      0.0975,
      0.585,
      0.195,
      0.6825,
      0.2925,
      0.78,
      0.39,
      0,
      0.4875,
      0.0975,
      0.585,
      0.195,
      0.6825,
      0.2925,
      0.78,
      0.39,
      0,
      0.4875,
      0.0975,
      0.585,
      0.195,
      0.6825,
      0.2925,
      0.78,
      0.39,
      0,
      0.4875,
      0.0975,
      0.585,
      0.195,
      0.6825,
      0.2925,
      0.78,
      0.39,
      0,
      0.4875,
      0.0975,
      0.585,
      0.195,
      0.6825,
      0.2925,
      0.78,
      0.39,
      0,
      0.4875,
      0.0975,
      0.585,
      0.195,
      0.6825,
      0.2925,
      0.78,
      0.39,
      0,
      0.4875,
      0.0975,
      0.585,
      0.195,
      0.6825,
      0.2925,
      0.78,
      0.39,
      0,
      0.4875,
      0.0975,
      0.585,
      0.195,
      0.6825,
      0.2925,
      0.78,
      0.39
    ],
    "SoftwareVersions": "syngo_MR_B17",
    "SpacingBetweenSlices": 1.8,
    "StationName": "MININT-E41B04",
    "TaskName": "MST",
    "TotalReadoutTime": 0.0712794,
    "TxRefAmp": 331.993,
    "dataset": "ds002168",
    "modality": "bold",
    "run_id": 5,
    "subject_id": "2436",
    "task_id": "mst"
  },
  "dummy_trs": 0,
  "dvars_nstd": 71.43134295351291,
  "dvars_std": 1.0576961370023417,
  "dvars_vstd": 1.0057786829039808,
  "efc": 0.653388501553405,
  "fber": 96.7092514038086,
  "fd_mean": 0.10743269239819911,
  "fd_num": 28,
  "fd_perc": 6.542056074766355,
  "fwhm_avg": 3.1822814978971437,
  "fwhm_x": 3.0486111918717276,
  "fwhm_y": 3.423100090681184,
  "fwhm_z": 3.0751332111385183,
  "gcor": 0.00357108,
  "gsr_x": 0.01599091850221157,
  "gsr_y": 0.0813397616147995,
  "provenance": {
    "md5sum": "3505dae7f83937c3146caf29c1c8943b",
    "settings": {
      "fd_thres": 0.2,
      "testing": false
    },
    "software": "mriqc",
    "version": "23.0.1",
    "webapi_port": null,
    "webapi_url": "https://mriqc.nimh.nih.gov/api/v1"
  },
  "size_t": 428,
  "size_x": 100,
  "size_y": 100,
  "size_z": 72,
  "snr": 1.9708617252773446,
  "spacing_tr": 0.875,
  "spacing_x": 1.7999999523162842,
  "spacing_y": 1.7999999523162842,
  "spacing_z": 1.8000000715255737,
  "summary_bg_k": 24.0787778681701,
  "summary_bg_mad": 26.596770423095606,
  "summary_bg_mean": 63.91407775878906,
  "summary_bg_median": 39.03270721435547,
  "summary_bg_n": 370691.0,
  "summary_bg_p05": 15.60046672821045,
  "summary_bg_p95": 205.8399429321289,
  "summary_bg_stdv": 76.45164489746094,
  "summary_fg_k": 3.1251562571181664,
  "summary_fg_mad": 149.29249631391485,
  "summary_fg_mean": 438.1085510253906,
  "summary_fg_median": 389.8878479003906,
  "summary_fg_n": 240701.0,
  "summary_fg_p05": 215.25233459472656,
  "summary_fg_p95": 838.9041748046875,
  "summary_fg_stdv": 197.82566833496094,
  "tsnr": 20.133373192045838
}