{
  "aor": 0.00030396713615023473,
  "aqi": 0.011470680046948355,
  "bids_meta": {
    "AcquisitionMatrixPE": 100,
    "AcquisitionNumber": 1,
    "AcquisitionTime": "10:30:47.852500",
    "BandwidthPerPixelPhaseEncode": 13.889,
    "BaseResolution": 100,
    "ConversionSoftware": "dcm2niix",
    "ConversionSoftwareVersion": "v1.0.20180404 Clang8.0.0",
    "DerivedVendorReportedEchoSpacing": 0.000719994,
    "DeviceSerialNumber": "35002",
    "DwellTime": 2.8e-06,
    "EchoTime": 0.0436,
    "EffectiveEchoSpacing": 0.000719994,
    "FlipAngle": 55,
    "ImageComments": "Unaliased_MB8_PE3_(remote)",
    "ImageOrientationPatientDICOM": [
      0.999999,
      -0.00068642,
      0.0013415,
      -2.65606e-08,
      0.890221,
      0.455529
    ],
    "ImageType": [
      "ORIGINAL",
      "PRIMARY",
      "M",
      "MB",
      "ND",
      "MOSAIC"
    ],
    "InPlanePhaseEncodingDirectionDICOM": "COL",
    "InstitutionAddress": "University_Pkwy_1700_North_685_Provo_UT_US_84601",
    "InstitutionName": "Brigham_Young_University",
    "InstitutionalDepartmentName": "MRI",
    "MRAcquisitionType": "2D",
    "MagneticFieldStrength": 3,
    "Manufacturer": "Siemens",
    "ManufacturersModelName": "TrioTim",
    "Modality": "MR",
    "MultibandAccelerationFactor": 8,
    "PartialFourier": 1,
    "PatientPosition": "HFS",
    "PercentPhaseFOV": 100,
    "PhaseEncodingDirection": "j-",
    "PhaseEncodingSteps": 100,
    "PhaseResolution": 1,
    "PixelBandwidth": 1786,
    "ProcedureStepDescription": "Research_KIRWAN",
    "ProtocolName": "run3",
    "PulseSequenceDetails": "%CustomerSeq%_cmrr_mbep2d_bold",
    "ReceiveCoilName": "32Ch_Head",
    "ReconMatrixPE": 100,
    "RepetitionTime": 0.875,
    "SAR": 0.112381,
    "ScanOptions": "FS",
    "ScanningSequence": "EP",
    "SequenceName": "epfid2d1_100",
    "SequenceVariant": "SK_SS",
    "SeriesDescription": "run3",
    "SeriesNumber": 5,
    "ShimSetting": [
      -2650,
      -23150,
      2404,
      1080,
      63,
      83,
      -31,
      48
    ],
    "SliceThickness": 1.8,
    "SliceTiming": [
      0,
      0.4875,
      0.0975,
      0.585,
      0.195,
      0.6825,
      0.2925,
      0.78,
      0.39,
      0,
      0.4875,
      0.0975,
      0.585,
      0.195,
      0.6825,
      0.2925,
      0.78,
      0.39,
      0,
      0.4875,
      0.0975,
      0.585,
      0.195,
      0.6825,
      0.2925,
      0.78,
      0.39,
      0,
      0.4875,
      0.0975,
      0.585,
      0.195,
      0.6825,
      0.2925,
      0.78,
      0.39,
      0,
      0.4875,
      0.0975,
      0.585,
      0.195,
      0.6825,
      0.2925,
      0.78,
      0.39,
      0,
      0.4875,
      0.0975,
      0.585,
      0.195,
      0.6825,
      0.2925,
      0.78,
      0.39,
      0,
      0.4875,
      0.0975,
      0.585,
      0.195,
      0.6825,
      0.2925,
      0.78,
      0.39,
      0,
      0.4875,
      0.0975,
      0.585,
      0.195,
      0.6825,
      0.2925,
      0.78,
      0.39
    ],
    "SoftwareVersions": "syngo_MR_B17",
    "SpacingBetweenSlices": 1.8,
    "StationName": "MININT-E41B04",
    "TaskName": "MST",
    "TotalReadoutTime": 0.0712794,
    "TxRefAmp": 339.377,
    "dataset": "ds002168",
    "modality": "bold",
    "run_id": 3,
    "subject_id": "1572",
    "task_id": "mst"
  },
  "dummy_trs": 2,
  "dvars_nstd": 62.02952697764708,
  "dvars_std": 1.0427674404235285,
  "dvars_vstd": 1.0034756934352937,
  "efc": 0.570122119293565,
  "fber": 378.1552734375,
  "fd_mean": 0.1183412537445326,
  "fd_num": 27,
  "fd_perc": 6.338028169014085,
  "fwhm_avg": 3.222835270561164,
  "fwhm_x": 3.0806056371637354,
  "fwhm_y": 3.479588981066518,
  "fwhm_z": 3.108311193453238,
  "gcor": 0.0060039,
  "gsr_x": -0.011614668183028698,
  "gsr_y": 0.06599783152341843,
  "provenance": {
    "md5sum": "7a775ac81977ac5faaf5c56fbd8187b6",
    "settings": {
      "fd_thres": 0.2,
      "testing": false
    },
    "software": "mriqc",
    "version": "23.0.1",
    "webapi_port": null,
    "webapi_url": "https://mriqc.nimh.nih.gov/api/v1"
  },
  "size_t": 426,
  "size_x": 100,
  "size_y": 100,
  "size_z": 72,
  "snr": 2.212264457718428,
  "spacing_tr": 0.875,
  "spacing_x": 1.7999999523162842,
  "spacing_y": 1.7999999523162842,
  "spacing_z": 1.7999999523162842,
  "summary_bg_k": 22.475129331918176,
  "summary_bg_mad": 10.764528072208813,
  "summary_bg_mean": 33.029666900634766,
  "summary_bg_median": 19.187793731689453,
  "summary_bg_n": 429101.0,
  "summary_bg_p05": 10.922534942626953,
  "summary_bg_p95": 103.25586700439453,
  "summary_bg_stdv": 39.704139709472656,
  "summary_fg_k": 1.7253404172859126,
  "summary_fg_mad": 139.07922299591013,
  "summary_fg_mean": 420.1533203125,
  "summary_fg_median": 383.28289794921875,
  "summary_fg_n": 186868.0,
  "summary_fg_p05": 208.5164337158203,
  "summary_fg_p95": 762.5257202148437,
  "summary_fg_stdv": 173.25318908691406,
  "tsnr": 22.382980616763234
}