{
  "aor": 0.0003965339578454332,
  "aqi": 0.013348937470725996,
  "bids_meta": {
    "AcquisitionMatrixPE": 100,
    "AcquisitionNumber": 1,
    "AcquisitionTime": "10:23:48.547500",
    "BandwidthPerPixelPhaseEncode": 13.889,
    "BaseResolution": 100,
    "ConversionSoftware": "dcm2niix",
    "ConversionSoftwareVersion": "v1.0.20180404 Clang8.0.0",
    "DerivedVendorReportedEchoSpacing": 0.000719994,
    "DeviceSerialNumber": "35002",
    "DwellTime": 2.8e-06,
    "EchoTime": 0.0436,
    "EffectiveEchoSpacing": 0.000719994,
    "FlipAngle": 55,
    "ImageComments": "Unaliased_MB8_PE3_(remote)",
    "ImageOrientationPatientDICOM": [
      0.999999,
      -0.00068642,
      0.0013415,
      -2.65606e-08,
      0.890221,
      0.455529
    ],
    "ImageType": [
      "ORIGINAL",
      "PRIMARY",
      "M",
      "MB",
      "ND",
      "MOSAIC"
    ],
    "InPlanePhaseEncodingDirectionDICOM": "COL",
    "InstitutionAddress": "University_Pkwy_1700_North_685_Provo_UT_US_84601",
    "InstitutionName": "Brigham_Young_University",
    "InstitutionalDepartmentName": "MRI",
    "MRAcquisitionType": "2D",
    "MagneticFieldStrength": 3,
    "Manufacturer": "Siemens",
    "ManufacturersModelName": "TrioTim",
    "Modality": "MR",
    "MultibandAccelerationFactor": 8,
    "PartialFourier": 1,
    "PatientPosition": "HFS",
    "PercentPhaseFOV": 100,
    "PhaseEncodingDirection": "j-",
    "PhaseEncodingSteps": 100,
    "PhaseResolution": 1,
    "PixelBandwidth": 1786,
    "ProcedureStepDescription": "Research_KIRWAN",
    "ProtocolName": "run2",
    "PulseSequenceDetails": "%CustomerSeq%_cmrr_mbep2d_bold",
    "ReceiveCoilName": "32Ch_Head",
    "ReconMatrixPE": 100,
    "RepetitionTime": 0.875,
    "SAR": 0.111196,
    "ScanOptions": "FS",
    "ScanningSequence": "EP",
    "SequenceName": "epfid2d1_100",
    "SequenceVariant": "SK_SS",
    "SeriesDescription": "run2",
    "SeriesNumber": 4,
    "ShimSetting": [
      -2650,
      -23150,
      2404,
      1080,
      63,
      83,
      -31,
      48
    ],
    "SliceThickness": 1.8,
    "SliceTiming": [
      0,
      0.4875,
      0.0975,
      0.585,
      0.195,
      0.6825,
      0.2925,
      0.78,
      0.39,
      0,
      0.4875,
      0.0975,
      0.585,
      0.195,
      0.6825,
      0.2925,
      0.78,
      0.39,
      0,
      0.4875,
      0.0975,
      0.585,
      0.195,
      0.6825,
      0.2925,
      0.78,
      0.39,
      0,
      0.4875,
      0.0975,
      0.585,
      0.195,
      0.6825,
      0.2925,
      0.78,
      0.39,
      0,
      0.4875,
      0.0975,
      0.585,
      0.195,
      0.6825,
      0.2925,
      0.78,
      0.39,
      0,
      0.4875,
      0.0975,
      0.585,
      0.195,
      0.6825,
      0.2925,
      0.78,
      0.39,
      0,
      0.4875,
      0.0975,
      0.585,
      0.195,
      0.6825,
      0.2925,
      0.78,
      0.39,
      0,
      0.4875,
      0.0975,
      0.585,
      0.195,
      0.6825,
      0.2925,
      0.78,
      0.39
    ],
    "SoftwareVersions": "syngo_MR_B17",
    "SpacingBetweenSlices": 1.8,
    "StationName": "MININT-E41B04",
    "TaskName": "MST",
    "TotalReadoutTime": 0.0712794,
    "TxRefAmp": 339.377,
    "dataset": "ds002168",
    "modality": "bold",
    "run_id": 2,
    "subject_id": "1572",
    "task_id": "mst"
  },
  "dummy_trs": 1,
  "dvars_nstd": 60.74298214784037,
  "dvars_std": 1.026773271713614,
  "dvars_vstd": 0.9927182951173714,
  "efc": 0.5690069845311121,
  "fber": 401.01885986328125,
  "fd_mean": 0.12768769241485842,
  "fd_num": 39,
  "fd_perc": 9.133489461358314,
  "fwhm_avg": 3.2571167529507945,
  "fwhm_x": 3.1107000824054105,
  "fwhm_y": 3.5176112042959846,
  "fwhm_z": 3.1430389721509875,
  "gcor": 0.00876625,
  "gsr_x": -0.00919567234814167,
  "gsr_y": 0.06447800248861313,
  "provenance": {
    "md5sum": "081fced31db39771a11e2fcd29c9115b",
    "settings": {
      "fd_thres": 0.2,
      "testing": false
    },
    "software": "mriqc",
    "version": "23.0.1",
    "webapi_port": null,
    "webapi_url": "https://mriqc.nimh.nih.gov/api/v1"
  },
  "size_t": 427,
  "size_x": 100,
  "size_y": 100,
  "size_z": 72,
  "snr": 2.2303976475574467,
  "spacing_tr": 0.875,
  "spacing_x": 1.7999999523162842,
  "spacing_y": 1.7999999523162842,
  "spacing_z": 1.7999999523162842,
  "summary_bg_k": 22.377257122858975,
  "summary_bg_mad": 10.607375144066035,
  "summary_bg_mean": 32.444923400878906,
  "summary_bg_median": 18.763465881347656,
  "summary_bg_n": 429726.0,
  "summary_bg_p05": 10.3864164352417,
  "summary_bg_p95": 101.7751693725586,
  "summary_bg_stdv": 39.17170333862305,
  "summary_fg_k": 1.6924057145384115,
  "summary_fg_mad": 138.87849165001168,
  "summary_fg_mean": 420.22540283203125,
  "summary_fg_median": 383.52691650390625,
  "summary_fg_n": 186355.0,
  "summary_fg_p05": 209.4864059448242,
  "summary_fg_p95": 759.1573425292968,
  "summary_fg_stdv": 171.95404052734375,
  "tsnr": 20.815963806584477
}