{
  "bids_meta": {
    "AcquisitionMatrixPE": 256,
    "AcquisitionNumber": 1,
    "AcquisitionTime": "23:27:23.055000",
    "BaseResolution": 256,
    "ConversionSoftware": "dcm2niix",
    "ConversionSoftwareVersion": "v1.0.20180404 Clang8.0.0",
    "DeviceSerialNumber": "35002",
    "DwellTime": 1.03e-05,
    "EchoTime": 0.00492,
    "FlipAngle": 25,
    "ImageOrientationPatientDICOM": [
      1e-16,
      1,
      0,
      0.0366437,
      -1e-16,
      -0.999328
    ],
    "ImageType": [
      "ORIGINAL",
      "PRIMARY",
      "M",
      "ND",
      "NORM"
    ],
    "InPlanePhaseEncodingDirectionDICOM": "ROW",
    "InstitutionAddress": "University_Pkwy_1700_North_685_Provo_UT_US_84601",
    "InstitutionName": "Brigham_Young_University",
    "InstitutionalDepartmentName": "MRI",
    "MRAcquisitionType": "3D",
    "MagneticFieldStrength": 3,
    "Manufacturer": "Siemens",
    "ManufacturersModelName": "TrioTim",
    "Modality": "MR",
    "ParallelReductionFactorInPlane": 2,
    "PartialFourier": 1,
    "PatientPosition": "HFS",
    "PercentPhaseFOV": 100,
    "PhaseEncodingSteps": 255,
    "PhaseResolution": 1,
    "PixelBandwidth": 190,
    "ProcedureStepDescription": "Research_KIRWAN",
    "ProtocolName": "t1_fl3d_sag_no3Daccel_iso_1.0_1avg",
    "PulseSequenceDetails": "%SiemensSeq%_gre",
    "ReceiveCoilName": "32Ch_Head",
    "ReconMatrixPE": 256,
    "RepetitionTime": 0.02,
    "SAR": 0.157811,
    "ScanningSequence": "GR",
    "SequenceName": "_fl3d1_ns",
    "SequenceVariant": "SP",
    "SeriesDescription": "t1_fl3d_sag_no3Daccel_iso_1.0_1avg",
    "SeriesNumber": 9,
    "ShimSetting": [
      -2655,
      -23109,
      2059,
      81,
      -13,
      -145,
      -152,
      15
    ],
    "SliceThickness": 1,
    "SoftwareVersions": "syngo_MR_B17",
    "StationName": "MININT-E41B04",
    "TxRefAmp": 320.917,
    "dataset": "ds002168",
    "modality": "T1w",
    "subject_id": "1545"
  },
  "cjv": 0.46935124105590376,
  "cnr": 2.9073836487576625,
  "efc": 0.5622622743515372,
  "fber": 16506.293583614755,
  "fwhm_avg": 3.62281006907384,
  "fwhm_x": 3.4766002072215203,
  "fwhm_y": 3.8239,
  "fwhm_z": 3.56793,
  "icvs_csf": 0.15402711639453456,
  "icvs_gm": 0.41401415484837145,
  "icvs_wm": 0.431958728757094,
  "inu_med": 0.5798718631267548,
  "inu_range": 0.3211576372385025,
  "provenance": {
    "md5sum": "baeeb750eca339f433b4cf2020b597c9",
    "settings": {
      "testing": false
    },
    "software": "mriqc",
    "version": "23.0.1",
    "warnings": {
      "large_rot_frame": true,
      "small_air_mask": false
    },
    "webapi_port": null,
    "webapi_url": "https://mriqc.nimh.nih.gov/api/v1"
  },
  "qi_1": 3.77073314050223e-06,
  "qi_2": 0.020775357233540636,
  "rpve_csf": 37.83812915952957,
  "rpve_gm": 14.431794334292762,
  "rpve_wm": 15.665408713408944,
  "size_x": 192,
  "size_y": 256,
  "size_z": 256,
  "snr_csf": 2.1590235737240504,
  "snr_gm": 16.9014515103351,
  "snr_total": 13.278381847413035,
  "snr_wm": 20.77467045817995,
  "snrd_csf": 39.84820219797545,
  "snrd_gm": 86.43621066362562,
  "snrd_total": 78.01272889318547,
  "snrd_wm": 107.75377381795536,
  "spacing_x": 0.9999999403953552,
  "spacing_y": 1.0,
  "spacing_z": 1.0,
  "summary_bg_k": 12.897834976472813,
  "summary_bg_mad": 6.080185935625754,
  "summary_bg_mean": 5.580986020320168,
  "summary_bg_median": 4.101023092865944,
  "summary_bg_n": 2965194.0,
  "summary_bg_p05": 0.0,
  "summary_bg_p95": 21.35780343413353,
  "summary_bg_stdv": 7.794703667044841,
  "summary_csf_k": 0.06036883646535873,
  "summary_csf_mad": 151.10165047941229,
  "summary_csf_mean": 334.83064171180933,
  "summary_csf_median": 369.82295376062393,
  "summary_csf_n": 21523.0,
  "summary_csf_p05": 55.753611968457705,
  "summary_csf_p95": 576.794686545431,
  "summary_csf_stdv": 171.2877834306716,
  "summary_gm_k": 0.23913641890867776,
  "summary_gm_mad": 46.68499201067101,
  "summary_gm_mean": 802.000019621503,
  "summary_gm_median": 802.1966607347131,
  "summary_gm_n": 28080.0,
  "summary_gm_p05": 723.7290654182434,
  "summary_gm_p95": 878.349817276001,
  "summary_gm_stdv": 47.462336355456515,
  "summary_wm_k": 0.48019354830184424,
  "summary_wm_mad": 46.17329319430647,
  "summary_wm_mean": 1003.8740446235952,
  "summary_wm_median": 1000.0405718237162,
  "summary_wm_n": 183954.0,
  "summary_wm_p05": 932.2721803188324,
  "summary_wm_p95": 1089.4509960860014,
  "summary_wm_stdv": 48.137363028310354,
  "tpm_overlap_csf": 0.14367884850569143,
  "tpm_overlap_gm": 0.44547304943231103,
  "tpm_overlap_wm": 0.46663715959454893,
  "wm2max": 0.5773865341335334
}