{
  "aor": 0.0002934579439252336,
  "aqi": 0.018605380140186915,
  "bids_meta": {
    "AcquisitionMatrixPE": 100,
    "AcquisitionNumber": 1,
    "AcquisitionTime": "09:11:17.390000",
    "BandwidthPerPixelPhaseEncode": 13.889,
    "BaseResolution": 100,
    "ConversionSoftware": "dcm2niix",
    "ConversionSoftwareVersion": "v1.0.20180404 Clang8.0.0",
    "DerivedVendorReportedEchoSpacing": 0.000719994,
    "DeviceSerialNumber": "35002",
    "DwellTime": 2.8e-06,
    "EchoTime": 0.0436,
    "EffectiveEchoSpacing": 0.000719994,
    "FlipAngle": 55,
    "ImageComments": "Unaliased_MB8_PE3_(remote)",
    "ImageOrientationPatientDICOM": [
      0.999999,
      -0.0005872,
      0.00104649,
      -1.46659e-08,
      0.872086,
      0.489352
    ],
    "ImageType": [
      "ORIGINAL",
      "PRIMARY",
      "M",
      "MB",
      "ND",
      "MOSAIC"
    ],
    "InPlanePhaseEncodingDirectionDICOM": "COL",
    "InstitutionAddress": "University_Pkwy_1700_North_685_Provo_UT_US_84601",
    "InstitutionName": "Brigham_Young_University",
    "InstitutionalDepartmentName": "MRI",
    "MRAcquisitionType": "2D",
    "MagneticFieldStrength": 3,
    "Manufacturer": "Siemens",
    "ManufacturersModelName": "TrioTim",
    "Modality": "MR",
    "MultibandAccelerationFactor": 8,
    "PartialFourier": 1,
    "PatientPosition": "HFS",
    "PercentPhaseFOV": 100,
    "PhaseEncodingDirection": "j-",
    "PhaseEncodingSteps": 100,
    "PhaseResolution": 1,
    "PixelBandwidth": 1786,
    "ProcedureStepDescription": "Research_KIRWAN",
    "ProtocolName": "run1",
    "PulseSequenceDetails": "%CustomerSeq%_cmrr_mbep2d_bold",
    "ReceiveCoilName": "32Ch_Head",
    "ReconMatrixPE": 100,
    "RepetitionTime": 0.875,
    "SAR": 0.128814,
    "ScanOptions": "FS",
    "ScanningSequence": "EP",
    "SequenceName": "epfid2d1_100",
    "SequenceVariant": "SK_SS",
    "SeriesDescription": "run1",
    "SeriesNumber": 3,
    "ShimSetting": [
      -2653,
      -23106,
      2566,
      1320,
      106,
      148,
      348,
      -94
    ],
    "SliceThickness": 1.8,
    "SliceTiming": [
      0,
      0.4875,
      0.0975,
      0.585,
      0.195,
      0.6825,
      0.2925,
      0.78,
      0.39,
      0,
      0.4875,
      0.0975,
      0.585,
      0.195,
      0.6825,
      0.2925,
      0.78,
      0.39,
      0,
      0.4875,
      0.0975,
      0.585,
      0.195,
      0.6825,
      0.2925,
      0.78,
      0.39,
      0,
      0.4875,
      0.0975,
      0.585,
      0.195,
      0.6825,
      0.2925,
      0.78,
      0.39,
      0,
      0.4875,
      0.0975,
      0.585,
      0.195,
      0.6825,
      0.2925,
      0.78,
      0.39,
      0,
      0.4875,
      0.0975,
      0.585,
      0.195,
      0.6825,
      0.2925,
      0.78,
      0.39,
      0,
      0.4875,
      0.0975,
      0.585,
      0.195,
      0.6825,
      0.2925,
      0.78,
      0.39,
      0,
      0.4875,
      0.0975,
      0.585,
      0.195,
      0.6825,
      0.2925,
      0.78,
      0.39
    ],
    "SoftwareVersions": "syngo_MR_B17",
    "SpacingBetweenSlices": 1.8,
    "StationName": "MININT-E41B04",
    "TaskName": "MST",
    "TotalReadoutTime": 0.0712794,
    "TxRefAmp": 341.496,
    "dataset": "ds002168",
    "modality": "bold",
    "run_id": 1,
    "subject_id": "1570",
    "task_id": "mst"
  },
  "dummy_trs": 0,
  "dvars_nstd": 71.2329835198829,
  "dvars_std": 1.041957593489461,
  "dvars_vstd": 0.9886703529742383,
  "efc": 0.6101936268232667,
  "fber": 351.9645080566406,
  "fd_mean": 0.17136841598524707,
  "fd_num": 138,
  "fd_perc": 32.242990654205606,
  "fwhm_avg": 3.0704056368935277,
  "fwhm_x": 2.8122000744978606,
  "fwhm_y": 3.3819723118138927,
  "fwhm_z": 3.0170445243688295,
  "gcor": 0.00603498,
  "gsr_x": -0.016242869198322296,
  "gsr_y": 0.09285031259059906,
  "provenance": {
    "md5sum": "b302f3ce81c3a733f3e354bd34b83052",
    "settings": {
      "fd_thres": 0.2,
      "testing": false
    },
    "software": "mriqc",
    "version": "23.0.1",
    "webapi_port": null,
    "webapi_url": "https://mriqc.nimh.nih.gov/api/v1"
  },
  "size_t": 428,
  "size_x": 100,
  "size_y": 100,
  "size_z": 72,
  "snr": 2.5081155050061605,
  "spacing_tr": 0.875,
  "spacing_x": 1.7999999523162842,
  "spacing_y": 1.7999999523162842,
  "spacing_z": 1.7999999523162842,
  "summary_bg_k": 54.21348979435686,
  "summary_bg_mad": 10.11148665579998,
  "summary_bg_mean": 34.15816879272461,
  "summary_bg_median": 18.761682510375977,
  "summary_bg_n": 395102.0,
  "summary_bg_p05": 10.80373764038086,
  "summary_bg_p95": 105.12826805114724,
  "summary_bg_stdv": 49.683189392089844,
  "summary_fg_k": 2.8148228272783635,
  "summary_fg_mad": 111.46532684466749,
  "summary_fg_mean": 390.01031494140625,
  "summary_fg_median": 360.602783203125,
  "summary_fg_n": 218204.0,
  "summary_fg_p05": 215.52569580078125,
  "summary_fg_p95": 670.7389923095693,
  "summary_fg_stdv": 143.77406311035156,
  "tsnr": 20.556616224115714
}