{
  "aor": 0.0016219392523364486,
  "aqi": 0.017818176168224297,
  "bids_meta": {
    "AcquisitionMatrixPE": 100,
    "AcquisitionNumber": 1,
    "AcquisitionTime": "11:39:37.010000",
    "BandwidthPerPixelPhaseEncode": 13.889,
    "BaseResolution": 100,
    "ConversionSoftware": "dcm2niix",
    "ConversionSoftwareVersion": "v1.0.20180404 Clang8.0.0",
    "DerivedVendorReportedEchoSpacing": 0.000719994,
    "DeviceSerialNumber": "35002",
    "DwellTime": 2.8e-06,
    "EchoTime": 0.0436,
    "EffectiveEchoSpacing": 0.000719994,
    "FlipAngle": 55,
    "ImageComments": "Unaliased_MB8_PE3_(remote)",
    "ImageOrientationPatientDICOM": [
      1,
      0,
      0,
      0,
      0.853551,
      0.52101
    ],
    "ImageType": [
      "ORIGINAL",
      "PRIMARY",
      "M",
      "ND",
      "MOSAIC"
    ],
    "InPlanePhaseEncodingDirectionDICOM": "COL",
    "InstitutionAddress": "University_Pkwy_1700_North_685_Provo_UT_US_84601",
    "InstitutionName": "Brigham_Young_University",
    "InstitutionalDepartmentName": "MRI",
    "MRAcquisitionType": "2D",
    "MagneticFieldStrength": 3,
    "Manufacturer": "Siemens",
    "ManufacturersModelName": "TrioTim",
    "Modality": "MR",
    "MultibandAccelerationFactor": 8,
    "PartialFourier": 1,
    "PatientPosition": "HFS",
    "PercentPhaseFOV": 100,
    "PhaseEncodingDirection": "j-",
    "PhaseEncodingSteps": 100,
    "PhaseResolution": 1,
    "PixelBandwidth": 1786,
    "ProcedureStepDescription": "Research_KIRWAN",
    "ProtocolName": "run4",
    "PulseSequenceDetails": "%CustomerSeq%_cmrr_mbep2d_bold",
    "ReceiveCoilName": "32Ch_Head",
    "ReconMatrixPE": 100,
    "RepetitionTime": 0.875,
    "SAR": 0.125517,
    "ScanOptions": "FS",
    "ScanningSequence": "EP",
    "SequenceName": "epfid2d1_100",
    "SequenceVariant": "SK",
    "SeriesDescription": "run4",
    "SeriesNumber": 6,
    "ShimSetting": [
      -2599,
      -23128,
      2514,
      1094,
      132,
      194,
      -92,
      37
    ],
    "SliceThickness": 1.8,
    "SliceTiming": [
      0,
      0.4875,
      0.0975,
      0.585,
      0.195,
      0.6825,
      0.2925,
      0.78,
      0.39,
      0,
      0.4875,
      0.0975,
      0.585,
      0.195,
      0.6825,
      0.2925,
      0.78,
      0.39,
      0,
      0.4875,
      0.0975,
      0.585,
      0.195,
      0.6825,
      0.2925,
      0.78,
      0.39,
      0,
      0.4875,
      0.0975,
      0.585,
      0.195,
      0.6825,
      0.2925,
      0.78,
      0.39,
      0,
      0.4875,
      0.0975,
      0.585,
      0.195,
      0.6825,
      0.2925,
      0.78,
      0.39,
      0,
      0.4875,
      0.0975,
      0.585,
      0.195,
      0.6825,
      0.2925,
      0.78,
      0.39,
      0,
      0.4875,
      0.0975,
      0.585,
      0.195,
      0.6825,
      0.2925,
      0.78,
      0.39,
      0,
      0.4875,
      0.0975,
      0.585,
      0.195,
      0.6825,
      0.2925,
      0.78,
      0.39
    ],
    "SoftwareVersions": "syngo_MR_B17",
    "SpacingBetweenSlices": 1.8,
    "StationName": "MININT-E41B04",
    "TaskName": "MST",
    "TotalReadoutTime": 0.0712794,
    "TxRefAmp": 350.549,
    "dataset": "ds002168",
    "modality": "bold",
    "run_id": 4,
    "subject_id": "1461",
    "task_id": "mst"
  },
  "dummy_trs": 0,
  "dvars_nstd": 73.37419700187355,
  "dvars_std": 1.0700119544964892,
  "dvars_vstd": 1.0165017142388757,
  "efc": 0.6270782587518159,
  "fber": 215.0823516845703,
  "fd_mean": 0.06205838894157598,
  "fd_num": 2,
  "fd_perc": 0.4672897196261682,
  "fwhm_avg": 2.994181497570225,
  "fwhm_x": 2.7968389629798187,
  "fwhm_y": 3.321483421322595,
  "fwhm_z": 2.8642221084082613,
  "gcor": 0.00388357,
  "gsr_x": -0.0072450279258191586,
  "gsr_y": 0.0863766297698021,
  "provenance": {
    "md5sum": "54c94955f7b2b13f00ad7fa27fa5d9b0",
    "settings": {
      "fd_thres": 0.2,
      "testing": false
    },
    "software": "mriqc",
    "version": "23.0.1",
    "webapi_port": null,
    "webapi_url": "https://mriqc.nimh.nih.gov/api/v1"
  },
  "size_t": 428,
  "size_x": 100,
  "size_y": 100,
  "size_z": 72,
  "snr": 2.2186062554516965,
  "spacing_tr": 0.875,
  "spacing_x": 1.7999999523162842,
  "spacing_y": 1.7999999523162842,
  "spacing_z": 1.8000000715255737,
  "summary_bg_k": 31.02798810896668,
  "summary_bg_mad": 14.237137373094257,
  "summary_bg_mean": 40.032894134521484,
  "summary_bg_median": 22.80841064453125,
  "summary_bg_n": 383889.0,
  "summary_bg_p05": 11.392522811889648,
  "summary_bg_p95": 130.85326538085926,
  "summary_bg_stdv": 47.3497200012207,
  "summary_fg_k": 3.2754769846850476,
  "summary_fg_mad": 119.41531068894186,
  "summary_fg_mean": 377.3601379394531,
  "summary_fg_median": 342.8574523925781,
  "summary_fg_n": 225709.0,
  "summary_fg_p05": 195.03550720214844,
  "summary_fg_p95": 681.02099609375,
  "summary_fg_stdv": 154.53697204589844,
  "tsnr": 19.019510792568326
}