{
  "bids_meta": {
    "AcquisitionMatrixPE": 256,
    "AcquisitionNumber": 1,
    "AcquisitionTime": "11:53:27.182500",
    "BaseResolution": 256,
    "ConversionSoftware": "dcm2niix",
    "ConversionSoftwareVersion": "v1.0.20180404 Clang8.0.0",
    "DeviceSerialNumber": "35002",
    "DwellTime": 1.03e-05,
    "EchoTime": 0.00492,
    "FlipAngle": 25,
    "ImageOrientationPatientDICOM": [
      0.0244321,
      0.999701,
      -1.79364e-08,
      -0.0453495,
      0.0011083,
      -0.998971
    ],
    "ImageType": [
      "ORIGINAL",
      "PRIMARY",
      "M",
      "ND",
      "NORM"
    ],
    "InPlanePhaseEncodingDirectionDICOM": "ROW",
    "InstitutionAddress": "University_Pkwy_1700_North_685_Provo_UT_US_84601",
    "InstitutionName": "Brigham_Young_University",
    "InstitutionalDepartmentName": "MRI",
    "MRAcquisitionType": "3D",
    "MagneticFieldStrength": 3,
    "Manufacturer": "Siemens",
    "ManufacturersModelName": "TrioTim",
    "Modality": "MR",
    "ParallelReductionFactorInPlane": 2,
    "PartialFourier": 1,
    "PatientPosition": "HFS",
    "PercentPhaseFOV": 100,
    "PhaseEncodingSteps": 255,
    "PhaseResolution": 1,
    "PixelBandwidth": 190,
    "ProcedureStepDescription": "Research_KIRWAN",
    "ProtocolName": "t1_fl3d_sag_no3Daccel_iso_1.0_1avg",
    "PulseSequenceDetails": "%SiemensSeq%_gre",
    "ReceiveCoilName": "32Ch_Head",
    "ReconMatrixPE": 256,
    "RepetitionTime": 0.02,
    "SAR": 0.150164,
    "ScanningSequence": "GR",
    "SequenceName": "_fl3d1_ns",
    "SequenceVariant": "SP",
    "SeriesDescription": "t1_fl3d_sag_no3Daccel_iso_1.0_1avg",
    "SeriesNumber": 9,
    "ShimSetting": [
      -2826,
      -22917,
      1922,
      -109,
      -90,
      -53,
      -300,
      376
    ],
    "SliceThickness": 1,
    "SoftwareVersions": "syngo_MR_B17",
    "StationName": "MININT-E41B04",
    "TxRefAmp": 343.02,
    "dataset": "ds002168",
    "modality": "T1w",
    "subject_id": "2259"
  },
  "cjv": 0.4417691686834721,
  "cnr": 3.0667164249929275,
  "efc": 0.5384552833788298,
  "fber": 7770.290933392738,
  "fwhm_avg": 3.2589629477772504,
  "fwhm_x": 3.234278843331751,
  "fwhm_y": 3.39041,
  "fwhm_z": 3.1522,
  "icvs_csf": 0.18782318543343618,
  "icvs_gm": 0.43468026087249645,
  "icvs_wm": 0.37749655369406737,
  "inu_med": 0.4496667683124542,
  "inu_range": 0.17868673205375663,
  "provenance": {
    "md5sum": "5f63a311e84e5e0ba5ebd95ef6cadd21",
    "settings": {
      "testing": false
    },
    "software": "mriqc",
    "version": "23.0.1",
    "warnings": {
      "large_rot_frame": true,
      "small_air_mask": false
    },
    "webapi_port": null,
    "webapi_url": "https://mriqc.nimh.nih.gov/api/v1"
  },
  "qi_1": 5.4535174598046286e-05,
  "qi_2": 0.023824997117161618,
  "rpve_csf": 33.60904361637338,
  "rpve_gm": 14.821814135199313,
  "rpve_wm": 18.550243887952604,
  "size_x": 192,
  "size_y": 256,
  "size_z": 256,
  "snr_csf": 3.7821456092724013,
  "snr_gm": 17.977262180638014,
  "snr_total": 14.982619018859358,
  "snr_wm": 23.18844926666766,
  "snrd_csf": 47.93697851795371,
  "snrd_gm": 91.41860992952692,
  "snrd_total": 84.1762362657535,
  "snrd_wm": 113.17312034977986,
  "spacing_x": 1.0000003576278687,
  "spacing_y": 1.0,
  "spacing_z": 1.0,
  "summary_bg_k": 7.9927700454414,
  "summary_bg_mad": 5.78898541544772,
  "summary_bg_mean": 6.245715241981226,
  "summary_bg_median": 3.904611326754093,
  "summary_bg_n": 3170677.0,
  "summary_bg_p05": 0.0,
  "summary_bg_p95": 20.975184813141823,
  "summary_bg_stdv": 7.084372255755406,
  "summary_csf_k": 3.228198263074696,
  "summary_csf_mad": 76.14190321227312,
  "summary_csf_mean": 415.67312360227425,
  "summary_csf_median": 423.5857899226248,
  "summary_csf_n": 33762.0,
  "summary_csf_p05": 187.87311689555645,
  "summary_csf_p95": 579.942884898558,
  "summary_csf_stdv": 111.99450272964637,
  "summary_gm_k": 0.15148548958639863,
  "summary_gm_mad": 44.82875482871499,
  "summary_gm_mean": 807.1540727741583,
  "summary_gm_median": 807.8027714267373,
  "summary_gm_n": 24024.0,
  "summary_gm_p05": 732.0339499786496,
  "summary_gm_p95": 878.7585946980863,
  "summary_gm_stdv": 44.93375858476345,
  "summary_wm_k": 1.0311403121895388,
  "summary_wm_mad": 40.092312216075946,
  "summary_wm_mean": 1003.3691694497588,
  "summary_wm_median": 1000.0322728604078,
  "summary_wm_n": 156686.0,
  "summary_wm_p05": 939.5914710834622,
  "summary_wm_p95": 1078.7053506672382,
  "summary_wm_stdv": 43.12617330104345,
  "tpm_overlap_csf": 0.15057577863702543,
  "tpm_overlap_gm": 0.4649682132830642,
  "tpm_overlap_wm": 0.49019624918809107,
  "wm2max": 0.6693882840850182
}