{
  "aor": 0.0011159764705882353,
  "aqi": 0.015140664941176472,
  "bids_meta": {
    "AcquisitionMatrixPE": 100,
    "AcquisitionNumber": 1,
    "AcquisitionTime": "13:52:55.322500",
    "BandwidthPerPixelPhaseEncode": 13.889,
    "BaseResolution": 100,
    "ConversionSoftware": "dcm2niix",
    "ConversionSoftwareVersion": "v1.0.20180404 Clang8.0.0",
    "DerivedVendorReportedEchoSpacing": 0.000719994,
    "DeviceSerialNumber": "35002",
    "DwellTime": 2.8e-06,
    "EchoTime": 0.0436,
    "EffectiveEchoSpacing": 0.000719994,
    "FlipAngle": 55,
    "ImageComments": "Unaliased_MB8_PE3_(remote)",
    "ImageOrientationPatientDICOM": [
      0.998151,
      -0.0158721,
      0.0586815,
      5.06833e-11,
      0.965313,
      0.261097
    ],
    "ImageType": [
      "ORIGINAL",
      "PRIMARY",
      "M",
      "MB",
      "ND",
      "MOSAIC"
    ],
    "InPlanePhaseEncodingDirectionDICOM": "COL",
    "InstitutionAddress": "University_Pkwy_1700_North_685_Provo_UT_US_84601",
    "InstitutionName": "Brigham_Young_University",
    "InstitutionalDepartmentName": "MRI",
    "MRAcquisitionType": "2D",
    "MagneticFieldStrength": 3,
    "Manufacturer": "Siemens",
    "ManufacturersModelName": "TrioTim",
    "Modality": "MR",
    "MultibandAccelerationFactor": 8,
    "PartialFourier": 1,
    "PatientPosition": "HFS",
    "PercentPhaseFOV": 100,
    "PhaseEncodingDirection": "j-",
    "PhaseEncodingSteps": 100,
    "PhaseResolution": 1,
    "PixelBandwidth": 1786,
    "ProcedureStepDescription": "Research_KIRWAN",
    "ProtocolName": "run2",
    "PulseSequenceDetails": "%CustomerSeq%_cmrr_mbep2d_bold",
    "ReceiveCoilName": "32Ch_Head",
    "ReconMatrixPE": 100,
    "RepetitionTime": 0.875,
    "SAR": 0.106369,
    "ScanOptions": "FS",
    "ScanningSequence": "EP",
    "SequenceName": "epfid2d1_100",
    "SequenceVariant": "SK_SS",
    "SeriesDescription": "run2",
    "SeriesNumber": 4,
    "ShimSetting": [
      -2631,
      -23000,
      2506,
      1109,
      59,
      365,
      -249,
      52
    ],
    "SliceThickness": 1.8,
    "SliceTiming": [
      0,
      0.49,
      0.0975,
      0.5875,
      0.195,
      0.685,
      0.295,
      0.7825,
      0.3925,
      0,
      0.49,
      0.0975,
      0.5875,
      0.195,
      0.685,
      0.295,
      0.7825,
      0.3925,
      0,
      0.49,
      0.0975,
      0.5875,
      0.195,
      0.685,
      0.295,
      0.7825,
      0.3925,
      0,
      0.49,
      0.0975,
      0.5875,
      0.195,
      0.685,
      0.295,
      0.7825,
      0.3925,
      0,
      0.49,
      0.0975,
      0.5875,
      0.195,
      0.685,
      0.295,
      0.7825,
      0.3925,
      0,
      0.49,
      0.0975,
      0.5875,
      0.195,
      0.685,
      0.295,
      0.7825,
      0.3925,
      0,
      0.49,
      0.0975,
      0.5875,
      0.195,
      0.685,
      0.295,
      0.7825,
      0.3925,
      0,
      0.49,
      0.0975,
      0.5875,
      0.195,
      0.685,
      0.295,
      0.7825,
      0.3925
    ],
    "SoftwareVersions": "syngo_MR_B17",
    "SpacingBetweenSlices": 1.8,
    "StationName": "MININT-E41B04",
    "TaskName": "MST",
    "TotalReadoutTime": 0.0712794,
    "TxRefAmp": 329.801,
    "dataset": "ds002168",
    "modality": "bold",
    "run_id": 2,
    "subject_id": "1591",
    "task_id": "mst"
  },
  "dummy_trs": 3,
  "dvars_nstd": 77.85352370433966,
  "dvars_std": 1.084780815471698,
  "dvars_vstd": 1.0161378904245288,
  "efc": 0.6303239511498324,
  "fber": 165.25804138183594,
  "fd_mean": 0.07507802560075669,
  "fd_num": 4,
  "fd_perc": 0.9411764705882353,
  "fwhm_avg": 3.543640758755745,
  "fwhm_x": 3.333683421645785,
  "fwhm_y": 3.860922324501735,
  "fwhm_z": 3.436316530119716,
  "gcor": 0.00331201,
  "gsr_x": -0.0336754284799099,
  "gsr_y": 0.12370598316192627,
  "provenance": {
    "md5sum": "785fe6b6142b63d10109d4e22bb9697e",
    "settings": {
      "fd_thres": 0.2,
      "testing": false
    },
    "software": "mriqc",
    "version": "23.0.1",
    "webapi_port": null,
    "webapi_url": "https://mriqc.nimh.nih.gov/api/v1"
  },
  "size_t": 425,
  "size_x": 100,
  "size_y": 100,
  "size_z": 72,
  "snr": 1.7239564312040647,
  "spacing_tr": 0.875,
  "spacing_x": 1.7999999523162842,
  "spacing_y": 1.7999999523162842,
  "spacing_z": 1.8000000715255737,
  "summary_bg_k": 44.01735318338703,
  "summary_bg_mad": 17.254000778702224,
  "summary_bg_mean": 49.01018142700195,
  "summary_bg_median": 26.736469268798828,
  "summary_bg_n": 357504.0,
  "summary_bg_p05": 13.07529354095459,
  "summary_bg_p95": 157.3619979858398,
  "summary_bg_stdv": 68.18826293945312,
  "summary_fg_k": 7.412995832377959,
  "summary_fg_mad": 131.6062390872008,
  "summary_fg_mean": 414.4717102050781,
  "summary_fg_median": 361.4447021484375,
  "summary_fg_n": 248579.0,
  "summary_fg_p05": 197.81881713867188,
  "summary_fg_p95": 829.3992858886714,
  "summary_fg_stdv": 209.65957641601562,
  "tsnr": 20.093110596877523
}