{
  "aor": 0.000531943793911007,
  "aqi": 0.015151142388758781,
  "bids_meta": {
    "AcquisitionMatrixPE": 100,
    "AcquisitionNumber": 1,
    "AcquisitionTime": "14:13:3.962500",
    "BandwidthPerPixelPhaseEncode": 13.889,
    "BaseResolution": 100,
    "ConversionSoftware": "dcm2niix",
    "ConversionSoftwareVersion": "v1.0.20180404 Clang8.0.0",
    "DerivedVendorReportedEchoSpacing": 0.000719994,
    "DeviceSerialNumber": "35002",
    "DwellTime": 2.8e-06,
    "EchoTime": 0.0436,
    "EffectiveEchoSpacing": 0.000719994,
    "FlipAngle": 55,
    "ImageComments": "Unaliased_MB8_PE3_(remote)",
    "ImageOrientationPatientDICOM": [
      0.998151,
      -0.0158721,
      0.0586815,
      5.06833e-11,
      0.965313,
      0.261097
    ],
    "ImageType": [
      "ORIGINAL",
      "PRIMARY",
      "M",
      "MB",
      "ND",
      "MOSAIC"
    ],
    "InPlanePhaseEncodingDirectionDICOM": "COL",
    "InstitutionAddress": "University_Pkwy_1700_North_685_Provo_UT_US_84601",
    "InstitutionName": "Brigham_Young_University",
    "InstitutionalDepartmentName": "MRI",
    "MRAcquisitionType": "2D",
    "MagneticFieldStrength": 3,
    "Manufacturer": "Siemens",
    "ManufacturersModelName": "TrioTim",
    "Modality": "MR",
    "MultibandAccelerationFactor": 8,
    "PartialFourier": 1,
    "PatientPosition": "HFS",
    "PercentPhaseFOV": 100,
    "PhaseEncodingDirection": "j-",
    "PhaseEncodingSteps": 100,
    "PhaseResolution": 1,
    "PixelBandwidth": 1786,
    "ProcedureStepDescription": "Research_KIRWAN",
    "ProtocolName": "run5",
    "PulseSequenceDetails": "%CustomerSeq%_cmrr_mbep2d_bold",
    "ReceiveCoilName": "32Ch_Head",
    "ReconMatrixPE": 100,
    "RepetitionTime": 0.875,
    "SAR": 0.10905,
    "ScanOptions": "FS",
    "ScanningSequence": "EP",
    "SequenceName": "epfid2d1_100",
    "SequenceVariant": "SK_SS",
    "SeriesDescription": "run5",
    "SeriesNumber": 7,
    "ShimSetting": [
      -2631,
      -23000,
      2506,
      1109,
      59,
      365,
      -249,
      52
    ],
    "SliceThickness": 1.8,
    "SliceTiming": [
      0,
      0.4875,
      0.0975,
      0.585,
      0.195,
      0.6825,
      0.2925,
      0.78,
      0.39,
      0,
      0.4875,
      0.0975,
      0.585,
      0.195,
      0.6825,
      0.2925,
      0.78,
      0.39,
      0,
      0.4875,
      0.0975,
      0.585,
      0.195,
      0.6825,
      0.2925,
      0.78,
      0.39,
      0,
      0.4875,
      0.0975,
      0.585,
      0.195,
      0.6825,
      0.2925,
      0.78,
      0.39,
      0,
      0.4875,
      0.0975,
      0.585,
      0.195,
      0.6825,
      0.2925,
      0.78,
      0.39,
      0,
      0.4875,
      0.0975,
      0.585,
      0.195,
      0.6825,
      0.2925,
      0.78,
      0.39,
      0,
      0.4875,
      0.0975,
      0.585,
      0.195,
      0.6825,
      0.2925,
      0.78,
      0.39,
      0,
      0.4875,
      0.0975,
      0.585,
      0.195,
      0.6825,
      0.2925,
      0.78,
      0.39
    ],
    "SoftwareVersions": "syngo_MR_B17",
    "SpacingBetweenSlices": 1.8,
    "StationName": "MININT-E41B04",
    "TaskName": "MST",
    "TotalReadoutTime": 0.0712794,
    "TxRefAmp": 329.801,
    "dataset": "ds002168",
    "modality": "bold",
    "run_id": 5,
    "subject_id": "1591",
    "task_id": "mst"
  },
  "dummy_trs": 1,
  "dvars_nstd": 78.50077081955395,
  "dvars_std": 1.0839185627699521,
  "dvars_vstd": 1.0063602410328631,
  "efc": 0.6296988425102281,
  "fber": 161.2322540283203,
  "fd_mean": 0.08404711864541568,
  "fd_num": 6,
  "fd_perc": 1.405152224824356,
  "fwhm_avg": 3.561303721655694,
  "fwhm_x": 3.3491611998335835,
  "fwhm_y": 3.8743834359694436,
  "fwhm_z": 3.4603665291640544,
  "gcor": 0.00378334,
  "gsr_x": -0.031254980713129044,
  "gsr_y": 0.12374188005924225,
  "provenance": {
    "md5sum": "75e0644ca0d34ce587b8f0db023565bb",
    "settings": {
      "fd_thres": 0.2,
      "testing": false
    },
    "software": "mriqc",
    "version": "23.0.1",
    "webapi_port": null,
    "webapi_url": "https://mriqc.nimh.nih.gov/api/v1"
  },
  "size_t": 427,
  "size_x": 100,
  "size_y": 100,
  "size_z": 72,
  "snr": 1.7183257281338524,
  "spacing_tr": 0.875,
  "spacing_x": 1.7999999523162842,
  "spacing_y": 1.7999999523162842,
  "spacing_z": 1.8000000715255737,
  "summary_bg_k": 42.13582707200402,
  "summary_bg_mad": 17.66622764084964,
  "summary_bg_mean": 50.124000549316406,
  "summary_bg_median": 27.091333389282227,
  "summary_bg_n": 359713.0,
  "summary_bg_p05": 13.15690803527832,
  "summary_bg_p95": 162.0838287353514,
  "summary_bg_stdv": 69.98592376708984,
  "summary_fg_k": 7.312525797931196,
  "summary_fg_mad": 133.44804476678783,
  "summary_fg_mean": 416.3683166503906,
  "summary_fg_median": 362.6744689941406,
  "summary_fg_n": 245617.0,
  "summary_fg_p05": 199.81685485839844,
  "summary_fg_p95": 835.2997070312498,
  "summary_fg_stdv": 211.06227111816406,
  "tsnr": 20.200823780614883
}