{
  "bids_meta": {
    "AcquisitionMatrixPE": 256,
    "AcquisitionNumber": 1,
    "AcquisitionTime": "10:00:29.287500",
    "BaseResolution": 256,
    "ConversionSoftware": "dcm2niix",
    "ConversionSoftwareVersion": "v1.0.20180404 Clang8.0.0",
    "DeviceSerialNumber": "35002",
    "DwellTime": 1.03e-05,
    "EchoTime": 0.00492,
    "FlipAngle": 25,
    "ImageOrientationPatientDICOM": [
      0.0383878,
      0.999263,
      0,
      0,
      -1e-16,
      -1
    ],
    "ImageType": [
      "ORIGINAL",
      "PRIMARY",
      "M",
      "ND",
      "NORM"
    ],
    "InPlanePhaseEncodingDirectionDICOM": "ROW",
    "InstitutionAddress": "University_Pkwy_1700_North_685_Provo_UT_US_84601",
    "InstitutionName": "Brigham_Young_University",
    "InstitutionalDepartmentName": "MRI",
    "MRAcquisitionType": "3D",
    "MagneticFieldStrength": 3,
    "Manufacturer": "Siemens",
    "ManufacturersModelName": "TrioTim",
    "Modality": "MR",
    "ParallelReductionFactorInPlane": 2,
    "PartialFourier": 1,
    "PatientPosition": "HFS",
    "PercentPhaseFOV": 100,
    "PhaseEncodingSteps": 255,
    "PhaseResolution": 1,
    "PixelBandwidth": 190,
    "ProcedureStepDescription": "Research_KIRWAN",
    "ProtocolName": "t1_fl3d_sag_no3Daccel_iso_1.0_1avg",
    "PulseSequenceDetails": "%SiemensSeq%_gre",
    "ReceiveCoilName": "32Ch_Head",
    "ReconMatrixPE": 256,
    "RepetitionTime": 0.02,
    "SAR": 0.178544,
    "ScanningSequence": "GR",
    "SequenceName": "_fl3d1_ns",
    "SequenceVariant": "SP",
    "SeriesDescription": "t1_fl3d_sag_no3Daccel_iso_1.0_1avg",
    "SeriesNumber": 9,
    "ShimSetting": [
      -2655,
      -23109,
      2059,
      81,
      -13,
      -145,
      -152,
      15
    ],
    "SliceThickness": 1,
    "SoftwareVersions": "syngo_MR_B17",
    "StationName": "MININT-E41B04",
    "TxRefAmp": 338.876,
    "dataset": "ds002168",
    "modality": "T1w",
    "subject_id": "1425"
  },
  "cjv": 0.3957057038497494,
  "cnr": 3.3776332208936224,
  "efc": 0.5561089856819263,
  "fber": 7131.169826735563,
  "fwhm_avg": 3.242668379765925,
  "fwhm_x": 3.116515139297775,
  "fwhm_y": 3.53296,
  "fwhm_z": 3.07853,
  "icvs_csf": 0.17001720410561236,
  "icvs_gm": 0.4770559349729139,
  "icvs_wm": 0.35292686092147374,
  "inu_med": 0.3432376980781555,
  "inu_range": 0.08110225200653076,
  "provenance": {
    "md5sum": "13af79f0206a97269adf735a145e3a73",
    "settings": {
      "testing": false
    },
    "software": "mriqc",
    "version": "23.0.1",
    "warnings": {
      "large_rot_frame": true,
      "small_air_mask": false
    },
    "webapi_port": null,
    "webapi_url": "https://mriqc.nimh.nih.gov/api/v1"
  },
  "qi_1": 0.0,
  "qi_2": 0.0297926243332347,
  "rpve_csf": 34.30687194378621,
  "rpve_gm": 13.352354650351227,
  "rpve_wm": 18.883557368054305,
  "size_x": 192,
  "size_y": 256,
  "size_z": 256,
  "snr_csf": 2.2097741787541105,
  "snr_gm": 17.955015905769468,
  "snr_total": 14.72184782612466,
  "snr_wm": 24.000753393850406,
  "snrd_csf": 34.03932142581438,
  "snrd_gm": 79.00519903383402,
  "snrd_total": 70.86479990334128,
  "snrd_wm": 99.54987925037544,
  "spacing_x": 1.000004768371582,
  "spacing_y": 1.0,
  "spacing_z": 1.0,
  "summary_bg_k": 3.2035902406658243,
  "summary_bg_mad": 6.580986424966034,
  "summary_bg_mean": 6.465794973093405,
  "summary_bg_median": 4.438807889819145,
  "summary_bg_n": 3140352.0,
  "summary_bg_p05": 0.0,
  "summary_bg_p95": 19.196402952075005,
  "summary_bg_stdv": 6.606379541408779,
  "summary_csf_k": 0.06981891906078097,
  "summary_csf_mad": 145.2090381300947,
  "summary_csf_mean": 303.5424360813708,
  "summary_csf_median": 341.932324655354,
  "summary_csf_n": 28010.0,
  "summary_csf_p05": 56.85277027450502,
  "summary_csf_p95": 524.1987118739635,
  "summary_csf_stdv": 154.73355790554086,
  "summary_gm_k": 0.23741066774327368,
  "summary_gm_mad": 43.331949577373756,
  "summary_gm_mean": 791.2698304879649,
  "summary_gm_median": 793.624262586236,
  "summary_gm_n": 46148.0,
  "summary_gm_p05": 714.6192468330264,
  "summary_gm_p95": 859.5146186649799,
  "summary_gm_stdv": 44.200220596813665,
  "summary_wm_k": 0.7587133450195336,
  "summary_wm_mad": 38.33210924152294,
  "summary_wm_mean": 1001.2069395674492,
  "summary_wm_median": 1000.0000060349703,
  "summary_wm_n": 161684.0,
  "summary_wm_p05": 935.4686745796353,
  "summary_wm_p95": 1071.9144585356116,
  "summary_wm_stdv": 41.665230135419456,
  "tpm_overlap_csf": 0.14676952170571425,
  "tpm_overlap_gm": 0.47730660396789354,
  "tpm_overlap_wm": 0.4914677031783996,
  "wm2max": 0.6570516691671837
}