{
  "aor": 0.0005518969555035129,
  "aqi": 0.019136840281030444,
  "bids_meta": {
    "AcquisitionMatrixPE": 100,
    "AcquisitionNumber": 1,
    "AcquisitionTime": "13:16:42.480000",
    "BandwidthPerPixelPhaseEncode": 13.889,
    "BaseResolution": 100,
    "ConversionSoftware": "dcm2niix",
    "ConversionSoftwareVersion": "v1.0.20180404 Clang8.0.0",
    "DerivedVendorReportedEchoSpacing": 0.000719994,
    "DeviceSerialNumber": "35002",
    "DwellTime": 2.8e-06,
    "EchoTime": 0.0436,
    "EffectiveEchoSpacing": 0.000719994,
    "FlipAngle": 55,
    "ImageComments": "Unaliased_MB8_PE3_(remote)",
    "ImageOrientationPatientDICOM": [
      0.999999,
      0.000551893,
      -0.00137947,
      -3.27905e-08,
      0.928461,
      0.371431
    ],
    "ImageType": [
      "ORIGINAL",
      "PRIMARY",
      "M",
      "MB",
      "ND",
      "MOSAIC"
    ],
    "InPlanePhaseEncodingDirectionDICOM": "COL",
    "InstitutionAddress": "University_Pkwy_1700_North_685_Provo_UT_US_84601",
    "InstitutionName": "Brigham_Young_University",
    "InstitutionalDepartmentName": "MRI",
    "MRAcquisitionType": "2D",
    "MagneticFieldStrength": 3,
    "Manufacturer": "Siemens",
    "ManufacturersModelName": "TrioTim",
    "Modality": "MR",
    "MultibandAccelerationFactor": 8,
    "PartialFourier": 1,
    "PatientPosition": "HFS",
    "PercentPhaseFOV": 100,
    "PhaseEncodingDirection": "j-",
    "PhaseEncodingSteps": 100,
    "PhaseResolution": 1,
    "PixelBandwidth": 1786,
    "ProcedureStepDescription": "Research_KIRWAN",
    "ProtocolName": "run2",
    "PulseSequenceDetails": "%CustomerSeq%_cmrr_mbep2d_bold",
    "ReceiveCoilName": "32Ch_Head",
    "ReconMatrixPE": 100,
    "RepetitionTime": 0.875,
    "SAR": 0.12345,
    "ScanOptions": "FS",
    "ScanningSequence": "EP",
    "SequenceName": "epfid2d1_100",
    "SequenceVariant": "SK_SS",
    "SeriesDescription": "run2",
    "SeriesNumber": 4,
    "ShimSetting": [
      -2667,
      -23094,
      2450,
      890,
      -14,
      368,
      -126,
      -118
    ],
    "SliceThickness": 1.8,
    "SliceTiming": [
      0,
      0.4875,
      0.0975,
      0.585,
      0.195,
      0.6825,
      0.2925,
      0.78,
      0.39,
      0,
      0.4875,
      0.0975,
      0.585,
      0.195,
      0.6825,
      0.2925,
      0.78,
      0.39,
      0,
      0.4875,
      0.0975,
      0.585,
      0.195,
      0.6825,
      0.2925,
      0.78,
      0.39,
      0,
      0.4875,
      0.0975,
      0.585,
      0.195,
      0.6825,
      0.2925,
      0.78,
      0.39,
      0,
      0.4875,
      0.0975,
      0.585,
      0.195,
      0.6825,
      0.2925,
      0.78,
      0.39,
      0,
      0.4875,
      0.0975,
      0.585,
      0.195,
      0.6825,
      0.2925,
      0.78,
      0.39,
      0,
      0.4875,
      0.0975,
      0.585,
      0.195,
      0.6825,
      0.2925,
      0.78,
      0.39,
      0,
      0.4875,
      0.0975,
      0.585,
      0.195,
      0.6825,
      0.2925,
      0.78,
      0.39
    ],
    "SoftwareVersions": "syngo_MR_B17",
    "SpacingBetweenSlices": 1.8,
    "StationName": "MININT-E41B04",
    "TaskName": "MST",
    "TotalReadoutTime": 0.0712794,
    "TxRefAmp": 317.255,
    "dataset": "ds002168",
    "modality": "bold",
    "run_id": 2,
    "subject_id": "1544",
    "task_id": "mst"
  },
  "dummy_trs": 1,
  "dvars_nstd": 73.63367619751179,
  "dvars_std": 1.0365306583333334,
  "dvars_vstd": 0.9866418033568072,
  "efc": 0.613244418104246,
  "fber": 203.63992309570312,
  "fd_mean": 0.08692782083495515,
  "fd_num": 2,
  "fd_perc": 0.468384074941452,
  "fwhm_avg": 3.4917130554617706,
  "fwhm_x": 3.1893111955990046,
  "fwhm_y": 3.9221223261229814,
  "fwhm_z": 3.3637056446633244,
  "gcor": 0.00265003,
  "gsr_x": -0.030597787350416183,
  "gsr_y": 0.11434206366539001,
  "provenance": {
    "md5sum": "e0b472010d9f4fe02b0405bdd8e12dfc",
    "settings": {
      "fd_thres": 0.2,
      "testing": false
    },
    "software": "mriqc",
    "version": "23.0.1",
    "webapi_port": null,
    "webapi_url": "https://mriqc.nimh.nih.gov/api/v1"
  },
  "size_t": 427,
  "size_x": 100,
  "size_y": 100,
  "size_z": 72,
  "snr": 1.853344320912148,
  "spacing_tr": 0.875,
  "spacing_x": 1.7999999523162842,
  "spacing_y": 1.7999999523162842,
  "spacing_z": 1.7999999523162842,
  "summary_bg_k": 41.192028014876946,
  "summary_bg_mad": 14.61074867548291,
  "summary_bg_mean": 43.76679611206055,
  "summary_bg_median": 23.269319534301758,
  "summary_bg_n": 386853.0,
  "summary_bg_p05": 11.852458953857422,
  "summary_bg_p95": 144.76112365722656,
  "summary_bg_stdv": 59.256778717041016,
  "summary_fg_k": 4.817133386486987,
  "summary_fg_mad": 125.56633627492207,
  "summary_fg_mean": 390.0567321777344,
  "summary_fg_median": 346.0023193359375,
  "summary_fg_n": 220433.0,
  "summary_fg_p05": 182.8599426269531,
  "summary_fg_p95": 763.0233764648434,
  "summary_fg_stdv": 186.69036865234375,
  "tsnr": 17.88516139984131
}