{
  "aor": 0.00033632318501170965,
  "aqi": 0.016414975878220137,
  "bids_meta": {
    "AcquisitionMatrixPE": 100,
    "AcquisitionNumber": 1,
    "AcquisitionTime": "19:25:48.525000",
    "BandwidthPerPixelPhaseEncode": 13.889,
    "BaseResolution": 100,
    "ConversionSoftware": "dcm2niix",
    "ConversionSoftwareVersion": "v1.0.20180404 Clang8.0.0",
    "DerivedVendorReportedEchoSpacing": 0.000719994,
    "DeviceSerialNumber": "35002",
    "DwellTime": 2.8e-06,
    "EchoTime": 0.0436,
    "EffectiveEchoSpacing": 0.000719994,
    "FlipAngle": 55,
    "ImageComments": "Unaliased_MB8_PE3_(remote)",
    "ImageOrientationPatientDICOM": [
      0.999999,
      -0.000536417,
      0.00112961,
      6.20818e-08,
      0.903344,
      0.428916
    ],
    "ImageType": [
      "ORIGINAL",
      "PRIMARY",
      "M",
      "MB",
      "ND",
      "MOSAIC"
    ],
    "InPlanePhaseEncodingDirectionDICOM": "COL",
    "InstitutionAddress": "University_Pkwy_1700_North_685_Provo_UT_US_84601",
    "InstitutionName": "Brigham_Young_University",
    "InstitutionalDepartmentName": "MRI",
    "MRAcquisitionType": "2D",
    "MagneticFieldStrength": 3,
    "Manufacturer": "Siemens",
    "ManufacturersModelName": "TrioTim",
    "Modality": "MR",
    "MultibandAccelerationFactor": 8,
    "PartialFourier": 1,
    "PatientPosition": "HFS",
    "PercentPhaseFOV": 100,
    "PhaseEncodingDirection": "j-",
    "PhaseEncodingSteps": 100,
    "PhaseResolution": 1,
    "PixelBandwidth": 1786,
    "ProcedureStepDescription": "Research_KIRWAN",
    "ProtocolName": "run2",
    "PulseSequenceDetails": "%CustomerSeq%_cmrr_mbep2d_bold",
    "ReceiveCoilName": "32Ch_Head",
    "ReconMatrixPE": 100,
    "RepetitionTime": 0.875,
    "SAR": 0.124102,
    "ScanOptions": "FS",
    "ScanningSequence": "EP",
    "SequenceName": "epfid2d1_100",
    "SequenceVariant": "SK_SS",
    "SeriesDescription": "run2",
    "SeriesNumber": 4,
    "ShimSetting": [
      -2814,
      -22944,
      2362,
      550,
      42,
      200,
      -344,
      467
    ],
    "SliceThickness": 1.8,
    "SliceTiming": [
      0,
      0.4875,
      0.0975,
      0.585,
      0.195,
      0.6825,
      0.2925,
      0.78,
      0.39,
      0,
      0.4875,
      0.0975,
      0.585,
      0.195,
      0.6825,
      0.2925,
      0.78,
      0.39,
      0,
      0.4875,
      0.0975,
      0.585,
      0.195,
      0.6825,
      0.2925,
      0.78,
      0.39,
      0,
      0.4875,
      0.0975,
      0.585,
      0.195,
      0.6825,
      0.2925,
      0.78,
      0.39,
      0,
      0.4875,
      0.0975,
      0.585,
      0.195,
      0.6825,
      0.2925,
      0.78,
      0.39,
      0,
      0.4875,
      0.0975,
      0.585,
      0.195,
      0.6825,
      0.2925,
      0.78,
      0.39,
      0,
      0.4875,
      0.0975,
      0.585,
      0.195,
      0.6825,
      0.2925,
      0.78,
      0.39,
      0,
      0.4875,
      0.0975,
      0.585,
      0.195,
      0.6825,
      0.2925,
      0.78,
      0.39
    ],
    "SoftwareVersions": "syngo_MR_B17",
    "SpacingBetweenSlices": 1.8,
    "StationName": "MININT-E41B04",
    "TaskName": "MST",
    "TotalReadoutTime": 0.0712794,
    "TxRefAmp": 327.552,
    "dataset": "ds002168",
    "modality": "bold",
    "run_id": 2,
    "subject_id": "1597",
    "task_id": "mst"
  },
  "dummy_trs": 1,
  "dvars_nstd": 78.45839537152577,
  "dvars_std": 1.07118023842723,
  "dvars_vstd": 1.0054454167136158,
  "efc": 0.6396698607779894,
  "fber": 153.96908569335938,
  "fd_mean": 0.14749431147428768,
  "fd_num": 93,
  "fd_perc": 21.779859484777518,
  "fwhm_avg": 2.9225592741291244,
  "fwhm_x": 2.741627850406113,
  "fwhm_y": 3.1925611956851006,
  "fwhm_z": 2.8334887762961607,
  "gcor": 0.00216001,
  "gsr_x": -0.004953355994075537,
  "gsr_y": 0.0812569260597229,
  "provenance": {
    "md5sum": "dfdbb19f74823344223f8905a9e60a1e",
    "settings": {
      "fd_thres": 0.2,
      "testing": false
    },
    "software": "mriqc",
    "version": "23.0.1",
    "webapi_port": null,
    "webapi_url": "https://mriqc.nimh.nih.gov/api/v1"
  },
  "size_t": 427,
  "size_x": 100,
  "size_y": 100,
  "size_z": 72,
  "snr": 2.2340032880099825,
  "spacing_tr": 0.875,
  "spacing_x": 1.7999999523162842,
  "spacing_y": 1.7999999523162842,
  "spacing_z": 1.8000000715255737,
  "summary_bg_k": 68.74493495001303,
  "summary_bg_mad": 15.95793839449539,
  "summary_bg_mean": 43.061302185058594,
  "summary_bg_median": 26.871192932128906,
  "summary_bg_n": 376919.0,
  "summary_bg_p05": 13.250584602355957,
  "summary_bg_p95": 122.44496154785156,
  "summary_bg_stdv": 55.4744758605957,
  "summary_fg_k": 2.946354550808471,
  "summary_fg_mad": 117.8564699225181,
  "summary_fg_mean": 377.1358337402344,
  "summary_fg_median": 343.59600830078125,
  "summary_fg_n": 232344.0,
  "summary_fg_p05": 197.76216354370118,
  "summary_fg_p95": 679.6806701660151,
  "summary_fg_stdv": 153.802490234375,
  "tsnr": 19.93468177097384
}