{
  "aor": 0.00047109813084112156,
  "aqi": 0.019826451168224297,
  "bids_meta": {
    "AcquisitionMatrixPE": 100,
    "AcquisitionNumber": 1,
    "AcquisitionTime": "19:40:8.295000",
    "BandwidthPerPixelPhaseEncode": 13.889,
    "BaseResolution": 100,
    "ConversionSoftware": "dcm2niix",
    "ConversionSoftwareVersion": "v1.0.20180404 Clang8.0.0",
    "DerivedVendorReportedEchoSpacing": 0.000719994,
    "DeviceSerialNumber": "35002",
    "DwellTime": 2.8e-06,
    "EchoTime": 0.0436,
    "EffectiveEchoSpacing": 0.000719994,
    "FlipAngle": 55,
    "ImageComments": "Unaliased_MB8_PE3_(remote)",
    "ImageOrientationPatientDICOM": [
      0.999999,
      -0.000536417,
      0.00112961,
      6.20818e-08,
      0.903344,
      0.428916
    ],
    "ImageType": [
      "ORIGINAL",
      "PRIMARY",
      "M",
      "MB",
      "ND",
      "MOSAIC"
    ],
    "InPlanePhaseEncodingDirectionDICOM": "COL",
    "InstitutionAddress": "University_Pkwy_1700_North_685_Provo_UT_US_84601",
    "InstitutionName": "Brigham_Young_University",
    "InstitutionalDepartmentName": "MRI",
    "MRAcquisitionType": "2D",
    "MagneticFieldStrength": 3,
    "Manufacturer": "Siemens",
    "ManufacturersModelName": "TrioTim",
    "Modality": "MR",
    "MultibandAccelerationFactor": 8,
    "PartialFourier": 1,
    "PatientPosition": "HFS",
    "PercentPhaseFOV": 100,
    "PhaseEncodingDirection": "j-",
    "PhaseEncodingSteps": 100,
    "PhaseResolution": 1,
    "PixelBandwidth": 1786,
    "ProcedureStepDescription": "Research_KIRWAN",
    "ProtocolName": "run4",
    "PulseSequenceDetails": "%CustomerSeq%_cmrr_mbep2d_bold",
    "ReceiveCoilName": "32Ch_Head",
    "ReconMatrixPE": 100,
    "RepetitionTime": 0.875,
    "SAR": 0.121404,
    "ScanOptions": "FS",
    "ScanningSequence": "EP",
    "SequenceName": "epfid2d1_100",
    "SequenceVariant": "SK_SS",
    "SeriesDescription": "run4",
    "SeriesNumber": 6,
    "ShimSetting": [
      -2814,
      -22944,
      2362,
      550,
      42,
      200,
      -344,
      467
    ],
    "SliceThickness": 1.8,
    "SliceTiming": [
      0,
      0.4875,
      0.0975,
      0.585,
      0.195,
      0.6825,
      0.2925,
      0.78,
      0.39,
      0,
      0.4875,
      0.0975,
      0.585,
      0.195,
      0.6825,
      0.2925,
      0.78,
      0.39,
      0,
      0.4875,
      0.0975,
      0.585,
      0.195,
      0.6825,
      0.2925,
      0.78,
      0.39,
      0,
      0.4875,
      0.0975,
      0.585,
      0.195,
      0.6825,
      0.2925,
      0.78,
      0.39,
      0,
      0.4875,
      0.0975,
      0.585,
      0.195,
      0.6825,
      0.2925,
      0.78,
      0.39,
      0,
      0.4875,
      0.0975,
      0.585,
      0.195,
      0.6825,
      0.2925,
      0.78,
      0.39,
      0,
      0.4875,
      0.0975,
      0.585,
      0.195,
      0.6825,
      0.2925,
      0.78,
      0.39,
      0,
      0.4875,
      0.0975,
      0.585,
      0.195,
      0.6825,
      0.2925,
      0.78,
      0.39
    ],
    "SoftwareVersions": "syngo_MR_B17",
    "SpacingBetweenSlices": 1.8,
    "StationName": "MININT-E41B04",
    "TaskName": "MST",
    "TotalReadoutTime": 0.0712794,
    "TxRefAmp": 327.552,
    "dataset": "ds002168",
    "modality": "bold",
    "run_id": 4,
    "subject_id": "1597",
    "task_id": "mst"
  },
  "dummy_trs": 0,
  "dvars_nstd": 80.22864921983606,
  "dvars_std": 1.0644655448009372,
  "dvars_vstd": 0.9985907540281034,
  "efc": 0.6399493271345116,
  "fber": 145.0727081298828,
  "fd_mean": 0.15299880300020754,
  "fd_num": 106,
  "fd_perc": 24.766355140186917,
  "fwhm_avg": 2.9235629783217827,
  "fwhm_x": 2.7451389616102366,
  "fwhm_y": 3.213005640671138,
  "fwhm_z": 2.8125443326839736,
  "gcor": 0.00521535,
  "gsr_x": -0.0018642419017851353,
  "gsr_y": 0.08159380406141281,
  "provenance": {
    "md5sum": "6b90ab16a6dc70c309bb4c5b351f058a",
    "settings": {
      "fd_thres": 0.2,
      "testing": false
    },
    "software": "mriqc",
    "version": "23.0.1",
    "webapi_port": null,
    "webapi_url": "https://mriqc.nimh.nih.gov/api/v1"
  },
  "size_t": 428,
  "size_x": 100,
  "size_y": 100,
  "size_z": 72,
  "snr": 2.228324837114065,
  "spacing_tr": 0.875,
  "spacing_x": 1.7999999523162842,
  "spacing_y": 1.7999999523162842,
  "spacing_z": 1.8000000715255737,
  "summary_bg_k": 64.72505463285222,
  "summary_bg_mad": 16.384831845247312,
  "summary_bg_mean": 42.826820373535156,
  "summary_bg_median": 27.130840301513672,
  "summary_bg_n": 379500.0,
  "summary_bg_p05": 13.123831748962402,
  "summary_bg_p95": 120.30630226135249,
  "summary_bg_stdv": 53.06294250488281,
  "summary_fg_k": 2.7296761178085918,
  "summary_fg_mad": 120.3990820523747,
  "summary_fg_mean": 367.10369873046875,
  "summary_fg_median": 336.2967224121094,
  "summary_fg_n": 230277.0,
  "summary_fg_p05": 187.34204406738283,
  "summary_fg_p95": 661.2317382812499,
  "summary_fg_stdv": 150.9187469482422,
  "tsnr": 18.021035770652816
}