{
  "bids_meta": {
    "AcquisitionMatrixPE": 256,
    "AcquisitionNumber": 1,
    "AcquisitionTime": "16:48:17.080000",
    "BaseResolution": 256,
    "ConversionSoftware": "dcm2niix",
    "ConversionSoftwareVersion": "v1.0.20180404 Clang8.0.0",
    "DeviceSerialNumber": "35002",
    "DwellTime": 1.03e-05,
    "EchoTime": 0.00492,
    "FlipAngle": 25,
    "ImageOrientationPatientDICOM": [
      0,
      1,
      -1e-16,
      -0.0314108,
      0,
      -0.999507
    ],
    "ImageType": [
      "ORIGINAL",
      "PRIMARY",
      "M",
      "ND",
      "NORM"
    ],
    "InPlanePhaseEncodingDirectionDICOM": "ROW",
    "InstitutionAddress": "University_Pkwy_1700_North_685_Provo_UT_US_84601",
    "InstitutionName": "Brigham_Young_University",
    "InstitutionalDepartmentName": "MRI",
    "MRAcquisitionType": "3D",
    "MagneticFieldStrength": 3,
    "Manufacturer": "Siemens",
    "ManufacturersModelName": "TrioTim",
    "Modality": "MR",
    "ParallelReductionFactorInPlane": 2,
    "PartialFourier": 1,
    "PatientPosition": "HFS",
    "PercentPhaseFOV": 100,
    "PhaseEncodingSteps": 255,
    "PhaseResolution": 1,
    "PixelBandwidth": 190,
    "ProcedureStepDescription": "Research_KIRWAN",
    "ProtocolName": "t1_fl3d_sag_no3Daccel_iso_1.0_1avg",
    "PulseSequenceDetails": "%SiemensSeq%_gre",
    "ReceiveCoilName": "32Ch_Head",
    "ReconMatrixPE": 256,
    "RepetitionTime": 0.02,
    "SAR": 0.169621,
    "ScanningSequence": "GR",
    "SequenceName": "_fl3d1_ns",
    "SequenceVariant": "SP",
    "SeriesDescription": "t1_fl3d_sag_no3Daccel_iso_1.0_1avg",
    "SeriesNumber": 9,
    "ShimSetting": [
      -2655,
      -23109,
      2059,
      81,
      -13,
      -145,
      -152,
      15
    ],
    "SliceThickness": 1,
    "SoftwareVersions": "syngo_MR_B17",
    "StationName": "MININT-E41B04",
    "TxRefAmp": 315.82,
    "dataset": "ds002168",
    "modality": "T1w",
    "subject_id": "1538"
  },
  "cjv": 0.45655129011327805,
  "cnr": 2.9994655527470084,
  "efc": 0.5718052311730926,
  "fber": 11592.683052649958,
  "fwhm_avg": 3.3481829380533186,
  "fwhm_x": 3.2147188141599568,
  "fwhm_y": 3.63863,
  "fwhm_z": 3.1912,
  "icvs_csf": 0.18912223571050849,
  "icvs_gm": 0.3830245221501326,
  "icvs_wm": 0.42785324213935894,
  "inu_med": 0.31182289123535156,
  "inu_range": 0.07894783318042753,
  "provenance": {
    "md5sum": "8db7b571f9836b0e302643ab2b7f8e25",
    "settings": {
      "testing": false
    },
    "software": "mriqc",
    "version": "23.0.1",
    "warnings": {
      "large_rot_frame": true,
      "small_air_mask": false
    },
    "webapi_port": null,
    "webapi_url": "https://mriqc.nimh.nih.gov/api/v1"
  },
  "qi_1": 0.0,
  "qi_2": 0.023276006460870493,
  "rpve_csf": 30.504143727162,
  "rpve_gm": 14.302923358059513,
  "rpve_wm": 15.012031573854076,
  "size_x": 192,
  "size_y": 256,
  "size_z": 256,
  "snr_csf": 2.703306412588088,
  "snr_gm": 16.443600577294507,
  "snr_total": 13.319932044998362,
  "snr_wm": 20.812889145112493,
  "snrd_csf": 50.58329747822729,
  "snrd_gm": 101.86669711720394,
  "snrd_total": 93.52900576475412,
  "snrd_wm": 128.13702269883112,
  "spacing_x": 0.9999972581863403,
  "spacing_y": 1.0,
  "spacing_z": 1.0,
  "summary_bg_k": 4.592439046143118,
  "summary_bg_mad": 0.0,
  "summary_bg_mean": 3.5607844640981434,
  "summary_bg_median": 0.0,
  "summary_bg_n": 2331495.0,
  "summary_bg_p05": 0.0,
  "summary_bg_p95": 13.874187963083386,
  "summary_bg_stdv": 5.1129260852466905,
  "summary_csf_k": 1.824106467868921,
  "summary_csf_mad": 113.19807845032811,
  "summary_csf_mean": 382.0721363840285,
  "summary_csf_median": 394.7707090526819,
  "summary_csf_n": 42663.0,
  "summary_csf_p05": 100.43767822347581,
  "summary_csf_p95": 595.9321312308311,
  "summary_csf_stdv": 146.03083119637293,
  "summary_gm_k": 0.3079780150082141,
  "summary_gm_mad": 46.738209985860465,
  "summary_gm_mean": 795.0736676253435,
  "summary_gm_median": 795.0052735712379,
  "summary_gm_n": 25511.0,
  "summary_gm_p05": 715.0069918418303,
  "summary_gm_p95": 874.8748257216066,
  "summary_gm_stdv": 48.34644870291086,
  "summary_wm_k": 0.24364273479833187,
  "summary_wm_mad": 46.86544649217406,
  "summary_wm_mean": 1004.6103793219255,
  "summary_wm_median": 1000.0285831205547,
  "summary_wm_n": 214611.0,
  "summary_wm_p05": 933.3752677515149,
  "summary_wm_p95": 1090.282321313396,
  "summary_wm_stdv": 48.048411072682946,
  "tpm_overlap_csf": 0.15689891098999625,
  "tpm_overlap_gm": 0.4457380754063009,
  "tpm_overlap_wm": 0.490523350388774,
  "wm2max": 0.6812433011789925
}