{
  "bids_meta": {
    "AcquisitionMatrixPE": 512,
    "AcquisitionNumber": 1,
    "AcquisitionTime": "17:13:18.422500",
    "BaseResolution": 512,
    "ConversionSoftware": "dcm2niix",
    "ConversionSoftwareVersion": "v1.0.20180404 Clang8.0.0",
    "DeviceSerialNumber": "35002",
    "DwellTime": 5e-06,
    "EchoTime": 0.064,
    "EchoTrainLength": 15,
    "FlipAngle": 129,
    "ImageOrientationPatientDICOM": [
      0.999338,
      -0.0363859,
      -5.91723e-10,
      0.0202435,
      0.555987,
      -0.830944
    ],
    "ImageType": [
      "ORIGINAL",
      "PRIMARY",
      "M",
      "ND"
    ],
    "InPlanePhaseEncodingDirectionDICOM": "ROW",
    "InstitutionAddress": "University_Pkwy_1700_North_685_Provo_UT_US_84601",
    "InstitutionName": "Brigham_Young_University",
    "InstitutionalDepartmentName": "MRI",
    "MRAcquisitionType": "2D",
    "MagneticFieldStrength": 3,
    "Manufacturer": "Siemens",
    "ManufacturersModelName": "TrioTim",
    "Modality": "MR",
    "PartialFourier": 1,
    "PatientPosition": "HFS",
    "PercentPhaseFOV": 100,
    "PhaseEncodingDirection": "i",
    "PhaseEncodingSteps": 720,
    "PhaseOversampling": 0.4,
    "PhaseResolution": 1,
    "PixelBandwidth": 195,
    "ProcedureStepDescription": "Research_KIRWAN",
    "ProtocolName": "HHR_struct_MODIFIED",
    "PulseSequenceDetails": "%SiemensSeq%_tse",
    "ReceiveCoilName": "32Ch_Head",
    "ReconMatrixPE": 512,
    "RepetitionTime": 6,
    "SAR": 0.866721,
    "ScanningSequence": "SE",
    "SequenceName": "_tse2d1_15",
    "SequenceVariant": "SK_SP_OSP",
    "SeriesDescription": "HHR_struct_MODIFIED",
    "SeriesNumber": 16,
    "ShimSetting": [
      -2705,
      -23263,
      2765,
      1186,
      -4,
      -658,
      268,
      -6
    ],
    "SliceThickness": 2,
    "SoftwareVersions": "syngo_MR_B17",
    "SpacingBetweenSlices": 2,
    "StationName": "MININT-E41B04",
    "TxRefAmp": 315.82,
    "dataset": "ds002168",
    "modality": "T2w",
    "subject_id": "1538"
  },
  "cjv": 0.9922536849188863,
  "cnr": 1.0093174686868591,
  "efc": 0.6469306110659055,
  "fber": 2717.410525711662,
  "fwhm_avg": 5.4885680862131325,
  "fwhm_x": 6.1089284660742535,
  "fwhm_y": 3.902247792565143,
  "fwhm_z": 6.454528,
  "icvs_csf": 0.36771902582245825,
  "icvs_gm": 0.505849531833181,
  "icvs_wm": 0.12643144234436068,
  "inu_med": 1.011799931526184,
  "inu_range": 1.4140250533819194,
  "provenance": {
    "md5sum": "aed16926018848b7f11dc3dee73605af",
    "settings": {
      "testing": false
    },
    "software": "mriqc",
    "version": "23.0.1",
    "warnings": {
      "large_rot_frame": false,
      "small_air_mask": false
    },
    "webapi_port": null,
    "webapi_url": "https://mriqc.nimh.nih.gov/api/v1"
  },
  "qi_1": 0.0,
  "qi_2": 0.0007609128010573088,
  "rpve_csf": 5.572879861716765,
  "rpve_gm": 4.690679296546693,
  "rpve_wm": 18.814732036907483,
  "size_x": 512,
  "size_y": 35,
  "size_z": 512,
  "snr_csf": 9.931541249253677,
  "snr_gm": 8.607762733946524,
  "snr_total": 6.8657098883980225,
  "snr_wm": 2.0578256819938687,
  "snrd_csf": 57.77220060546394,
  "snrd_gm": 38.79667287674472,
  "snrd_total": 57.76478290880334,
  "snrd_wm": 76.72547524420139,
  "spacing_x": 0.3906249701976776,
  "spacing_y": 1.9999934434890747,
  "spacing_z": 0.390625,
  "summary_bg_k": 315.4036132433878,
  "summary_bg_mad": 7.2770246079315335,
  "summary_bg_mean": 8.897412882159566,
  "summary_bg_median": 4.90827850997448,
  "summary_bg_n": 1933936.0,
  "summary_bg_p05": 0.0,
  "summary_bg_p95": 32.27457955479622,
  "summary_bg_stdv": 14.461697542854214,
  "summary_csf_k": 0.644602064002771,
  "summary_csf_mad": 59.68207232404279,
  "summary_csf_mean": 648.9028156838904,
  "summary_csf_median": 641.7132759839296,
  "summary_csf_n": 662583.0,
  "summary_csf_p05": 556.2951053678989,
  "summary_csf_p95": 767.6688835024834,
  "summary_csf_stdv": 64.61361591593165,
  "summary_gm_k": -0.09637244624085417,
  "summary_gm_mad": 50.93917225552074,
  "summary_gm_mean": 432.4923493410005,
  "summary_gm_median": 430.93979090452194,
  "summary_gm_n": 1040588.0,
  "summary_gm_p05": 352.54858016967773,
  "summary_gm_p95": 516.781697794795,
  "summary_gm_stdv": 50.064063933761915,
  "summary_wm_k": -1.6420270705535538,
  "summary_wm_mad": 367.0970974878843,
  "summary_wm_mean": 623.5398118681356,
  "summary_wm_median": 852.2395815700293,
  "summary_wm_n": 291397.0,
  "summary_wm_p05": 32.80424989759922,
  "summary_wm_p95": 1122.9364380985498,
  "summary_wm_stdv": 414.14495245722264,
  "tpm_overlap_csf": 0.10676400304286565,
  "tpm_overlap_gm": 0.316335532002681,
  "tpm_overlap_wm": 0.032644829985971416,
  "wm2max": 0.6478151170281297
}