{
  "aor": 0.0005152224824355973,
  "aqi": 0.016642848477751757,
  "bids_meta": {
    "AcquisitionMatrixPE": 100,
    "AcquisitionNumber": 1,
    "AcquisitionTime": "10:10:3.015000",
    "BandwidthPerPixelPhaseEncode": 13.889,
    "BaseResolution": 100,
    "ConversionSoftware": "dcm2niix",
    "ConversionSoftwareVersion": "v1.0.20180404 Clang8.0.0",
    "DerivedVendorReportedEchoSpacing": 0.000719994,
    "DeviceSerialNumber": "35002",
    "DwellTime": 2.8e-06,
    "EchoTime": 0.0436,
    "EffectiveEchoSpacing": 0.000719994,
    "FlipAngle": 55,
    "ImageComments": "Unaliased_MB8_PE3_(remote)",
    "ImageOrientationPatientDICOM": [
      0.999997,
      -0.00123362,
      0.00219852,
      -3.94612e-08,
      0.872085,
      0.489355
    ],
    "ImageType": [
      "ORIGINAL",
      "PRIMARY",
      "M",
      "MB",
      "ND",
      "MOSAIC"
    ],
    "InPlanePhaseEncodingDirectionDICOM": "COL",
    "InstitutionAddress": "University_Pkwy_1700_North_685_Provo_UT_US_84601",
    "InstitutionName": "Brigham_Young_University",
    "InstitutionalDepartmentName": "MRI",
    "MRAcquisitionType": "2D",
    "MagneticFieldStrength": 3,
    "Manufacturer": "Siemens",
    "ManufacturersModelName": "TrioTim",
    "Modality": "MR",
    "MultibandAccelerationFactor": 8,
    "PartialFourier": 1,
    "PatientPosition": "HFS",
    "PercentPhaseFOV": 100,
    "PhaseEncodingDirection": "j-",
    "PhaseEncodingSteps": 100,
    "PhaseResolution": 1,
    "PixelBandwidth": 1786,
    "ProcedureStepDescription": "Research_KIRWAN",
    "ProtocolName": "run1",
    "PulseSequenceDetails": "%CustomerSeq%_cmrr_mbep2d_bold",
    "ReceiveCoilName": "32Ch_Head",
    "ReconMatrixPE": 100,
    "RepetitionTime": 0.875,
    "SAR": 0.117191,
    "ScanOptions": "FS",
    "ScanningSequence": "EP",
    "SequenceName": "epfid2d1_100",
    "SequenceVariant": "SK_SS",
    "SeriesDescription": "run1",
    "SeriesNumber": 3,
    "ShimSetting": [
      -2707,
      -23226,
      2600,
      1263,
      -149,
      -89,
      -26,
      -97
    ],
    "SliceThickness": 1.8,
    "SliceTiming": [
      0,
      0.4875,
      0.0975,
      0.585,
      0.195,
      0.6825,
      0.2925,
      0.78,
      0.39,
      0,
      0.4875,
      0.0975,
      0.585,
      0.195,
      0.6825,
      0.2925,
      0.78,
      0.39,
      0,
      0.4875,
      0.0975,
      0.585,
      0.195,
      0.6825,
      0.2925,
      0.78,
      0.39,
      0,
      0.4875,
      0.0975,
      0.585,
      0.195,
      0.6825,
      0.2925,
      0.78,
      0.39,
      0,
      0.4875,
      0.0975,
      0.585,
      0.195,
      0.6825,
      0.2925,
      0.78,
      0.39,
      0,
      0.4875,
      0.0975,
      0.585,
      0.195,
      0.6825,
      0.2925,
      0.78,
      0.39,
      0,
      0.4875,
      0.0975,
      0.585,
      0.195,
      0.6825,
      0.2925,
      0.78,
      0.39,
      0,
      0.4875,
      0.0975,
      0.585,
      0.195,
      0.6825,
      0.2925,
      0.78,
      0.39
    ],
    "SoftwareVersions": "syngo_MR_B17",
    "SpacingBetweenSlices": 1.8,
    "StationName": "MININT-E41B04",
    "TaskName": "MST",
    "TotalReadoutTime": 0.0712794,
    "TxRefAmp": 316.697,
    "dataset": "ds002168",
    "modality": "bold",
    "run_id": 1,
    "subject_id": "1543",
    "task_id": "mst"
  },
  "dummy_trs": 1,
  "dvars_nstd": 79.05920865061039,
  "dvars_std": 1.058277129694835,
  "dvars_vstd": 1.0049936861032873,
  "efc": 0.5643091337446625,
  "fber": 265.4859924316406,
  "fd_mean": 0.12047574415799837,
  "fd_num": 28,
  "fd_perc": 6.557377049180328,
  "fwhm_avg": 3.347301940525071,
  "fwhm_x": 3.0871278595587373,
  "fwhm_y": 3.790044544846337,
  "fwhm_z": 3.164733417170138,
  "gcor": 0.00488897,
  "gsr_x": -0.012004545889794827,
  "gsr_y": 0.07136432826519012,
  "provenance": {
    "md5sum": "db4146b9ada2d6e523aae379d9d93a1c",
    "settings": {
      "fd_thres": 0.2,
      "testing": false
    },
    "software": "mriqc",
    "version": "23.0.1",
    "webapi_port": null,
    "webapi_url": "https://mriqc.nimh.nih.gov/api/v1"
  },
  "size_t": 427,
  "size_x": 100,
  "size_y": 100,
  "size_z": 72,
  "snr": 1.736027825099709,
  "spacing_tr": 0.875,
  "spacing_x": 1.7999999523162842,
  "spacing_y": 1.7999999523162842,
  "spacing_z": 1.7999999523162842,
  "summary_bg_k": 28.7820125897457,
  "summary_bg_mad": 10.864315452018225,
  "summary_bg_mean": 30.62681770324707,
  "summary_bg_median": 19.011709213256836,
  "summary_bg_n": 418658.0,
  "summary_bg_p05": 10.526931762695312,
  "summary_bg_p95": 90.07727813720703,
  "summary_bg_stdv": 34.852909088134766,
  "summary_fg_k": 5.832645470208394,
  "summary_fg_mad": 113.34093085974108,
  "summary_fg_mean": 369.8463134765625,
  "summary_fg_median": 318.7564392089844,
  "summary_fg_n": 194467.0,
  "summary_fg_p05": 181.38546905517578,
  "summary_fg_p95": 745.0512329101556,
  "summary_fg_stdv": 183.61204528808594,
  "tsnr": 19.13794857711764
}