{
  "aor": 0.0005789461358313817,
  "aqi": 0.016910288524590162,
  "bids_meta": {
    "AcquisitionMatrixPE": 100,
    "AcquisitionNumber": 1,
    "AcquisitionTime": "10:16:49.830000",
    "BandwidthPerPixelPhaseEncode": 13.889,
    "BaseResolution": 100,
    "ConversionSoftware": "dcm2niix",
    "ConversionSoftwareVersion": "v1.0.20180404 Clang8.0.0",
    "DerivedVendorReportedEchoSpacing": 0.000719994,
    "DeviceSerialNumber": "35002",
    "DwellTime": 2.8e-06,
    "EchoTime": 0.0436,
    "EffectiveEchoSpacing": 0.000719994,
    "FlipAngle": 55,
    "ImageComments": "Unaliased_MB8_PE3_(remote)",
    "ImageOrientationPatientDICOM": [
      0.999997,
      -0.00123362,
      0.00219852,
      -3.94612e-08,
      0.872085,
      0.489355
    ],
    "ImageType": [
      "ORIGINAL",
      "PRIMARY",
      "M",
      "MB",
      "ND",
      "MOSAIC"
    ],
    "InPlanePhaseEncodingDirectionDICOM": "COL",
    "InstitutionAddress": "University_Pkwy_1700_North_685_Provo_UT_US_84601",
    "InstitutionName": "Brigham_Young_University",
    "InstitutionalDepartmentName": "MRI",
    "MRAcquisitionType": "2D",
    "MagneticFieldStrength": 3,
    "Manufacturer": "Siemens",
    "ManufacturersModelName": "TrioTim",
    "Modality": "MR",
    "MultibandAccelerationFactor": 8,
    "PartialFourier": 1,
    "PatientPosition": "HFS",
    "PercentPhaseFOV": 100,
    "PhaseEncodingDirection": "j-",
    "PhaseEncodingSteps": 100,
    "PhaseResolution": 1,
    "PixelBandwidth": 1786,
    "ProcedureStepDescription": "Research_KIRWAN",
    "ProtocolName": "run2",
    "PulseSequenceDetails": "%CustomerSeq%_cmrr_mbep2d_bold",
    "ReceiveCoilName": "32Ch_Head",
    "ReconMatrixPE": 100,
    "RepetitionTime": 0.875,
    "SAR": 0.119023,
    "ScanOptions": "FS",
    "ScanningSequence": "EP",
    "SequenceName": "epfid2d1_100",
    "SequenceVariant": "SK_SS",
    "SeriesDescription": "run2",
    "SeriesNumber": 4,
    "ShimSetting": [
      -2707,
      -23226,
      2600,
      1263,
      -149,
      -89,
      -26,
      -97
    ],
    "SliceThickness": 1.8,
    "SliceTiming": [
      0,
      0.4875,
      0.0975,
      0.585,
      0.195,
      0.6825,
      0.2925,
      0.78,
      0.39,
      0,
      0.4875,
      0.0975,
      0.585,
      0.195,
      0.6825,
      0.2925,
      0.78,
      0.39,
      0,
      0.4875,
      0.0975,
      0.585,
      0.195,
      0.6825,
      0.2925,
      0.78,
      0.39,
      0,
      0.4875,
      0.0975,
      0.585,
      0.195,
      0.6825,
      0.2925,
      0.78,
      0.39,
      0,
      0.4875,
      0.0975,
      0.585,
      0.195,
      0.6825,
      0.2925,
      0.78,
      0.39,
      0,
      0.4875,
      0.0975,
      0.585,
      0.195,
      0.6825,
      0.2925,
      0.78,
      0.39,
      0,
      0.4875,
      0.0975,
      0.585,
      0.195,
      0.6825,
      0.2925,
      0.78,
      0.39,
      0,
      0.4875,
      0.0975,
      0.585,
      0.195,
      0.6825,
      0.2925,
      0.78,
      0.39
    ],
    "SoftwareVersions": "syngo_MR_B17",
    "SpacingBetweenSlices": 1.8,
    "StationName": "MININT-E41B04",
    "TaskName": "MST",
    "TotalReadoutTime": 0.0712794,
    "TxRefAmp": 316.697,
    "dataset": "ds002168",
    "modality": "bold",
    "run_id": 2,
    "subject_id": "1543",
    "task_id": "mst"
  },
  "dummy_trs": 1,
  "dvars_nstd": 80.06699117009393,
  "dvars_std": 1.0645063995305164,
  "dvars_vstd": 1.0081291813849755,
  "efc": 0.5646874159915215,
  "fber": 259.7845764160156,
  "fd_mean": 0.12619564158530214,
  "fd_num": 39,
  "fd_perc": 9.133489461358314,
  "fwhm_avg": 3.349035273904322,
  "fwhm_x": 3.0965167486963474,
  "fwhm_y": 3.781933433520355,
  "fwhm_z": 3.1686556394962637,
  "gcor": 0.00725127,
  "gsr_x": -0.01227317564189434,
  "gsr_y": 0.07436080276966095,
  "provenance": {
    "md5sum": "551572d462be88b3151b0abe6deebe19",
    "settings": {
      "fd_thres": 0.2,
      "testing": false
    },
    "software": "mriqc",
    "version": "23.0.1",
    "webapi_port": null,
    "webapi_url": "https://mriqc.nimh.nih.gov/api/v1"
  },
  "size_t": 427,
  "size_x": 100,
  "size_y": 100,
  "size_z": 72,
  "snr": 1.7342696365876409,
  "spacing_tr": 0.875,
  "spacing_x": 1.7999999523162842,
  "spacing_y": 1.7999999523162842,
  "spacing_z": 1.7999999523162842,
  "summary_bg_k": 27.421465249682097,
  "summary_bg_mad": 11.23583273939451,
  "summary_bg_mean": 31.346872329711914,
  "summary_bg_median": 19.243558883666992,
  "summary_bg_n": 420206.0,
  "summary_bg_p05": 10.400467872619629,
  "summary_bg_p95": 93.62236213684082,
  "summary_bg_stdv": 36.50630569458008,
  "summary_fg_k": 5.890030624778584,
  "summary_fg_mad": 113.45378427110299,
  "summary_fg_mean": 369.00689697265625,
  "summary_fg_median": 318.23419189453125,
  "summary_fg_n": 193830.0,
  "summary_fg_p05": 180.10490875244142,
  "summary_fg_p95": 743.7203369140622,
  "summary_fg_stdv": 183.49705505371094,
  "tsnr": 19.009671630337834
}