{
  "bids_meta": {
    "AcquisitionMatrixPE": 256,
    "AcquisitionNumber": 1,
    "AcquisitionTime": "12:58:32.942500",
    "BaseResolution": 256,
    "ConversionSoftware": "dcm2niix",
    "ConversionSoftwareVersion": "v1.0.20180404 Clang8.0.0",
    "DeviceSerialNumber": "35002",
    "DwellTime": 1.03e-05,
    "EchoTime": 0.00492,
    "FlipAngle": 25,
    "ImageOrientationPatientDICOM": [
      0,
      1,
      0,
      0,
      0,
      -1
    ],
    "ImageType": [
      "ORIGINAL",
      "PRIMARY",
      "M",
      "ND",
      "NORM"
    ],
    "InPlanePhaseEncodingDirectionDICOM": "ROW",
    "InstitutionAddress": "University_Pkwy_1700_North_685_Provo_UT_US_84601",
    "InstitutionName": "Brigham_Young_University",
    "InstitutionalDepartmentName": "MRI",
    "MRAcquisitionType": "3D",
    "MagneticFieldStrength": 3,
    "Manufacturer": "Siemens",
    "ManufacturersModelName": "TrioTim",
    "Modality": "MR",
    "ParallelReductionFactorInPlane": 2,
    "PartialFourier": 1,
    "PatientPosition": "HFS",
    "PercentPhaseFOV": 100,
    "PhaseEncodingSteps": 255,
    "PhaseResolution": 1,
    "PixelBandwidth": 190,
    "ProcedureStepDescription": "Research_KIRWAN",
    "ProtocolName": "t1_fl3d_sag_no3Daccel_iso_1.0_1avg",
    "PulseSequenceDetails": "%SiemensSeq%_gre",
    "ReceiveCoilName": "32Ch_Head",
    "ReconMatrixPE": 256,
    "RepetitionTime": 0.02,
    "SAR": 0.161973,
    "ScanningSequence": "GR",
    "SequenceName": "_fl3d1_ns",
    "SequenceVariant": "SP",
    "SeriesDescription": "t1_fl3d_sag_no3Daccel_iso_1.0_1avg",
    "SeriesNumber": 9,
    "ShimSetting": [
      -2655,
      -23109,
      2059,
      81,
      -13,
      -145,
      -152,
      15
    ],
    "SliceThickness": 1,
    "SoftwareVersions": "syngo_MR_B17",
    "StationName": "MININT-E41B04",
    "TxRefAmp": 333.331,
    "dataset": "ds002168",
    "modality": "T1w",
    "subject_id": "1514"
  },
  "cjv": 0.42658674104606586,
  "cnr": 3.139959997439766,
  "efc": 0.5560021406915057,
  "fber": 12028.955654142146,
  "fwhm_avg": 3.158103333333333,
  "fwhm_x": 3.12691,
  "fwhm_y": 3.3236,
  "fwhm_z": 3.0238,
  "icvs_csf": 0.16095148483335567,
  "icvs_gm": 0.43623310840990825,
  "icvs_wm": 0.4028154067567361,
  "inu_med": 0.24684202671051025,
  "inu_range": 0.0689058482646942,
  "provenance": {
    "md5sum": "98c796e9e602dd74d0ebd6a732a9597a",
    "settings": {
      "testing": false
    },
    "software": "mriqc",
    "version": "23.0.1",
    "warnings": {
      "large_rot_frame": true,
      "small_air_mask": false
    },
    "webapi_port": null,
    "webapi_url": "https://mriqc.nimh.nih.gov/api/v1"
  },
  "qi_1": 0.0,
  "qi_2": 0.023737117381721184,
  "rpve_csf": 30.33975420468073,
  "rpve_gm": 11.937404790115098,
  "rpve_wm": 14.514770842589341,
  "size_x": 192,
  "size_y": 256,
  "size_z": 256,
  "snr_csf": 2.6046063195245734,
  "snr_gm": 16.20697555387052,
  "snr_total": 14.795367268413544,
  "snr_wm": 25.57451993184554,
  "snrd_csf": 56.3114147635009,
  "snrd_gm": 114.72995577877852,
  "snrd_total": 104.7371311530387,
  "snrd_wm": 143.1700229168367,
  "spacing_x": 1.0,
  "spacing_y": 1.0,
  "spacing_z": 1.0,
  "summary_bg_k": 8.377093626214094,
  "summary_bg_mad": 4.576063462272121,
  "summary_bg_mean": 4.665442175218521,
  "summary_bg_median": 3.0865079015493393,
  "summary_bg_n": 3407740.0,
  "summary_bg_p05": 0.0,
  "summary_bg_p95": 15.261066846549511,
  "summary_bg_stdv": 5.351445517329167,
  "summary_csf_k": 0.6747313781090511,
  "summary_csf_mad": 106.85955603565081,
  "summary_csf_mean": 371.39962208873675,
  "summary_csf_median": 393.3297060094774,
  "summary_csf_n": 28168.0,
  "summary_csf_p05": 79.23037204500288,
  "summary_csf_p95": 594.057032145746,
  "summary_csf_stdv": 151.01043145962882,
  "summary_gm_k": 0.3624015755078278,
  "summary_gm_mad": 48.09103731184127,
  "summary_gm_mean": 802.0384097147788,
  "summary_gm_median": 801.3774821050465,
  "summary_gm_n": 34493.0,
  "summary_gm_p05": 721.8141673095524,
  "summary_gm_p95": 883.5700443722308,
  "summary_gm_stdv": 49.445737906730336,
  "summary_wm_k": 0.6674386896075899,
  "summary_wm_mad": 36.65087865616096,
  "summary_wm_mean": 1002.655169118371,
  "summary_wm_median": 1000.0285601019859,
  "summary_wm_n": 247232.0,
  "summary_wm_p05": 943.3568455763161,
  "summary_wm_p95": 1071.189714498818,
  "summary_wm_stdv": 39.10245589419722,
  "tpm_overlap_csf": 0.14739156705713863,
  "tpm_overlap_gm": 0.45407599496326234,
  "tpm_overlap_wm": 0.49984110823704003,
  "wm2max": 0.6761276032021242
}