{
  "bids_meta": {
    "AcquisitionMatrixPE": 512,
    "AcquisitionNumber": 1,
    "AcquisitionTime": "13:24:0.457500",
    "BaseResolution": 512,
    "ConversionSoftware": "dcm2niix",
    "ConversionSoftwareVersion": "v1.0.20180404 Clang8.0.0",
    "DeviceSerialNumber": "35002",
    "DwellTime": 5e-06,
    "EchoTime": 0.064,
    "EchoTrainLength": 15,
    "FlipAngle": 129,
    "ImageOrientationPatientDICOM": [
      0.999969,
      0.0078994,
      -1.84329e-10,
      -0.00409917,
      0.518906,
      -0.854822
    ],
    "ImageType": [
      "ORIGINAL",
      "PRIMARY",
      "M",
      "ND"
    ],
    "InPlanePhaseEncodingDirectionDICOM": "ROW",
    "InstitutionAddress": "University_Pkwy_1700_North_685_Provo_UT_US_84601",
    "InstitutionName": "Brigham_Young_University",
    "InstitutionalDepartmentName": "MRI",
    "MRAcquisitionType": "2D",
    "MagneticFieldStrength": 3,
    "Manufacturer": "Siemens",
    "ManufacturersModelName": "TrioTim",
    "Modality": "MR",
    "PartialFourier": 1,
    "PatientPosition": "HFS",
    "PercentPhaseFOV": 100,
    "PhaseEncodingDirection": "i",
    "PhaseEncodingSteps": 720,
    "PhaseOversampling": 0.4,
    "PhaseResolution": 1,
    "PixelBandwidth": 195,
    "ProcedureStepDescription": "Research_KIRWAN",
    "ProtocolName": "HHR_struct_MODIFIED",
    "PulseSequenceDetails": "%SiemensSeq%_tse",
    "ReceiveCoilName": "32Ch_Head",
    "ReconMatrixPE": 512,
    "RepetitionTime": 6,
    "SAR": 0.818412,
    "ScanningSequence": "SE",
    "SequenceName": "_tse2d1_15",
    "SequenceVariant": "SK_SP_OSP",
    "SeriesDescription": "HHR_struct_MODIFIED",
    "SeriesNumber": 16,
    "ShimSetting": [
      -2638,
      -23087,
      2549,
      1022,
      52,
      -57,
      190,
      -84
    ],
    "SliceThickness": 2,
    "SoftwareVersions": "syngo_MR_B17",
    "SpacingBetweenSlices": 2,
    "StationName": "MININT-E41B04",
    "TxRefAmp": 333.331,
    "dataset": "ds002168",
    "modality": "T2w",
    "subject_id": "1514"
  },
  "cjv": 1.1765278646557873,
  "cnr": 1.001077966043852,
  "efc": 0.6340606845658927,
  "fber": 5199.089498643129,
  "fwhm_avg": 5.639985690200231,
  "fwhm_x": 6.156774400000001,
  "fwhm_y": 4.090517070600692,
  "fwhm_z": 6.6726656,
  "icvs_csf": 0.44800110801870435,
  "icvs_gm": 0.11810116538445926,
  "icvs_wm": 0.4338977265968364,
  "inu_med": 0.9875393509864807,
  "inu_range": 1.9040432274341583,
  "provenance": {
    "md5sum": "208d25bc97494abd0002cae31ec29d75",
    "settings": {
      "testing": false
    },
    "software": "mriqc",
    "version": "23.0.1",
    "warnings": {
      "large_rot_frame": false,
      "small_air_mask": false
    },
    "webapi_port": null,
    "webapi_url": "https://mriqc.nimh.nih.gov/api/v1"
  },
  "qi_1": 0.001316052482190116,
  "qi_2": 0.0008067762167913312,
  "rpve_csf": 5.014678728650401,
  "rpve_gm": 19.07481744568368,
  "rpve_wm": 5.409702603286332,
  "size_x": 512,
  "size_y": 35,
  "size_z": 512,
  "snr_csf": 11.386351902092354,
  "snr_gm": 1.9821066889788068,
  "snr_total": 7.221426568367099,
  "snr_wm": 8.295821114030137,
  "snrd_csf": 11.138713939955663,
  "snrd_gm": 14.687838704402466,
  "snrd_total": 11.005629645429579,
  "snrd_wm": 7.19033629193061,
  "spacing_x": 0.390625,
  "spacing_y": 1.999996542930603,
  "spacing_z": 0.390625,
  "summary_bg_k": 396.02883586039746,
  "summary_bg_mad": 0.0,
  "summary_bg_mean": 23.172924739751743,
  "summary_bg_median": 0.0,
  "summary_bg_n": 3122660.0,
  "summary_bg_p05": 0.0,
  "summary_bg_p95": 73.80973672121763,
  "summary_bg_stdv": 93.83805081406041,
  "summary_csf_k": 0.4015038401878228,
  "summary_csf_mad": 134.47760260444605,
  "summary_csf_mean": 1607.0092547179797,
  "summary_csf_median": 1595.4466958343983,
  "summary_csf_n": 999578.0,
  "summary_csf_p05": 1398.1389051377773,
  "summary_csf_p95": 1854.1873151361942,
  "summary_csf_stdv": 140.1191454025666,
  "summary_gm_k": -1.6008282625140582,
  "summary_gm_mad": 1139.4431925856798,
  "summary_gm_mean": 1589.4255875422282,
  "summary_gm_median": 2103.8033525422215,
  "summary_gm_n": 277173.0,
  "summary_gm_p05": 89.258286267519,
  "summary_gm_p95": 2977.1794220387906,
  "summary_gm_stdv": 1061.395720587545,
  "summary_wm_k": 0.13384615700466318,
  "summary_wm_mad": 124.03013945390144,
  "summary_wm_mean": 1028.3393216997029,
  "summary_wm_median": 1029.9033030867577,
  "summary_wm_n": 1012016.0,
  "summary_wm_p05": 824.1033272594213,
  "summary_wm_p95": 1229.0179416835308,
  "summary_wm_stdv": 124.14717965740239,
  "tpm_overlap_csf": 0.09638649762174353,
  "tpm_overlap_gm": 0.09581111543292202,
  "tpm_overlap_wm": 0.4480399981749537,
  "wm2max": 0.2816553428042001
}