{
  "bids_meta": {
    "AcquisitionMatrixPE": 512,
    "AcquisitionNumber": 1,
    "AcquisitionTime": "15:18:53.387500",
    "BaseResolution": 512,
    "ConversionSoftware": "dcm2niix",
    "ConversionSoftwareVersion": "v1.0.20180404 Clang8.0.0",
    "DeviceSerialNumber": "35002",
    "DwellTime": 5e-06,
    "EchoTime": 0.064,
    "EchoTrainLength": 15,
    "FlipAngle": 129,
    "ImageOrientationPatientDICOM": [
      0.999968,
      0.00794177,
      -4.71522e-11,
      -0.00418024,
      0.526345,
      -0.850261
    ],
    "ImageType": [
      "ORIGINAL",
      "PRIMARY",
      "M",
      "ND"
    ],
    "InPlanePhaseEncodingDirectionDICOM": "ROW",
    "InstitutionAddress": "University_Pkwy_1700_North_685_Provo_UT_US_84601",
    "InstitutionName": "Brigham_Young_University",
    "InstitutionalDepartmentName": "MRI",
    "MRAcquisitionType": "2D",
    "MagneticFieldStrength": 3,
    "Manufacturer": "Siemens",
    "ManufacturersModelName": "TrioTim",
    "Modality": "MR",
    "PartialFourier": 1,
    "PatientPosition": "HFS",
    "PercentPhaseFOV": 100,
    "PhaseEncodingDirection": "i",
    "PhaseEncodingSteps": 720,
    "PhaseOversampling": 0.4,
    "PhaseResolution": 1,
    "PixelBandwidth": 195,
    "ProcedureStepDescription": "Research_KIRWAN",
    "ProtocolName": "HHR_struct_MODIFIED",
    "PulseSequenceDetails": "%SiemensSeq%_tse",
    "ReceiveCoilName": "32Ch_Head",
    "ReconMatrixPE": 512,
    "RepetitionTime": 6,
    "SAR": 1.04496,
    "ScanningSequence": "SE",
    "SequenceName": "_tse2d1_15",
    "SequenceVariant": "SK_SP_OSP",
    "SeriesDescription": "HHR_struct_MODIFIED",
    "SeriesNumber": 16,
    "ShimSetting": [
      -2630,
      -23170,
      2728,
      1156,
      -84,
      -815,
      341,
      -122
    ],
    "SliceThickness": 2,
    "SoftwareVersions": "syngo_MR_B17",
    "SpacingBetweenSlices": 2,
    "StationName": "MININT-E41B04",
    "TxRefAmp": 335.291,
    "dataset": "ds002168",
    "modality": "T2w",
    "subject_id": "1569"
  },
  "cjv": 1.4163320569715678,
  "cnr": 0.9392559399614215,
  "efc": 0.6249075965944512,
  "fber": 2400.309908748264,
  "fwhm_avg": 6.656810926365033,
  "fwhm_x": 7.619328,
  "fwhm_y": 4.5064455790951,
  "fwhm_z": 7.8446592,
  "icvs_csf": 0.4363194402221698,
  "icvs_gm": 0.449309259162935,
  "icvs_wm": 0.1143713006148952,
  "inu_med": 0.9676026403903961,
  "inu_range": 1.8794850140809998,
  "provenance": {
    "md5sum": "00590b4d537cddb4ca379dbf192fbef9",
    "settings": {
      "testing": false
    },
    "software": "mriqc",
    "version": "23.0.1",
    "warnings": {
      "large_rot_frame": false,
      "small_air_mask": false
    },
    "webapi_port": null,
    "webapi_url": "https://mriqc.nimh.nih.gov/api/v1"
  },
  "qi_1": 0.0002676043822121793,
  "qi_2": 0.0004179908899396709,
  "rpve_csf": 5.252078580804292,
  "rpve_gm": 5.354616375840864,
  "rpve_wm": 20.85881531825307,
  "size_x": 512,
  "size_y": 35,
  "size_z": 512,
  "snr_csf": 10.252757007538824,
  "snr_gm": 7.937307534973442,
  "snr_total": 6.688020647825234,
  "snr_wm": 1.8739974009634386,
  "snrd_csf": 48.93383200030753,
  "snrd_gm": 31.515615968674418,
  "snrd_total": 48.05631527423663,
  "snrd_wm": 63.719497853727944,
  "spacing_x": 0.390625,
  "spacing_y": 1.999993085861206,
  "spacing_z": 0.390625,
  "summary_bg_k": 313.60569602485964,
  "summary_bg_mad": 7.891015380515201,
  "summary_bg_mean": 9.82789899025415,
  "summary_bg_median": 5.322408992797136,
  "summary_bg_n": 1968798.0,
  "summary_bg_p05": 0.0,
  "summary_bg_p95": 32.90216468274593,
  "summary_bg_stdv": 23.104099117280192,
  "summary_csf_k": 0.5911148421687704,
  "summary_csf_mad": 53.75455325878234,
  "summary_csf_mean": 594.7251451327163,
  "summary_csf_median": 589.400346159935,
  "summary_csf_n": 826772.0,
  "summary_csf_p05": 509.9512955583632,
  "summary_csf_p95": 697.3968631774187,
  "summary_csf_stdv": 57.486975384251906,
  "summary_gm_k": -0.015916394398487466,
  "summary_gm_mad": 48.446052002799384,
  "summary_gm_mean": 380.7978560062596,
  "summary_gm_median": 379.6006607711315,
  "summary_gm_n": 890098.0,
  "summary_gm_p05": 304.4095373637974,
  "summary_gm_p95": 460.63030555844307,
  "summary_gm_stdv": 47.82483806544651,
  "summary_wm_k": -1.6246641683688066,
  "summary_wm_mad": 500.93600365579675,
  "summary_wm_mean": 582.1017687834277,
  "summary_wm_median": 767.491376761347,
  "summary_wm_n": 242732.0,
  "summary_wm_p05": 29.902261432260275,
  "summary_wm_p95": 1134.5440551191568,
  "summary_wm_stdv": 409.54688380100697,
  "tpm_overlap_csf": 0.1034292999251105,
  "tpm_overlap_gm": 0.2883583743914629,
  "tpm_overlap_wm": 0.03341621420406598,
  "wm2max": 0.566365151154487
}