{
  "bids_meta": {
    "AcquisitionMatrixPE": 256,
    "AcquisitionNumber": 1,
    "AcquisitionTime": "09:51:24.757500",
    "BaseResolution": 256,
    "ConversionSoftware": "dcm2niix",
    "ConversionSoftwareVersion": "v1.0.20180404 Clang8.0.0",
    "DeviceSerialNumber": "35002",
    "DwellTime": 1.03e-05,
    "EchoTime": 0.00492,
    "FlipAngle": 25,
    "ImageOrientationPatientDICOM": [
      0,
      1,
      -1e-16,
      -0.026177,
      0,
      -0.999657
    ],
    "ImageType": [
      "ORIGINAL",
      "PRIMARY",
      "M",
      "ND",
      "NORM"
    ],
    "InPlanePhaseEncodingDirectionDICOM": "ROW",
    "InstitutionAddress": "University_Pkwy_1700_North_685_Provo_UT_US_84601",
    "InstitutionName": "Brigham_Young_University",
    "InstitutionalDepartmentName": "MRI",
    "MRAcquisitionType": "3D",
    "MagneticFieldStrength": 3,
    "Manufacturer": "Siemens",
    "ManufacturersModelName": "TrioTim",
    "Modality": "MR",
    "ParallelReductionFactorInPlane": 2,
    "PartialFourier": 1,
    "PatientPosition": "HFS",
    "PercentPhaseFOV": 100,
    "PhaseEncodingSteps": 255,
    "PhaseResolution": 1,
    "PixelBandwidth": 190,
    "ProcedureStepDescription": "Research_KIRWAN",
    "ProtocolName": "t1_fl3d_sag_no3Daccel_iso_1.0_1avg",
    "PulseSequenceDetails": "%SiemensSeq%_gre",
    "ReceiveCoilName": "32Ch_Head",
    "ReconMatrixPE": 256,
    "RepetitionTime": 0.02,
    "SAR": 0.194718,
    "ScanningSequence": "GR",
    "SequenceName": "_fl3d1_ns",
    "SequenceVariant": "SP",
    "SeriesDescription": "t1_fl3d_sag_no3Daccel_iso_1.0_1avg",
    "SeriesNumber": 9,
    "ShimSetting": [
      -2671,
      -23123,
      2054,
      173,
      -22,
      -157,
      -236,
      20
    ],
    "SliceThickness": 1,
    "SoftwareVersions": "syngo_MR_B17",
    "StationName": "MININT-E41B04",
    "TxRefAmp": 341.496,
    "dataset": "ds002168",
    "modality": "T1w",
    "subject_id": "1570"
  },
  "cjv": 0.4639468355532021,
  "cnr": 2.9376748897291804,
  "efc": 0.5663189724386936,
  "fber": 7422.899414062499,
  "fwhm_avg": 3.187380497535307,
  "fwhm_x": 3.130221492605921,
  "fwhm_y": 3.35092,
  "fwhm_z": 3.081,
  "icvs_csf": 0.16175921486165412,
  "icvs_gm": 0.40320506505803755,
  "icvs_wm": 0.4350357200803083,
  "inu_med": 0.3117702901363373,
  "inu_range": 0.0967948168516159,
  "provenance": {
    "md5sum": "6d99e4436e76c12d839fa94bbe1bba85",
    "settings": {
      "testing": false
    },
    "software": "mriqc",
    "version": "23.0.1",
    "warnings": {
      "large_rot_frame": true,
      "small_air_mask": false
    },
    "webapi_port": null,
    "webapi_url": "https://mriqc.nimh.nih.gov/api/v1"
  },
  "qi_1": 0.0,
  "qi_2": 0.022408358116709607,
  "rpve_csf": 33.01907129918447,
  "rpve_gm": 13.273159015346842,
  "rpve_wm": 14.115798816099149,
  "size_x": 192,
  "size_y": 256,
  "size_z": 256,
  "snr_csf": 2.5149167976416464,
  "snr_gm": 15.967515307462465,
  "snr_total": 13.639438418552018,
  "snr_wm": 22.435883150551945,
  "snrd_csf": 51.1619924766788,
  "snrd_gm": 99.91371520728292,
  "snrd_total": 91.88751695285418,
  "snrd_wm": 124.58684317460084,
  "spacing_x": 0.9999995231628418,
  "spacing_y": 1.0,
  "spacing_z": 1.0,
  "summary_bg_k": 14.534461613142827,
  "summary_bg_mad": 5.258641041730757,
  "summary_bg_mean": 5.074476114727545,
  "summary_bg_median": 3.5468994826078415,
  "summary_bg_n": 2580032.0,
  "summary_bg_p05": 0.0,
  "summary_bg_p95": 14.445554256439209,
  "summary_bg_stdv": 5.966602659352744,
  "summary_csf_k": 3.2032373506507614,
  "summary_csf_mad": 109.28412201269556,
  "summary_csf_mean": 385.1427507031656,
  "summary_csf_median": 410.6664710044861,
  "summary_csf_n": 27998.0,
  "summary_csf_p05": 80.57910733669996,
  "summary_csf_p95": 607.266272644326,
  "summary_csf_stdv": 163.2893531390014,
  "summary_gm_k": 0.33725358929380533,
  "summary_gm_mad": 48.57072089453136,
  "summary_gm_mean": 802.8164119851165,
  "summary_gm_median": 801.9862175583839,
  "summary_gm_n": 26740.0,
  "summary_gm_p05": 721.1152971278876,
  "summary_gm_p95": 886.1460811454803,
  "summary_gm_stdv": 50.225173170230406,
  "summary_wm_k": 0.33412679779920174,
  "summary_wm_mad": 43.3120798528006,
  "summary_wm_mean": 1003.9018985867838,
  "summary_wm_median": 1000.0321868509054,
  "summary_wm_n": 228092.0,
  "summary_wm_p05": 937.6067559570074,
  "summary_wm_p95": 1083.1731229502702,
  "summary_wm_stdv": 44.57279385747821,
  "tpm_overlap_csf": 0.14992052218027113,
  "tpm_overlap_gm": 0.45027604728629733,
  "tpm_overlap_wm": 0.4896636464144531,
  "wm2max": 0.6608002727233988
}