{
  "bids_meta": {
    "AcquisitionMatrixPE": 512,
    "AcquisitionNumber": 1,
    "AcquisitionTime": "10:16:6.632500",
    "BaseResolution": 512,
    "ConversionSoftware": "dcm2niix",
    "ConversionSoftwareVersion": "v1.0.20180404 Clang8.0.0",
    "DeviceSerialNumber": "35002",
    "DwellTime": 5e-06,
    "EchoTime": 0.064,
    "EchoTrainLength": 15,
    "FlipAngle": 129,
    "ImageOrientationPatientDICOM": [
      0.999973,
      0.00736203,
      -6.51692e-11,
      -0.00405903,
      0.551331,
      -0.834277
    ],
    "ImageType": [
      "ORIGINAL",
      "PRIMARY",
      "M",
      "ND"
    ],
    "InPlanePhaseEncodingDirectionDICOM": "ROW",
    "InstitutionAddress": "University_Pkwy_1700_North_685_Provo_UT_US_84601",
    "InstitutionName": "Brigham_Young_University",
    "InstitutionalDepartmentName": "MRI",
    "MRAcquisitionType": "2D",
    "MagneticFieldStrength": 3,
    "Manufacturer": "Siemens",
    "ManufacturersModelName": "TrioTim",
    "Modality": "MR",
    "PartialFourier": 1,
    "PatientPosition": "HFS",
    "PercentPhaseFOV": 100,
    "PhaseEncodingDirection": "i",
    "PhaseEncodingSteps": 720,
    "PhaseOversampling": 0.4,
    "PhaseResolution": 1,
    "PixelBandwidth": 195,
    "ProcedureStepDescription": "Research_KIRWAN",
    "ProtocolName": "HHR_struct_MODIFIED",
    "PulseSequenceDetails": "%SiemensSeq%_tse",
    "ReceiveCoilName": "32Ch_Head",
    "ReconMatrixPE": 512,
    "RepetitionTime": 6,
    "SAR": 0.9754,
    "ScanningSequence": "SE",
    "SequenceName": "_tse2d1_15",
    "SequenceVariant": "SK_SP_OSP",
    "SeriesDescription": "HHR_struct_MODIFIED",
    "SeriesNumber": 16,
    "ShimSetting": [
      -2633,
      -23240,
      2646,
      1219,
      57,
      -630,
      301,
      -270
    ],
    "SliceThickness": 2,
    "SoftwareVersions": "syngo_MR_B17",
    "SpacingBetweenSlices": 2,
    "StationName": "MININT-E41B04",
    "TxRefAmp": 341.496,
    "dataset": "ds002168",
    "modality": "T2w",
    "subject_id": "1570"
  },
  "cjv": 1.7239185295198507,
  "cnr": 0.8126608339637861,
  "efc": 0.664443014920609,
  "fber": 2125.21,
  "fwhm_avg": 5.560380732966288,
  "fwhm_x": 6.0596736,
  "fwhm_y": 3.8361117988988647,
  "fwhm_z": 6.7853568,
  "icvs_csf": 0.4457282026805112,
  "icvs_gm": 0.43903066268448526,
  "icvs_wm": 0.11524113463500349,
  "inu_med": 1.024213433265686,
  "inu_range": 1.5564263075590128,
  "provenance": {
    "md5sum": "25a6f4ea94f0dd19a15c5b7cd3486f50",
    "settings": {
      "testing": false
    },
    "software": "mriqc",
    "version": "23.0.1",
    "warnings": {
      "large_rot_frame": false,
      "small_air_mask": false
    },
    "webapi_port": null,
    "webapi_url": "https://mriqc.nimh.nih.gov/api/v1"
  },
  "qi_1": 0.0,
  "qi_2": 0.0008109055594692073,
  "rpve_csf": 5.0403634584405665,
  "rpve_gm": 5.322668777845045,
  "rpve_wm": 19.941421358441694,
  "size_x": 512,
  "size_y": 35,
  "size_z": 512,
  "snr_csf": 11.72930675957925,
  "snr_gm": 8.899795697564082,
  "snr_total": 7.496398963111503,
  "snr_wm": 1.8600944321911743,
  "snrd_csf": 51.91070642795946,
  "snrd_gm": 35.11314851960128,
  "snrd_total": 49.9157208758513,
  "snrd_wm": 62.72330767999317,
  "spacing_x": 0.390625,
  "spacing_y": 2.0000016689300537,
  "spacing_z": 0.390625,
  "summary_bg_k": 96.86085653318263,
  "summary_bg_mad": 8.427459072246059,
  "summary_bg_mean": 11.11696601611834,
  "summary_bg_median": 5.684234764426947,
  "summary_bg_n": 1745652.0,
  "summary_bg_p05": 0.0,
  "summary_bg_p95": 39.78964335098863,
  "summary_bg_stdv": 16.611948785599463,
  "summary_csf_k": 0.29689504113891596,
  "summary_csf_mad": 55.20845637124459,
  "summary_csf_mean": 672.0245943787273,
  "summary_csf_median": 667.7622458972037,
  "summary_csf_n": 910998.0,
  "summary_csf_p05": 585.8628633730114,
  "summary_csf_p95": 771.81854352355,
  "summary_csf_stdv": 56.93106106644841,
  "summary_gm_k": 0.023660985722341987,
  "summary_gm_mad": 51.42469923676676,
  "summary_gm_mean": 450.6987356614279,
  "summary_gm_median": 451.68398832157254,
  "summary_gm_n": 927153.0,
  "summary_gm_p05": 366.69114470109344,
  "summary_gm_p95": 531.9593037702143,
  "summary_gm_stdv": 50.752147586780204,
  "summary_wm_k": -1.612633880882108,
  "summary_wm_mad": 560.8560007060081,
  "summary_wm_mean": 619.7379370012972,
  "summary_wm_median": 806.8519904389977,
  "summary_wm_n": 259124.0,
  "summary_wm_p05": 32.177795640938044,
  "summary_wm_p95": 1214.3768216110766,
  "summary_wm_stdv": 433.7685332475776,
  "tpm_overlap_csf": 0.10113686273624886,
  "tpm_overlap_gm": 0.26104805713134205,
  "tpm_overlap_wm": 0.036527285729925564,
  "wm2max": 0.5522957814154911
}