{
  "bids_meta": {
    "AcquisitionMatrixPE": 256,
    "AcquisitionNumber": 1,
    "AcquisitionTime": "18:21:26.677500",
    "BaseResolution": 256,
    "ConversionSoftware": "dcm2niix",
    "ConversionSoftwareVersion": "v1.0.20180404 Clang8.0.0",
    "DeviceSerialNumber": "35002",
    "DwellTime": 1.03e-05,
    "EchoTime": 0.00492,
    "FlipAngle": 25,
    "ImageOrientationPatientDICOM": [
      0.050593,
      0.998719,
      0,
      0,
      -1e-16,
      -1
    ],
    "ImageType": [
      "ORIGINAL",
      "PRIMARY",
      "M",
      "ND",
      "NORM"
    ],
    "InPlanePhaseEncodingDirectionDICOM": "ROW",
    "InstitutionAddress": "University_Pkwy_1700_North_685_Provo_UT_US_84601",
    "InstitutionName": "Brigham_Young_University",
    "InstitutionalDepartmentName": "MRI",
    "MRAcquisitionType": "3D",
    "MagneticFieldStrength": 3,
    "Manufacturer": "Siemens",
    "ManufacturersModelName": "TrioTim",
    "Modality": "MR",
    "ParallelReductionFactorInPlane": 2,
    "PartialFourier": 1,
    "PatientPosition": "HFS",
    "PercentPhaseFOV": 100,
    "PhaseEncodingSteps": 255,
    "PhaseResolution": 1,
    "PixelBandwidth": 190,
    "ProcedureStepDescription": "Research_KIRWAN",
    "ProtocolName": "t1_fl3d_sag_no3Daccel_iso_1.0_1avg",
    "PulseSequenceDetails": "%SiemensSeq%_gre",
    "ReceiveCoilName": "32Ch_Head",
    "ReconMatrixPE": 256,
    "RepetitionTime": 0.02,
    "SAR": 0.184609,
    "ScanningSequence": "GR",
    "SequenceName": "_fl3d1_ns",
    "SequenceVariant": "SP",
    "SeriesDescription": "t1_fl3d_sag_no3Daccel_iso_1.0_1avg",
    "SeriesNumber": 9,
    "ShimSetting": [
      -2671,
      -23123,
      2054,
      173,
      -22,
      -157,
      -236,
      20
    ],
    "SliceThickness": 1,
    "SoftwareVersions": "syngo_MR_B17",
    "StationName": "MININT-E41B04",
    "TxRefAmp": 341.389,
    "dataset": "ds002168",
    "modality": "T1w",
    "subject_id": "1573"
  },
  "cjv": 0.45271807324677954,
  "cnr": 2.9961365378069695,
  "efc": 0.5408247469887733,
  "fber": 18092.861744745027,
  "fwhm_avg": 3.3464042213801,
  "fwhm_x": 3.1926326641403016,
  "fwhm_y": 3.61448,
  "fwhm_z": 3.2321,
  "icvs_csf": 0.15380103012023544,
  "icvs_gm": 0.4454870049931623,
  "icvs_wm": 0.40071196488660227,
  "inu_med": 0.31141048669815063,
  "inu_range": 0.12241387367248538,
  "provenance": {
    "md5sum": "f750ee5c964a180e19c71a09d3b29323",
    "settings": {
      "testing": false
    },
    "software": "mriqc",
    "version": "23.0.1",
    "warnings": {
      "large_rot_frame": true,
      "small_air_mask": false
    },
    "webapi_port": null,
    "webapi_url": "https://mriqc.nimh.nih.gov/api/v1"
  },
  "qi_1": 0.0,
  "qi_2": 0.03269704696810049,
  "rpve_csf": 30.62475767603979,
  "rpve_gm": 11.604617402154737,
  "rpve_wm": 14.31671010097185,
  "size_x": 192,
  "size_y": 256,
  "size_z": 256,
  "snr_csf": 3.0277198228014415,
  "snr_gm": 16.944175854586195,
  "snr_total": 14.68250655076732,
  "snr_wm": 24.075623974914325,
  "snrd_csf": 80.70026022674656,
  "snrd_gm": 162.49956225651093,
  "snrd_total": 147.96652838017908,
  "snrd_wm": 200.69976265727976,
  "spacing_x": 0.9999991655349731,
  "spacing_y": 1.0,
  "spacing_z": 1.0,
  "summary_bg_k": 8.831301690481684,
  "summary_bg_mad": 3.2643530193399575,
  "summary_bg_mean": 3.597700254353009,
  "summary_bg_median": 2.201772652566433,
  "summary_bg_n": 3417569.0,
  "summary_bg_p05": 0.0,
  "summary_bg_p95": 14.283294387161732,
  "summary_bg_stdv": 5.212907505889066,
  "summary_csf_k": 3.0145436311463776,
  "summary_csf_mad": 89.4349025939678,
  "summary_csf_mean": 397.3151488058656,
  "summary_csf_median": 402.10578763857484,
  "summary_csf_n": 23551.0,
  "summary_csf_p05": 118.59933076612651,
  "summary_csf_p95": 595.53716073744,
  "summary_csf_stdv": 132.80530371549952,
  "summary_gm_k": 0.27510243998470374,
  "summary_gm_mad": 46.11944906811068,
  "summary_gm_mean": 809.1784658424574,
  "summary_gm_median": 809.6877790540457,
  "summary_gm_n": 35150.0,
  "summary_gm_p05": 729.8029507622123,
  "summary_gm_p95": 886.6369104757905,
  "summary_gm_stdv": 47.784930250583834,
  "summary_wm_k": 0.4407189784187411,
  "summary_wm_mad": 40.05110050651717,
  "summary_wm_mean": 1002.6593178743902,
  "summary_wm_median": 1000.0282020829618,
  "summary_wm_n": 239364.0,
  "summary_wm_p05": 939.2254034467041,
  "summary_wm_p95": 1074.6344215795398,
  "summary_wm_stdv": 41.53687207421974,
  "tpm_overlap_csf": 0.153634492161586,
  "tpm_overlap_gm": 0.46261585284188017,
  "tpm_overlap_wm": 0.509697518290245,
  "wm2max": 0.7577805822335351
}