{
  "bids_meta": {
    "AcquisitionMatrixPE": 512,
    "AcquisitionNumber": 1,
    "AcquisitionTime": "18:46:30.762500",
    "BaseResolution": 512,
    "ConversionSoftware": "dcm2niix",
    "ConversionSoftwareVersion": "v1.0.20180404 Clang8.0.0",
    "DeviceSerialNumber": "35002",
    "DwellTime": 5e-06,
    "EchoTime": 0.064,
    "EchoTrainLength": 15,
    "FlipAngle": 129,
    "ImageOrientationPatientDICOM": [
      0.999993,
      -0.00371292,
      4.8102e-12,
      0.00159674,
      0.430047,
      -0.902805
    ],
    "ImageType": [
      "ORIGINAL",
      "PRIMARY",
      "M",
      "ND"
    ],
    "InPlanePhaseEncodingDirectionDICOM": "ROW",
    "InstitutionAddress": "University_Pkwy_1700_North_685_Provo_UT_US_84601",
    "InstitutionName": "Brigham_Young_University",
    "InstitutionalDepartmentName": "MRI",
    "MRAcquisitionType": "2D",
    "MagneticFieldStrength": 3,
    "Manufacturer": "Siemens",
    "ManufacturersModelName": "TrioTim",
    "Modality": "MR",
    "PartialFourier": 1,
    "PatientPosition": "HFS",
    "PercentPhaseFOV": 100,
    "PhaseEncodingDirection": "i",
    "PhaseEncodingSteps": 720,
    "PhaseOversampling": 0.4,
    "PhaseResolution": 1,
    "PixelBandwidth": 195,
    "ProcedureStepDescription": "Research_KIRWAN",
    "ProtocolName": "HHR_struct_MODIFIED",
    "PulseSequenceDetails": "%SiemensSeq%_tse",
    "ReceiveCoilName": "32Ch_Head",
    "ReconMatrixPE": 512,
    "RepetitionTime": 6,
    "SAR": 0.920583,
    "ScanningSequence": "SE",
    "SequenceName": "_tse2d1_15",
    "SequenceVariant": "SK_SP_OSP",
    "SeriesDescription": "HHR_struct_MODIFIED",
    "SeriesNumber": 16,
    "ShimSetting": [
      -2749,
      -22948,
      2513,
      1340,
      -331,
      2,
      377,
      158
    ],
    "SliceThickness": 2,
    "SoftwareVersions": "syngo_MR_B17",
    "SpacingBetweenSlices": 2,
    "StationName": "MININT-E41B04",
    "TxRefAmp": 341.389,
    "dataset": "ds002168",
    "modality": "T2w",
    "subject_id": "1573"
  },
  "cjv": 1.1330247257151036,
  "cnr": 1.0155864117265072,
  "efc": 0.6573904683820371,
  "fber": 5024.578210733882,
  "fwhm_avg": 5.573722814634912,
  "fwhm_x": 6.284877279498083,
  "fwhm_y": 3.9430810690140357,
  "fwhm_z": 6.493210095392616,
  "icvs_csf": 0.4716414411350496,
  "icvs_gm": 0.10381422944758864,
  "icvs_wm": 0.4245443294173618,
  "inu_med": 1.0250157117843628,
  "inu_range": 1.715755695104598,
  "provenance": {
    "md5sum": "ee90fe685bdbb8b9563b10bad2481255",
    "settings": {
      "testing": false
    },
    "software": "mriqc",
    "version": "23.0.1",
    "warnings": {
      "large_rot_frame": false,
      "small_air_mask": false
    },
    "webapi_port": null,
    "webapi_url": "https://mriqc.nimh.nih.gov/api/v1"
  },
  "qi_1": 0.0,
  "qi_2": 0.0010312781782842167,
  "rpve_csf": 4.766784669831143,
  "rpve_gm": 20.86236404552,
  "rpve_wm": 5.379872007425156,
  "size_x": 512,
  "size_y": 35,
  "size_z": 512,
  "snr_csf": 11.44740888262521,
  "snr_gm": 1.9989392671173598,
  "snr_total": 7.104654104826062,
  "snr_wm": 7.867614164735615,
  "snrd_csf": 15.196760976653986,
  "snrd_gm": 20.231895538939458,
  "snrd_total": 15.09392162311137,
  "snrd_wm": 9.85310835374067,
  "spacing_x": 0.3906249701976776,
  "spacing_y": 2.000004529953003,
  "spacing_z": 0.3906249701976776,
  "summary_bg_k": 276.459639525182,
  "summary_bg_mad": 0.0,
  "summary_bg_mean": 21.501834976664796,
  "summary_bg_median": 0.0,
  "summary_bg_n": 2369688.0,
  "summary_bg_p05": 0.0,
  "summary_bg_p95": 72.22222469747066,
  "summary_bg_stdv": 68.45694502731487,
  "summary_csf_k": 0.2932995504185776,
  "summary_csf_mad": 134.57109799759579,
  "summary_csf_mean": 1598.7386348694124,
  "summary_csf_median": 1587.9499761760235,
  "summary_csf_n": 1082246.0,
  "summary_csf_p05": 1390.5321290344,
  "summary_csf_p95": 1843.19255143404,
  "summary_csf_stdv": 138.7169147901843,
  "summary_gm_k": -1.5297911776328725,
  "summary_gm_mad": 1097.334496516602,
  "summary_gm_mean": 1628.383067041036,
  "summary_gm_median": 2114.0845794975758,
  "summary_gm_n": 237903.0,
  "summary_gm_p05": 89.98435363173485,
  "summary_gm_p95": 2991.314656510949,
  "summary_gm_stdv": 1057.6009842342844,
  "summary_wm_k": 0.07713140107936489,
  "summary_wm_mad": 131.4388396821345,
  "summary_wm_mean": 1028.20514640129,
  "summary_wm_median": 1029.5775000751019,
  "summary_wm_n": 1006868.0,
  "summary_wm_p05": 813.3803095668554,
  "summary_wm_p95": 1240.8451129496098,
  "summary_wm_stdv": 130.86266906840308,
  "tpm_overlap_csf": 0.10053243790476613,
  "tpm_overlap_gm": 0.0853892397745356,
  "tpm_overlap_wm": 0.43383862146663044,
  "wm2max": 0.3199202509178439
}