{
  "aor": 0.0002736915887850467,
  "aqi": 0.013379898130841122,
  "bids_meta": {
    "AcquisitionMatrixPE": 100,
    "AcquisitionNumber": 1,
    "AcquisitionTime": "17:40:33.937500",
    "BandwidthPerPixelPhaseEncode": 13.889,
    "BaseResolution": 100,
    "ConversionSoftware": "dcm2niix",
    "ConversionSoftwareVersion": "v1.0.20180404 Clang8.0.0",
    "DerivedVendorReportedEchoSpacing": 0.000719994,
    "DeviceSerialNumber": "35002",
    "DwellTime": 2.8e-06,
    "EchoTime": 0.0436,
    "EffectiveEchoSpacing": 0.000719994,
    "FlipAngle": 55,
    "ImageComments": "Unaliased_MB8_PE3_(remote)",
    "ImageOrientationPatientDICOM": [
      0.999993,
      -0.00166858,
      0.00323364,
      -1.88277e-09,
      0.888664,
      0.458559
    ],
    "ImageType": [
      "ORIGINAL",
      "PRIMARY",
      "M",
      "MB",
      "ND",
      "MOSAIC"
    ],
    "InPlanePhaseEncodingDirectionDICOM": "COL",
    "InstitutionAddress": "University_Pkwy_1700_North_685_Provo_UT_US_84601",
    "InstitutionName": "Brigham_Young_University",
    "InstitutionalDepartmentName": "MRI",
    "MRAcquisitionType": "2D",
    "MagneticFieldStrength": 3,
    "Manufacturer": "Siemens",
    "ManufacturersModelName": "TrioTim",
    "Modality": "MR",
    "MultibandAccelerationFactor": 8,
    "PartialFourier": 1,
    "PatientPosition": "HFS",
    "PercentPhaseFOV": 100,
    "PhaseEncodingDirection": "j-",
    "PhaseEncodingSteps": 100,
    "PhaseResolution": 1,
    "PixelBandwidth": 1786,
    "ProcedureStepDescription": "Research_KIRWAN",
    "ProtocolName": "run2",
    "PulseSequenceDetails": "%CustomerSeq%_cmrr_mbep2d_bold",
    "ReceiveCoilName": "32Ch_Head",
    "ReconMatrixPE": 100,
    "RepetitionTime": 0.875,
    "SAR": 0.129053,
    "ScanOptions": "FS",
    "ScanningSequence": "EP",
    "SequenceName": "epfid2d1_100",
    "SequenceVariant": "SK_SS",
    "SeriesDescription": "run2",
    "SeriesNumber": 4,
    "ShimSetting": [
      -2662,
      -23070,
      2648,
      1149,
      -133,
      -7,
      -123,
      -57
    ],
    "SliceThickness": 1.8,
    "SliceTiming": [
      0,
      0.4875,
      0.0975,
      0.585,
      0.195,
      0.6825,
      0.2925,
      0.78,
      0.39,
      0,
      0.4875,
      0.0975,
      0.585,
      0.195,
      0.6825,
      0.2925,
      0.78,
      0.39,
      0,
      0.4875,
      0.0975,
      0.585,
      0.195,
      0.6825,
      0.2925,
      0.78,
      0.39,
      0,
      0.4875,
      0.0975,
      0.585,
      0.195,
      0.6825,
      0.2925,
      0.78,
      0.39,
      0,
      0.4875,
      0.0975,
      0.585,
      0.195,
      0.6825,
      0.2925,
      0.78,
      0.39,
      0,
      0.4875,
      0.0975,
      0.585,
      0.195,
      0.6825,
      0.2925,
      0.78,
      0.39,
      0,
      0.4875,
      0.0975,
      0.585,
      0.195,
      0.6825,
      0.2925,
      0.78,
      0.39,
      0,
      0.4875,
      0.0975,
      0.585,
      0.195,
      0.6825,
      0.2925,
      0.78,
      0.39
    ],
    "SoftwareVersions": "syngo_MR_B17",
    "SpacingBetweenSlices": 1.8,
    "StationName": "MININT-E41B04",
    "TaskName": "MST",
    "TotalReadoutTime": 0.0712794,
    "TxRefAmp": 312.518,
    "dataset": "ds002168",
    "modality": "bold",
    "run_id": 2,
    "subject_id": "1540",
    "task_id": "mst"
  },
  "dummy_trs": 0,
  "dvars_nstd": 71.72321535800937,
  "dvars_std": 1.0482898700234204,
  "dvars_vstd": 1.0023123475878215,
  "efc": 0.5615427581480462,
  "fber": 327.9941101074219,
  "fd_mean": 0.10069783118259006,
  "fd_num": 6,
  "fd_perc": 1.4018691588785046,
  "fwhm_avg": 3.4830149070832,
  "fwhm_x": 3.304827865325818,
  "fwhm_y": 3.8084223231109595,
  "fwhm_z": 3.3357945328128213,
  "gcor": 0.00527823,
  "gsr_x": -0.013662316836416721,
  "gsr_y": 0.08900412172079086,
  "provenance": {
    "md5sum": "9b6942b88cd1a697dd04bbab7734d7b2",
    "settings": {
      "fd_thres": 0.2,
      "testing": false
    },
    "software": "mriqc",
    "version": "23.0.1",
    "webapi_port": null,
    "webapi_url": "https://mriqc.nimh.nih.gov/api/v1"
  },
  "size_t": 428,
  "size_x": 100,
  "size_y": 100,
  "size_z": 72,
  "snr": 1.9845896371345528,
  "spacing_tr": 0.875,
  "spacing_x": 1.7999999523162842,
  "spacing_y": 1.7999999523162842,
  "spacing_z": 1.7999999523162842,
  "summary_bg_k": 59.184917910033235,
  "summary_bg_mad": 10.121878965280663,
  "summary_bg_mean": 31.9392032623291,
  "summary_bg_median": 18.175233840942383,
  "summary_bg_n": 437600.0,
  "summary_bg_p05": 10.51168155670166,
  "summary_bg_p95": 95.99077072143552,
  "summary_bg_stdv": 43.369728088378906,
  "summary_fg_k": 3.874132818966581,
  "summary_fg_mad": 115.75900494618834,
  "summary_fg_mean": 384.5710144042969,
  "summary_fg_median": 339.05023193359375,
  "summary_fg_n": 179022.0,
  "summary_fg_p05": 198.64298400878909,
  "summary_fg_p95": 733.136416625976,
  "summary_fg_stdv": 170.84100341796875,
  "tsnr": 21.69352089636959
}