{
  "bids_meta": {
    "AcquisitionMatrixPE": 256,
    "AcquisitionNumber": 1,
    "AcquisitionTime": "09:54:51.392500",
    "BaseResolution": 256,
    "ConversionSoftware": "dcm2niix",
    "ConversionSoftwareVersion": "v1.0.20180404 Clang8.0.0",
    "DeviceSerialNumber": "35002",
    "DwellTime": 1.03e-05,
    "EchoTime": 0.00492,
    "FlipAngle": 25,
    "ImageOrientationPatientDICOM": [
      0,
      1,
      -1e-16,
      0.0279217,
      0,
      -0.99961
    ],
    "ImageType": [
      "ORIGINAL",
      "PRIMARY",
      "M",
      "ND",
      "NORM"
    ],
    "InPlanePhaseEncodingDirectionDICOM": "ROW",
    "InstitutionAddress": "University_Pkwy_1700_North_685_Provo_UT_US_84601",
    "InstitutionName": "Brigham_Young_University",
    "InstitutionalDepartmentName": "MRI",
    "MRAcquisitionType": "3D",
    "MagneticFieldStrength": 3,
    "Manufacturer": "Siemens",
    "ManufacturersModelName": "TrioTim",
    "Modality": "MR",
    "ParallelReductionFactorInPlane": 2,
    "PartialFourier": 1,
    "PatientPosition": "HFS",
    "PercentPhaseFOV": 100,
    "PhaseEncodingSteps": 255,
    "PhaseResolution": 1,
    "PixelBandwidth": 190,
    "ProcedureStepDescription": "Research_KIRWAN",
    "ProtocolName": "t1_fl3d_sag_no3Daccel_iso_1.0_1avg",
    "PulseSequenceDetails": "%SiemensSeq%_gre",
    "ReceiveCoilName": "32Ch_Head",
    "ReconMatrixPE": 256,
    "RepetitionTime": 0.02,
    "SAR": 0.164299,
    "ScanningSequence": "GR",
    "SequenceName": "_fl3d1_ns",
    "SequenceVariant": "SP",
    "SeriesDescription": "t1_fl3d_sag_no3Daccel_iso_1.0_1avg",
    "SeriesNumber": 9,
    "ShimSetting": [
      -2655,
      -23109,
      2059,
      81,
      -13,
      -145,
      -152,
      15
    ],
    "SliceThickness": 1,
    "SoftwareVersions": "syngo_MR_B17",
    "StationName": "MININT-E41B04",
    "TxRefAmp": 303.112,
    "dataset": "ds002168",
    "modality": "T1w",
    "subject_id": "1537"
  },
  "cjv": 0.4564719982088563,
  "cnr": 3.0543832939265796,
  "efc": 0.5692184620135673,
  "fber": 13881.123966942148,
  "fwhm_avg": 3.233486052943834,
  "fwhm_x": 3.088968158831502,
  "fwhm_y": 3.41141,
  "fwhm_z": 3.20008,
  "icvs_csf": 0.13074127357656043,
  "icvs_gm": 0.4289428411147736,
  "icvs_wm": 0.44031588530866594,
  "inu_med": 0.2915503978729248,
  "inu_range": 0.07269477248191833,
  "provenance": {
    "md5sum": "ab5f3cd3f704433ef7530100b711ea49",
    "settings": {
      "testing": false
    },
    "software": "mriqc",
    "version": "23.0.1",
    "warnings": {
      "large_rot_frame": true,
      "small_air_mask": false
    },
    "webapi_port": null,
    "webapi_url": "https://mriqc.nimh.nih.gov/api/v1"
  },
  "qi_1": 0.0,
  "qi_2": 0.016903020009297564,
  "rpve_csf": 38.879100484764976,
  "rpve_gm": 12.616986154889192,
  "rpve_wm": 13.660347089126097,
  "size_x": 192,
  "size_y": 256,
  "size_z": 256,
  "snr_csf": 2.600239082212095,
  "snr_gm": 16.05300312943273,
  "snr_total": 13.308616773593817,
  "snr_wm": 21.272608109136627,
  "snrd_csf": 35.387575096039846,
  "snrd_gm": 80.55170323547691,
  "snrd_total": 72.588959293998,
  "snrd_wm": 101.82759955047725,
  "spacing_x": 1.0000005960464478,
  "spacing_y": 1.0,
  "spacing_z": 1.0,
  "summary_bg_k": 20.370237498680357,
  "summary_bg_mad": 0.0,
  "summary_bg_mean": 3.9578169971378716,
  "summary_bg_median": 0.0,
  "summary_bg_n": 2934180.0,
  "summary_bg_p05": 0.0,
  "summary_bg_p95": 16.145531341433525,
  "summary_bg_stdv": 6.43413615924013,
  "summary_csf_k": 1.3930020083794608,
  "summary_csf_mad": 85.01056303915833,
  "summary_csf_mean": 335.7381946540501,
  "summary_csf_median": 347.5436207074672,
  "summary_csf_n": 22767.0,
  "summary_csf_p05": 82.39473811108618,
  "summary_csf_p95": 545.1383837271483,
  "summary_csf_stdv": 133.65539745297383,
  "summary_gm_k": 0.21369184828732912,
  "summary_gm_mad": 48.694575164185196,
  "summary_gm_mean": 792.1799170954787,
  "summary_gm_median": 791.1033892724663,
  "summary_gm_n": 46985.0,
  "summary_gm_p05": 712.4823926478624,
  "summary_gm_p95": 873.733122274652,
  "summary_gm_stdv": 49.28018540636207,
  "summary_wm_k": 0.18450690318128293,
  "summary_wm_mad": 46.68612888216072,
  "summary_wm_mean": 1003.5874518411839,
  "summary_wm_median": 1000.0553171467036,
  "summary_wm_n": 239209.0,
  "summary_wm_p05": 932.9573641233146,
  "summary_wm_p95": 1085.9528614580631,
  "summary_wm_stdv": 47.01131246699416,
  "tpm_overlap_csf": 0.1449067234564756,
  "tpm_overlap_gm": 0.4385777616020967,
  "tpm_overlap_wm": 0.47695541262163216,
  "wm2max": 0.7003756195786865
}