{
  "bids_meta": {
    "AcquisitionMatrixPE": 512,
    "AcquisitionNumber": 1,
    "AcquisitionTime": "10:20:27.642500",
    "BaseResolution": 512,
    "ConversionSoftware": "dcm2niix",
    "ConversionSoftwareVersion": "v1.0.20180404 Clang8.0.0",
    "DeviceSerialNumber": "35002",
    "DwellTime": 5e-06,
    "EchoTime": 0.064,
    "EchoTrainLength": 15,
    "FlipAngle": 126,
    "ImageOrientationPatientDICOM": [
      0.998995,
      0.0448323,
      -3.55896e-10,
      -0.0248587,
      0.553923,
      -0.832196
    ],
    "ImageType": [
      "ORIGINAL",
      "PRIMARY",
      "M",
      "ND"
    ],
    "InPlanePhaseEncodingDirectionDICOM": "ROW",
    "InstitutionAddress": "University_Pkwy_1700_North_685_Provo_UT_US_84601",
    "InstitutionName": "Brigham_Young_University",
    "InstitutionalDepartmentName": "MRI",
    "MRAcquisitionType": "2D",
    "MagneticFieldStrength": 3,
    "Manufacturer": "Siemens",
    "ManufacturersModelName": "TrioTim",
    "Modality": "MR",
    "PartialFourier": 1,
    "PatientPosition": "HFS",
    "PercentPhaseFOV": 100,
    "PhaseEncodingDirection": "i",
    "PhaseEncodingSteps": 720,
    "PhaseOversampling": 0.4,
    "PhaseResolution": 1,
    "PixelBandwidth": 195,
    "ProcedureStepDescription": "Research_KIRWAN",
    "ProtocolName": "HHR_struct_MODIFIED",
    "PulseSequenceDetails": "%SiemensSeq%_tse",
    "ReceiveCoilName": "32Ch_Head",
    "ReconMatrixPE": 512,
    "RepetitionTime": 6,
    "SAR": 0.87619,
    "ScanningSequence": "SE",
    "SequenceName": "_tse2d1_15",
    "SequenceVariant": "SK_SP_OSP",
    "SeriesDescription": "HHR_struct_MODIFIED",
    "SeriesNumber": 16,
    "ShimSetting": [
      -2585,
      -23128,
      2607,
      948,
      72,
      -436,
      296,
      -170
    ],
    "SliceThickness": 2,
    "SoftwareVersions": "syngo_MR_B17",
    "SpacingBetweenSlices": 2,
    "StationName": "MININT-E41B04",
    "TxRefAmp": 303.112,
    "dataset": "ds002168",
    "modality": "T2w",
    "subject_id": "1537"
  },
  "cjv": 3.4981567525485984,
  "cnr": 0.45227694784771993,
  "efc": 0.6762786563790618,
  "fber": 2039.279744222831,
  "fwhm_avg": 5.115094818188963,
  "fwhm_x": 5.507404800000001,
  "fwhm_y": 3.7621036545668884,
  "fwhm_z": 6.075775999999999,
  "icvs_csf": 0.4790630780489476,
  "icvs_gm": 0.4174976133417054,
  "icvs_wm": 0.10343930860934701,
  "inu_med": 1.027184784412384,
  "inu_range": 1.645660817623138,
  "provenance": {
    "md5sum": "a34bab58f71303697c03905484513234",
    "settings": {
      "testing": false
    },
    "software": "mriqc",
    "version": "23.0.1",
    "warnings": {
      "large_rot_frame": false,
      "small_air_mask": false
    },
    "webapi_port": null,
    "webapi_url": "https://mriqc.nimh.nih.gov/api/v1"
  },
  "qi_1": 0.0009461385009974352,
  "qi_2": 0.00010839789958504469,
  "rpve_csf": 4.728466611592567,
  "rpve_gm": 5.364577298025027,
  "rpve_wm": 21.16360501436455,
  "size_x": 512,
  "size_y": 35,
  "size_z": 512,
  "snr_csf": 11.833894918552863,
  "snr_gm": 8.42588691848122,
  "snr_total": 7.211374124734166,
  "snr_wm": 1.374340537168414,
  "snrd_csf": 56.68508707951621,
  "snrd_gm": 37.995866474250974,
  "snrd_total": 50.55572892635621,
  "snrd_wm": 56.986233225301454,
  "spacing_x": 0.390625,
  "spacing_y": 2.0000007152557373,
  "spacing_z": 0.390625,
  "summary_bg_k": 93.75906783211687,
  "summary_bg_mad": 6.297840530086638,
  "summary_bg_mean": 13.146769696529121,
  "summary_bg_median": 4.247828885912895,
  "summary_bg_n": 2015766.0,
  "summary_bg_p05": 0.0,
  "summary_bg_p95": 34.2735782712698,
  "summary_bg_stdv": 46.49797339139018,
  "summary_csf_k": 0.40105416357208057,
  "summary_csf_mad": 43.9554760284814,
  "summary_csf_mean": 548.1769577981215,
  "summary_csf_median": 544.9149808511138,
  "summary_csf_n": 1060966.0,
  "summary_csf_p05": 478.63721234351397,
  "summary_csf_p95": 629.2023800462484,
  "summary_csf_stdv": 46.0469463181907,
  "summary_gm_k": 0.1811830091471771,
  "summary_gm_mad": 43.049622253605925,
  "summary_gm_mean": 365.00938962909527,
  "summary_gm_median": 365.25509475171566,
  "summary_gm_n": 927249.0,
  "summary_gm_p05": 293.856655806303,
  "summary_gm_p95": 435.34427136927843,
  "summary_gm_stdv": 43.34913360802426,
  "summary_wm_k": -1.6727143850212343,
  "summary_wm_mad": 595.5557210865833,
  "summary_wm_mean": 516.1887176969193,
  "summary_wm_median": 547.8099053315818,
  "summary_wm_n": 243648.0,
  "summary_wm_p05": 23.88676380366087,
  "summary_wm_p95": 1074.486861955747,
  "summary_wm_stdv": 398.5975573972648,
  "tpm_overlap_csf": 0.09625689422212029,
  "tpm_overlap_gm": 0.24915921501416693,
  "tpm_overlap_wm": 0.02603609677718192,
  "wm2max": 0.44601444984010424
}