{
  "bids_meta": {
    "AcquisitionMatrixPE": 512,
    "AcquisitionNumber": 1,
    "AcquisitionTime": "18:54:4.440000",
    "BaseResolution": 512,
    "ConversionSoftware": "dcm2niix",
    "ConversionSoftwareVersion": "v1.0.20180404 Clang8.0.0",
    "DeviceSerialNumber": "35002",
    "DwellTime": 5e-06,
    "EchoTime": 0.064,
    "EchoTrainLength": 15,
    "FlipAngle": 128,
    "ImageOrientationPatientDICOM": [
      0.998948,
      -0.0458483,
      -1.1783e-09,
      0.0228954,
      0.498848,
      -0.866387
    ],
    "ImageType": [
      "ORIGINAL",
      "PRIMARY",
      "M",
      "ND"
    ],
    "InPlanePhaseEncodingDirectionDICOM": "ROW",
    "InstitutionAddress": "University_Pkwy_1700_North_685_Provo_UT_US_84601",
    "InstitutionName": "Brigham_Young_University",
    "InstitutionalDepartmentName": "MRI",
    "MRAcquisitionType": "2D",
    "MagneticFieldStrength": 3,
    "Manufacturer": "Siemens",
    "ManufacturersModelName": "TrioTim",
    "Modality": "MR",
    "PartialFourier": 1,
    "PatientPosition": "HFS",
    "PercentPhaseFOV": 100,
    "PhaseEncodingDirection": "i",
    "PhaseEncodingSteps": 720,
    "PhaseOversampling": 0.4,
    "PhaseResolution": 1,
    "PixelBandwidth": 195,
    "ProcedureStepDescription": "Research_KIRWAN",
    "ProtocolName": "HHR_struct_MODIFIED",
    "PulseSequenceDetails": "%SiemensSeq%_tse",
    "ReceiveCoilName": "32Ch_Head",
    "ReconMatrixPE": 512,
    "RepetitionTime": 6,
    "SAR": 0.932449,
    "ScanningSequence": "SE",
    "SequenceName": "_tse2d1_15",
    "SequenceVariant": "SK_SP_OSP",
    "SeriesDescription": "HHR_struct_MODIFIED",
    "SeriesNumber": 16,
    "ShimSetting": [
      -2674,
      -23175,
      2569,
      849,
      112,
      -441,
      403,
      -21
    ],
    "SliceThickness": 2,
    "SoftwareVersions": "syngo_MR_B17",
    "SpacingBetweenSlices": 2,
    "StationName": "MININT-E41B04",
    "TxRefAmp": 341.868,
    "dataset": "ds002168",
    "modality": "T2w",
    "subject_id": "1475"
  },
  "cjv": 1.149856136396046,
  "cnr": 1.0123828404057709,
  "efc": 0.6645406878013794,
  "fber": 2737.192148760331,
  "fwhm_avg": 5.534028515702038,
  "fwhm_x": 6.1915140723750355,
  "fwhm_y": 4.102091956029871,
  "fwhm_z": 6.308479518701208,
  "icvs_csf": 0.45598547928776717,
  "icvs_gm": 0.11954059193219657,
  "icvs_wm": 0.42447392878003626,
  "inu_med": 0.9480755925178528,
  "inu_range": 1.8594917953014374,
  "provenance": {
    "md5sum": "34376ba34527e86e79b0132bba8ed50a",
    "settings": {
      "testing": false
    },
    "software": "mriqc",
    "version": "23.0.1",
    "warnings": {
      "large_rot_frame": false,
      "small_air_mask": false
    },
    "webapi_port": null,
    "webapi_url": "https://mriqc.nimh.nih.gov/api/v1"
  },
  "qi_1": 0.0,
  "qi_2": 0.0009591608664886107,
  "rpve_csf": 4.835481933805699,
  "rpve_gm": 18.933189740223863,
  "rpve_wm": 5.355662220431819,
  "size_x": 512,
  "size_y": 35,
  "size_z": 512,
  "snr_csf": 10.870850120270356,
  "snr_gm": 1.9445184810401286,
  "snr_total": 6.913977981617326,
  "snr_wm": 7.926565343541496,
  "snrd_csf": 31.205085880532934,
  "snrd_gm": 41.33387185329532,
  "snrd_total": 30.732307285460177,
  "snrd_wm": 19.657964122552265,
  "spacing_x": 0.3906249701976776,
  "spacing_y": 1.9999990463256836,
  "spacing_z": 0.3906250298023224,
  "summary_bg_k": 177.5726570748801,
  "summary_bg_mad": 0.0,
  "summary_bg_mean": 20.065079742780334,
  "summary_bg_median": 0.0,
  "summary_bg_n": 2200295.0,
  "summary_bg_p05": 0.0,
  "summary_bg_p95": 75.31118317693472,
  "summary_bg_stdv": 34.538432198932895,
  "summary_csf_k": 0.6098408264967357,
  "summary_csf_mad": 141.26343044092167,
  "summary_csf_mean": 1656.055576073387,
  "summary_csf_median": 1645.1150370314717,
  "summary_csf_n": 1007942.0,
  "summary_csf_p05": 1428.2259934470057,
  "summary_csf_p95": 1921.4649909958243,
  "summary_csf_stdv": 151.33261913780433,
  "summary_gm_k": -1.6074959318963344,
  "summary_gm_mad": 1184.0105946166723,
  "summary_gm_mean": 1651.9183404805447,
  "summary_gm_median": 2179.0990861207247,
  "summary_gm_n": 286999.0,
  "summary_gm_p05": 89.27196017727269,
  "summary_gm_p95": 3113.199541337041,
  "summary_gm_stdv": 1120.6349083392174,
  "summary_wm_k": 0.12129990677605207,
  "summary_wm_mad": 129.97828797148713,
  "summary_wm_mean": 1039.300269181188,
  "summary_wm_median": 1036.3571021482348,
  "summary_wm_n": 969368.0,
  "summary_wm_p05": 828.6916636377573,
  "summary_wm_p95": 1255.5744343921542,
  "summary_wm_stdv": 130.7447201503908,
  "tpm_overlap_csf": 0.09752204362573395,
  "tpm_overlap_gm": 0.08376953223066877,
  "tpm_overlap_wm": 0.47572839641175896,
  "wm2max": 0.2966675211484235
}