{
  "bids_meta": {
    "AcquisitionMatrixPE": 256,
    "AcquisitionNumber": 1,
    "AcquisitionTime": "18:28:8.472500",
    "BaseResolution": 256,
    "ConversionSoftware": "dcm2niix",
    "ConversionSoftwareVersion": "v1.0.20180404 Clang8.0.0",
    "DeviceSerialNumber": "35002",
    "DwellTime": 1.03e-05,
    "EchoTime": 0.00492,
    "FlipAngle": 25,
    "ImageOrientationPatientDICOM": [
      0,
      1,
      -1e-16,
      -0.080199,
      0,
      -0.996779
    ],
    "ImageType": [
      "ORIGINAL",
      "PRIMARY",
      "M",
      "ND",
      "NORM"
    ],
    "InPlanePhaseEncodingDirectionDICOM": "ROW",
    "InstitutionAddress": "University_Pkwy_1700_North_685_Provo_UT_US_84601",
    "InstitutionName": "Brigham_Young_University",
    "InstitutionalDepartmentName": "MRI",
    "MRAcquisitionType": "3D",
    "MagneticFieldStrength": 3,
    "Manufacturer": "Siemens",
    "ManufacturersModelName": "TrioTim",
    "Modality": "MR",
    "ParallelReductionFactorInPlane": 2,
    "PartialFourier": 1,
    "PatientPosition": "HFS",
    "PercentPhaseFOV": 100,
    "PhaseEncodingSteps": 255,
    "PhaseResolution": 1,
    "PixelBandwidth": 190,
    "ProcedureStepDescription": "Research_KIRWAN",
    "ProtocolName": "t1_fl3d_sag_no3Daccel_iso_1.0_1avg",
    "PulseSequenceDetails": "%SiemensSeq%_gre",
    "ReceiveCoilName": "32Ch_Head",
    "ReconMatrixPE": 256,
    "RepetitionTime": 0.02,
    "SAR": 0.200317,
    "ScanningSequence": "GR",
    "SequenceName": "_fl3d1_ns",
    "SequenceVariant": "SP",
    "SeriesDescription": "t1_fl3d_sag_no3Daccel_iso_1.0_1avg",
    "SeriesNumber": 9,
    "ShimSetting": [
      -2655,
      -23109,
      2059,
      81,
      -13,
      -145,
      -152,
      15
    ],
    "SliceThickness": 1,
    "SoftwareVersions": "syngo_MR_B17",
    "StationName": "MININT-E41B04",
    "TxRefAmp": 341.868,
    "dataset": "ds002168",
    "modality": "T1w",
    "subject_id": "1475"
  },
  "cjv": 0.4193169543123004,
  "cnr": 3.206848451520919,
  "efc": 0.5702968878712903,
  "fber": 10215.118418794455,
  "fwhm_avg": 3.478566890010589,
  "fwhm_x": 3.4335206700317666,
  "fwhm_y": 3.71593,
  "fwhm_z": 3.28625,
  "icvs_csf": 0.16607589379653773,
  "icvs_gm": 0.4125372839620711,
  "icvs_wm": 0.4213868222413912,
  "inu_med": 0.3766353726387024,
  "inu_range": 0.1487594783306122,
  "provenance": {
    "md5sum": "6f08cd7bc78c9b4ebdfaf2c8b9634c89",
    "settings": {
      "testing": false
    },
    "software": "mriqc",
    "version": "23.0.1",
    "warnings": {
      "large_rot_frame": true,
      "small_air_mask": false
    },
    "webapi_port": null,
    "webapi_url": "https://mriqc.nimh.nih.gov/api/v1"
  },
  "qi_1": 0.0,
  "qi_2": 0.016604690828843315,
  "rpve_csf": 31.699130417166792,
  "rpve_gm": 13.090995870536302,
  "rpve_wm": 14.610388226130448,
  "size_x": 192,
  "size_y": 256,
  "size_z": 256,
  "snr_csf": 3.041923520880928,
  "snr_gm": 16.635680766618698,
  "snr_total": 14.103633731578958,
  "snr_wm": 22.63329690723725,
  "snrd_csf": 42.459195530490355,
  "snrd_gm": 83.40083533015434,
  "snrd_total": 77.102859177104,
  "snrd_wm": 105.44854667066728,
  "spacing_x": 0.9999939799308777,
  "spacing_y": 1.0,
  "spacing_z": 1.0,
  "summary_bg_k": 10.056796180454281,
  "summary_bg_mad": 0.0,
  "summary_bg_mean": 4.040421628904546,
  "summary_bg_median": 0.0,
  "summary_bg_n": 3290204.0,
  "summary_bg_p05": 0.0,
  "summary_bg_p95": 15.892504289746284,
  "summary_bg_stdv": 6.213065790611935,
  "summary_csf_k": 2.2424166802620844,
  "summary_csf_mad": 95.96818347463805,
  "summary_csf_mean": 389.5685782366657,
  "summary_csf_median": 402.66694881767035,
  "summary_csf_n": 30463.0,
  "summary_csf_p05": 123.87286283522845,
  "summary_csf_p95": 581.2359455153346,
  "summary_csf_stdv": 132.37030348865747,
  "summary_gm_k": 0.35569083922474753,
  "summary_gm_mad": 45.91101717332527,
  "summary_gm_mean": 792.1544958533311,
  "summary_gm_median": 790.9419731497765,
  "summary_gm_n": 26115.0,
  "summary_gm_p05": 716.0732721470297,
  "summary_gm_p95": 870.5613733962177,
  "summary_gm_stdv": 47.544001394276194,
  "summary_wm_k": 0.6118942234322322,
  "summary_wm_mad": 41.76486804533774,
  "summary_wm_mean": 1003.8397013724218,
  "summary_wm_median": 1000.034127227962,
  "summary_wm_n": 224827.0,
  "summary_wm_p05": 938.5785634294152,
  "summary_wm_p95": 1082.224975593388,
  "summary_wm_stdv": 44.184102179901245,
  "tpm_overlap_csf": 0.14327644339565543,
  "tpm_overlap_gm": 0.44699642975537485,
  "tpm_overlap_wm": 0.4840644445687095,
  "wm2max": 0.6856688098522742
}