{
  "aor": 0.00037560747663551407,
  "aqi": 0.01173418464953271,
  "bids_meta": {
    "AcquisitionMatrixPE": 100,
    "AcquisitionNumber": 1,
    "AcquisitionTime": "10:37:31.530000",
    "BandwidthPerPixelPhaseEncode": 13.889,
    "BaseResolution": 100,
    "ConversionSoftware": "dcm2niix",
    "ConversionSoftwareVersion": "v1.0.20180404 Clang8.0.0",
    "DerivedVendorReportedEchoSpacing": 0.000719994,
    "DeviceSerialNumber": "35002",
    "DwellTime": 2.8e-06,
    "EchoTime": 0.0436,
    "EffectiveEchoSpacing": 0.000719994,
    "FlipAngle": 55,
    "ImageComments": "Unaliased_MB8_PE3_(remote)",
    "ImageOrientationPatientDICOM": [
      0.999999,
      -0.00068642,
      0.0013415,
      -2.65606e-08,
      0.890221,
      0.455529
    ],
    "ImageType": [
      "ORIGINAL",
      "PRIMARY",
      "M",
      "MB",
      "ND",
      "MOSAIC"
    ],
    "InPlanePhaseEncodingDirectionDICOM": "COL",
    "InstitutionAddress": "University_Pkwy_1700_North_685_Provo_UT_US_84601",
    "InstitutionName": "Brigham_Young_University",
    "InstitutionalDepartmentName": "MRI",
    "MRAcquisitionType": "2D",
    "MagneticFieldStrength": 3,
    "Manufacturer": "Siemens",
    "ManufacturersModelName": "TrioTim",
    "Modality": "MR",
    "MultibandAccelerationFactor": 8,
    "PartialFourier": 1,
    "PatientPosition": "HFS",
    "PercentPhaseFOV": 100,
    "PhaseEncodingDirection": "j-",
    "PhaseEncodingSteps": 100,
    "PhaseResolution": 1,
    "PixelBandwidth": 1786,
    "ProcedureStepDescription": "Research_KIRWAN",
    "ProtocolName": "run4",
    "PulseSequenceDetails": "%CustomerSeq%_cmrr_mbep2d_bold",
    "ReceiveCoilName": "32Ch_Head",
    "ReconMatrixPE": 100,
    "RepetitionTime": 0.875,
    "SAR": 0.112632,
    "ScanOptions": "FS",
    "ScanningSequence": "EP",
    "SequenceName": "epfid2d1_100",
    "SequenceVariant": "SK_SS",
    "SeriesDescription": "run4",
    "SeriesNumber": 6,
    "ShimSetting": [
      -2650,
      -23150,
      2404,
      1080,
      63,
      83,
      -31,
      48
    ],
    "SliceThickness": 1.8,
    "SliceTiming": [
      0,
      0.4875,
      0.0975,
      0.585,
      0.195,
      0.6825,
      0.2925,
      0.78,
      0.39,
      0,
      0.4875,
      0.0975,
      0.585,
      0.195,
      0.6825,
      0.2925,
      0.78,
      0.39,
      0,
      0.4875,
      0.0975,
      0.585,
      0.195,
      0.6825,
      0.2925,
      0.78,
      0.39,
      0,
      0.4875,
      0.0975,
      0.585,
      0.195,
      0.6825,
      0.2925,
      0.78,
      0.39,
      0,
      0.4875,
      0.0975,
      0.585,
      0.195,
      0.6825,
      0.2925,
      0.78,
      0.39,
      0,
      0.4875,
      0.0975,
      0.585,
      0.195,
      0.6825,
      0.2925,
      0.78,
      0.39,
      0,
      0.4875,
      0.0975,
      0.585,
      0.195,
      0.6825,
      0.2925,
      0.78,
      0.39,
      0,
      0.4875,
      0.0975,
      0.585,
      0.195,
      0.6825,
      0.2925,
      0.78,
      0.39
    ],
    "SoftwareVersions": "syngo_MR_B17",
    "SpacingBetweenSlices": 1.8,
    "StationName": "MININT-E41B04",
    "TaskName": "MST",
    "TotalReadoutTime": 0.0712794,
    "TxRefAmp": 339.377,
    "dataset": "ds002168",
    "modality": "bold",
    "run_id": 4,
    "subject_id": "1572",
    "task_id": "mst"
  },
  "dummy_trs": 0,
  "dvars_nstd": 61.83831775484774,
  "dvars_std": 1.0350107941920375,
  "dvars_vstd": 0.9978548792740037,
  "efc": 0.5703466310444079,
  "fber": 384.6092529296875,
  "fd_mean": 0.1490582511920396,
  "fd_num": 89,
  "fd_perc": 20.794392523364486,
  "fwhm_avg": 3.2667019383899003,
  "fwhm_x": 3.111522304649414,
  "fwhm_y": 3.5214167599523534,
  "fwhm_z": 3.167166750567933,
  "gcor": 0.00669534,
  "gsr_x": -0.011328653432428837,
  "gsr_y": 0.06758908927440643,
  "provenance": {
    "md5sum": "68c9f9a44b29bd31cb9208b0ce41f514",
    "settings": {
      "fd_thres": 0.2,
      "testing": false
    },
    "software": "mriqc",
    "version": "23.0.1",
    "webapi_port": null,
    "webapi_url": "https://mriqc.nimh.nih.gov/api/v1"
  },
  "size_t": 428,
  "size_x": 100,
  "size_y": 100,
  "size_z": 72,
  "snr": 2.201257833588493,
  "spacing_tr": 0.875,
  "spacing_x": 1.7999999523162842,
  "spacing_y": 1.7999999523162842,
  "spacing_z": 1.7999999523162842,
  "summary_bg_k": 22.00256043273162,
  "summary_bg_mad": 10.90128379537631,
  "summary_bg_mean": 33.23920822143555,
  "summary_bg_median": 19.15654182434082,
  "summary_bg_n": 429077.0,
  "summary_bg_p05": 10.705607414245605,
  "summary_bg_p95": 103.95092926025336,
  "summary_bg_stdv": 39.99322509765625,
  "summary_fg_k": 1.7092288991173739,
  "summary_fg_mad": 140.05392265082213,
  "summary_fg_mean": 421.66522216796875,
  "summary_fg_median": 384.12847900390625,
  "summary_fg_n": 187095.0,
  "summary_fg_p05": 209.07031707763673,
  "summary_fg_p95": 767.4415893554688,
  "summary_fg_stdv": 174.5036163330078,
  "tsnr": 22.043582792393863
}