{
  "aor": 0.0017602843601895732,
  "aqi": 0.018406833412322274,
  "bids_meta": {
    "AcquisitionMatrixPE": 100,
    "AcquisitionNumber": 1,
    "AcquisitionTime": "14:53:11.130000",
    "BandwidthPerPixelPhaseEncode": 13.889,
    "BaseResolution": 100,
    "ConversionSoftware": "dcm2niix",
    "ConversionSoftwareVersion": "v1.0.20180404 Clang8.0.0",
    "DerivedVendorReportedEchoSpacing": 0.000719994,
    "DeviceSerialNumber": "35002",
    "DwellTime": 2.8e-06,
    "EchoTime": 0.0436,
    "EffectiveEchoSpacing": 0.000719994,
    "FlipAngle": 55,
    "ImageComments": "Unaliased_MB8_PE3_(remote)",
    "ImageOrientationPatientDICOM": [
      1,
      0,
      0,
      0,
      0.864275,
      0.50302
    ],
    "ImageType": [
      "ORIGINAL",
      "PRIMARY",
      "M",
      "MB",
      "ND",
      "MOSAIC"
    ],
    "InPlanePhaseEncodingDirectionDICOM": "COL",
    "InstitutionAddress": "University_Pkwy_1700_North_685_Provo_UT_US_84601",
    "InstitutionName": "Brigham_Young_University",
    "InstitutionalDepartmentName": "MRI",
    "MRAcquisitionType": "2D",
    "MagneticFieldStrength": 3,
    "Manufacturer": "Siemens",
    "ManufacturersModelName": "TrioTim",
    "Modality": "MR",
    "MultibandAccelerationFactor": 8,
    "PartialFourier": 1,
    "PatientPosition": "HFS",
    "PercentPhaseFOV": 100,
    "PhaseEncodingDirection": "j-",
    "PhaseEncodingSteps": 100,
    "PhaseResolution": 1,
    "PixelBandwidth": 1786,
    "ProcedureStepDescription": "Research_KIRWAN",
    "ProtocolName": "run5",
    "PulseSequenceDetails": "%CustomerSeq%_cmrr_mbep2d_bold",
    "ReceiveCoilName": "32Ch_Head",
    "ReconMatrixPE": 100,
    "RepetitionTime": 0.875,
    "SAR": 0.125411,
    "ScanOptions": "FS",
    "ScanningSequence": "EP",
    "SequenceName": "epfid2d1_100",
    "SequenceVariant": "SK_SS",
    "SeriesDescription": "run5",
    "SeriesNumber": 7,
    "ShimSetting": [
      -2830,
      -23023,
      2373,
      705,
      -117,
      10,
      -284,
      433
    ],
    "SliceThickness": 1.8,
    "SliceTiming": [
      0,
      0.4875,
      0.0975,
      0.585,
      0.195,
      0.6825,
      0.2925,
      0.78,
      0.39,
      0,
      0.4875,
      0.0975,
      0.585,
      0.195,
      0.6825,
      0.2925,
      0.78,
      0.39,
      0,
      0.4875,
      0.0975,
      0.585,
      0.195,
      0.6825,
      0.2925,
      0.78,
      0.39,
      0,
      0.4875,
      0.0975,
      0.585,
      0.195,
      0.6825,
      0.2925,
      0.78,
      0.39,
      0,
      0.4875,
      0.0975,
      0.585,
      0.195,
      0.6825,
      0.2925,
      0.78,
      0.39,
      0,
      0.4875,
      0.0975,
      0.585,
      0.195,
      0.6825,
      0.2925,
      0.78,
      0.39,
      0,
      0.4875,
      0.0975,
      0.585,
      0.195,
      0.6825,
      0.2925,
      0.78,
      0.39,
      0,
      0.4875,
      0.0975,
      0.585,
      0.195,
      0.6825,
      0.2925,
      0.78,
      0.39
    ],
    "SoftwareVersions": "syngo_MR_B17",
    "SpacingBetweenSlices": 1.8,
    "StationName": "MININT-E41B04",
    "TaskName": "MST",
    "TotalReadoutTime": 0.0712794,
    "TxRefAmp": 324.111,
    "dataset": "ds002168",
    "modality": "bold",
    "run_id": 5,
    "subject_id": "2395",
    "task_id": "mst"
  },
  "dummy_trs": 6,
  "dvars_nstd": 72.63260723133014,
  "dvars_std": 1.0593893968883603,
  "dvars_vstd": 1.0210067360332544,
  "efc": 0.605004853914963,
  "fber": 202.15048217773438,
  "fd_mean": 0.14646963702789426,
  "fd_num": 42,
  "fd_perc": 9.95260663507109,
  "fwhm_avg": 3.1157333503081994,
  "fwhm_x": 2.9891445236297325,
  "fwhm_y": 3.3881112008654064,
  "fwhm_z": 2.9699443264294603,
  "gcor": 0.00406037,
  "gsr_x": -0.00023508215963374823,
  "gsr_y": 0.08755189180374146,
  "provenance": {
    "md5sum": "b8a27479cb8203d7959042efc6819dca",
    "settings": {
      "fd_thres": 0.2,
      "testing": false
    },
    "software": "mriqc",
    "version": "23.0.1",
    "webapi_port": null,
    "webapi_url": "https://mriqc.nimh.nih.gov/api/v1"
  },
  "size_t": 422,
  "size_x": 100,
  "size_y": 100,
  "size_z": 72,
  "snr": 2.005931828203496,
  "spacing_tr": 0.875,
  "spacing_x": 1.7999999523162842,
  "spacing_y": 1.7999999523162842,
  "spacing_z": 1.8000000715255737,
  "summary_bg_k": 34.75487048263942,
  "summary_bg_mad": 16.038101983382024,
  "summary_bg_mean": 44.47237014770508,
  "summary_bg_median": 25.473934173583984,
  "summary_bg_n": 404848.0,
  "summary_bg_p05": 12.65402889251709,
  "summary_bg_p95": 142.38306274414055,
  "summary_bg_stdv": 56.13288116455078,
  "summary_fg_k": 4.2745105542513055,
  "summary_fg_mad": 126.8573467241936,
  "summary_fg_mean": 417.2958679199219,
  "summary_fg_median": 369.92535400390625,
  "summary_fg_n": 205874.0,
  "summary_fg_p05": 216.80332946777344,
  "summary_fg_p95": 798.3137969970701,
  "summary_fg_stdv": 184.41526794433594,
  "tsnr": 18.423978484701365
}