{
  "bids_meta": {
    "AcquisitionMatrixPE": 512,
    "AcquisitionNumber": 1,
    "AcquisitionTime": "17:11:45.752500",
    "BaseResolution": 512,
    "ConversionSoftware": "dcm2niix",
    "ConversionSoftwareVersion": "v1.0.20180404 Clang8.0.0",
    "DeviceSerialNumber": "35002",
    "DwellTime": 5e-06,
    "EchoTime": 0.064,
    "EchoTrainLength": 15,
    "FlipAngle": 129,
    "ImageOrientationPatientDICOM": [
      0.999969,
      0.00793336,
      2.4301e-12,
      -0.00418758,
      0.527828,
      -0.849341
    ],
    "ImageType": [
      "ORIGINAL",
      "PRIMARY",
      "M",
      "ND"
    ],
    "InPlanePhaseEncodingDirectionDICOM": "ROW",
    "InstitutionAddress": "University_Pkwy_1700_North_685_Provo_UT_US_84601",
    "InstitutionName": "Brigham_Young_University",
    "InstitutionalDepartmentName": "MRI",
    "MRAcquisitionType": "2D",
    "MagneticFieldStrength": 3,
    "Manufacturer": "Siemens",
    "ManufacturersModelName": "TrioTim",
    "Modality": "MR",
    "PartialFourier": 1,
    "PatientPosition": "HFS",
    "PercentPhaseFOV": 100,
    "PhaseEncodingDirection": "i",
    "PhaseEncodingSteps": 720,
    "PhaseOversampling": 0.4,
    "PhaseResolution": 1,
    "PixelBandwidth": 195,
    "ProcedureStepDescription": "Research_KIRWAN",
    "ProtocolName": "HHR_struct_MODIFIED",
    "PulseSequenceDetails": "%SiemensSeq%_tse",
    "ReceiveCoilName": "32Ch_Head",
    "ReconMatrixPE": 512,
    "RepetitionTime": 6,
    "SAR": 0.730555,
    "ScanningSequence": "SE",
    "SequenceName": "_tse2d1_15",
    "SequenceVariant": "SK_SP_OSP",
    "SeriesDescription": "HHR_struct_MODIFIED",
    "SeriesNumber": 16,
    "ShimSetting": [
      -2810,
      -22896,
      2379,
      897,
      92,
      -515,
      188,
      535
    ],
    "SliceThickness": 2,
    "SoftwareVersions": "syngo_MR_B17",
    "SpacingBetweenSlices": 2,
    "StationName": "MININT-E41B04",
    "TxRefAmp": 336.315,
    "dataset": "ds002168",
    "modality": "T2w",
    "subject_id": "2555"
  },
  "cjv": 0.7246043837035289,
  "cnr": 1.1509245688759513,
  "efc": 0.60288256901218,
  "fber": 4854.3641799823545,
  "fwhm_avg": 5.6966225417219105,
  "fwhm_x": 6.1130496,
  "fwhm_y": 4.216446309390301,
  "fwhm_z": 6.760371715775429,
  "icvs_csf": 0.534681378744309,
  "icvs_gm": 0.16487260998125552,
  "icvs_wm": 0.3004460112744355,
  "inu_med": 0.9630612432956696,
  "inu_range": 1.6960919797420502,
  "provenance": {
    "md5sum": "f5bd00a4e610a3ea1034120ffbf511c2",
    "settings": {
      "testing": false
    },
    "software": "mriqc",
    "version": "23.0.1",
    "warnings": {
      "large_rot_frame": false,
      "small_air_mask": false
    },
    "webapi_port": null,
    "webapi_url": "https://mriqc.nimh.nih.gov/api/v1"
  },
  "qi_1": 0.0,
  "qi_2": 0.0005801514840272571,
  "rpve_csf": 5.184863051698289,
  "rpve_gm": 15.29089811376601,
  "rpve_wm": 8.343369179617342,
  "size_x": 512,
  "size_y": 35,
  "size_z": 512,
  "snr_csf": 11.308592569715744,
  "snr_gm": 2.177731572289194,
  "snr_total": 7.496427042859932,
  "snr_wm": 9.00295698657486,
  "snrd_csf": 14.240992665997595,
  "snrd_gm": 21.179915279426943,
  "snrd_total": 15.1036450136164,
  "snrd_wm": 9.890027095424665,
  "spacing_x": 0.390625,
  "spacing_y": 1.9999946355819702,
  "spacing_z": 0.3906249701976776,
  "summary_bg_k": 365.4809292891446,
  "summary_bg_mad": 0.0,
  "summary_bg_mean": 22.567137505699385,
  "summary_bg_median": 0.0,
  "summary_bg_n": 2618280.0,
  "summary_bg_p05": 0.0,
  "summary_bg_p95": 75.74422836303711,
  "summary_bg_stdv": 67.84654136399644,
  "summary_csf_k": 0.4623418780675759,
  "summary_csf_mad": 122.87551850051368,
  "summary_csf_mean": 1478.0183146801096,
  "summary_csf_median": 1474.810585975647,
  "summary_csf_n": 933692.0,
  "summary_csf_p05": 1267.835078239441,
  "summary_csf_p95": 1697.2872381210327,
  "summary_csf_stdv": 130.41497313744904,
  "summary_gm_k": -1.267236863076112,
  "summary_gm_mad": 745.8713726619917,
  "summary_gm_mean": 1749.3471884930566,
  "summary_gm_median": 2193.411933898926,
  "summary_gm_n": 314810.0,
  "summary_gm_p05": 100.05284118652344,
  "summary_gm_p95": 2934.1200275421143,
  "summary_gm_stdv": 1007.1987191162214,
  "summary_wm_k": 3.8669526760677604,
  "summary_wm_mad": 101.32986435323976,
  "summary_wm_mean": 1022.7017716186981,
  "summary_wm_median": 1024.2205018997192,
  "summary_wm_n": 521997.0,
  "summary_wm_p05": 837.1498727798462,
  "summary_wm_p95": 1196.318434715271,
  "summary_wm_stdv": 113.76479109772478,
  "tpm_overlap_csf": 0.08190297370160811,
  "tpm_overlap_gm": 0.1164067368363712,
  "tpm_overlap_wm": 0.44410379682626405,
  "wm2max": 0.28029791747011185
}