{
  "bids_meta": {
    "AcquisitionMatrixPE": 256,
    "AcquisitionNumber": 1,
    "AcquisitionTime": "16:47:7.100000",
    "BaseResolution": 256,
    "ConversionSoftware": "dcm2niix",
    "ConversionSoftwareVersion": "v1.0.20180404 Clang8.0.0",
    "DeviceSerialNumber": "35002",
    "DwellTime": 1.03e-05,
    "EchoTime": 0.00492,
    "FlipAngle": 25,
    "ImageOrientationPatientDICOM": [
      -0.0226873,
      0.999743,
      1.7432e-08,
      -0.0174479,
      -0.000395931,
      -0.999848
    ],
    "ImageType": [
      "ORIGINAL",
      "PRIMARY",
      "M",
      "ND",
      "NORM"
    ],
    "InPlanePhaseEncodingDirectionDICOM": "ROW",
    "InstitutionAddress": "University_Pkwy_1700_North_685_Provo_UT_US_84601",
    "InstitutionName": "Brigham_Young_University",
    "InstitutionalDepartmentName": "MRI",
    "MRAcquisitionType": "3D",
    "MagneticFieldStrength": 3,
    "Manufacturer": "Siemens",
    "ManufacturersModelName": "TrioTim",
    "Modality": "MR",
    "ParallelReductionFactorInPlane": 2,
    "PartialFourier": 1,
    "PatientPosition": "HFS",
    "PercentPhaseFOV": 100,
    "PhaseEncodingSteps": 255,
    "PhaseResolution": 1,
    "PixelBandwidth": 190,
    "ProcedureStepDescription": "Research_KIRWAN",
    "ProtocolName": "t1_fl3d_sag_no3Daccel_iso_1.0_1avg",
    "PulseSequenceDetails": "%SiemensSeq%_gre",
    "ReceiveCoilName": "32Ch_Head",
    "ReconMatrixPE": 256,
    "RepetitionTime": 0.02,
    "SAR": 0.148664,
    "ScanningSequence": "GR",
    "SequenceName": "_fl3d1_ns",
    "SequenceVariant": "SP",
    "SeriesDescription": "t1_fl3d_sag_no3Daccel_iso_1.0_1avg",
    "SeriesNumber": 9,
    "ShimSetting": [
      -2826,
      -22917,
      1922,
      -109,
      -90,
      -53,
      -300,
      376
    ],
    "SliceThickness": 1,
    "SoftwareVersions": "syngo_MR_B17",
    "StationName": "MININT-E41B04",
    "TxRefAmp": 336.315,
    "dataset": "ds002168",
    "modality": "T1w",
    "subject_id": "2555"
  },
  "cjv": 0.42090926743805496,
  "cnr": 3.1860918589437253,
  "efc": 0.557078594656921,
  "fber": 8607.074278187407,
  "fwhm_avg": 3.1410910881666276,
  "fwhm_x": 3.0519032644998827,
  "fwhm_y": 3.35089,
  "fwhm_z": 3.02048,
  "icvs_csf": 0.19374060208495242,
  "icvs_gm": 0.42414232527238505,
  "icvs_wm": 0.38211707264266254,
  "inu_med": 0.3632126450538635,
  "inu_range": 0.10827725231647489,
  "provenance": {
    "md5sum": "8502efa33f2a9b081abba41a3f3e7ee1",
    "settings": {
      "testing": false
    },
    "software": "mriqc",
    "version": "23.0.1",
    "warnings": {
      "large_rot_frame": true,
      "small_air_mask": false
    },
    "webapi_port": null,
    "webapi_url": "https://mriqc.nimh.nih.gov/api/v1"
  },
  "qi_1": 2.3430805484147385e-06,
  "qi_2": 0.02244704382619322,
  "rpve_csf": 35.77055319440441,
  "rpve_gm": 16.493336317335373,
  "rpve_wm": 20.088418606967892,
  "size_x": 192,
  "size_y": 256,
  "size_z": 256,
  "snr_csf": 3.6082383147344177,
  "snr_gm": 17.68875391825838,
  "snr_total": 15.079795164080972,
  "snr_wm": 23.942393259250117,
  "snrd_csf": 47.596018813376084,
  "snrd_gm": 94.50300006092517,
  "snrd_total": 86.62775005584808,
  "snrd_wm": 117.78423129324297,
  "spacing_x": 1.0000054836273193,
  "spacing_y": 1.0,
  "spacing_z": 1.0,
  "summary_bg_k": 6.1941681175045336,
  "summary_bg_mad": 5.56199713966452,
  "summary_bg_mean": 5.959722537393744,
  "summary_bg_median": 3.7515100613236427,
  "summary_bg_n": 2768083.0,
  "summary_bg_p05": 0.0,
  "summary_bg_p95": 20.601512879133224,
  "summary_bg_stdv": 6.8531661271407245,
  "summary_csf_k": 2.7996183289752885,
  "summary_csf_mad": 69.47782867682629,
  "summary_csf_mean": 397.84692463263826,
  "summary_csf_median": 404.08214304596186,
  "summary_csf_n": 33305.0,
  "summary_csf_p05": 136.36421148329973,
  "summary_csf_p95": 561.2322636656463,
  "summary_csf_stdv": 111.9870810533174,
  "summary_gm_k": 0.21377252934635882,
  "summary_gm_mad": 44.68451939323699,
  "summary_gm_mean": 802.7714469034266,
  "summary_gm_median": 802.3144737929106,
  "summary_gm_n": 23218.0,
  "summary_gm_p05": 727.8247443549335,
  "summary_gm_p95": 876.5498635657132,
  "summary_gm_stdv": 45.35634332748306,
  "summary_wm_k": 0.8268895931891405,
  "summary_wm_mad": 38.50975985682977,
  "summary_wm_mean": 1002.9674688993782,
  "summary_wm_median": 999.9681860916317,
  "summary_wm_n": 149315.0,
  "summary_wm_p05": 940.166572317481,
  "summary_wm_p95": 1076.1747082695365,
  "summary_wm_stdv": 41.76545037663824,
  "tpm_overlap_csf": 0.16976848697598013,
  "tpm_overlap_gm": 0.4757194785488332,
  "tpm_overlap_wm": 0.5106239963082463,
  "wm2max": 0.6480405303787103
}