{
  "aor": 0.0004271896955503513,
  "aqi": 0.014197153395784545,
  "bids_meta": {
    "AcquisitionMatrixPE": 100,
    "AcquisitionNumber": 1,
    "AcquisitionTime": "20:05:6.317500",
    "BandwidthPerPixelPhaseEncode": 13.889,
    "BaseResolution": 100,
    "ConversionSoftware": "dcm2niix",
    "ConversionSoftwareVersion": "v1.0.20180404 Clang8.0.0",
    "DerivedVendorReportedEchoSpacing": 0.000719994,
    "DeviceSerialNumber": "35002",
    "DwellTime": 2.8e-06,
    "EchoTime": 0.0436,
    "EffectiveEchoSpacing": 0.000719994,
    "FlipAngle": 55,
    "ImageComments": "Unaliased_MB8_PE3_(remote)",
    "ImageOrientationPatientDICOM": [
      0.999958,
      0.00553262,
      -0.0073719,
      -1.33395e-08,
      0.799808,
      0.600256
    ],
    "ImageType": [
      "ORIGINAL",
      "PRIMARY",
      "M",
      "MB",
      "ND",
      "MOSAIC"
    ],
    "InPlanePhaseEncodingDirectionDICOM": "COL",
    "InstitutionAddress": "University_Pkwy_1700_North_685_Provo_UT_US_84601",
    "InstitutionName": "Brigham_Young_University",
    "InstitutionalDepartmentName": "MRI",
    "MRAcquisitionType": "2D",
    "MagneticFieldStrength": 3,
    "Manufacturer": "Siemens",
    "ManufacturersModelName": "TrioTim",
    "Modality": "MR",
    "MultibandAccelerationFactor": 8,
    "PartialFourier": 1,
    "PatientPosition": "HFS",
    "PercentPhaseFOV": 100,
    "PhaseEncodingDirection": "j-",
    "PhaseEncodingSteps": 100,
    "PhaseResolution": 1,
    "PixelBandwidth": 1786,
    "ProcedureStepDescription": "Research_KIRWAN",
    "ProtocolName": "run4",
    "PulseSequenceDetails": "%CustomerSeq%_cmrr_mbep2d_bold",
    "ReceiveCoilName": "32Ch_Head",
    "ReconMatrixPE": 100,
    "RepetitionTime": 0.875,
    "SAR": 0.139805,
    "ScanOptions": "FS",
    "ScanningSequence": "EP",
    "SequenceName": "epfid2d1_100",
    "SequenceVariant": "SK_SS",
    "SeriesDescription": "run4",
    "SeriesNumber": 6,
    "ShimSetting": [
      -2823,
      -23026,
      2477,
      751,
      -44,
      -297,
      164,
      440
    ],
    "SliceThickness": 1.8,
    "SliceTiming": [
      0,
      0.4875,
      0.0975,
      0.585,
      0.195,
      0.6825,
      0.2925,
      0.78,
      0.39,
      0,
      0.4875,
      0.0975,
      0.585,
      0.195,
      0.6825,
      0.2925,
      0.78,
      0.39,
      0,
      0.4875,
      0.0975,
      0.585,
      0.195,
      0.6825,
      0.2925,
      0.78,
      0.39,
      0,
      0.4875,
      0.0975,
      0.585,
      0.195,
      0.6825,
      0.2925,
      0.78,
      0.39,
      0,
      0.4875,
      0.0975,
      0.585,
      0.195,
      0.6825,
      0.2925,
      0.78,
      0.39,
      0,
      0.4875,
      0.0975,
      0.585,
      0.195,
      0.6825,
      0.2925,
      0.78,
      0.39,
      0,
      0.4875,
      0.0975,
      0.585,
      0.195,
      0.6825,
      0.2925,
      0.78,
      0.39,
      0,
      0.4875,
      0.0975,
      0.585,
      0.195,
      0.6825,
      0.2925,
      0.78,
      0.39
    ],
    "SoftwareVersions": "syngo_MR_B17",
    "SpacingBetweenSlices": 1.8,
    "StationName": "MININT-E41B04",
    "TaskName": "MST",
    "TotalReadoutTime": 0.0712794,
    "TxRefAmp": 321.009,
    "dataset": "ds002168",
    "modality": "bold",
    "run_id": 4,
    "subject_id": "2552",
    "task_id": "mst"
  },
  "dummy_trs": 1,
  "dvars_nstd": 73.31335483251173,
  "dvars_std": 1.0477697628638494,
  "dvars_vstd": 1.0061193518075118,
  "efc": 0.5747845994526013,
  "fber": 292.9537048339844,
  "fd_mean": 0.10039290129122218,
  "fd_num": 8,
  "fd_perc": 1.873536299765808,
  "fwhm_avg": 3.377620459846756,
  "fwhm_x": 3.1363500830849036,
  "fwhm_y": 3.747555654831877,
  "fwhm_z": 3.2489556416234873,
  "gcor": 0.00346757,
  "gsr_x": -0.018878309056162834,
  "gsr_y": 0.07577790319919586,
  "provenance": {
    "md5sum": "d7320359992bf61bd576343fa2f62e2b",
    "settings": {
      "fd_thres": 0.2,
      "testing": false
    },
    "software": "mriqc",
    "version": "23.0.1",
    "webapi_port": null,
    "webapi_url": "https://mriqc.nimh.nih.gov/api/v1"
  },
  "size_t": 427,
  "size_x": 100,
  "size_y": 100,
  "size_z": 72,
  "snr": 2.0492091578568026,
  "spacing_tr": 0.875,
  "spacing_x": 1.7999999523162842,
  "spacing_y": 1.7999999523162842,
  "spacing_z": 1.7999999523162842,
  "summary_bg_k": 29.196556748971155,
  "summary_bg_mad": 12.128171574272546,
  "summary_bg_mean": 34.53432083129883,
  "summary_bg_median": 20.742387771606445,
  "summary_bg_n": 426843.0,
  "summary_bg_p05": 11.388758659362793,
  "summary_bg_p95": 106.23816604614234,
  "summary_bg_stdv": 39.92119598388672,
  "summary_fg_k": 2.3880634229222437,
  "summary_fg_mad": 126.2503114255919,
  "summary_fg_mean": 411.3626708984375,
  "summary_fg_median": 365.5948181152344,
  "summary_fg_n": 188346.0,
  "summary_fg_p05": 204.2763442993164,
  "summary_fg_p95": 773.7306518554688,
  "summary_fg_stdv": 178.40728759765625,
  "tsnr": 20.568202918977477
}