{
  "aor": 0.0004141549295774648,
  "aqi": 0.013713383333333334,
  "bids_meta": {
    "AcquisitionMatrixPE": 100,
    "AcquisitionNumber": 1,
    "AcquisitionTime": "19:58:26.542500",
    "BandwidthPerPixelPhaseEncode": 13.889,
    "BaseResolution": 100,
    "ConversionSoftware": "dcm2niix",
    "ConversionSoftwareVersion": "v1.0.20180404 Clang8.0.0",
    "DerivedVendorReportedEchoSpacing": 0.000719994,
    "DeviceSerialNumber": "35002",
    "DwellTime": 2.8e-06,
    "EchoTime": 0.0436,
    "EffectiveEchoSpacing": 0.000719994,
    "FlipAngle": 55,
    "ImageComments": "Unaliased_MB8_PE3_(remote)",
    "ImageOrientationPatientDICOM": [
      0.999958,
      0.00553262,
      -0.0073719,
      -1.33395e-08,
      0.799808,
      0.600256
    ],
    "ImageType": [
      "ORIGINAL",
      "PRIMARY",
      "M",
      "MB",
      "ND",
      "MOSAIC"
    ],
    "InPlanePhaseEncodingDirectionDICOM": "COL",
    "InstitutionAddress": "University_Pkwy_1700_North_685_Provo_UT_US_84601",
    "InstitutionName": "Brigham_Young_University",
    "InstitutionalDepartmentName": "MRI",
    "MRAcquisitionType": "2D",
    "MagneticFieldStrength": 3,
    "Manufacturer": "Siemens",
    "ManufacturersModelName": "TrioTim",
    "Modality": "MR",
    "MultibandAccelerationFactor": 8,
    "PartialFourier": 1,
    "PatientPosition": "HFS",
    "PercentPhaseFOV": 100,
    "PhaseEncodingDirection": "j-",
    "PhaseEncodingSteps": 100,
    "PhaseResolution": 1,
    "PixelBandwidth": 1786,
    "ProcedureStepDescription": "Research_KIRWAN",
    "ProtocolName": "run3",
    "PulseSequenceDetails": "%CustomerSeq%_cmrr_mbep2d_bold",
    "ReceiveCoilName": "32Ch_Head",
    "ReconMatrixPE": 100,
    "RepetitionTime": 0.875,
    "SAR": 0.139206,
    "ScanOptions": "FS",
    "ScanningSequence": "EP",
    "SequenceName": "epfid2d1_100",
    "SequenceVariant": "SK_SS",
    "SeriesDescription": "run3",
    "SeriesNumber": 5,
    "ShimSetting": [
      -2823,
      -23026,
      2477,
      751,
      -44,
      -297,
      164,
      440
    ],
    "SliceThickness": 1.8,
    "SliceTiming": [
      0,
      0.4875,
      0.0975,
      0.585,
      0.195,
      0.6825,
      0.2925,
      0.78,
      0.39,
      0,
      0.4875,
      0.0975,
      0.585,
      0.195,
      0.6825,
      0.2925,
      0.78,
      0.39,
      0,
      0.4875,
      0.0975,
      0.585,
      0.195,
      0.6825,
      0.2925,
      0.78,
      0.39,
      0,
      0.4875,
      0.0975,
      0.585,
      0.195,
      0.6825,
      0.2925,
      0.78,
      0.39,
      0,
      0.4875,
      0.0975,
      0.585,
      0.195,
      0.6825,
      0.2925,
      0.78,
      0.39,
      0,
      0.4875,
      0.0975,
      0.585,
      0.195,
      0.6825,
      0.2925,
      0.78,
      0.39,
      0,
      0.4875,
      0.0975,
      0.585,
      0.195,
      0.6825,
      0.2925,
      0.78,
      0.39,
      0,
      0.4875,
      0.0975,
      0.585,
      0.195,
      0.6825,
      0.2925,
      0.78,
      0.39
    ],
    "SoftwareVersions": "syngo_MR_B17",
    "SpacingBetweenSlices": 1.8,
    "StationName": "MININT-E41B04",
    "TaskName": "MST",
    "TotalReadoutTime": 0.0712794,
    "TxRefAmp": 321.009,
    "dataset": "ds002168",
    "modality": "bold",
    "run_id": 3,
    "subject_id": "2552",
    "task_id": "mst"
  },
  "dummy_trs": 2,
  "dvars_nstd": 72.90965249475296,
  "dvars_std": 1.0506145371294133,
  "dvars_vstd": 1.009544445623529,
  "efc": 0.5747570794831423,
  "fber": 297.19061279296875,
  "fd_mean": 0.09743243286319378,
  "fd_num": 2,
  "fd_perc": 0.4694835680751174,
  "fwhm_avg": 3.3708463855932305,
  "fwhm_x": 3.127083416172754,
  "fwhm_y": 3.7385167657035394,
  "fwhm_z": 3.2469389749033977,
  "gcor": 0.0036966,
  "gsr_x": -0.019659312441945076,
  "gsr_y": 0.07604812830686569,
  "provenance": {
    "md5sum": "7768e29b07dd8cbebdcb926296fc5192",
    "settings": {
      "fd_thres": 0.2,
      "testing": false
    },
    "software": "mriqc",
    "version": "23.0.1",
    "webapi_port": null,
    "webapi_url": "https://mriqc.nimh.nih.gov/api/v1"
  },
  "size_t": 426,
  "size_x": 100,
  "size_y": 100,
  "size_z": 72,
  "snr": 2.06032416001069,
  "spacing_tr": 0.875,
  "spacing_x": 1.7999999523162842,
  "spacing_y": 1.7999999523162842,
  "spacing_z": 1.7999999523162842,
  "summary_bg_k": 30.953579072901398,
  "summary_bg_mad": 12.045273464768815,
  "summary_bg_mean": 34.29811096191406,
  "summary_bg_median": 20.645540237426758,
  "summary_bg_n": 426373.0,
  "summary_bg_p05": 11.417840957641602,
  "summary_bg_p95": 104.90845489501953,
  "summary_bg_stdv": 39.66194534301758,
  "summary_fg_k": 2.361735208760395,
  "summary_fg_mad": 126.31003539191353,
  "summary_fg_mean": 411.5402526855469,
  "summary_fg_median": 366.3990783691406,
  "summary_fg_n": 188531.0,
  "summary_fg_p05": 203.94366455078125,
  "summary_fg_p95": 772.5070495605469,
  "summary_fg_stdv": 177.83517456054688,
  "tsnr": 20.851162638980895
}