{
  "aor": 0.0003094145199063232,
  "aqi": 0.012877903981264639,
  "bids_meta": {
    "AcquisitionMatrixPE": 100,
    "AcquisitionNumber": 1,
    "AcquisitionTime": "18:07:53.867500",
    "BandwidthPerPixelPhaseEncode": 13.889,
    "BaseResolution": 100,
    "ConversionSoftware": "dcm2niix",
    "ConversionSoftwareVersion": "v1.0.20180404 Clang8.0.0",
    "DerivedVendorReportedEchoSpacing": 0.000719994,
    "DeviceSerialNumber": "35002",
    "DwellTime": 2.8e-06,
    "EchoTime": 0.0436,
    "EffectiveEchoSpacing": 0.000719994,
    "FlipAngle": 55,
    "ImageComments": "Unaliased_MB8_PE3_(remote)",
    "ImageOrientationPatientDICOM": [
      0.999999,
      0.0005205,
      -0.00134178,
      5.75524e-09,
      0.932309,
      0.361663
    ],
    "ImageType": [
      "ORIGINAL",
      "PRIMARY",
      "M",
      "MB",
      "ND",
      "MOSAIC"
    ],
    "InPlanePhaseEncodingDirectionDICOM": "COL",
    "InstitutionAddress": "University_Pkwy_1700_North_685_Provo_UT_US_84601",
    "InstitutionName": "Brigham_Young_University",
    "InstitutionalDepartmentName": "MRI",
    "MRAcquisitionType": "2D",
    "MagneticFieldStrength": 3,
    "Manufacturer": "Siemens",
    "ManufacturersModelName": "TrioTim",
    "Modality": "MR",
    "MultibandAccelerationFactor": 8,
    "PartialFourier": 1,
    "PatientPosition": "HFS",
    "PercentPhaseFOV": 100,
    "PhaseEncodingDirection": "j-",
    "PhaseEncodingSteps": 100,
    "PhaseResolution": 1,
    "PixelBandwidth": 1786,
    "ProcedureStepDescription": "Research_KIRWAN",
    "ProtocolName": "run5",
    "PulseSequenceDetails": "%CustomerSeq%_cmrr_mbep2d_bold",
    "ReceiveCoilName": "32Ch_Head",
    "ReconMatrixPE": 100,
    "RepetitionTime": 0.875,
    "SAR": 0.123993,
    "ScanOptions": "FS",
    "ScanningSequence": "EP",
    "SequenceName": "epfid2d1_100",
    "SequenceVariant": "SK_SS",
    "SeriesDescription": "run5",
    "SeriesNumber": 7,
    "ShimSetting": [
      -2702,
      -23020,
      2390,
      995,
      -211,
      441,
      -67,
      87
    ],
    "SliceThickness": 1.8,
    "SliceTiming": [
      0,
      0.4875,
      0.0975,
      0.5875,
      0.195,
      0.685,
      0.2925,
      0.7825,
      0.39,
      0,
      0.4875,
      0.0975,
      0.5875,
      0.195,
      0.685,
      0.2925,
      0.7825,
      0.39,
      0,
      0.4875,
      0.0975,
      0.5875,
      0.195,
      0.685,
      0.2925,
      0.7825,
      0.39,
      0,
      0.4875,
      0.0975,
      0.5875,
      0.195,
      0.685,
      0.2925,
      0.7825,
      0.39,
      0,
      0.4875,
      0.0975,
      0.5875,
      0.195,
      0.685,
      0.2925,
      0.7825,
      0.39,
      0,
      0.4875,
      0.0975,
      0.5875,
      0.195,
      0.685,
      0.2925,
      0.7825,
      0.39,
      0,
      0.4875,
      0.0975,
      0.5875,
      0.195,
      0.685,
      0.2925,
      0.7825,
      0.39,
      0,
      0.4875,
      0.0975,
      0.5875,
      0.195,
      0.685,
      0.2925,
      0.7825,
      0.39
    ],
    "SoftwareVersions": "syngo_MR_B17",
    "SpacingBetweenSlices": 1.8,
    "StationName": "MININT-E41B04",
    "TaskName": "MST",
    "TotalReadoutTime": 0.0712794,
    "TxRefAmp": 341.389,
    "dataset": "ds002168",
    "modality": "bold",
    "run_id": 5,
    "subject_id": "1573",
    "task_id": "mst"
  },
  "dummy_trs": 1,
  "dvars_nstd": 69.96444911685444,
  "dvars_std": 1.0489852715023473,
  "dvars_vstd": 1.0027756141079809,
  "efc": 0.614768981745659,
  "fber": 217.88421630859375,
  "fd_mean": 0.06388438865443102,
  "fd_num": 1,
  "fd_perc": 0.234192037470726,
  "fwhm_avg": 3.2975592763379304,
  "fwhm_x": 3.0960167486831014,
  "fwhm_y": 3.613227873495628,
  "fwhm_z": 3.183433206835063,
  "gcor": 0.00287111,
  "gsr_x": -0.019791899248957634,
  "gsr_y": 0.10212109237909317,
  "provenance": {
    "md5sum": "5281c86946dc01361460438c49e15360",
    "settings": {
      "fd_thres": 0.2,
      "testing": false
    },
    "software": "mriqc",
    "version": "23.0.1",
    "webapi_port": null,
    "webapi_url": "https://mriqc.nimh.nih.gov/api/v1"
  },
  "size_t": 427,
  "size_x": 100,
  "size_y": 100,
  "size_z": 72,
  "snr": 2.025683486400925,
  "spacing_tr": 0.875,
  "spacing_x": 1.7999999523162842,
  "spacing_y": 1.7999999523162842,
  "spacing_z": 1.8000000715255737,
  "summary_bg_k": 44.73725772322192,
  "summary_bg_mad": 14.468389588713789,
  "summary_bg_mean": 43.42009353637695,
  "summary_bg_median": 23.41217613220215,
  "summary_bg_n": 393642.0,
  "summary_bg_p05": 11.843091011047363,
  "summary_bg_p95": 146.26169815063423,
  "summary_bg_stdv": 58.88539123535156,
  "summary_fg_k": 5.443040033465127,
  "summary_fg_mad": 127.59057152436426,
  "summary_fg_mean": 399.9242858886719,
  "summary_fg_median": 357.59014892578125,
  "summary_fg_n": 218004.0,
  "summary_fg_p05": 203.84613113403321,
  "summary_fg_p95": 745.8249023437497,
  "summary_fg_stdv": 176.52774047851562,
  "tsnr": 21.373665943392552
}