{
  "bids_meta": {
    "AcquisitionMatrixPE": 256,
    "AcquisitionNumber": 1,
    "AcquisitionTime": "15:26:22.297500",
    "BaseResolution": 256,
    "ConversionSoftware": "dcm2niix",
    "ConversionSoftwareVersion": "v1.0.20180404 Clang8.0.0",
    "DeviceSerialNumber": "35002",
    "DwellTime": 1.03e-05,
    "EchoTime": 0.00492,
    "FlipAngle": 25,
    "ImageOrientationPatientDICOM": [
      -0.0157073,
      0.999877,
      2.41712e-08,
      -0.0314069,
      -0.000493355,
      -0.999507
    ],
    "ImageType": [
      "ORIGINAL",
      "PRIMARY",
      "M",
      "ND",
      "NORM"
    ],
    "InPlanePhaseEncodingDirectionDICOM": "ROW",
    "InstitutionAddress": "University_Pkwy_1700_North_685_Provo_UT_US_84601",
    "InstitutionName": "Brigham_Young_University",
    "InstitutionalDepartmentName": "MRI",
    "MRAcquisitionType": "3D",
    "MagneticFieldStrength": 3,
    "Manufacturer": "Siemens",
    "ManufacturersModelName": "TrioTim",
    "Modality": "MR",
    "ParallelReductionFactorInPlane": 2,
    "PartialFourier": 1,
    "PatientPosition": "HFS",
    "PercentPhaseFOV": 100,
    "PhaseEncodingSteps": 255,
    "PhaseResolution": 1,
    "PixelBandwidth": 190,
    "ProcedureStepDescription": "Research_KIRWAN",
    "ProtocolName": "t1_fl3d_sag_no3Daccel_iso_1.0_1avg",
    "PulseSequenceDetails": "%SiemensSeq%_gre",
    "ReceiveCoilName": "32Ch_Head",
    "ReconMatrixPE": 256,
    "RepetitionTime": 0.02,
    "SAR": 0.188651,
    "ScanningSequence": "GR",
    "SequenceName": "_fl3d1_ns",
    "SequenceVariant": "SP",
    "SeriesDescription": "t1_fl3d_sag_no3Daccel_iso_1.0_1avg",
    "SeriesNumber": 9,
    "ShimSetting": [
      -2826,
      -22917,
      1922,
      -109,
      -90,
      -53,
      -300,
      376
    ],
    "SliceThickness": 1,
    "SoftwareVersions": "syngo_MR_B17",
    "StationName": "MININT-E41B04",
    "TxRefAmp": 340.046,
    "dataset": "ds002168",
    "modality": "T1w",
    "subject_id": "1587"
  },
  "cjv": 0.3908259347382574,
  "cnr": 3.440803057893463,
  "efc": 0.5363020455218611,
  "fber": 11444.046832133059,
  "fwhm_avg": 3.2442083188781914,
  "fwhm_x": 3.1984049566345734,
  "fwhm_y": 3.39693,
  "fwhm_z": 3.13729,
  "icvs_csf": 0.1553543246112438,
  "icvs_gm": 0.4669683285212768,
  "icvs_wm": 0.37767734686747945,
  "inu_med": 0.4029748737812042,
  "inu_range": 0.16885846555233003,
  "provenance": {
    "md5sum": "8e22852c71bcca7ff1c799189f5a3aef",
    "settings": {
      "testing": false
    },
    "software": "mriqc",
    "version": "23.0.1",
    "warnings": {
      "large_rot_frame": true,
      "small_air_mask": false
    },
    "webapi_port": null,
    "webapi_url": "https://mriqc.nimh.nih.gov/api/v1"
  },
  "qi_1": 2.1634766203899016e-06,
  "qi_2": 0.015192337875272756,
  "rpve_csf": 38.75169064191802,
  "rpve_gm": 14.20850921433727,
  "rpve_wm": 18.96219864000085,
  "size_x": 192,
  "size_y": 256,
  "size_z": 256,
  "snr_csf": 2.81577175085037,
  "snr_gm": 17.339594790168707,
  "snr_total": 14.851724997769237,
  "snr_wm": 24.39980845228863,
  "snrd_csf": 54.939192862787976,
  "snrd_gm": 112.48737451986425,
  "snrd_total": 103.38020162352576,
  "snrd_wm": 142.71403748792508,
  "spacing_x": 0.9999984502792358,
  "spacing_y": 1.0,
  "spacing_z": 1.0,
  "summary_bg_k": 7.656693059989932,
  "summary_bg_mad": 4.590553432428193,
  "summary_bg_mean": 4.772793669532153,
  "summary_bg_median": 3.096281237900257,
  "summary_bg_n": 3020731.0,
  "summary_bg_p05": 0.0,
  "summary_bg_p95": 18.775322400033474,
  "summary_bg_stdv": 6.5650563238290705,
  "summary_csf_k": 1.2363646363652423,
  "summary_csf_mad": 90.78551947748947,
  "summary_csf_mean": 368.63295097015373,
  "summary_csf_median": 384.95998752489686,
  "summary_csf_n": 20143.0,
  "summary_csf_p05": 79.44925899803638,
  "summary_csf_p95": 564.6299411445854,
  "summary_csf_stdv": 136.71222875697916,
  "summary_gm_k": 0.22136948932685652,
  "summary_gm_mad": 44.78231380358141,
  "summary_gm_mean": 787.89342223998,
  "summary_gm_median": 788.2012100182474,
  "summary_gm_n": 33563.0,
  "summary_gm_p05": 712.6058329865336,
  "summary_gm_p95": 861.5204909484833,
  "summary_gm_stdv": 45.45604884969379,
  "summary_wm_k": 0.7143645479161362,
  "summary_wm_mad": 37.99415500456526,
  "summary_wm_mean": 1002.0377760889822,
  "summary_wm_median": 1000.0000223554671,
  "summary_wm_n": 162667.0,
  "summary_wm_p05": 938.700241677463,
  "summary_wm_p95": 1072.4003006629646,
  "summary_wm_stdv": 40.98380323525386,
  "tpm_overlap_csf": 0.15520725947273042,
  "tpm_overlap_gm": 0.46624711880677144,
  "tpm_overlap_wm": 0.48954717221613275,
  "wm2max": 0.6717106437196648
}