{
  "bids_meta": {
    "AcquisitionMatrixPE": 512,
    "AcquisitionNumber": 1,
    "AcquisitionTime": "15:51:10.592500",
    "BaseResolution": 512,
    "ConversionSoftware": "dcm2niix",
    "ConversionSoftwareVersion": "v1.0.20180404 Clang8.0.0",
    "DeviceSerialNumber": "35002",
    "DwellTime": 5e-06,
    "EchoTime": 0.064,
    "EchoTrainLength": 15,
    "FlipAngle": 129,
    "ImageOrientationPatientDICOM": [
      0.999289,
      -0.0377053,
      1.18227e-10,
      0.0213562,
      0.565995,
      -0.824132
    ],
    "ImageType": [
      "ORIGINAL",
      "PRIMARY",
      "M",
      "ND"
    ],
    "InPlanePhaseEncodingDirectionDICOM": "ROW",
    "InstitutionAddress": "University_Pkwy_1700_North_685_Provo_UT_US_84601",
    "InstitutionName": "Brigham_Young_University",
    "InstitutionalDepartmentName": "MRI",
    "MRAcquisitionType": "2D",
    "MagneticFieldStrength": 3,
    "Manufacturer": "Siemens",
    "ManufacturersModelName": "TrioTim",
    "Modality": "MR",
    "PartialFourier": 1,
    "PatientPosition": "HFS",
    "PercentPhaseFOV": 100,
    "PhaseEncodingDirection": "i",
    "PhaseEncodingSteps": 720,
    "PhaseOversampling": 0.4,
    "PhaseResolution": 1,
    "PixelBandwidth": 195,
    "ProcedureStepDescription": "Research_KIRWAN",
    "ProtocolName": "HHR_struct_MODIFIED",
    "PulseSequenceDetails": "%SiemensSeq%_tse",
    "ReceiveCoilName": "32Ch_Head",
    "ReconMatrixPE": 512,
    "RepetitionTime": 6,
    "SAR": 0.93194,
    "ScanningSequence": "SE",
    "SequenceName": "_tse2d1_15",
    "SequenceVariant": "SK_SP_OSP",
    "SeriesDescription": "HHR_struct_MODIFIED",
    "SeriesNumber": 16,
    "ShimSetting": [
      -2874,
      -22951,
      2487,
      1167,
      -27,
      -358,
      46,
      558
    ],
    "SliceThickness": 2,
    "SoftwareVersions": "syngo_MR_B17",
    "SpacingBetweenSlices": 2,
    "StationName": "MININT-E41B04",
    "TxRefAmp": 340.046,
    "dataset": "ds002168",
    "modality": "T2w",
    "subject_id": "1587"
  },
  "cjv": 1.694612526597274,
  "cnr": 0.8552671058784802,
  "efc": 0.6182766667687106,
  "fber": 4118.994012586679,
  "fwhm_avg": 5.707630274514774,
  "fwhm_x": 6.399616,
  "fwhm_y": 4.1145836235443225,
  "fwhm_z": 6.608691199999999,
  "icvs_csf": 0.46727684704406375,
  "icvs_gm": 0.4270739956624632,
  "icvs_wm": 0.10564915729347309,
  "inu_med": 0.9873627424240112,
  "inu_range": 1.7402276396751404,
  "provenance": {
    "md5sum": "fa211b98bafb08b505e9c278704ea1e0",
    "settings": {
      "testing": false
    },
    "software": "mriqc",
    "version": "23.0.1",
    "warnings": {
      "large_rot_frame": false,
      "small_air_mask": false
    },
    "webapi_port": null,
    "webapi_url": "https://mriqc.nimh.nih.gov/api/v1"
  },
  "qi_1": 0.0,
  "qi_2": 0.0005424754869809631,
  "rpve_csf": 5.164965593762739,
  "rpve_gm": 5.696645724004074,
  "rpve_wm": 23.025533956071698,
  "size_x": 512,
  "size_y": 35,
  "size_z": 512,
  "snr_csf": 11.319683750664106,
  "snr_gm": 8.377057721677327,
  "snr_total": 7.172456821158561,
  "snr_wm": 1.8206289911342488,
  "snrd_csf": 53.82913572221084,
  "snrd_gm": 35.61428780967898,
  "snrd_total": 52.35619309960965,
  "snrd_wm": 67.62515576693912,
  "spacing_x": 0.390625,
  "spacing_y": 2.0000030994415283,
  "spacing_z": 0.390625,
  "summary_bg_k": 246.2864433318098,
  "summary_bg_mad": 7.082276591688544,
  "summary_bg_mean": 9.063553966398464,
  "summary_bg_median": 4.776922969147563,
  "summary_bg_n": 2237773.0,
  "summary_bg_p05": 0.0,
  "summary_bg_p95": 31.327113615348935,
  "summary_bg_stdv": 19.082670327827113,
  "summary_csf_k": 0.5949965022041512,
  "summary_csf_mad": 48.128177943518835,
  "summary_csf_mean": 586.04223057084,
  "summary_csf_median": 581.9136715289205,
  "summary_csf_n": 883757.0,
  "summary_csf_p05": 509.4152881242335,
  "summary_csf_p95": 677.1618206761777,
  "summary_csf_stdv": 51.40720846264767,
  "summary_gm_k": -0.05277113076873263,
  "summary_gm_mad": 46.91519134494234,
  "summary_gm_mean": 385.72014373653116,
  "summary_gm_median": 385.00415620952845,
  "summary_gm_n": 827490.0,
  "summary_gm_p05": 311.95154417306185,
  "summary_gm_p95": 461.8308013100177,
  "summary_gm_stdv": 45.9593256209112,
  "summary_wm_k": -1.5978890700936919,
  "summary_wm_mad": 539.5051361668599,
  "summary_wm_mean": 566.2350302758668,
  "summary_wm_median": 731.053957156837,
  "summary_wm_n": 218273.0,
  "summary_wm_p05": 28.265660220757127,
  "summary_wm_p95": 1129.2540331706405,
  "summary_wm_stdv": 401.538306861381,
  "tpm_overlap_csf": 0.09831867900935792,
  "tpm_overlap_gm": 0.2597965924932729,
  "tpm_overlap_wm": 0.026527627861848334,
  "wm2max": 0.6076096350699876
}