{
  "aor": 0.00023176056338028168,
  "aqi": 0.013398019248826292,
  "bids_meta": {
    "AcquisitionMatrixPE": 100,
    "AcquisitionNumber": 1,
    "AcquisitionTime": "12:23:18.755000",
    "BandwidthPerPixelPhaseEncode": 13.889,
    "BaseResolution": 100,
    "ConversionSoftware": "dcm2niix",
    "ConversionSoftwareVersion": "v1.0.20180404 Clang8.0.0",
    "DerivedVendorReportedEchoSpacing": 0.000719994,
    "DeviceSerialNumber": "35002",
    "DwellTime": 2.8e-06,
    "EchoTime": 0.0436,
    "EffectiveEchoSpacing": 0.000719994,
    "FlipAngle": 55,
    "ImageComments": "Unaliased_MB8_PE3_(remote)",
    "ImageOrientationPatientDICOM": [
      0.999305,
      0.0218231,
      -0.0302299,
      2.77605e-08,
      0.810801,
      0.585322
    ],
    "ImageType": [
      "ORIGINAL",
      "PRIMARY",
      "M",
      "MB",
      "ND",
      "MOSAIC"
    ],
    "InPlanePhaseEncodingDirectionDICOM": "COL",
    "InstitutionAddress": "University_Pkwy_1700_North_685_Provo_UT_US_84601",
    "InstitutionName": "Brigham_Young_University",
    "InstitutionalDepartmentName": "MRI",
    "MRAcquisitionType": "2D",
    "MagneticFieldStrength": 3,
    "Manufacturer": "Siemens",
    "ManufacturersModelName": "TrioTim",
    "Modality": "MR",
    "MultibandAccelerationFactor": 8,
    "PartialFourier": 1,
    "PatientPosition": "HFS",
    "PercentPhaseFOV": 100,
    "PhaseEncodingDirection": "j-",
    "PhaseEncodingSteps": 100,
    "PhaseResolution": 1,
    "PixelBandwidth": 1786,
    "ProcedureStepDescription": "Research_KIRWAN",
    "ProtocolName": "run4",
    "PulseSequenceDetails": "%CustomerSeq%_cmrr_mbep2d_bold",
    "ReceiveCoilName": "32Ch_Head",
    "ReconMatrixPE": 100,
    "RepetitionTime": 0.875,
    "SAR": 0.138827,
    "ScanOptions": "FS",
    "ScanningSequence": "EP",
    "SequenceName": "epfid2d1_100",
    "SequenceVariant": "SK_SS",
    "SeriesDescription": "run4",
    "SeriesNumber": 6,
    "ShimSetting": [
      -2693,
      -23170,
      2567,
      1114,
      68,
      218,
      245,
      45
    ],
    "SliceThickness": 1.8,
    "SliceTiming": [
      0,
      0.4875,
      0.0975,
      0.585,
      0.195,
      0.6825,
      0.2925,
      0.78,
      0.39,
      0,
      0.4875,
      0.0975,
      0.585,
      0.195,
      0.6825,
      0.2925,
      0.78,
      0.39,
      0,
      0.4875,
      0.0975,
      0.585,
      0.195,
      0.6825,
      0.2925,
      0.78,
      0.39,
      0,
      0.4875,
      0.0975,
      0.585,
      0.195,
      0.6825,
      0.2925,
      0.78,
      0.39,
      0,
      0.4875,
      0.0975,
      0.585,
      0.195,
      0.6825,
      0.2925,
      0.78,
      0.39,
      0,
      0.4875,
      0.0975,
      0.585,
      0.195,
      0.6825,
      0.2925,
      0.78,
      0.39,
      0,
      0.4875,
      0.0975,
      0.585,
      0.195,
      0.6825,
      0.2925,
      0.78,
      0.39,
      0,
      0.4875,
      0.0975,
      0.585,
      0.195,
      0.6825,
      0.2925,
      0.78,
      0.39
    ],
    "SoftwareVersions": "syngo_MR_B17",
    "SpacingBetweenSlices": 1.8,
    "StationName": "MININT-E41B04",
    "TaskName": "MST",
    "TotalReadoutTime": 0.0712794,
    "TxRefAmp": 326.208,
    "dataset": "ds002168",
    "modality": "bold",
    "run_id": 4,
    "subject_id": "1549",
    "task_id": "mst"
  },
  "dummy_trs": 2,
  "dvars_nstd": 64.14480336795295,
  "dvars_std": 1.0445352711764715,
  "dvars_vstd": 1.003960311835294,
  "efc": 0.5761473286069472,
  "fber": 356.3247375488281,
  "fd_mean": 0.11179908394107844,
  "fd_num": 4,
  "fd_perc": 0.9389671361502347,
  "fwhm_avg": 3.1940277247779782,
  "fwhm_x": 3.094216748635418,
  "fwhm_y": 3.3710445337466273,
  "fwhm_z": 3.1168218919518904,
  "gcor": 0.00675702,
  "gsr_x": -0.007830290123820305,
  "gsr_y": 0.07599087804555893,
  "provenance": {
    "md5sum": "482c4363e8999e17c19e137807042073",
    "settings": {
      "fd_thres": 0.2,
      "testing": false
    },
    "software": "mriqc",
    "version": "23.0.1",
    "webapi_port": null,
    "webapi_url": "https://mriqc.nimh.nih.gov/api/v1"
  },
  "size_t": 426,
  "size_x": 100,
  "size_y": 100,
  "size_z": 72,
  "snr": 2.2926040082344143,
  "spacing_tr": 0.875,
  "spacing_x": 1.7999999523162842,
  "spacing_y": 1.7999999523162842,
  "spacing_z": 1.8000001907348633,
  "summary_bg_k": 37.11429515461153,
  "summary_bg_mad": 10.9281016095151,
  "summary_bg_mean": 33.761600494384766,
  "summary_bg_median": 18.79812240600586,
  "summary_bg_n": 430371.0,
  "summary_bg_p05": 10.35915470123291,
  "summary_bg_p95": 109.60093688964844,
  "summary_bg_stdv": 45.90394592285156,
  "summary_fg_k": 2.9021401327884266,
  "summary_fg_mad": 117.83556653430553,
  "summary_fg_mean": 398.1993103027344,
  "summary_fg_median": 358.5680847167969,
  "summary_fg_n": 188963.0,
  "summary_fg_p05": 220.65728759765625,
  "summary_fg_p95": 710.6504760742187,
  "summary_fg_stdv": 156.4016876220703,
  "tsnr": 23.09063385799527
}