{
  "aor": 0.0002526697892271662,
  "aqi": 0.01329755175644028,
  "bids_meta": {
    "AcquisitionMatrixPE": 100,
    "AcquisitionNumber": 1,
    "AcquisitionTime": "12:36:44.912500",
    "BandwidthPerPixelPhaseEncode": 13.889,
    "BaseResolution": 100,
    "ConversionSoftware": "dcm2niix",
    "ConversionSoftwareVersion": "v1.0.20180404 Clang8.0.0",
    "DerivedVendorReportedEchoSpacing": 0.000719994,
    "DeviceSerialNumber": "35002",
    "DwellTime": 2.8e-06,
    "EchoTime": 0.0436,
    "EffectiveEchoSpacing": 0.000719994,
    "FlipAngle": 55,
    "ImageComments": "Unaliased_MB8_PE3_(remote)",
    "ImageOrientationPatientDICOM": [
      0.999305,
      0.0218231,
      -0.0302299,
      2.77605e-08,
      0.810801,
      0.585322
    ],
    "ImageType": [
      "ORIGINAL",
      "PRIMARY",
      "M",
      "MB",
      "ND",
      "MOSAIC"
    ],
    "InPlanePhaseEncodingDirectionDICOM": "COL",
    "InstitutionAddress": "University_Pkwy_1700_North_685_Provo_UT_US_84601",
    "InstitutionName": "Brigham_Young_University",
    "InstitutionalDepartmentName": "MRI",
    "MRAcquisitionType": "2D",
    "MagneticFieldStrength": 3,
    "Manufacturer": "Siemens",
    "ManufacturersModelName": "TrioTim",
    "Modality": "MR",
    "MultibandAccelerationFactor": 8,
    "PartialFourier": 1,
    "PatientPosition": "HFS",
    "PercentPhaseFOV": 100,
    "PhaseEncodingDirection": "j-",
    "PhaseEncodingSteps": 100,
    "PhaseResolution": 1,
    "PixelBandwidth": 1786,
    "ProcedureStepDescription": "Research_KIRWAN",
    "ProtocolName": "run6",
    "PulseSequenceDetails": "%CustomerSeq%_cmrr_mbep2d_bold",
    "ReceiveCoilName": "32Ch_Head",
    "ReconMatrixPE": 100,
    "RepetitionTime": 0.875,
    "SAR": 0.140042,
    "ScanOptions": "FS",
    "ScanningSequence": "EP",
    "SequenceName": "epfid2d1_100",
    "SequenceVariant": "SK_SS",
    "SeriesDescription": "run6",
    "SeriesNumber": 8,
    "ShimSetting": [
      -2693,
      -23170,
      2567,
      1114,
      68,
      218,
      245,
      45
    ],
    "SliceThickness": 1.8,
    "SliceTiming": [
      0,
      0.4875,
      0.0975,
      0.585,
      0.195,
      0.6825,
      0.2925,
      0.78,
      0.39,
      0,
      0.4875,
      0.0975,
      0.585,
      0.195,
      0.6825,
      0.2925,
      0.78,
      0.39,
      0,
      0.4875,
      0.0975,
      0.585,
      0.195,
      0.6825,
      0.2925,
      0.78,
      0.39,
      0,
      0.4875,
      0.0975,
      0.585,
      0.195,
      0.6825,
      0.2925,
      0.78,
      0.39,
      0,
      0.4875,
      0.0975,
      0.585,
      0.195,
      0.6825,
      0.2925,
      0.78,
      0.39,
      0,
      0.4875,
      0.0975,
      0.585,
      0.195,
      0.6825,
      0.2925,
      0.78,
      0.39,
      0,
      0.4875,
      0.0975,
      0.585,
      0.195,
      0.6825,
      0.2925,
      0.78,
      0.39,
      0,
      0.4875,
      0.0975,
      0.585,
      0.195,
      0.6825,
      0.2925,
      0.78,
      0.39
    ],
    "SoftwareVersions": "syngo_MR_B17",
    "SpacingBetweenSlices": 1.8,
    "StationName": "MININT-E41B04",
    "TaskName": "MST",
    "TotalReadoutTime": 0.0712794,
    "TxRefAmp": 326.208,
    "dataset": "ds002168",
    "modality": "bold",
    "run_id": 6,
    "subject_id": "1549",
    "task_id": "mst"
  },
  "dummy_trs": 1,
  "dvars_nstd": 65.07914655084511,
  "dvars_std": 1.0437756325117367,
  "dvars_vstd": 1.002197627276996,
  "efc": 0.5767306239596215,
  "fber": 353.36102294921875,
  "fd_mean": 0.1144156305873815,
  "fd_num": 7,
  "fd_perc": 1.639344262295082,
  "fwhm_avg": 3.172585132910747,
  "fwhm_x": 3.0806445260536544,
  "fwhm_y": 3.349583422066991,
  "fwhm_z": 3.0875274506115966,
  "gcor": 0.0064894,
  "gsr_x": -0.007639470510184765,
  "gsr_y": 0.0762767419219017,
  "provenance": {
    "md5sum": "9b3bf85ae5d2cc16efb5f379d6af53b1",
    "settings": {
      "fd_thres": 0.2,
      "testing": false
    },
    "software": "mriqc",
    "version": "23.0.1",
    "webapi_port": null,
    "webapi_url": "https://mriqc.nimh.nih.gov/api/v1"
  },
  "size_t": 427,
  "size_x": 100,
  "size_y": 100,
  "size_z": 72,
  "snr": 2.288629452264279,
  "spacing_tr": 0.875,
  "spacing_x": 1.7999999523162842,
  "spacing_y": 1.7999999523162842,
  "spacing_z": 1.8000001907348633,
  "summary_bg_k": 35.1043364246054,
  "summary_bg_mad": 11.055279440924481,
  "summary_bg_mean": 34.10594177246094,
  "summary_bg_median": 18.911006927490234,
  "summary_bg_n": 430363.0,
  "summary_bg_p05": 10.381732940673828,
  "summary_bg_p95": 110.85198669433578,
  "summary_bg_stdv": 46.335933685302734,
  "summary_fg_k": 2.88437533977047,
  "summary_fg_mad": 118.09430252022241,
  "summary_fg_mean": 398.04449462890625,
  "summary_fg_median": 358.6229248046875,
  "summary_fg_n": 189226.0,
  "summary_fg_p05": 220.10420989990234,
  "summary_fg_p95": 709.3658905029297,
  "summary_fg_stdv": 156.697265625,
  "tsnr": 23.008609654498287
}