{
  "aor": 0.0010318969555035131,
  "aqi": 0.01883155807962529,
  "bids_meta": {
    "AcquisitionMatrixPE": 100,
    "AcquisitionNumber": 1,
    "AcquisitionTime": "14:09:7.492500",
    "BandwidthPerPixelPhaseEncode": 13.889,
    "BaseResolution": 100,
    "ConversionSoftware": "dcm2niix",
    "ConversionSoftwareVersion": "v1.0.20180404 Clang8.0.0",
    "DerivedVendorReportedEchoSpacing": 0.000719994,
    "DeviceSerialNumber": "35002",
    "DwellTime": 2.8e-06,
    "EchoTime": 0.0436,
    "EffectiveEchoSpacing": 0.000719994,
    "FlipAngle": 55,
    "ImageComments": "Unaliased_MB8_PE3_(remote)",
    "ImageOrientationPatientDICOM": [
      0.999316,
      0.0193844,
      -0.031491,
      -4.05291e-08,
      0.851595,
      0.524201
    ],
    "ImageType": [
      "ORIGINAL",
      "PRIMARY",
      "M",
      "MB",
      "ND",
      "MOSAIC"
    ],
    "InPlanePhaseEncodingDirectionDICOM": "COL",
    "InstitutionAddress": "University_Pkwy_1700_North_685_Provo_UT_US_84601",
    "InstitutionName": "Brigham_Young_University",
    "InstitutionalDepartmentName": "MRI",
    "MRAcquisitionType": "2D",
    "MagneticFieldStrength": 3,
    "Manufacturer": "Siemens",
    "ManufacturersModelName": "TrioTim",
    "Modality": "MR",
    "MultibandAccelerationFactor": 8,
    "PartialFourier": 1,
    "PatientPosition": "HFS",
    "PercentPhaseFOV": 100,
    "PhaseEncodingDirection": "j-",
    "PhaseEncodingSteps": 100,
    "PhaseResolution": 1,
    "PixelBandwidth": 1786,
    "ProcedureStepDescription": "Research_KIRWAN",
    "ProtocolName": "run2",
    "PulseSequenceDetails": "%CustomerSeq%_cmrr_mbep2d_bold",
    "ReceiveCoilName": "32Ch_Head",
    "ReconMatrixPE": 100,
    "RepetitionTime": 0.875,
    "SAR": 0.127281,
    "ScanOptions": "FS",
    "ScanningSequence": "EP",
    "SequenceName": "epfid2d1_100",
    "SequenceVariant": "SK_SS",
    "SeriesDescription": "run2",
    "SeriesNumber": 4,
    "ShimSetting": [
      -2690,
      -22963,
      2504,
      1427,
      -41,
      568,
      206,
      -72
    ],
    "SliceThickness": 1.8,
    "SliceTiming": [
      0,
      0.4875,
      0.0975,
      0.585,
      0.195,
      0.6825,
      0.2925,
      0.78,
      0.39,
      0,
      0.4875,
      0.0975,
      0.585,
      0.195,
      0.6825,
      0.2925,
      0.78,
      0.39,
      0,
      0.4875,
      0.0975,
      0.585,
      0.195,
      0.6825,
      0.2925,
      0.78,
      0.39,
      0,
      0.4875,
      0.0975,
      0.585,
      0.195,
      0.6825,
      0.2925,
      0.78,
      0.39,
      0,
      0.4875,
      0.0975,
      0.585,
      0.195,
      0.6825,
      0.2925,
      0.78,
      0.39,
      0,
      0.4875,
      0.0975,
      0.585,
      0.195,
      0.6825,
      0.2925,
      0.78,
      0.39,
      0,
      0.4875,
      0.0975,
      0.585,
      0.195,
      0.6825,
      0.2925,
      0.78,
      0.39,
      0,
      0.4875,
      0.0975,
      0.585,
      0.195,
      0.6825,
      0.2925,
      0.78,
      0.39
    ],
    "SoftwareVersions": "syngo_MR_B17",
    "SpacingBetweenSlices": 1.8,
    "StationName": "MININT-E41B04",
    "TaskName": "MST",
    "TotalReadoutTime": 0.0712794,
    "TxRefAmp": 339.194,
    "dataset": "ds002168",
    "modality": "bold",
    "run_id": 2,
    "subject_id": "1539",
    "task_id": "mst"
  },
  "dummy_trs": 1,
  "dvars_nstd": 67.75746812049289,
  "dvars_std": 1.0564047281220654,
  "dvars_vstd": 1.0169458972769956,
  "efc": 0.5827432892869246,
  "fber": 458.38055419921875,
  "fd_mean": 0.14200220494210813,
  "fd_num": 67,
  "fd_perc": 15.690866510538642,
  "fwhm_avg": 2.96791112792009,
  "fwhm_x": 2.83336118616955,
  "fwhm_y": 3.270300086633367,
  "fwhm_z": 2.8000721109573536,
  "gcor": 0.00600265,
  "gsr_x": -0.01758747734129429,
  "gsr_y": 0.08213744312524796,
  "provenance": {
    "md5sum": "660365a1f44025848f752ebb19cabad4",
    "settings": {
      "fd_thres": 0.2,
      "testing": false
    },
    "software": "mriqc",
    "version": "23.0.1",
    "webapi_port": null,
    "webapi_url": "https://mriqc.nimh.nih.gov/api/v1"
  },
  "size_t": 427,
  "size_x": 100,
  "size_y": 100,
  "size_z": 72,
  "snr": 2.4439840821250773,
  "spacing_tr": 0.875,
  "spacing_x": 1.7999999523162842,
  "spacing_y": 1.7999999523162842,
  "spacing_z": 1.8000000715255737,
  "summary_bg_k": 26.030711225520893,
  "summary_bg_mad": 7.791473553260637,
  "summary_bg_mean": 27.935710906982422,
  "summary_bg_median": 15.838406562805176,
  "summary_bg_n": 416713.0,
  "summary_bg_p05": 9.833723068237305,
  "summary_bg_p95": 85.4702545166014,
  "summary_bg_stdv": 34.82572937011719,
  "summary_fg_k": 3.7286309529193202,
  "summary_fg_mad": 102.8828797706757,
  "summary_fg_mean": 373.59442138671875,
  "summary_fg_median": 342.4508056640625,
  "summary_fg_n": 201564.0,
  "summary_fg_p05": 209.63734359741213,
  "summary_fg_p95": 650.9816894531243,
  "summary_fg_stdv": 140.1195526123047,
  "tsnr": 19.944282973883674
}