{
  "bids_meta": {
    "AcquisitionMatrixPE": 256,
    "AcquisitionNumber": 1,
    "AcquisitionTime": "12:43:35.077500",
    "BaseResolution": 256,
    "ConversionSoftware": "dcm2niix",
    "ConversionSoftwareVersion": "v1.0.20180404 Clang8.0.0",
    "DeviceSerialNumber": "35002",
    "DwellTime": 1.03e-05,
    "EchoTime": 0.00492,
    "FlipAngle": 25,
    "ImageOrientationPatientDICOM": [
      0.106264,
      0.994338,
      2.42351e-08,
      -0.0693615,
      0.00741263,
      -0.997564
    ],
    "ImageType": [
      "ORIGINAL",
      "PRIMARY",
      "M",
      "ND",
      "NORM"
    ],
    "InPlanePhaseEncodingDirectionDICOM": "ROW",
    "InstitutionAddress": "University_Pkwy_1700_North_685_Provo_UT_US_84601",
    "InstitutionName": "Brigham_Young_University",
    "InstitutionalDepartmentName": "MRI",
    "MRAcquisitionType": "3D",
    "MagneticFieldStrength": 3,
    "Manufacturer": "Siemens",
    "ManufacturersModelName": "TrioTim",
    "Modality": "MR",
    "ParallelReductionFactorInPlane": 2,
    "PartialFourier": 1,
    "PatientPosition": "HFS",
    "PercentPhaseFOV": 100,
    "PhaseEncodingSteps": 255,
    "PhaseResolution": 1,
    "PixelBandwidth": 190,
    "ProcedureStepDescription": "Research_KIRWAN",
    "ProtocolName": "t1_fl3d_sag_no3Daccel_iso_1.0_1avg",
    "PulseSequenceDetails": "%SiemensSeq%_gre",
    "ReceiveCoilName": "32Ch_Head",
    "ReconMatrixPE": 256,
    "RepetitionTime": 0.02,
    "SAR": 0.20796,
    "ScanningSequence": "GR",
    "SequenceName": "_fl3d1_ns",
    "SequenceVariant": "SP",
    "SeriesDescription": "t1_fl3d_sag_no3Daccel_iso_1.0_1avg",
    "SeriesNumber": 9,
    "ShimSetting": [
      -2655,
      -23109,
      2059,
      81,
      -13,
      -145,
      -152,
      15
    ],
    "SliceThickness": 1,
    "SoftwareVersions": "syngo_MR_B17",
    "StationName": "MININT-E41B04",
    "TxRefAmp": 326.208,
    "dataset": "ds002168",
    "modality": "T1w",
    "subject_id": "1549"
  },
  "cjv": 0.43633128514345626,
  "cnr": 3.0899534574743757,
  "efc": 0.5705560596459847,
  "fber": 15924.732992601927,
  "fwhm_avg": 3.1372363015638114,
  "fwhm_x": 3.104128528730346,
  "fwhm_y": 3.2415101932090633,
  "fwhm_z": 3.066070182752024,
  "icvs_csf": 0.1722488927714474,
  "icvs_gm": 0.4387537094738201,
  "icvs_wm": 0.3889973977547325,
  "inu_med": 0.313388466835022,
  "inu_range": 0.08725855648517611,
  "provenance": {
    "md5sum": "e088c0cfecb13d81fad9f42dce73ccd6",
    "settings": {
      "testing": false
    },
    "software": "mriqc",
    "version": "23.0.1",
    "warnings": {
      "large_rot_frame": true,
      "small_air_mask": false
    },
    "webapi_port": null,
    "webapi_url": "https://mriqc.nimh.nih.gov/api/v1"
  },
  "qi_1": 0.0,
  "qi_2": 0.014417764334139495,
  "rpve_csf": 34.49486410326334,
  "rpve_gm": 14.288148873203191,
  "rpve_wm": 17.859302106201977,
  "size_x": 192,
  "size_y": 256,
  "size_z": 256,
  "snr_csf": 2.6370739134157843,
  "snr_gm": 16.372562638868985,
  "snr_total": 14.551032898341683,
  "snr_wm": 24.643462142740283,
  "snrd_csf": 47.236327433512976,
  "snrd_gm": 99.86099533011381,
  "snrd_total": 90.5021389454425,
  "snrd_wm": 124.40909407270071,
  "spacing_x": 1.000003695487976,
  "spacing_y": 0.9999999403953552,
  "spacing_z": 0.9999999403953552,
  "summary_bg_k": 7.952826721643145,
  "summary_bg_mad": 0.0,
  "summary_bg_mean": 3.213746506103326,
  "summary_bg_median": 0.0,
  "summary_bg_n": 2360493.0,
  "summary_bg_p05": 0.0,
  "summary_bg_p95": 13.559024287387729,
  "summary_bg_stdv": 5.266139054896907,
  "summary_csf_k": 0.502708013278403,
  "summary_csf_mad": 106.98251339420707,
  "summary_csf_mean": 364.0540747493104,
  "summary_csf_median": 379.6966077713296,
  "summary_csf_n": 27306.0,
  "summary_csf_p05": 82.29859180049971,
  "summary_csf_p95": 577.73011098383,
  "summary_csf_stdv": 143.9814231803566,
  "summary_gm_k": 0.30600914728919815,
  "summary_gm_mad": 47.84688707809099,
  "summary_gm_mean": 802.8301254790643,
  "summary_gm_median": 802.705951873213,
  "summary_gm_n": 25625.0,
  "summary_gm_p05": 722.7574933320284,
  "summary_gm_p95": 882.8594064619392,
  "summary_gm_stdv": 49.02655172988215,
  "summary_wm_k": 0.7312566383416224,
  "summary_wm_mad": 38.25145872576966,
  "summary_wm_mean": 1003.019117165256,
  "summary_wm_median": 1000.0292902067304,
  "summary_wm_n": 184799.0,
  "summary_wm_p05": 942.2789750993252,
  "summary_wm_p95": 1073.6814415734261,
  "summary_wm_stdv": 40.57979267235681,
  "tpm_overlap_csf": 0.14288709942288358,
  "tpm_overlap_gm": 0.45953298887824395,
  "tpm_overlap_wm": 0.4932839707840305,
  "wm2max": 0.6544258673073361
}