{
  "bids_meta": {
    "AcquisitionMatrixPE": 512,
    "AcquisitionNumber": 1,
    "AcquisitionTime": "13:08:27.887500",
    "BaseResolution": 512,
    "ConversionSoftware": "dcm2niix",
    "ConversionSoftwareVersion": "v1.0.20180404 Clang8.0.0",
    "DeviceSerialNumber": "35002",
    "DwellTime": 5e-06,
    "EchoTime": 0.064,
    "EchoTrainLength": 15,
    "FlipAngle": 129,
    "ImageOrientationPatientDICOM": [
      0.995853,
      -0.090975,
      -1.12502e-09,
      0.0519524,
      0.568694,
      -0.820907
    ],
    "ImageType": [
      "ORIGINAL",
      "PRIMARY",
      "M",
      "ND"
    ],
    "InPlanePhaseEncodingDirectionDICOM": "ROW",
    "InstitutionAddress": "University_Pkwy_1700_North_685_Provo_UT_US_84601",
    "InstitutionName": "Brigham_Young_University",
    "InstitutionalDepartmentName": "MRI",
    "MRAcquisitionType": "2D",
    "MagneticFieldStrength": 3,
    "Manufacturer": "Siemens",
    "ManufacturersModelName": "TrioTim",
    "Modality": "MR",
    "PartialFourier": 1,
    "PatientPosition": "HFS",
    "PercentPhaseFOV": 100,
    "PhaseEncodingDirection": "i",
    "PhaseEncodingSteps": 720,
    "PhaseOversampling": 0.4,
    "PhaseResolution": 1,
    "PixelBandwidth": 195,
    "ProcedureStepDescription": "Research_KIRWAN",
    "ProtocolName": "HHR_struct_MODIFIED",
    "PulseSequenceDetails": "%SiemensSeq%_tse",
    "ReceiveCoilName": "32Ch_Head",
    "ReconMatrixPE": 512,
    "RepetitionTime": 6,
    "SAR": 1.03888,
    "ScanningSequence": "SE",
    "SequenceName": "_tse2d1_15",
    "SequenceVariant": "SK_SP_OSP",
    "SeriesDescription": "HHR_struct_MODIFIED",
    "SeriesNumber": 16,
    "ShimSetting": [
      -2693,
      -23301,
      2644,
      935,
      100,
      -694,
      77,
      -71
    ],
    "SliceThickness": 2,
    "SoftwareVersions": "syngo_MR_B17",
    "SpacingBetweenSlices": 2,
    "StationName": "MININT-E41B04",
    "TxRefAmp": 326.208,
    "dataset": "ds002168",
    "modality": "T2w",
    "subject_id": "1549"
  },
  "cjv": 1.3727485346037904,
  "cnr": 0.9296443914853183,
  "efc": 0.6342589253985526,
  "fber": 2883.7817956023086,
  "fwhm_avg": 5.183180404072574,
  "fwhm_x": 5.8597632,
  "fwhm_y": 3.67234441221772,
  "fwhm_z": 6.0174336,
  "icvs_csf": 0.41382634151847436,
  "icvs_gm": 0.467304507087912,
  "icvs_wm": 0.11886915139361366,
  "inu_med": 0.9864270687103271,
  "inu_range": 1.6803161263465882,
  "provenance": {
    "md5sum": "de4131536df591f9c40a9bcc11e7a732",
    "settings": {
      "testing": false
    },
    "software": "mriqc",
    "version": "23.0.1",
    "warnings": {
      "large_rot_frame": false,
      "small_air_mask": false
    },
    "webapi_port": null,
    "webapi_url": "https://mriqc.nimh.nih.gov/api/v1"
  },
  "qi_1": 0.0,
  "qi_2": 0.0007190093617080775,
  "rpve_csf": 5.523461539418272,
  "rpve_gm": 5.192863445938104,
  "rpve_wm": 20.799771154008337,
  "size_x": 512,
  "size_y": 35,
  "size_z": 512,
  "snr_csf": 10.162131766220593,
  "snr_gm": 7.99964645395199,
  "snr_total": 6.688155186491827,
  "snr_wm": 1.9026873393028993,
  "snrd_csf": 58.528427210932,
  "snrd_gm": 38.04049673179815,
  "snrd_total": 57.17589180271804,
  "snrd_wm": 74.95875146542397,
  "spacing_x": 0.390625,
  "spacing_y": 1.9999948740005493,
  "spacing_z": 0.390625,
  "summary_bg_k": 257.2553948530267,
  "summary_bg_mad": 6.784009856137574,
  "summary_bg_mean": 8.043276617823544,
  "summary_bg_median": 4.575745113193989,
  "summary_bg_n": 1908533.0,
  "summary_bg_p05": 0.0,
  "summary_bg_p95": 28.36235661432147,
  "summary_bg_stdv": 16.008530460508776,
  "summary_csf_k": 0.8567235175166159,
  "summary_csf_mad": 54.918175025875605,
  "summary_csf_mean": 612.2329274335594,
  "summary_csf_median": 606.0683348737657,
  "summary_csf_n": 777856.0,
  "summary_csf_p05": 526.5012115165591,
  "summary_csf_p95": 719.6267076432705,
  "summary_csf_stdv": 59.63984321794184,
  "summary_gm_k": 0.013477346771380017,
  "summary_gm_mad": 49.910929655869296,
  "summary_gm_mean": 396.68665652535265,
  "summary_gm_median": 393.91354954615235,
  "summary_gm_n": 946778.0,
  "summary_gm_p05": 320.0479498617351,
  "summary_gm_p95": 479.9811361990869,
  "summary_gm_stdv": 49.24134382501746,
  "summary_wm_k": -1.6517689357459795,
  "summary_wm_mad": 474.8806899296302,
  "summary_wm_mean": 590.148714806245,
  "summary_wm_median": 776.2061591222882,
  "summary_wm_n": 265397.0,
  "summary_wm_p05": 31.04969898238778,
  "summary_wm_p95": 1118.7696801759303,
  "summary_wm_stdv": 407.95178521350533,
  "tpm_overlap_csf": 0.09747400288821818,
  "tpm_overlap_gm": 0.2956278211833931,
  "tpm_overlap_wm": 0.0350208545085012,
  "wm2max": 0.5291578961089111
}