{
  "bids_meta": {
    "AcquisitionMatrixPE": 256,
    "AcquisitionNumber": 1,
    "AcquisitionTime": "20:25:20.152500",
    "BaseResolution": 256,
    "ConversionSoftware": "dcm2niix",
    "ConversionSoftwareVersion": "v1.0.20180404 Clang8.0.0",
    "DeviceSerialNumber": "35002",
    "DwellTime": 1.03e-05,
    "EchoTime": 0.00492,
    "FlipAngle": 25,
    "ImageOrientationPatientDICOM": [
      -0.0471064,
      0.99889,
      0,
      0,
      0,
      -1
    ],
    "ImageType": [
      "ORIGINAL",
      "PRIMARY",
      "M",
      "ND",
      "NORM"
    ],
    "InPlanePhaseEncodingDirectionDICOM": "ROW",
    "InstitutionAddress": "University_Pkwy_1700_North_685_Provo_UT_US_84601",
    "InstitutionName": "Brigham_Young_University",
    "InstitutionalDepartmentName": "MRI",
    "MRAcquisitionType": "3D",
    "MagneticFieldStrength": 3,
    "Manufacturer": "Siemens",
    "ManufacturersModelName": "TrioTim",
    "Modality": "MR",
    "ParallelReductionFactorInPlane": 2,
    "PartialFourier": 1,
    "PatientPosition": "HFS",
    "PercentPhaseFOV": 100,
    "PhaseEncodingSteps": 255,
    "PhaseResolution": 1,
    "PixelBandwidth": 190,
    "ProcedureStepDescription": "Research_KIRWAN",
    "ProtocolName": "t1_fl3d_sag_no3Daccel_iso_1.0_1avg",
    "PulseSequenceDetails": "%SiemensSeq%_gre",
    "ReceiveCoilName": "32Ch_Head",
    "ReconMatrixPE": 256,
    "RepetitionTime": 0.02,
    "SAR": 0.206385,
    "ScanningSequence": "GR",
    "SequenceName": "_fl3d1_ns",
    "SequenceVariant": "SP",
    "SeriesDescription": "t1_fl3d_sag_no3Daccel_iso_1.0_1avg",
    "SeriesNumber": 9,
    "ShimSetting": [
      -2826,
      -22917,
      1922,
      -109,
      -90,
      -53,
      -300,
      376
    ],
    "SliceThickness": 1,
    "SoftwareVersions": "syngo_MR_B17",
    "StationName": "MININT-E41B04",
    "TxRefAmp": 321.009,
    "dataset": "ds002168",
    "modality": "T1w",
    "subject_id": "2552"
  },
  "cjv": 0.4510367169251426,
  "cnr": 2.9781613636609117,
  "efc": 0.5793088275965594,
  "fber": 7319.289378015731,
  "fwhm_avg": 3.5141990855087855,
  "fwhm_x": 3.4483872565263565,
  "fwhm_y": 3.74571,
  "fwhm_z": 3.3485,
  "icvs_csf": 0.16409066845913292,
  "icvs_gm": 0.4326089708108909,
  "icvs_wm": 0.40330036072997616,
  "inu_med": 0.392753928899765,
  "inu_range": 0.144279345870018,
  "provenance": {
    "md5sum": "e1b83886646653906fa2ed1290e34e9b",
    "settings": {
      "testing": false
    },
    "software": "mriqc",
    "version": "23.0.1",
    "warnings": {
      "large_rot_frame": true,
      "small_air_mask": false
    },
    "webapi_port": null,
    "webapi_url": "https://mriqc.nimh.nih.gov/api/v1"
  },
  "qi_1": 0.0,
  "qi_2": 0.023889803429090226,
  "rpve_csf": 35.20745658663279,
  "rpve_gm": 13.984493786940313,
  "rpve_wm": 16.49792946710535,
  "size_x": 192,
  "size_y": 256,
  "size_z": 256,
  "snr_csf": 1.9774709604827183,
  "snr_gm": 15.824685452103743,
  "snr_total": 13.671768916935997,
  "snr_wm": 23.213150338221528,
  "snrd_csf": 41.781427754296196,
  "snrd_gm": 102.73304704572334,
  "snrd_total": 90.91973382041435,
  "snrd_wm": 128.24472666122347,
  "spacing_x": 1.000003695487976,
  "spacing_y": 1.0,
  "spacing_z": 1.0,
  "summary_bg_k": 4.598150971419721,
  "summary_bg_mad": 5.1086731341124265,
  "summary_bg_mean": 4.782656276557641,
  "summary_bg_median": 3.4457476660609245,
  "summary_bg_n": 2413781.0,
  "summary_bg_p05": 0.0,
  "summary_bg_p95": 19.171553503721952,
  "summary_bg_stdv": 6.592354742649285,
  "summary_csf_k": -0.18726665414771437,
  "summary_csf_mad": 185.76005077017314,
  "summary_csf_mean": 293.9032505858137,
  "summary_csf_median": 325.80643889307976,
  "summary_csf_n": 28999.0,
  "summary_csf_p05": 50.54985139891505,
  "summary_csf_p95": 548.5996853269633,
  "summary_csf_stdv": 164.75631137410787,
  "summary_gm_k": 0.22871549864901564,
  "summary_gm_mad": 49.45630374513094,
  "summary_gm_mean": 799.6982509501145,
  "summary_gm_median": 801.0996754691005,
  "summary_gm_n": 37165.0,
  "summary_gm_p05": 713.9662477858365,
  "summary_gm_p95": 879.985302887857,
  "summary_gm_stdv": 50.622737507943576,
  "summary_wm_k": 0.7058516208495149,
  "summary_wm_mad": 40.2715616210352,
  "summary_wm_mean": 1003.5866238638008,
  "summary_wm_median": 1000.0366178490222,
  "summary_wm_n": 195563.0,
  "summary_wm_p05": 939.5160923525691,
  "summary_wm_p95": 1079.8350018303838,
  "summary_wm_stdv": 43.08049732416877,
  "tpm_overlap_csf": 0.1441115070995535,
  "tpm_overlap_gm": 0.47006734101042763,
  "tpm_overlap_wm": 0.4953317351591687,
  "wm2max": 0.6126294042352518
}