{
  "aor": 0.0003828403755868545,
  "aqi": 0.019876895774647886,
  "bids_meta": {
    "AcquisitionMatrixPE": 100,
    "AcquisitionNumber": 1,
    "AcquisitionTime": "18:06:32.235000",
    "BandwidthPerPixelPhaseEncode": 13.889,
    "BaseResolution": 100,
    "ConversionSoftware": "dcm2niix",
    "ConversionSoftwareVersion": "v1.0.20180404 Clang8.0.0",
    "DerivedVendorReportedEchoSpacing": 0.000719994,
    "DeviceSerialNumber": "35002",
    "DwellTime": 2.8e-06,
    "EchoTime": 0.0436,
    "EffectiveEchoSpacing": 0.000719994,
    "FlipAngle": 55,
    "ImageComments": "Unaliased_MB8_PE3_(remote)",
    "ImageOrientationPatientDICOM": [
      0.999662,
      -0.0118857,
      0.0231254,
      9.55193e-09,
      0.889403,
      0.457124
    ],
    "ImageType": [
      "ORIGINAL",
      "PRIMARY",
      "M",
      "MB",
      "ND",
      "MOSAIC"
    ],
    "InPlanePhaseEncodingDirectionDICOM": "COL",
    "InstitutionAddress": "University_Pkwy_1700_North_685_Provo_UT_US_84601",
    "InstitutionName": "Brigham_Young_University",
    "InstitutionalDepartmentName": "MRI",
    "MRAcquisitionType": "2D",
    "MagneticFieldStrength": 3,
    "Manufacturer": "Siemens",
    "ManufacturersModelName": "TrioTim",
    "Modality": "MR",
    "MultibandAccelerationFactor": 8,
    "PartialFourier": 1,
    "PatientPosition": "HFS",
    "PercentPhaseFOV": 100,
    "PhaseEncodingDirection": "j-",
    "PhaseEncodingSteps": 100,
    "PhaseResolution": 1,
    "PixelBandwidth": 1786,
    "ProcedureStepDescription": "Research_KIRWAN",
    "ProtocolName": "run6",
    "PulseSequenceDetails": "%CustomerSeq%_cmrr_mbep2d_bold",
    "ReceiveCoilName": "32Ch_Head",
    "ReconMatrixPE": 100,
    "RepetitionTime": 0.875,
    "SAR": 0.116285,
    "ScanOptions": "FS",
    "ScanningSequence": "EP",
    "SequenceName": "epfid2d1_100",
    "SequenceVariant": "SK_SS",
    "SeriesDescription": "run6",
    "SeriesNumber": 8,
    "ShimSetting": [
      -2793,
      -22927,
      2392,
      741,
      56,
      58,
      -337,
      388
    ],
    "SliceThickness": 1.8,
    "SliceTiming": [
      0,
      0.4875,
      0.0975,
      0.585,
      0.195,
      0.6825,
      0.2925,
      0.78,
      0.39,
      0,
      0.4875,
      0.0975,
      0.585,
      0.195,
      0.6825,
      0.2925,
      0.78,
      0.39,
      0,
      0.4875,
      0.0975,
      0.585,
      0.195,
      0.6825,
      0.2925,
      0.78,
      0.39,
      0,
      0.4875,
      0.0975,
      0.585,
      0.195,
      0.6825,
      0.2925,
      0.78,
      0.39,
      0,
      0.4875,
      0.0975,
      0.585,
      0.195,
      0.6825,
      0.2925,
      0.78,
      0.39,
      0,
      0.4875,
      0.0975,
      0.585,
      0.195,
      0.6825,
      0.2925,
      0.78,
      0.39,
      0,
      0.4875,
      0.0975,
      0.585,
      0.195,
      0.6825,
      0.2925,
      0.78,
      0.39,
      0,
      0.4875,
      0.0975,
      0.585,
      0.195,
      0.6825,
      0.2925,
      0.78,
      0.39
    ],
    "SoftwareVersions": "syngo_MR_B17",
    "SpacingBetweenSlices": 1.8,
    "StationName": "MININT-E41B04",
    "TaskName": "MST",
    "TotalReadoutTime": 0.0712794,
    "TxRefAmp": 332.117,
    "dataset": "ds002168",
    "modality": "bold",
    "run_id": 6,
    "subject_id": "2384",
    "task_id": "mst"
  },
  "dummy_trs": 2,
  "dvars_nstd": 72.93701895329406,
  "dvars_std": 1.0399053797647062,
  "dvars_vstd": 0.9785567715529405,
  "efc": 0.5919435777433548,
  "fber": 197.84986877441406,
  "fd_mean": 0.09393366634720678,
  "fd_num": 2,
  "fd_perc": 0.4694835680751174,
  "fwhm_avg": 3.623944464437759,
  "fwhm_x": 3.3499556442990737,
  "fwhm_y": 4.078811219162708,
  "fwhm_z": 3.443066529851495,
  "gcor": 0.00173846,
  "gsr_x": -0.018734540790319443,
  "gsr_y": 0.09876047074794769,
  "provenance": {
    "md5sum": "55d44bc2d9fa736d946ae03ca7a1eb49",
    "settings": {
      "fd_thres": 0.2,
      "testing": false
    },
    "software": "mriqc",
    "version": "23.0.1",
    "webapi_port": null,
    "webapi_url": "https://mriqc.nimh.nih.gov/api/v1"
  },
  "size_t": 426,
  "size_x": 100,
  "size_y": 100,
  "size_z": 72,
  "snr": 1.606879595541123,
  "spacing_tr": 0.875,
  "spacing_x": 1.7999999523162842,
  "spacing_y": 1.7999999523162842,
  "spacing_z": 1.8000000715255737,
  "summary_bg_k": 45.56743694062079,
  "summary_bg_mad": 18.182760063071168,
  "summary_bg_mean": 49.233543395996094,
  "summary_bg_median": 27.643192291259766,
  "summary_bg_n": 393178.0,
  "summary_bg_p05": 13.227699279785156,
  "summary_bg_p95": 158.39506835937485,
  "summary_bg_stdv": 65.4559326171875,
  "summary_fg_k": 7.629064457786104,
  "summary_fg_mad": 151.39247241155584,
  "summary_fg_mean": 465.3082580566406,
  "summary_fg_median": 394.30047607421875,
  "summary_fg_n": 220061.0,
  "summary_fg_p05": 229.3732452392578,
  "summary_fg_p95": 949.1337890625,
  "summary_fg_stdv": 245.3821563720703,
  "tsnr": 17.982900653150864
}