{
  "aor": 0.00037077464788732396,
  "aqi": 0.011935171361502349,
  "bids_meta": {
    "AcquisitionMatrixPE": 100,
    "AcquisitionNumber": 1,
    "AcquisitionTime": "17:53:1.737500",
    "BandwidthPerPixelPhaseEncode": 13.889,
    "BaseResolution": 100,
    "ConversionSoftware": "dcm2niix",
    "ConversionSoftwareVersion": "v1.0.20180404 Clang8.0.0",
    "DerivedVendorReportedEchoSpacing": 0.000719994,
    "DeviceSerialNumber": "35002",
    "DwellTime": 2.8e-06,
    "EchoTime": 0.0436,
    "EffectiveEchoSpacing": 0.000719994,
    "FlipAngle": 55,
    "ImageComments": "Unaliased_MB8_PE3_(remote)",
    "ImageOrientationPatientDICOM": [
      0.999662,
      -0.0118857,
      0.0231254,
      9.55193e-09,
      0.889403,
      0.457124
    ],
    "ImageType": [
      "ORIGINAL",
      "PRIMARY",
      "M",
      "MB",
      "ND",
      "MOSAIC"
    ],
    "InPlanePhaseEncodingDirectionDICOM": "COL",
    "InstitutionAddress": "University_Pkwy_1700_North_685_Provo_UT_US_84601",
    "InstitutionName": "Brigham_Young_University",
    "InstitutionalDepartmentName": "MRI",
    "MRAcquisitionType": "2D",
    "MagneticFieldStrength": 3,
    "Manufacturer": "Siemens",
    "ManufacturersModelName": "TrioTim",
    "Modality": "MR",
    "MultibandAccelerationFactor": 8,
    "PartialFourier": 1,
    "PatientPosition": "HFS",
    "PercentPhaseFOV": 100,
    "PhaseEncodingDirection": "j-",
    "PhaseEncodingSteps": 100,
    "PhaseResolution": 1,
    "PixelBandwidth": 1786,
    "ProcedureStepDescription": "Research_KIRWAN",
    "ProtocolName": "run4",
    "PulseSequenceDetails": "%CustomerSeq%_cmrr_mbep2d_bold",
    "ReceiveCoilName": "32Ch_Head",
    "ReconMatrixPE": 100,
    "RepetitionTime": 0.875,
    "SAR": 0.11428,
    "ScanOptions": "FS",
    "ScanningSequence": "EP",
    "SequenceName": "epfid2d1_100",
    "SequenceVariant": "SK_SS",
    "SeriesDescription": "run4",
    "SeriesNumber": 6,
    "ShimSetting": [
      -2793,
      -22927,
      2392,
      741,
      56,
      58,
      -337,
      388
    ],
    "SliceThickness": 1.8,
    "SliceTiming": [
      0,
      0.4875,
      0.0975,
      0.585,
      0.195,
      0.6825,
      0.2925,
      0.78,
      0.39,
      0,
      0.4875,
      0.0975,
      0.585,
      0.195,
      0.6825,
      0.2925,
      0.78,
      0.39,
      0,
      0.4875,
      0.0975,
      0.585,
      0.195,
      0.6825,
      0.2925,
      0.78,
      0.39,
      0,
      0.4875,
      0.0975,
      0.585,
      0.195,
      0.6825,
      0.2925,
      0.78,
      0.39,
      0,
      0.4875,
      0.0975,
      0.585,
      0.195,
      0.6825,
      0.2925,
      0.78,
      0.39,
      0,
      0.4875,
      0.0975,
      0.585,
      0.195,
      0.6825,
      0.2925,
      0.78,
      0.39,
      0,
      0.4875,
      0.0975,
      0.585,
      0.195,
      0.6825,
      0.2925,
      0.78,
      0.39,
      0,
      0.4875,
      0.0975,
      0.585,
      0.195,
      0.6825,
      0.2925,
      0.78,
      0.39
    ],
    "SoftwareVersions": "syngo_MR_B17",
    "SpacingBetweenSlices": 1.8,
    "StationName": "MININT-E41B04",
    "TaskName": "MST",
    "TotalReadoutTime": 0.0712794,
    "TxRefAmp": 332.117,
    "dataset": "ds002168",
    "modality": "bold",
    "run_id": 4,
    "subject_id": "2384",
    "task_id": "mst"
  },
  "dummy_trs": 2,
  "dvars_nstd": 72.84192853169415,
  "dvars_std": 1.078628610423529,
  "dvars_vstd": 1.0088505790352933,
  "efc": 0.5916033114543067,
  "fber": 201.12989807128906,
  "fd_mean": 0.078135807364655,
  "fd_num": 0,
  "fd_perc": 0.0,
  "fwhm_avg": 3.5971277961718973,
  "fwhm_x": 3.335633421697442,
  "fwhm_y": 3.9724223274554764,
  "fwhm_z": 3.4833276393627735,
  "gcor": 0.00430965,
  "gsr_x": -0.018896043300628662,
  "gsr_y": 0.10051354020833969,
  "provenance": {
    "md5sum": "a2084faed6e767948de815bb5367def8",
    "settings": {
      "fd_thres": 0.2,
      "testing": false
    },
    "software": "mriqc",
    "version": "23.0.1",
    "webapi_port": null,
    "webapi_url": "https://mriqc.nimh.nih.gov/api/v1"
  },
  "size_t": 426,
  "size_x": 100,
  "size_y": 100,
  "size_z": 72,
  "snr": 1.6110462147476372,
  "spacing_tr": 0.875,
  "spacing_x": 1.7999999523162842,
  "spacing_y": 1.7999999523162842,
  "spacing_z": 1.8000000715255737,
  "summary_bg_k": 43.31941150175926,
  "summary_bg_mad": 17.554567577678423,
  "summary_bg_mean": 48.77445983886719,
  "summary_bg_median": 27.190141677856445,
  "summary_bg_n": 392123.0,
  "summary_bg_p05": 13.323944091796875,
  "summary_bg_p95": 158.59131774902335,
  "summary_bg_stdv": 65.25950622558594,
  "summary_fg_k": 7.386739910386083,
  "summary_fg_mad": 152.07807639767083,
  "summary_fg_mean": 466.02490234375,
  "summary_fg_median": 395.1971740722656,
  "summary_fg_n": 220689.0,
  "summary_fg_p05": 228.82394409179688,
  "summary_fg_p95": 953.0821655273435,
  "summary_fg_stdv": 245.3041229248047,
  "tsnr": 22.11776842479594
}