{
  "bids_meta": {
    "AcquisitionMatrixPE": 512,
    "AcquisitionNumber": 1,
    "AcquisitionTime": "11:22:21.677500",
    "BaseResolution": 512,
    "ConversionSoftware": "dcm2niix",
    "ConversionSoftwareVersion": "v1.0.20180404 Clang8.0.0",
    "DeviceSerialNumber": "35002",
    "DwellTime": 5e-06,
    "EchoTime": 0.064,
    "EchoTrainLength": 15,
    "FlipAngle": 129,
    "ImageOrientationPatientDICOM": [
      0.999967,
      0.0081433,
      2.56103e-10,
      -0.00435856,
      0.535215,
      -0.844705
    ],
    "ImageType": [
      "ORIGINAL",
      "PRIMARY",
      "M",
      "ND"
    ],
    "InPlanePhaseEncodingDirectionDICOM": "ROW",
    "InstitutionAddress": "University_Pkwy_1700_North_685_Provo_UT_US_84601",
    "InstitutionName": "Brigham_Young_University",
    "InstitutionalDepartmentName": "MRI",
    "MRAcquisitionType": "2D",
    "MagneticFieldStrength": 3,
    "Manufacturer": "Siemens",
    "ManufacturersModelName": "TrioTim",
    "Modality": "MR",
    "PartialFourier": 1,
    "PatientPosition": "HFS",
    "PercentPhaseFOV": 100,
    "PhaseEncodingDirection": "i",
    "PhaseEncodingSteps": 720,
    "PhaseOversampling": 0.4,
    "PhaseResolution": 1,
    "PixelBandwidth": 195,
    "ProcedureStepDescription": "Research_KIRWAN",
    "ProtocolName": "HHR_struct_MODIFIED",
    "PulseSequenceDetails": "%SiemensSeq%_tse",
    "ReceiveCoilName": "32Ch_Head",
    "ReconMatrixPE": 512,
    "RepetitionTime": 6,
    "SAR": 0.855526,
    "ScanningSequence": "SE",
    "SequenceName": "_tse2d1_15",
    "SequenceVariant": "SK_SP_OSP",
    "SeriesDescription": "HHR_struct_MODIFIED",
    "SeriesNumber": 16,
    "ShimSetting": [
      -2639,
      -23086,
      2454,
      1455,
      61,
      -84,
      183,
      -52
    ],
    "SliceThickness": 2,
    "SoftwareVersions": "syngo_MR_B17",
    "SpacingBetweenSlices": 2,
    "StationName": "MININT-E41B04",
    "TxRefAmp": 339.377,
    "dataset": "ds002168",
    "modality": "T2w",
    "subject_id": "1572"
  },
  "cjv": 1.1051122444342423,
  "cnr": 1.0472587674901292,
  "efc": 0.6223519835756024,
  "fber": 3609.5217062236793,
  "fwhm_avg": 5.368943896234701,
  "fwhm_x": 6.133452332054723,
  "fwhm_y": 3.71909455664938,
  "fwhm_z": 6.254284800000001,
  "icvs_csf": 0.47279658456664514,
  "icvs_gm": 0.11884315351700277,
  "icvs_wm": 0.40836026191635205,
  "inu_med": 0.9940105676651001,
  "inu_range": 1.7211195349693302,
  "provenance": {
    "md5sum": "35a78b843439f1b7a0f25d0dca4bf365",
    "settings": {
      "testing": false
    },
    "software": "mriqc",
    "version": "23.0.1",
    "warnings": {
      "large_rot_frame": false,
      "small_air_mask": false
    },
    "webapi_port": null,
    "webapi_url": "https://mriqc.nimh.nih.gov/api/v1"
  },
  "qi_1": 0.0,
  "qi_2": 0.0005984670613310006,
  "rpve_csf": 5.1125970550247795,
  "rpve_gm": 20.185601510591425,
  "rpve_wm": 6.015289912762703,
  "size_x": 512,
  "size_y": 35,
  "size_z": 512,
  "snr_csf": 10.492365750246613,
  "snr_gm": 1.9678414342363755,
  "snr_total": 6.717366661084384,
  "snr_wm": 7.691892798770162,
  "snrd_csf": 70.47831402846394,
  "snrd_gm": 95.74127046907805,
  "snrd_total": 70.20495710931453,
  "snrd_wm": 44.3952868304016,
  "spacing_x": 0.3906250298023224,
  "spacing_y": 2.000000238418579,
  "spacing_z": 0.390625,
  "summary_bg_k": 157.90472910992682,
  "summary_bg_mad": 15.471359263715048,
  "summary_bg_mean": 23.442538516316333,
  "summary_bg_median": 10.435273244976997,
  "summary_bg_n": 2620889.0,
  "summary_bg_p05": 0.0,
  "summary_bg_p95": 87.900725081563,
  "summary_bg_stdv": 43.70721868095709,
  "summary_csf_k": 0.508034654453545,
  "summary_csf_mad": 148.58080157765983,
  "summary_csf_mean": 1678.2874990878947,
  "summary_csf_median": 1664.3790768384933,
  "summary_csf_n": 924591.0,
  "summary_csf_p05": 1442.3239831030369,
  "summary_csf_p95": 1961.925381526351,
  "summary_csf_stdv": 158.6275408610104,
  "summary_gm_k": -1.6224621323723387,
  "summary_gm_mad": 1200.4938498952947,
  "summary_gm_mean": 1736.237700244369,
  "summary_gm_median": 2260.975869745016,
  "summary_gm_n": 241738.0,
  "summary_gm_p05": 100.78029656410217,
  "summary_gm_p95": 3166.306332349777,
  "summary_gm_stdv": 1148.9600502882072,
  "summary_wm_k": -0.057566902924216734,
  "summary_wm_mad": 139.52099660341227,
  "summary_wm_mean": 1052.1227173409634,
  "summary_wm_median": 1048.415920972824,
  "summary_wm_n": 812279.0,
  "summary_wm_p05": 834.257790774107,
  "summary_wm_p95": 1277.5218750089407,
  "summary_wm_stdv": 136.30133740107365,
  "tpm_overlap_csf": 0.09819898286068054,
  "tpm_overlap_gm": 0.08231645966431493,
  "tpm_overlap_wm": 0.4697063804866668,
  "wm2max": 0.2585251640123328
}