{
  "bids_meta": {
    "AcquisitionMatrixPE": 256,
    "AcquisitionNumber": 1,
    "AcquisitionTime": "10:57:39.297500",
    "BaseResolution": 256,
    "ConversionSoftware": "dcm2niix",
    "ConversionSoftwareVersion": "v1.0.20180404 Clang8.0.0",
    "DeviceSerialNumber": "35002",
    "DwellTime": 1.03e-05,
    "EchoTime": 0.00492,
    "FlipAngle": 25,
    "ImageOrientationPatientDICOM": [
      0.050593,
      0.998719,
      0,
      0,
      -1e-16,
      -1
    ],
    "ImageType": [
      "ORIGINAL",
      "PRIMARY",
      "M",
      "ND",
      "NORM"
    ],
    "InPlanePhaseEncodingDirectionDICOM": "ROW",
    "InstitutionAddress": "University_Pkwy_1700_North_685_Provo_UT_US_84601",
    "InstitutionName": "Brigham_Young_University",
    "InstitutionalDepartmentName": "MRI",
    "MRAcquisitionType": "3D",
    "MagneticFieldStrength": 3,
    "Manufacturer": "Siemens",
    "ManufacturersModelName": "TrioTim",
    "Modality": "MR",
    "ParallelReductionFactorInPlane": 2,
    "PartialFourier": 1,
    "PatientPosition": "HFS",
    "PercentPhaseFOV": 100,
    "PhaseEncodingSteps": 255,
    "PhaseResolution": 1,
    "PixelBandwidth": 190,
    "ProcedureStepDescription": "Research_KIRWAN",
    "ProtocolName": "t1_fl3d_sag_no3Daccel_iso_1.0_1avg",
    "PulseSequenceDetails": "%SiemensSeq%_gre",
    "ReceiveCoilName": "32Ch_Head",
    "ReconMatrixPE": 256,
    "RepetitionTime": 0.02,
    "SAR": 0.172104,
    "ScanningSequence": "GR",
    "SequenceName": "_fl3d1_ns",
    "SequenceVariant": "SP",
    "SeriesDescription": "t1_fl3d_sag_no3Daccel_iso_1.0_1avg",
    "SeriesNumber": 9,
    "ShimSetting": [
      -2671,
      -23123,
      2054,
      173,
      -22,
      -157,
      -236,
      20
    ],
    "SliceThickness": 1,
    "SoftwareVersions": "syngo_MR_B17",
    "StationName": "MININT-E41B04",
    "TxRefAmp": 339.377,
    "dataset": "ds002168",
    "modality": "T1w",
    "subject_id": "1572"
  },
  "cjv": 0.44444035899808326,
  "cnr": 3.000568468586272,
  "efc": 0.552674482665125,
  "fber": 8019.64086263387,
  "fwhm_avg": 3.1964108824029975,
  "fwhm_x": 3.1723426472089926,
  "fwhm_y": 3.26969,
  "fwhm_z": 3.1472,
  "icvs_csf": 0.18319699908953815,
  "icvs_gm": 0.42584420437709164,
  "icvs_wm": 0.39095879653337023,
  "inu_med": 0.3895190805196762,
  "inu_range": 0.1195894330739975,
  "provenance": {
    "md5sum": "f67108e52f82d4b19236dac5b8cdf686",
    "settings": {
      "testing": false
    },
    "software": "mriqc",
    "version": "23.0.1",
    "warnings": {
      "large_rot_frame": true,
      "small_air_mask": false
    },
    "webapi_port": null,
    "webapi_url": "https://mriqc.nimh.nih.gov/api/v1"
  },
  "qi_1": 0.0,
  "qi_2": 0.027727671284664225,
  "rpve_csf": 32.550521732797904,
  "rpve_gm": 14.4490165496017,
  "rpve_wm": 17.94189964039268,
  "size_x": 192,
  "size_y": 256,
  "size_z": 256,
  "snr_csf": 3.071341107490519,
  "snr_gm": 16.447197438134815,
  "snr_total": 13.772604996613572,
  "snr_wm": 21.799276444215376,
  "snrd_csf": 45.26763171459788,
  "snrd_gm": 93.84938433004848,
  "snrd_total": 85.54536846262958,
  "snrd_wm": 117.51908934324236,
  "spacing_x": 0.9999991655349731,
  "spacing_y": 1.0,
  "spacing_z": 1.0,
  "summary_bg_k": 6.626872414965996,
  "summary_bg_mad": 5.574723322371922,
  "summary_bg_mean": 5.828001725880981,
  "summary_bg_median": 3.760093741118908,
  "summary_bg_n": 2990792.0,
  "summary_bg_p05": 0.0,
  "summary_bg_p95": 19.910004563629627,
  "summary_bg_stdv": 6.63099392680723,
  "summary_csf_k": 1.776938314200427,
  "summary_csf_mad": 98.47154721074992,
  "summary_csf_mean": 388.24362370581304,
  "summary_csf_median": 385.19386538118124,
  "summary_csf_n": 26797.0,
  "summary_csf_p05": 137.76120495125653,
  "summary_csf_p95": 589.2929864667356,
  "summary_csf_stdv": 125.4131874566004,
  "summary_gm_k": 0.42045609919800375,
  "summary_gm_mad": 46.5169536243821,
  "summary_gm_mean": 797.6835124829589,
  "summary_gm_median": 798.5884338207543,
  "summary_gm_n": 14814.0,
  "summary_gm_p05": 716.6569158149883,
  "summary_gm_p95": 876.1742697158828,
  "summary_gm_stdv": 48.553042700892235,
  "summary_wm_k": 0.7007965668383953,
  "summary_wm_mad": 42.9984807078031,
  "summary_wm_mean": 1004.0395582969658,
  "summary_wm_median": 1000.0000124946237,
  "summary_wm_n": 164214.0,
  "summary_wm_p05": 935.9859575740993,
  "summary_wm_p95": 1085.5575553253293,
  "summary_wm_stdv": 45.872943087885034,
  "tpm_overlap_csf": 0.1703216188747413,
  "tpm_overlap_gm": 0.4680570114032666,
  "tpm_overlap_wm": 0.4906478044445544,
  "wm2max": 0.6490108615206129
}