{
  "aor": 0.0007258177570093457,
  "aqi": 0.01590037313084112,
  "bids_meta": {
    "AcquisitionMatrixPE": 100,
    "AcquisitionNumber": 1,
    "AcquisitionTime": "09:41:20.180000",
    "BandwidthPerPixelPhaseEncode": 13.889,
    "BaseResolution": 100,
    "ConversionSoftware": "dcm2niix",
    "ConversionSoftwareVersion": "v1.0.20180404 Clang8.0.0",
    "DerivedVendorReportedEchoSpacing": 0.000719994,
    "DeviceSerialNumber": "35002",
    "DwellTime": 2.8e-06,
    "EchoTime": 0.0436,
    "EffectiveEchoSpacing": 0.000719994,
    "FlipAngle": 55,
    "ImageComments": "Unaliased_MB8_PE3_(remote)",
    "ImageOrientationPatientDICOM": [
      0.999252,
      -0.0198761,
      0.033183,
      -1.03854e-08,
      0.857877,
      0.513855
    ],
    "ImageType": [
      "ORIGINAL",
      "PRIMARY",
      "M",
      "MB",
      "ND",
      "MOSAIC"
    ],
    "InPlanePhaseEncodingDirectionDICOM": "COL",
    "InstitutionAddress": "University_Pkwy_1700_North_685_Provo_UT_US_84601",
    "InstitutionName": "Brigham_Young_University",
    "InstitutionalDepartmentName": "MRI",
    "MRAcquisitionType": "2D",
    "MagneticFieldStrength": 3,
    "Manufacturer": "Siemens",
    "ManufacturersModelName": "TrioTim",
    "Modality": "MR",
    "MultibandAccelerationFactor": 8,
    "PartialFourier": 1,
    "PatientPosition": "HFS",
    "PercentPhaseFOV": 100,
    "PhaseEncodingDirection": "j-",
    "PhaseEncodingSteps": 100,
    "PhaseResolution": 1,
    "PixelBandwidth": 1786,
    "ProcedureStepDescription": "Research_KIRWAN",
    "ProtocolName": "run5",
    "PulseSequenceDetails": "%CustomerSeq%_cmrr_mbep2d_bold",
    "ReceiveCoilName": "32Ch_Head",
    "ReconMatrixPE": 100,
    "RepetitionTime": 0.875,
    "SAR": 0.123821,
    "ScanOptions": "FS",
    "ScanningSequence": "EP",
    "SequenceName": "epfid2d1_100",
    "SequenceVariant": "SK_SS",
    "SeriesDescription": "run5",
    "SeriesNumber": 7,
    "ShimSetting": [
      -2624,
      -23092,
      2469,
      726,
      -11,
      270,
      52,
      -41
    ],
    "SliceThickness": 1.8,
    "SliceTiming": [
      0,
      0.4875,
      0.0975,
      0.585,
      0.195,
      0.6825,
      0.2925,
      0.78,
      0.39,
      0,
      0.4875,
      0.0975,
      0.585,
      0.195,
      0.6825,
      0.2925,
      0.78,
      0.39,
      0,
      0.4875,
      0.0975,
      0.585,
      0.195,
      0.6825,
      0.2925,
      0.78,
      0.39,
      0,
      0.4875,
      0.0975,
      0.585,
      0.195,
      0.6825,
      0.2925,
      0.78,
      0.39,
      0,
      0.4875,
      0.0975,
      0.585,
      0.195,
      0.6825,
      0.2925,
      0.78,
      0.39,
      0,
      0.4875,
      0.0975,
      0.585,
      0.195,
      0.6825,
      0.2925,
      0.78,
      0.39,
      0,
      0.4875,
      0.0975,
      0.585,
      0.195,
      0.6825,
      0.2925,
      0.78,
      0.39,
      0,
      0.4875,
      0.0975,
      0.585,
      0.195,
      0.6825,
      0.2925,
      0.78,
      0.39
    ],
    "SoftwareVersions": "syngo_MR_B17",
    "SpacingBetweenSlices": 1.8,
    "StationName": "MININT-E41B04",
    "TaskName": "MST",
    "TotalReadoutTime": 0.0712794,
    "TxRefAmp": 303.112,
    "dataset": "ds002168",
    "modality": "bold",
    "run_id": 5,
    "subject_id": "1537",
    "task_id": "mst"
  },
  "dummy_trs": 0,
  "dvars_nstd": 75.12504761665106,
  "dvars_std": 1.05265922880562,
  "dvars_vstd": 1.0076898190632324,
  "efc": 0.6287555688903815,
  "fber": 180.27301025390625,
  "fd_mean": 0.14664776656215,
  "fd_num": 79,
  "fd_perc": 18.457943925233646,
  "fwhm_avg": 3.0390333487661807,
  "fwhm_x": 2.822783408111557,
  "fwhm_y": 3.3465611997647073,
  "fwhm_z": 2.9477554384222784,
  "gcor": 0.00602765,
  "gsr_x": -0.014303644187748432,
  "gsr_y": 0.09945212304592133,
  "provenance": {
    "md5sum": "89d827a3ce09333c09b23c5c088f385b",
    "settings": {
      "fd_thres": 0.2,
      "testing": false
    },
    "software": "mriqc",
    "version": "23.0.1",
    "webapi_port": null,
    "webapi_url": "https://mriqc.nimh.nih.gov/api/v1"
  },
  "size_t": 428,
  "size_x": 100,
  "size_y": 100,
  "size_z": 72,
  "snr": 2.373676440110832,
  "spacing_tr": 0.875,
  "spacing_x": 1.7999999523162842,
  "spacing_y": 1.7999999523162842,
  "spacing_z": 1.8000000715255737,
  "summary_bg_k": 22.32328673497725,
  "summary_bg_mad": 17.06724602861556,
  "summary_bg_mean": 44.561832427978516,
  "summary_bg_median": 24.25,
  "summary_bg_n": 406946.0,
  "summary_bg_p05": 10.838785171508789,
  "summary_bg_p95": 152.7733612060547,
  "summary_bg_stdv": 56.617431640625,
  "summary_fg_k": 2.4086241778126203,
  "summary_fg_mad": 105.23358341329501,
  "summary_fg_mean": 362.1048889160156,
  "summary_fg_median": 330.6378479003906,
  "summary_fg_n": 208217.0,
  "summary_fg_p05": 197.5401824951172,
  "summary_fg_p95": 643.5906127929686,
  "summary_fg_stdv": 139.29322814941406,
  "tsnr": 20.157293976750225
}