{
  "aor": 0.0003174766355140187,
  "aqi": 0.012755503504672895,
  "bids_meta": {
    "AcquisitionMatrixPE": 100,
    "AcquisitionNumber": 1,
    "AcquisitionTime": "15:12:37.212500",
    "BandwidthPerPixelPhaseEncode": 13.889,
    "BaseResolution": 100,
    "ConversionSoftware": "dcm2niix",
    "ConversionSoftwareVersion": "v1.0.20180404 Clang8.0.0",
    "DerivedVendorReportedEchoSpacing": 0.000719994,
    "DeviceSerialNumber": "35002",
    "DwellTime": 2.8e-06,
    "EchoTime": 0.0436,
    "EffectiveEchoSpacing": 0.000719994,
    "FlipAngle": 55,
    "ImageComments": "Unaliased_MB8_PE3_(remote)",
    "ImageOrientationPatientDICOM": [
      1,
      0,
      0,
      0,
      0.886204,
      0.463296
    ],
    "ImageType": [
      "ORIGINAL",
      "PRIMARY",
      "M",
      "MB",
      "ND",
      "MOSAIC"
    ],
    "InPlanePhaseEncodingDirectionDICOM": "COL",
    "InstitutionAddress": "University_Pkwy_1700_North_685_Provo_UT_US_84601",
    "InstitutionName": "Brigham_Young_University",
    "InstitutionalDepartmentName": "MRI",
    "MRAcquisitionType": "2D",
    "MagneticFieldStrength": 3,
    "Manufacturer": "Siemens",
    "ManufacturersModelName": "TrioTim",
    "Modality": "MR",
    "MultibandAccelerationFactor": 8,
    "PartialFourier": 1,
    "PatientPosition": "HFS",
    "PercentPhaseFOV": 100,
    "PhaseEncodingDirection": "j-",
    "PhaseEncodingSteps": 100,
    "PhaseResolution": 1,
    "PixelBandwidth": 1786,
    "ProcedureStepDescription": "Research_KIRWAN",
    "ProtocolName": "run3",
    "PulseSequenceDetails": "%CustomerSeq%_cmrr_mbep2d_bold",
    "ReceiveCoilName": "32Ch_Head",
    "ReconMatrixPE": 100,
    "RepetitionTime": 0.875,
    "SAR": 0.104398,
    "ScanOptions": "FS",
    "ScanningSequence": "EP",
    "SequenceName": "epfid2d1_100",
    "SequenceVariant": "SK_SS",
    "SeriesDescription": "run3",
    "SeriesNumber": 5,
    "ShimSetting": [
      -2818,
      -22859,
      2347,
      780,
      -77,
      411,
      -200,
      462
    ],
    "SliceThickness": 1.8,
    "SliceTiming": [
      0,
      0.4875,
      0.0975,
      0.5875,
      0.195,
      0.685,
      0.2925,
      0.7825,
      0.39,
      0,
      0.4875,
      0.0975,
      0.5875,
      0.195,
      0.685,
      0.2925,
      0.7825,
      0.39,
      0,
      0.4875,
      0.0975,
      0.5875,
      0.195,
      0.685,
      0.2925,
      0.7825,
      0.39,
      0,
      0.4875,
      0.0975,
      0.5875,
      0.195,
      0.685,
      0.2925,
      0.7825,
      0.39,
      0,
      0.4875,
      0.0975,
      0.5875,
      0.195,
      0.685,
      0.2925,
      0.7825,
      0.39,
      0,
      0.4875,
      0.0975,
      0.5875,
      0.195,
      0.685,
      0.2925,
      0.7825,
      0.39,
      0,
      0.4875,
      0.0975,
      0.5875,
      0.195,
      0.685,
      0.2925,
      0.7825,
      0.39,
      0,
      0.4875,
      0.0975,
      0.5875,
      0.195,
      0.685,
      0.2925,
      0.7825,
      0.39
    ],
    "SoftwareVersions": "syngo_MR_B17",
    "SpacingBetweenSlices": 1.8,
    "StationName": "MININT-E41B04",
    "TaskName": "MST",
    "TotalReadoutTime": 0.0712794,
    "TxRefAmp": 337.197,
    "dataset": "ds002168",
    "modality": "bold",
    "run_id": 3,
    "subject_id": "2413",
    "task_id": "mst"
  },
  "dummy_trs": 0,
  "dvars_nstd": 71.13513026346605,
  "dvars_std": 1.0406812946604216,
  "dvars_vstd": 0.9990688064168618,
  "efc": 0.5936003652380292,
  "fber": 236.62765502929688,
  "fd_mean": 0.07890133451631715,
  "fd_num": 2,
  "fd_perc": 0.4672897196261682,
  "fwhm_avg": 3.2317759429772237,
  "fwhm_x": 3.0738389703178135,
  "fwhm_y": 3.515755648691274,
  "fwhm_z": 3.1057332099225836,
  "gcor": 0.00236272,
  "gsr_x": -0.01261192001402378,
  "gsr_y": 0.09196668118238449,
  "provenance": {
    "md5sum": "9e4ad7801f9d7325f0171cb64eb9963c",
    "settings": {
      "fd_thres": 0.2,
      "testing": false
    },
    "software": "mriqc",
    "version": "23.0.1",
    "webapi_port": null,
    "webapi_url": "https://mriqc.nimh.nih.gov/api/v1"
  },
  "size_t": 428,
  "size_x": 100,
  "size_y": 100,
  "size_z": 72,
  "snr": 2.0155407626716326,
  "spacing_tr": 0.875,
  "spacing_x": 1.7999999523162842,
  "spacing_y": 1.7999999523162842,
  "spacing_z": 1.8000000715255737,
  "summary_bg_k": 43.52112992959499,
  "summary_bg_mad": 13.436947924037247,
  "summary_bg_mean": 41.581260681152344,
  "summary_bg_median": 22.577102661132812,
  "summary_bg_n": 417430.0,
  "summary_bg_p05": 11.904205322265625,
  "summary_bg_p95": 134.5293144226074,
  "summary_bg_stdv": 59.01223373413086,
  "summary_fg_k": 3.1652892653631666,
  "summary_fg_mad": 125.3110615643261,
  "summary_fg_mean": 399.00860595703125,
  "summary_fg_median": 356.10980224609375,
  "summary_fg_n": 196242.0,
  "summary_fg_p05": 197.5212600708008,
  "summary_fg_p95": 763.5450561523431,
  "summary_fg_stdv": 176.6815643310547,
  "tsnr": 21.233081019017845
}