{
  "aor": 0.0003039622641509434,
  "aqi": 0.014632878066037736,
  "bids_meta": {
    "AcquisitionMatrixPE": 100,
    "AcquisitionNumber": 1,
    "AcquisitionTime": "15:05:51.435000",
    "BandwidthPerPixelPhaseEncode": 13.889,
    "BaseResolution": 100,
    "ConversionSoftware": "dcm2niix",
    "ConversionSoftwareVersion": "v1.0.20180404 Clang8.0.0",
    "DerivedVendorReportedEchoSpacing": 0.000719994,
    "DeviceSerialNumber": "35002",
    "DwellTime": 2.8e-06,
    "EchoTime": 0.0436,
    "EffectiveEchoSpacing": 0.000719994,
    "FlipAngle": 55,
    "ImageComments": "Unaliased_MB8_PE3_(remote)",
    "ImageOrientationPatientDICOM": [
      1,
      0,
      0,
      0,
      0.886204,
      0.463296
    ],
    "ImageType": [
      "ORIGINAL",
      "PRIMARY",
      "M",
      "MB",
      "ND",
      "MOSAIC"
    ],
    "InPlanePhaseEncodingDirectionDICOM": "COL",
    "InstitutionAddress": "University_Pkwy_1700_North_685_Provo_UT_US_84601",
    "InstitutionName": "Brigham_Young_University",
    "InstitutionalDepartmentName": "MRI",
    "MRAcquisitionType": "2D",
    "MagneticFieldStrength": 3,
    "Manufacturer": "Siemens",
    "ManufacturersModelName": "TrioTim",
    "Modality": "MR",
    "MultibandAccelerationFactor": 8,
    "PartialFourier": 1,
    "PatientPosition": "HFS",
    "PercentPhaseFOV": 100,
    "PhaseEncodingDirection": "j-",
    "PhaseEncodingSteps": 100,
    "PhaseResolution": 1,
    "PixelBandwidth": 1786,
    "ProcedureStepDescription": "Research_KIRWAN",
    "ProtocolName": "run2",
    "PulseSequenceDetails": "%CustomerSeq%_cmrr_mbep2d_bold",
    "ReceiveCoilName": "32Ch_Head",
    "ReconMatrixPE": 100,
    "RepetitionTime": 0.875,
    "SAR": 0.101423,
    "ScanOptions": "FS",
    "ScanningSequence": "EP",
    "SequenceName": "epfid2d1_100",
    "SequenceVariant": "SK_SS",
    "SeriesDescription": "run2",
    "SeriesNumber": 4,
    "ShimSetting": [
      -2818,
      -22859,
      2347,
      780,
      -77,
      411,
      -200,
      462
    ],
    "SliceThickness": 1.8,
    "SliceTiming": [
      0,
      0.4875,
      0.0975,
      0.585,
      0.195,
      0.6825,
      0.2925,
      0.78,
      0.39,
      0,
      0.4875,
      0.0975,
      0.585,
      0.195,
      0.6825,
      0.2925,
      0.78,
      0.39,
      0,
      0.4875,
      0.0975,
      0.585,
      0.195,
      0.6825,
      0.2925,
      0.78,
      0.39,
      0,
      0.4875,
      0.0975,
      0.585,
      0.195,
      0.6825,
      0.2925,
      0.78,
      0.39,
      0,
      0.4875,
      0.0975,
      0.585,
      0.195,
      0.6825,
      0.2925,
      0.78,
      0.39,
      0,
      0.4875,
      0.0975,
      0.585,
      0.195,
      0.6825,
      0.2925,
      0.78,
      0.39,
      0,
      0.4875,
      0.0975,
      0.585,
      0.195,
      0.6825,
      0.2925,
      0.78,
      0.39,
      0,
      0.4875,
      0.0975,
      0.585,
      0.195,
      0.6825,
      0.2925,
      0.78,
      0.39
    ],
    "SoftwareVersions": "syngo_MR_B17",
    "SpacingBetweenSlices": 1.8,
    "StationName": "MININT-E41B04",
    "TaskName": "MST",
    "TotalReadoutTime": 0.0712794,
    "TxRefAmp": 337.197,
    "dataset": "ds002168",
    "modality": "bold",
    "run_id": 2,
    "subject_id": "2413",
    "task_id": "mst"
  },
  "dummy_trs": 4,
  "dvars_nstd": 70.24245537633573,
  "dvars_std": 1.0312620836879431,
  "dvars_vstd": 0.9938210508747056,
  "efc": 0.5930534218450125,
  "fber": 247.98739624023438,
  "fd_mean": 0.09103754477811059,
  "fd_num": 1,
  "fd_perc": 0.2358490566037736,
  "fwhm_avg": 3.2636055723422133,
  "fwhm_x": 3.076088970377418,
  "fwhm_y": 3.558811205387412,
  "fwhm_z": 3.1559165412618104,
  "gcor": 0.00535606,
  "gsr_x": -0.01321490854024887,
  "gsr_y": 0.09279995411634445,
  "provenance": {
    "md5sum": "91a5b6417b4750232855c7a61f19080e",
    "settings": {
      "fd_thres": 0.2,
      "testing": false
    },
    "software": "mriqc",
    "version": "23.0.1",
    "webapi_port": null,
    "webapi_url": "https://mriqc.nimh.nih.gov/api/v1"
  },
  "size_t": 424,
  "size_x": 100,
  "size_y": 100,
  "size_z": 72,
  "snr": 2.022290817435866,
  "spacing_tr": 0.875,
  "spacing_x": 1.7999999523162842,
  "spacing_y": 1.7999999523162842,
  "spacing_z": 1.8000000715255737,
  "summary_bg_k": 45.37244130964852,
  "summary_bg_mad": 12.87835634073176,
  "summary_bg_mean": 40.802242279052734,
  "summary_bg_median": 22.03302001953125,
  "summary_bg_n": 416468.0,
  "summary_bg_p05": 11.912735939025879,
  "summary_bg_p95": 131.41898727416984,
  "summary_bg_stdv": 58.20940017700195,
  "summary_fg_k": 3.1707975888342483,
  "summary_fg_mad": 124.82530663824345,
  "summary_fg_mean": 398.8831481933594,
  "summary_fg_median": 356.1745300292969,
  "summary_fg_n": 196783.0,
  "summary_fg_p05": 197.6113265991211,
  "summary_fg_p95": 761.2971801757812,
  "summary_fg_stdv": 176.12384033203125,
  "tsnr": 20.06106719817035
}