{
  "aor": 0.0003134660421545667,
  "aqi": 0.017168579391100704,
  "bids_meta": {
    "AcquisitionMatrixPE": 100,
    "AcquisitionNumber": 1,
    "AcquisitionTime": "14:58:53.452500",
    "BandwidthPerPixelPhaseEncode": 13.889,
    "BaseResolution": 100,
    "ConversionSoftware": "dcm2niix",
    "ConversionSoftwareVersion": "v1.0.20180404 Clang8.0.0",
    "DerivedVendorReportedEchoSpacing": 0.000719994,
    "DeviceSerialNumber": "35002",
    "DwellTime": 2.8e-06,
    "EchoTime": 0.0436,
    "EffectiveEchoSpacing": 0.000719994,
    "FlipAngle": 55,
    "ImageComments": "Unaliased_MB8_PE3_(remote)",
    "ImageOrientationPatientDICOM": [
      1,
      0,
      0,
      0,
      0.886204,
      0.463296
    ],
    "ImageType": [
      "ORIGINAL",
      "PRIMARY",
      "M",
      "MB",
      "ND",
      "MOSAIC"
    ],
    "InPlanePhaseEncodingDirectionDICOM": "COL",
    "InstitutionAddress": "University_Pkwy_1700_North_685_Provo_UT_US_84601",
    "InstitutionName": "Brigham_Young_University",
    "InstitutionalDepartmentName": "MRI",
    "MRAcquisitionType": "2D",
    "MagneticFieldStrength": 3,
    "Manufacturer": "Siemens",
    "ManufacturersModelName": "TrioTim",
    "Modality": "MR",
    "MultibandAccelerationFactor": 8,
    "PartialFourier": 1,
    "PatientPosition": "HFS",
    "PercentPhaseFOV": 100,
    "PhaseEncodingDirection": "j-",
    "PhaseEncodingSteps": 100,
    "PhaseResolution": 1,
    "PixelBandwidth": 1786,
    "ProcedureStepDescription": "Research_KIRWAN",
    "ProtocolName": "run1",
    "PulseSequenceDetails": "%CustomerSeq%_cmrr_mbep2d_bold",
    "ReceiveCoilName": "32Ch_Head",
    "ReconMatrixPE": 100,
    "RepetitionTime": 0.875,
    "SAR": 0.102257,
    "ScanOptions": "FS",
    "ScanningSequence": "EP",
    "SequenceName": "epfid2d1_100",
    "SequenceVariant": "SK_SS",
    "SeriesDescription": "run1",
    "SeriesNumber": 3,
    "ShimSetting": [
      -2818,
      -22859,
      2347,
      780,
      -77,
      411,
      -200,
      462
    ],
    "SliceThickness": 1.8,
    "SliceTiming": [
      0,
      0.4875,
      0.0975,
      0.585,
      0.195,
      0.6825,
      0.2925,
      0.78,
      0.39,
      0,
      0.4875,
      0.0975,
      0.585,
      0.195,
      0.6825,
      0.2925,
      0.78,
      0.39,
      0,
      0.4875,
      0.0975,
      0.585,
      0.195,
      0.6825,
      0.2925,
      0.78,
      0.39,
      0,
      0.4875,
      0.0975,
      0.585,
      0.195,
      0.6825,
      0.2925,
      0.78,
      0.39,
      0,
      0.4875,
      0.0975,
      0.585,
      0.195,
      0.6825,
      0.2925,
      0.78,
      0.39,
      0,
      0.4875,
      0.0975,
      0.585,
      0.195,
      0.6825,
      0.2925,
      0.78,
      0.39,
      0,
      0.4875,
      0.0975,
      0.585,
      0.195,
      0.6825,
      0.2925,
      0.78,
      0.39,
      0,
      0.4875,
      0.0975,
      0.585,
      0.195,
      0.6825,
      0.2925,
      0.78,
      0.39
    ],
    "SoftwareVersions": "syngo_MR_B17",
    "SpacingBetweenSlices": 1.8,
    "StationName": "MININT-E41B04",
    "TaskName": "MST",
    "TotalReadoutTime": 0.0712794,
    "TxRefAmp": 337.197,
    "dataset": "ds002168",
    "modality": "bold",
    "run_id": 1,
    "subject_id": "2413",
    "task_id": "mst"
  },
  "dummy_trs": 1,
  "dvars_nstd": 69.83668106150233,
  "dvars_std": 1.0235977526291078,
  "dvars_vstd": 0.9896886807746476,
  "efc": 0.5926477476285523,
  "fber": 254.55972290039062,
  "fd_mean": 0.10804254345515946,
  "fd_num": 8,
  "fd_perc": 1.873536299765808,
  "fwhm_avg": 3.2815518694721653,
  "fwhm_x": 3.133111194110213,
  "fwhm_y": 3.5718556501774166,
  "fwhm_z": 3.1396887641288664,
  "gcor": 0.00570138,
  "gsr_x": -0.008099368773400784,
  "gsr_y": 0.09258904308080673,
  "provenance": {
    "md5sum": "aa1aa9683b2eb3abb24ac4aae059af52",
    "settings": {
      "fd_thres": 0.2,
      "testing": false
    },
    "software": "mriqc",
    "version": "23.0.1",
    "webapi_port": null,
    "webapi_url": "https://mriqc.nimh.nih.gov/api/v1"
  },
  "size_t": 427,
  "size_x": 100,
  "size_y": 100,
  "size_z": 72,
  "snr": 2.0567468485475167,
  "spacing_tr": 0.875,
  "spacing_x": 1.7999999523162842,
  "spacing_y": 1.7999999523162842,
  "spacing_z": 1.8000000715255737,
  "summary_bg_k": 39.220099047891985,
  "summary_bg_mad": 12.833016179083181,
  "summary_bg_mean": 41.30083084106445,
  "summary_bg_median": 21.850116729736328,
  "summary_bg_n": 419775.0,
  "summary_bg_p05": 11.61124038696289,
  "summary_bg_p95": 136.1084274291992,
  "summary_bg_stdv": 59.693321228027344,
  "summary_fg_k": 3.21725008983229,
  "summary_fg_mad": 123.30424580506104,
  "summary_fg_mean": 398.40106201171875,
  "summary_fg_median": 356.2892150878906,
  "summary_fg_n": 195104.0,
  "summary_fg_p05": 200.13383407592772,
  "summary_fg_p95": 756.1079406738282,
  "summary_fg_stdv": 173.2290496826172,
  "tsnr": 19.08095058402978
}