{
  "bids_meta": {
    "AcquisitionMatrixPE": 256,
    "AcquisitionNumber": 1,
    "AcquisitionTime": "18:14:6.892500",
    "BaseResolution": 256,
    "ConversionSoftware": "dcm2niix",
    "ConversionSoftwareVersion": "v1.0.20180404 Clang8.0.0",
    "DeviceSerialNumber": "35002",
    "DwellTime": 1.03e-05,
    "EchoTime": 0.00492,
    "FlipAngle": 25,
    "ImageOrientationPatientDICOM": [
      0.0488498,
      0.998806,
      0,
      0,
      0,
      -1
    ],
    "ImageType": [
      "ORIGINAL",
      "PRIMARY",
      "M",
      "ND",
      "NORM"
    ],
    "InPlanePhaseEncodingDirectionDICOM": "ROW",
    "InstitutionAddress": "University_Pkwy_1700_North_685_Provo_UT_US_84601",
    "InstitutionName": "Brigham_Young_University",
    "InstitutionalDepartmentName": "MRI",
    "MRAcquisitionType": "3D",
    "MagneticFieldStrength": 3,
    "Manufacturer": "Siemens",
    "ManufacturersModelName": "TrioTim",
    "Modality": "MR",
    "ParallelReductionFactorInPlane": 2,
    "PartialFourier": 1,
    "PatientPosition": "HFS",
    "PercentPhaseFOV": 100,
    "PhaseEncodingSteps": 255,
    "PhaseResolution": 1,
    "PixelBandwidth": 190,
    "ProcedureStepDescription": "Research_KIRWAN",
    "ProtocolName": "t1_fl3d_sag_no3Daccel_iso_1.0_1avg",
    "PulseSequenceDetails": "%SiemensSeq%_gre",
    "ReceiveCoilName": "32Ch_Head",
    "ReconMatrixPE": 256,
    "RepetitionTime": 0.02,
    "SAR": 0.19807,
    "ScanningSequence": "GR",
    "SequenceName": "_fl3d1_ns",
    "SequenceVariant": "SP",
    "SeriesDescription": "t1_fl3d_sag_no3Daccel_iso_1.0_1avg",
    "SeriesNumber": 9,
    "ShimSetting": [
      -2655,
      -23109,
      2059,
      81,
      -13,
      -145,
      -152,
      15
    ],
    "SliceThickness": 1,
    "SoftwareVersions": "syngo_MR_B17",
    "StationName": "MININT-E41B04",
    "TxRefAmp": 312.518,
    "dataset": "ds002168",
    "modality": "T1w",
    "subject_id": "1540"
  },
  "cjv": 0.44866763766012224,
  "cnr": 3.0618546095567685,
  "efc": 0.5832293418803882,
  "fber": 3550.659738862536,
  "fwhm_avg": 3.284890361484964,
  "fwhm_x": 3.151971084454893,
  "fwhm_y": 3.50327,
  "fwhm_z": 3.19943,
  "icvs_csf": 0.14546613978253758,
  "icvs_gm": 0.4277066872047646,
  "icvs_wm": 0.4268271730126978,
  "inu_med": 0.3480626046657562,
  "inu_range": 0.08675892949104302,
  "provenance": {
    "md5sum": "1ce6ac3d1085c04c36bee41a0c95736d",
    "settings": {
      "testing": false
    },
    "software": "mriqc",
    "version": "23.0.1",
    "warnings": {
      "large_rot_frame": true,
      "small_air_mask": false
    },
    "webapi_port": null,
    "webapi_url": "https://mriqc.nimh.nih.gov/api/v1"
  },
  "qi_1": 0.0,
  "qi_2": 0.027327916270291172,
  "rpve_csf": 41.93007521815943,
  "rpve_gm": 14.919731333538177,
  "rpve_wm": 16.701995546420008,
  "size_x": 192,
  "size_y": 256,
  "size_z": 256,
  "snr_csf": 2.06830841767062,
  "snr_gm": 16.944435453383747,
  "snr_total": 13.42285786101261,
  "snr_wm": 21.255829711983463,
  "snrd_csf": 33.08414467513485,
  "snrd_gm": 75.73753910372518,
  "snrd_total": 68.03092771971141,
  "snrd_wm": 95.27109938027422,
  "spacing_x": 0.9999964833259583,
  "spacing_y": 1.0,
  "spacing_z": 1.0,
  "summary_bg_k": 4.2178955420854525,
  "summary_bg_mad": 6.876760486438781,
  "summary_bg_mean": 7.654482224302981,
  "summary_bg_median": 4.638304462656379,
  "summary_bg_n": 2432144.0,
  "summary_bg_p05": 0.0,
  "summary_bg_p95": 24.082322508096695,
  "summary_bg_stdv": 8.348923169932444,
  "summary_csf_k": -0.22141521188677826,
  "summary_csf_mad": 193.82445450518844,
  "summary_csf_mean": 326.29733662581975,
  "summary_csf_median": 347.2738483613357,
  "summary_csf_n": 18100.0,
  "summary_csf_p05": 77.55490799546243,
  "summary_csf_p95": 582.2838342399335,
  "summary_csf_stdv": 167.89771392977065,
  "summary_gm_k": 0.23615655562812776,
  "summary_gm_mad": 46.04241623701727,
  "summary_gm_mean": 795.666152671569,
  "summary_gm_median": 794.9930980000645,
  "summary_gm_n": 28465.0,
  "summary_gm_p05": 718.9740524094552,
  "summary_gm_p95": 872.6032970421015,
  "summary_gm_stdv": 46.916826215185,
  "summary_wm_k": 0.23692685041477146,
  "summary_wm_mad": 45.95133331666709,
  "summary_wm_mean": 1004.5982572291288,
  "summary_wm_median": 1000.0307290479541,
  "summary_wm_n": 174098.0,
  "summary_wm_p05": 934.7872940897942,
  "summary_wm_p95": 1088.1277965903282,
  "summary_wm_stdv": 47.04722753993948,
  "tpm_overlap_csf": 0.12166519145073836,
  "tpm_overlap_gm": 0.449642479003222,
  "tpm_overlap_wm": 0.46949643124747215,
  "wm2max": 0.6382528230865746
}