{
  "bids_meta": {
    "AcquisitionMatrixPE": 512,
    "AcquisitionNumber": 1,
    "AcquisitionTime": "18:39:4.040000",
    "BaseResolution": 512,
    "ConversionSoftware": "dcm2niix",
    "ConversionSoftwareVersion": "v1.0.20180404 Clang8.0.0",
    "DeviceSerialNumber": "35002",
    "DwellTime": 5e-06,
    "EchoTime": 0.064,
    "EchoTrainLength": 15,
    "FlipAngle": 125,
    "ImageOrientationPatientDICOM": [
      0.999968,
      0.00794177,
      -4.71522e-11,
      -0.00418024,
      0.526345,
      -0.850261
    ],
    "ImageType": [
      "ORIGINAL",
      "PRIMARY",
      "M",
      "ND"
    ],
    "InPlanePhaseEncodingDirectionDICOM": "ROW",
    "InstitutionAddress": "University_Pkwy_1700_North_685_Provo_UT_US_84601",
    "InstitutionName": "Brigham_Young_University",
    "InstitutionalDepartmentName": "MRI",
    "MRAcquisitionType": "2D",
    "MagneticFieldStrength": 3,
    "Manufacturer": "Siemens",
    "ManufacturersModelName": "TrioTim",
    "Modality": "MR",
    "PartialFourier": 1,
    "PatientPosition": "HFS",
    "PercentPhaseFOV": 100,
    "PhaseEncodingDirection": "i",
    "PhaseEncodingSteps": 720,
    "PhaseOversampling": 0.4,
    "PhaseResolution": 1,
    "PixelBandwidth": 195,
    "ProcedureStepDescription": "Research_KIRWAN",
    "ProtocolName": "HHR_struct_MODIFIED",
    "PulseSequenceDetails": "%SiemensSeq%_tse",
    "ReceiveCoilName": "32Ch_Head",
    "ReconMatrixPE": 512,
    "RepetitionTime": 6,
    "SAR": 0.915405,
    "ScanningSequence": "SE",
    "SequenceName": "_tse2d1_15",
    "SequenceVariant": "SK_SP_OSP",
    "SeriesDescription": "HHR_struct_MODIFIED",
    "SeriesNumber": 16,
    "ShimSetting": [
      -2672,
      -23017,
      2759,
      1257,
      -77,
      -459,
      269,
      8
    ],
    "SliceThickness": 2,
    "SoftwareVersions": "syngo_MR_B17",
    "SpacingBetweenSlices": 2,
    "StationName": "MININT-E41B04",
    "TxRefAmp": 312.518,
    "dataset": "ds002168",
    "modality": "T2w",
    "subject_id": "1540"
  },
  "cjv": 5.373189248275335,
  "cnr": 0.23051106251012712,
  "efc": 0.6351206527797477,
  "fber": 2455.9577811251916,
  "fwhm_avg": 6.115866406476422,
  "fwhm_x": 6.829593599999999,
  "fwhm_y": 4.239362419429267,
  "fwhm_z": 7.2786432,
  "icvs_csf": 0.46735998087742103,
  "icvs_gm": 0.4243151874991526,
  "icvs_wm": 0.10832483162342635,
  "inu_med": 1.019585132598877,
  "inu_range": 1.9009565472602845,
  "provenance": {
    "md5sum": "dbc28b4b560de1501f5af94ce56088cb",
    "settings": {
      "testing": false
    },
    "software": "mriqc",
    "version": "23.0.1",
    "warnings": {
      "large_rot_frame": false,
      "small_air_mask": false
    },
    "webapi_port": null,
    "webapi_url": "https://mriqc.nimh.nih.gov/api/v1"
  },
  "qi_1": 0.0,
  "qi_2": 0.00030374473957459796,
  "rpve_csf": 5.416257414937248,
  "rpve_gm": 5.940689634081887,
  "rpve_wm": 22.849299802662554,
  "size_x": 512,
  "size_y": 35,
  "size_z": 512,
  "snr_csf": 11.75428169524544,
  "snr_gm": 9.10161624885006,
  "snr_total": 7.235357880288667,
  "snr_wm": 0.8501756967704998,
  "snrd_csf": 45.35874201206734,
  "snrd_gm": 31.002811951072065,
  "snrd_total": 33.56731026720808,
  "snrd_wm": 24.340376838484847,
  "spacing_x": 0.390625,
  "spacing_y": 2.0000035762786865,
  "spacing_z": 0.390625,
  "summary_bg_k": 150.47521568176708,
  "summary_bg_mad": 9.438674047344106,
  "summary_bg_mean": 12.718970558286863,
  "summary_bg_median": 6.366288900375366,
  "summary_bg_n": 1941133.0,
  "summary_bg_p05": 0.0,
  "summary_bg_p95": 42.93455550074577,
  "summary_bg_stdv": 29.211872911195368,
  "summary_csf_k": 0.2026491147515368,
  "summary_csf_mad": 54.04764543776804,
  "summary_csf_mean": 658.386632671264,
  "summary_csf_median": 653.4919767081738,
  "summary_csf_n": 919166.0,
  "summary_csf_p05": 575.2396756410599,
  "summary_csf_p95": 756.8304876089096,
  "summary_csf_stdv": 55.59604901178075,
  "summary_gm_k": 0.0525016405034191,
  "summary_gm_mad": 49.44067358132627,
  "summary_gm_mean": 445.4954158821143,
  "summary_gm_median": 446.66337659955025,
  "summary_gm_n": 812797.0,
  "summary_gm_p05": 364.1668829321861,
  "summary_gm_p95": 524.3472590148449,
  "summary_gm_stdv": 49.07514111975087,
  "summary_wm_k": -1.5881695898808283,
  "summary_wm_mad": 466.315444005691,
  "summary_wm_mean": 530.5179803494119,
  "summary_wm_median": 350.6764135956764,
  "summary_wm_n": 222542.0,
  "summary_wm_p05": 34.446170300245285,
  "summary_wm_p95": 1145.060426801443,
  "summary_wm_stdv": 412.47430035781736,
  "tpm_overlap_csf": 0.1033736037612416,
  "tpm_overlap_gm": 0.2574496840250374,
  "tpm_overlap_wm": 0.031446089018819644,
  "wm2max": 0.21571598405557238
}