{
  "bids_meta": {
    "AcquisitionMatrixPE": 256,
    "AcquisitionNumber": 1,
    "AcquisitionTime": "18:13:27.110000",
    "BaseResolution": 256,
    "ConversionSoftware": "dcm2niix",
    "ConversionSoftwareVersion": "v1.0.20180404 Clang8.0.0",
    "DeviceSerialNumber": "35002",
    "DwellTime": 1.03e-05,
    "EchoTime": 0.00492,
    "FlipAngle": 25,
    "ImageOrientationPatientDICOM": [
      -0.0157318,
      0.999876,
      -2.10361e-08,
      0.0558077,
      0.000878045,
      -0.998441
    ],
    "ImageType": [
      "ORIGINAL",
      "PRIMARY",
      "M",
      "ND",
      "NORM"
    ],
    "InPlanePhaseEncodingDirectionDICOM": "ROW",
    "InstitutionAddress": "University_Pkwy_1700_North_685_Provo_UT_US_84601",
    "InstitutionName": "Brigham_Young_University",
    "InstitutionalDepartmentName": "MRI",
    "MRAcquisitionType": "3D",
    "MagneticFieldStrength": 3,
    "Manufacturer": "Siemens",
    "ManufacturersModelName": "TrioTim",
    "Modality": "MR",
    "ParallelReductionFactorInPlane": 2,
    "PartialFourier": 1,
    "PatientPosition": "HFS",
    "PercentPhaseFOV": 100,
    "PhaseEncodingSteps": 255,
    "PhaseResolution": 1,
    "PixelBandwidth": 190,
    "ProcedureStepDescription": "Research_KIRWAN",
    "ProtocolName": "t1_fl3d_sag_no3Daccel_iso_1.0_1avg",
    "PulseSequenceDetails": "%SiemensSeq%_gre",
    "ReceiveCoilName": "32Ch_Head",
    "ReconMatrixPE": 256,
    "RepetitionTime": 0.02,
    "SAR": 0.171125,
    "ScanningSequence": "GR",
    "SequenceName": "_fl3d1_ns",
    "SequenceVariant": "SP",
    "SeriesDescription": "t1_fl3d_sag_no3Daccel_iso_1.0_1avg",
    "SeriesNumber": 9,
    "ShimSetting": [
      -2826,
      -22917,
      1922,
      -109,
      -90,
      -53,
      -300,
      376
    ],
    "SliceThickness": 1,
    "SoftwareVersions": "syngo_MR_B17",
    "StationName": "MININT-E41B04",
    "TxRefAmp": 332.117,
    "dataset": "ds002168",
    "modality": "T1w",
    "subject_id": "2384"
  },
  "cjv": 0.47231400935270657,
  "cnr": 2.8606903716149383,
  "efc": 0.5732274250720992,
  "fber": 7968.995562130177,
  "fwhm_avg": 3.33054882169182,
  "fwhm_x": 3.24397646507546,
  "fwhm_y": 3.55834,
  "fwhm_z": 3.18933,
  "icvs_csf": 0.22549264003505778,
  "icvs_gm": 0.3868946062461795,
  "icvs_wm": 0.38761275371876275,
  "inu_med": 0.4767684042453766,
  "inu_range": 0.1675536751747132,
  "provenance": {
    "md5sum": "b1ea3a0ab59626fda867650295feb864",
    "settings": {
      "testing": false
    },
    "software": "mriqc",
    "version": "23.0.1",
    "warnings": {
      "large_rot_frame": true,
      "small_air_mask": false
    },
    "webapi_port": null,
    "webapi_url": "https://mriqc.nimh.nih.gov/api/v1"
  },
  "qi_1": 0.0,
  "qi_2": 0.027156462306403083,
  "rpve_csf": 24.02730805265017,
  "rpve_gm": 13.059900945804408,
  "rpve_wm": 14.717825060106154,
  "size_x": 192,
  "size_y": 256,
  "size_z": 256,
  "snr_csf": 4.623126268435558,
  "snr_gm": 17.20017392798439,
  "snr_total": 14.7625194588228,
  "snr_wm": 22.46425818004845,
  "snrd_csf": 52.860228368600595,
  "snrd_gm": 104.3435184105374,
  "snrd_total": 95.1705052028201,
  "snrd_wm": 128.30776882932227,
  "spacing_x": 1.0000041723251343,
  "spacing_y": 1.0,
  "spacing_z": 1.0,
  "summary_bg_k": 5.297421598315175,
  "summary_bg_mad": 5.106133215234407,
  "summary_bg_mean": 5.32602866333337,
  "summary_bg_median": 3.444034516811371,
  "summary_bg_n": 3196767.0,
  "summary_bg_p05": 0.0,
  "summary_bg_p95": 18.265683062374592,
  "summary_bg_stdv": 6.767232803167174,
  "summary_csf_k": 4.19648724536497,
  "summary_csf_mad": 66.06059847209514,
  "summary_csf_mean": 416.8833548519164,
  "summary_csf_median": 411.99262907356024,
  "summary_csf_n": 74808.0,
  "summary_csf_p05": 302.72755899690094,
  "summary_csf_p95": 568.1426940411329,
  "summary_csf_stdv": 89.11499523824568,
  "summary_gm_k": 0.31610467241738194,
  "summary_gm_mad": 46.41110368846988,
  "summary_gm_mean": 813.4167343860012,
  "summary_gm_median": 813.2534005902708,
  "summary_gm_n": 15041.0,
  "summary_gm_p05": 736.6543828994036,
  "summary_gm_p95": 890.5596753694117,
  "summary_gm_stdv": 47.28012454952907,
  "summary_wm_k": 0.8329579597327057,
  "summary_wm_mad": 41.80646569973171,
  "summary_wm_mean": 1004.0552265252759,
  "summary_wm_median": 1000.030772510916,
  "summary_wm_n": 188813.0,
  "summary_wm_p05": 938.7146579883993,
  "summary_wm_p95": 1083.0873549208045,
  "summary_wm_stdv": 44.51640985818734,
  "tpm_overlap_csf": 0.15600893864994644,
  "tpm_overlap_gm": 0.42576177570184937,
  "tpm_overlap_wm": 0.46586592201965144,
  "wm2max": 0.6674048596887431
}