{
  "bids_meta": {
    "AcquisitionMatrixPE": 512,
    "AcquisitionNumber": 1,
    "AcquisitionTime": "18:38:10.257500",
    "BaseResolution": 512,
    "ConversionSoftware": "dcm2niix",
    "ConversionSoftwareVersion": "v1.0.20180404 Clang8.0.0",
    "DeviceSerialNumber": "35002",
    "DwellTime": 5e-06,
    "EchoTime": 0.064,
    "EchoTrainLength": 15,
    "FlipAngle": 128,
    "ImageOrientationPatientDICOM": [
      0.999986,
      0.00522174,
      -3.24618e-11,
      -0.00256055,
      0.490357,
      -0.871518
    ],
    "ImageType": [
      "ORIGINAL",
      "PRIMARY",
      "M",
      "ND"
    ],
    "InPlanePhaseEncodingDirectionDICOM": "ROW",
    "InstitutionAddress": "University_Pkwy_1700_North_685_Provo_UT_US_84601",
    "InstitutionName": "Brigham_Young_University",
    "InstitutionalDepartmentName": "MRI",
    "MRAcquisitionType": "2D",
    "MagneticFieldStrength": 3,
    "Manufacturer": "Siemens",
    "ManufacturersModelName": "TrioTim",
    "Modality": "MR",
    "PartialFourier": 1,
    "PatientPosition": "HFS",
    "PercentPhaseFOV": 100,
    "PhaseEncodingDirection": "i",
    "PhaseEncodingSteps": 720,
    "PhaseOversampling": 0.4,
    "PhaseResolution": 1,
    "PixelBandwidth": 195,
    "ProcedureStepDescription": "Research_KIRWAN",
    "ProtocolName": "HHR_struct_MODIFIED",
    "PulseSequenceDetails": "%SiemensSeq%_tse",
    "ReceiveCoilName": "32Ch_Head",
    "ReconMatrixPE": 512,
    "RepetitionTime": 6,
    "SAR": 0.835662,
    "ScanningSequence": "SE",
    "SequenceName": "_tse2d1_15",
    "SequenceVariant": "SK_SP_OSP",
    "SeriesDescription": "HHR_struct_MODIFIED",
    "SeriesNumber": 16,
    "ShimSetting": [
      -2804,
      -22941,
      2470,
      749,
      142,
      -523,
      7,
      512
    ],
    "SliceThickness": 2,
    "SoftwareVersions": "syngo_MR_B17",
    "SpacingBetweenSlices": 2,
    "StationName": "MININT-E41B04",
    "TxRefAmp": 332.117,
    "dataset": "ds002168",
    "modality": "T2w",
    "subject_id": "2384"
  },
  "cjv": 0.4113466328356765,
  "cnr": 1.3456255720215164,
  "efc": 0.6652848606876655,
  "fber": 2121.3800387923766,
  "fwhm_avg": 6.632050309632767,
  "fwhm_x": 7.0484224,
  "fwhm_y": 4.436720528898302,
  "fwhm_z": 8.411008,
  "icvs_csf": 0.3334852606996548,
  "icvs_gm": 0.11498855925206602,
  "icvs_wm": 0.5515261800482791,
  "inu_med": 0.9617682099342346,
  "inu_range": 1.732965525984764,
  "provenance": {
    "md5sum": "df903b6e0f9841e6768097d382ea3ee2",
    "settings": {
      "testing": false
    },
    "software": "mriqc",
    "version": "23.0.1",
    "warnings": {
      "large_rot_frame": false,
      "small_air_mask": false
    },
    "webapi_port": null,
    "webapi_url": "https://mriqc.nimh.nih.gov/api/v1"
  },
  "qi_1": 3.4562251799829263e-06,
  "qi_2": 0.0008325075257449387,
  "rpve_csf": 5.365682641107561,
  "rpve_gm": 19.78451029502651,
  "rpve_wm": 3.9886719457452955,
  "size_x": 512,
  "size_y": 35,
  "size_z": 512,
  "snr_csf": 6.671596414087624,
  "snr_gm": 2.416467903785699,
  "snr_total": 5.316888053734751,
  "snr_wm": 6.862599843330932,
  "snrd_csf": 56.61693123785831,
  "snrd_gm": 79.58364924444261,
  "snrd_total": 56.959064112854925,
  "snrd_wm": 34.67661185626384,
  "spacing_x": 0.390625,
  "spacing_y": 1.999999761581421,
  "spacing_z": 0.390625,
  "summary_bg_k": 284.677918766409,
  "summary_bg_mad": 19.80647250171614,
  "summary_bg_mean": 23.874435323424507,
  "summary_bg_median": 13.359262689948082,
  "summary_bg_n": 2025324.0,
  "summary_bg_p05": 0.0,
  "summary_bg_p95": 79.22550088912249,
  "summary_bg_stdv": 57.060110891097985,
  "summary_csf_k": 0.5314760889723509,
  "summary_csf_mad": 223.63763888013668,
  "summary_csf_mean": 1762.9250199853636,
  "summary_csf_median": 1711.6766702234745,
  "summary_csf_n": 624888.0,
  "summary_csf_p05": 1431.7240198031068,
  "summary_csf_p95": 2284.095710799098,
  "summary_csf_stdv": 256.5615775291529,
  "summary_gm_k": -1.022627368087853,
  "summary_gm_mad": 401.14374687020035,
  "summary_gm_mean": 1888.3971835553061,
  "summary_gm_median": 2406.0201209187508,
  "summary_gm_n": 288791.0,
  "summary_gm_p05": 112.70820990949869,
  "summary_gm_p95": 2863.1943827196956,
  "summary_gm_stdv": 995.6747000316877,
  "summary_wm_k": -0.16247724101546224,
  "summary_wm_mad": 157.3235632256567,
  "summary_wm_mean": 1058.117686567086,
  "summary_wm_median": 1048.3639119789004,
  "summary_wm_n": 1249421.0,
  "summary_wm_p05": 823.370253637433,
  "summary_wm_p95": 1322.14424482733,
  "summary_wm_stdv": 152.76477084085263,
  "tpm_overlap_csf": 0.10547483300415837,
  "tpm_overlap_gm": 0.08597208797928414,
  "tpm_overlap_wm": 0.43698841513270575,
  "wm2max": 0.3144043241891255
}