{
  "bids_meta": {
    "AcquisitionMatrixPE": 256,
    "AcquisitionNumber": 1,
    "AcquisitionTime": "11:04:31.570000",
    "BaseResolution": 256,
    "ConversionSoftware": "dcm2niix",
    "ConversionSoftwareVersion": "v1.0.20180404 Clang8.0.0",
    "DeviceSerialNumber": "35002",
    "DwellTime": 1.03e-05,
    "EchoTime": 0.00492,
    "FlipAngle": 25,
    "ImageOrientationPatientDICOM": [
      0,
      1,
      0,
      0,
      0,
      -1
    ],
    "ImageType": [
      "ORIGINAL",
      "PRIMARY",
      "M",
      "ND",
      "NORM"
    ],
    "InPlanePhaseEncodingDirectionDICOM": "ROW",
    "InstitutionAddress": "University_Pkwy_1700_North_685_Provo_UT_US_84601",
    "InstitutionName": "Brigham_Young_University",
    "InstitutionalDepartmentName": "MRI",
    "MRAcquisitionType": "3D",
    "MagneticFieldStrength": 3,
    "Manufacturer": "Siemens",
    "ManufacturersModelName": "TrioTim",
    "Modality": "MR",
    "ParallelReductionFactorInPlane": 2,
    "PartialFourier": 1,
    "PatientPosition": "HFS",
    "PercentPhaseFOV": 100,
    "PhaseEncodingSteps": 255,
    "PhaseResolution": 1,
    "PixelBandwidth": 190,
    "ProcedureStepDescription": "Research_KIRWAN",
    "ProtocolName": "t1_fl3d_sag_no3Daccel_iso_1.0_1avg",
    "PulseSequenceDetails": "%SiemensSeq%_gre",
    "ReceiveCoilName": "32Ch_Head",
    "ReconMatrixPE": 256,
    "RepetitionTime": 0.02,
    "SAR": 0.234027,
    "ScanningSequence": "GR",
    "SequenceName": "_fl3d1_ns",
    "SequenceVariant": "SP",
    "SeriesDescription": "t1_fl3d_sag_no3Daccel_iso_1.0_1avg",
    "SeriesNumber": 9,
    "ShimSetting": [
      -2655,
      -23109,
      2059,
      81,
      -13,
      -145,
      -152,
      15
    ],
    "SliceThickness": 1,
    "SoftwareVersions": "syngo_MR_B17",
    "StationName": "MININT-E41B04",
    "TxRefAmp": 334.91,
    "dataset": "ds002168",
    "modality": "T1w",
    "subject_id": "1515"
  },
  "cjv": 0.4515188939434386,
  "cnr": 2.955911077695166,
  "efc": 0.5682368722214817,
  "fber": 9638.296298107489,
  "fwhm_avg": 3.1936033333333333,
  "fwhm_x": 3.15468,
  "fwhm_y": 3.34963,
  "fwhm_z": 3.0765,
  "icvs_csf": 0.1896839166803982,
  "icvs_gm": 0.42055874342098887,
  "icvs_wm": 0.38975733989861294,
  "inu_med": 0.3378393203020096,
  "inu_range": 0.07386229634284969,
  "provenance": {
    "md5sum": "8ba48b0411413213b7109c7c21a93716",
    "settings": {
      "testing": false
    },
    "software": "mriqc",
    "version": "23.0.1",
    "warnings": {
      "large_rot_frame": true,
      "small_air_mask": false
    },
    "webapi_port": null,
    "webapi_url": "https://mriqc.nimh.nih.gov/api/v1"
  },
  "qi_1": 7.804278758767226e-06,
  "qi_2": 0.013838518187519777,
  "rpve_csf": 28.38025633118061,
  "rpve_gm": 13.097145893314414,
  "rpve_wm": 15.856975619170479,
  "size_x": 192,
  "size_y": 256,
  "size_z": 256,
  "snr_csf": 2.9917704332955157,
  "snr_gm": 14.965443615834467,
  "snr_total": 13.578234032953818,
  "snr_wm": 22.77748804973147,
  "snrd_csf": 46.79189020590016,
  "snrd_gm": 95.06520040201362,
  "snrd_total": 87.15793576183364,
  "snrd_wm": 119.61671667758715,
  "spacing_x": 1.0,
  "spacing_y": 1.0,
  "spacing_z": 1.0,
  "summary_bg_k": 13.651994226583884,
  "summary_bg_mad": 5.477109095652255,
  "summary_bg_mean": 6.592682232811795,
  "summary_bg_median": 3.694253945723176,
  "summary_bg_n": 3703055.0,
  "summary_bg_p05": 0.0,
  "summary_bg_p95": 21.766863176599145,
  "summary_bg_stdv": 8.605172624791658,
  "summary_csf_k": 0.748295306514076,
  "summary_csf_mad": 101.07039446293548,
  "summary_csf_mean": 381.2758215152102,
  "summary_csf_median": 391.19225774891675,
  "summary_csf_n": 41819.0,
  "summary_csf_p05": 112.74118876084685,
  "summary_csf_p95": 581.0609641391784,
  "summary_csf_stdv": 130.75454458677444,
  "summary_gm_k": 0.29887232387770934,
  "summary_gm_mad": 50.94893568833356,
  "summary_gm_mean": 795.0054746117356,
  "summary_gm_median": 794.7695682942867,
  "summary_gm_n": 23015.0,
  "summary_gm_p05": 708.1991123417392,
  "summary_gm_p95": 882.6502884160727,
  "summary_gm_stdv": 53.10582981497252,
  "summary_wm_k": 0.6990204297987432,
  "summary_wm_mad": 41.72847864960962,
  "summary_wm_mean": 1003.0793075163496,
  "summary_wm_median": 1000.026569897309,
  "summary_wm_n": 215711.0,
  "summary_wm_p05": 936.5066639240831,
  "summary_wm_p95": 1079.1739673819393,
  "summary_wm_stdv": 43.90406219217507,
  "tpm_overlap_csf": 0.15481403432651022,
  "tpm_overlap_gm": 0.4532866350532517,
  "tpm_overlap_wm": 0.5025531974310886,
  "wm2max": 0.663445335437711
}