{
  "aor": 0.00039357476635514015,
  "aqi": 0.013371878971962618,
  "bids_meta": {
    "AcquisitionMatrixPE": 100,
    "AcquisitionNumber": 1,
    "AcquisitionTime": "12:44:20.967500",
    "BandwidthPerPixelPhaseEncode": 13.889,
    "BaseResolution": 100,
    "ConversionSoftware": "dcm2niix",
    "ConversionSoftwareVersion": "v1.0.20180404 Clang8.0.0",
    "DerivedVendorReportedEchoSpacing": 0.000719994,
    "DeviceSerialNumber": "35002",
    "DwellTime": 2.8e-06,
    "EchoTime": 0.0436,
    "EffectiveEchoSpacing": 0.000719994,
    "FlipAngle": 55,
    "ImageComments": "Unaliased_MB8_PE3_(remote)",
    "ImageOrientationPatientDICOM": [
      1,
      0,
      0,
      0,
      0.904827,
      0.425779
    ],
    "ImageType": [
      "ORIGINAL",
      "PRIMARY",
      "M",
      "ND",
      "MOSAIC"
    ],
    "InPlanePhaseEncodingDirectionDICOM": "COL",
    "InstitutionAddress": "University_Pkwy_1700_North_685_Provo_UT_US_84601",
    "InstitutionName": "Brigham_Young_University",
    "InstitutionalDepartmentName": "MRI",
    "MRAcquisitionType": "2D",
    "MagneticFieldStrength": 3,
    "Manufacturer": "Siemens",
    "ManufacturersModelName": "TrioTim",
    "Modality": "MR",
    "MultibandAccelerationFactor": 8,
    "PartialFourier": 1,
    "PatientPosition": "HFS",
    "PercentPhaseFOV": 100,
    "PhaseEncodingDirection": "j-",
    "PhaseEncodingSteps": 100,
    "PhaseResolution": 1,
    "PixelBandwidth": 1786,
    "ProcedureStepDescription": "Research_KIRWAN",
    "ProtocolName": "run5",
    "PulseSequenceDetails": "%CustomerSeq%_cmrr_mbep2d_bold",
    "ReceiveCoilName": "32Ch_Head",
    "ReconMatrixPE": 100,
    "RepetitionTime": 0.875,
    "SAR": 0.119886,
    "ScanOptions": "FS",
    "ScanningSequence": "EP",
    "SequenceName": "epfid2d1_100",
    "SequenceVariant": "SK",
    "SeriesDescription": "run5",
    "SeriesNumber": 7,
    "ShimSetting": [
      -2648,
      -23092,
      2526,
      890,
      -9,
      119,
      -205,
      -15
    ],
    "SliceThickness": 1.8,
    "SliceTiming": [
      0,
      0.4875,
      0.0975,
      0.585,
      0.195,
      0.6825,
      0.2925,
      0.78,
      0.39,
      0,
      0.4875,
      0.0975,
      0.585,
      0.195,
      0.6825,
      0.2925,
      0.78,
      0.39,
      0,
      0.4875,
      0.0975,
      0.585,
      0.195,
      0.6825,
      0.2925,
      0.78,
      0.39,
      0,
      0.4875,
      0.0975,
      0.585,
      0.195,
      0.6825,
      0.2925,
      0.78,
      0.39,
      0,
      0.4875,
      0.0975,
      0.585,
      0.195,
      0.6825,
      0.2925,
      0.78,
      0.39,
      0,
      0.4875,
      0.0975,
      0.585,
      0.195,
      0.6825,
      0.2925,
      0.78,
      0.39,
      0,
      0.4875,
      0.0975,
      0.585,
      0.195,
      0.6825,
      0.2925,
      0.78,
      0.39,
      0,
      0.4875,
      0.0975,
      0.585,
      0.195,
      0.6825,
      0.2925,
      0.78,
      0.39
    ],
    "SoftwareVersions": "syngo_MR_B17",
    "SpacingBetweenSlices": 1.8,
    "StationName": "MININT-E41B04",
    "TaskName": "MST",
    "TotalReadoutTime": 0.0712794,
    "TxRefAmp": 333.331,
    "dataset": "ds002168",
    "modality": "bold",
    "run_id": 5,
    "subject_id": "1514",
    "task_id": "mst"
  },
  "dummy_trs": 0,
  "dvars_nstd": 65.45517870978918,
  "dvars_std": 1.0399747885480093,
  "dvars_vstd": 0.9975672202576108,
  "efc": 0.6142029237071885,
  "fber": 191.32205200195312,
  "fd_mean": 0.07655554238389685,
  "fd_num": 5,
  "fd_perc": 1.1682242990654206,
  "fwhm_avg": 3.1493092753621803,
  "fwhm_x": 3.0338889692595,
  "fwhm_y": 3.3643056446792188,
  "fwhm_z": 3.0497332121478236,
  "gcor": 0.00456295,
  "gsr_x": -0.015111244283616543,
  "gsr_y": 0.10446985810995102,
  "provenance": {
    "md5sum": "6000c51447d7726d6b09d3942728147c",
    "settings": {
      "fd_thres": 0.2,
      "testing": false
    },
    "software": "mriqc",
    "version": "23.0.1",
    "webapi_port": null,
    "webapi_url": "https://mriqc.nimh.nih.gov/api/v1"
  },
  "size_t": 428,
  "size_x": 100,
  "size_y": 100,
  "size_z": 72,
  "snr": 2.0034697253818567,
  "spacing_tr": 0.875,
  "spacing_x": 1.7999999523162842,
  "spacing_y": 1.7999999523162842,
  "spacing_z": 1.8000000715255737,
  "summary_bg_k": 23.24617652505265,
  "summary_bg_mad": 17.68730635509971,
  "summary_bg_mean": 47.91935348510742,
  "summary_bg_median": 26.086448669433594,
  "summary_bg_n": 404484.0,
  "summary_bg_p05": 12.021027565002441,
  "summary_bg_p95": 163.50233459472656,
  "summary_bg_stdv": 61.741554260253906,
  "summary_fg_k": 4.643982007132207,
  "summary_fg_mad": 127.98529264723545,
  "summary_fg_mean": 410.234619140625,
  "summary_fg_median": 365.0782470703125,
  "summary_fg_n": 213392.0,
  "summary_fg_p05": 216.22662353515625,
  "summary_fg_p95": 784.6644622802729,
  "summary_fg_stdv": 182.22256469726562,
  "tsnr": 21.755514635005966
}