{
  "aor": 0.00041138173302107727,
  "aqi": 0.01390056674473068,
  "bids_meta": {
    "AcquisitionMatrixPE": 100,
    "AcquisitionNumber": 1,
    "AcquisitionTime": "12:51:18.080000",
    "BandwidthPerPixelPhaseEncode": 13.889,
    "BaseResolution": 100,
    "ConversionSoftware": "dcm2niix",
    "ConversionSoftwareVersion": "v1.0.20180404 Clang8.0.0",
    "DerivedVendorReportedEchoSpacing": 0.000719994,
    "DeviceSerialNumber": "35002",
    "DwellTime": 2.8e-06,
    "EchoTime": 0.0436,
    "EffectiveEchoSpacing": 0.000719994,
    "FlipAngle": 55,
    "ImageComments": "Unaliased_MB8_PE3_(remote)",
    "ImageOrientationPatientDICOM": [
      1,
      0,
      0,
      0,
      0.904827,
      0.425779
    ],
    "ImageType": [
      "ORIGINAL",
      "PRIMARY",
      "M",
      "ND",
      "MOSAIC"
    ],
    "InPlanePhaseEncodingDirectionDICOM": "COL",
    "InstitutionAddress": "University_Pkwy_1700_North_685_Provo_UT_US_84601",
    "InstitutionName": "Brigham_Young_University",
    "InstitutionalDepartmentName": "MRI",
    "MRAcquisitionType": "2D",
    "MagneticFieldStrength": 3,
    "Manufacturer": "Siemens",
    "ManufacturersModelName": "TrioTim",
    "Modality": "MR",
    "MultibandAccelerationFactor": 8,
    "PartialFourier": 1,
    "PatientPosition": "HFS",
    "PercentPhaseFOV": 100,
    "PhaseEncodingDirection": "j-",
    "PhaseEncodingSteps": 100,
    "PhaseResolution": 1,
    "PixelBandwidth": 1786,
    "ProcedureStepDescription": "Research_KIRWAN",
    "ProtocolName": "run6",
    "PulseSequenceDetails": "%CustomerSeq%_cmrr_mbep2d_bold",
    "ReceiveCoilName": "32Ch_Head",
    "ReconMatrixPE": 100,
    "RepetitionTime": 0.875,
    "SAR": 0.113243,
    "ScanOptions": "FS",
    "ScanningSequence": "EP",
    "SequenceName": "epfid2d1_100",
    "SequenceVariant": "SK",
    "SeriesDescription": "run6",
    "SeriesNumber": 8,
    "ShimSetting": [
      -2648,
      -23092,
      2526,
      890,
      -9,
      119,
      -205,
      -15
    ],
    "SliceThickness": 1.8,
    "SliceTiming": [
      0,
      0.49,
      0.0975,
      0.5875,
      0.195,
      0.685,
      0.2925,
      0.7825,
      0.3925,
      0,
      0.49,
      0.0975,
      0.5875,
      0.195,
      0.685,
      0.2925,
      0.7825,
      0.3925,
      0,
      0.49,
      0.0975,
      0.5875,
      0.195,
      0.685,
      0.2925,
      0.7825,
      0.3925,
      0,
      0.49,
      0.0975,
      0.5875,
      0.195,
      0.685,
      0.2925,
      0.7825,
      0.3925,
      0,
      0.49,
      0.0975,
      0.5875,
      0.195,
      0.685,
      0.2925,
      0.7825,
      0.3925,
      0,
      0.49,
      0.0975,
      0.5875,
      0.195,
      0.685,
      0.2925,
      0.7825,
      0.3925,
      0,
      0.49,
      0.0975,
      0.5875,
      0.195,
      0.685,
      0.2925,
      0.7825,
      0.3925,
      0,
      0.49,
      0.0975,
      0.5875,
      0.195,
      0.685,
      0.2925,
      0.7825,
      0.3925
    ],
    "SoftwareVersions": "syngo_MR_B17",
    "SpacingBetweenSlices": 1.8,
    "StationName": "MININT-E41B04",
    "TaskName": "MST",
    "TotalReadoutTime": 0.0712794,
    "TxRefAmp": 333.331,
    "dataset": "ds002168",
    "modality": "bold",
    "run_id": 6,
    "subject_id": "1514",
    "task_id": "mst"
  },
  "dummy_trs": 1,
  "dvars_nstd": 65.50563621502351,
  "dvars_std": 1.042063080140845,
  "dvars_vstd": 1.00184499056338,
  "efc": 0.6143380062239442,
  "fber": 193.56838989257812,
  "fd_mean": 0.08813964197424522,
  "fd_num": 5,
  "fd_perc": 1.17096018735363,
  "fwhm_avg": 3.1287814974333066,
  "fwhm_x": 3.0115667464459404,
  "fwhm_y": 3.3428334218881774,
  "fwhm_z": 3.031944323965801,
  "gcor": 0.00372342,
  "gsr_x": -0.014037114568054676,
  "gsr_y": 0.10355506837368011,
  "provenance": {
    "md5sum": "e95712aa13dc5be66bbdd4571e1733de",
    "settings": {
      "fd_thres": 0.2,
      "testing": false
    },
    "software": "mriqc",
    "version": "23.0.1",
    "webapi_port": null,
    "webapi_url": "https://mriqc.nimh.nih.gov/api/v1"
  },
  "size_t": 427,
  "size_x": 100,
  "size_y": 100,
  "size_z": 72,
  "snr": 2.0192491170978535,
  "spacing_tr": 0.875,
  "spacing_x": 1.7999999523162842,
  "spacing_y": 1.7999999523162842,
  "spacing_z": 1.8000000715255737,
  "summary_bg_k": 22.917040755920127,
  "summary_bg_mad": 17.86761504546904,
  "summary_bg_mean": 47.569889068603516,
  "summary_bg_median": 25.882902145385742,
  "summary_bg_n": 404640.0,
  "summary_bg_p05": 11.597188949584961,
  "summary_bg_p95": 161.8550315856933,
  "summary_bg_stdv": 61.15945816040039,
  "summary_fg_k": 4.760917849823278,
  "summary_fg_mad": 125.60106214170378,
  "summary_fg_mean": 410.437255859375,
  "summary_fg_median": 364.7142639160156,
  "summary_fg_n": 212866.0,
  "summary_fg_p05": 219.51756286621094,
  "summary_fg_p95": 782.2640075683594,
  "summary_fg_stdv": 180.6183319091797,
  "tsnr": 21.660152275348082
}