{
  "aor": 0.00020877934272300468,
  "aqi": 0.014090933568075115,
  "bids_meta": {
    "AcquisitionMatrixPE": 100,
    "AcquisitionNumber": 1,
    "AcquisitionTime": "12:16:6.935000",
    "BandwidthPerPixelPhaseEncode": 13.889,
    "BaseResolution": 100,
    "ConversionSoftware": "dcm2niix",
    "ConversionSoftwareVersion": "v1.0.20180404 Clang8.0.0",
    "DerivedVendorReportedEchoSpacing": 0.000719994,
    "DeviceSerialNumber": "35002",
    "DwellTime": 2.8e-06,
    "EchoTime": 0.0436,
    "EffectiveEchoSpacing": 0.000719994,
    "FlipAngle": 55,
    "ImageComments": "Unaliased_MB8_PE3_(remote)",
    "ImageOrientationPatientDICOM": [
      1,
      0,
      0,
      0,
      0.904827,
      0.425779
    ],
    "ImageType": [
      "ORIGINAL",
      "PRIMARY",
      "M",
      "ND",
      "MOSAIC"
    ],
    "InPlanePhaseEncodingDirectionDICOM": "COL",
    "InstitutionAddress": "University_Pkwy_1700_North_685_Provo_UT_US_84601",
    "InstitutionName": "Brigham_Young_University",
    "InstitutionalDepartmentName": "MRI",
    "MRAcquisitionType": "2D",
    "MagneticFieldStrength": 3,
    "Manufacturer": "Siemens",
    "ManufacturersModelName": "TrioTim",
    "Modality": "MR",
    "MultibandAccelerationFactor": 8,
    "PartialFourier": 1,
    "PatientPosition": "HFS",
    "PercentPhaseFOV": 100,
    "PhaseEncodingDirection": "j-",
    "PhaseEncodingSteps": 100,
    "PhaseResolution": 1,
    "PixelBandwidth": 1786,
    "ProcedureStepDescription": "Research_KIRWAN",
    "ProtocolName": "run1",
    "PulseSequenceDetails": "%CustomerSeq%_cmrr_mbep2d_bold",
    "ReceiveCoilName": "32Ch_Head",
    "ReconMatrixPE": 100,
    "RepetitionTime": 0.875,
    "SAR": 0.108959,
    "ScanOptions": "FS",
    "ScanningSequence": "EP",
    "SequenceName": "epfid2d1_100",
    "SequenceVariant": "SK",
    "SeriesDescription": "run1",
    "SeriesNumber": 3,
    "ShimSetting": [
      -2648,
      -23092,
      2526,
      890,
      -9,
      119,
      -205,
      -15
    ],
    "SliceThickness": 1.8,
    "SliceTiming": [
      0,
      0.4875,
      0.0975,
      0.585,
      0.195,
      0.6825,
      0.2925,
      0.78,
      0.39,
      0,
      0.4875,
      0.0975,
      0.585,
      0.195,
      0.6825,
      0.2925,
      0.78,
      0.39,
      0,
      0.4875,
      0.0975,
      0.585,
      0.195,
      0.6825,
      0.2925,
      0.78,
      0.39,
      0,
      0.4875,
      0.0975,
      0.585,
      0.195,
      0.6825,
      0.2925,
      0.78,
      0.39,
      0,
      0.4875,
      0.0975,
      0.585,
      0.195,
      0.6825,
      0.2925,
      0.78,
      0.39,
      0,
      0.4875,
      0.0975,
      0.585,
      0.195,
      0.6825,
      0.2925,
      0.78,
      0.39,
      0,
      0.4875,
      0.0975,
      0.585,
      0.195,
      0.6825,
      0.2925,
      0.78,
      0.39,
      0,
      0.4875,
      0.0975,
      0.585,
      0.195,
      0.6825,
      0.2925,
      0.78,
      0.39
    ],
    "SoftwareVersions": "syngo_MR_B17",
    "SpacingBetweenSlices": 1.8,
    "StationName": "MININT-E41B04",
    "TaskName": "MST",
    "TotalReadoutTime": 0.0712794,
    "TxRefAmp": 333.331,
    "dataset": "ds002168",
    "modality": "bold",
    "run_id": 1,
    "subject_id": "1514",
    "task_id": "mst"
  },
  "dummy_trs": 2,
  "dvars_nstd": 66.14989982143531,
  "dvars_std": 1.0443785199999998,
  "dvars_vstd": 0.9974382390352948,
  "efc": 0.6131191489099331,
  "fber": 196.83963012695312,
  "fd_mean": 0.07746308043167895,
  "fd_num": 0,
  "fd_perc": 0.0,
  "fwhm_avg": 3.1261277943111523,
  "fwhm_x": 3.025588969039625,
  "fwhm_y": 3.3503778665324813,
  "fwhm_z": 3.002416547361352,
  "gcor": 0.00280733,
  "gsr_x": -0.017489682883024216,
  "gsr_y": 0.10356766730546951,
  "provenance": {
    "md5sum": "1fc4fb318404a1503a6448ffea8fe57b",
    "settings": {
      "fd_thres": 0.2,
      "testing": false
    },
    "software": "mriqc",
    "version": "23.0.1",
    "webapi_port": null,
    "webapi_url": "https://mriqc.nimh.nih.gov/api/v1"
  },
  "size_t": 426,
  "size_x": 100,
  "size_y": 100,
  "size_z": 72,
  "snr": 2.019331306426057,
  "spacing_tr": 0.875,
  "spacing_x": 1.7999999523162842,
  "spacing_y": 1.7999999523162842,
  "spacing_z": 1.8000000715255737,
  "summary_bg_k": 25.169824553322453,
  "summary_bg_mad": 16.91071239728265,
  "summary_bg_mean": 45.761573791503906,
  "summary_bg_median": 25.497652053833008,
  "summary_bg_n": 402112.0,
  "summary_bg_p05": 12.03286361694336,
  "summary_bg_p95": 153.695896911621,
  "summary_bg_stdv": 58.5164909362793,
  "summary_fg_k": 4.782036640851783,
  "summary_fg_mad": 125.72885785600337,
  "summary_fg_mean": 409.1271667480469,
  "summary_fg_median": 363.9319152832031,
  "summary_fg_n": 215230.0,
  "summary_fg_p05": 217.8015335083008,
  "summary_fg_p95": 777.7174835205077,
  "summary_fg_stdv": 180.2235565185547,
  "tsnr": 21.582782367477193
}