{
  "bids_meta": {
    "AcquisitionMatrixPE": 512,
    "AcquisitionNumber": 1,
    "AcquisitionTime": "10:25:29.757500",
    "BaseResolution": 512,
    "ConversionSoftware": "dcm2niix",
    "ConversionSoftwareVersion": "v1.0.20180404 Clang8.0.0",
    "DeviceSerialNumber": "35002",
    "DwellTime": 5e-06,
    "EchoTime": 0.064,
    "EchoTrainLength": 15,
    "FlipAngle": 129,
    "ImageOrientationPatientDICOM": [
      0.99997,
      0.00779698,
      -1.51035e-10,
      -0.00404605,
      0.518909,
      -0.85482
    ],
    "ImageType": [
      "ORIGINAL",
      "PRIMARY",
      "M",
      "ND"
    ],
    "InPlanePhaseEncodingDirectionDICOM": "ROW",
    "InstitutionAddress": "University_Pkwy_1700_North_685_Provo_UT_US_84601",
    "InstitutionName": "Brigham_Young_University",
    "InstitutionalDepartmentName": "MRI",
    "MRAcquisitionType": "2D",
    "MagneticFieldStrength": 3,
    "Manufacturer": "Siemens",
    "ManufacturersModelName": "TrioTim",
    "Modality": "MR",
    "PartialFourier": 1,
    "PatientPosition": "HFS",
    "PercentPhaseFOV": 100,
    "PhaseEncodingDirection": "i",
    "PhaseEncodingSteps": 720,
    "PhaseOversampling": 0.4,
    "PhaseResolution": 1,
    "PixelBandwidth": 195,
    "ProcedureStepDescription": "Research_KIRWAN",
    "ProtocolName": "HHR_struct_MODIFIED",
    "PulseSequenceDetails": "%SiemensSeq%_tse",
    "ReceiveCoilName": "32Ch_Head",
    "ReconMatrixPE": 512,
    "RepetitionTime": 6,
    "SAR": 0.871445,
    "ScanningSequence": "SE",
    "SequenceName": "_tse2d1_15",
    "SequenceVariant": "SK_SP_OSP",
    "SeriesDescription": "HHR_struct_MODIFIED",
    "SeriesNumber": 16,
    "ShimSetting": [
      -2642,
      -23146,
      2594,
      1131,
      68,
      -545,
      359,
      -103
    ],
    "SliceThickness": 2,
    "SoftwareVersions": "syngo_MR_B17",
    "SpacingBetweenSlices": 2,
    "StationName": "MININT-E41B04",
    "TxRefAmp": 338.876,
    "dataset": "ds002168",
    "modality": "T2w",
    "subject_id": "1425"
  },
  "cjv": 6.097419876619046,
  "cnr": 0.19085170575336366,
  "efc": 0.6233239400987927,
  "fber": 4827.301965105601,
  "fwhm_avg": 4.863906361650677,
  "fwhm_x": 5.362688,
  "fwhm_y": 3.592986284952027,
  "fwhm_z": 5.6360448,
  "icvs_csf": 0.47539919880941406,
  "icvs_gm": 0.3952377324373834,
  "icvs_wm": 0.12936306875320253,
  "inu_med": 1.019941806793213,
  "inu_range": 1.5219886302947998,
  "provenance": {
    "md5sum": "f5ae299973375fe7404068b7d176190f",
    "settings": {
      "testing": false
    },
    "software": "mriqc",
    "version": "23.0.1",
    "warnings": {
      "large_rot_frame": false,
      "small_air_mask": false
    },
    "webapi_port": null,
    "webapi_url": "https://mriqc.nimh.nih.gov/api/v1"
  },
  "qi_1": 0.0,
  "qi_2": 0.0009750836953145124,
  "rpve_csf": 5.403691160958466,
  "rpve_gm": 6.4183533043235945,
  "rpve_wm": 19.290362895466398,
  "size_x": 512,
  "size_y": 35,
  "size_z": 512,
  "snr_csf": 11.773099934678749,
  "snr_gm": 8.089209694694203,
  "snr_total": 6.875510635874966,
  "snr_wm": 0.7642222782519463,
  "snrd_csf": 22.115046062797315,
  "snrd_gm": 14.398426450485186,
  "snrd_total": 16.00549958396191,
  "snrd_wm": 11.50302623860323,
  "spacing_x": 0.390625,
  "spacing_y": 1.9999992847442627,
  "spacing_z": 0.390625,
  "summary_bg_k": 223.11411747212117,
  "summary_bg_mad": 0.0,
  "summary_bg_mean": 8.885770262426297,
  "summary_bg_median": 0.0,
  "summary_bg_n": 2780736.0,
  "summary_bg_p05": 0.0,
  "summary_bg_p95": 32.81862072274089,
  "summary_bg_stdv": 19.893819258608477,
  "summary_csf_k": 0.35023027881585644,
  "summary_csf_mad": 54.93097118103667,
  "summary_csf_mean": 676.7740691602568,
  "summary_csf_median": 671.5437110029161,
  "summary_csf_n": 1017977.0,
  "summary_csf_p05": 592.5809390582144,
  "summary_csf_p95": 778.5081044696271,
  "summary_csf_stdv": 57.040489326219124,
  "summary_gm_k": 0.0261904808868878,
  "summary_gm_mad": 54.86422638008766,
  "summary_gm_mean": 436.6951256922917,
  "summary_gm_median": 437.2214601635933,
  "summary_gm_n": 839308.0,
  "summary_gm_p05": 347.81435350328684,
  "summary_gm_p95": 524.0625018291175,
  "summary_gm_stdv": 54.04992776795619,
  "summary_wm_k": -1.640827449656315,
  "summary_wm_mad": 481.2300148423747,
  "summary_wm_mean": 551.3999919404521,
  "summary_wm_median": 349.2999700792134,
  "summary_wm_n": 289716.0,
  "summary_wm_p05": 23.578535807318985,
  "summary_wm_p95": 1213.3435743749142,
  "summary_wm_stdv": 457.06514608024855,
  "tpm_overlap_csf": 0.09764789636615272,
  "tpm_overlap_gm": 0.21967694075939903,
  "tpm_overlap_wm": 0.025780449504558607,
  "wm2max": 0.2129487320232737
}