{
  "bids_meta": {
    "AcquisitionMatrixPE": 512,
    "AcquisitionNumber": 1,
    "AcquisitionTime": "15:45:12.835000",
    "BaseResolution": 512,
    "ConversionSoftware": "dcm2niix",
    "ConversionSoftwareVersion": "v1.0.20180404 Clang8.0.0",
    "DeviceSerialNumber": "35002",
    "DwellTime": 5e-06,
    "EchoTime": 0.064,
    "EchoTrainLength": 15,
    "FlipAngle": 120,
    "ImageOrientationPatientDICOM": [
      0.99996,
      0.0089737,
      -2.92913e-10,
      -0.00358785,
      0.399802,
      -0.916594
    ],
    "ImageType": [
      "ORIGINAL",
      "PRIMARY",
      "M",
      "ND"
    ],
    "InPlanePhaseEncodingDirectionDICOM": "ROW",
    "InstitutionAddress": "University_Pkwy_1700_North_685_Provo_UT_US_84601",
    "InstitutionName": "Brigham_Young_University",
    "InstitutionalDepartmentName": "MRI",
    "MRAcquisitionType": "2D",
    "MagneticFieldStrength": 3,
    "Manufacturer": "Siemens",
    "ManufacturersModelName": "TrioTim",
    "Modality": "MR",
    "PartialFourier": 1,
    "PatientPosition": "HFS",
    "PercentPhaseFOV": 100,
    "PhaseEncodingDirection": "i",
    "PhaseEncodingSteps": 720,
    "PhaseOversampling": 0.4,
    "PhaseResolution": 1,
    "PixelBandwidth": 195,
    "ProcedureStepDescription": "Research_KIRWAN",
    "ProtocolName": "HHR_struct_MODIFIED",
    "PulseSequenceDetails": "%SiemensSeq%_tse",
    "ReceiveCoilName": "32Ch_Head",
    "ReconMatrixPE": 512,
    "RepetitionTime": 6,
    "SAR": 0.788276,
    "ScanningSequence": "SE",
    "SequenceName": "_tse2d1_15",
    "SequenceVariant": "SK_SP_OSP",
    "SeriesDescription": "HHR_struct_MODIFIED",
    "SeriesNumber": 16,
    "ShimSetting": [
      -2723,
      -23013,
      2483,
      1271,
      -26,
      -152,
      -53,
      71
    ],
    "SliceThickness": 2,
    "SoftwareVersions": "syngo_MR_B17",
    "SpacingBetweenSlices": 2,
    "StationName": "MININT-E41B04",
    "TxRefAmp": 324.256,
    "dataset": "ds002168",
    "modality": "T2w",
    "subject_id": "1548"
  },
  "cjv": 0.8101370470345919,
  "cnr": 1.092757446971963,
  "efc": 0.6653422397714825,
  "fber": 2232.328595235761,
  "fwhm_avg": 5.418645639195833,
  "fwhm_x": 5.8743808,
  "fwhm_y": 3.848640917587499,
  "fwhm_z": 6.5329152,
  "icvs_csf": 0.40571608383432894,
  "icvs_gm": 0.12228228928002766,
  "icvs_wm": 0.4720016268856434,
  "inu_med": 1.0055249333381653,
  "inu_range": 1.709367021918296,
  "provenance": {
    "md5sum": "b18845458ce2578dba81cd831668334b",
    "settings": {
      "testing": false
    },
    "software": "mriqc",
    "version": "23.0.1",
    "warnings": {
      "large_rot_frame": false,
      "small_air_mask": false
    },
    "webapi_port": null,
    "webapi_url": "https://mriqc.nimh.nih.gov/api/v1"
  },
  "qi_1": 0.0014823997684119065,
  "qi_2": 0.0006925555363833237,
  "rpve_csf": 4.961426714344895,
  "rpve_gm": 17.92345849541833,
  "rpve_wm": 4.631465599280808,
  "size_x": 512,
  "size_y": 35,
  "size_z": 512,
  "snr_csf": 10.67106702271461,
  "snr_gm": 2.162692799707812,
  "snr_total": 6.954967982410751,
  "snr_wm": 8.031144124809831,
  "snrd_csf": 15.462441568838722,
  "snrd_gm": 20.90160555182488,
  "snrd_total": 15.529768370422955,
  "snrd_wm": 10.225257990605263,
  "spacing_x": 0.390625,
  "spacing_y": 1.9999995231628418,
  "spacing_z": 0.390625,
  "summary_bg_k": 351.00108154862,
  "summary_bg_mad": 0.0,
  "summary_bg_mean": 21.656761568378233,
  "summary_bg_median": 0.0,
  "summary_bg_n": 2369661.0,
  "summary_bg_p05": 0.0,
  "summary_bg_p95": 74.7981321811676,
  "summary_bg_stdv": 66.16705638607037,
  "summary_csf_k": 0.5987469837925068,
  "summary_csf_mad": 137.73771959781666,
  "summary_csf_mean": 1571.9347656607451,
  "summary_csf_median": 1561.6660029143095,
  "summary_csf_n": 850073.0,
  "summary_csf_p05": 1352.061237052083,
  "summary_csf_p95": 1828.559338197112,
  "summary_csf_stdv": 146.34572916107453,
  "summary_gm_k": -1.4100053126408405,
  "summary_gm_mad": 745.5227348039189,
  "summary_gm_mean": 1637.2042303609865,
  "summary_gm_median": 2111.0072850584984,
  "summary_gm_n": 295393.0,
  "summary_gm_p05": 100.04250179231167,
  "summary_gm_p95": 2787.760385543108,
  "summary_gm_stdv": 976.0996624774833,
  "summary_wm_k": 0.10844115135263044,
  "summary_wm_mad": 128.03433038552765,
  "summary_wm_mean": 1032.1716395638405,
  "summary_wm_median": 1032.7242113649845,
  "summary_wm_n": 1078392.0,
  "summary_wm_p05": 820.3145155459642,
  "summary_wm_p95": 1240.629019677639,
  "summary_wm_stdv": 128.58986421979418,
  "tpm_overlap_csf": 0.1091400028717819,
  "tpm_overlap_gm": 0.09758060799396732,
  "tpm_overlap_wm": 0.44596019292278405,
  "wm2max": 0.2922887691312199
}