{
  "bids_meta": {
    "AcquisitionMatrixPE": 256,
    "AcquisitionNumber": 1,
    "AcquisitionTime": "16:16:6.550000",
    "BaseResolution": 256,
    "ConversionSoftware": "dcm2niix",
    "ConversionSoftwareVersion": "v1.0.20180404 Clang8.0.0",
    "DeviceSerialNumber": "35002",
    "DwellTime": 1.03e-05,
    "EchoTime": 0.00492,
    "FlipAngle": 25,
    "ImageOrientationPatientDICOM": [
      -0.0593063,
      0.99824,
      1.32098e-09,
      -0.029614,
      -0.0017594,
      -0.99956
    ],
    "ImageType": [
      "ORIGINAL",
      "PRIMARY",
      "M",
      "ND",
      "NORM"
    ],
    "InPlanePhaseEncodingDirectionDICOM": "ROW",
    "InstitutionAddress": "University_Pkwy_1700_North_685_Provo_UT_US_84601",
    "InstitutionName": "Brigham_Young_University",
    "InstitutionalDepartmentName": "MRI",
    "MRAcquisitionType": "3D",
    "MagneticFieldStrength": 3,
    "Manufacturer": "Siemens",
    "ManufacturersModelName": "TrioTim",
    "Modality": "MR",
    "ParallelReductionFactorInPlane": 2,
    "PartialFourier": 1,
    "PatientPosition": "HFS",
    "PercentPhaseFOV": 100,
    "PhaseEncodingSteps": 255,
    "PhaseResolution": 1,
    "PixelBandwidth": 190,
    "ProcedureStepDescription": "Research_KIRWAN",
    "ProtocolName": "t1_fl3d_sag_no3Daccel_iso_1.0_1avg",
    "PulseSequenceDetails": "%SiemensSeq%_gre",
    "ReceiveCoilName": "32Ch_Head",
    "ReconMatrixPE": 256,
    "RepetitionTime": 0.02,
    "SAR": 0.175575,
    "ScanningSequence": "GR",
    "SequenceName": "_fl3d1_ns",
    "SequenceVariant": "SP",
    "SeriesDescription": "t1_fl3d_sag_no3Daccel_iso_1.0_1avg",
    "SeriesNumber": 9,
    "ShimSetting": [
      -2826,
      -22917,
      1922,
      -109,
      -90,
      -53,
      -300,
      376
    ],
    "SliceThickness": 1,
    "SoftwareVersions": "syngo_MR_B17",
    "StationName": "MININT-E41B04",
    "TxRefAmp": 331.993,
    "dataset": "ds002168",
    "modality": "T1w",
    "subject_id": "2436"
  },
  "cjv": 0.48246766232340454,
  "cnr": 2.8170418465561253,
  "efc": 0.5853852604008306,
  "fber": 9924.805566168634,
  "fwhm_avg": 3.2286843580335245,
  "fwhm_x": 3.2277030741005737,
  "fwhm_y": 3.43129,
  "fwhm_z": 3.02706,
  "icvs_csf": 0.13040301151961503,
  "icvs_gm": 0.41429295073768385,
  "icvs_wm": 0.4553040377427011,
  "inu_med": 0.43441784381866455,
  "inu_range": 0.13976673781871796,
  "provenance": {
    "md5sum": "cb0437e9b81e5b4c2e73ed6b00ac580c",
    "settings": {
      "testing": false
    },
    "software": "mriqc",
    "version": "23.0.1",
    "warnings": {
      "large_rot_frame": true,
      "small_air_mask": false
    },
    "webapi_port": null,
    "webapi_url": "https://mriqc.nimh.nih.gov/api/v1"
  },
  "qi_1": 0.00010951272385884245,
  "qi_2": 0.016720635879084268,
  "rpve_csf": 34.24501307597195,
  "rpve_gm": 11.337472365006201,
  "rpve_wm": 11.784838913694703,
  "size_x": 192,
  "size_y": 256,
  "size_z": 256,
  "snr_csf": 2.324324991737819,
  "snr_gm": 15.57890628703237,
  "snr_total": 12.63715469214025,
  "snr_wm": 20.008232797650564,
  "snrd_csf": 48.29912763384119,
  "snrd_gm": 97.76321897828514,
  "snrd_total": 89.60996082489667,
  "snrd_wm": 122.7675358625637,
  "spacing_x": 1.000002145767212,
  "spacing_y": 1.0,
  "spacing_z": 1.0,
  "summary_bg_k": 16.425839104811313,
  "summary_bg_mad": 5.336591923677552,
  "summary_bg_mean": 6.505807931949833,
  "summary_bg_median": 3.5994765534996986,
  "summary_bg_n": 3875527.0,
  "summary_bg_p05": 0.0,
  "summary_bg_p95": 28.323153890669346,
  "summary_bg_stdv": 10.798565084054756,
  "summary_csf_k": 0.9416891938989655,
  "summary_csf_mad": 164.7335850379656,
  "summary_csf_mean": 387.66925564323225,
  "summary_csf_median": 393.43369480222464,
  "summary_csf_n": 22103.0,
  "summary_csf_p05": 114.2415684722364,
  "summary_csf_p95": 657.3589503765106,
  "summary_csf_stdv": 169.26410725409704,
  "summary_gm_k": 0.2241231858502548,
  "summary_gm_mad": 50.185526070139396,
  "summary_gm_mean": 797.6266179725953,
  "summary_gm_median": 796.3569187000394,
  "summary_gm_n": 36909.0,
  "summary_gm_p05": 715.4014187604189,
  "summary_gm_p95": 882.2353390976787,
  "summary_gm_stdv": 51.116947226065726,
  "summary_wm_k": 0.37492088551611724,
  "summary_wm_mad": 48.083232282024,
  "summary_wm_mean": 1006.132499641286,
  "summary_wm_median": 1000.036389939487,
  "summary_wm_n": 274245.0,
  "summary_wm_p05": 934.7004367411137,
  "summary_wm_p95": 1097.840348817408,
  "summary_wm_stdv": 49.98115409780772,
  "tpm_overlap_csf": 0.12798909282502818,
  "tpm_overlap_gm": 0.4279565981931774,
  "tpm_overlap_wm": 0.45834454607062813,
  "wm2max": 0.5736183524504692
}