{
  "bids_meta": {
    "AcquisitionMatrixPE": 512,
    "AcquisitionNumber": 1,
    "AcquisitionTime": "16:41:16.562500",
    "BaseResolution": 512,
    "ConversionSoftware": "dcm2niix",
    "ConversionSoftwareVersion": "v1.0.20180404 Clang8.0.0",
    "DeviceSerialNumber": "35002",
    "DwellTime": 5e-06,
    "EchoTime": 0.064,
    "EchoTrainLength": 15,
    "FlipAngle": 129,
    "ImageOrientationPatientDICOM": [
      0.999893,
      -0.0146479,
      1.23821e-10,
      0.00783845,
      0.535065,
      -0.844774
    ],
    "ImageType": [
      "ORIGINAL",
      "PRIMARY",
      "M",
      "ND"
    ],
    "InPlanePhaseEncodingDirectionDICOM": "ROW",
    "InstitutionAddress": "University_Pkwy_1700_North_685_Provo_UT_US_84601",
    "InstitutionName": "Brigham_Young_University",
    "InstitutionalDepartmentName": "MRI",
    "MRAcquisitionType": "2D",
    "MagneticFieldStrength": 3,
    "Manufacturer": "Siemens",
    "ManufacturersModelName": "TrioTim",
    "Modality": "MR",
    "PartialFourier": 1,
    "PatientPosition": "HFS",
    "PercentPhaseFOV": 100,
    "PhaseEncodingDirection": "i",
    "PhaseEncodingSteps": 720,
    "PhaseOversampling": 0.4,
    "PhaseResolution": 1,
    "PixelBandwidth": 195,
    "ProcedureStepDescription": "Research_KIRWAN",
    "ProtocolName": "HHR_struct_MODIFIED",
    "PulseSequenceDetails": "%SiemensSeq%_tse",
    "ReceiveCoilName": "32Ch_Head",
    "ReconMatrixPE": 512,
    "RepetitionTime": 7.97,
    "SAR": 0.671121,
    "ScanningSequence": "SE",
    "SequenceName": "_tse2d1_15",
    "SequenceVariant": "SK_SP_OSP",
    "SeriesDescription": "HHR_struct_MODIFIED",
    "SeriesNumber": 16,
    "ShimSetting": [
      -2845,
      -22920,
      2453,
      616,
      115,
      -192,
      136,
      477
    ],
    "SliceThickness": 2,
    "SoftwareVersions": "syngo_MR_B17",
    "SpacingBetweenSlices": 2,
    "StationName": "MININT-E41B04",
    "TxRefAmp": 331.993,
    "dataset": "ds002168",
    "modality": "T2w",
    "subject_id": "2436"
  },
  "cjv": 1.1635612347765483,
  "cnr": 0.9881976543288915,
  "efc": 0.7098707428601353,
  "fber": 446.2111807843554,
  "fwhm_avg": 5.450916908812128,
  "fwhm_x": 6.411161600000001,
  "fwhm_y": 3.9725395264363854,
  "fwhm_z": 5.9690496,
  "icvs_csf": 0.45191254340321574,
  "icvs_gm": 0.10639628338045971,
  "icvs_wm": 0.44169117321632456,
  "inu_med": 1.0014479160308838,
  "inu_range": 1.8334384739398948,
  "provenance": {
    "md5sum": "dd02befce0465c3e6ac2b210a9c837c4",
    "settings": {
      "testing": false
    },
    "software": "mriqc",
    "version": "23.0.1",
    "warnings": {
      "large_rot_frame": false,
      "small_air_mask": false
    },
    "webapi_port": null,
    "webapi_url": "https://mriqc.nimh.nih.gov/api/v1"
  },
  "qi_1": 0.023576623904393475,
  "qi_2": 4.796535686373611e-05,
  "rpve_csf": 4.603662712065304,
  "rpve_gm": 19.200979865347538,
  "rpve_wm": 4.935788838206193,
  "size_x": 512,
  "size_y": 35,
  "size_z": 512,
  "snr_csf": 11.177602203891917,
  "snr_gm": 1.926283084250375,
  "snr_total": 7.066614245584803,
  "snr_wm": 8.095957448612115,
  "snrd_csf": 50.95431188637186,
  "snrd_gm": 68.88144903177293,
  "snrd_total": 50.64388526913549,
  "snrd_wm": 32.09589488926165,
  "spacing_x": 0.390625,
  "spacing_y": 2.000000238418579,
  "spacing_z": 0.390625,
  "summary_bg_k": 70.34390300632656,
  "summary_bg_mad": 21.06998873094036,
  "summary_bg_mean": 70.44269157479206,
  "summary_bg_median": 14.21149143576622,
  "summary_bg_n": 1979839.0,
  "summary_bg_p05": 0.0,
  "summary_bg_p95": 147.15770164132118,
  "summary_bg_stdv": 307.2930039333832,
  "summary_csf_k": 0.1812095268068492,
  "summary_csf_mad": 144.77121289323537,
  "summary_csf_mean": 1648.8438928274213,
  "summary_csf_median": 1638.7530554533005,
  "summary_csf_n": 1120767.0,
  "summary_csf_p05": 1426.9559895396233,
  "summary_csf_p95": 1905.2567228078842,
  "summary_csf_stdv": 146.61036369651978,
  "summary_gm_k": -1.5187497474028735,
  "summary_gm_mad": 1248.113633534951,
  "summary_gm_mean": 1731.6828397334673,
  "summary_gm_median": 2215.3117348849773,
  "summary_gm_n": 271771.0,
  "summary_gm_p05": 109.87163808941841,
  "summary_gm_p95": 3300.427871286869,
  "summary_gm_stdv": 1150.0426273263643,
  "summary_wm_k": 0.08827217119762043,
  "summary_wm_mad": 128.45896355315253,
  "summary_wm_mean": 1033.1938878983049,
  "summary_wm_median": 1032.2432757914066,
  "summary_wm_n": 1147747.0,
  "summary_wm_p05": 828.2396084070206,
  "summary_wm_p95": 1242.9706595540047,
  "summary_wm_stdv": 127.50101920136139,
  "tpm_overlap_csf": 0.09786185228750108,
  "tpm_overlap_gm": 0.06814567025557333,
  "tpm_overlap_wm": 0.46389220843340273,
  "wm2max": 0.21584586311113155
}