{
  "bids_meta": {
    "AcquisitionMatrixPE": 256,
    "AcquisitionNumber": 1,
    "AcquisitionTime": "17:46:58.990000",
    "BaseResolution": 256,
    "ConversionSoftware": "dcm2niix",
    "ConversionSoftwareVersion": "v1.0.20180404 Clang8.0.0",
    "DeviceSerialNumber": "35002",
    "DwellTime": 1.03e-05,
    "EchoTime": 0.00492,
    "FlipAngle": 25,
    "ImageOrientationPatientDICOM": [
      -0.109669,
      0.993968,
      1.57702e-08,
      -0.0659231,
      -0.00727358,
      -0.997798
    ],
    "ImageType": [
      "ORIGINAL",
      "PRIMARY",
      "M",
      "ND",
      "NORM"
    ],
    "InPlanePhaseEncodingDirectionDICOM": "ROW",
    "InstitutionAddress": "University_Pkwy_1700_North_685_Provo_UT_US_84601",
    "InstitutionName": "Brigham_Young_University",
    "InstitutionalDepartmentName": "MRI",
    "MRAcquisitionType": "3D",
    "MagneticFieldStrength": 3,
    "Manufacturer": "Siemens",
    "ManufacturersModelName": "TrioTim",
    "Modality": "MR",
    "ParallelReductionFactorInPlane": 2,
    "PartialFourier": 1,
    "PatientPosition": "HFS",
    "PercentPhaseFOV": 100,
    "PhaseEncodingSteps": 255,
    "PhaseResolution": 1,
    "PixelBandwidth": 190,
    "ProcedureStepDescription": "Research_KIRWAN",
    "ProtocolName": "t1_fl3d_sag_no3Daccel_iso_1.0_1avg",
    "PulseSequenceDetails": "%SiemensSeq%_gre",
    "ReceiveCoilName": "32Ch_Head",
    "ReconMatrixPE": 256,
    "RepetitionTime": 0.02,
    "SAR": 0.180636,
    "ScanningSequence": "GR",
    "SequenceName": "_fl3d1_ns",
    "SequenceVariant": "SP",
    "SeriesDescription": "t1_fl3d_sag_no3Daccel_iso_1.0_1avg",
    "SeriesNumber": 9,
    "ShimSetting": [
      -2826,
      -22917,
      1922,
      -109,
      -90,
      -53,
      -300,
      376
    ],
    "SliceThickness": 1,
    "SoftwareVersions": "syngo_MR_B17",
    "StationName": "MININT-E41B04",
    "TxRefAmp": 329.816,
    "dataset": "ds002168",
    "modality": "T1w",
    "subject_id": "2560"
  },
  "cjv": 0.4395296476374281,
  "cnr": 3.10561962259656,
  "efc": 0.5493155824068315,
  "fber": 8269.793648918294,
  "fwhm_avg": 3.2311468815210556,
  "fwhm_x": 3.2470206445631655,
  "fwhm_y": 3.32223,
  "fwhm_z": 3.12419,
  "icvs_csf": 0.16530820104929975,
  "icvs_gm": 0.43554992724050634,
  "icvs_wm": 0.3991418717101939,
  "inu_med": 0.3878900110721588,
  "inu_range": 0.12709194421768188,
  "provenance": {
    "md5sum": "bb598e57ce408e3e95150b9f480e879b",
    "settings": {
      "testing": false
    },
    "software": "mriqc",
    "version": "23.0.1",
    "warnings": {
      "large_rot_frame": true,
      "small_air_mask": false
    },
    "webapi_port": null,
    "webapi_url": "https://mriqc.nimh.nih.gov/api/v1"
  },
  "qi_1": 0.0,
  "qi_2": 0.014739068559713032,
  "rpve_csf": 37.52576674066684,
  "rpve_gm": 14.671500493536794,
  "rpve_wm": 17.61601931949861,
  "size_x": 192,
  "size_y": 256,
  "size_z": 256,
  "snr_csf": 2.3193586269247355,
  "snr_gm": 16.46812832930246,
  "snr_total": 13.54863288086247,
  "snr_wm": 21.858411686360217,
  "snrd_csf": 41.530235655265614,
  "snrd_gm": 88.4372740748663,
  "snrd_total": 80.5159910395797,
  "snrd_wm": 111.58046338860716,
  "spacing_x": 0.9999967217445374,
  "spacing_y": 1.0,
  "spacing_z": 1.0,
  "summary_bg_k": 35.189918414452,
  "summary_bg_mad": 5.871603334126562,
  "summary_bg_mean": 5.736575724176933,
  "summary_bg_median": 3.9603362660855055,
  "summary_bg_n": 2802508.0,
  "summary_bg_p05": 0.0,
  "summary_bg_p95": 19.680755032226443,
  "summary_bg_stdv": 7.15538207970875,
  "summary_csf_k": 4.6693534843122,
  "summary_csf_mad": 119.44902965990296,
  "summary_csf_mean": 357.5972695019062,
  "summary_csf_median": 372.211145862937,
  "summary_csf_n": 24900.0,
  "summary_csf_p05": 81.86559230340644,
  "summary_csf_p95": 584.4987739336676,
  "summary_csf_stdv": 160.47698158779716,
  "summary_gm_k": 0.29979276777947605,
  "summary_gm_mad": 46.569434077538155,
  "summary_gm_mean": 791.8737079432022,
  "summary_gm_median": 792.611421559006,
  "summary_gm_n": 20570.0,
  "summary_gm_p05": 711.4396438915282,
  "summary_gm_p95": 869.2046272608451,
  "summary_gm_stdv": 48.128854674740495,
  "summary_wm_k": 0.3010219493745945,
  "summary_wm_mad": 44.59729249966358,
  "summary_wm_mean": 1002.7048584779699,
  "summary_wm_median": 1000.0302545484155,
  "summary_wm_n": 146045.0,
  "summary_wm_p05": 932.6440748758614,
  "summary_wm_p95": 1082.3810636233538,
  "summary_wm_stdv": 45.75020569590076,
  "tpm_overlap_csf": 0.1546545247320592,
  "tpm_overlap_gm": 0.4609241344351608,
  "tpm_overlap_wm": 0.47287589093088467,
  "wm2max": 0.6565176645059277
}