{
  "aor": 0.0004529508196721311,
  "aqi": 0.01467433723653396,
  "bids_meta": {
    "AcquisitionMatrixPE": 100,
    "AcquisitionNumber": 1,
    "AcquisitionTime": "14:59:10.825000",
    "BandwidthPerPixelPhaseEncode": 13.889,
    "BaseResolution": 100,
    "ConversionSoftware": "dcm2niix",
    "ConversionSoftwareVersion": "v1.0.20180404 Clang8.0.0",
    "DerivedVendorReportedEchoSpacing": 0.000719994,
    "DeviceSerialNumber": "35002",
    "DwellTime": 2.8e-06,
    "EchoTime": 0.0436,
    "EffectiveEchoSpacing": 0.000719994,
    "FlipAngle": 55,
    "ImageComments": "Unaliased_MB8_PE3_(remote)",
    "ImageOrientationPatientDICOM": [
      0.999831,
      0.00481514,
      -0.0177174,
      3.11973e-08,
      0.964996,
      0.262264
    ],
    "ImageType": [
      "ORIGINAL",
      "PRIMARY",
      "M",
      "MB",
      "ND",
      "MOSAIC"
    ],
    "InPlanePhaseEncodingDirectionDICOM": "COL",
    "InstitutionAddress": "University_Pkwy_1700_North_685_Provo_UT_US_84601",
    "InstitutionName": "Brigham_Young_University",
    "InstitutionalDepartmentName": "MRI",
    "MRAcquisitionType": "2D",
    "MagneticFieldStrength": 3,
    "Manufacturer": "Siemens",
    "ManufacturersModelName": "TrioTim",
    "Modality": "MR",
    "MultibandAccelerationFactor": 8,
    "PartialFourier": 1,
    "PatientPosition": "HFS",
    "PercentPhaseFOV": 100,
    "PhaseEncodingDirection": "j-",
    "PhaseEncodingSteps": 100,
    "PhaseResolution": 1,
    "PixelBandwidth": 1786,
    "ProcedureStepDescription": "Research_KIRWAN",
    "ProtocolName": "run4",
    "PulseSequenceDetails": "%CustomerSeq%_cmrr_mbep2d_bold",
    "ReceiveCoilName": "32Ch_Head",
    "ReconMatrixPE": 100,
    "RepetitionTime": 0.875,
    "SAR": 0.122173,
    "ScanOptions": "FS",
    "ScanningSequence": "EP",
    "SequenceName": "epfid2d1_100",
    "SequenceVariant": "SK_SS",
    "SeriesDescription": "run4",
    "SeriesNumber": 6,
    "ShimSetting": [
      -2713,
      -23056,
      2460,
      1055,
      -3,
      -6,
      -271,
      44
    ],
    "SliceThickness": 1.8,
    "SliceTiming": [
      0,
      0.4875,
      0.0975,
      0.585,
      0.195,
      0.6825,
      0.2925,
      0.78,
      0.39,
      0,
      0.4875,
      0.0975,
      0.585,
      0.195,
      0.6825,
      0.2925,
      0.78,
      0.39,
      0,
      0.4875,
      0.0975,
      0.585,
      0.195,
      0.6825,
      0.2925,
      0.78,
      0.39,
      0,
      0.4875,
      0.0975,
      0.585,
      0.195,
      0.6825,
      0.2925,
      0.78,
      0.39,
      0,
      0.4875,
      0.0975,
      0.585,
      0.195,
      0.6825,
      0.2925,
      0.78,
      0.39,
      0,
      0.4875,
      0.0975,
      0.585,
      0.195,
      0.6825,
      0.2925,
      0.78,
      0.39,
      0,
      0.4875,
      0.0975,
      0.585,
      0.195,
      0.6825,
      0.2925,
      0.78,
      0.39,
      0,
      0.4875,
      0.0975,
      0.585,
      0.195,
      0.6825,
      0.2925,
      0.78,
      0.39
    ],
    "SoftwareVersions": "syngo_MR_B17",
    "SpacingBetweenSlices": 1.8,
    "StationName": "MININT-E41B04",
    "TaskName": "MST",
    "TotalReadoutTime": 0.0712794,
    "TxRefAmp": 324.256,
    "dataset": "ds002168",
    "modality": "bold",
    "run_id": 4,
    "subject_id": "1548",
    "task_id": "mst"
  },
  "dummy_trs": 1,
  "dvars_nstd": 77.15115229300469,
  "dvars_std": 1.0730564003286378,
  "dvars_vstd": 1.0037729414084513,
  "efc": 0.6181172020298927,
  "fber": 148.7613525390625,
  "fd_mean": 0.10882287916786955,
  "fd_num": 2,
  "fd_perc": 0.468384074941452,
  "fwhm_avg": 3.3778685355107023,
  "fwhm_x": 3.1735778618488806,
  "fwhm_y": 3.676305652944397,
  "fwhm_z": 3.28372209173883,
  "gcor": 0.00296943,
  "gsr_x": -0.029027540236711502,
  "gsr_y": 0.11710645258426666,
  "provenance": {
    "md5sum": "5e49d3626cac297f4314955cdafcba34",
    "settings": {
      "fd_thres": 0.2,
      "testing": false
    },
    "software": "mriqc",
    "version": "23.0.1",
    "webapi_port": null,
    "webapi_url": "https://mriqc.nimh.nih.gov/api/v1"
  },
  "size_t": 427,
  "size_x": 100,
  "size_y": 100,
  "size_z": 72,
  "snr": 1.71281468941878,
  "spacing_tr": 0.875,
  "spacing_x": 1.7999999523162842,
  "spacing_y": 1.7999999523162842,
  "spacing_z": 1.8000000715255737,
  "summary_bg_k": 46.29160848937799,
  "summary_bg_mad": 17.44748295851802,
  "summary_bg_mean": 47.67457962036133,
  "summary_bg_median": 26.192035675048828,
  "summary_bg_n": 383082.0,
  "summary_bg_p05": 12.30913257598877,
  "summary_bg_p95": 150.43547515869145,
  "summary_bg_stdv": 64.91482543945312,
  "summary_fg_k": 6.697871858627639,
  "summary_fg_mad": 123.71916901199481,
  "summary_fg_mean": 383.6957702636719,
  "summary_fg_median": 334.40863037109375,
  "summary_fg_n": 224224.0,
  "summary_fg_p05": 177.77984619140625,
  "summary_fg_p95": 769.8687011718746,
  "summary_fg_stdv": 195.23880004882812,
  "tsnr": 20.53524281596765
}