{
  "aor": 0.00024842723004694835,
  "aqi": 0.014763278638497652,
  "bids_meta": {
    "AcquisitionMatrixPE": 100,
    "AcquisitionNumber": 1,
    "AcquisitionTime": "18:03:2.070000",
    "BandwidthPerPixelPhaseEncode": 13.889,
    "BaseResolution": 100,
    "ConversionSoftware": "dcm2niix",
    "ConversionSoftwareVersion": "v1.0.20180404 Clang8.0.0",
    "DerivedVendorReportedEchoSpacing": 0.000719994,
    "DeviceSerialNumber": "35002",
    "DwellTime": 2.8e-06,
    "EchoTime": 0.0436,
    "EffectiveEchoSpacing": 0.000719994,
    "FlipAngle": 55,
    "ImageComments": "Unaliased_MB8_PE3_(remote)",
    "ImageOrientationPatientDICOM": [
      0.999769,
      0.00945703,
      -0.0192993,
      -1.6193e-08,
      0.897984,
      0.440029
    ],
    "ImageType": [
      "ORIGINAL",
      "PRIMARY",
      "M",
      "MB",
      "ND",
      "MOSAIC"
    ],
    "InPlanePhaseEncodingDirectionDICOM": "COL",
    "InstitutionAddress": "University_Pkwy_1700_North_685_Provo_UT_US_84601",
    "InstitutionName": "Brigham_Young_University",
    "InstitutionalDepartmentName": "MRI",
    "MRAcquisitionType": "2D",
    "MagneticFieldStrength": 3,
    "Manufacturer": "Siemens",
    "ManufacturersModelName": "TrioTim",
    "Modality": "MR",
    "MultibandAccelerationFactor": 8,
    "PartialFourier": 1,
    "PatientPosition": "HFS",
    "PercentPhaseFOV": 100,
    "PhaseEncodingDirection": "j-",
    "PhaseEncodingSteps": 100,
    "PhaseResolution": 1,
    "PixelBandwidth": 1786,
    "ProcedureStepDescription": "Research_KIRWAN",
    "ProtocolName": "run4",
    "PulseSequenceDetails": "%CustomerSeq%_cmrr_mbep2d_bold",
    "ReceiveCoilName": "32Ch_Head",
    "ReconMatrixPE": 100,
    "RepetitionTime": 0.875,
    "SAR": 0.113264,
    "ScanOptions": "FS",
    "ScanningSequence": "EP",
    "SequenceName": "epfid2d1_100",
    "SequenceVariant": "SK_SS",
    "SeriesDescription": "run4",
    "SeriesNumber": 6,
    "ShimSetting": [
      -2819,
      -22949,
      2336,
      1040,
      56,
      287,
      -139,
      450
    ],
    "SliceThickness": 1.8,
    "SliceTiming": [
      0,
      0.4875,
      0.0975,
      0.585,
      0.195,
      0.6825,
      0.2925,
      0.78,
      0.39,
      0,
      0.4875,
      0.0975,
      0.585,
      0.195,
      0.6825,
      0.2925,
      0.78,
      0.39,
      0,
      0.4875,
      0.0975,
      0.585,
      0.195,
      0.6825,
      0.2925,
      0.78,
      0.39,
      0,
      0.4875,
      0.0975,
      0.585,
      0.195,
      0.6825,
      0.2925,
      0.78,
      0.39,
      0,
      0.4875,
      0.0975,
      0.585,
      0.195,
      0.6825,
      0.2925,
      0.78,
      0.39,
      0,
      0.4875,
      0.0975,
      0.585,
      0.195,
      0.6825,
      0.2925,
      0.78,
      0.39,
      0,
      0.4875,
      0.0975,
      0.585,
      0.195,
      0.6825,
      0.2925,
      0.78,
      0.39,
      0,
      0.4875,
      0.0975,
      0.585,
      0.195,
      0.6825,
      0.2925,
      0.78,
      0.39
    ],
    "SoftwareVersions": "syngo_MR_B17",
    "SpacingBetweenSlices": 1.8,
    "StationName": "MININT-E41B04",
    "TaskName": "MST",
    "TotalReadoutTime": 0.0712794,
    "TxRefAmp": 329.724,
    "dataset": "ds002168",
    "modality": "bold",
    "run_id": 4,
    "subject_id": "2347",
    "task_id": "mst"
  },
  "dummy_trs": 2,
  "dvars_nstd": 70.57877967395292,
  "dvars_std": 1.0446575002117637,
  "dvars_vstd": 1.0057926608235304,
  "efc": 0.5669825814444076,
  "fber": 307.63739013671875,
  "fd_mean": 0.15523791735197204,
  "fd_num": 136,
  "fd_perc": 31.92488262910798,
  "fwhm_avg": 3.317957424320756,
  "fwhm_x": 3.019166746647272,
  "fwhm_y": 3.7193056540835077,
  "fwhm_z": 3.2153998722314885,
  "gcor": 0.00556604,
  "gsr_x": -0.008965722285211086,
  "gsr_y": 0.06669872999191284,
  "provenance": {
    "md5sum": "a947520e4384b002c07eb8e198978469",
    "settings": {
      "fd_thres": 0.2,
      "testing": false
    },
    "software": "mriqc",
    "version": "23.0.1",
    "webapi_port": null,
    "webapi_url": "https://mriqc.nimh.nih.gov/api/v1"
  },
  "size_t": 426,
  "size_x": 100,
  "size_y": 100,
  "size_z": 72,
  "snr": 2.169726055526953,
  "spacing_tr": 0.875,
  "spacing_x": 1.7999999523162842,
  "spacing_y": 1.7999999523162842,
  "spacing_z": 1.8000000715255737,
  "summary_bg_k": 37.54041118607814,
  "summary_bg_mad": 10.489584325261042,
  "summary_bg_mean": 30.814163208007812,
  "summary_bg_median": 19.039905548095703,
  "summary_bg_n": 436275.0,
  "summary_bg_p05": 11.009389877319336,
  "summary_bg_p95": 87.27535324096677,
  "summary_bg_stdv": 36.32802963256836,
  "summary_fg_k": 3.740671306160647,
  "summary_fg_mad": 108.4248340137478,
  "summary_fg_mean": 381.51531982421875,
  "summary_fg_median": 344.7629089355469,
  "summary_fg_n": 178203.0,
  "summary_fg_p05": 201.56385498046876,
  "summary_fg_p95": 698.7809753417969,
  "summary_fg_stdv": 158.8965301513672,
  "tsnr": 21.140193655970506
}