{
  "aor": 0.00046425233644859816,
  "aqi": 0.015130801168224298,
  "bids_meta": {
    "AcquisitionMatrixPE": 100,
    "AcquisitionNumber": 1,
    "AcquisitionTime": "18:09:56.295000",
    "BandwidthPerPixelPhaseEncode": 13.889,
    "BaseResolution": 100,
    "ConversionSoftware": "dcm2niix",
    "ConversionSoftwareVersion": "v1.0.20180404 Clang8.0.0",
    "DerivedVendorReportedEchoSpacing": 0.000719994,
    "DeviceSerialNumber": "35002",
    "DwellTime": 2.8e-06,
    "EchoTime": 0.0436,
    "EffectiveEchoSpacing": 0.000719994,
    "FlipAngle": 55,
    "ImageComments": "Unaliased_MB8_PE3_(remote)",
    "ImageOrientationPatientDICOM": [
      0.999769,
      0.00945703,
      -0.0192993,
      -1.6193e-08,
      0.897984,
      0.440029
    ],
    "ImageType": [
      "ORIGINAL",
      "PRIMARY",
      "M",
      "MB",
      "ND",
      "MOSAIC"
    ],
    "InPlanePhaseEncodingDirectionDICOM": "COL",
    "InstitutionAddress": "University_Pkwy_1700_North_685_Provo_UT_US_84601",
    "InstitutionName": "Brigham_Young_University",
    "InstitutionalDepartmentName": "MRI",
    "MRAcquisitionType": "2D",
    "MagneticFieldStrength": 3,
    "Manufacturer": "Siemens",
    "ManufacturersModelName": "TrioTim",
    "Modality": "MR",
    "MultibandAccelerationFactor": 8,
    "PartialFourier": 1,
    "PatientPosition": "HFS",
    "PercentPhaseFOV": 100,
    "PhaseEncodingDirection": "j-",
    "PhaseEncodingSteps": 100,
    "PhaseResolution": 1,
    "PixelBandwidth": 1786,
    "ProcedureStepDescription": "Research_KIRWAN",
    "ProtocolName": "run5",
    "PulseSequenceDetails": "%CustomerSeq%_cmrr_mbep2d_bold",
    "ReceiveCoilName": "32Ch_Head",
    "ReconMatrixPE": 100,
    "RepetitionTime": 0.875,
    "SAR": 0.114348,
    "ScanOptions": "FS",
    "ScanningSequence": "EP",
    "SequenceName": "epfid2d1_100",
    "SequenceVariant": "SK_SS",
    "SeriesDescription": "run5",
    "SeriesNumber": 7,
    "ShimSetting": [
      -2819,
      -22949,
      2336,
      1040,
      56,
      287,
      -139,
      450
    ],
    "SliceThickness": 1.8,
    "SliceTiming": [
      0,
      0.4875,
      0.0975,
      0.585,
      0.195,
      0.6825,
      0.2925,
      0.78,
      0.39,
      0,
      0.4875,
      0.0975,
      0.585,
      0.195,
      0.6825,
      0.2925,
      0.78,
      0.39,
      0,
      0.4875,
      0.0975,
      0.585,
      0.195,
      0.6825,
      0.2925,
      0.78,
      0.39,
      0,
      0.4875,
      0.0975,
      0.585,
      0.195,
      0.6825,
      0.2925,
      0.78,
      0.39,
      0,
      0.4875,
      0.0975,
      0.585,
      0.195,
      0.6825,
      0.2925,
      0.78,
      0.39,
      0,
      0.4875,
      0.0975,
      0.585,
      0.195,
      0.6825,
      0.2925,
      0.78,
      0.39,
      0,
      0.4875,
      0.0975,
      0.585,
      0.195,
      0.6825,
      0.2925,
      0.78,
      0.39,
      0,
      0.4875,
      0.0975,
      0.585,
      0.195,
      0.6825,
      0.2925,
      0.78,
      0.39
    ],
    "SoftwareVersions": "syngo_MR_B17",
    "SpacingBetweenSlices": 1.8,
    "StationName": "MININT-E41B04",
    "TaskName": "MST",
    "TotalReadoutTime": 0.0712794,
    "TxRefAmp": 329.724,
    "dataset": "ds002168",
    "modality": "bold",
    "run_id": 5,
    "subject_id": "2347",
    "task_id": "mst"
  },
  "dummy_trs": 0,
  "dvars_nstd": 71.2106892677518,
  "dvars_std": 1.0437508587822013,
  "dvars_vstd": 1.0046839905152227,
  "efc": 0.5670888639931247,
  "fber": 303.6834716796875,
  "fd_mean": 0.15537979228706747,
  "fd_num": 156,
  "fd_perc": 36.44859813084112,
  "fwhm_avg": 3.2858185361202636,
  "fwhm_x": 3.015250079876849,
  "fwhm_y": 3.696555653480839,
  "fwhm_z": 3.1456498750031043,
  "gcor": 0.00327155,
  "gsr_x": -0.008544832468032837,
  "gsr_y": 0.06662754714488983,
  "provenance": {
    "md5sum": "78cd54c8d537993170c353979380c1db",
    "settings": {
      "fd_thres": 0.2,
      "testing": false
    },
    "software": "mriqc",
    "version": "23.0.1",
    "webapi_port": null,
    "webapi_url": "https://mriqc.nimh.nih.gov/api/v1"
  },
  "size_t": 428,
  "size_x": 100,
  "size_y": 100,
  "size_z": 72,
  "snr": 2.1783079229756703,
  "spacing_tr": 0.875,
  "spacing_x": 1.7999999523162842,
  "spacing_y": 1.7999999523162842,
  "spacing_z": 1.8000000715255737,
  "summary_bg_k": 36.22217686652191,
  "summary_bg_mad": 10.707296846242883,
  "summary_bg_mean": 31.27397918701172,
  "summary_bg_median": 19.207942962646484,
  "summary_bg_n": 437592.0,
  "summary_bg_p05": 10.985980987548828,
  "summary_bg_p95": 89.27674980163563,
  "summary_bg_stdv": 36.999996185302734,
  "summary_fg_k": 3.7621542522399487,
  "summary_fg_mad": 108.39619365717083,
  "summary_fg_mean": 382.78887939453125,
  "summary_fg_median": 345.34112548828125,
  "summary_fg_n": 176749.0,
  "summary_fg_p05": 204.1177551269531,
  "summary_fg_p95": 699.8294311523441,
  "summary_fg_stdv": 158.5359649658203,
  "tsnr": 21.03021001094021
}