{
  "aor": 0.0003814285714285714,
  "aqi": 0.019636779625292738,
  "bids_meta": {
    "AcquisitionMatrixPE": 100,
    "AcquisitionNumber": 1,
    "AcquisitionTime": "19:09:47.152500",
    "BandwidthPerPixelPhaseEncode": 13.889,
    "BaseResolution": 100,
    "ConversionSoftware": "dcm2niix",
    "ConversionSoftwareVersion": "v1.0.20180404 Clang8.0.0",
    "DerivedVendorReportedEchoSpacing": 0.000719994,
    "DeviceSerialNumber": "35002",
    "DwellTime": 2.8e-06,
    "EchoTime": 0.0436,
    "EffectiveEchoSpacing": 0.000719994,
    "FlipAngle": 55,
    "ImageComments": "Unaliased_MB8_PE3_(remote)",
    "ImageOrientationPatientDICOM": [
      1,
      0,
      0,
      0,
      0.800731,
      0.599024
    ],
    "ImageType": [
      "ORIGINAL",
      "PRIMARY",
      "M",
      "MB",
      "ND",
      "MOSAIC"
    ],
    "InPlanePhaseEncodingDirectionDICOM": "COL",
    "InstitutionAddress": "University_Pkwy_1700_North_685_Provo_UT_US_84601",
    "InstitutionName": "Brigham_Young_University",
    "InstitutionalDepartmentName": "MRI",
    "MRAcquisitionType": "2D",
    "MagneticFieldStrength": 3,
    "Manufacturer": "Siemens",
    "ManufacturersModelName": "TrioTim",
    "Modality": "MR",
    "MultibandAccelerationFactor": 8,
    "PartialFourier": 1,
    "PatientPosition": "HFS",
    "PercentPhaseFOV": 100,
    "PhaseEncodingDirection": "j-",
    "PhaseEncodingSteps": 100,
    "PhaseResolution": 1,
    "PixelBandwidth": 1786,
    "ProcedureStepDescription": "Research_KIRWAN",
    "ProtocolName": "run1",
    "PulseSequenceDetails": "%CustomerSeq%_cmrr_mbep2d_bold",
    "ReceiveCoilName": "32Ch_Head",
    "ReconMatrixPE": 100,
    "RepetitionTime": 0.875,
    "SAR": 0.122455,
    "ScanOptions": "FS",
    "ScanningSequence": "EP",
    "SequenceName": "epfid2d1_100",
    "SequenceVariant": "SK_SS",
    "SeriesDescription": "run1",
    "SeriesNumber": 3,
    "ShimSetting": [
      -2450,
      -21769,
      1432,
      379,
      672,
      4497,
      232,
      -574
    ],
    "SliceThickness": 1.8,
    "SliceTiming": [
      0,
      0.4875,
      0.0975,
      0.585,
      0.195,
      0.6825,
      0.2925,
      0.78,
      0.39,
      0,
      0.4875,
      0.0975,
      0.585,
      0.195,
      0.6825,
      0.2925,
      0.78,
      0.39,
      0,
      0.4875,
      0.0975,
      0.585,
      0.195,
      0.6825,
      0.2925,
      0.78,
      0.39,
      0,
      0.4875,
      0.0975,
      0.585,
      0.195,
      0.6825,
      0.2925,
      0.78,
      0.39,
      0,
      0.4875,
      0.0975,
      0.585,
      0.195,
      0.6825,
      0.2925,
      0.78,
      0.39,
      0,
      0.4875,
      0.0975,
      0.585,
      0.195,
      0.6825,
      0.2925,
      0.78,
      0.39,
      0,
      0.4875,
      0.0975,
      0.585,
      0.195,
      0.6825,
      0.2925,
      0.78,
      0.39,
      0,
      0.4875,
      0.0975,
      0.585,
      0.195,
      0.6825,
      0.2925,
      0.78,
      0.39
    ],
    "SoftwareVersions": "syngo_MR_B17",
    "SpacingBetweenSlices": 1.8,
    "StationName": "MININT-E41B04",
    "TaskName": "MST",
    "TotalReadoutTime": 0.0712794,
    "TxRefAmp": 329.004,
    "dataset": "ds002168",
    "modality": "bold",
    "run_id": 1,
    "subject_id": "1565",
    "task_id": "mst"
  },
  "dummy_trs": 1,
  "dvars_nstd": 71.6545447407511,
  "dvars_std": 1.032440472699531,
  "dvars_vstd": 1.0004432381924886,
  "efc": 0.5622415947058292,
  "fber": 359.6749572753906,
  "fd_mean": 0.10484668966863653,
  "fd_num": 3,
  "fd_perc": 0.702576112412178,
  "fwhm_avg": 3.1340928158917243,
  "fwhm_x": 3.0480778585242656,
  "fwhm_y": 3.410505871771986,
  "fwhm_z": 2.9436947173789214,
  "gcor": 0.00200154,
  "gsr_x": 0.004299705848097801,
  "gsr_y": 0.05232473090291023,
  "provenance": {
    "md5sum": "8ae8ed1af67003dd0dcc70d8da05176a",
    "settings": {
      "fd_thres": 0.2,
      "testing": false
    },
    "software": "mriqc",
    "version": "23.0.1",
    "webapi_port": null,
    "webapi_url": "https://mriqc.nimh.nih.gov/api/v1"
  },
  "size_t": 427,
  "size_x": 100,
  "size_y": 100,
  "size_z": 72,
  "snr": 2.415207359242875,
  "spacing_tr": 0.875,
  "spacing_x": 1.7999999523162842,
  "spacing_y": 1.7999998331069946,
  "spacing_z": 1.7999998331069946,
  "summary_bg_k": 27.642463668857264,
  "summary_bg_mad": 9.169910896698028,
  "summary_bg_mean": 28.096725463867188,
  "summary_bg_median": 17.194377899169922,
  "summary_bg_n": 447590.0,
  "summary_bg_p05": 9.894613265991211,
  "summary_bg_p95": 83.06451301574704,
  "summary_bg_stdv": 33.676727294921875,
  "summary_fg_k": 3.5375865301472658,
  "summary_fg_mad": 97.6156105272541,
  "summary_fg_mean": 358.85137939453125,
  "summary_fg_median": 329.4449462890625,
  "summary_fg_n": 173758.0,
  "summary_fg_p05": 193.50479125976562,
  "summary_fg_p95": 633.0334716796875,
  "summary_fg_stdv": 136.40402221679688,
  "tsnr": 18.644628864945844
}