{
  "aor": 0.0003932710280373832,
  "aqi": 0.020720015887850468,
  "bids_meta": {
    "AcquisitionMatrixPE": 100,
    "AcquisitionNumber": 1,
    "AcquisitionTime": "19:43:22.437500",
    "BandwidthPerPixelPhaseEncode": 13.889,
    "BaseResolution": 100,
    "ConversionSoftware": "dcm2niix",
    "ConversionSoftwareVersion": "v1.0.20180404 Clang8.0.0",
    "DerivedVendorReportedEchoSpacing": 0.000719994,
    "DeviceSerialNumber": "35002",
    "DwellTime": 2.8e-06,
    "EchoTime": 0.0436,
    "EffectiveEchoSpacing": 0.000719994,
    "FlipAngle": 55,
    "ImageComments": "Unaliased_MB8_PE3_(remote)",
    "ImageOrientationPatientDICOM": [
      1,
      0,
      0,
      0,
      0.800731,
      0.599024
    ],
    "ImageType": [
      "ORIGINAL",
      "PRIMARY",
      "M",
      "MB",
      "ND",
      "MOSAIC"
    ],
    "InPlanePhaseEncodingDirectionDICOM": "COL",
    "InstitutionAddress": "University_Pkwy_1700_North_685_Provo_UT_US_84601",
    "InstitutionName": "Brigham_Young_University",
    "InstitutionalDepartmentName": "MRI",
    "MRAcquisitionType": "2D",
    "MagneticFieldStrength": 3,
    "Manufacturer": "Siemens",
    "ManufacturersModelName": "TrioTim",
    "Modality": "MR",
    "MultibandAccelerationFactor": 8,
    "PartialFourier": 1,
    "PatientPosition": "HFS",
    "PercentPhaseFOV": 100,
    "PhaseEncodingDirection": "j-",
    "PhaseEncodingSteps": 100,
    "PhaseResolution": 1,
    "PixelBandwidth": 1786,
    "ProcedureStepDescription": "Research_KIRWAN",
    "ProtocolName": "run6",
    "PulseSequenceDetails": "%CustomerSeq%_cmrr_mbep2d_bold",
    "ReceiveCoilName": "32Ch_Head",
    "ReconMatrixPE": 100,
    "RepetitionTime": 0.875,
    "SAR": 0.125487,
    "ScanOptions": "FS",
    "ScanningSequence": "EP",
    "SequenceName": "epfid2d1_100",
    "SequenceVariant": "SK_SS",
    "SeriesDescription": "run6",
    "SeriesNumber": 8,
    "ShimSetting": [
      -2450,
      -21769,
      1432,
      379,
      672,
      4497,
      232,
      -574
    ],
    "SliceThickness": 1.8,
    "SliceTiming": [
      0,
      0.4875,
      0.0975,
      0.585,
      0.195,
      0.6825,
      0.2925,
      0.78,
      0.39,
      0,
      0.4875,
      0.0975,
      0.585,
      0.195,
      0.6825,
      0.2925,
      0.78,
      0.39,
      0,
      0.4875,
      0.0975,
      0.585,
      0.195,
      0.6825,
      0.2925,
      0.78,
      0.39,
      0,
      0.4875,
      0.0975,
      0.585,
      0.195,
      0.6825,
      0.2925,
      0.78,
      0.39,
      0,
      0.4875,
      0.0975,
      0.585,
      0.195,
      0.6825,
      0.2925,
      0.78,
      0.39,
      0,
      0.4875,
      0.0975,
      0.585,
      0.195,
      0.6825,
      0.2925,
      0.78,
      0.39,
      0,
      0.4875,
      0.0975,
      0.585,
      0.195,
      0.6825,
      0.2925,
      0.78,
      0.39,
      0,
      0.4875,
      0.0975,
      0.585,
      0.195,
      0.6825,
      0.2925,
      0.78,
      0.39
    ],
    "SoftwareVersions": "syngo_MR_B17",
    "SpacingBetweenSlices": 1.8,
    "StationName": "MININT-E41B04",
    "TaskName": "MST",
    "TotalReadoutTime": 0.0712794,
    "TxRefAmp": 329.004,
    "dataset": "ds002168",
    "modality": "bold",
    "run_id": 6,
    "subject_id": "1565",
    "task_id": "mst"
  },
  "dummy_trs": 0,
  "dvars_nstd": 74.68269087295089,
  "dvars_std": 1.0317949173067915,
  "dvars_vstd": 0.9958094467915687,
  "efc": 0.5625766130007015,
  "fber": 357.8490905761719,
  "fd_mean": 0.09536583364763204,
  "fd_num": 0,
  "fd_perc": 0.0,
  "fwhm_avg": 3.075813181790961,
  "fwhm_x": 3.0058389685164286,
  "fwhm_y": 3.333122531263798,
  "fwhm_z": 2.8884780455926564,
  "gcor": 0.00182572,
  "gsr_x": 0.0054305559024214745,
  "gsr_y": 0.054167985916137695,
  "provenance": {
    "md5sum": "a6a01af6f3d8757edb9c80d0b25cb099",
    "settings": {
      "fd_thres": 0.2,
      "testing": false
    },
    "software": "mriqc",
    "version": "23.0.1",
    "webapi_port": null,
    "webapi_url": "https://mriqc.nimh.nih.gov/api/v1"
  },
  "size_t": 428,
  "size_x": 100,
  "size_y": 100,
  "size_z": 72,
  "snr": 2.4402964617999423,
  "spacing_tr": 0.875,
  "spacing_x": 1.7999999523162842,
  "spacing_y": 1.7999998331069946,
  "spacing_z": 1.7999998331069946,
  "summary_bg_k": 28.42996363497793,
  "summary_bg_mad": 8.864437796511222,
  "summary_bg_mean": 28.01895523071289,
  "summary_bg_median": 16.9158878326416,
  "summary_bg_n": 449891.0,
  "summary_bg_p05": 9.925232887268066,
  "summary_bg_p95": 82.45560455322266,
  "summary_bg_stdv": 33.608436584472656,
  "summary_fg_k": 3.414711334292699,
  "summary_fg_mad": 95.40614049135677,
  "summary_fg_mean": 350.4549560546875,
  "summary_fg_median": 322.63433837890625,
  "summary_fg_n": 171714.0,
  "summary_fg_p05": 187.10431594848632,
  "summary_fg_p95": 616.2291961669923,
  "summary_fg_stdv": 132.2107391357422,
  "tsnr": 17.96029944322072
}