{
  "aor": 0.00036502358490566044,
  "aqi": 0.02068445778301887,
  "bids_meta": {
    "AcquisitionMatrixPE": 100,
    "AcquisitionNumber": 1,
    "AcquisitionTime": "19:36:42.335000",
    "BandwidthPerPixelPhaseEncode": 13.889,
    "BaseResolution": 100,
    "ConversionSoftware": "dcm2niix",
    "ConversionSoftwareVersion": "v1.0.20180404 Clang8.0.0",
    "DerivedVendorReportedEchoSpacing": 0.000719994,
    "DeviceSerialNumber": "35002",
    "DwellTime": 2.8e-06,
    "EchoTime": 0.0436,
    "EffectiveEchoSpacing": 0.000719994,
    "FlipAngle": 55,
    "ImageComments": "Unaliased_MB8_PE3_(remote)",
    "ImageOrientationPatientDICOM": [
      1,
      0,
      0,
      0,
      0.800731,
      0.599024
    ],
    "ImageType": [
      "ORIGINAL",
      "PRIMARY",
      "M",
      "MB",
      "ND",
      "MOSAIC"
    ],
    "InPlanePhaseEncodingDirectionDICOM": "COL",
    "InstitutionAddress": "University_Pkwy_1700_North_685_Provo_UT_US_84601",
    "InstitutionName": "Brigham_Young_University",
    "InstitutionalDepartmentName": "MRI",
    "MRAcquisitionType": "2D",
    "MagneticFieldStrength": 3,
    "Manufacturer": "Siemens",
    "ManufacturersModelName": "TrioTim",
    "Modality": "MR",
    "MultibandAccelerationFactor": 8,
    "PartialFourier": 1,
    "PatientPosition": "HFS",
    "PercentPhaseFOV": 100,
    "PhaseEncodingDirection": "j-",
    "PhaseEncodingSteps": 100,
    "PhaseResolution": 1,
    "PixelBandwidth": 1786,
    "ProcedureStepDescription": "Research_KIRWAN",
    "ProtocolName": "run5",
    "PulseSequenceDetails": "%CustomerSeq%_cmrr_mbep2d_bold",
    "ReceiveCoilName": "32Ch_Head",
    "ReconMatrixPE": 100,
    "RepetitionTime": 0.875,
    "SAR": 0.123234,
    "ScanOptions": "FS",
    "ScanningSequence": "EP",
    "SequenceName": "epfid2d1_100",
    "SequenceVariant": "SK_SS",
    "SeriesDescription": "run5",
    "SeriesNumber": 7,
    "ShimSetting": [
      -2450,
      -21769,
      1432,
      379,
      672,
      4497,
      232,
      -574
    ],
    "SliceThickness": 1.8,
    "SliceTiming": [
      0,
      0.4875,
      0.0975,
      0.585,
      0.195,
      0.6825,
      0.2925,
      0.78,
      0.39,
      0,
      0.4875,
      0.0975,
      0.585,
      0.195,
      0.6825,
      0.2925,
      0.78,
      0.39,
      0,
      0.4875,
      0.0975,
      0.585,
      0.195,
      0.6825,
      0.2925,
      0.78,
      0.39,
      0,
      0.4875,
      0.0975,
      0.585,
      0.195,
      0.6825,
      0.2925,
      0.78,
      0.39,
      0,
      0.4875,
      0.0975,
      0.585,
      0.195,
      0.6825,
      0.2925,
      0.78,
      0.39,
      0,
      0.4875,
      0.0975,
      0.585,
      0.195,
      0.6825,
      0.2925,
      0.78,
      0.39,
      0,
      0.4875,
      0.0975,
      0.585,
      0.195,
      0.6825,
      0.2925,
      0.78,
      0.39,
      0,
      0.4875,
      0.0975,
      0.585,
      0.195,
      0.6825,
      0.2925,
      0.78,
      0.39
    ],
    "SoftwareVersions": "syngo_MR_B17",
    "SpacingBetweenSlices": 1.8,
    "StationName": "MININT-E41B04",
    "TaskName": "MST",
    "TotalReadoutTime": 0.0712794,
    "TxRefAmp": 329.004,
    "dataset": "ds002168",
    "modality": "bold",
    "run_id": 5,
    "subject_id": "1565",
    "task_id": "mst"
  },
  "dummy_trs": 4,
  "dvars_nstd": 75.02265069832148,
  "dvars_std": 1.0329264476359339,
  "dvars_vstd": 0.9964430264539003,
  "efc": 0.5615557288003183,
  "fber": 360.70037841796875,
  "fd_mean": 0.096488145826087,
  "fd_num": 1,
  "fd_perc": 0.2358490566037736,
  "fwhm_avg": 3.1027983689433203,
  "fwhm_x": 3.030066746936023,
  "fwhm_y": 3.3154669740712484,
  "fwhm_z": 2.9628613858226895,
  "gcor": 0.00605184,
  "gsr_x": 0.00605194503441453,
  "gsr_y": 0.055280961096286774,
  "provenance": {
    "md5sum": "5ce7f617c87be82fb5709aea8cf58d15",
    "settings": {
      "fd_thres": 0.2,
      "testing": false
    },
    "software": "mriqc",
    "version": "23.0.1",
    "webapi_port": null,
    "webapi_url": "https://mriqc.nimh.nih.gov/api/v1"
  },
  "size_t": 424,
  "size_x": 100,
  "size_y": 100,
  "size_z": 72,
  "snr": 2.445287506990343,
  "spacing_tr": 0.875,
  "spacing_x": 1.7999999523162842,
  "spacing_y": 1.7999998331069946,
  "spacing_z": 1.7999998331069946,
  "summary_bg_k": 29.536352646143555,
  "summary_bg_mad": 8.656088251499595,
  "summary_bg_mean": 27.512821197509766,
  "summary_bg_median": 16.73938751220703,
  "summary_bg_n": 450018.0,
  "summary_bg_p05": 10.030660629272461,
  "summary_bg_p95": 80.69375114440909,
  "summary_bg_stdv": 33.114315032958984,
  "summary_fg_k": 3.3145981365468984,
  "summary_fg_mad": 95.49495726854569,
  "summary_fg_mean": 350.49835205078125,
  "summary_fg_median": 322.9622802734375,
  "summary_fg_n": 171743.0,
  "summary_fg_p05": 187.28938598632814,
  "summary_fg_p95": 616.2705139160153,
  "summary_fg_stdv": 132.0749969482422,
  "tsnr": 18.24848134815693
}