{
  "aor": 0.0002689176470588235,
  "aqi": 0.012362330235294119,
  "bids_meta": {
    "AcquisitionMatrixPE": 100,
    "AcquisitionNumber": 1,
    "AcquisitionTime": "17:07:37.480000",
    "BandwidthPerPixelPhaseEncode": 13.889,
    "BaseResolution": 100,
    "ConversionSoftware": "dcm2niix",
    "ConversionSoftwareVersion": "v1.0.20180404 Clang8.0.0",
    "DerivedVendorReportedEchoSpacing": 0.000719994,
    "DeviceSerialNumber": "35002",
    "DwellTime": 2.8e-06,
    "EchoTime": 0.0436,
    "EffectiveEchoSpacing": 0.000719994,
    "FlipAngle": 55,
    "ImageComments": "Unaliased_MB8_PE3_(remote)",
    "ImageOrientationPatientDICOM": [
      0.99997,
      0.00363924,
      -0.00679346,
      5.04534e-08,
      0.881483,
      0.472215
    ],
    "ImageType": [
      "ORIGINAL",
      "PRIMARY",
      "M",
      "ND",
      "MOSAIC"
    ],
    "InPlanePhaseEncodingDirectionDICOM": "COL",
    "InstitutionAddress": "University_Pkwy_1700_North_685_Provo_UT_US_84601",
    "InstitutionName": "Brigham_Young_University",
    "InstitutionalDepartmentName": "MRI",
    "MRAcquisitionType": "2D",
    "MagneticFieldStrength": 3,
    "Manufacturer": "Siemens",
    "ManufacturersModelName": "TrioTim",
    "Modality": "MR",
    "MultibandAccelerationFactor": 8,
    "PartialFourier": 1,
    "PatientPosition": "HFS",
    "PercentPhaseFOV": 100,
    "PhaseEncodingDirection": "j-",
    "PhaseEncodingSteps": 100,
    "PhaseResolution": 1,
    "PixelBandwidth": 1786,
    "ProcedureStepDescription": "Research_KIRWAN",
    "ProtocolName": "run3",
    "PulseSequenceDetails": "%CustomerSeq%_cmrr_mbep2d_bold",
    "ReceiveCoilName": "32Ch_Head",
    "ReconMatrixPE": 100,
    "RepetitionTime": 0.875,
    "SAR": 0.113849,
    "ScanOptions": "FS",
    "ScanningSequence": "EP",
    "SequenceName": "epfid2d1_100",
    "SequenceVariant": "SK",
    "SeriesDescription": "run3",
    "SeriesNumber": 5,
    "ShimSetting": [
      -2668,
      -23120,
      2480,
      1175,
      7,
      -83,
      105,
      -34
    ],
    "SliceThickness": 1.8,
    "SliceTiming": [
      0,
      0.4875,
      0.0975,
      0.585,
      0.195,
      0.6825,
      0.2925,
      0.78,
      0.39,
      0,
      0.4875,
      0.0975,
      0.585,
      0.195,
      0.6825,
      0.2925,
      0.78,
      0.39,
      0,
      0.4875,
      0.0975,
      0.585,
      0.195,
      0.6825,
      0.2925,
      0.78,
      0.39,
      0,
      0.4875,
      0.0975,
      0.585,
      0.195,
      0.6825,
      0.2925,
      0.78,
      0.39,
      0,
      0.4875,
      0.0975,
      0.585,
      0.195,
      0.6825,
      0.2925,
      0.78,
      0.39,
      0,
      0.4875,
      0.0975,
      0.585,
      0.195,
      0.6825,
      0.2925,
      0.78,
      0.39,
      0,
      0.4875,
      0.0975,
      0.585,
      0.195,
      0.6825,
      0.2925,
      0.78,
      0.39,
      0,
      0.4875,
      0.0975,
      0.585,
      0.195,
      0.6825,
      0.2925,
      0.78,
      0.39
    ],
    "SoftwareVersions": "syngo_MR_B17",
    "SpacingBetweenSlices": 1.8,
    "StationName": "MININT-E41B04",
    "TaskName": "MST",
    "TotalReadoutTime": 0.0712794,
    "TxRefAmp": 355.888,
    "dataset": "ds002168",
    "modality": "bold",
    "run_id": 3,
    "subject_id": "1516",
    "task_id": "mst"
  },
  "dummy_trs": 3,
  "dvars_nstd": 68.64065904445758,
  "dvars_std": 1.0619884104716972,
  "dvars_vstd": 1.0003749627122642,
  "efc": 0.5517000384045694,
  "fber": 321.45159912109375,
  "fd_mean": 0.10843493204318595,
  "fd_num": 4,
  "fd_perc": 0.9411764705882353,
  "fwhm_avg": 3.782322322419546,
  "fwhm_x": 3.6183223180750295,
  "fwhm_y": 4.13605010956791,
  "fwhm_z": 3.5925945396156984,
  "gcor": 0.00512327,
  "gsr_x": -0.015468726865947247,
  "gsr_y": 0.08470970392227173,
  "provenance": {
    "md5sum": "e907f78b9ad8279edcdfaec1b92743c0",
    "settings": {
      "fd_thres": 0.2,
      "testing": false
    },
    "software": "mriqc",
    "version": "23.0.1",
    "webapi_port": null,
    "webapi_url": "https://mriqc.nimh.nih.gov/api/v1"
  },
  "size_t": 425,
  "size_x": 100,
  "size_y": 100,
  "size_z": 72,
  "snr": 1.648268837872619,
  "spacing_tr": 0.875,
  "spacing_x": 1.7999999523162842,
  "spacing_y": 1.7999999523162842,
  "spacing_z": 1.7999999523162842,
  "summary_bg_k": 24.039765740924015,
  "summary_bg_mad": 12.712004451299006,
  "summary_bg_mean": 36.289649963378906,
  "summary_bg_median": 20.767057418823242,
  "summary_bg_n": 428618.0,
  "summary_bg_p05": 11.004705429077148,
  "summary_bg_p95": 117.56705474853516,
  "summary_bg_stdv": 45.68473815917969,
  "summary_fg_k": 5.057480414566676,
  "summary_fg_mad": 147.21364983163159,
  "summary_fg_mean": 447.982177734375,
  "summary_fg_median": 379.2752685546875,
  "summary_fg_n": 188991.0,
  "summary_fg_p05": 220.4164581298828,
  "summary_fg_p95": 920.9329223632812,
  "summary_fg_stdv": 230.1046142578125,
  "tsnr": 21.991202815552242
}