{
  "aor": 0.00027035211267605633,
  "aqi": 0.011503048591549297,
  "bids_meta": {
    "AcquisitionMatrixPE": 100,
    "AcquisitionNumber": 1,
    "AcquisitionTime": "17:14:19.980000",
    "BandwidthPerPixelPhaseEncode": 13.889,
    "BaseResolution": 100,
    "ConversionSoftware": "dcm2niix",
    "ConversionSoftwareVersion": "v1.0.20180404 Clang8.0.0",
    "DerivedVendorReportedEchoSpacing": 0.000719994,
    "DeviceSerialNumber": "35002",
    "DwellTime": 2.8e-06,
    "EchoTime": 0.0436,
    "EffectiveEchoSpacing": 0.000719994,
    "FlipAngle": 55,
    "ImageComments": "Unaliased_MB8_PE3_(remote)",
    "ImageOrientationPatientDICOM": [
      0.99997,
      0.00363924,
      -0.00679346,
      5.04534e-08,
      0.881483,
      0.472215
    ],
    "ImageType": [
      "ORIGINAL",
      "PRIMARY",
      "M",
      "ND",
      "MOSAIC"
    ],
    "InPlanePhaseEncodingDirectionDICOM": "COL",
    "InstitutionAddress": "University_Pkwy_1700_North_685_Provo_UT_US_84601",
    "InstitutionName": "Brigham_Young_University",
    "InstitutionalDepartmentName": "MRI",
    "MRAcquisitionType": "2D",
    "MagneticFieldStrength": 3,
    "Manufacturer": "Siemens",
    "ManufacturersModelName": "TrioTim",
    "Modality": "MR",
    "MultibandAccelerationFactor": 8,
    "PartialFourier": 1,
    "PatientPosition": "HFS",
    "PercentPhaseFOV": 100,
    "PhaseEncodingDirection": "j-",
    "PhaseEncodingSteps": 100,
    "PhaseResolution": 1,
    "PixelBandwidth": 1786,
    "ProcedureStepDescription": "Research_KIRWAN",
    "ProtocolName": "run4",
    "PulseSequenceDetails": "%CustomerSeq%_cmrr_mbep2d_bold",
    "ReceiveCoilName": "32Ch_Head",
    "ReconMatrixPE": 100,
    "RepetitionTime": 0.875,
    "SAR": 0.115504,
    "ScanOptions": "FS",
    "ScanningSequence": "EP",
    "SequenceName": "epfid2d1_100",
    "SequenceVariant": "SK",
    "SeriesDescription": "run4",
    "SeriesNumber": 6,
    "ShimSetting": [
      -2668,
      -23120,
      2480,
      1175,
      7,
      -83,
      105,
      -34
    ],
    "SliceThickness": 1.8,
    "SliceTiming": [
      0,
      0.4875,
      0.0975,
      0.5875,
      0.195,
      0.685,
      0.2925,
      0.7825,
      0.39,
      0,
      0.4875,
      0.0975,
      0.5875,
      0.195,
      0.685,
      0.2925,
      0.7825,
      0.39,
      0,
      0.4875,
      0.0975,
      0.5875,
      0.195,
      0.685,
      0.2925,
      0.7825,
      0.39,
      0,
      0.4875,
      0.0975,
      0.5875,
      0.195,
      0.685,
      0.2925,
      0.7825,
      0.39,
      0,
      0.4875,
      0.0975,
      0.5875,
      0.195,
      0.685,
      0.2925,
      0.7825,
      0.39,
      0,
      0.4875,
      0.0975,
      0.5875,
      0.195,
      0.685,
      0.2925,
      0.7825,
      0.39,
      0,
      0.4875,
      0.0975,
      0.5875,
      0.195,
      0.685,
      0.2925,
      0.7825,
      0.39,
      0,
      0.4875,
      0.0975,
      0.5875,
      0.195,
      0.685,
      0.2925,
      0.7825,
      0.39
    ],
    "SoftwareVersions": "syngo_MR_B17",
    "SpacingBetweenSlices": 1.8,
    "StationName": "MININT-E41B04",
    "TaskName": "MST",
    "TotalReadoutTime": 0.0712794,
    "TxRefAmp": 355.888,
    "dataset": "ds002168",
    "modality": "bold",
    "run_id": 4,
    "subject_id": "1516",
    "task_id": "mst"
  },
  "dummy_trs": 2,
  "dvars_nstd": 69.04708433265878,
  "dvars_std": 1.0683915197411769,
  "dvars_vstd": 1.006247251788236,
  "efc": 0.5515630358899445,
  "fber": 321.09814453125,
  "fd_mean": 0.11144982697168343,
  "fd_num": 6,
  "fd_perc": 1.408450704225352,
  "fwhm_avg": 3.767279729428461,
  "fwhm_x": 3.61229454013757,
  "fwhm_y": 4.109472331086062,
  "fwhm_z": 3.5800723170617506,
  "gcor": 0.00601739,
  "gsr_x": -0.01657766103744507,
  "gsr_y": 0.08574716746807098,
  "provenance": {
    "md5sum": "275197abfa630783f6a97f15dc8b016b",
    "settings": {
      "fd_thres": 0.2,
      "testing": false
    },
    "software": "mriqc",
    "version": "23.0.1",
    "webapi_port": null,
    "webapi_url": "https://mriqc.nimh.nih.gov/api/v1"
  },
  "size_t": 426,
  "size_x": 100,
  "size_y": 100,
  "size_z": 72,
  "snr": 1.6448794633154262,
  "spacing_tr": 0.875,
  "spacing_x": 1.7999999523162842,
  "spacing_y": 1.7999999523162842,
  "spacing_z": 1.7999999523162842,
  "summary_bg_k": 23.989659838404297,
  "summary_bg_mad": 12.69956761399396,
  "summary_bg_mean": 36.599365234375,
  "summary_bg_median": 20.807512283325195,
  "summary_bg_n": 429008.0,
  "summary_bg_p05": 11.15727710723877,
  "summary_bg_p95": 119.31760711669905,
  "summary_bg_stdv": 46.22889709472656,
  "summary_fg_k": 5.048584807398244,
  "summary_fg_mad": 148.03399470540248,
  "summary_fg_mean": 448.953857421875,
  "summary_fg_median": 379.9788818359375,
  "summary_fg_n": 188371.0,
  "summary_fg_p05": 221.2816925048828,
  "summary_fg_p95": 926.3380432128906,
  "summary_fg_stdv": 231.0065155029297,
  "tsnr": 22.918671754770912
}