{
  "aor": 0.0003066901408450704,
  "aqi": 0.012482832934272301,
  "bids_meta": {
    "AcquisitionMatrixPE": 100,
    "AcquisitionNumber": 1,
    "AcquisitionTime": "17:21:0.887500",
    "BandwidthPerPixelPhaseEncode": 13.889,
    "BaseResolution": 100,
    "ConversionSoftware": "dcm2niix",
    "ConversionSoftwareVersion": "v1.0.20180404 Clang8.0.0",
    "DerivedVendorReportedEchoSpacing": 0.000719994,
    "DeviceSerialNumber": "35002",
    "DwellTime": 2.8e-06,
    "EchoTime": 0.0436,
    "EffectiveEchoSpacing": 0.000719994,
    "FlipAngle": 55,
    "ImageComments": "Unaliased_MB8_PE3_(remote)",
    "ImageOrientationPatientDICOM": [
      0.99997,
      0.00363924,
      -0.00679346,
      5.04534e-08,
      0.881483,
      0.472215
    ],
    "ImageType": [
      "ORIGINAL",
      "PRIMARY",
      "M",
      "ND",
      "MOSAIC"
    ],
    "InPlanePhaseEncodingDirectionDICOM": "COL",
    "InstitutionAddress": "University_Pkwy_1700_North_685_Provo_UT_US_84601",
    "InstitutionName": "Brigham_Young_University",
    "InstitutionalDepartmentName": "MRI",
    "MRAcquisitionType": "2D",
    "MagneticFieldStrength": 3,
    "Manufacturer": "Siemens",
    "ManufacturersModelName": "TrioTim",
    "Modality": "MR",
    "MultibandAccelerationFactor": 8,
    "PartialFourier": 1,
    "PatientPosition": "HFS",
    "PercentPhaseFOV": 100,
    "PhaseEncodingDirection": "j-",
    "PhaseEncodingSteps": 100,
    "PhaseResolution": 1,
    "PixelBandwidth": 1786,
    "ProcedureStepDescription": "Research_KIRWAN",
    "ProtocolName": "run5",
    "PulseSequenceDetails": "%CustomerSeq%_cmrr_mbep2d_bold",
    "ReceiveCoilName": "32Ch_Head",
    "ReconMatrixPE": 100,
    "RepetitionTime": 0.875,
    "SAR": 0.116399,
    "ScanOptions": "FS",
    "ScanningSequence": "EP",
    "SequenceName": "epfid2d1_100",
    "SequenceVariant": "SK",
    "SeriesDescription": "run5",
    "SeriesNumber": 7,
    "ShimSetting": [
      -2668,
      -23120,
      2480,
      1175,
      7,
      -83,
      105,
      -34
    ],
    "SliceThickness": 1.8,
    "SliceTiming": [
      0,
      0.4875,
      0.0975,
      0.585,
      0.195,
      0.6825,
      0.2925,
      0.78,
      0.39,
      0,
      0.4875,
      0.0975,
      0.585,
      0.195,
      0.6825,
      0.2925,
      0.78,
      0.39,
      0,
      0.4875,
      0.0975,
      0.585,
      0.195,
      0.6825,
      0.2925,
      0.78,
      0.39,
      0,
      0.4875,
      0.0975,
      0.585,
      0.195,
      0.6825,
      0.2925,
      0.78,
      0.39,
      0,
      0.4875,
      0.0975,
      0.585,
      0.195,
      0.6825,
      0.2925,
      0.78,
      0.39,
      0,
      0.4875,
      0.0975,
      0.585,
      0.195,
      0.6825,
      0.2925,
      0.78,
      0.39,
      0,
      0.4875,
      0.0975,
      0.585,
      0.195,
      0.6825,
      0.2925,
      0.78,
      0.39,
      0,
      0.4875,
      0.0975,
      0.585,
      0.195,
      0.6825,
      0.2925,
      0.78,
      0.39
    ],
    "SoftwareVersions": "syngo_MR_B17",
    "SpacingBetweenSlices": 1.8,
    "StationName": "MININT-E41B04",
    "TaskName": "MST",
    "TotalReadoutTime": 0.0712794,
    "TxRefAmp": 355.888,
    "dataset": "ds002168",
    "modality": "bold",
    "run_id": 5,
    "subject_id": "1516",
    "task_id": "mst"
  },
  "dummy_trs": 2,
  "dvars_nstd": 69.1187601065176,
  "dvars_std": 1.066741301576471,
  "dvars_vstd": 1.005477227670588,
  "efc": 0.5519926034132218,
  "fber": 314.8892822265625,
  "fd_mean": 0.11747702077619028,
  "fd_num": 20,
  "fd_perc": 4.694835680751174,
  "fwhm_avg": 3.811427878746135,
  "fwhm_x": 3.65056676337366,
  "fwhm_y": 4.152683443341876,
  "fwhm_z": 3.6310334295228697,
  "gcor": 0.00728587,
  "gsr_x": -0.016354959458112717,
  "gsr_y": 0.08596429973840714,
  "provenance": {
    "md5sum": "e9d1cad962f527a0ffa19b221b448985",
    "settings": {
      "fd_thres": 0.2,
      "testing": false
    },
    "software": "mriqc",
    "version": "23.0.1",
    "webapi_port": null,
    "webapi_url": "https://mriqc.nimh.nih.gov/api/v1"
  },
  "size_t": 426,
  "size_x": 100,
  "size_y": 100,
  "size_z": 72,
  "snr": 1.637301264501556,
  "spacing_tr": 0.875,
  "spacing_x": 1.7999999523162842,
  "spacing_y": 1.7999999523162842,
  "spacing_z": 1.7999999523162842,
  "summary_bg_k": 23.834567514354948,
  "summary_bg_mad": 12.960588494076932,
  "summary_bg_mean": 37.001747131347656,
  "summary_bg_median": 21.042253494262695,
  "summary_bg_n": 428817.0,
  "summary_bg_p05": 11.164319038391113,
  "summary_bg_p95": 120.25868682861318,
  "summary_bg_stdv": 46.73933792114258,
  "summary_fg_k": 5.069257461596191,
  "summary_fg_mad": 148.99107126570672,
  "summary_fg_mean": 450.4723205566406,
  "summary_fg_median": 380.66900634765625,
  "summary_fg_n": 188581.0,
  "summary_fg_p05": 221.2582244873047,
  "summary_fg_p95": 929.579833984375,
  "summary_fg_stdv": 232.49722290039062,
  "tsnr": 22.140099663753062
}