{
  "bids_meta": {
    "AcquisitionMatrixPE": 512,
    "AcquisitionNumber": 1,
    "AcquisitionTime": "14:51:25.492500",
    "BaseResolution": 512,
    "ConversionSoftware": "dcm2niix",
    "ConversionSoftwareVersion": "v1.0.20180404 Clang8.0.0",
    "DeviceSerialNumber": "35002",
    "DwellTime": 5e-06,
    "EchoTime": 0.064,
    "EchoTrainLength": 15,
    "FlipAngle": 124,
    "ImageOrientationPatientDICOM": [
      0.999998,
      -0.0018517,
      -8.16123e-11,
      0.000598921,
      0.323444,
      -0.946247
    ],
    "ImageType": [
      "ORIGINAL",
      "PRIMARY",
      "M",
      "ND"
    ],
    "InPlanePhaseEncodingDirectionDICOM": "ROW",
    "InstitutionAddress": "University_Pkwy_1700_North_685_Provo_UT_US_84601",
    "InstitutionName": "Brigham_Young_University",
    "InstitutionalDepartmentName": "MRI",
    "MRAcquisitionType": "2D",
    "MagneticFieldStrength": 3,
    "Manufacturer": "Siemens",
    "ManufacturersModelName": "TrioTim",
    "Modality": "MR",
    "PartialFourier": 1,
    "PatientPosition": "HFS",
    "PercentPhaseFOV": 100,
    "PhaseEncodingDirection": "i",
    "PhaseEncodingSteps": 720,
    "PhaseOversampling": 0.4,
    "PhaseResolution": 1,
    "PixelBandwidth": 195,
    "ProcedureStepDescription": "Research_KIRWAN",
    "ProtocolName": "HHR_struct_MODIFIED",
    "PulseSequenceDetails": "%SiemensSeq%_tse",
    "ReceiveCoilName": "32Ch_Head",
    "ReconMatrixPE": 512,
    "RepetitionTime": 6,
    "SAR": 0.74177,
    "ScanningSequence": "SE",
    "SequenceName": "_tse2d1_15",
    "SequenceVariant": "SK_SP_OSP",
    "SeriesDescription": "HHR_struct_MODIFIED",
    "SeriesNumber": 16,
    "ShimSetting": [
      -2638,
      -22992,
      2548,
      1369,
      12,
      -50,
      0,
      -25
    ],
    "SliceThickness": 2,
    "SoftwareVersions": "syngo_MR_B17",
    "SpacingBetweenSlices": 2,
    "StationName": "MININT-E41B04",
    "TxRefAmp": 329.801,
    "dataset": "ds002168",
    "modality": "T2w",
    "subject_id": "1591"
  },
  "cjv": 0.49911990790074834,
  "cnr": 1.310209990209872,
  "efc": 0.6609407655876961,
  "fber": 1489.7541404444444,
  "fwhm_avg": 5.536568830481916,
  "fwhm_x": 5.856666046828159,
  "fwhm_y": 4.163114044617589,
  "fwhm_z": 6.5899264,
  "icvs_csf": 0.4261393300260871,
  "icvs_gm": 0.12184558635338762,
  "icvs_wm": 0.4520150836205252,
  "inu_med": 1.0039085149765015,
  "inu_range": 1.7712870419025417,
  "provenance": {
    "md5sum": "ae212c6794dc0cd0d79307ed83096747",
    "settings": {
      "testing": false
    },
    "software": "mriqc",
    "version": "23.0.1",
    "warnings": {
      "large_rot_frame": false,
      "small_air_mask": false
    },
    "webapi_port": null,
    "webapi_url": "https://mriqc.nimh.nih.gov/api/v1"
  },
  "qi_1": 0.0018415008942710678,
  "qi_2": 0.00019061966445076023,
  "rpve_csf": 4.616792408130806,
  "rpve_gm": 16.7478306290532,
  "rpve_wm": 4.644249277210463,
  "size_x": 512,
  "size_y": 35,
  "size_z": 512,
  "snr_csf": 10.115730658700318,
  "snr_gm": 2.2416930804319497,
  "snr_total": 6.612266808802343,
  "snr_wm": 7.47937668727476,
  "snrd_csf": 12.32200601028608,
  "snrd_gm": 19.193532361782,
  "snrd_total": 13.124758600084894,
  "snrd_wm": 7.858737428186598,
  "spacing_x": 0.3906249701976776,
  "spacing_y": 2.000002861022949,
  "spacing_z": 0.390625,
  "summary_bg_k": 151.24645270640096,
  "summary_bg_mad": 0.0,
  "summary_bg_mean": 25.32934315465842,
  "summary_bg_median": 0.0,
  "summary_bg_n": 2318285.0,
  "summary_bg_p05": 0.0,
  "summary_bg_p95": 76.15425655245781,
  "summary_bg_stdv": 86.28396149743365,
  "summary_csf_k": 0.6952307909336017,
  "summary_csf_mad": 148.0504115056177,
  "summary_csf_mean": 1634.083589158101,
  "summary_csf_median": 1622.8551675081253,
  "summary_csf_n": 969662.0,
  "summary_csf_p05": 1391.3851449787617,
  "summary_csf_p95": 1916.2392197549343,
  "summary_csf_stdv": 160.42878022827296,
  "summary_gm_k": -1.0934623398627203,
  "summary_gm_mad": 612.1340309195956,
  "summary_gm_mean": 1972.4093385509595,
  "summary_gm_median": 2527.8613847494125,
  "summary_gm_n": 317668.0,
  "summary_gm_p05": 100.74297121167183,
  "summary_gm_p95": 3106.6691139936447,
  "summary_gm_stdv": 1127.6554440184232,
  "summary_wm_k": 0.25416486985059095,
  "summary_wm_mad": 132.96998872160881,
  "summary_wm_mean": 1037.2304125743167,
  "summary_wm_median": 1035.0256796479225,
  "summary_wm_n": 1123451.0,
  "summary_wm_p05": 810.0124059319496,
  "summary_wm_p95": 1266.141907721758,
  "summary_wm_stdv": 138.3838870909012,
  "tpm_overlap_csf": 0.09688865764883035,
  "tpm_overlap_gm": 0.088548126439587,
  "tpm_overlap_wm": 0.43321293957132373,
  "wm2max": 0.30305478419641874
}