{
  "bids_meta": {
    "AcquisitionMatrixPE": 256,
    "AcquisitionNumber": 1,
    "AcquisitionTime": "14:26:32.337500",
    "BaseResolution": 256,
    "ConversionSoftware": "dcm2niix",
    "ConversionSoftwareVersion": "v1.0.20180404 Clang8.0.0",
    "DeviceSerialNumber": "35002",
    "DwellTime": 1.03e-05,
    "EchoTime": 0.00492,
    "FlipAngle": 25,
    "ImageOrientationPatientDICOM": [
      0,
      1,
      -1e-16,
      0.0610485,
      0,
      -0.998135
    ],
    "ImageType": [
      "ORIGINAL",
      "PRIMARY",
      "M",
      "ND",
      "NORM"
    ],
    "InPlanePhaseEncodingDirectionDICOM": "ROW",
    "InstitutionAddress": "University_Pkwy_1700_North_685_Provo_UT_US_84601",
    "InstitutionName": "Brigham_Young_University",
    "InstitutionalDepartmentName": "MRI",
    "MRAcquisitionType": "3D",
    "MagneticFieldStrength": 3,
    "Manufacturer": "Siemens",
    "ManufacturersModelName": "TrioTim",
    "Modality": "MR",
    "ParallelReductionFactorInPlane": 2,
    "PartialFourier": 1,
    "PatientPosition": "HFS",
    "PercentPhaseFOV": 100,
    "PhaseEncodingSteps": 255,
    "PhaseResolution": 1,
    "PixelBandwidth": 190,
    "ProcedureStepDescription": "Research_KIRWAN",
    "ProtocolName": "t1_fl3d_sag_no3Daccel_iso_1.0_1avg",
    "PulseSequenceDetails": "%SiemensSeq%_gre",
    "ReceiveCoilName": "32Ch_Head",
    "ReconMatrixPE": 256,
    "RepetitionTime": 0.02,
    "SAR": 0.160179,
    "ScanningSequence": "GR",
    "SequenceName": "_fl3d1_ns",
    "SequenceVariant": "SP",
    "SeriesDescription": "t1_fl3d_sag_no3Daccel_iso_1.0_1avg",
    "SeriesNumber": 9,
    "ShimSetting": [
      -2671,
      -23123,
      2054,
      173,
      -22,
      -157,
      -236,
      20
    ],
    "SliceThickness": 1,
    "SoftwareVersions": "syngo_MR_B17",
    "StationName": "MININT-E41B04",
    "TxRefAmp": 329.801,
    "dataset": "ds002168",
    "modality": "T1w",
    "subject_id": "1591"
  },
  "cjv": 0.41273376006767115,
  "cnr": 3.2221357236960793,
  "efc": 0.5550386235755436,
  "fber": 9437.342479620651,
  "fwhm_avg": 3.5401944162176284,
  "fwhm_x": 3.419623248652885,
  "fwhm_y": 3.82594,
  "fwhm_z": 3.37502,
  "icvs_csf": 0.16239259865363606,
  "icvs_gm": 0.42356550722323383,
  "icvs_wm": 0.4140418941231301,
  "inu_med": 0.26168081164360046,
  "inu_range": 0.11477039530873298,
  "provenance": {
    "md5sum": "1ab1a743ca8c26ffcfa92a85f2c4f1a0",
    "settings": {
      "testing": false
    },
    "software": "mriqc",
    "version": "23.0.1",
    "warnings": {
      "large_rot_frame": true,
      "small_air_mask": false
    },
    "webapi_port": null,
    "webapi_url": "https://mriqc.nimh.nih.gov/api/v1"
  },
  "qi_1": 0.0,
  "qi_2": 0.016496832646223116,
  "rpve_csf": 28.546216052171612,
  "rpve_gm": 11.714245671654469,
  "rpve_wm": 13.696265866118923,
  "size_x": 192,
  "size_y": 256,
  "size_z": 256,
  "snr_csf": 3.7874500387397547,
  "snr_gm": 17.934927898356623,
  "snr_total": 16.198268419509432,
  "snr_wm": 26.87242732143192,
  "snrd_csf": 37.32300041454778,
  "snrd_gm": 82.99641494881581,
  "snrd_total": 74.24557503665993,
  "snrd_wm": 102.41730974661621,
  "spacing_x": 0.9999961256980896,
  "spacing_y": 1.0,
  "spacing_z": 1.0,
  "summary_bg_k": 8.303209318079608,
  "summary_bg_mad": 6.396734895362222,
  "summary_bg_mean": 5.803294655293489,
  "summary_bg_median": 4.314532121643424,
  "summary_bg_n": 3559917.0,
  "summary_bg_p05": 0.0,
  "summary_bg_p95": 17.45813990943134,
  "summary_bg_stdv": 6.088645425920616,
  "summary_csf_k": 4.588496367674745,
  "summary_csf_mad": 55.62193985172581,
  "summary_csf_mean": 375.5799456098924,
  "summary_csf_median": 364.42081244662404,
  "summary_csf_n": 49752.0,
  "summary_csf_p05": 258.30046609044075,
  "summary_csf_p95": 545.4825816415247,
  "summary_csf_stdv": 96.21701839688973,
  "summary_gm_k": 0.5386579995579934,
  "summary_gm_mad": 42.89201378512748,
  "summary_gm_mean": 810.4390274726004,
  "summary_gm_median": 810.3748527681455,
  "summary_gm_n": 32888.0,
  "summary_gm_p05": 736.0806097476743,
  "summary_gm_p95": 883.0975774661637,
  "summary_gm_stdv": 45.183484263006235,
  "summary_wm_k": 0.6279501585009939,
  "summary_wm_mad": 35.372673096870564,
  "summary_wm_mean": 1001.8619006476913,
  "summary_wm_median": 999.9999681673944,
  "summary_wm_n": 284678.0,
  "summary_wm_p05": 944.5968040358275,
  "summary_wm_p95": 1065.8894454687834,
  "summary_wm_stdv": 37.212798078646614,
  "tpm_overlap_csf": 0.12566445892671785,
  "tpm_overlap_gm": 0.4113778575365718,
  "tpm_overlap_wm": 0.46608449068137514,
  "wm2max": 0.7808219178082192
}