{
  "aor": 0.00024400468384074944,
  "aqi": 0.015264400468384075,
  "bids_meta": {
    "AcquisitionMatrixPE": 100,
    "AcquisitionNumber": 1,
    "AcquisitionTime": "17:56:21.420000",
    "BandwidthPerPixelPhaseEncode": 13.889,
    "BaseResolution": 100,
    "ConversionSoftware": "dcm2niix",
    "ConversionSoftwareVersion": "v1.0.20180404 Clang8.0.0",
    "DerivedVendorReportedEchoSpacing": 0.000719994,
    "DeviceSerialNumber": "35002",
    "DwellTime": 2.8e-06,
    "EchoTime": 0.0436,
    "EffectiveEchoSpacing": 0.000719994,
    "FlipAngle": 55,
    "ImageComments": "Unaliased_MB8_PE3_(remote)",
    "ImageOrientationPatientDICOM": [
      0.999769,
      0.00945703,
      -0.0192993,
      -1.6193e-08,
      0.897984,
      0.440029
    ],
    "ImageType": [
      "ORIGINAL",
      "PRIMARY",
      "M",
      "MB",
      "ND",
      "MOSAIC"
    ],
    "InPlanePhaseEncodingDirectionDICOM": "COL",
    "InstitutionAddress": "University_Pkwy_1700_North_685_Provo_UT_US_84601",
    "InstitutionName": "Brigham_Young_University",
    "InstitutionalDepartmentName": "MRI",
    "MRAcquisitionType": "2D",
    "MagneticFieldStrength": 3,
    "Manufacturer": "Siemens",
    "ManufacturersModelName": "TrioTim",
    "Modality": "MR",
    "MultibandAccelerationFactor": 8,
    "PartialFourier": 1,
    "PatientPosition": "HFS",
    "PercentPhaseFOV": 100,
    "PhaseEncodingDirection": "j-",
    "PhaseEncodingSteps": 100,
    "PhaseResolution": 1,
    "PixelBandwidth": 1786,
    "ProcedureStepDescription": "Research_KIRWAN",
    "ProtocolName": "run3",
    "PulseSequenceDetails": "%CustomerSeq%_cmrr_mbep2d_bold",
    "ReceiveCoilName": "32Ch_Head",
    "ReconMatrixPE": 100,
    "RepetitionTime": 0.875,
    "SAR": 0.112187,
    "ScanOptions": "FS",
    "ScanningSequence": "EP",
    "SequenceName": "epfid2d1_100",
    "SequenceVariant": "SK_SS",
    "SeriesDescription": "run3",
    "SeriesNumber": 5,
    "ShimSetting": [
      -2819,
      -22949,
      2336,
      1040,
      56,
      287,
      -139,
      450
    ],
    "SliceThickness": 1.8,
    "SliceTiming": [
      0,
      0.49,
      0.0975,
      0.5875,
      0.195,
      0.685,
      0.2925,
      0.7825,
      0.3925,
      0,
      0.49,
      0.0975,
      0.5875,
      0.195,
      0.685,
      0.2925,
      0.7825,
      0.3925,
      0,
      0.49,
      0.0975,
      0.5875,
      0.195,
      0.685,
      0.2925,
      0.7825,
      0.3925,
      0,
      0.49,
      0.0975,
      0.5875,
      0.195,
      0.685,
      0.2925,
      0.7825,
      0.3925,
      0,
      0.49,
      0.0975,
      0.5875,
      0.195,
      0.685,
      0.2925,
      0.7825,
      0.3925,
      0,
      0.49,
      0.0975,
      0.5875,
      0.195,
      0.685,
      0.2925,
      0.7825,
      0.3925,
      0,
      0.49,
      0.0975,
      0.5875,
      0.195,
      0.685,
      0.2925,
      0.7825,
      0.3925,
      0,
      0.49,
      0.0975,
      0.5875,
      0.195,
      0.685,
      0.2925,
      0.7825,
      0.3925
    ],
    "SoftwareVersions": "syngo_MR_B17",
    "SpacingBetweenSlices": 1.8,
    "StationName": "MININT-E41B04",
    "TaskName": "MST",
    "TotalReadoutTime": 0.0712794,
    "TxRefAmp": 329.724,
    "dataset": "ds002168",
    "modality": "bold",
    "run_id": 3,
    "subject_id": "2347",
    "task_id": "mst"
  },
  "dummy_trs": 1,
  "dvars_nstd": 70.91700966711278,
  "dvars_std": 1.0411160812676052,
  "dvars_vstd": 1.0017809988732382,
  "efc": 0.5674691089044723,
  "fber": 309.4402770996094,
  "fd_mean": 0.14707632389229805,
  "fd_num": 118,
  "fd_perc": 27.634660421545668,
  "fwhm_avg": 3.3054574243687096,
  "fwhm_x": 3.0010223017221636,
  "fwhm_y": 3.717122320692336,
  "fwhm_z": 3.198227650691629,
  "gcor": 0.00365427,
  "gsr_x": -0.01123118493705988,
  "gsr_y": 0.06713533401489258,
  "provenance": {
    "md5sum": "2a2c784e727b30d5616103de4e54e2bd",
    "settings": {
      "fd_thres": 0.2,
      "testing": false
    },
    "software": "mriqc",
    "version": "23.0.1",
    "webapi_port": null,
    "webapi_url": "https://mriqc.nimh.nih.gov/api/v1"
  },
  "size_t": 427,
  "size_x": 100,
  "size_y": 100,
  "size_z": 72,
  "snr": 2.190080170082522,
  "spacing_tr": 0.875,
  "spacing_x": 1.7999999523162842,
  "spacing_y": 1.7999999523162842,
  "spacing_z": 1.8000000715255737,
  "summary_bg_k": 38.71087650750264,
  "summary_bg_mad": 10.402519394527438,
  "summary_bg_mean": 30.33441925048828,
  "summary_bg_median": 18.932083129882812,
  "summary_bg_n": 435469.0,
  "summary_bg_p05": 10.934425354003906,
  "summary_bg_p95": 84.65338897705078,
  "summary_bg_stdv": 35.28523635864258,
  "summary_fg_k": 3.703220726540197,
  "summary_fg_mad": 107.42267038341363,
  "summary_fg_mean": 379.49517822265625,
  "summary_fg_median": 343.86065673828125,
  "summary_fg_n": 179088.0,
  "summary_fg_p05": 200.1451873779297,
  "summary_fg_p95": 692.0940124511717,
  "summary_fg_stdv": 157.0078125,
  "tsnr": 20.90439073415473
}