{
  "bids_meta": {
    "AcquisitionMatrixPE": 256,
    "AcquisitionNumber": 1,
    "AcquisitionTime": "15:19:28.257500",
    "BaseResolution": 256,
    "ConversionSoftware": "dcm2niix",
    "ConversionSoftwareVersion": "v1.0.20180404 Clang8.0.0",
    "DeviceSerialNumber": "35002",
    "DwellTime": 1.03e-05,
    "EchoTime": 0.00492,
    "FlipAngle": 25,
    "ImageOrientationPatientDICOM": [
      0.0226873,
      0.999743,
      -1.7432e-08,
      -0.0174479,
      0.000395931,
      -0.999848
    ],
    "ImageType": [
      "ORIGINAL",
      "PRIMARY",
      "M",
      "ND",
      "NORM"
    ],
    "InPlanePhaseEncodingDirectionDICOM": "ROW",
    "InstitutionAddress": "University_Pkwy_1700_North_685_Provo_UT_US_84601",
    "InstitutionName": "Brigham_Young_University",
    "InstitutionalDepartmentName": "MRI",
    "MRAcquisitionType": "3D",
    "MagneticFieldStrength": 3,
    "Manufacturer": "Siemens",
    "ManufacturersModelName": "TrioTim",
    "Modality": "MR",
    "ParallelReductionFactorInPlane": 2,
    "PartialFourier": 1,
    "PatientPosition": "HFS",
    "PercentPhaseFOV": 100,
    "PhaseEncodingSteps": 255,
    "PhaseResolution": 1,
    "PixelBandwidth": 190,
    "ProcedureStepDescription": "Research_KIRWAN",
    "ProtocolName": "t1_fl3d_sag_no3Daccel_iso_1.0_1avg",
    "PulseSequenceDetails": "%SiemensSeq%_gre",
    "ReceiveCoilName": "32Ch_Head",
    "ReconMatrixPE": 256,
    "RepetitionTime": 0.02,
    "SAR": 0.182993,
    "ScanningSequence": "GR",
    "SequenceName": "_fl3d1_ns",
    "SequenceVariant": "SP",
    "SeriesDescription": "t1_fl3d_sag_no3Daccel_iso_1.0_1avg",
    "SeriesNumber": 9,
    "ShimSetting": [
      -2655,
      -23109,
      2059,
      81,
      -13,
      -145,
      -152,
      15
    ],
    "SliceThickness": 1,
    "SoftwareVersions": "syngo_MR_B17",
    "StationName": "MININT-E41B04",
    "TxRefAmp": 324.256,
    "dataset": "ds002168",
    "modality": "T1w",
    "subject_id": "1548"
  },
  "cjv": 0.4987473863052845,
  "cnr": 2.7709328082677063,
  "efc": 0.5646513631066402,
  "fber": 9133.017137760411,
  "fwhm_avg": 3.384201302393667,
  "fwhm_x": 3.292593907181001,
  "fwhm_y": 3.63083,
  "fwhm_z": 3.22918,
  "icvs_csf": 0.17615820459564885,
  "icvs_gm": 0.40981343749965493,
  "icvs_wm": 0.4140283579046962,
  "inu_med": 0.4183500409126282,
  "inu_range": 0.1662714079022407,
  "provenance": {
    "md5sum": "b4b4ad913d439821a63a8bba881490ce",
    "settings": {
      "testing": false
    },
    "software": "mriqc",
    "version": "23.0.1",
    "warnings": {
      "large_rot_frame": true,
      "small_air_mask": false
    },
    "webapi_port": null,
    "webapi_url": "https://mriqc.nimh.nih.gov/api/v1"
  },
  "qi_1": 5.0249913980081464e-06,
  "qi_2": 0.026737905584284415,
  "rpve_csf": 28.88216997741049,
  "rpve_gm": 12.465162040757289,
  "rpve_wm": 13.910603708264183,
  "size_x": 192,
  "size_y": 256,
  "size_z": 256,
  "snr_csf": 4.369531085599256,
  "snr_gm": 16.442243118676096,
  "snr_total": 14.22480842464072,
  "snr_wm": 21.86265106964681,
  "snrd_csf": 38.46484448735707,
  "snrd_gm": 75.97578327626766,
  "snrd_total": 69.31714742044508,
  "snrd_wm": 93.51081449771053,
  "spacing_x": 1.0000048875808716,
  "spacing_y": 1.0,
  "spacing_z": 1.0,
  "summary_bg_k": 14.461747455042495,
  "summary_bg_mad": 7.006258905200915,
  "summary_bg_mean": 6.454860524297015,
  "summary_bg_median": 4.725649818778038,
  "summary_bg_n": 3527569.0,
  "summary_bg_p05": 0.0,
  "summary_bg_p95": 19.840228207409382,
  "summary_bg_stdv": 6.773142110738541,
  "summary_csf_k": 6.592423129398579,
  "summary_csf_mad": 55.10478234169926,
  "summary_csf_mean": 409.27282410889546,
  "summary_csf_median": 411.35656517744064,
  "summary_csf_n": 55692.0,
  "summary_csf_p05": 280.4673167444766,
  "summary_csf_p95": 546.5214015416799,
  "summary_csf_stdv": 94.14119363467341,
  "summary_gm_k": 0.22622996565235587,
  "summary_gm_mad": 48.76578618937462,
  "summary_gm_mean": 812.3744299655469,
  "summary_gm_median": 812.5117275714874,
  "summary_gm_n": 28641.0,
  "summary_gm_p05": 731.5005878210068,
  "summary_gm_p95": 892.8477744907141,
  "summary_gm_stdv": 49.41524931647617,
  "summary_wm_k": 0.415422433638692,
  "summary_wm_mad": 44.76220967211696,
  "summary_wm_mean": 1003.6643409603106,
  "summary_wm_median": 1000.0375140309334,
  "summary_wm_n": 232983.0,
  "summary_wm_p05": 935.528643488884,
  "summary_wm_p95": 1084.0490663647652,
  "summary_wm_stdv": 45.74172476535575,
  "tpm_overlap_csf": 0.14403256992701238,
  "tpm_overlap_gm": 0.43046005465524945,
  "tpm_overlap_wm": 0.4810610909353573,
  "wm2max": 0.5999055054334376
}