{
  "bids_meta": {
    "AcquisitionMatrixPE": 512,
    "AcquisitionNumber": 1,
    "AcquisitionTime": "17:59:36.527500",
    "BaseResolution": 512,
    "ConversionSoftware": "dcm2niix",
    "ConversionSoftwareVersion": "v1.0.20180404 Clang8.0.0",
    "DeviceSerialNumber": "35002",
    "DwellTime": 5e-06,
    "EchoTime": 0.064,
    "EchoTrainLength": 15,
    "FlipAngle": 129,
    "ImageOrientationPatientDICOM": [
      0.993484,
      0.113975,
      5.19016e-10,
      -0.0603289,
      0.525867,
      -0.848425
    ],
    "ImageType": [
      "ORIGINAL",
      "PRIMARY",
      "M",
      "ND"
    ],
    "InPlanePhaseEncodingDirectionDICOM": "ROW",
    "InstitutionAddress": "University_Pkwy_1700_North_685_Provo_UT_US_84601",
    "InstitutionName": "Brigham_Young_University",
    "InstitutionalDepartmentName": "MRI",
    "MRAcquisitionType": "2D",
    "MagneticFieldStrength": 3,
    "Manufacturer": "Siemens",
    "ManufacturersModelName": "TrioTim",
    "Modality": "MR",
    "PartialFourier": 1,
    "PatientPosition": "HFS",
    "PercentPhaseFOV": 100,
    "PhaseEncodingDirection": "i",
    "PhaseEncodingSteps": 720,
    "PhaseOversampling": 0.4,
    "PhaseResolution": 1,
    "PixelBandwidth": 195,
    "ProcedureStepDescription": "Research_KIRWAN",
    "ProtocolName": "HHR_struct_MODIFIED",
    "PulseSequenceDetails": "%SiemensSeq%_tse",
    "ReceiveCoilName": "32Ch_Head",
    "ReconMatrixPE": 512,
    "RepetitionTime": 6,
    "SAR": 0.858486,
    "ScanningSequence": "SE",
    "SequenceName": "_tse2d1_15",
    "SequenceVariant": "SK_SP_OSP",
    "SeriesDescription": "HHR_struct_MODIFIED",
    "SeriesNumber": 16,
    "ShimSetting": [
      -2627,
      -23144,
      2590,
      1321,
      -94,
      -705,
      119,
      -266
    ],
    "SliceThickness": 2,
    "SoftwareVersions": "syngo_MR_B17",
    "SpacingBetweenSlices": 2,
    "StationName": "MININT-E41B04",
    "TxRefAmp": 355.888,
    "dataset": "ds002168",
    "modality": "T2w",
    "subject_id": "1516"
  },
  "cjv": 1.22381184569819,
  "cnr": 1.0072353985812479,
  "efc": 0.6144748951881038,
  "fber": 4068.756113272694,
  "fwhm_avg": 6.028638636493857,
  "fwhm_x": 6.832230399999999,
  "fwhm_y": 4.3307025812998905,
  "fwhm_z": 6.92298292818168,
  "icvs_csf": 0.459440055850152,
  "icvs_gm": 0.11691801370855905,
  "icvs_wm": 0.42364193044128895,
  "inu_med": 0.973217785358429,
  "inu_range": 1.9314537525176985,
  "provenance": {
    "md5sum": "3190c900c48b6a8cb28a2030f67e8c47",
    "settings": {
      "testing": false
    },
    "software": "mriqc",
    "version": "23.0.1",
    "warnings": {
      "large_rot_frame": false,
      "small_air_mask": false
    },
    "webapi_port": null,
    "webapi_url": "https://mriqc.nimh.nih.gov/api/v1"
  },
  "qi_1": 0.0,
  "qi_2": 0.0007427679806468306,
  "rpve_csf": 5.64110471763183,
  "rpve_gm": 21.27576268852811,
  "rpve_wm": 6.400855455591247,
  "size_x": 512,
  "size_y": 35,
  "size_z": 512,
  "snr_csf": 11.209243666239015,
  "snr_gm": 1.9061711410827233,
  "snr_total": 7.118552194813611,
  "snr_wm": 8.240241777119095,
  "snrd_csf": 26.820351696431434,
  "snrd_gm": 35.74975187090266,
  "snrd_total": 26.435844578470977,
  "snrd_wm": 16.73743016807884,
  "spacing_x": 0.390625,
  "spacing_y": 1.9999988079071045,
  "spacing_z": 0.3906249701976776,
  "summary_bg_k": 565.6416488981325,
  "summary_bg_mad": 0.0,
  "summary_bg_mean": 20.810845871786505,
  "summary_bg_median": 0.0,
  "summary_bg_n": 2448974.0,
  "summary_bg_p05": 0.0,
  "summary_bg_p95": 79.40949437767267,
  "summary_bg_stdv": 40.3052263057599,
  "summary_csf_k": 0.28116675548739867,
  "summary_csf_mad": 144.05446097507757,
  "summary_csf_mean": 1662.577259747505,
  "summary_csf_median": 1650.038594596088,
  "summary_csf_n": 952910.0,
  "summary_csf_p05": 1445.1949049681425,
  "summary_csf_p95": 1923.292164556682,
  "summary_csf_stdv": 147.2033063012336,
  "summary_gm_k": -1.6372039529780196,
  "summary_gm_mad": 1305.5740199493998,
  "summary_gm_mean": 1658.6614268889998,
  "summary_gm_median": 2199.3921258710325,
  "summary_gm_n": 241618.0,
  "summary_gm_p05": 86.93554609268904,
  "summary_gm_p95": 3185.4496323019266,
  "summary_gm_stdv": 1153.8248203852402,
  "summary_wm_k": 0.02241032668634979,
  "summary_wm_mad": 125.88671862767455,
  "summary_wm_mean": 1031.2517406169077,
  "summary_wm_median": 1029.718255162239,
  "summary_wm_n": 913416.0,
  "summary_wm_p05": 828.734079234302,
  "summary_wm_p95": 1237.2636043801904,
  "summary_wm_stdv": 124.96207263699159,
  "tpm_overlap_csf": 0.10426730056832442,
  "tpm_overlap_gm": 0.07852480152777096,
  "tpm_overlap_wm": 0.5037464554792268,
  "wm2max": 0.2670071909049679
}