{
  "aor": 0.0002696,
  "aqi": 0.015809856470588236,
  "bids_meta": {
    "AcquisitionMatrixPE": 100,
    "AcquisitionNumber": 1,
    "AcquisitionTime": "19:34:38.587500",
    "BandwidthPerPixelPhaseEncode": 13.889,
    "BaseResolution": 100,
    "ConversionSoftware": "dcm2niix",
    "ConversionSoftwareVersion": "v1.0.20180404 Clang8.0.0",
    "DerivedVendorReportedEchoSpacing": 0.000719994,
    "DeviceSerialNumber": "35002",
    "DwellTime": 2.8e-06,
    "EchoTime": 0.0436,
    "EffectiveEchoSpacing": 0.000719994,
    "FlipAngle": 55,
    "ImageComments": "Unaliased_MB8_PE3_(remote)",
    "ImageOrientationPatientDICOM": [
      0.99889,
      0.0245554,
      -0.0401883,
      -5.54586e-09,
      0.853321,
      0.521386
    ],
    "ImageType": [
      "ORIGINAL",
      "PRIMARY",
      "M",
      "MB",
      "ND",
      "MOSAIC"
    ],
    "InPlanePhaseEncodingDirectionDICOM": "COL",
    "InstitutionAddress": "University_Pkwy_1700_North_685_Provo_UT_US_84601",
    "InstitutionName": "Brigham_Young_University",
    "InstitutionalDepartmentName": "MRI",
    "MRAcquisitionType": "2D",
    "MagneticFieldStrength": 3,
    "Manufacturer": "Siemens",
    "ManufacturersModelName": "TrioTim",
    "Modality": "MR",
    "MultibandAccelerationFactor": 8,
    "PartialFourier": 1,
    "PatientPosition": "HFS",
    "PercentPhaseFOV": 100,
    "PhaseEncodingDirection": "j-",
    "PhaseEncodingSteps": 100,
    "PhaseResolution": 1,
    "PixelBandwidth": 1786,
    "ProcedureStepDescription": "Research_KIRWAN",
    "ProtocolName": "run5",
    "PulseSequenceDetails": "%CustomerSeq%_cmrr_mbep2d_bold",
    "ReceiveCoilName": "32Ch_Head",
    "ReconMatrixPE": 100,
    "RepetitionTime": 0.875,
    "SAR": 0.120699,
    "ScanOptions": "FS",
    "ScanningSequence": "EP",
    "SequenceName": "epfid2d1_100",
    "SequenceVariant": "SK_SS",
    "SeriesDescription": "run5",
    "SeriesNumber": 7,
    "ShimSetting": [
      -2875,
      -22912,
      2281,
      591,
      2,
      323,
      -17,
      469
    ],
    "SliceThickness": 1.8,
    "SliceTiming": [
      0,
      0.4875,
      0.0975,
      0.585,
      0.195,
      0.6825,
      0.2925,
      0.78,
      0.39,
      0,
      0.4875,
      0.0975,
      0.585,
      0.195,
      0.6825,
      0.2925,
      0.78,
      0.39,
      0,
      0.4875,
      0.0975,
      0.585,
      0.195,
      0.6825,
      0.2925,
      0.78,
      0.39,
      0,
      0.4875,
      0.0975,
      0.585,
      0.195,
      0.6825,
      0.2925,
      0.78,
      0.39,
      0,
      0.4875,
      0.0975,
      0.585,
      0.195,
      0.6825,
      0.2925,
      0.78,
      0.39,
      0,
      0.4875,
      0.0975,
      0.585,
      0.195,
      0.6825,
      0.2925,
      0.78,
      0.39,
      0,
      0.4875,
      0.0975,
      0.585,
      0.195,
      0.6825,
      0.2925,
      0.78,
      0.39,
      0,
      0.4875,
      0.0975,
      0.585,
      0.195,
      0.6825,
      0.2925,
      0.78,
      0.39
    ],
    "SoftwareVersions": "syngo_MR_B17",
    "SpacingBetweenSlices": 1.8,
    "StationName": "MININT-E41B04",
    "TaskName": "MST",
    "TotalReadoutTime": 0.0712794,
    "TxRefAmp": 340.46,
    "dataset": "ds002168",
    "modality": "bold",
    "run_id": 5,
    "subject_id": "1588",
    "task_id": "mst"
  },
  "dummy_trs": 3,
  "dvars_nstd": 72.17237654273578,
  "dvars_std": 1.0494526485141509,
  "dvars_vstd": 1.0049722171462272,
  "efc": 0.5773125539804776,
  "fber": 294.6770935058594,
  "fd_mean": 0.07294400519704404,
  "fd_num": 0,
  "fd_perc": 0.0,
  "fwhm_avg": 2.971776004651105,
  "fwhm_x": 2.7929667406550176,
  "fwhm_y": 3.2141334184787915,
  "fwhm_z": 2.908227854819506,
  "gcor": 0.00306982,
  "gsr_x": -0.00044983753468841314,
  "gsr_y": 0.0640561655163765,
  "provenance": {
    "md5sum": "9eb5cd5e9471251270b63b2e4288b692",
    "settings": {
      "fd_thres": 0.2,
      "testing": false
    },
    "software": "mriqc",
    "version": "23.0.1",
    "webapi_port": null,
    "webapi_url": "https://mriqc.nimh.nih.gov/api/v1"
  },
  "size_t": 425,
  "size_x": 100,
  "size_y": 100,
  "size_z": 72,
  "snr": 2.3493753300721556,
  "spacing_tr": 0.875,
  "spacing_x": 1.7999999523162842,
  "spacing_y": 1.7999999523162842,
  "spacing_z": 1.7999999523162842,
  "summary_bg_k": 23.350051477628174,
  "summary_bg_mad": 11.225914092999002,
  "summary_bg_mean": 32.46021270751953,
  "summary_bg_median": 19.324705123901367,
  "summary_bg_n": 438745.0,
  "summary_bg_p05": 10.854117393493652,
  "summary_bg_p95": 101.67905273437495,
  "summary_bg_stdv": 37.949317932128906,
  "summary_fg_k": 6.118161955780792,
  "summary_fg_mad": 96.15461300111106,
  "summary_fg_mean": 369.38201904296875,
  "summary_fg_median": 337.10467529296875,
  "summary_fg_n": 180480.0,
  "summary_fg_p05": 208.35528564453125,
  "summary_fg_p95": 648.2751251220698,
  "summary_fg_stdv": 143.48654174804688,
  "tsnr": 21.531467801891267
}