{
  "aor": 0.0004074941451990632,
  "aqi": 0.016458471662763468,
  "bids_meta": {
    "AcquisitionMatrixPE": 100,
    "AcquisitionNumber": 1,
    "AcquisitionTime": "19:41:22.087500",
    "BandwidthPerPixelPhaseEncode": 13.889,
    "BaseResolution": 100,
    "ConversionSoftware": "dcm2niix",
    "ConversionSoftwareVersion": "v1.0.20180404 Clang8.0.0",
    "DerivedVendorReportedEchoSpacing": 0.000719994,
    "DeviceSerialNumber": "35002",
    "DwellTime": 2.8e-06,
    "EchoTime": 0.0436,
    "EffectiveEchoSpacing": 0.000719994,
    "FlipAngle": 55,
    "ImageComments": "Unaliased_MB8_PE3_(remote)",
    "ImageOrientationPatientDICOM": [
      0.99889,
      0.0245554,
      -0.0401883,
      -5.54586e-09,
      0.853321,
      0.521386
    ],
    "ImageType": [
      "ORIGINAL",
      "PRIMARY",
      "M",
      "MB",
      "ND",
      "MOSAIC"
    ],
    "InPlanePhaseEncodingDirectionDICOM": "COL",
    "InstitutionAddress": "University_Pkwy_1700_North_685_Provo_UT_US_84601",
    "InstitutionName": "Brigham_Young_University",
    "InstitutionalDepartmentName": "MRI",
    "MRAcquisitionType": "2D",
    "MagneticFieldStrength": 3,
    "Manufacturer": "Siemens",
    "ManufacturersModelName": "TrioTim",
    "Modality": "MR",
    "MultibandAccelerationFactor": 8,
    "PartialFourier": 1,
    "PatientPosition": "HFS",
    "PercentPhaseFOV": 100,
    "PhaseEncodingDirection": "j-",
    "PhaseEncodingSteps": 100,
    "PhaseResolution": 1,
    "PixelBandwidth": 1786,
    "ProcedureStepDescription": "Research_KIRWAN",
    "ProtocolName": "run6",
    "PulseSequenceDetails": "%CustomerSeq%_cmrr_mbep2d_bold",
    "ReceiveCoilName": "32Ch_Head",
    "ReconMatrixPE": 100,
    "RepetitionTime": 0.875,
    "SAR": 0.12115,
    "ScanOptions": "FS",
    "ScanningSequence": "EP",
    "SequenceName": "epfid2d1_100",
    "SequenceVariant": "SK_SS",
    "SeriesDescription": "run6",
    "SeriesNumber": 8,
    "ShimSetting": [
      -2875,
      -22912,
      2281,
      591,
      2,
      323,
      -17,
      469
    ],
    "SliceThickness": 1.8,
    "SliceTiming": [
      0,
      0.4875,
      0.0975,
      0.585,
      0.195,
      0.6825,
      0.2925,
      0.78,
      0.39,
      0,
      0.4875,
      0.0975,
      0.585,
      0.195,
      0.6825,
      0.2925,
      0.78,
      0.39,
      0,
      0.4875,
      0.0975,
      0.585,
      0.195,
      0.6825,
      0.2925,
      0.78,
      0.39,
      0,
      0.4875,
      0.0975,
      0.585,
      0.195,
      0.6825,
      0.2925,
      0.78,
      0.39,
      0,
      0.4875,
      0.0975,
      0.585,
      0.195,
      0.6825,
      0.2925,
      0.78,
      0.39,
      0,
      0.4875,
      0.0975,
      0.585,
      0.195,
      0.6825,
      0.2925,
      0.78,
      0.39,
      0,
      0.4875,
      0.0975,
      0.585,
      0.195,
      0.6825,
      0.2925,
      0.78,
      0.39,
      0,
      0.4875,
      0.0975,
      0.585,
      0.195,
      0.6825,
      0.2925,
      0.78,
      0.39
    ],
    "SoftwareVersions": "syngo_MR_B17",
    "SpacingBetweenSlices": 1.8,
    "StationName": "MININT-E41B04",
    "TaskName": "MST",
    "TotalReadoutTime": 0.0712794,
    "TxRefAmp": 340.46,
    "dataset": "ds002168",
    "modality": "bold",
    "run_id": 6,
    "subject_id": "1588",
    "task_id": "mst"
  },
  "dummy_trs": 1,
  "dvars_nstd": 72.42847043260562,
  "dvars_std": 1.052961201079813,
  "dvars_vstd": 1.0082653033802806,
  "efc": 0.5776409162827365,
  "fber": 297.35748291015625,
  "fd_mean": 0.07692025162773536,
  "fd_num": 0,
  "fd_perc": 0.0,
  "fwhm_avg": 2.957887115394286,
  "fwhm_x": 2.7925334073102053,
  "fwhm_y": 3.1996445292060782,
  "fwhm_z": 2.8814834096665756,
  "gcor": 0.00169103,
  "gsr_x": 9.378410322824493e-05,
  "gsr_y": 0.0635906457901001,
  "provenance": {
    "md5sum": "84763495080daab55d9eb78b7b914d14",
    "settings": {
      "fd_thres": 0.2,
      "testing": false
    },
    "software": "mriqc",
    "version": "23.0.1",
    "webapi_port": null,
    "webapi_url": "https://mriqc.nimh.nih.gov/api/v1"
  },
  "size_t": 427,
  "size_x": 100,
  "size_y": 100,
  "size_z": 72,
  "snr": 2.3683247203837237,
  "spacing_tr": 0.875,
  "spacing_x": 1.7999999523162842,
  "spacing_y": 1.7999999523162842,
  "spacing_z": 1.7999999523162842,
  "summary_bg_k": 22.685846070828,
  "summary_bg_mad": 11.194168768854746,
  "summary_bg_mean": 32.44618225097656,
  "summary_bg_median": 19.283370971679688,
  "summary_bg_n": 438600.0,
  "summary_bg_p05": 10.756440162658691,
  "summary_bg_p95": 101.61357879638672,
  "summary_bg_stdv": 37.79383087158203,
  "summary_fg_k": 6.284267836322355,
  "summary_fg_mad": 95.88994986399105,
  "summary_fg_mean": 370.13427734375,
  "summary_fg_median": 337.96484375,
  "summary_fg_n": 180109.0,
  "summary_fg_p05": 210.22247314453125,
  "summary_fg_p95": 648.5437622070314,
  "summary_fg_stdv": 142.70167541503906,
  "tsnr": 21.170860688434914
}