{
  "aor": 0.0010778873239436619,
  "aqi": 0.018091942723004698,
  "bids_meta": {
    "AcquisitionMatrixPE": 100,
    "AcquisitionNumber": 1,
    "AcquisitionTime": "19:23:15.862500",
    "BandwidthPerPixelPhaseEncode": 13.889,
    "BaseResolution": 100,
    "ConversionSoftware": "dcm2niix",
    "ConversionSoftwareVersion": "v1.0.20180404 Clang8.0.0",
    "DerivedVendorReportedEchoSpacing": 0.000719994,
    "DeviceSerialNumber": "35002",
    "DwellTime": 2.8e-06,
    "EchoTime": 0.0436,
    "EffectiveEchoSpacing": 0.000719994,
    "FlipAngle": 55,
    "ImageComments": "Unaliased_MB8_PE3_(remote)",
    "ImageOrientationPatientDICOM": [
      1,
      0,
      0,
      0,
      0.800731,
      0.599024
    ],
    "ImageType": [
      "ORIGINAL",
      "PRIMARY",
      "M",
      "MB",
      "ND",
      "MOSAIC"
    ],
    "InPlanePhaseEncodingDirectionDICOM": "COL",
    "InstitutionAddress": "University_Pkwy_1700_North_685_Provo_UT_US_84601",
    "InstitutionName": "Brigham_Young_University",
    "InstitutionalDepartmentName": "MRI",
    "MRAcquisitionType": "2D",
    "MagneticFieldStrength": 3,
    "Manufacturer": "Siemens",
    "ManufacturersModelName": "TrioTim",
    "Modality": "MR",
    "MultibandAccelerationFactor": 8,
    "PartialFourier": 1,
    "PatientPosition": "HFS",
    "PercentPhaseFOV": 100,
    "PhaseEncodingDirection": "j-",
    "PhaseEncodingSteps": 100,
    "PhaseResolution": 1,
    "PixelBandwidth": 1786,
    "ProcedureStepDescription": "Research_KIRWAN",
    "ProtocolName": "run3",
    "PulseSequenceDetails": "%CustomerSeq%_cmrr_mbep2d_bold",
    "ReceiveCoilName": "32Ch_Head",
    "ReconMatrixPE": 100,
    "RepetitionTime": 0.875,
    "SAR": 0.12337,
    "ScanOptions": "FS",
    "ScanningSequence": "EP",
    "SequenceName": "epfid2d1_100",
    "SequenceVariant": "SK_SS",
    "SeriesDescription": "run3",
    "SeriesNumber": 5,
    "ShimSetting": [
      -2450,
      -21769,
      1432,
      379,
      672,
      4497,
      232,
      -574
    ],
    "SliceThickness": 1.8,
    "SliceTiming": [
      0,
      0.4875,
      0.0975,
      0.585,
      0.195,
      0.6825,
      0.2925,
      0.78,
      0.39,
      0,
      0.4875,
      0.0975,
      0.585,
      0.195,
      0.6825,
      0.2925,
      0.78,
      0.39,
      0,
      0.4875,
      0.0975,
      0.585,
      0.195,
      0.6825,
      0.2925,
      0.78,
      0.39,
      0,
      0.4875,
      0.0975,
      0.585,
      0.195,
      0.6825,
      0.2925,
      0.78,
      0.39,
      0,
      0.4875,
      0.0975,
      0.585,
      0.195,
      0.6825,
      0.2925,
      0.78,
      0.39,
      0,
      0.4875,
      0.0975,
      0.585,
      0.195,
      0.6825,
      0.2925,
      0.78,
      0.39,
      0,
      0.4875,
      0.0975,
      0.585,
      0.195,
      0.6825,
      0.2925,
      0.78,
      0.39,
      0,
      0.4875,
      0.0975,
      0.585,
      0.195,
      0.6825,
      0.2925,
      0.78,
      0.39
    ],
    "SoftwareVersions": "syngo_MR_B17",
    "SpacingBetweenSlices": 1.8,
    "StationName": "MININT-E41B04",
    "TaskName": "MST",
    "TotalReadoutTime": 0.0712794,
    "TxRefAmp": 329.004,
    "dataset": "ds002168",
    "modality": "bold",
    "run_id": 3,
    "subject_id": "1565",
    "task_id": "mst"
  },
  "dummy_trs": 2,
  "dvars_nstd": 72.96995627014117,
  "dvars_std": 1.052011009882353,
  "dvars_vstd": 1.0242326536470583,
  "efc": 0.5609124868475046,
  "fber": 374.9541320800781,
  "fd_mean": 0.11108271620324645,
  "fd_num": 8,
  "fd_perc": 1.8779342723004695,
  "fwhm_avg": 3.0235613259689735,
  "fwhm_x": 2.9662223008002786,
  "fwhm_y": 3.2707669699267385,
  "fwhm_z": 2.8336947071799035,
  "gcor": 0.00175436,
  "gsr_x": 0.005461927503347397,
  "gsr_y": 0.052726272493600845,
  "provenance": {
    "md5sum": "88d57a2ed70764d8fecd323071ea29d0",
    "settings": {
      "fd_thres": 0.2,
      "testing": false
    },
    "software": "mriqc",
    "version": "23.0.1",
    "webapi_port": null,
    "webapi_url": "https://mriqc.nimh.nih.gov/api/v1"
  },
  "size_t": 426,
  "size_x": 100,
  "size_y": 100,
  "size_z": 72,
  "snr": 2.464201940294998,
  "spacing_tr": 0.875,
  "spacing_x": 1.7999999523162842,
  "spacing_y": 1.7999998331069946,
  "spacing_z": 1.7999998331069946,
  "summary_bg_k": 27.90263285602879,
  "summary_bg_mad": 8.606750938980012,
  "summary_bg_mean": 27.483983993530273,
  "summary_bg_median": 16.657278060913086,
  "summary_bg_n": 450441.0,
  "summary_bg_p05": 9.875587463378906,
  "summary_bg_p95": 81.26995086669922,
  "summary_bg_stdv": 32.52395248413086,
  "summary_fg_k": 3.569919882405115,
  "summary_fg_mad": 95.20672126290023,
  "summary_fg_mean": 352.3797912597656,
  "summary_fg_median": 324.7230224609375,
  "summary_fg_n": 171488.0,
  "summary_fg_p05": 190.31467208862304,
  "summary_fg_p95": 615.5589416503905,
  "summary_fg_stdv": 131.7757568359375,
  "tsnr": 19.220620311331004
}