{
  "bids_meta": {
    "AcquisitionMatrixPE": 256,
    "AcquisitionNumber": 1,
    "AcquisitionTime": "18:23:27.902500",
    "BaseResolution": 256,
    "ConversionSoftware": "dcm2niix",
    "ConversionSoftwareVersion": "v1.0.20180404 Clang8.0.0",
    "DeviceSerialNumber": "35002",
    "DwellTime": 1.03e-05,
    "EchoTime": 0.00492,
    "FlipAngle": 25,
    "ImageOrientationPatientDICOM": [
      -0.045363,
      0.998971,
      1.41528e-08,
      -0.0122044,
      -0.000554184,
      -0.999925
    ],
    "ImageType": [
      "ORIGINAL",
      "PRIMARY",
      "M",
      "ND",
      "NORM"
    ],
    "InPlanePhaseEncodingDirectionDICOM": "ROW",
    "InstitutionAddress": "University_Pkwy_1700_North_685_Provo_UT_US_84601",
    "InstitutionName": "Brigham_Young_University",
    "InstitutionalDepartmentName": "MRI",
    "MRAcquisitionType": "3D",
    "MagneticFieldStrength": 3,
    "Manufacturer": "Siemens",
    "ManufacturersModelName": "TrioTim",
    "Modality": "MR",
    "ParallelReductionFactorInPlane": 2,
    "PartialFourier": 1,
    "PatientPosition": "HFS",
    "PercentPhaseFOV": 100,
    "PhaseEncodingSteps": 255,
    "PhaseResolution": 1,
    "PixelBandwidth": 190,
    "ProcedureStepDescription": "Research_KIRWAN",
    "ProtocolName": "t1_fl3d_sag_no3Daccel_iso_1.0_1avg",
    "PulseSequenceDetails": "%SiemensSeq%_gre",
    "ReceiveCoilName": "32Ch_Head",
    "ReconMatrixPE": 256,
    "RepetitionTime": 0.02,
    "SAR": 0.168818,
    "ScanningSequence": "GR",
    "SequenceName": "_fl3d1_ns",
    "SequenceVariant": "SP",
    "SeriesDescription": "t1_fl3d_sag_no3Daccel_iso_1.0_1avg",
    "SeriesNumber": 9,
    "ShimSetting": [
      -2826,
      -22917,
      1922,
      -109,
      -90,
      -53,
      -300,
      376
    ],
    "SliceThickness": 1,
    "SoftwareVersions": "syngo_MR_B17",
    "StationName": "MININT-E41B04",
    "TxRefAmp": 329.724,
    "dataset": "ds002168",
    "modality": "T1w",
    "subject_id": "2347"
  },
  "cjv": 0.4727383073863576,
  "cnr": 2.9032543485843854,
  "efc": 0.544405397743051,
  "fber": 8701.017600569598,
  "fwhm_avg": 3.1402489342717668,
  "fwhm_x": 3.0846568028153003,
  "fwhm_y": 3.40229,
  "fwhm_z": 2.9338,
  "icvs_csf": 0.14335929851554446,
  "icvs_gm": 0.4227772592673793,
  "icvs_wm": 0.43386344221707623,
  "inu_med": 0.34302473068237305,
  "inu_range": 0.09551048874855039,
  "provenance": {
    "md5sum": "f035d328f2ff59b81b3e6c2ab4b2f19a",
    "settings": {
      "testing": false
    },
    "software": "mriqc",
    "version": "23.0.1",
    "warnings": {
      "large_rot_frame": true,
      "small_air_mask": false
    },
    "webapi_port": null,
    "webapi_url": "https://mriqc.nimh.nih.gov/api/v1"
  },
  "qi_1": 0.0001361999461575532,
  "qi_2": 0.027236836351371235,
  "rpve_csf": 45.66209807835196,
  "rpve_gm": 16.2620171830824,
  "rpve_wm": 17.724092183527063,
  "size_x": 192,
  "size_y": 256,
  "size_z": 256,
  "snr_csf": 2.5793235448570737,
  "snr_gm": 15.928461243136857,
  "snr_total": 13.216792999177366,
  "snr_wm": 21.14259420953817,
  "snrd_csf": 41.63398061786662,
  "snrd_gm": 87.10838968344223,
  "snrd_total": 79.28502858307341,
  "snrd_wm": 109.11271544791137,
  "spacing_x": 0.9999977946281433,
  "spacing_y": 1.0,
  "spacing_z": 1.0,
  "summary_bg_k": 80.21409655960277,
  "summary_bg_mad": 6.004414373336272,
  "summary_bg_mean": 6.40212457662533,
  "summary_bg_median": 4.049915950745344,
  "summary_bg_n": 3230262.0,
  "summary_bg_p05": 0.0,
  "summary_bg_p95": 20.743471942842007,
  "summary_bg_stdv": 8.717129225452789,
  "summary_csf_k": 3.000686013887025,
  "summary_csf_mad": 120.3323693518204,
  "summary_csf_mean": 367.0241470660707,
  "summary_csf_median": 381.58110531046987,
  "summary_csf_n": 15157.0,
  "summary_csf_p05": 113.74666376784444,
  "summary_csf_p95": 582.1079193204641,
  "summary_csf_stdv": 147.93356120208225,
  "summary_gm_k": 0.2259419846892441,
  "summary_gm_mad": 49.402173543222005,
  "summary_gm_mean": 797.840685498126,
  "summary_gm_median": 798.3602606318891,
  "summary_gm_n": 26302.0,
  "summary_gm_p05": 713.8717701472342,
  "summary_gm_p95": 877.5459953127428,
  "summary_gm_stdv": 50.12066586369242,
  "summary_wm_k": 0.3239713940665938,
  "summary_wm_mad": 45.93621077487342,
  "summary_wm_mean": 1003.8782705602501,
  "summary_wm_median": 1000.0329045206308,
  "summary_wm_n": 181745.0,
  "summary_wm_p05": 933.3245328441262,
  "summary_wm_p95": 1088.1432710587978,
  "summary_wm_stdv": 47.29931168370308,
  "tpm_overlap_csf": 0.12866336197702577,
  "tpm_overlap_gm": 0.4675221673630844,
  "tpm_overlap_wm": 0.5017733032069951,
  "wm2max": 0.6156528084649221
}