{
  "aor": 0.00031612149532710284,
  "aqi": 0.013884653037383175,
  "bids_meta": {
    "AcquisitionMatrixPE": 100,
    "AcquisitionNumber": 1,
    "AcquisitionTime": "17:47:15.082500",
    "BandwidthPerPixelPhaseEncode": 13.889,
    "BaseResolution": 100,
    "ConversionSoftware": "dcm2niix",
    "ConversionSoftwareVersion": "v1.0.20180404 Clang8.0.0",
    "DerivedVendorReportedEchoSpacing": 0.000719994,
    "DeviceSerialNumber": "35002",
    "DwellTime": 2.8e-06,
    "EchoTime": 0.0436,
    "EffectiveEchoSpacing": 0.000719994,
    "FlipAngle": 55,
    "ImageComments": "Unaliased_MB8_PE3_(remote)",
    "ImageOrientationPatientDICOM": [
      0.999993,
      -0.00166858,
      0.00323364,
      -1.88277e-09,
      0.888664,
      0.458559
    ],
    "ImageType": [
      "ORIGINAL",
      "PRIMARY",
      "M",
      "MB",
      "ND",
      "MOSAIC"
    ],
    "InPlanePhaseEncodingDirectionDICOM": "COL",
    "InstitutionAddress": "University_Pkwy_1700_North_685_Provo_UT_US_84601",
    "InstitutionName": "Brigham_Young_University",
    "InstitutionalDepartmentName": "MRI",
    "MRAcquisitionType": "2D",
    "MagneticFieldStrength": 3,
    "Manufacturer": "Siemens",
    "ManufacturersModelName": "TrioTim",
    "Modality": "MR",
    "MultibandAccelerationFactor": 8,
    "PartialFourier": 1,
    "PatientPosition": "HFS",
    "PercentPhaseFOV": 100,
    "PhaseEncodingDirection": "j-",
    "PhaseEncodingSteps": 100,
    "PhaseResolution": 1,
    "PixelBandwidth": 1786,
    "ProcedureStepDescription": "Research_KIRWAN",
    "ProtocolName": "run3",
    "PulseSequenceDetails": "%CustomerSeq%_cmrr_mbep2d_bold",
    "ReceiveCoilName": "32Ch_Head",
    "ReconMatrixPE": 100,
    "RepetitionTime": 0.875,
    "SAR": 0.131584,
    "ScanOptions": "FS",
    "ScanningSequence": "EP",
    "SequenceName": "epfid2d1_100",
    "SequenceVariant": "SK_SS",
    "SeriesDescription": "run3",
    "SeriesNumber": 5,
    "ShimSetting": [
      -2662,
      -23070,
      2648,
      1149,
      -133,
      -7,
      -123,
      -57
    ],
    "SliceThickness": 1.8,
    "SliceTiming": [
      0,
      0.4875,
      0.0975,
      0.585,
      0.195,
      0.6825,
      0.2925,
      0.78,
      0.39,
      0,
      0.4875,
      0.0975,
      0.585,
      0.195,
      0.6825,
      0.2925,
      0.78,
      0.39,
      0,
      0.4875,
      0.0975,
      0.585,
      0.195,
      0.6825,
      0.2925,
      0.78,
      0.39,
      0,
      0.4875,
      0.0975,
      0.585,
      0.195,
      0.6825,
      0.2925,
      0.78,
      0.39,
      0,
      0.4875,
      0.0975,
      0.585,
      0.195,
      0.6825,
      0.2925,
      0.78,
      0.39,
      0,
      0.4875,
      0.0975,
      0.585,
      0.195,
      0.6825,
      0.2925,
      0.78,
      0.39,
      0,
      0.4875,
      0.0975,
      0.585,
      0.195,
      0.6825,
      0.2925,
      0.78,
      0.39,
      0,
      0.4875,
      0.0975,
      0.585,
      0.195,
      0.6825,
      0.2925,
      0.78,
      0.39
    ],
    "SoftwareVersions": "syngo_MR_B17",
    "SpacingBetweenSlices": 1.8,
    "StationName": "MININT-E41B04",
    "TaskName": "MST",
    "TotalReadoutTime": 0.0712794,
    "TxRefAmp": 312.518,
    "dataset": "ds002168",
    "modality": "bold",
    "run_id": 3,
    "subject_id": "1540",
    "task_id": "mst"
  },
  "dummy_trs": 0,
  "dvars_nstd": 71.96892261733024,
  "dvars_std": 1.0493567468384057,
  "dvars_vstd": 1.0030555703981265,
  "efc": 0.5623547465802563,
  "fber": 319.8050537109375,
  "fd_mean": 0.10339647640413897,
  "fd_num": 14,
  "fd_perc": 3.2710280373831777,
  "fwhm_avg": 3.4686834252220637,
  "fwhm_x": 3.2978889762531116,
  "fwhm_y": 3.803855656323318,
  "fwhm_z": 3.3043056430897617,
  "gcor": 0.00619685,
  "gsr_x": -0.014096798375248909,
  "gsr_y": 0.08897070586681366,
  "provenance": {
    "md5sum": "04ec129bcd9a6edbdeed2cc2ec15b106",
    "settings": {
      "fd_thres": 0.2,
      "testing": false
    },
    "software": "mriqc",
    "version": "23.0.1",
    "webapi_port": null,
    "webapi_url": "https://mriqc.nimh.nih.gov/api/v1"
  },
  "size_t": 428,
  "size_x": 100,
  "size_y": 100,
  "size_z": 72,
  "snr": 1.9943441429840663,
  "spacing_tr": 0.875,
  "spacing_x": 1.7999999523162842,
  "spacing_y": 1.7999999523162842,
  "spacing_z": 1.7999999523162842,
  "summary_bg_k": 56.4177448983107,
  "summary_bg_mad": 10.44749476490445,
  "summary_bg_mean": 32.26527404785156,
  "summary_bg_median": 18.378503799438477,
  "summary_bg_n": 438335.0,
  "summary_bg_p05": 10.469625473022461,
  "summary_bg_p95": 97.50770645141598,
  "summary_bg_stdv": 43.726741790771484,
  "summary_fg_k": 3.8942164682009297,
  "summary_fg_mad": 114.6383887826496,
  "summary_fg_mean": 383.9918212890625,
  "summary_fg_median": 338.7686767578125,
  "summary_fg_n": 178309.0,
  "summary_fg_p05": 199.57055053710937,
  "summary_fg_p95": 730.0238159179688,
  "summary_fg_stdv": 169.86422729492188,
  "tsnr": 21.55596234370023
}