{
  "aor": 0.00022793911007025762,
  "aqi": 0.013960154098360655,
  "bids_meta": {
    "AcquisitionMatrixPE": 100,
    "AcquisitionNumber": 1,
    "AcquisitionTime": "17:33:53.337500",
    "BandwidthPerPixelPhaseEncode": 13.889,
    "BaseResolution": 100,
    "ConversionSoftware": "dcm2niix",
    "ConversionSoftwareVersion": "v1.0.20180404 Clang8.0.0",
    "DerivedVendorReportedEchoSpacing": 0.000719994,
    "DeviceSerialNumber": "35002",
    "DwellTime": 2.8e-06,
    "EchoTime": 0.0436,
    "EffectiveEchoSpacing": 0.000719994,
    "FlipAngle": 55,
    "ImageComments": "Unaliased_MB8_PE3_(remote)",
    "ImageOrientationPatientDICOM": [
      0.999993,
      -0.00166858,
      0.00323364,
      -1.88277e-09,
      0.888664,
      0.458559
    ],
    "ImageType": [
      "ORIGINAL",
      "PRIMARY",
      "M",
      "MB",
      "ND",
      "MOSAIC"
    ],
    "InPlanePhaseEncodingDirectionDICOM": "COL",
    "InstitutionAddress": "University_Pkwy_1700_North_685_Provo_UT_US_84601",
    "InstitutionName": "Brigham_Young_University",
    "InstitutionalDepartmentName": "MRI",
    "MRAcquisitionType": "2D",
    "MagneticFieldStrength": 3,
    "Manufacturer": "Siemens",
    "ManufacturersModelName": "TrioTim",
    "Modality": "MR",
    "MultibandAccelerationFactor": 8,
    "PartialFourier": 1,
    "PatientPosition": "HFS",
    "PercentPhaseFOV": 100,
    "PhaseEncodingDirection": "j-",
    "PhaseEncodingSteps": 100,
    "PhaseResolution": 1,
    "PixelBandwidth": 1786,
    "ProcedureStepDescription": "Research_KIRWAN",
    "ProtocolName": "run1",
    "PulseSequenceDetails": "%CustomerSeq%_cmrr_mbep2d_bold",
    "ReceiveCoilName": "32Ch_Head",
    "ReconMatrixPE": 100,
    "RepetitionTime": 0.875,
    "SAR": 0.128041,
    "ScanOptions": "FS",
    "ScanningSequence": "EP",
    "SequenceName": "epfid2d1_100",
    "SequenceVariant": "SK_SS",
    "SeriesDescription": "run1",
    "SeriesNumber": 3,
    "ShimSetting": [
      -2662,
      -23070,
      2648,
      1149,
      -133,
      -7,
      -123,
      -57
    ],
    "SliceThickness": 1.8,
    "SliceTiming": [
      0,
      0.4875,
      0.0975,
      0.585,
      0.195,
      0.6825,
      0.2925,
      0.78,
      0.39,
      0,
      0.4875,
      0.0975,
      0.585,
      0.195,
      0.6825,
      0.2925,
      0.78,
      0.39,
      0,
      0.4875,
      0.0975,
      0.585,
      0.195,
      0.6825,
      0.2925,
      0.78,
      0.39,
      0,
      0.4875,
      0.0975,
      0.585,
      0.195,
      0.6825,
      0.2925,
      0.78,
      0.39,
      0,
      0.4875,
      0.0975,
      0.585,
      0.195,
      0.6825,
      0.2925,
      0.78,
      0.39,
      0,
      0.4875,
      0.0975,
      0.585,
      0.195,
      0.6825,
      0.2925,
      0.78,
      0.39,
      0,
      0.4875,
      0.0975,
      0.585,
      0.195,
      0.6825,
      0.2925,
      0.78,
      0.39,
      0,
      0.4875,
      0.0975,
      0.585,
      0.195,
      0.6825,
      0.2925,
      0.78,
      0.39
    ],
    "SoftwareVersions": "syngo_MR_B17",
    "SpacingBetweenSlices": 1.8,
    "StationName": "MININT-E41B04",
    "TaskName": "MST",
    "TotalReadoutTime": 0.0712794,
    "TxRefAmp": 312.518,
    "dataset": "ds002168",
    "modality": "bold",
    "run_id": 1,
    "subject_id": "1540",
    "task_id": "mst"
  },
  "dummy_trs": 1,
  "dvars_nstd": 70.52855662680753,
  "dvars_std": 1.0422170132394373,
  "dvars_vstd": 1.0000328147183106,
  "efc": 0.5615281234976207,
  "fber": 328.4320983886719,
  "fd_mean": 0.10359034311442358,
  "fd_num": 2,
  "fd_perc": 0.468384074941452,
  "fwhm_avg": 3.48943157391985,
  "fwhm_x": 3.3150778655973503,
  "fwhm_y": 3.8186889900496004,
  "fwhm_z": 3.3345278661126,
  "gcor": 0.00150283,
  "gsr_x": -0.014010932296514511,
  "gsr_y": 0.08900726586580276,
  "provenance": {
    "md5sum": "3612d84d960cc69ff44f8d0dba13071e",
    "settings": {
      "fd_thres": 0.2,
      "testing": false
    },
    "software": "mriqc",
    "version": "23.0.1",
    "webapi_port": null,
    "webapi_url": "https://mriqc.nimh.nih.gov/api/v1"
  },
  "size_t": 427,
  "size_x": 100,
  "size_y": 100,
  "size_z": 72,
  "snr": 1.9935410820432553,
  "spacing_tr": 0.875,
  "spacing_x": 1.7999999523162842,
  "spacing_y": 1.7999999523162842,
  "spacing_z": 1.7999999523162842,
  "summary_bg_k": 59.352873295044816,
  "summary_bg_mad": 10.1803035394373,
  "summary_bg_mean": 31.8009090423584,
  "summary_bg_median": 18.274003982543945,
  "summary_bg_n": 437297.0,
  "summary_bg_p05": 10.548008918762207,
  "summary_bg_p95": 95.23933715820301,
  "summary_bg_stdv": 43.030616760253906,
  "summary_fg_k": 3.8741629181193717,
  "summary_fg_mad": 115.71240215428585,
  "summary_fg_mean": 386.0619812011719,
  "summary_fg_median": 340.7142639160156,
  "summary_fg_n": 179544.0,
  "summary_fg_p05": 199.8792594909668,
  "summary_fg_p95": 735.4015014648439,
  "summary_fg_stdv": 170.90859985351562,
  "tsnr": 21.36303398979362
}