{
  "bids_meta": {
    "AcquisitionMatrixPE": 512,
    "AcquisitionNumber": 1,
    "AcquisitionTime": "17:19:12.622500",
    "BaseResolution": 512,
    "ConversionSoftware": "dcm2niix",
    "ConversionSoftwareVersion": "v1.0.20180404 Clang8.0.0",
    "DeviceSerialNumber": "35002",
    "DwellTime": 5e-06,
    "EchoTime": 0.064,
    "EchoTrainLength": 15,
    "FlipAngle": 129,
    "ImageOrientationPatientDICOM": [
      0.99997,
      0.00775204,
      -1.2643e-10,
      -0.00404582,
      0.521889,
      -0.853004
    ],
    "ImageType": [
      "ORIGINAL",
      "PRIMARY",
      "M",
      "ND"
    ],
    "InPlanePhaseEncodingDirectionDICOM": "ROW",
    "InstitutionAddress": "University_Pkwy_1700_North_685_Provo_UT_US_84601",
    "InstitutionName": "Brigham_Young_University",
    "InstitutionalDepartmentName": "MRI",
    "MRAcquisitionType": "2D",
    "MagneticFieldStrength": 3,
    "Manufacturer": "Siemens",
    "ManufacturersModelName": "TrioTim",
    "Modality": "MR",
    "PartialFourier": 1,
    "PatientPosition": "HFS",
    "PercentPhaseFOV": 100,
    "PhaseEncodingDirection": "i",
    "PhaseEncodingSteps": 720,
    "PhaseOversampling": 0.4,
    "PhaseResolution": 1,
    "PixelBandwidth": 195,
    "ProcedureStepDescription": "Research_KIRWAN",
    "ProtocolName": "HHR_struct_MODIFIED",
    "PulseSequenceDetails": "%SiemensSeq%_tse",
    "ReceiveCoilName": "32Ch_Head",
    "ReconMatrixPE": 512,
    "RepetitionTime": 6,
    "SAR": 0.824352,
    "ScanningSequence": "SE",
    "SequenceName": "_tse2d1_15",
    "SequenceVariant": "SK_SP_OSP",
    "SeriesDescription": "HHR_struct_MODIFIED",
    "SeriesNumber": 16,
    "ShimSetting": [
      -2766,
      -22619,
      2352,
      1280,
      252,
      436,
      22,
      434
    ],
    "SliceThickness": 2,
    "SoftwareVersions": "syngo_MR_B17",
    "SpacingBetweenSlices": 2,
    "StationName": "MININT-E41B04",
    "TxRefAmp": 347.677,
    "dataset": "ds002168",
    "modality": "T2w",
    "subject_id": "2313"
  },
  "cjv": 0.754920002282915,
  "cnr": 1.1264283665001371,
  "efc": 0.6353006920963615,
  "fber": 2404.4312250000003,
  "fwhm_avg": 6.0097408272929025,
  "fwhm_x": 6.794239999999999,
  "fwhm_y": 4.28862781184351,
  "fwhm_z": 6.9463546700351975,
  "icvs_csf": 0.3744926831827979,
  "icvs_gm": 0.12757907204869232,
  "icvs_wm": 0.49792824476850983,
  "inu_med": 0.9720508456230164,
  "inu_range": 1.8192630112171173,
  "provenance": {
    "md5sum": "a1dcd580c36d35f5eb23a5f6c0c84258",
    "settings": {
      "testing": false
    },
    "software": "mriqc",
    "version": "23.0.1",
    "warnings": {
      "large_rot_frame": false,
      "small_air_mask": false
    },
    "webapi_port": null,
    "webapi_url": "https://mriqc.nimh.nih.gov/api/v1"
  },
  "qi_1": 0.0,
  "qi_2": 0.00044265471369825805,
  "rpve_csf": 5.673363325249724,
  "rpve_gm": 19.238366325139207,
  "rpve_wm": 4.9042794952333715,
  "size_x": 512,
  "size_y": 35,
  "size_z": 512,
  "snr_csf": 10.116091825408118,
  "snr_gm": 2.195302030699829,
  "snr_total": 6.990585896541984,
  "snr_wm": 8.660363833518007,
  "snrd_csf": 51.19638462978068,
  "snrd_gm": 71.67803941353002,
  "snrd_total": 52.472934902701724,
  "snrd_wm": 34.544380664794474,
  "spacing_x": 0.390625,
  "spacing_y": 1.999998688697815,
  "spacing_z": 0.3906250298023224,
  "summary_bg_k": 505.7115733924359,
  "summary_bg_mad": 19.648529833167313,
  "summary_bg_mean": 24.61073549236062,
  "summary_bg_median": 13.25273197889328,
  "summary_bg_n": 2024247.0,
  "summary_bg_p05": 0.0,
  "summary_bg_p95": 81.60892850160599,
  "summary_bg_stdv": 65.53701139508358,
  "summary_csf_k": 0.6343905666718701,
  "summary_csf_mad": 140.81446380436574,
  "summary_csf_mean": 1549.7314785908884,
  "summary_csf_median": 1535.4568769931793,
  "summary_csf_n": 669314.0,
  "summary_csf_p05": 1327.714490622282,
  "summary_csf_p95": 1823.9944276213646,
  "summary_csf_stdv": 151.78349074476048,
  "summary_gm_k": -1.3979848553677665,
  "summary_gm_mad": 720.1013828330967,
  "summary_gm_mean": 1659.446137408485,
  "summary_gm_median": 2149.732629418373,
  "summary_gm_n": 283411.0,
  "summary_gm_p05": 97.7098353356123,
  "summary_gm_p95": 2798.1864801049232,
  "summary_gm_stdv": 979.2405813625245,
  "summary_wm_k": -0.014167064602331525,
  "summary_wm_mad": 120.64886739664139,
  "summary_wm_mean": 1036.4503466843537,
  "summary_wm_median": 1036.0381350517273,
  "summary_wm_n": 1030092.0,
  "summary_wm_p05": 841.1997245550156,
  "summary_wm_p95": 1233.317838281393,
  "summary_wm_stdv": 119.6298044841531,
  "tpm_overlap_csf": 0.10751576066884434,
  "tpm_overlap_gm": 0.08999469939270956,
  "tpm_overlap_wm": 0.46798274272899976,
  "wm2max": 0.31741870210549106
}