{
  "aor": 0.0012226932084309131,
  "aqi": 0.015934018266978923,
  "bids_meta": {
    "AcquisitionMatrixPE": 100,
    "AcquisitionNumber": 1,
    "AcquisitionTime": "18:14:52.440000",
    "BandwidthPerPixelPhaseEncode": 13.889,
    "BaseResolution": 100,
    "ConversionSoftware": "dcm2niix",
    "ConversionSoftwareVersion": "v1.0.20180404 Clang8.0.0",
    "DerivedVendorReportedEchoSpacing": 0.000719994,
    "DeviceSerialNumber": "35002",
    "DwellTime": 2.8e-06,
    "EchoTime": 0.0436,
    "EffectiveEchoSpacing": 0.000719994,
    "FlipAngle": 55,
    "ImageComments": "Unaliased_MB8_PE3_(remote)",
    "ImageOrientationPatientDICOM": [
      1,
      0,
      0,
      0,
      0.867765,
      0.496974
    ],
    "ImageType": [
      "ORIGINAL",
      "PRIMARY",
      "M",
      "MB",
      "ND",
      "MOSAIC"
    ],
    "InPlanePhaseEncodingDirectionDICOM": "COL",
    "InstitutionAddress": "University_Pkwy_1700_North_685_Provo_UT_US_84601",
    "InstitutionName": "Brigham_Young_University",
    "InstitutionalDepartmentName": "MRI",
    "MRAcquisitionType": "2D",
    "MagneticFieldStrength": 3,
    "Manufacturer": "Siemens",
    "ManufacturersModelName": "TrioTim",
    "Modality": "MR",
    "MultibandAccelerationFactor": 8,
    "PartialFourier": 1,
    "PatientPosition": "HFS",
    "PercentPhaseFOV": 100,
    "PhaseEncodingDirection": "j-",
    "PhaseEncodingSteps": 100,
    "PhaseResolution": 1,
    "PixelBandwidth": 1786,
    "ProcedureStepDescription": "Research_KIRWAN",
    "ProtocolName": "run2",
    "PulseSequenceDetails": "%CustomerSeq%_cmrr_mbep2d_bold",
    "ReceiveCoilName": "32Ch_Head",
    "ReconMatrixPE": 100,
    "RepetitionTime": 0.875,
    "SAR": 0.107472,
    "ScanOptions": "FS",
    "ScanningSequence": "EP",
    "SequenceName": "epfid2d1_100",
    "SequenceVariant": "SK_SS",
    "SeriesDescription": "run2",
    "SeriesNumber": 4,
    "ShimSetting": [
      -2671,
      -23207,
      2652,
      1247,
      -29,
      -479,
      126,
      -184
    ],
    "SliceThickness": 1.8,
    "SliceTiming": [
      0,
      0.49,
      0.0975,
      0.5875,
      0.1975,
      0.685,
      0.295,
      0.7825,
      0.3925,
      0,
      0.49,
      0.0975,
      0.5875,
      0.1975,
      0.685,
      0.295,
      0.7825,
      0.3925,
      0,
      0.49,
      0.0975,
      0.5875,
      0.1975,
      0.685,
      0.295,
      0.7825,
      0.3925,
      0,
      0.49,
      0.0975,
      0.5875,
      0.1975,
      0.685,
      0.295,
      0.7825,
      0.3925,
      0,
      0.49,
      0.0975,
      0.5875,
      0.1975,
      0.685,
      0.295,
      0.7825,
      0.3925,
      0,
      0.49,
      0.0975,
      0.5875,
      0.1975,
      0.685,
      0.295,
      0.7825,
      0.3925,
      0,
      0.49,
      0.0975,
      0.5875,
      0.1975,
      0.685,
      0.295,
      0.7825,
      0.3925,
      0,
      0.49,
      0.0975,
      0.5875,
      0.1975,
      0.685,
      0.295,
      0.7825,
      0.3925
    ],
    "SoftwareVersions": "syngo_MR_B17",
    "SpacingBetweenSlices": 1.8,
    "StationName": "MININT-E41B04",
    "TaskName": "MST",
    "TotalReadoutTime": 0.0712794,
    "TxRefAmp": 323.294,
    "dataset": "ds002168",
    "modality": "bold",
    "run_id": 2,
    "subject_id": "1542",
    "task_id": "mst"
  },
  "dummy_trs": 1,
  "dvars_nstd": 74.43230611957745,
  "dvars_std": 1.0909462939436616,
  "dvars_vstd": 1.0206186898122067,
  "efc": 0.5883215657629678,
  "fber": 287.8999328613281,
  "fd_mean": 0.10148066053575806,
  "fd_num": 3,
  "fd_perc": 0.702576112412178,
  "fwhm_avg": 3.2553130491993088,
  "fwhm_x": 2.987566745810158,
  "fwhm_y": 3.6537445412356204,
  "fwhm_z": 3.124627860552148,
  "gcor": 0.00206343,
  "gsr_x": -0.0028837043792009354,
  "gsr_y": 0.06551294028759003,
  "provenance": {
    "md5sum": "d34a51b9465efab3885fd98006375e39",
    "settings": {
      "fd_thres": 0.2,
      "testing": false
    },
    "software": "mriqc",
    "version": "23.0.1",
    "webapi_port": null,
    "webapi_url": "https://mriqc.nimh.nih.gov/api/v1"
  },
  "size_t": 427,
  "size_x": 100,
  "size_y": 100,
  "size_z": 72,
  "snr": 2.2132572260764802,
  "spacing_tr": 0.875,
  "spacing_x": 1.7999999523162842,
  "spacing_y": 1.7999999523162842,
  "spacing_z": 1.7999999523162842,
  "summary_bg_k": 22.26848641122643,
  "summary_bg_mad": 11.829567295780592,
  "summary_bg_mean": 32.84369659423828,
  "summary_bg_median": 19.728336334228516,
  "summary_bg_n": 418783.0,
  "summary_bg_p05": 10.461358070373535,
  "summary_bg_p95": 101.9601821899414,
  "summary_bg_stdv": 37.04153060913086,
  "summary_fg_k": 3.5120792661862748,
  "summary_fg_mad": 108.77507887988098,
  "summary_fg_mean": 379.9043884277344,
  "summary_fg_median": 343.6369934082031,
  "summary_fg_n": 195265.0,
  "summary_fg_p05": 202.13160400390626,
  "summary_fg_p95": 694.2650878906248,
  "summary_fg_stdv": 155.2626190185547,
  "tsnr": 20.377895718440413
}