{
  "aor": 0.0007652803738317758,
  "aqi": 0.017290892523364486,
  "bids_meta": {
    "AcquisitionMatrixPE": 100,
    "AcquisitionNumber": 1,
    "AcquisitionTime": "18:07:43.567500",
    "BandwidthPerPixelPhaseEncode": 13.889,
    "BaseResolution": 100,
    "ConversionSoftware": "dcm2niix",
    "ConversionSoftwareVersion": "v1.0.20180404 Clang8.0.0",
    "DerivedVendorReportedEchoSpacing": 0.000719994,
    "DeviceSerialNumber": "35002",
    "DwellTime": 2.8e-06,
    "EchoTime": 0.0436,
    "EffectiveEchoSpacing": 0.000719994,
    "FlipAngle": 55,
    "ImageComments": "Unaliased_MB8_PE3_(remote)",
    "ImageOrientationPatientDICOM": [
      1,
      0,
      0,
      0,
      0.867765,
      0.496974
    ],
    "ImageType": [
      "ORIGINAL",
      "PRIMARY",
      "M",
      "MB",
      "ND",
      "MOSAIC"
    ],
    "InPlanePhaseEncodingDirectionDICOM": "COL",
    "InstitutionAddress": "University_Pkwy_1700_North_685_Provo_UT_US_84601",
    "InstitutionName": "Brigham_Young_University",
    "InstitutionalDepartmentName": "MRI",
    "MRAcquisitionType": "2D",
    "MagneticFieldStrength": 3,
    "Manufacturer": "Siemens",
    "ManufacturersModelName": "TrioTim",
    "Modality": "MR",
    "MultibandAccelerationFactor": 8,
    "PartialFourier": 1,
    "PatientPosition": "HFS",
    "PercentPhaseFOV": 100,
    "PhaseEncodingDirection": "j-",
    "PhaseEncodingSteps": 100,
    "PhaseResolution": 1,
    "PixelBandwidth": 1786,
    "ProcedureStepDescription": "Research_KIRWAN",
    "ProtocolName": "run1",
    "PulseSequenceDetails": "%CustomerSeq%_cmrr_mbep2d_bold",
    "ReceiveCoilName": "32Ch_Head",
    "ReconMatrixPE": 100,
    "RepetitionTime": 0.875,
    "SAR": 0.105716,
    "ScanOptions": "FS",
    "ScanningSequence": "EP",
    "SequenceName": "epfid2d1_100",
    "SequenceVariant": "SK_SS",
    "SeriesDescription": "run1",
    "SeriesNumber": 3,
    "ShimSetting": [
      -2671,
      -23207,
      2652,
      1247,
      -29,
      -479,
      126,
      -184
    ],
    "SliceThickness": 1.8,
    "SliceTiming": [
      0,
      0.4875,
      0.0975,
      0.585,
      0.195,
      0.6825,
      0.2925,
      0.78,
      0.39,
      0,
      0.4875,
      0.0975,
      0.585,
      0.195,
      0.6825,
      0.2925,
      0.78,
      0.39,
      0,
      0.4875,
      0.0975,
      0.585,
      0.195,
      0.6825,
      0.2925,
      0.78,
      0.39,
      0,
      0.4875,
      0.0975,
      0.585,
      0.195,
      0.6825,
      0.2925,
      0.78,
      0.39,
      0,
      0.4875,
      0.0975,
      0.585,
      0.195,
      0.6825,
      0.2925,
      0.78,
      0.39,
      0,
      0.4875,
      0.0975,
      0.585,
      0.195,
      0.6825,
      0.2925,
      0.78,
      0.39,
      0,
      0.4875,
      0.0975,
      0.585,
      0.195,
      0.6825,
      0.2925,
      0.78,
      0.39,
      0,
      0.4875,
      0.0975,
      0.585,
      0.195,
      0.6825,
      0.2925,
      0.78,
      0.39
    ],
    "SoftwareVersions": "syngo_MR_B17",
    "SpacingBetweenSlices": 1.8,
    "StationName": "MININT-E41B04",
    "TaskName": "MST",
    "TotalReadoutTime": 0.0712794,
    "TxRefAmp": 323.294,
    "dataset": "ds002168",
    "modality": "bold",
    "run_id": 1,
    "subject_id": "1542",
    "task_id": "mst"
  },
  "dummy_trs": 0,
  "dvars_nstd": 74.87764643519903,
  "dvars_std": 1.0728354277985954,
  "dvars_vstd": 1.0039429787119438,
  "efc": 0.5995655852846525,
  "fber": 204.1448211669922,
  "fd_mean": 0.09308285495220998,
  "fd_num": 1,
  "fd_perc": 0.2336448598130841,
  "fwhm_avg": 3.302988976388215,
  "fwhm_x": 3.0292889691376415,
  "fwhm_y": 3.7006723202565595,
  "fwhm_z": 3.179005639770445,
  "gcor": 0.00178654,
  "gsr_x": -0.017387978732585907,
  "gsr_y": 0.08837462961673737,
  "provenance": {
    "md5sum": "342780102e17a19d92f5d5f400fcbc81",
    "settings": {
      "fd_thres": 0.2,
      "testing": false
    },
    "software": "mriqc",
    "version": "23.0.1",
    "webapi_port": null,
    "webapi_url": "https://mriqc.nimh.nih.gov/api/v1"
  },
  "size_t": 428,
  "size_x": 100,
  "size_y": 100,
  "size_z": 72,
  "snr": 2.153454124023995,
  "spacing_tr": 0.875,
  "spacing_x": 1.7999999523162842,
  "spacing_y": 1.7999999523162842,
  "spacing_z": 1.7999999523162842,
  "summary_bg_k": 19.575594046733258,
  "summary_bg_mad": 15.802876653525662,
  "summary_bg_mean": 36.52167892456055,
  "summary_bg_median": 23.077102661132812,
  "summary_bg_n": 416115.0,
  "summary_bg_p05": 10.820093154907227,
  "summary_bg_p95": 107.02336120605469,
  "summary_bg_stdv": 38.02928161621094,
  "summary_fg_k": 3.7224362641995876,
  "summary_fg_mad": 108.22647805287352,
  "summary_fg_mean": 376.9673767089844,
  "summary_fg_median": 340.1892395019531,
  "summary_fg_n": 197808.0,
  "summary_fg_p05": 197.98294219970703,
  "summary_fg_p95": 698.3176116943359,
  "summary_fg_stdv": 157.97335815429688,
  "tsnr": 19.47133704565931
}