{
  "aor": 0.001101588785046729,
  "aqi": 0.015635679906542056,
  "bids_meta": {
    "AcquisitionMatrixPE": 100,
    "AcquisitionNumber": 1,
    "AcquisitionTime": "18:28:7.732500",
    "BandwidthPerPixelPhaseEncode": 13.889,
    "BaseResolution": 100,
    "ConversionSoftware": "dcm2niix",
    "ConversionSoftwareVersion": "v1.0.20180404 Clang8.0.0",
    "DerivedVendorReportedEchoSpacing": 0.000719994,
    "DeviceSerialNumber": "35002",
    "DwellTime": 2.8e-06,
    "EchoTime": 0.0436,
    "EffectiveEchoSpacing": 0.000719994,
    "FlipAngle": 55,
    "ImageComments": "Unaliased_MB8_PE3_(remote)",
    "ImageOrientationPatientDICOM": [
      1,
      0,
      0,
      0,
      0.867765,
      0.496974
    ],
    "ImageType": [
      "ORIGINAL",
      "PRIMARY",
      "M",
      "MB",
      "ND",
      "MOSAIC"
    ],
    "InPlanePhaseEncodingDirectionDICOM": "COL",
    "InstitutionAddress": "University_Pkwy_1700_North_685_Provo_UT_US_84601",
    "InstitutionName": "Brigham_Young_University",
    "InstitutionalDepartmentName": "MRI",
    "MRAcquisitionType": "2D",
    "MagneticFieldStrength": 3,
    "Manufacturer": "Siemens",
    "ManufacturersModelName": "TrioTim",
    "Modality": "MR",
    "MultibandAccelerationFactor": 8,
    "PartialFourier": 1,
    "PatientPosition": "HFS",
    "PercentPhaseFOV": 100,
    "PhaseEncodingDirection": "j-",
    "PhaseEncodingSteps": 100,
    "PhaseResolution": 1,
    "PixelBandwidth": 1786,
    "ProcedureStepDescription": "Research_KIRWAN",
    "ProtocolName": "run4",
    "PulseSequenceDetails": "%CustomerSeq%_cmrr_mbep2d_bold",
    "ReceiveCoilName": "32Ch_Head",
    "ReconMatrixPE": 100,
    "RepetitionTime": 0.875,
    "SAR": 0.110671,
    "ScanOptions": "FS",
    "ScanningSequence": "EP",
    "SequenceName": "epfid2d1_100",
    "SequenceVariant": "SK_SS",
    "SeriesDescription": "run4",
    "SeriesNumber": 6,
    "ShimSetting": [
      -2671,
      -23207,
      2652,
      1247,
      -29,
      -479,
      126,
      -184
    ],
    "SliceThickness": 1.8,
    "SliceTiming": [
      0,
      0.49,
      0.0975,
      0.5875,
      0.195,
      0.685,
      0.2925,
      0.7825,
      0.3925,
      0,
      0.49,
      0.0975,
      0.5875,
      0.195,
      0.685,
      0.2925,
      0.7825,
      0.3925,
      0,
      0.49,
      0.0975,
      0.5875,
      0.195,
      0.685,
      0.2925,
      0.7825,
      0.3925,
      0,
      0.49,
      0.0975,
      0.5875,
      0.195,
      0.685,
      0.2925,
      0.7825,
      0.3925,
      0,
      0.49,
      0.0975,
      0.5875,
      0.195,
      0.685,
      0.2925,
      0.7825,
      0.3925,
      0,
      0.49,
      0.0975,
      0.5875,
      0.195,
      0.685,
      0.2925,
      0.7825,
      0.3925,
      0,
      0.49,
      0.0975,
      0.5875,
      0.195,
      0.685,
      0.2925,
      0.7825,
      0.3925,
      0,
      0.49,
      0.0975,
      0.5875,
      0.195,
      0.685,
      0.2925,
      0.7825,
      0.3925
    ],
    "SoftwareVersions": "syngo_MR_B17",
    "SpacingBetweenSlices": 1.8,
    "StationName": "MININT-E41B04",
    "TaskName": "MST",
    "TotalReadoutTime": 0.0712794,
    "TxRefAmp": 323.294,
    "dataset": "ds002168",
    "modality": "bold",
    "run_id": 4,
    "subject_id": "1542",
    "task_id": "mst"
  },
  "dummy_trs": 0,
  "dvars_nstd": 76.73940736283366,
  "dvars_std": 1.1036799929039813,
  "dvars_vstd": 1.0171451773536297,
  "efc": 0.5889752183708947,
  "fber": 284.281982421875,
  "fd_mean": 0.08964946564326108,
  "fd_num": 6,
  "fd_perc": 1.4018691588785046,
  "fwhm_avg": 3.2177371222779603,
  "fwhm_x": 2.9603500784224956,
  "fwhm_y": 3.5990389842308623,
  "fwhm_z": 3.093822304180524,
  "gcor": 0.00618182,
  "gsr_x": -0.0026057735085487366,
  "gsr_y": 0.06663354486227036,
  "provenance": {
    "md5sum": "997c71f6e8d6efbb1d876bbd04ad19dd",
    "settings": {
      "fd_thres": 0.2,
      "testing": false
    },
    "software": "mriqc",
    "version": "23.0.1",
    "webapi_port": null,
    "webapi_url": "https://mriqc.nimh.nih.gov/api/v1"
  },
  "size_t": 428,
  "size_x": 100,
  "size_y": 100,
  "size_z": 72,
  "snr": 2.2271242933275786,
  "spacing_tr": 0.875,
  "spacing_x": 1.7999999523162842,
  "spacing_y": 1.7999999523162842,
  "spacing_z": 1.7999999523162842,
  "summary_bg_k": 21.520724400417603,
  "summary_bg_mad": 11.708400036834119,
  "summary_bg_mean": 32.9085807800293,
  "summary_bg_median": 19.7009334564209,
  "summary_bg_n": 419445.0,
  "summary_bg_p05": 10.572429656982422,
  "summary_bg_p95": 102.41822052001953,
  "summary_bg_stdv": 37.06751251220703,
  "summary_fg_k": 3.4324277265774388,
  "summary_fg_mad": 108.00133679801256,
  "summary_fg_mean": 377.5066833496094,
  "summary_fg_median": 341.9205627441406,
  "summary_fg_n": 194844.0,
  "summary_fg_p05": 201.2453155517578,
  "summary_fg_p95": 687.9782470703125,
  "summary_fg_stdv": 153.5251922607422,
  "tsnr": 20.80282549583353
}