{
  "bids_meta": {
    "AcquisitionMatrixPE": 512,
    "AcquisitionNumber": 1,
    "AcquisitionTime": "15:31:42.580000",
    "BaseResolution": 512,
    "ConversionSoftware": "dcm2niix",
    "ConversionSoftwareVersion": "v1.0.20180404 Clang8.0.0",
    "DeviceSerialNumber": "35002",
    "DwellTime": 5e-06,
    "EchoTime": 0.064,
    "EchoTrainLength": 15,
    "FlipAngle": 129,
    "ImageOrientationPatientDICOM": [
      0.999968,
      0.008057,
      -5.26848e-11,
      -0.00439522,
      0.545498,
      -0.838101
    ],
    "ImageType": [
      "ORIGINAL",
      "PRIMARY",
      "M",
      "ND"
    ],
    "InPlanePhaseEncodingDirectionDICOM": "ROW",
    "InstitutionAddress": "University_Pkwy_1700_North_685_Provo_UT_US_84601",
    "InstitutionName": "Brigham_Young_University",
    "InstitutionalDepartmentName": "MRI",
    "MRAcquisitionType": "2D",
    "MagneticFieldStrength": 3,
    "Manufacturer": "Siemens",
    "ManufacturersModelName": "TrioTim",
    "Modality": "MR",
    "PartialFourier": 1,
    "PatientPosition": "HFS",
    "PercentPhaseFOV": 100,
    "PhaseEncodingDirection": "i",
    "PhaseEncodingSteps": 720,
    "PhaseOversampling": 0.4,
    "PhaseResolution": 1,
    "PixelBandwidth": 195,
    "ProcedureStepDescription": "Research_KIRWAN",
    "ProtocolName": "HHR_struct_MODIFIED",
    "PulseSequenceDetails": "%SiemensSeq%_tse",
    "ReceiveCoilName": "32Ch_Head",
    "ReconMatrixPE": 512,
    "RepetitionTime": 6,
    "SAR": 0.855047,
    "ScanningSequence": "SE",
    "SequenceName": "_tse2d1_15",
    "SequenceVariant": "SK_SP_OSP",
    "SeriesDescription": "HHR_struct_MODIFIED",
    "SeriesNumber": 16,
    "ShimSetting": [
      -2837,
      -22974,
      2457,
      1050,
      -101,
      -117,
      229,
      466
    ],
    "SliceThickness": 2,
    "SoftwareVersions": "syngo_MR_B17",
    "SpacingBetweenSlices": 2,
    "StationName": "MININT-E41B04",
    "TxRefAmp": 324.111,
    "dataset": "ds002168",
    "modality": "T2w",
    "subject_id": "2395"
  },
  "cjv": 0.7481442936449803,
  "cnr": 1.1602694014678008,
  "efc": 0.665645426160384,
  "fber": 1193.3681685744016,
  "fwhm_avg": 5.722303173491677,
  "fwhm_x": 6.308813281324255,
  "fwhm_y": 3.943536239150773,
  "fwhm_z": 6.91456,
  "icvs_csf": 0.4002155898079317,
  "icvs_gm": 0.12249686658447138,
  "icvs_wm": 0.4772875436075969,
  "inu_med": 0.9705329537391663,
  "inu_range": 1.5164312839508063,
  "provenance": {
    "md5sum": "e17a6ebe7a2ddfd9762dd24bea958358",
    "settings": {
      "testing": false
    },
    "software": "mriqc",
    "version": "23.0.1",
    "warnings": {
      "large_rot_frame": false,
      "small_air_mask": false
    },
    "webapi_port": null,
    "webapi_url": "https://mriqc.nimh.nih.gov/api/v1"
  },
  "qi_1": 9.691112535253096e-05,
  "qi_2": 0.00036916252271422653,
  "rpve_csf": 5.11182924718777,
  "rpve_gm": 18.208969873858024,
  "rpve_wm": 4.7766622717253355,
  "size_x": 512,
  "size_y": 35,
  "size_z": 512,
  "snr_csf": 10.156836698662945,
  "snr_gm": 2.13291011061554,
  "snr_total": 6.75011953269168,
  "snr_wm": 7.9606117887965535,
  "snrd_csf": 52.052355265533656,
  "snrd_gm": 73.56809518445705,
  "snrd_total": 52.904985466584115,
  "snrd_wm": 33.09450594976162,
  "spacing_x": 0.3906249701976776,
  "spacing_y": 2.000001907348633,
  "spacing_z": 0.390625,
  "summary_bg_k": 147.40909091198006,
  "summary_bg_mad": 20.536044230573644,
  "summary_bg_mean": 33.628919014034764,
  "summary_bg_median": 13.851351343095303,
  "summary_bg_n": 2238948.0,
  "summary_bg_p05": 0.0,
  "summary_bg_p95": 105.40540534257889,
  "summary_bg_stdv": 98.37489932820738,
  "summary_csf_k": 0.46846658513375194,
  "summary_csf_mad": 152.4342144919816,
  "summary_csf_mean": 1643.2439915322484,
  "summary_csf_median": 1631.6441431716084,
  "summary_csf_n": 836702.0,
  "summary_csf_p05": 1400.900900065899,
  "summary_csf_p95": 1926.238737590611,
  "summary_csf_stdv": 160.64481654422426,
  "summary_gm_k": -1.4798719363823771,
  "summary_gm_mad": 819.2712930034543,
  "summary_gm_mean": 1763.8860569128362,
  "summary_gm_median": 2306.0810797065496,
  "summary_gm_n": 295190.0,
  "summary_gm_p05": 98.98648642748594,
  "summary_gm_p95": 3030.0675657615066,
  "summary_gm_stdv": 1081.1881673445291,
  "summary_wm_k": 0.027135045635239496,
  "summary_wm_mad": 129.89465375110808,
  "summary_wm_mean": 1039.544082380073,
  "summary_wm_median": 1037.3873867690563,
  "summary_wm_n": 1109100.0,
  "summary_wm_p05": 827.9279274344444,
  "summary_wm_p95": 1255.29279204458,
  "summary_wm_stdv": 130.31497410263364,
  "tpm_overlap_csf": 0.1019578674068836,
  "tpm_overlap_gm": 0.07574103545579523,
  "tpm_overlap_wm": 0.440828880268188,
  "wm2max": 0.22684626560614643
}