{
  "bids_meta": {
    "AcquisitionMatrixPE": 512,
    "AcquisitionNumber": 1,
    "AcquisitionTime": "20:13:1.422500",
    "BaseResolution": 512,
    "ConversionSoftware": "dcm2niix",
    "ConversionSoftwareVersion": "v1.0.20180404 Clang8.0.0",
    "DeviceSerialNumber": "35002",
    "DwellTime": 5e-06,
    "EchoTime": 0.064,
    "EchoTrainLength": 15,
    "FlipAngle": 129,
    "ImageOrientationPatientDICOM": [
      0.999605,
      -0.0281106,
      7.91965e-10,
      0.0149074,
      0.530104,
      -0.847802
    ],
    "ImageType": [
      "ORIGINAL",
      "PRIMARY",
      "M",
      "ND"
    ],
    "InPlanePhaseEncodingDirectionDICOM": "ROW",
    "InstitutionAddress": "University_Pkwy_1700_North_685_Provo_UT_US_84601",
    "InstitutionName": "Brigham_Young_University",
    "InstitutionalDepartmentName": "MRI",
    "MRAcquisitionType": "2D",
    "MagneticFieldStrength": 3,
    "Manufacturer": "Siemens",
    "ManufacturersModelName": "TrioTim",
    "Modality": "MR",
    "PartialFourier": 1,
    "PatientPosition": "HFS",
    "PercentPhaseFOV": 100,
    "PhaseEncodingDirection": "i",
    "PhaseEncodingSteps": 720,
    "PhaseOversampling": 0.4,
    "PhaseResolution": 1,
    "PixelBandwidth": 195,
    "ProcedureStepDescription": "Research_KIRWAN",
    "ProtocolName": "HHR_struct_MODIFIED",
    "PulseSequenceDetails": "%SiemensSeq%_tse",
    "ReceiveCoilName": "32Ch_Head",
    "ReconMatrixPE": 512,
    "RepetitionTime": 6,
    "SAR": 0.908676,
    "ScanningSequence": "SE",
    "SequenceName": "_tse2d1_15",
    "SequenceVariant": "SK_SP_OSP",
    "SeriesDescription": "HHR_struct_MODIFIED",
    "SeriesNumber": 16,
    "ShimSetting": [
      -2921,
      -22853,
      2419,
      875,
      -56,
      -398,
      350,
      592
    ],
    "SliceThickness": 2,
    "SoftwareVersions": "syngo_MR_B17",
    "SpacingBetweenSlices": 2,
    "StationName": "MININT-E41B04",
    "TxRefAmp": 340.46,
    "dataset": "ds002168",
    "modality": "T2w",
    "subject_id": "1588"
  },
  "cjv": 0.9779075837107897,
  "cnr": 1.0432400624860605,
  "efc": 0.6203914022351678,
  "fber": 4856.010775006867,
  "fwhm_avg": 4.79564326118932,
  "fwhm_x": 5.328512,
  "fwhm_y": 3.48020338356796,
  "fwhm_z": 5.5782144,
  "icvs_csf": 0.4021012821072708,
  "icvs_gm": 0.12963565319197543,
  "icvs_wm": 0.4682630647007538,
  "inu_med": 1.00187349319458,
  "inu_range": 1.4364357113838189,
  "provenance": {
    "md5sum": "46187c3aaf748f85b49cce633146b212",
    "settings": {
      "testing": false
    },
    "software": "mriqc",
    "version": "23.0.1",
    "warnings": {
      "large_rot_frame": false,
      "small_air_mask": false
    },
    "webapi_port": null,
    "webapi_url": "https://mriqc.nimh.nih.gov/api/v1"
  },
  "qi_1": 0.0,
  "qi_2": 0.0010157703787432527,
  "rpve_csf": 5.418210255714428,
  "rpve_gm": 18.381201982051778,
  "rpve_wm": 5.168759676387381,
  "size_x": 512,
  "size_y": 35,
  "size_z": 512,
  "snr_csf": 10.627238578218181,
  "snr_gm": 2.0318624240888274,
  "snr_total": 7.1429479978748915,
  "snr_wm": 8.769742991317667,
  "snrd_csf": 18.0290235947999,
  "snrd_gm": 25.01133729873866,
  "snrd_total": 18.37059665716851,
  "snrd_wm": 12.071429077966968,
  "spacing_x": 0.390625,
  "spacing_y": 2.000006675720215,
  "spacing_z": 0.390625,
  "summary_bg_k": 353.5700301732858,
  "summary_bg_mad": 0.0,
  "summary_bg_mean": 21.345241913581663,
  "summary_bg_median": 0.0,
  "summary_bg_n": 2620783.0,
  "summary_bg_p05": 0.0,
  "summary_bg_p95": 73.52398390322924,
  "summary_bg_stdv": 56.089050562850545,
  "summary_csf_k": 0.8354371168259673,
  "summary_csf_mad": 133.89922006735705,
  "summary_csf_mean": 1555.635694348138,
  "summary_csf_median": 1543.5424073636532,
  "summary_csf_n": 744761.0,
  "summary_csf_p05": 1341.6973925828934,
  "summary_csf_p95": 1813.7453544810414,
  "summary_csf_stdv": 145.24388059378282,
  "summary_gm_k": -1.5217426229775697,
  "summary_gm_mad": 965.7429958075671,
  "summary_gm_mean": 1646.7448227879886,
  "summary_gm_median": 2141.3283743560314,
  "summary_gm_n": 288576.0,
  "summary_gm_p05": 78.7822863906622,
  "summary_gm_p95": 2968.7268832996488,
  "summary_gm_stdv": 1053.8728600925929,
  "summary_wm_k": 0.044147410834583845,
  "summary_wm_mad": 117.6234211010491,
  "summary_wm_mean": 1036.6798165585344,
  "summary_wm_median": 1033.4870660826564,
  "summary_wm_n": 972643.0,
  "summary_wm_p05": 847.0479550808668,
  "summary_wm_p95": 1233.394811525941,
  "summary_wm_stdv": 117.84684406692516,
  "tpm_overlap_csf": 0.10465933537531874,
  "tpm_overlap_gm": 0.08473434445158627,
  "tpm_overlap_wm": 0.5017381387144999,
  "wm2max": 0.301894419143604
}