{
  "bids_meta": {
    "AcquisitionMatrixPE": 256,
    "AcquisitionNumber": 1,
    "AcquisitionTime": "19:48:11.745000",
    "BaseResolution": 256,
    "ConversionSoftware": "dcm2niix",
    "ConversionSoftwareVersion": "v1.0.20180404 Clang8.0.0",
    "DeviceSerialNumber": "35002",
    "DwellTime": 1.03e-05,
    "EchoTime": 0.00492,
    "FlipAngle": 25,
    "ImageOrientationPatientDICOM": [
      0,
      1,
      0,
      -0.0593063,
      0,
      -0.99824
    ],
    "ImageType": [
      "ORIGINAL",
      "PRIMARY",
      "M",
      "ND",
      "NORM"
    ],
    "InPlanePhaseEncodingDirectionDICOM": "ROW",
    "InstitutionAddress": "University_Pkwy_1700_North_685_Provo_UT_US_84601",
    "InstitutionName": "Brigham_Young_University",
    "InstitutionalDepartmentName": "MRI",
    "MRAcquisitionType": "3D",
    "MagneticFieldStrength": 3,
    "Manufacturer": "Siemens",
    "ManufacturersModelName": "TrioTim",
    "Modality": "MR",
    "ParallelReductionFactorInPlane": 2,
    "PartialFourier": 1,
    "PatientPosition": "HFS",
    "PercentPhaseFOV": 100,
    "PhaseEncodingSteps": 255,
    "PhaseResolution": 1,
    "PixelBandwidth": 190,
    "ProcedureStepDescription": "Research_KIRWAN",
    "ProtocolName": "t1_fl3d_sag_no3Daccel_iso_1.0_1avg",
    "PulseSequenceDetails": "%SiemensSeq%_gre",
    "ReceiveCoilName": "32Ch_Head",
    "ReconMatrixPE": 256,
    "RepetitionTime": 0.02,
    "SAR": 0.179277,
    "ScanningSequence": "GR",
    "SequenceName": "_fl3d1_ns",
    "SequenceVariant": "SP",
    "SeriesDescription": "t1_fl3d_sag_no3Daccel_iso_1.0_1avg",
    "SeriesNumber": 9,
    "ShimSetting": [
      -2826,
      -22917,
      1922,
      -109,
      -90,
      -53,
      -300,
      376
    ],
    "SliceThickness": 1,
    "SoftwareVersions": "syngo_MR_B17",
    "StationName": "MININT-E41B04",
    "TxRefAmp": 340.46,
    "dataset": "ds002168",
    "modality": "T1w",
    "subject_id": "1588"
  },
  "cjv": 0.4025051142628008,
  "cnr": 3.2651679371720586,
  "efc": 0.5327767206503565,
  "fber": 9092.225093627781,
  "fwhm_avg": 3.2505363614868337,
  "fwhm_x": 3.1752490844605004,
  "fwhm_y": 3.43786,
  "fwhm_z": 3.1385,
  "icvs_csf": 0.17838427830593032,
  "icvs_gm": 0.4275462774548762,
  "icvs_wm": 0.39406944423919343,
  "inu_med": 0.2794443964958191,
  "inu_range": 0.08591889590024951,
  "provenance": {
    "md5sum": "92ea4f55ebb0eb7fcf13e40ec4e53649",
    "settings": {
      "testing": false
    },
    "software": "mriqc",
    "version": "23.0.1",
    "warnings": {
      "large_rot_frame": true,
      "small_air_mask": false
    },
    "webapi_port": null,
    "webapi_url": "https://mriqc.nimh.nih.gov/api/v1"
  },
  "qi_1": 1.971616607321007e-06,
  "qi_2": 0.014087124916007627,
  "rpve_csf": 34.21869544430025,
  "rpve_gm": 15.081346367490044,
  "rpve_wm": 18.4612920227773,
  "size_x": 192,
  "size_y": 256,
  "size_z": 256,
  "snr_csf": 2.5525232779763534,
  "snr_gm": 18.232606785642005,
  "snr_total": 15.950311595263969,
  "snr_wm": 27.065804722173553,
  "snrd_csf": 44.37380198546289,
  "snrd_gm": 93.9557491830546,
  "snrd_total": 84.75491751836329,
  "snrd_wm": 115.93520138657237,
  "spacing_x": 0.9999971389770508,
  "spacing_y": 1.0,
  "spacing_z": 1.0,
  "summary_bg_k": 7.3941729236941605,
  "summary_bg_mad": 5.650884240025453,
  "summary_bg_mean": 5.459576618386126,
  "summary_bg_median": 3.811463499441743,
  "summary_bg_n": 3327660.0,
  "summary_bg_p05": 0.0,
  "summary_bg_p95": 14.896712303161621,
  "summary_bg_stdv": 5.528660631416086,
  "summary_csf_k": 0.40151369888790933,
  "summary_csf_mad": 100.63750329755254,
  "summary_csf_mean": 357.0672726441137,
  "summary_csf_median": 382.7465827111155,
  "summary_csf_n": 26557.0,
  "summary_csf_p05": 63.45650299452245,
  "summary_csf_p95": 571.277278769761,
  "summary_csf_stdv": 149.9454989546908,
  "summary_gm_k": 0.4695343314596241,
  "summary_gm_mad": 42.23065397698411,
  "summary_gm_mean": 809.3497683823451,
  "summary_gm_median": 810.4160634614527,
  "summary_gm_n": 28298.0,
  "summary_gm_p05": 734.4486497435719,
  "summary_gm_p95": 879.3133578635752,
  "summary_gm_stdv": 44.44793624662355,
  "summary_wm_k": 0.8849942182784112,
  "summary_wm_mad": 34.07785152381762,
  "summary_wm_mean": 1001.8507842490721,
  "summary_wm_median": 1000.000003632158,
  "summary_wm_n": 202426.0,
  "summary_wm_p05": 945.0101867318153,
  "summary_wm_p95": 1065.7550227828324,
  "summary_wm_stdv": 36.9468982672228,
  "tpm_overlap_csf": 0.15591537838249767,
  "tpm_overlap_gm": 0.4710282840409901,
  "tpm_overlap_wm": 0.5296435233767621,
  "wm2max": 0.6907848457441463
}