{
  "aor": 0.0005962616822429906,
  "aqi": 0.016380217523364486,
  "bids_meta": {
    "AcquisitionMatrixPE": 100,
    "AcquisitionNumber": 1,
    "AcquisitionTime": "10:23:32.507500",
    "BandwidthPerPixelPhaseEncode": 13.889,
    "BaseResolution": 100,
    "ConversionSoftware": "dcm2niix",
    "ConversionSoftwareVersion": "v1.0.20180404 Clang8.0.0",
    "DerivedVendorReportedEchoSpacing": 0.000719994,
    "DeviceSerialNumber": "35002",
    "DwellTime": 2.8e-06,
    "EchoTime": 0.0436,
    "EffectiveEchoSpacing": 0.000719994,
    "FlipAngle": 55,
    "ImageComments": "Unaliased_MB8_PE3_(remote)",
    "ImageOrientationPatientDICOM": [
      0.999997,
      -0.00123362,
      0.00219852,
      -3.94612e-08,
      0.872085,
      0.489355
    ],
    "ImageType": [
      "ORIGINAL",
      "PRIMARY",
      "M",
      "MB",
      "ND",
      "MOSAIC"
    ],
    "InPlanePhaseEncodingDirectionDICOM": "COL",
    "InstitutionAddress": "University_Pkwy_1700_North_685_Provo_UT_US_84601",
    "InstitutionName": "Brigham_Young_University",
    "InstitutionalDepartmentName": "MRI",
    "MRAcquisitionType": "2D",
    "MagneticFieldStrength": 3,
    "Manufacturer": "Siemens",
    "ManufacturersModelName": "TrioTim",
    "Modality": "MR",
    "MultibandAccelerationFactor": 8,
    "PartialFourier": 1,
    "PatientPosition": "HFS",
    "PercentPhaseFOV": 100,
    "PhaseEncodingDirection": "j-",
    "PhaseEncodingSteps": 100,
    "PhaseResolution": 1,
    "PixelBandwidth": 1786,
    "ProcedureStepDescription": "Research_KIRWAN",
    "ProtocolName": "run3",
    "PulseSequenceDetails": "%CustomerSeq%_cmrr_mbep2d_bold",
    "ReceiveCoilName": "32Ch_Head",
    "ReconMatrixPE": 100,
    "RepetitionTime": 0.875,
    "SAR": 0.11565,
    "ScanOptions": "FS",
    "ScanningSequence": "EP",
    "SequenceName": "epfid2d1_100",
    "SequenceVariant": "SK_SS",
    "SeriesDescription": "run3",
    "SeriesNumber": 5,
    "ShimSetting": [
      -2707,
      -23226,
      2600,
      1263,
      -149,
      -89,
      -26,
      -97
    ],
    "SliceThickness": 1.8,
    "SliceTiming": [
      0,
      0.4875,
      0.0975,
      0.585,
      0.195,
      0.6825,
      0.2925,
      0.78,
      0.39,
      0,
      0.4875,
      0.0975,
      0.585,
      0.195,
      0.6825,
      0.2925,
      0.78,
      0.39,
      0,
      0.4875,
      0.0975,
      0.585,
      0.195,
      0.6825,
      0.2925,
      0.78,
      0.39,
      0,
      0.4875,
      0.0975,
      0.585,
      0.195,
      0.6825,
      0.2925,
      0.78,
      0.39,
      0,
      0.4875,
      0.0975,
      0.585,
      0.195,
      0.6825,
      0.2925,
      0.78,
      0.39,
      0,
      0.4875,
      0.0975,
      0.585,
      0.195,
      0.6825,
      0.2925,
      0.78,
      0.39,
      0,
      0.4875,
      0.0975,
      0.585,
      0.195,
      0.6825,
      0.2925,
      0.78,
      0.39,
      0,
      0.4875,
      0.0975,
      0.585,
      0.195,
      0.6825,
      0.2925,
      0.78,
      0.39
    ],
    "SoftwareVersions": "syngo_MR_B17",
    "SpacingBetweenSlices": 1.8,
    "StationName": "MININT-E41B04",
    "TaskName": "MST",
    "TotalReadoutTime": 0.0712794,
    "TxRefAmp": 316.697,
    "dataset": "ds002168",
    "modality": "bold",
    "run_id": 3,
    "subject_id": "1543",
    "task_id": "mst"
  },
  "dummy_trs": 0,
  "dvars_nstd": 80.37014397070254,
  "dvars_std": 1.0642509836533967,
  "dvars_vstd": 1.006531562271662,
  "efc": 0.5641618485747824,
  "fber": 255.86407470703125,
  "fd_mean": 0.11812420026314664,
  "fd_num": 33,
  "fd_perc": 7.710280373831775,
  "fwhm_avg": 3.3141074952012737,
  "fwhm_x": 3.0685278590660054,
  "fwhm_y": 3.741505654671607,
  "fwhm_z": 3.1322889718662092,
  "gcor": 0.00585363,
  "gsr_x": -0.013595961034297943,
  "gsr_y": 0.07430355250835419,
  "provenance": {
    "md5sum": "edae34ab5faf6ba73aeaca2c9afc6c98",
    "settings": {
      "fd_thres": 0.2,
      "testing": false
    },
    "software": "mriqc",
    "version": "23.0.1",
    "webapi_port": null,
    "webapi_url": "https://mriqc.nimh.nih.gov/api/v1"
  },
  "size_t": 428,
  "size_x": 100,
  "size_y": 100,
  "size_z": 72,
  "snr": 1.726912197536294,
  "spacing_tr": 0.875,
  "spacing_x": 1.7999999523162842,
  "spacing_y": 1.7999999523162842,
  "spacing_z": 1.7999999523162842,
  "summary_bg_k": 27.103361279824117,
  "summary_bg_mad": 11.26846741900317,
  "summary_bg_mean": 31.354307174682617,
  "summary_bg_median": 19.327102661132812,
  "summary_bg_n": 420556.0,
  "summary_bg_p05": 10.5,
  "summary_bg_p95": 93.36507034301758,
  "summary_bg_stdv": 36.21022033691406,
  "summary_fg_k": 5.9268662111341595,
  "summary_fg_mad": 114.39591852846956,
  "summary_fg_mean": 367.81903076171875,
  "summary_fg_median": 317.5140075683594,
  "summary_fg_n": 193487.0,
  "summary_fg_p05": 177.66260986328126,
  "summary_fg_p95": 742.8415588378899,
  "summary_fg_stdv": 183.86180114746094,
  "tsnr": 19.20617165742442
}