{
  "aor": 0.0005615962441314554,
  "aqi": 0.014166306572769953,
  "bids_meta": {
    "AcquisitionMatrixPE": 100,
    "AcquisitionNumber": 1,
    "AcquisitionTime": "16:34:7.692500",
    "BandwidthPerPixelPhaseEncode": 13.889,
    "BaseResolution": 100,
    "ConversionSoftware": "dcm2niix",
    "ConversionSoftwareVersion": "v1.0.20180404 Clang8.0.0",
    "DerivedVendorReportedEchoSpacing": 0.000719994,
    "DeviceSerialNumber": "35002",
    "DwellTime": 2.8e-06,
    "EchoTime": 0.0436,
    "EffectiveEchoSpacing": 0.000719994,
    "FlipAngle": 55,
    "ImageComments": "Unaliased_MB8_PE3_(remote)",
    "ImageOrientationPatientDICOM": [
      0.999999,
      0.000801895,
      -0.0014117,
      -4.24958e-08,
      0.869525,
      0.493889
    ],
    "ImageType": [
      "ORIGINAL",
      "PRIMARY",
      "M",
      "MB",
      "ND",
      "MOSAIC"
    ],
    "InPlanePhaseEncodingDirectionDICOM": "COL",
    "InstitutionAddress": "University_Pkwy_1700_North_685_Provo_UT_US_84601",
    "InstitutionName": "Brigham_Young_University",
    "InstitutionalDepartmentName": "MRI",
    "MRAcquisitionType": "2D",
    "MagneticFieldStrength": 3,
    "Manufacturer": "Siemens",
    "ManufacturersModelName": "TrioTim",
    "Modality": "MR",
    "MultibandAccelerationFactor": 8,
    "PartialFourier": 1,
    "PatientPosition": "HFS",
    "PercentPhaseFOV": 100,
    "PhaseEncodingDirection": "j-",
    "PhaseEncodingSteps": 100,
    "PhaseResolution": 1,
    "PixelBandwidth": 1786,
    "ProcedureStepDescription": "Research_KIRWAN",
    "ProtocolName": "run4",
    "PulseSequenceDetails": "%CustomerSeq%_cmrr_mbep2d_bold",
    "ReceiveCoilName": "32Ch_Head",
    "ReconMatrixPE": 100,
    "RepetitionTime": 0.875,
    "SAR": 0.112544,
    "ScanOptions": "FS",
    "ScanningSequence": "EP",
    "SequenceName": "epfid2d1_100",
    "SequenceVariant": "SK_SS",
    "SeriesDescription": "run4",
    "SeriesNumber": 6,
    "ShimSetting": [
      -2788,
      -22727,
      2192,
      875,
      96,
      865,
      -337,
      443
    ],
    "SliceThickness": 1.8,
    "SliceTiming": [
      0,
      0.4875,
      0.0975,
      0.585,
      0.195,
      0.6825,
      0.2925,
      0.7825,
      0.39,
      0,
      0.4875,
      0.0975,
      0.585,
      0.195,
      0.6825,
      0.2925,
      0.7825,
      0.39,
      0,
      0.4875,
      0.0975,
      0.585,
      0.195,
      0.6825,
      0.2925,
      0.7825,
      0.39,
      0,
      0.4875,
      0.0975,
      0.585,
      0.195,
      0.6825,
      0.2925,
      0.7825,
      0.39,
      0,
      0.4875,
      0.0975,
      0.585,
      0.195,
      0.6825,
      0.2925,
      0.7825,
      0.39,
      0,
      0.4875,
      0.0975,
      0.585,
      0.195,
      0.6825,
      0.2925,
      0.7825,
      0.39,
      0,
      0.4875,
      0.0975,
      0.585,
      0.195,
      0.6825,
      0.2925,
      0.7825,
      0.39,
      0,
      0.4875,
      0.0975,
      0.585,
      0.195,
      0.6825,
      0.2925,
      0.7825,
      0.39
    ],
    "SoftwareVersions": "syngo_MR_B17",
    "SpacingBetweenSlices": 1.8,
    "StationName": "MININT-E41B04",
    "TaskName": "MST",
    "TotalReadoutTime": 0.0712794,
    "TxRefAmp": 347.677,
    "dataset": "ds002168",
    "modality": "bold",
    "run_id": 4,
    "subject_id": "2313",
    "task_id": "mst"
  },
  "dummy_trs": 2,
  "dvars_nstd": 71.92675996647057,
  "dvars_std": 1.0585375596705882,
  "dvars_vstd": 1.0102189506823538,
  "efc": 0.5594809791028207,
  "fber": 275.4955139160156,
  "fd_mean": 0.09896128261996393,
  "fd_num": 0,
  "fd_perc": 0.0,
  "fwhm_avg": 3.5337334269453002,
  "fwhm_x": 3.3795334228603955,
  "fwhm_y": 3.9365389931715593,
  "fwhm_z": 3.285127864803947,
  "gcor": 0.00181004,
  "gsr_x": -0.02383551187813282,
  "gsr_y": 0.09494833648204803,
  "provenance": {
    "md5sum": "ff95f90fb47e8081f1cbb4d8f417c321",
    "settings": {
      "fd_thres": 0.2,
      "testing": false
    },
    "software": "mriqc",
    "version": "23.0.1",
    "webapi_port": null,
    "webapi_url": "https://mriqc.nimh.nih.gov/api/v1"
  },
  "size_t": 426,
  "size_x": 100,
  "size_y": 100,
  "size_z": 72,
  "snr": 1.6840040971637613,
  "spacing_tr": 0.875,
  "spacing_x": 1.7999999523162842,
  "spacing_y": 1.7999999523162842,
  "spacing_z": 1.7999999523162842,
  "summary_bg_k": 39.15958387931969,
  "summary_bg_mad": 13.22161078807956,
  "summary_bg_mean": 40.987327575683594,
  "summary_bg_median": 22.171361923217773,
  "summary_bg_n": 435339.0,
  "summary_bg_p05": 11.962441444396973,
  "summary_bg_p95": 135.52113342285156,
  "summary_bg_stdv": 56.11299514770508,
  "summary_fg_k": 8.249309293419987,
  "summary_fg_mad": 133.51598077847868,
  "summary_fg_mean": 438.6249084472656,
  "summary_fg_median": 373.15142822265625,
  "summary_fg_n": 184856.0,
  "summary_fg_p05": 221.53697967529297,
  "summary_fg_p95": 877.7300415039062,
  "summary_fg_stdv": 221.58522033691406,
  "tsnr": 21.314237675629556
}