{
  "aor": 0.0011769718309859155,
  "aqi": 0.01855381267605634,
  "bids_meta": {
    "AcquisitionMatrixPE": 100,
    "AcquisitionNumber": 1,
    "AcquisitionTime": "11:46:23.865000",
    "BandwidthPerPixelPhaseEncode": 13.889,
    "BaseResolution": 100,
    "ConversionSoftware": "dcm2niix",
    "ConversionSoftwareVersion": "v1.0.20180404 Clang8.0.0",
    "DerivedVendorReportedEchoSpacing": 0.000719994,
    "DeviceSerialNumber": "35002",
    "DwellTime": 2.8e-06,
    "EchoTime": 0.0436,
    "EffectiveEchoSpacing": 0.000719994,
    "FlipAngle": 55,
    "ImageComments": "Unaliased_MB8_PE3_(remote)",
    "ImageOrientationPatientDICOM": [
      1,
      0,
      0,
      0,
      0.853551,
      0.52101
    ],
    "ImageType": [
      "ORIGINAL",
      "PRIMARY",
      "M",
      "ND",
      "MOSAIC"
    ],
    "InPlanePhaseEncodingDirectionDICOM": "COL",
    "InstitutionAddress": "University_Pkwy_1700_North_685_Provo_UT_US_84601",
    "InstitutionName": "Brigham_Young_University",
    "InstitutionalDepartmentName": "MRI",
    "MRAcquisitionType": "2D",
    "MagneticFieldStrength": 3,
    "Manufacturer": "Siemens",
    "ManufacturersModelName": "TrioTim",
    "Modality": "MR",
    "MultibandAccelerationFactor": 8,
    "PartialFourier": 1,
    "PatientPosition": "HFS",
    "PercentPhaseFOV": 100,
    "PhaseEncodingDirection": "j-",
    "PhaseEncodingSteps": 100,
    "PhaseResolution": 1,
    "PixelBandwidth": 1786,
    "ProcedureStepDescription": "Research_KIRWAN",
    "ProtocolName": "run5",
    "PulseSequenceDetails": "%CustomerSeq%_cmrr_mbep2d_bold",
    "ReceiveCoilName": "32Ch_Head",
    "ReconMatrixPE": 100,
    "RepetitionTime": 0.875,
    "SAR": 0.125416,
    "ScanOptions": "FS",
    "ScanningSequence": "EP",
    "SequenceName": "epfid2d1_100",
    "SequenceVariant": "SK",
    "SeriesDescription": "run5",
    "SeriesNumber": 7,
    "ShimSetting": [
      -2599,
      -23128,
      2514,
      1094,
      132,
      194,
      -92,
      37
    ],
    "SliceThickness": 1.8,
    "SliceTiming": [
      0,
      0.4875,
      0.0975,
      0.585,
      0.195,
      0.6825,
      0.2925,
      0.7825,
      0.39,
      0,
      0.4875,
      0.0975,
      0.585,
      0.195,
      0.6825,
      0.2925,
      0.7825,
      0.39,
      0,
      0.4875,
      0.0975,
      0.585,
      0.195,
      0.6825,
      0.2925,
      0.7825,
      0.39,
      0,
      0.4875,
      0.0975,
      0.585,
      0.195,
      0.6825,
      0.2925,
      0.7825,
      0.39,
      0,
      0.4875,
      0.0975,
      0.585,
      0.195,
      0.6825,
      0.2925,
      0.7825,
      0.39,
      0,
      0.4875,
      0.0975,
      0.585,
      0.195,
      0.6825,
      0.2925,
      0.7825,
      0.39,
      0,
      0.4875,
      0.0975,
      0.585,
      0.195,
      0.6825,
      0.2925,
      0.7825,
      0.39,
      0,
      0.4875,
      0.0975,
      0.585,
      0.195,
      0.6825,
      0.2925,
      0.7825,
      0.39
    ],
    "SoftwareVersions": "syngo_MR_B17",
    "SpacingBetweenSlices": 1.8,
    "StationName": "MININT-E41B04",
    "TaskName": "MST",
    "TotalReadoutTime": 0.0712794,
    "TxRefAmp": 350.549,
    "dataset": "ds002168",
    "modality": "bold",
    "run_id": 5,
    "subject_id": "1461",
    "task_id": "mst"
  },
  "dummy_trs": 2,
  "dvars_nstd": 74.78476867672937,
  "dvars_std": 1.0769134704470575,
  "dvars_vstd": 1.0190946186352938,
  "efc": 0.6272729465357566,
  "fber": 212.71043395996094,
  "fd_mean": 0.06463279217097392,
  "fd_num": 1,
  "fd_perc": 0.2347417840375587,
  "fwhm_avg": 2.9901592747546792,
  "fwhm_x": 2.770866740069568,
  "fwhm_y": 3.3133389766623966,
  "fwhm_z": 2.886272107532073,
  "gcor": 0.0023659,
  "gsr_x": -0.0065347966738045216,
  "gsr_y": 0.0837111696600914,
  "provenance": {
    "md5sum": "4fa1f37a5d2f70e96d5f9831c8fd7da6",
    "settings": {
      "fd_thres": 0.2,
      "testing": false
    },
    "software": "mriqc",
    "version": "23.0.1",
    "webapi_port": null,
    "webapi_url": "https://mriqc.nimh.nih.gov/api/v1"
  },
  "size_t": 426,
  "size_x": 100,
  "size_y": 100,
  "size_z": 72,
  "snr": 2.2113966209560143,
  "spacing_tr": 0.875,
  "spacing_x": 1.7999999523162842,
  "spacing_y": 1.7999999523162842,
  "spacing_z": 1.8000000715255737,
  "summary_bg_k": 33.39172409926628,
  "summary_bg_mad": 14.025557021665847,
  "summary_bg_mean": 39.374244689941406,
  "summary_bg_median": 22.758216857910156,
  "summary_bg_n": 382070.0,
  "summary_bg_p05": 11.537558555603027,
  "summary_bg_p95": 127.01302986145016,
  "summary_bg_stdv": 45.754249572753906,
  "summary_fg_k": 3.28779697902249,
  "summary_fg_mad": 118.36801474314872,
  "summary_fg_mean": 376.6712646484375,
  "summary_fg_median": 342.1502380371094,
  "summary_fg_n": 226041.0,
  "summary_fg_p05": 193.72535705566406,
  "summary_fg_p95": 679.4647827148438,
  "summary_fg_stdv": 154.7209930419922,
  "tsnr": 18.84130767546594
}