{
  "aor": 0.000284018691588785,
  "aqi": 0.013046432476635514,
  "bids_meta": {
    "AcquisitionMatrixPE": 100,
    "AcquisitionNumber": 1,
    "AcquisitionTime": "17:40:38.080000",
    "BandwidthPerPixelPhaseEncode": 13.889,
    "BaseResolution": 100,
    "ConversionSoftware": "dcm2niix",
    "ConversionSoftwareVersion": "v1.0.20180404 Clang8.0.0",
    "DerivedVendorReportedEchoSpacing": 0.000719994,
    "DeviceSerialNumber": "35002",
    "DwellTime": 2.8e-06,
    "EchoTime": 0.0436,
    "EffectiveEchoSpacing": 0.000719994,
    "FlipAngle": 55,
    "ImageComments": "Unaliased_MB8_PE3_(remote)",
    "ImageOrientationPatientDICOM": [
      0.999999,
      0.0005205,
      -0.00134178,
      5.75524e-09,
      0.932309,
      0.361663
    ],
    "ImageType": [
      "ORIGINAL",
      "PRIMARY",
      "M",
      "MB",
      "ND",
      "MOSAIC"
    ],
    "InPlanePhaseEncodingDirectionDICOM": "COL",
    "InstitutionAddress": "University_Pkwy_1700_North_685_Provo_UT_US_84601",
    "InstitutionName": "Brigham_Young_University",
    "InstitutionalDepartmentName": "MRI",
    "MRAcquisitionType": "2D",
    "MagneticFieldStrength": 3,
    "Manufacturer": "Siemens",
    "ManufacturersModelName": "TrioTim",
    "Modality": "MR",
    "MultibandAccelerationFactor": 8,
    "PartialFourier": 1,
    "PatientPosition": "HFS",
    "PercentPhaseFOV": 100,
    "PhaseEncodingDirection": "j-",
    "PhaseEncodingSteps": 100,
    "PhaseResolution": 1,
    "PixelBandwidth": 1786,
    "ProcedureStepDescription": "Research_KIRWAN",
    "ProtocolName": "run1",
    "PulseSequenceDetails": "%CustomerSeq%_cmrr_mbep2d_bold",
    "ReceiveCoilName": "32Ch_Head",
    "ReconMatrixPE": 100,
    "RepetitionTime": 0.875,
    "SAR": 0.121147,
    "ScanOptions": "FS",
    "ScanningSequence": "EP",
    "SequenceName": "epfid2d1_100",
    "SequenceVariant": "SK_SS",
    "SeriesDescription": "run1",
    "SeriesNumber": 3,
    "ShimSetting": [
      -2702,
      -23020,
      2390,
      995,
      -211,
      441,
      -67,
      87
    ],
    "SliceThickness": 1.8,
    "SliceTiming": [
      0,
      0.4875,
      0.0975,
      0.585,
      0.195,
      0.6825,
      0.2925,
      0.78,
      0.39,
      0,
      0.4875,
      0.0975,
      0.585,
      0.195,
      0.6825,
      0.2925,
      0.78,
      0.39,
      0,
      0.4875,
      0.0975,
      0.585,
      0.195,
      0.6825,
      0.2925,
      0.78,
      0.39,
      0,
      0.4875,
      0.0975,
      0.585,
      0.195,
      0.6825,
      0.2925,
      0.78,
      0.39,
      0,
      0.4875,
      0.0975,
      0.585,
      0.195,
      0.6825,
      0.2925,
      0.78,
      0.39,
      0,
      0.4875,
      0.0975,
      0.585,
      0.195,
      0.6825,
      0.2925,
      0.78,
      0.39,
      0,
      0.4875,
      0.0975,
      0.585,
      0.195,
      0.6825,
      0.2925,
      0.78,
      0.39,
      0,
      0.4875,
      0.0975,
      0.585,
      0.195,
      0.6825,
      0.2925,
      0.78,
      0.39
    ],
    "SoftwareVersions": "syngo_MR_B17",
    "SpacingBetweenSlices": 1.8,
    "StationName": "MININT-E41B04",
    "TaskName": "MST",
    "TotalReadoutTime": 0.0712794,
    "TxRefAmp": 341.389,
    "dataset": "ds002168",
    "modality": "bold",
    "run_id": 1,
    "subject_id": "1573",
    "task_id": "mst"
  },
  "dummy_trs": 0,
  "dvars_nstd": 68.65797027674475,
  "dvars_std": 1.0429065614988295,
  "dvars_vstd": 0.9971726456908666,
  "efc": 0.6128737305156253,
  "fber": 227.90203857421875,
  "fd_mean": 0.06492264899673428,
  "fd_num": 0,
  "fd_perc": 0.0,
  "fwhm_avg": 3.372638906043624,
  "fwhm_x": 3.1743945285371815,
  "fwhm_y": 3.673438986201789,
  "fwhm_z": 3.270083203391901,
  "gcor": 0.00180063,
  "gsr_x": -0.016083993017673492,
  "gsr_y": 0.10014266520738602,
  "provenance": {
    "md5sum": "84358b02591cf7a9c463a664c4178548",
    "settings": {
      "fd_thres": 0.2,
      "testing": false
    },
    "software": "mriqc",
    "version": "23.0.1",
    "webapi_port": null,
    "webapi_url": "https://mriqc.nimh.nih.gov/api/v1"
  },
  "size_t": 428,
  "size_x": 100,
  "size_y": 100,
  "size_z": 72,
  "snr": 2.000774089633266,
  "spacing_tr": 0.875,
  "spacing_x": 1.7999999523162842,
  "spacing_y": 1.7999999523162842,
  "spacing_z": 1.8000000715255737,
  "summary_bg_k": 45.45831778126343,
  "summary_bg_mad": 14.112432487165382,
  "summary_bg_mean": 42.80909729003906,
  "summary_bg_median": 23.212615966796875,
  "summary_bg_n": 392133.0,
  "summary_bg_p05": 12.030373573303223,
  "summary_bg_p95": 143.8682220458981,
  "summary_bg_stdv": 58.5655403137207,
  "summary_fg_k": 5.664231284951972,
  "summary_fg_mad": 128.62958755664462,
  "summary_fg_mean": 406.5906677246094,
  "summary_fg_median": 362.2149353027344,
  "summary_fg_n": 220369.0,
  "summary_fg_p05": 208.450927734375,
  "summary_fg_p95": 762.8892089843749,
  "summary_fg_stdv": 181.0369873046875,
  "tsnr": 21.456779977306724
}