{
  "aor": 0.00027553990610328636,
  "aqi": 0.013330808450704225,
  "bids_meta": {
    "AcquisitionMatrixPE": 100,
    "AcquisitionNumber": 1,
    "AcquisitionTime": "18:01:12.805000",
    "BandwidthPerPixelPhaseEncode": 13.889,
    "BaseResolution": 100,
    "ConversionSoftware": "dcm2niix",
    "ConversionSoftwareVersion": "v1.0.20180404 Clang8.0.0",
    "DerivedVendorReportedEchoSpacing": 0.000719994,
    "DeviceSerialNumber": "35002",
    "DwellTime": 2.8e-06,
    "EchoTime": 0.0436,
    "EffectiveEchoSpacing": 0.000719994,
    "FlipAngle": 55,
    "ImageComments": "Unaliased_MB8_PE3_(remote)",
    "ImageOrientationPatientDICOM": [
      0.999999,
      0.0005205,
      -0.00134178,
      5.75524e-09,
      0.932309,
      0.361663
    ],
    "ImageType": [
      "ORIGINAL",
      "PRIMARY",
      "M",
      "MB",
      "ND",
      "MOSAIC"
    ],
    "InPlanePhaseEncodingDirectionDICOM": "COL",
    "InstitutionAddress": "University_Pkwy_1700_North_685_Provo_UT_US_84601",
    "InstitutionName": "Brigham_Young_University",
    "InstitutionalDepartmentName": "MRI",
    "MRAcquisitionType": "2D",
    "MagneticFieldStrength": 3,
    "Manufacturer": "Siemens",
    "ManufacturersModelName": "TrioTim",
    "Modality": "MR",
    "MultibandAccelerationFactor": 8,
    "PartialFourier": 1,
    "PatientPosition": "HFS",
    "PercentPhaseFOV": 100,
    "PhaseEncodingDirection": "j-",
    "PhaseEncodingSteps": 100,
    "PhaseResolution": 1,
    "PixelBandwidth": 1786,
    "ProcedureStepDescription": "Research_KIRWAN",
    "ProtocolName": "run4",
    "PulseSequenceDetails": "%CustomerSeq%_cmrr_mbep2d_bold",
    "ReceiveCoilName": "32Ch_Head",
    "ReconMatrixPE": 100,
    "RepetitionTime": 0.875,
    "SAR": 0.123193,
    "ScanOptions": "FS",
    "ScanningSequence": "EP",
    "SequenceName": "epfid2d1_100",
    "SequenceVariant": "SK_SS",
    "SeriesDescription": "run4",
    "SeriesNumber": 6,
    "ShimSetting": [
      -2702,
      -23020,
      2390,
      995,
      -211,
      441,
      -67,
      87
    ],
    "SliceThickness": 1.8,
    "SliceTiming": [
      0,
      0.4875,
      0.0975,
      0.585,
      0.195,
      0.6825,
      0.2925,
      0.78,
      0.39,
      0,
      0.4875,
      0.0975,
      0.585,
      0.195,
      0.6825,
      0.2925,
      0.78,
      0.39,
      0,
      0.4875,
      0.0975,
      0.585,
      0.195,
      0.6825,
      0.2925,
      0.78,
      0.39,
      0,
      0.4875,
      0.0975,
      0.585,
      0.195,
      0.6825,
      0.2925,
      0.78,
      0.39,
      0,
      0.4875,
      0.0975,
      0.585,
      0.195,
      0.6825,
      0.2925,
      0.78,
      0.39,
      0,
      0.4875,
      0.0975,
      0.585,
      0.195,
      0.6825,
      0.2925,
      0.78,
      0.39,
      0,
      0.4875,
      0.0975,
      0.585,
      0.195,
      0.6825,
      0.2925,
      0.78,
      0.39,
      0,
      0.4875,
      0.0975,
      0.585,
      0.195,
      0.6825,
      0.2925,
      0.78,
      0.39
    ],
    "SoftwareVersions": "syngo_MR_B17",
    "SpacingBetweenSlices": 1.8,
    "StationName": "MININT-E41B04",
    "TaskName": "MST",
    "TotalReadoutTime": 0.0712794,
    "TxRefAmp": 341.389,
    "dataset": "ds002168",
    "modality": "bold",
    "run_id": 4,
    "subject_id": "1573",
    "task_id": "mst"
  },
  "dummy_trs": 2,
  "dvars_nstd": 69.9192984727059,
  "dvars_std": 1.0484893020235302,
  "dvars_vstd": 1.0020829016235286,
  "efc": 0.6136829456175799,
  "fber": 220.10630798339844,
  "fd_mean": 0.06605212219640047,
  "fd_num": 0,
  "fd_perc": 0.0,
  "fwhm_avg": 3.3238592763850012,
  "fwhm_x": 3.09884452653579,
  "fwhm_y": 3.6598723191757285,
  "fwhm_z": 3.2128609834434863,
  "gcor": 0.00142004,
  "gsr_x": -0.020869817584753036,
  "gsr_y": 0.10083460807800293,
  "provenance": {
    "md5sum": "d61b5a9477daf43476d2fc2a849ea102",
    "settings": {
      "fd_thres": 0.2,
      "testing": false
    },
    "software": "mriqc",
    "version": "23.0.1",
    "webapi_port": null,
    "webapi_url": "https://mriqc.nimh.nih.gov/api/v1"
  },
  "size_t": 426,
  "size_x": 100,
  "size_y": 100,
  "size_z": 72,
  "snr": 2.0115427237149848,
  "spacing_tr": 0.875,
  "spacing_x": 1.7999999523162842,
  "spacing_y": 1.7999999523162842,
  "spacing_z": 1.8000000715255737,
  "summary_bg_k": 47.744896535342555,
  "summary_bg_mad": 14.286577901748819,
  "summary_bg_mean": 42.678321838378906,
  "summary_bg_median": 23.31455421447754,
  "summary_bg_n": 392789.0,
  "summary_bg_p05": 11.906103134155273,
  "summary_bg_p95": 142.50187988281235,
  "summary_bg_stdv": 57.61640548706055,
  "summary_fg_k": 5.528142895229914,
  "summary_fg_mad": 127.57165893502909,
  "summary_fg_mean": 400.6914367675781,
  "summary_fg_median": 357.81573486328125,
  "summary_fg_n": 218930.0,
  "summary_fg_p05": 204.21468048095704,
  "summary_fg_p95": 749.0330993652337,
  "summary_fg_stdv": 177.88084411621094,
  "tsnr": 21.173910872079432
}