{
  "bids_meta": {
    "AcquisitionMatrixPE": 512,
    "AcquisitionNumber": 1,
    "AcquisitionTime": "20:14:52.765000",
    "BaseResolution": 512,
    "ConversionSoftware": "dcm2niix",
    "ConversionSoftwareVersion": "v1.0.20180404 Clang8.0.0",
    "DeviceSerialNumber": "35002",
    "DwellTime": 5e-06,
    "EchoTime": 0.064,
    "EchoTrainLength": 15,
    "FlipAngle": 129,
    "ImageOrientationPatientDICOM": [
      0.999998,
      -0.00186773,
      -2.67651e-11,
      0.00110473,
      0.591483,
      -0.806317
    ],
    "ImageType": [
      "ORIGINAL",
      "PRIMARY",
      "M",
      "ND"
    ],
    "InPlanePhaseEncodingDirectionDICOM": "ROW",
    "InstitutionAddress": "University_Pkwy_1700_North_685_Provo_UT_US_84601",
    "InstitutionName": "Brigham_Young_University",
    "InstitutionalDepartmentName": "MRI",
    "MRAcquisitionType": "2D",
    "MagneticFieldStrength": 3,
    "Manufacturer": "Siemens",
    "ManufacturersModelName": "TrioTim",
    "Modality": "MR",
    "PartialFourier": 1,
    "PatientPosition": "HFS",
    "PercentPhaseFOV": 100,
    "PhaseEncodingDirection": "i",
    "PhaseEncodingSteps": 720,
    "PhaseOversampling": 0.4,
    "PhaseResolution": 1,
    "PixelBandwidth": 195,
    "ProcedureStepDescription": "Research_KIRWAN",
    "ProtocolName": "HHR_struct_MODIFIED",
    "PulseSequenceDetails": "%SiemensSeq%_tse",
    "ReceiveCoilName": "32Ch_Head",
    "ReconMatrixPE": 512,
    "RepetitionTime": 6,
    "SAR": 0.902544,
    "ScanningSequence": "SE",
    "SequenceName": "_tse2d1_15",
    "SequenceVariant": "SK_SP_OSP",
    "SeriesDescription": "HHR_struct_MODIFIED",
    "SeriesNumber": 16,
    "ShimSetting": [
      -2446,
      -21434,
      1524,
      1153,
      512,
      4999,
      1212,
      -646
    ],
    "SliceThickness": 2,
    "SoftwareVersions": "syngo_MR_B17",
    "SpacingBetweenSlices": 2,
    "StationName": "MININT-E41B04",
    "TxRefAmp": 329.004,
    "dataset": "ds002168",
    "modality": "T2w",
    "subject_id": "1565"
  },
  "cjv": 6.223293508468338,
  "cnr": 0.18101095859985533,
  "efc": 0.6171324954692833,
  "fber": 2478.1249852071005,
  "fwhm_avg": 5.256887102655842,
  "fwhm_x": 5.9387392,
  "fwhm_y": 3.705406907967525,
  "fwhm_z": 6.1265152,
  "icvs_csf": 0.47758643258790917,
  "icvs_gm": 0.4258360862839277,
  "icvs_wm": 0.09657748112816307,
  "inu_med": 1.0249186158180237,
  "inu_range": 1.5359527915716171,
  "provenance": {
    "md5sum": "56467d6b9db8af46eb5792a857769226",
    "settings": {
      "testing": false
    },
    "software": "mriqc",
    "version": "23.0.1",
    "warnings": {
      "large_rot_frame": false,
      "small_air_mask": false
    },
    "webapi_port": null,
    "webapi_url": "https://mriqc.nimh.nih.gov/api/v1"
  },
  "qi_1": 0.0,
  "qi_2": 0.0005903189915330516,
  "rpve_csf": 5.234142332548995,
  "rpve_gm": 5.91860051208187,
  "rpve_wm": 24.990269758222382,
  "size_x": 512,
  "size_y": 35,
  "size_z": 512,
  "snr_csf": 11.682809824518243,
  "snr_gm": 8.582405280352091,
  "snr_total": 6.998895730478762,
  "snr_wm": 0.7314720865659533,
  "snrd_csf": 46.60612788872101,
  "snrd_gm": 30.65943964629518,
  "snrd_total": 33.935115818318984,
  "snrd_wm": 24.539779919940756,
  "spacing_x": 0.390625,
  "spacing_y": 2.0000016689300537,
  "spacing_z": 0.390625,
  "summary_bg_k": 488.38339111231124,
  "summary_bg_mad": 8.122308638466658,
  "summary_bg_mean": 10.035459079918413,
  "summary_bg_median": 5.478413924574852,
  "summary_bg_n": 2125925.0,
  "summary_bg_p05": 0.0,
  "summary_bg_p95": 33.45622591674328,
  "summary_bg_stdv": 26.9895587844578,
  "summary_csf_k": 0.21915677430284575,
  "summary_csf_mad": 48.58060072441378,
  "summary_csf_mean": 581.9081868363775,
  "summary_csf_median": 577.8176195919514,
  "summary_csf_n": 1015503.0,
  "summary_csf_p05": 508.0109113454819,
  "summary_csf_p95": 668.986696600914,
  "summary_csf_stdv": 49.45876409637395,
  "summary_gm_k": -0.022276761655426025,
  "summary_gm_mad": 45.106908979660744,
  "summary_gm_mean": 379.5554966880769,
  "summary_gm_median": 380.1123422384262,
  "summary_gm_n": 901916.0,
  "summary_gm_p05": 306.58444717526436,
  "summary_gm_p95": 451.05607978999615,
  "summary_gm_stdv": 44.289697246488025,
  "summary_wm_k": -1.6233964036294646,
  "summary_wm_mad": 427.0597497961085,
  "summary_wm_mean": 491.446157256962,
  "summary_wm_median": 304.2414776980877,
  "summary_wm_n": 209094.0,
  "summary_wm_p05": 17.215657342225363,
  "summary_wm_p95": 1106.5017910301685,
  "summary_wm_stdv": 415.92940559403314,
  "tpm_overlap_csf": 0.10313051797161696,
  "tpm_overlap_gm": 0.23608535103676792,
  "tpm_overlap_wm": 0.019850893053104647,
  "wm2max": 0.22255828607435413
}