{
  "bids_meta": {
    "AcquisitionMatrixPE": 256,
    "AcquisitionNumber": 1,
    "AcquisitionTime": "19:50:12.640000",
    "BaseResolution": 256,
    "ConversionSoftware": "dcm2niix",
    "ConversionSoftwareVersion": "v1.0.20180404 Clang8.0.0",
    "DeviceSerialNumber": "35002",
    "DwellTime": 1.03e-05,
    "EchoTime": 0.00492,
    "FlipAngle": 25,
    "ImageOrientationPatientDICOM": [
      0,
      1,
      0,
      0,
      0,
      -1
    ],
    "ImageType": [
      "ORIGINAL",
      "PRIMARY",
      "M",
      "ND",
      "NORM"
    ],
    "InPlanePhaseEncodingDirectionDICOM": "ROW",
    "InstitutionAddress": "University_Pkwy_1700_North_685_Provo_UT_US_84601",
    "InstitutionName": "Brigham_Young_University",
    "InstitutionalDepartmentName": "MRI",
    "MRAcquisitionType": "3D",
    "MagneticFieldStrength": 3,
    "Manufacturer": "Siemens",
    "ManufacturersModelName": "TrioTim",
    "Modality": "MR",
    "ParallelReductionFactorInPlane": 2,
    "PartialFourier": 1,
    "PatientPosition": "HFS",
    "PercentPhaseFOV": 100,
    "PhaseEncodingSteps": 255,
    "PhaseResolution": 1,
    "PixelBandwidth": 190,
    "ProcedureStepDescription": "Research_KIRWAN",
    "ProtocolName": "t1_fl3d_sag_no3Daccel_iso_1.0_1avg",
    "PulseSequenceDetails": "%SiemensSeq%_gre",
    "ReceiveCoilName": "32Ch_Head",
    "ReconMatrixPE": 256,
    "RepetitionTime": 0.02,
    "SAR": 0.186169,
    "ScanningSequence": "GR",
    "SequenceName": "_fl3d1_ns",
    "SequenceVariant": "SP",
    "SeriesDescription": "t1_fl3d_sag_no3Daccel_iso_1.0_1avg",
    "SeriesNumber": 9,
    "ShimSetting": [
      -2655,
      -23109,
      2059,
      81,
      -13,
      -145,
      -152,
      15
    ],
    "SliceThickness": 1,
    "SoftwareVersions": "syngo_MR_B17",
    "StationName": "MININT-E41B04",
    "TxRefAmp": 329.004,
    "dataset": "ds002168",
    "modality": "T1w",
    "subject_id": "1565"
  },
  "cjv": 0.44556407491416705,
  "cnr": 3.0744773138660357,
  "efc": 0.5143176807998536,
  "fber": 34234.17416843112,
  "fwhm_avg": 3.680096666666666,
  "fwhm_x": 3.61703,
  "fwhm_y": 3.98287,
  "fwhm_z": 3.44039,
  "icvs_csf": 0.14122851227030186,
  "icvs_gm": 0.4477123909422346,
  "icvs_wm": 0.41105909678746355,
  "inu_med": 0.41530874371528625,
  "inu_range": 0.1854107826948166,
  "provenance": {
    "md5sum": "049050804ecc9fa52602162e15b568be",
    "settings": {
      "testing": false
    },
    "software": "mriqc",
    "version": "23.0.1",
    "warnings": {
      "large_rot_frame": true,
      "small_air_mask": false
    },
    "webapi_port": null,
    "webapi_url": "https://mriqc.nimh.nih.gov/api/v1"
  },
  "qi_1": 0.0,
  "qi_2": 0.015332015412592282,
  "rpve_csf": 42.852327585027965,
  "rpve_gm": 14.530948239914125,
  "rpve_wm": 17.122630565702437,
  "size_x": 192,
  "size_y": 256,
  "size_z": 256,
  "snr_csf": 1.5941245329489035,
  "snr_gm": 15.794629159558509,
  "snr_total": 13.408516915781176,
  "snr_wm": 22.83679705483611,
  "snrd_csf": 38.04145654403343,
  "snrd_gm": 108.72642253674653,
  "snrd_total": 94.55438880844518,
  "snrd_wm": 136.89528734455558,
  "spacing_x": 1.0,
  "spacing_y": 1.0,
  "spacing_z": 1.0,
  "summary_bg_k": 15.661299559751363,
  "summary_bg_mad": 4.785675085225293,
  "summary_bg_mean": 3.990770782281083,
  "summary_bg_median": 3.2278887927532196,
  "summary_bg_n": 3397835.0,
  "summary_bg_p05": 0.0,
  "summary_bg_p95": 14.44055512547493,
  "summary_bg_stdv": 5.781108485915997,
  "summary_csf_k": -0.7550654931915184,
  "summary_csf_mad": 233.86838508587812,
  "summary_csf_mean": 264.7490455425467,
  "summary_csf_median": 277.8872472792864,
  "summary_csf_n": 19016.0,
  "summary_csf_p05": 40.73085989803076,
  "summary_csf_p95": 531.2085619568825,
  "summary_csf_stdv": 174.31507687788599,
  "summary_gm_k": 0.19692693964969665,
  "summary_gm_mad": 49.87177194076884,
  "summary_gm_mean": 794.5264003062763,
  "summary_gm_median": 794.2305319011211,
  "summary_gm_n": 42669.0,
  "summary_gm_p05": 712.2421565651894,
  "summary_gm_p95": 876.2528850138187,
  "summary_gm_stdv": 50.284259094862804,
  "summary_wm_k": 0.6059248938775701,
  "summary_wm_mad": 41.81168758670519,
  "summary_wm_mean": 1002.9472274866107,
  "summary_wm_median": 999.9999479949474,
  "summary_wm_n": 185045.0,
  "summary_wm_p05": 936.9711720943451,
  "summary_wm_p95": 1079.338056743145,
  "summary_wm_stdv": 43.78885723531099,
  "tpm_overlap_csf": 0.1224194744633407,
  "tpm_overlap_gm": 0.4669838929944706,
  "tpm_overlap_wm": 0.49307018924738494,
  "wm2max": 0.632204154404657
}