{
  "bids_meta": {
    "AcquisitionMatrixPE": 512,
    "AcquisitionNumber": 1,
    "AcquisitionTime": "19:13:3.925000",
    "BaseResolution": 512,
    "ConversionSoftware": "dcm2niix",
    "ConversionSoftwareVersion": "v1.0.20180404 Clang8.0.0",
    "DeviceSerialNumber": "35002",
    "DwellTime": 5e-06,
    "EchoTime": 0.064,
    "EchoTrainLength": 15,
    "FlipAngle": 129,
    "ImageOrientationPatientDICOM": [
      1,
      -0.000702439,
      2.1951e-12,
      0.000369767,
      0.526404,
      -0.850234
    ],
    "ImageType": [
      "ORIGINAL",
      "PRIMARY",
      "M",
      "ND"
    ],
    "InPlanePhaseEncodingDirectionDICOM": "ROW",
    "InstitutionAddress": "University_Pkwy_1700_North_685_Provo_UT_US_84601",
    "InstitutionName": "Brigham_Young_University",
    "InstitutionalDepartmentName": "MRI",
    "MRAcquisitionType": "2D",
    "MagneticFieldStrength": 3,
    "Manufacturer": "Siemens",
    "ManufacturersModelName": "TrioTim",
    "Modality": "MR",
    "PartialFourier": 1,
    "PatientPosition": "HFS",
    "PercentPhaseFOV": 100,
    "PhaseEncodingDirection": "i",
    "PhaseEncodingSteps": 720,
    "PhaseOversampling": 0.4,
    "PhaseResolution": 1,
    "PixelBandwidth": 195,
    "ProcedureStepDescription": "Research_KIRWAN",
    "ProtocolName": "HHR_struct_MODIFIED",
    "PulseSequenceDetails": "%SiemensSeq%_tse",
    "ReceiveCoilName": "32Ch_Head",
    "ReconMatrixPE": 512,
    "RepetitionTime": 6,
    "SAR": 0.807429,
    "ScanningSequence": "SE",
    "SequenceName": "_tse2d1_15",
    "SequenceVariant": "SK_SP_OSP",
    "SeriesDescription": "HHR_struct_MODIFIED",
    "SeriesNumber": 16,
    "ShimSetting": [
      -2686,
      -23212,
      2748,
      1206,
      -137,
      -957,
      334,
      -136
    ],
    "SliceThickness": 2,
    "SoftwareVersions": "syngo_MR_B17",
    "SpacingBetweenSlices": 2,
    "StationName": "MININT-E41B04",
    "TxRefAmp": 323.294,
    "dataset": "ds002168",
    "modality": "T2w",
    "subject_id": "1542"
  },
  "cjv": 3.680699788627355,
  "cnr": 0.42143157137081355,
  "efc": 0.6507120492635587,
  "fber": 4222.979516228624,
  "fwhm_avg": 4.94451313706733,
  "fwhm_x": 5.3937919999999995,
  "fwhm_y": 3.6815906112019885,
  "fwhm_z": 5.7581568,
  "icvs_csf": 0.40498965606166204,
  "icvs_gm": 0.4697121067938703,
  "icvs_wm": 0.1252982371444676,
  "inu_med": 1.0206547975540161,
  "inu_range": 1.6477323114871978,
  "provenance": {
    "md5sum": "2528ef02b959ea9502f783bac03f4e04",
    "settings": {
      "testing": false
    },
    "software": "mriqc",
    "version": "23.0.1",
    "warnings": {
      "large_rot_frame": false,
      "small_air_mask": false
    },
    "webapi_port": null,
    "webapi_url": "https://mriqc.nimh.nih.gov/api/v1"
  },
  "qi_1": 0.0,
  "qi_2": 0.0003410045078026642,
  "rpve_csf": 5.544383293420992,
  "rpve_gm": 4.979874213836478,
  "rpve_wm": 19.35944864761622,
  "size_x": 512,
  "size_y": 35,
  "size_z": 512,
  "snr_csf": 10.660525839153392,
  "snr_gm": 8.306902457805025,
  "snr_total": 6.800961685907073,
  "snr_wm": 1.4354567607628066,
  "snrd_csf": 12.341309798914184,
  "snrd_gm": 8.368452454615152,
  "snrd_total": 10.869285213440598,
  "snrd_wm": 11.898093386792459,
  "spacing_x": 0.390625,
  "spacing_y": 2.000002384185791,
  "spacing_z": 0.390625,
  "summary_bg_k": 278.0344971965002,
  "summary_bg_mad": 0.0,
  "summary_bg_mean": 9.554315209379148,
  "summary_bg_median": 0.0,
  "summary_bg_n": 1766854.0,
  "summary_bg_p05": 0.0,
  "summary_bg_p95": 28.7481679469347,
  "summary_bg_stdv": 32.02894582739579,
  "summary_csf_k": 1.1117665790196112,
  "summary_csf_mad": 51.422182399022525,
  "summary_csf_mean": 607.7679819924576,
  "summary_csf_median": 603.3539626076818,
  "summary_csf_n": 745870.0,
  "summary_csf_p05": 524.8686035983264,
  "summary_csf_p95": 707.2263853512704,
  "summary_csf_stdv": 56.5969791028847,
  "summary_gm_k": 0.1540646258295899,
  "summary_gm_mad": 49.40770515040103,
  "summary_gm_mean": 410.1981776898516,
  "summary_gm_median": 409.12504682689905,
  "summary_gm_n": 924381.0,
  "summary_gm_p05": 331.1402778066695,
  "summary_gm_p95": 491.3648307546973,
  "summary_gm_stdv": 49.25118931012234,
  "summary_wm_k": -1.657849164994148,
  "summary_wm_mad": 585.7357663162885,
  "summary_wm_mean": 536.7729063598291,
  "summary_wm_median": 581.6855673640966,
  "summary_wm_n": 284358.0,
  "summary_wm_p05": 22.312010943889618,
  "summary_wm_p95": 1097.54355115816,
  "summary_wm_stdv": 405.22609977404693,
  "tpm_overlap_csf": 0.09825593299121314,
  "tpm_overlap_gm": 0.29177156459944614,
  "tpm_overlap_wm": 0.040142942054996605,
  "wm2max": 0.4206447847429008
}