{
  "bids_meta": {
    "AcquisitionMatrixPE": 256,
    "AcquisitionNumber": 1,
    "AcquisitionTime": "18:48:20.200000",
    "BaseResolution": 256,
    "ConversionSoftware": "dcm2niix",
    "ConversionSoftwareVersion": "v1.0.20180404 Clang8.0.0",
    "DeviceSerialNumber": "35002",
    "DwellTime": 1.03e-05,
    "EchoTime": 0.00492,
    "FlipAngle": 25,
    "ImageOrientationPatientDICOM": [
      0,
      1,
      0,
      0,
      0,
      -1
    ],
    "ImageType": [
      "ORIGINAL",
      "PRIMARY",
      "M",
      "ND",
      "NORM"
    ],
    "InPlanePhaseEncodingDirectionDICOM": "ROW",
    "InstitutionAddress": "University_Pkwy_1700_North_685_Provo_UT_US_84601",
    "InstitutionName": "Brigham_Young_University",
    "InstitutionalDepartmentName": "MRI",
    "MRAcquisitionType": "3D",
    "MagneticFieldStrength": 3,
    "Manufacturer": "Siemens",
    "ManufacturersModelName": "TrioTim",
    "Modality": "MR",
    "ParallelReductionFactorInPlane": 2,
    "PartialFourier": 1,
    "PatientPosition": "HFS",
    "PercentPhaseFOV": 100,
    "PhaseEncodingSteps": 255,
    "PhaseResolution": 1,
    "PixelBandwidth": 190,
    "ProcedureStepDescription": "Research_KIRWAN",
    "ProtocolName": "t1_fl3d_sag_no3Daccel_iso_1.0_1avg",
    "PulseSequenceDetails": "%SiemensSeq%_gre",
    "ReceiveCoilName": "32Ch_Head",
    "ReconMatrixPE": 256,
    "RepetitionTime": 0.02,
    "SAR": 0.163382,
    "ScanningSequence": "GR",
    "SequenceName": "_fl3d1_ns",
    "SequenceVariant": "SP",
    "SeriesDescription": "t1_fl3d_sag_no3Daccel_iso_1.0_1avg",
    "SeriesNumber": 9,
    "ShimSetting": [
      -2655,
      -23109,
      2059,
      81,
      -13,
      -145,
      -152,
      15
    ],
    "SliceThickness": 1,
    "SoftwareVersions": "syngo_MR_B17",
    "StationName": "MININT-E41B04",
    "TxRefAmp": 323.294,
    "dataset": "ds002168",
    "modality": "T1w",
    "subject_id": "1542"
  },
  "cjv": 0.45220527760053497,
  "cnr": 3.0367518726516947,
  "efc": 0.5564359227666964,
  "fber": 8146.58363842949,
  "fwhm_avg": 3.3536366666666666,
  "fwhm_x": 3.27693,
  "fwhm_y": 3.63414,
  "fwhm_z": 3.14984,
  "icvs_csf": 0.1459912281379,
  "icvs_gm": 0.42739689572006173,
  "icvs_wm": 0.4266118761420382,
  "inu_med": 0.34726983308792114,
  "inu_range": 0.11332012414932252,
  "provenance": {
    "md5sum": "60b7e0b6bc3d704e024ee394a9f64606",
    "settings": {
      "testing": false
    },
    "software": "mriqc",
    "version": "23.0.1",
    "warnings": {
      "large_rot_frame": true,
      "small_air_mask": false
    },
    "webapi_port": null,
    "webapi_url": "https://mriqc.nimh.nih.gov/api/v1"
  },
  "qi_1": 0.0,
  "qi_2": 0.033739562728175986,
  "rpve_csf": 37.03593901544721,
  "rpve_gm": 13.132816426465096,
  "rpve_wm": 14.617176691288545,
  "size_x": 192,
  "size_y": 256,
  "size_z": 256,
  "snr_csf": 2.111256724013857,
  "snr_gm": 16.18500327296649,
  "snr_total": 13.107302395022089,
  "snr_wm": 21.02564718808592,
  "snrd_csf": 46.66282228400603,
  "snrd_gm": 107.48798788432262,
  "snrd_total": 96.62503604263877,
  "snrd_wm": 135.72429795958763,
  "spacing_x": 1.0,
  "spacing_y": 1.0,
  "spacing_z": 1.0,
  "summary_bg_k": 3.436363267450086,
  "summary_bg_mad": 4.8269648530907725,
  "summary_bg_mean": 4.939155690564289,
  "summary_bg_median": 3.255738317966461,
  "summary_bg_n": 2688007.0,
  "summary_bg_p05": 0.0,
  "summary_bg_p95": 15.171740561723709,
  "summary_bg_stdv": 6.088174700419043,
  "summary_csf_k": 2.0048755132580673,
  "summary_csf_mad": 149.58764079728303,
  "summary_csf_mean": 322.44691014382636,
  "summary_csf_median": 343.8059663772583,
  "summary_csf_n": 23850.0,
  "summary_csf_p05": 63.45433981716633,
  "summary_csf_p95": 564.2047996811568,
  "summary_csf_stdv": 162.84081169239988,
  "summary_gm_k": 0.2278118819006898,
  "summary_gm_mad": 47.88349134266046,
  "summary_gm_mean": 791.6028866101699,
  "summary_gm_median": 791.9583458453417,
  "summary_gm_n": 38650.0,
  "summary_gm_p05": 710.5648878961802,
  "summary_gm_p95": 869.9007211774588,
  "summary_gm_stdv": 48.93098179628481,
  "summary_wm_k": 0.33602963133275,
  "summary_wm_mad": 46.19405364407869,
  "summary_wm_mean": 1003.7024039561314,
  "summary_wm_median": 1000.0000243633986,
  "summary_wm_n": 199635.0,
  "summary_wm_p05": 932.3132247328758,
  "summary_wm_p95": 1087.8170540139076,
  "summary_wm_stdv": 47.56084370882067,
  "tpm_overlap_csf": 0.14252079875908946,
  "tpm_overlap_gm": 0.4485943139304172,
  "tpm_overlap_wm": 0.47691833552019175,
  "wm2max": 0.6578137972326501
}