{
  "bids_meta": {
    "AcquisitionMatrixPE": 256,
    "AcquisitionNumber": 1,
    "AcquisitionTime": "15:14:45.112500",
    "BaseResolution": 256,
    "ConversionSoftware": "dcm2niix",
    "ConversionSoftwareVersion": "v1.0.20180404 Clang8.0.0",
    "DeviceSerialNumber": "35002",
    "DwellTime": 1.03e-05,
    "EchoTime": 0.00492,
    "FlipAngle": 25,
    "ImageOrientationPatientDICOM": [
      0,
      1,
      -1e-16,
      -0.0418757,
      0,
      -0.999123
    ],
    "ImageType": [
      "ORIGINAL",
      "PRIMARY",
      "M",
      "ND",
      "NORM"
    ],
    "InPlanePhaseEncodingDirectionDICOM": "ROW",
    "InstitutionAddress": "University_Pkwy_1700_North_685_Provo_UT_US_84601",
    "InstitutionName": "Brigham_Young_University",
    "InstitutionalDepartmentName": "MRI",
    "MRAcquisitionType": "3D",
    "MagneticFieldStrength": 3,
    "Manufacturer": "Siemens",
    "ManufacturersModelName": "TrioTim",
    "Modality": "MR",
    "ParallelReductionFactorInPlane": 2,
    "PartialFourier": 1,
    "PatientPosition": "HFS",
    "PercentPhaseFOV": 100,
    "PhaseEncodingSteps": 255,
    "PhaseResolution": 1,
    "PixelBandwidth": 190,
    "ProcedureStepDescription": "Research_KIRWAN",
    "ProtocolName": "t1_fl3d_sag_no3Daccel_iso_1.0_1avg",
    "PulseSequenceDetails": "%SiemensSeq%_gre",
    "ReceiveCoilName": "32Ch_Head",
    "ReconMatrixPE": 256,
    "RepetitionTime": 0.02,
    "SAR": 0.196178,
    "ScanningSequence": "GR",
    "SequenceName": "_fl3d1_ns",
    "SequenceVariant": "SP",
    "SeriesDescription": "t1_fl3d_sag_no3Daccel_iso_1.0_1avg",
    "SeriesNumber": 10,
    "ShimSetting": [
      -2655,
      -23109,
      2059,
      81,
      -13,
      -145,
      -152,
      15
    ],
    "SliceThickness": 1,
    "SoftwareVersions": "syngo_MR_B17",
    "StationName": "MININT-E41B04",
    "TxRefAmp": 338.256,
    "dataset": "ds002168",
    "modality": "T1w",
    "subject_id": "1435"
  },
  "cjv": 0.4328381245956829,
  "cnr": 3.0586278591346434,
  "efc": 0.568154116845198,
  "fber": 8724.587109268903,
  "fwhm_avg": 3.1962802506991603,
  "fwhm_x": 3.1738805675340713,
  "fwhm_y": 3.3185,
  "fwhm_z": 3.0964601845634094,
  "icvs_csf": 0.1709592594576979,
  "icvs_gm": 0.4240692379322258,
  "icvs_wm": 0.4049715026100763,
  "inu_med": 0.2637023329734802,
  "inu_range": 0.08441520035266872,
  "provenance": {
    "md5sum": "a0d2a1cafd3a210cde9f7d95646084ba",
    "settings": {
      "testing": false
    },
    "software": "mriqc",
    "version": "23.0.1",
    "warnings": {
      "large_rot_frame": true,
      "small_air_mask": false
    },
    "webapi_port": null,
    "webapi_url": "https://mriqc.nimh.nih.gov/api/v1"
  },
  "qi_1": 0.0,
  "qi_2": 0.026772334694480582,
  "rpve_csf": 31.276730062529822,
  "rpve_gm": 13.224731019206606,
  "rpve_wm": 15.685482412741784,
  "size_x": 192,
  "size_y": 256,
  "size_z": 256,
  "snr_csf": 3.204589558170246,
  "snr_gm": 15.265509941543979,
  "snr_total": 15.175177466099834,
  "snr_wm": 27.055432898585277,
  "snrd_csf": 58.31625333315254,
  "snrd_gm": 117.12348754050548,
  "snrd_total": 107.12111606443399,
  "snrd_wm": 145.92360731964396,
  "spacing_x": 0.9999998211860657,
  "spacing_y": 1.0,
  "spacing_z": 0.9999999403953552,
  "summary_bg_k": 4.946368992004199,
  "summary_bg_mad": 4.48958476693015,
  "summary_bg_mean": 5.071589056087097,
  "summary_bg_median": 3.028178907930851,
  "summary_bg_n": 2986724.0,
  "summary_bg_p05": 0.0,
  "summary_bg_p95": 16.598906606435776,
  "summary_bg_stdv": 5.766094991764341,
  "summary_csf_k": 2.29047051517244,
  "summary_csf_mad": 87.31826669385907,
  "summary_csf_mean": 393.7895232415694,
  "summary_csf_median": 399.6354997660965,
  "summary_csf_n": 36630.0,
  "summary_csf_p05": 123.46698529748247,
  "summary_csf_p95": 584.4259118185378,
  "summary_csf_stdv": 124.70553168968664,
  "summary_gm_k": 0.25118385331634574,
  "summary_gm_mad": 50.965101150521896,
  "summary_gm_mean": 803.1244977811615,
  "summary_gm_median": 802.6356427632272,
  "summary_gm_n": 25544.0,
  "summary_gm_p05": 717.3138981629163,
  "summary_gm_p95": 890.3883420979603,
  "summary_gm_stdv": 52.577341656980536,
  "summary_wm_k": 0.7299708375473908,
  "summary_wm_mad": 34.461720109121245,
  "summary_wm_mean": 1002.2102682993446,
  "summary_wm_median": 1000.0000069569796,
  "summary_wm_n": 233702.0,
  "summary_wm_p05": 945.8292509373277,
  "summary_wm_p95": 1066.5358268506825,
  "summary_wm_stdv": 36.961074370027774,
  "tpm_overlap_csf": 0.15572368038587325,
  "tpm_overlap_gm": 0.45550014874443584,
  "tpm_overlap_wm": 0.5115109350113074,
  "wm2max": 0.7190379226225277
}