{
  "bids_meta": {
    "AcquisitionMatrixPE": 512,
    "AcquisitionNumber": 1,
    "AcquisitionTime": "15:40:23.270000",
    "BaseResolution": 512,
    "ConversionSoftware": "dcm2niix",
    "ConversionSoftwareVersion": "v1.0.20180404 Clang8.0.0",
    "DeviceSerialNumber": "35002",
    "DwellTime": 5e-06,
    "EchoTime": 0.064,
    "EchoTrainLength": 15,
    "FlipAngle": 127,
    "ImageOrientationPatientDICOM": [
      0.999969,
      0.00784183,
      -9.50758e-11,
      -0.0039871,
      0.508425,
      -0.861097
    ],
    "ImageType": [
      "ORIGINAL",
      "PRIMARY",
      "M",
      "ND"
    ],
    "InPlanePhaseEncodingDirectionDICOM": "ROW",
    "InstitutionAddress": "University_Pkwy_1700_North_685_Provo_UT_US_84601",
    "InstitutionName": "Brigham_Young_University",
    "InstitutionalDepartmentName": "MRI",
    "MRAcquisitionType": "2D",
    "MagneticFieldStrength": 3,
    "Manufacturer": "Siemens",
    "ManufacturersModelName": "TrioTim",
    "Modality": "MR",
    "PartialFourier": 1,
    "PatientPosition": "HFS",
    "PercentPhaseFOV": 100,
    "PhaseEncodingDirection": "i",
    "PhaseEncodingSteps": 720,
    "PhaseOversampling": 0.4,
    "PhaseResolution": 1,
    "PixelBandwidth": 195,
    "ProcedureStepDescription": "Research_KIRWAN",
    "ProtocolName": "HHR_struct_MODIFIED",
    "PulseSequenceDetails": "%SiemensSeq%_tse",
    "ReceiveCoilName": "32Ch_Head",
    "ReconMatrixPE": 512,
    "RepetitionTime": 6,
    "SAR": 0.936653,
    "ScanningSequence": "SE",
    "SequenceName": "_tse2d1_15",
    "SequenceVariant": "SK_SP_OSP",
    "SeriesDescription": "HHR_struct_MODIFIED",
    "SeriesNumber": 17,
    "ShimSetting": [
      -2685,
      -23088,
      2521,
      942,
      44,
      -341,
      128,
      102
    ],
    "SliceThickness": 2,
    "SoftwareVersions": "syngo_MR_B17",
    "SpacingBetweenSlices": 2,
    "StationName": "MININT-E41B04",
    "TxRefAmp": 338.256,
    "dataset": "ds002168",
    "modality": "T2w",
    "subject_id": "1435"
  },
  "cjv": 0.6999348395387237,
  "cnr": 1.202786176230823,
  "efc": 0.65718874367482,
  "fber": 4163.167596777859,
  "fwhm_avg": 5.44948987228263,
  "fwhm_x": 6.095718399999999,
  "fwhm_y": 3.8675736168478907,
  "fwhm_z": 6.3851776,
  "icvs_csf": 0.41144431661097874,
  "icvs_gm": 0.1175391503256927,
  "icvs_wm": 0.4710165330633286,
  "inu_med": 0.9682393670082092,
  "inu_range": 1.551816964149475,
  "provenance": {
    "md5sum": "d5a209ec5f9a845e1a44a1a7da2d2ff5",
    "settings": {
      "testing": false
    },
    "software": "mriqc",
    "version": "23.0.1",
    "warnings": {
      "large_rot_frame": false,
      "small_air_mask": false
    },
    "webapi_port": null,
    "webapi_url": "https://mriqc.nimh.nih.gov/api/v1"
  },
  "qi_1": 0.0018582714531302231,
  "qi_2": 0.0001780785152269918,
  "rpve_csf": 4.632250906396102,
  "rpve_gm": 17.52950857538835,
  "rpve_wm": 4.445482429305153,
  "size_x": 512,
  "size_y": 35,
  "size_z": 512,
  "snr_csf": 10.500690688919061,
  "snr_gm": 2.196130790529532,
  "snr_total": 7.0314440970877135,
  "snr_wm": 8.397510811814545,
  "snrd_csf": 63.387323896768926,
  "snrd_gm": 92.89823725183315,
  "snrd_total": 65.90402413642029,
  "snrd_wm": 41.42651126065878,
  "spacing_x": 0.390625,
  "spacing_y": 2.0000007152557373,
  "spacing_z": 0.390625,
  "summary_bg_k": 179.14245053717534,
  "summary_bg_mad": 16.41831540687018,
  "summary_bg_mean": 29.63722872544049,
  "summary_bg_median": 11.07398545742035,
  "summary_bg_n": 2675467.0,
  "summary_bg_p05": 0.0,
  "summary_bg_p95": 85.72792190313339,
  "summary_bg_stdv": 105.16899445252871,
  "summary_csf_k": 0.6392023307376395,
  "summary_csf_mad": 142.24488779228045,
  "summary_csf_mean": 1598.7105207163738,
  "summary_csf_median": 1588.5441207885742,
  "summary_csf_n": 896874.0,
  "summary_csf_p05": 1370.5966311395168,
  "summary_csf_p95": 1862.9116570353508,
  "summary_csf_stdv": 151.27988074766867,
  "summary_gm_k": -1.3228856120729602,
  "summary_gm_mad": 780.011519028117,
  "summary_gm_mean": 1834.2273056816664,
  "summary_gm_median": 2328.11451163888,
  "summary_gm_n": 301558.0,
  "summary_gm_p05": 109.97613143920898,
  "summary_gm_p95": 3072.171775907278,
  "summary_gm_stdv": 1060.0965395738044,
  "summary_wm_k": 0.12396355991268271,
  "summary_wm_mad": 122.85429114795964,
  "summary_wm_mean": 1039.9246347813346,
  "summary_wm_median": 1038.1861366331577,
  "summary_wm_n": 1144341.0,
  "summary_wm_p05": 839.0453291833401,
  "summary_wm_p95": 1243.0548675954342,
  "summary_wm_stdv": 123.630169258604,
  "tpm_overlap_csf": 0.1042061929839531,
  "tpm_overlap_gm": 0.0732156848522876,
  "tpm_overlap_wm": 0.45536646484809534,
  "wm2max": 0.2920168631347171
}