{
  "aor": 0.0006261502347417841,
  "aqi": 0.01611368192488263,
  "bids_meta": {
    "AcquisitionMatrixPE": 100,
    "AcquisitionNumber": 1,
    "AcquisitionTime": "17:19:59.642500",
    "BandwidthPerPixelPhaseEncode": 13.889,
    "BaseResolution": 100,
    "ConversionSoftware": "dcm2niix",
    "ConversionSoftwareVersion": "v1.0.20180404 Clang8.0.0",
    "DerivedVendorReportedEchoSpacing": 0.000719994,
    "DeviceSerialNumber": "35002",
    "DwellTime": 2.8e-06,
    "EchoTime": 0.0436,
    "EffectiveEchoSpacing": 0.000719994,
    "FlipAngle": 55,
    "ImageComments": "Unaliased_MB8_PE3_(remote)",
    "ImageOrientationPatientDICOM": [
      0.999215,
      0.0210307,
      -0.033573,
      -4.74144e-08,
      0.847459,
      0.53086
    ],
    "ImageType": [
      "ORIGINAL",
      "PRIMARY",
      "M",
      "MB",
      "ND",
      "MOSAIC"
    ],
    "InPlanePhaseEncodingDirectionDICOM": "COL",
    "InstitutionAddress": "University_Pkwy_1700_North_685_Provo_UT_US_84601",
    "InstitutionName": "Brigham_Young_University",
    "InstitutionalDepartmentName": "MRI",
    "MRAcquisitionType": "2D",
    "MagneticFieldStrength": 3,
    "Manufacturer": "Siemens",
    "ManufacturersModelName": "TrioTim",
    "Modality": "MR",
    "MultibandAccelerationFactor": 8,
    "PartialFourier": 1,
    "PatientPosition": "HFS",
    "PercentPhaseFOV": 100,
    "PhaseEncodingDirection": "j-",
    "PhaseEncodingSteps": 100,
    "PhaseResolution": 1,
    "PixelBandwidth": 1786,
    "ProcedureStepDescription": "Research_KIRWAN",
    "ProtocolName": "run3",
    "PulseSequenceDetails": "%CustomerSeq%_cmrr_mbep2d_bold",
    "ReceiveCoilName": "32Ch_Head",
    "ReconMatrixPE": 100,
    "RepetitionTime": 0.875,
    "SAR": 0.130437,
    "ScanOptions": "FS",
    "ScanningSequence": "EP",
    "SequenceName": "epfid2d1_100",
    "SequenceVariant": "SK_SS",
    "SeriesDescription": "run3",
    "SeriesNumber": 5,
    "ShimSetting": [
      -2821,
      -22958,
      2275,
      558,
      226,
      335,
      -116,
      402
    ],
    "SliceThickness": 1.8,
    "SliceTiming": [
      0,
      0.49,
      0.0975,
      0.5875,
      0.195,
      0.685,
      0.2925,
      0.7825,
      0.3925,
      0,
      0.49,
      0.0975,
      0.5875,
      0.195,
      0.685,
      0.2925,
      0.7825,
      0.3925,
      0,
      0.49,
      0.0975,
      0.5875,
      0.195,
      0.685,
      0.2925,
      0.7825,
      0.3925,
      0,
      0.49,
      0.0975,
      0.5875,
      0.195,
      0.685,
      0.2925,
      0.7825,
      0.3925,
      0,
      0.49,
      0.0975,
      0.5875,
      0.195,
      0.685,
      0.2925,
      0.7825,
      0.3925,
      0,
      0.49,
      0.0975,
      0.5875,
      0.195,
      0.685,
      0.2925,
      0.7825,
      0.3925,
      0,
      0.49,
      0.0975,
      0.5875,
      0.195,
      0.685,
      0.2925,
      0.7825,
      0.3925,
      0,
      0.49,
      0.0975,
      0.5875,
      0.195,
      0.685,
      0.2925,
      0.7825,
      0.3925
    ],
    "SoftwareVersions": "syngo_MR_B17",
    "SpacingBetweenSlices": 1.8,
    "StationName": "MININT-E41B04",
    "TaskName": "MST",
    "TotalReadoutTime": 0.0712794,
    "TxRefAmp": 329.816,
    "dataset": "ds002168",
    "modality": "bold",
    "run_id": 3,
    "subject_id": "2560",
    "task_id": "mst"
  },
  "dummy_trs": 2,
  "dvars_nstd": 73.57640894275292,
  "dvars_std": 1.068735100470588,
  "dvars_vstd": 1.0092003937411758,
  "efc": 0.5675591781378493,
  "fber": 338.6693115234375,
  "fd_mean": 0.09685272863866269,
  "fd_num": 3,
  "fd_perc": 0.704225352112676,
  "fwhm_avg": 3.087029645472376,
  "fwhm_x": 2.9395111889815646,
  "fwhm_y": 3.33479453278633,
  "fwhm_z": 2.9867832146492317,
  "gcor": 0.00365089,
  "gsr_x": -0.006625156383961439,
  "gsr_y": 0.08006163686513901,
  "provenance": {
    "md5sum": "34a7ffb218119325ad40947b3b368a02",
    "settings": {
      "fd_thres": 0.2,
      "testing": false
    },
    "software": "mriqc",
    "version": "23.0.1",
    "webapi_port": null,
    "webapi_url": "https://mriqc.nimh.nih.gov/api/v1"
  },
  "size_t": 426,
  "size_x": 100,
  "size_y": 100,
  "size_z": 72,
  "snr": 2.2435383926138193,
  "spacing_tr": 0.875,
  "spacing_x": 1.7999999523162842,
  "spacing_y": 1.7999999523162842,
  "spacing_z": 1.8000000715255737,
  "summary_bg_k": 38.67115071172859,
  "summary_bg_mad": 11.164762067823558,
  "summary_bg_mean": 34.33060073852539,
  "summary_bg_median": 19.504695892333984,
  "summary_bg_n": 440605.0,
  "summary_bg_p05": 10.950704574584961,
  "summary_bg_p95": 104.7314590454101,
  "summary_bg_stdv": 46.87888717651367,
  "summary_fg_k": 3.2865137796896944,
  "summary_fg_mad": 116.13714361931946,
  "summary_fg_mean": 403.98345947265625,
  "summary_fg_median": 363.0164489746094,
  "summary_fg_n": 179772.0,
  "summary_fg_p05": 225.0951950073242,
  "summary_fg_p95": 725.4690124511717,
  "summary_fg_stdv": 161.80487060546875,
  "tsnr": 21.106482399627566
}