{
  "aor": 0.00042393442622950823,
  "aqi": 0.01619397985948478,
  "bids_meta": {
    "AcquisitionMatrixPE": 100,
    "AcquisitionNumber": 1,
    "AcquisitionTime": "11:35:45.490000",
    "BandwidthPerPixelPhaseEncode": 13.889,
    "BaseResolution": 100,
    "ConversionSoftware": "dcm2niix",
    "ConversionSoftwareVersion": "v1.0.20180404 Clang8.0.0",
    "DerivedVendorReportedEchoSpacing": 0.000719994,
    "DeviceSerialNumber": "35002",
    "DwellTime": 2.8e-06,
    "EchoTime": 0.0436,
    "EffectiveEchoSpacing": 0.000719994,
    "FlipAngle": 55,
    "ImageComments": "Unaliased_MB8_PE3_(remote)",
    "ImageOrientationPatientDICOM": [
      0.999467,
      0.0147246,
      -0.0291393,
      1.90236e-09,
      0.892521,
      0.451006
    ],
    "ImageType": [
      "ORIGINAL",
      "PRIMARY",
      "M",
      "MB",
      "ND",
      "MOSAIC"
    ],
    "InPlanePhaseEncodingDirectionDICOM": "COL",
    "InstitutionAddress": "University_Pkwy_1700_North_685_Provo_UT_US_84601",
    "InstitutionName": "Brigham_Young_University",
    "InstitutionalDepartmentName": "MRI",
    "MRAcquisitionType": "2D",
    "MagneticFieldStrength": 3,
    "Manufacturer": "Siemens",
    "ManufacturersModelName": "TrioTim",
    "Modality": "MR",
    "MultibandAccelerationFactor": 8,
    "PartialFourier": 1,
    "PatientPosition": "HFS",
    "PercentPhaseFOV": 100,
    "PhaseEncodingDirection": "j-",
    "PhaseEncodingSteps": 100,
    "PhaseResolution": 1,
    "PixelBandwidth": 1786,
    "ProcedureStepDescription": "Research_KIRWAN",
    "ProtocolName": "run4",
    "PulseSequenceDetails": "%CustomerSeq%_cmrr_mbep2d_bold",
    "ReceiveCoilName": "32Ch_Head",
    "ReconMatrixPE": 100,
    "RepetitionTime": 0.875,
    "SAR": 0.107853,
    "ScanOptions": "FS",
    "ScanningSequence": "EP",
    "SequenceName": "epfid2d1_100",
    "SequenceVariant": "SK_SS",
    "SeriesDescription": "run4",
    "SeriesNumber": 6,
    "ShimSetting": [
      -2906,
      -22864,
      2333,
      1229,
      -147,
      327,
      96,
      666
    ],
    "SliceThickness": 1.8,
    "SliceTiming": [
      0,
      0.4875,
      0.0975,
      0.585,
      0.195,
      0.6825,
      0.2925,
      0.78,
      0.39,
      0,
      0.4875,
      0.0975,
      0.585,
      0.195,
      0.6825,
      0.2925,
      0.78,
      0.39,
      0,
      0.4875,
      0.0975,
      0.585,
      0.195,
      0.6825,
      0.2925,
      0.78,
      0.39,
      0,
      0.4875,
      0.0975,
      0.585,
      0.195,
      0.6825,
      0.2925,
      0.78,
      0.39,
      0,
      0.4875,
      0.0975,
      0.585,
      0.195,
      0.6825,
      0.2925,
      0.78,
      0.39,
      0,
      0.4875,
      0.0975,
      0.585,
      0.195,
      0.6825,
      0.2925,
      0.78,
      0.39,
      0,
      0.4875,
      0.0975,
      0.585,
      0.195,
      0.6825,
      0.2925,
      0.78,
      0.39,
      0,
      0.4875,
      0.0975,
      0.585,
      0.195,
      0.6825,
      0.2925,
      0.78,
      0.39
    ],
    "SoftwareVersions": "syngo_MR_B17",
    "SpacingBetweenSlices": 1.8,
    "StationName": "MININT-E41B04",
    "TaskName": "MST",
    "TotalReadoutTime": 0.0712794,
    "TxRefAmp": 342.431,
    "dataset": "ds002168",
    "modality": "bold",
    "run_id": 4,
    "subject_id": "2411",
    "task_id": "mst"
  },
  "dummy_trs": 1,
  "dvars_nstd": 70.85690343441307,
  "dvars_std": 1.0410153581220662,
  "dvars_vstd": 0.9976422710563381,
  "efc": 0.5854755315880878,
  "fber": 319.6665344238281,
  "fd_mean": 0.07165410069743947,
  "fd_num": 0,
  "fd_perc": 0.0,
  "fwhm_avg": 3.1133408232161073,
  "fwhm_x": 2.907466743688232,
  "fwhm_y": 3.44783898022543,
  "fwhm_z": 2.984716745734658,
  "gcor": 0.00196553,
  "gsr_x": -0.009938091039657593,
  "gsr_y": 0.0697472020983696,
  "provenance": {
    "md5sum": "dc574d8d50d1bd26cb54b8fd7c1b6fdf",
    "settings": {
      "fd_thres": 0.2,
      "testing": false
    },
    "software": "mriqc",
    "version": "23.0.1",
    "webapi_port": null,
    "webapi_url": "https://mriqc.nimh.nih.gov/api/v1"
  },
  "size_t": 427,
  "size_x": 100,
  "size_y": 100,
  "size_z": 72,
  "snr": 2.17362709093097,
  "spacing_tr": 0.875,
  "spacing_x": 1.7999999523162842,
  "spacing_y": 1.7999999523162842,
  "spacing_z": 1.7999999523162842,
  "summary_bg_k": 25.833461616685543,
  "summary_bg_mad": 11.211527460486629,
  "summary_bg_mean": 32.84389877319336,
  "summary_bg_median": 19.59718894958496,
  "summary_bg_n": 414768.0,
  "summary_bg_p05": 10.882903099060059,
  "summary_bg_p95": 100.71498184204086,
  "summary_bg_stdv": 37.286258697509766,
  "summary_fg_k": 5.145475623101106,
  "summary_fg_mad": 114.97632689208619,
  "summary_fg_mean": 395.21221923828125,
  "summary_fg_median": 358.1686096191406,
  "summary_fg_n": 200300.0,
  "summary_fg_p05": 205.33933486938477,
  "summary_fg_p95": 718.1768859863279,
  "summary_fg_stdv": 164.77882385253906,
  "tsnr": 20.114265211159363
}