{
  "bids_meta": {
    "AcquisitionMatrixPE": 256,
    "AcquisitionNumber": 1,
    "AcquisitionTime": "09:50:16.057500",
    "BaseResolution": 256,
    "ConversionSoftware": "dcm2niix",
    "ConversionSoftwareVersion": "v1.0.20180404 Clang8.0.0",
    "DeviceSerialNumber": "35002",
    "DwellTime": 1.03e-05,
    "EchoTime": 0.00492,
    "FlipAngle": 25,
    "ImageOrientationPatientDICOM": [
      0.045363,
      0.998971,
      0,
      0,
      -1e-16,
      -1
    ],
    "ImageType": [
      "ORIGINAL",
      "PRIMARY",
      "M",
      "ND",
      "NORM"
    ],
    "InPlanePhaseEncodingDirectionDICOM": "ROW",
    "InstitutionAddress": "University_Pkwy_1700_North_685_Provo_UT_US_84601",
    "InstitutionName": "Brigham_Young_University",
    "InstitutionalDepartmentName": "MRI",
    "MRAcquisitionType": "3D",
    "MagneticFieldStrength": 3,
    "Manufacturer": "Siemens",
    "ManufacturersModelName": "TrioTim",
    "Modality": "MR",
    "ParallelReductionFactorInPlane": 2,
    "PartialFourier": 1,
    "PatientPosition": "HFS",
    "PercentPhaseFOV": 100,
    "PhaseEncodingSteps": 255,
    "PhaseResolution": 1,
    "PixelBandwidth": 190,
    "ProcedureStepDescription": "Research_KIRWAN",
    "ProtocolName": "t1_fl3d_sag_no3Daccel_iso_1.0_1avg",
    "PulseSequenceDetails": "%SiemensSeq%_gre",
    "ReceiveCoilName": "32Ch_Head",
    "ReconMatrixPE": 256,
    "RepetitionTime": 0.02,
    "SAR": 0.177543,
    "ScanningSequence": "GR",
    "SequenceName": "_fl3d1_ns",
    "SequenceVariant": "SP",
    "SeriesDescription": "t1_fl3d_sag_no3Daccel_iso_1.0_1avg",
    "SeriesNumber": 9,
    "ShimSetting": [
      -2655,
      -23109,
      2059,
      81,
      -13,
      -145,
      -152,
      15
    ],
    "SliceThickness": 1,
    "SoftwareVersions": "syngo_MR_B17",
    "StationName": "MININT-E41B04",
    "TxRefAmp": 331.76,
    "dataset": "ds002168",
    "modality": "T1w",
    "subject_id": "1428"
  },
  "cjv": 0.44919605862796685,
  "cnr": 2.987930727846122,
  "efc": 0.5825439143766048,
  "fber": 6489.0710209891495,
  "fwhm_avg": 3.1336871547033733,
  "fwhm_x": 3.070461464110119,
  "fwhm_y": 3.34111,
  "fwhm_z": 2.98949,
  "icvs_csf": 0.17457148427193733,
  "icvs_gm": 0.4236300254290665,
  "icvs_wm": 0.40179849029899617,
  "inu_med": 0.38258297741413116,
  "inu_range": 0.10279111564159393,
  "provenance": {
    "md5sum": "bdf910a089c94001396184e1db232f27",
    "settings": {
      "testing": false
    },
    "software": "mriqc",
    "version": "23.0.1",
    "warnings": {
      "large_rot_frame": true,
      "small_air_mask": false
    },
    "webapi_port": null,
    "webapi_url": "https://mriqc.nimh.nih.gov/api/v1"
  },
  "qi_1": 6.329900417340329e-06,
  "qi_2": 0.01666146621108234,
  "rpve_csf": 31.66232613648144,
  "rpve_gm": 13.178496435418959,
  "rpve_wm": 15.350385060157961,
  "size_x": 192,
  "size_y": 256,
  "size_z": 256,
  "snr_csf": 2.764920739373304,
  "snr_gm": 15.585887691552795,
  "snr_total": 13.681059264401071,
  "snr_wm": 22.692369362277116,
  "snrd_csf": 36.85586375016309,
  "snrd_gm": 73.19552097020211,
  "snrd_total": 67.29067401588425,
  "snrd_wm": 91.82063732728757,
  "spacing_x": 0.9999995231628418,
  "spacing_y": 1.0,
  "spacing_z": 1.0,
  "summary_bg_k": 22.510429325816826,
  "summary_bg_mad": 0.0,
  "summary_bg_mean": 4.680636614275596,
  "summary_bg_median": 0.0,
  "summary_bg_n": 2766285.0,
  "summary_bg_p05": 0.0,
  "summary_bg_p95": 16.58693253993988,
  "summary_bg_stdv": 7.13520705815247,
  "summary_csf_k": 3.859652289919989,
  "summary_csf_mad": 96.8141241603915,
  "summary_csf_mean": 389.1515008516992,
  "summary_csf_median": 401.4037674665451,
  "summary_csf_n": 35955.0,
  "summary_csf_p05": 93.75981867313385,
  "summary_csf_p95": 593.8121849298477,
  "summary_csf_stdv": 145.1752955091398,
  "summary_gm_k": 0.2610357641825405,
  "summary_gm_mad": 50.11554662420266,
  "summary_gm_mean": 797.8754194857089,
  "summary_gm_median": 797.1854377985001,
  "summary_gm_n": 24872.0,
  "summary_gm_p05": 714.7396531105042,
  "summary_gm_p95": 881.5134028315542,
  "summary_gm_stdv": 51.146872584537626,
  "summary_wm_k": 0.7282900069390017,
  "summary_wm_mad": 41.003629056165806,
  "summary_wm_mean": 1004.0738905519938,
  "summary_wm_median": 1000.0348927974701,
  "summary_wm_n": 191705.0,
  "summary_wm_p05": 939.0997406244278,
  "summary_wm_p95": 1083.1790746450424,
  "summary_wm_stdv": 44.06909955341457,
  "tpm_overlap_csf": 0.15183365331205034,
  "tpm_overlap_gm": 0.4456645059702524,
  "tpm_overlap_wm": 0.47508931616244243,
  "wm2max": 0.5940754262954819
}