{
  "bids_meta": {
    "AcquisitionMatrixPE": 512,
    "AcquisitionNumber": 1,
    "AcquisitionTime": "10:16:53.245000",
    "BaseResolution": 512,
    "ConversionSoftware": "dcm2niix",
    "ConversionSoftwareVersion": "v1.0.20180404 Clang8.0.0",
    "DeviceSerialNumber": "35002",
    "DwellTime": 5e-06,
    "EchoTime": 0.064,
    "EchoTrainLength": 15,
    "FlipAngle": 129,
    "ImageOrientationPatientDICOM": [
      0.99997,
      0.00770277,
      2.04624e-10,
      -0.00370613,
      0.481128,
      -0.876642
    ],
    "ImageType": [
      "ORIGINAL",
      "PRIMARY",
      "M",
      "ND"
    ],
    "InPlanePhaseEncodingDirectionDICOM": "ROW",
    "InstitutionAddress": "University_Pkwy_1700_North_685_Provo_UT_US_84601",
    "InstitutionName": "Brigham_Young_University",
    "InstitutionalDepartmentName": "MRI",
    "MRAcquisitionType": "2D",
    "MagneticFieldStrength": 3,
    "Manufacturer": "Siemens",
    "ManufacturersModelName": "TrioTim",
    "Modality": "MR",
    "PartialFourier": 1,
    "PatientPosition": "HFS",
    "PercentPhaseFOV": 100,
    "PhaseEncodingDirection": "i",
    "PhaseEncodingSteps": 720,
    "PhaseOversampling": 0.4,
    "PhaseResolution": 1,
    "PixelBandwidth": 195,
    "ProcedureStepDescription": "Research_KIRWAN",
    "ProtocolName": "HHR_struct_MODIFIED",
    "PulseSequenceDetails": "%SiemensSeq%_tse",
    "ReceiveCoilName": "32Ch_Head",
    "ReconMatrixPE": 512,
    "RepetitionTime": 6.92,
    "SAR": 0.748245,
    "ScanningSequence": "SE",
    "SequenceName": "_tse2d1_15",
    "SequenceVariant": "SK_SP_OSP",
    "SeriesDescription": "HHR_struct_MODIFIED",
    "SeriesNumber": 16,
    "ShimSetting": [
      -2628,
      -23151,
      2548,
      1353,
      -158,
      -69,
      -342,
      -101
    ],
    "SliceThickness": 2,
    "SoftwareVersions": "syngo_MR_B17",
    "SpacingBetweenSlices": 2,
    "StationName": "MININT-E41B04",
    "TxRefAmp": 331.76,
    "dataset": "ds002168",
    "modality": "T2w",
    "subject_id": "1428"
  },
  "cjv": 0.7665396239325386,
  "cnr": 1.163351093080746,
  "efc": 0.6334868995976541,
  "fber": 2666.2412715581995,
  "fwhm_avg": 5.197022804243827,
  "fwhm_x": 5.7298688,
  "fwhm_y": 3.6889884127314794,
  "fwhm_z": 6.1722112000000005,
  "icvs_csf": 0.4233142985660388,
  "icvs_gm": 0.11765627998837508,
  "icvs_wm": 0.4590294214455861,
  "inu_med": 0.9886971712112427,
  "inu_range": 1.6116809964179988,
  "provenance": {
    "md5sum": "8f084252e2e9c412be6858f3ea049f98",
    "settings": {
      "testing": false
    },
    "software": "mriqc",
    "version": "23.0.1",
    "warnings": {
      "large_rot_frame": false,
      "small_air_mask": false
    },
    "webapi_port": null,
    "webapi_url": "https://mriqc.nimh.nih.gov/api/v1"
  },
  "qi_1": 0.0025173369071497314,
  "qi_2": 0.00012916303981844673,
  "rpve_csf": 4.719901103243514,
  "rpve_gm": 18.53226242641751,
  "rpve_wm": 4.6598976146800535,
  "size_x": 512,
  "size_y": 35,
  "size_z": 512,
  "snr_csf": 9.137850397198765,
  "snr_gm": 2.03624846774993,
  "snr_total": 6.005912030662837,
  "snr_wm": 6.843637227039817,
  "snrd_csf": 4.835507441845131,
  "snrd_gm": 7.096415187055972,
  "snrd_total": 4.9576064273506395,
  "snrd_wm": 2.9408966531508147,
  "spacing_x": 0.390625,
  "spacing_y": 1.9999927282333374,
  "spacing_z": 0.390625,
  "summary_bg_k": 131.61464196665597,
  "summary_bg_mad": 0.0,
  "summary_bg_mean": 48.190574940481405,
  "summary_bg_median": 0.0,
  "summary_bg_n": 2661579.0,
  "summary_bg_p05": 0.0,
  "summary_bg_p95": 101.09262979775667,
  "summary_bg_stdv": 232.92028594758963,
  "summary_csf_k": 0.9339083302063464,
  "summary_csf_mad": 169.58202792714715,
  "summary_csf_mean": 1734.5506158429566,
  "summary_csf_median": 1719.165315888822,
  "summary_csf_n": 911370.0,
  "summary_csf_p05": 1454.769207186997,
  "summary_csf_p95": 2070.2825607657433,
  "summary_csf_stdv": 188.13662929294594,
  "summary_gm_k": -1.5092664627456263,
  "summary_gm_mad": 983.6341378906815,
  "summary_gm_mean": 1925.9835555631446,
  "summary_gm_median": 2522.9846098795533,
  "summary_gm_n": 296538.0,
  "summary_gm_p05": 80.91347779333591,
  "summary_gm_p95": 3375.3470688018915,
  "summary_gm_stdv": 1239.033642391198,
  "summary_wm_k": 0.1276938815441131,
  "summary_wm_mad": 148.85857873123072,
  "summary_wm_mean": 1054.458716513268,
  "summary_wm_median": 1045.5753784924746,
  "summary_wm_n": 1080228.0,
  "summary_wm_p05": 815.7299154177308,
  "summary_wm_p95": 1318.732192210853,
  "summary_wm_stdv": 152.78058433616232,
  "tpm_overlap_csf": 0.10267610583675041,
  "tpm_overlap_gm": 0.07436978620502357,
  "tpm_overlap_wm": 0.45015937092262487,
  "wm2max": 0.22376709010090795
}