{
  "bids_meta": {
    "AcquisitionMatrixPE": 256,
    "AcquisitionNumber": 1,
    "AcquisitionTime": "14:57:19.982500",
    "BaseResolution": 256,
    "ConversionSoftware": "dcm2niix",
    "ConversionSoftwareVersion": "v1.0.20180404 Clang8.0.0",
    "DeviceSerialNumber": "35002",
    "DwellTime": 1.03e-05,
    "EchoTime": 0.00492,
    "FlipAngle": 25,
    "ImageOrientationPatientDICOM": [
      0.0662739,
      0.997801,
      0,
      0,
      0,
      -1
    ],
    "ImageType": [
      "ORIGINAL",
      "PRIMARY",
      "M",
      "ND",
      "NORM"
    ],
    "InPlanePhaseEncodingDirectionDICOM": "ROW",
    "InstitutionAddress": "University_Pkwy_1700_North_685_Provo_UT_US_84601",
    "InstitutionName": "Brigham_Young_University",
    "InstitutionalDepartmentName": "MRI",
    "MRAcquisitionType": "3D",
    "MagneticFieldStrength": 3,
    "Manufacturer": "Siemens",
    "ManufacturersModelName": "TrioTim",
    "Modality": "MR",
    "ParallelReductionFactorInPlane": 2,
    "PartialFourier": 1,
    "PatientPosition": "HFS",
    "PercentPhaseFOV": 100,
    "PhaseEncodingSteps": 255,
    "PhaseResolution": 1,
    "PixelBandwidth": 190,
    "ProcedureStepDescription": "Research_KIRWAN",
    "ProtocolName": "t1_fl3d_sag_no3Daccel_iso_1.0_1avg",
    "PulseSequenceDetails": "%SiemensSeq%_gre",
    "ReceiveCoilName": "32Ch_Head",
    "ReconMatrixPE": 256,
    "RepetitionTime": 0.02,
    "SAR": 0.187415,
    "ScanningSequence": "GR",
    "SequenceName": "_fl3d1_ns",
    "SequenceVariant": "SP",
    "SeriesDescription": "t1_fl3d_sag_no3Daccel_iso_1.0_1avg",
    "SeriesNumber": 9,
    "ShimSetting": [
      -2655,
      -23109,
      2059,
      81,
      -13,
      -145,
      -152,
      15
    ],
    "SliceThickness": 1,
    "SoftwareVersions": "syngo_MR_B17",
    "StationName": "MININT-E41B04",
    "TxRefAmp": 359.097,
    "dataset": "ds002168",
    "modality": "T1w",
    "subject_id": "1443"
  },
  "cjv": 0.4704235660824623,
  "cnr": 2.900494430384219,
  "efc": 0.5715509579247009,
  "fber": 9256.010678883798,
  "fwhm_avg": 3.2456279556122674,
  "fwhm_x": 3.2155438668368017,
  "fwhm_y": 3.40042,
  "fwhm_z": 3.12092,
  "icvs_csf": 0.168362256447129,
  "icvs_gm": 0.40476401152477137,
  "icvs_wm": 0.42687373202809964,
  "inu_med": 0.32901404798030853,
  "inu_range": 0.11234064847230912,
  "provenance": {
    "md5sum": "0d0a5761516fccd984428f108a29487c",
    "settings": {
      "testing": false
    },
    "software": "mriqc",
    "version": "23.0.1",
    "warnings": {
      "large_rot_frame": true,
      "small_air_mask": false
    },
    "webapi_port": null,
    "webapi_url": "https://mriqc.nimh.nih.gov/api/v1"
  },
  "qi_1": 0.0,
  "qi_2": 0.02815085193720793,
  "rpve_csf": 30.106144915403064,
  "rpve_gm": 12.656753449417893,
  "rpve_wm": 13.81510409163344,
  "size_x": 192,
  "size_y": 256,
  "size_z": 256,
  "snr_csf": 3.132959593467192,
  "snr_gm": 16.711500611120556,
  "snr_total": 14.091205227147386,
  "snr_wm": 22.42915547685441,
  "snrd_csf": 58.68395531393958,
  "snrd_gm": 115.42746882506107,
  "snrd_total": 105.6307993601733,
  "snrd_wm": 142.78097394151925,
  "spacing_x": 1.0000019073486328,
  "spacing_y": 1.0,
  "spacing_z": 1.0,
  "summary_bg_k": 2.7446782619397823,
  "summary_bg_mad": 4.588555862201196,
  "summary_bg_mean": 4.630196540781365,
  "summary_bg_median": 3.094933897256851,
  "summary_bg_n": 2755970.0,
  "summary_bg_p05": 0.0,
  "summary_bg_p95": 16.887574091553688,
  "summary_bg_stdv": 5.889137817110345,
  "summary_csf_k": 3.0813495884502426,
  "summary_csf_mad": 90.67385388567146,
  "summary_csf_mean": 407.0559075533148,
  "summary_csf_median": 411.02067779004574,
  "summary_csf_n": 30095.0,
  "summary_csf_p05": 138.70013541728258,
  "summary_csf_p95": 609.3083829052746,
  "summary_csf_stdv": 131.19028086733408,
  "summary_gm_k": 0.4095199220825192,
  "summary_gm_mad": 46.733443944375225,
  "summary_gm_mean": 808.7650503630485,
  "summary_gm_median": 808.4505589008331,
  "summary_gm_n": 27079.0,
  "summary_gm_p05": 731.0065662391484,
  "summary_gm_p95": 888.6530796013772,
  "summary_gm_stdv": 48.37600464170997,
  "summary_wm_k": 0.3473983740893991,
  "summary_wm_mad": 43.391778262120006,
  "summary_wm_mean": 1004.3230699256925,
  "summary_wm_median": 1000.0336952582002,
  "summary_wm_n": 236273.0,
  "summary_wm_p05": 938.7741884440184,
  "summary_wm_p95": 1083.495988726616,
  "summary_wm_stdv": 44.58623419952368,
  "tpm_overlap_csf": 0.169053641047987,
  "tpm_overlap_gm": 0.45494845341474877,
  "tpm_overlap_wm": 0.5027717066736282,
  "wm2max": 0.643991536971569
}