{
  "aor": 0.0003073067915690867,
  "aqi": 0.010201535456674474,
  "bids_meta": {
    "AcquisitionMatrixPE": 100,
    "AcquisitionNumber": 1,
    "AcquisitionTime": "11:13:14.082500",
    "BandwidthPerPixelPhaseEncode": 13.889,
    "BaseResolution": 100,
    "ConversionSoftware": "dcm2niix",
    "ConversionSoftwareVersion": "v1.0.20180404 Clang8.0.0",
    "DerivedVendorReportedEchoSpacing": 0.000719994,
    "DeviceSerialNumber": "35002",
    "DwellTime": 2.8e-06,
    "EchoTime": 0.0436,
    "EffectiveEchoSpacing": 0.000719994,
    "FlipAngle": 55,
    "ImageComments": "Unaliased_MB8_PE3_(remote)",
    "ImageOrientationPatientDICOM": [
      0.999993,
      -0.00176828,
      0.00324401,
      -1.39331e-08,
      0.878028,
      0.478609
    ],
    "ImageType": [
      "ORIGINAL",
      "PRIMARY",
      "M",
      "MB",
      "ND",
      "MOSAIC"
    ],
    "InPlanePhaseEncodingDirectionDICOM": "COL",
    "InstitutionAddress": "University_Pkwy_1700_North_685_Provo_UT_US_84601",
    "InstitutionName": "Brigham_Young_University",
    "InstitutionalDepartmentName": "MRI",
    "MRAcquisitionType": "2D",
    "MagneticFieldStrength": 3,
    "Manufacturer": "Siemens",
    "ManufacturersModelName": "TrioTim",
    "Modality": "MR",
    "MultibandAccelerationFactor": 8,
    "PartialFourier": 1,
    "PatientPosition": "HFS",
    "PercentPhaseFOV": 100,
    "PhaseEncodingDirection": "j-",
    "PhaseEncodingSteps": 100,
    "PhaseResolution": 1,
    "PixelBandwidth": 1786,
    "ProcedureStepDescription": "Research_KIRWAN",
    "ProtocolName": "run1",
    "PulseSequenceDetails": "%CustomerSeq%_cmrr_mbep2d_bold",
    "ReceiveCoilName": "32Ch_Head",
    "ReconMatrixPE": 100,
    "RepetitionTime": 0.875,
    "SAR": 0.0964455,
    "ScanOptions": "FS",
    "ScanningSequence": "EP",
    "SequenceName": "epfid2d1_100",
    "SequenceVariant": "SK_SS",
    "SeriesDescription": "run1",
    "SeriesNumber": 3,
    "ShimSetting": [
      -2876,
      -22911,
      2374,
      1079,
      -138,
      698,
      -45,
      447
    ],
    "SliceThickness": 1.8,
    "SliceTiming": [
      0,
      0.4875,
      0.0975,
      0.585,
      0.195,
      0.6825,
      0.2925,
      0.78,
      0.39,
      0,
      0.4875,
      0.0975,
      0.585,
      0.195,
      0.6825,
      0.2925,
      0.78,
      0.39,
      0,
      0.4875,
      0.0975,
      0.585,
      0.195,
      0.6825,
      0.2925,
      0.78,
      0.39,
      0,
      0.4875,
      0.0975,
      0.585,
      0.195,
      0.6825,
      0.2925,
      0.78,
      0.39,
      0,
      0.4875,
      0.0975,
      0.585,
      0.195,
      0.6825,
      0.2925,
      0.78,
      0.39,
      0,
      0.4875,
      0.0975,
      0.585,
      0.195,
      0.6825,
      0.2925,
      0.78,
      0.39,
      0,
      0.4875,
      0.0975,
      0.585,
      0.195,
      0.6825,
      0.2925,
      0.78,
      0.39,
      0,
      0.4875,
      0.0975,
      0.585,
      0.195,
      0.6825,
      0.2925,
      0.78,
      0.39
    ],
    "SoftwareVersions": "syngo_MR_B17",
    "SpacingBetweenSlices": 1.8,
    "StationName": "MININT-E41B04",
    "TaskName": "MST",
    "TotalReadoutTime": 0.0712794,
    "TxRefAmp": 343.02,
    "dataset": "ds002168",
    "modality": "bold",
    "run_id": 1,
    "subject_id": "2259",
    "task_id": "mst"
  },
  "dummy_trs": 1,
  "dvars_nstd": 65.8833320599766,
  "dvars_std": 1.075039097206573,
  "dvars_vstd": 1.0014172206338032,
  "efc": 0.5530112689494004,
  "fber": 407.2518615722656,
  "fd_mean": 0.09811869124101599,
  "fd_num": 2,
  "fd_perc": 0.468384074941452,
  "fwhm_avg": 3.444887055028028,
  "fwhm_x": 3.2911834205199195,
  "fwhm_y": 3.7245778764453963,
  "fwhm_z": 3.3188998681187685,
  "gcor": 0.00493682,
  "gsr_x": -0.016079064458608627,
  "gsr_y": 0.07305087894201279,
  "provenance": {
    "md5sum": "7a531afe7ee2a660d90998fef5095e81",
    "settings": {
      "fd_thres": 0.2,
      "testing": false
    },
    "software": "mriqc",
    "version": "23.0.1",
    "webapi_port": null,
    "webapi_url": "https://mriqc.nimh.nih.gov/api/v1"
  },
  "size_t": 427,
  "size_x": 100,
  "size_y": 100,
  "size_z": 72,
  "snr": 1.8743344310351824,
  "spacing_tr": 0.875,
  "spacing_x": 1.7999999523162842,
  "spacing_y": 1.7999999523162842,
  "spacing_z": 1.8000000715255737,
  "summary_bg_k": 24.537439192390732,
  "summary_bg_mad": 11.362565893071693,
  "summary_bg_mean": 34.88505172729492,
  "summary_bg_median": 20.096017837524414,
  "summary_bg_n": 429446.0,
  "summary_bg_p05": 11.543325424194336,
  "summary_bg_p95": 107.1633472442627,
  "summary_bg_stdv": 41.968196868896484,
  "summary_fg_k": 4.437058906056934,
  "summary_fg_mad": 156.83814438164882,
  "summary_fg_mean": 473.7693176269531,
  "summary_fg_median": 414.8419189453125,
  "summary_fg_n": 186848.0,
  "summary_fg_p05": 238.45595474243163,
  "summary_fg_p95": 924.3730499267577,
  "summary_fg_stdv": 221.32699584960938,
  "tsnr": 23.93567123450339
}