{
  "aor": 0.0002810328638497653,
  "aqi": 0.009805774906103288,
  "bids_meta": {
    "AcquisitionMatrixPE": 100,
    "AcquisitionNumber": 1,
    "AcquisitionTime": "11:19:59.950000",
    "BandwidthPerPixelPhaseEncode": 13.889,
    "BaseResolution": 100,
    "ConversionSoftware": "dcm2niix",
    "ConversionSoftwareVersion": "v1.0.20180404 Clang8.0.0",
    "DerivedVendorReportedEchoSpacing": 0.000719994,
    "DeviceSerialNumber": "35002",
    "DwellTime": 2.8e-06,
    "EchoTime": 0.0436,
    "EffectiveEchoSpacing": 0.000719994,
    "FlipAngle": 55,
    "ImageComments": "Unaliased_MB8_PE3_(remote)",
    "ImageOrientationPatientDICOM": [
      0.999993,
      -0.00176828,
      0.00324401,
      -1.39331e-08,
      0.878028,
      0.478609
    ],
    "ImageType": [
      "ORIGINAL",
      "PRIMARY",
      "M",
      "MB",
      "ND",
      "MOSAIC"
    ],
    "InPlanePhaseEncodingDirectionDICOM": "COL",
    "InstitutionAddress": "University_Pkwy_1700_North_685_Provo_UT_US_84601",
    "InstitutionName": "Brigham_Young_University",
    "InstitutionalDepartmentName": "MRI",
    "MRAcquisitionType": "2D",
    "MagneticFieldStrength": 3,
    "Manufacturer": "Siemens",
    "ManufacturersModelName": "TrioTim",
    "Modality": "MR",
    "MultibandAccelerationFactor": 8,
    "PartialFourier": 1,
    "PatientPosition": "HFS",
    "PercentPhaseFOV": 100,
    "PhaseEncodingDirection": "j-",
    "PhaseEncodingSteps": 100,
    "PhaseResolution": 1,
    "PixelBandwidth": 1786,
    "ProcedureStepDescription": "Research_KIRWAN",
    "ProtocolName": "run2",
    "PulseSequenceDetails": "%CustomerSeq%_cmrr_mbep2d_bold",
    "ReceiveCoilName": "32Ch_Head",
    "ReconMatrixPE": 100,
    "RepetitionTime": 0.875,
    "SAR": 0.0982969,
    "ScanOptions": "FS",
    "ScanningSequence": "EP",
    "SequenceName": "epfid2d1_100",
    "SequenceVariant": "SK_SS",
    "SeriesDescription": "run2",
    "SeriesNumber": 4,
    "ShimSetting": [
      -2876,
      -22911,
      2374,
      1079,
      -138,
      698,
      -45,
      447
    ],
    "SliceThickness": 1.8,
    "SliceTiming": [
      0,
      0.4875,
      0.0975,
      0.585,
      0.195,
      0.6825,
      0.2925,
      0.78,
      0.39,
      0,
      0.4875,
      0.0975,
      0.585,
      0.195,
      0.6825,
      0.2925,
      0.78,
      0.39,
      0,
      0.4875,
      0.0975,
      0.585,
      0.195,
      0.6825,
      0.2925,
      0.78,
      0.39,
      0,
      0.4875,
      0.0975,
      0.585,
      0.195,
      0.6825,
      0.2925,
      0.78,
      0.39,
      0,
      0.4875,
      0.0975,
      0.585,
      0.195,
      0.6825,
      0.2925,
      0.78,
      0.39,
      0,
      0.4875,
      0.0975,
      0.585,
      0.195,
      0.6825,
      0.2925,
      0.78,
      0.39,
      0,
      0.4875,
      0.0975,
      0.585,
      0.195,
      0.6825,
      0.2925,
      0.78,
      0.39,
      0,
      0.4875,
      0.0975,
      0.585,
      0.195,
      0.6825,
      0.2925,
      0.78,
      0.39
    ],
    "SoftwareVersions": "syngo_MR_B17",
    "SpacingBetweenSlices": 1.8,
    "StationName": "MININT-E41B04",
    "TaskName": "MST",
    "TotalReadoutTime": 0.0712794,
    "TxRefAmp": 343.02,
    "dataset": "ds002168",
    "modality": "bold",
    "run_id": 2,
    "subject_id": "2259",
    "task_id": "mst"
  },
  "dummy_trs": 2,
  "dvars_nstd": 66.5903613731765,
  "dvars_std": 1.0812225625411764,
  "dvars_vstd": 1.003998532894117,
  "efc": 0.5536390229194024,
  "fber": 396.9244384765625,
  "fd_mean": 0.09712330034033352,
  "fd_num": 0,
  "fd_perc": 0.0,
  "fwhm_avg": 3.4339240919904976,
  "fwhm_x": 3.2764723090190966,
  "fwhm_y": 3.716177876222872,
  "fwhm_z": 3.3091220907295242,
  "gcor": 0.00535397,
  "gsr_x": -0.016385270282626152,
  "gsr_y": 0.07455093413591385,
  "provenance": {
    "md5sum": "09b680d0b0a7c77399fa814dd7baa0d2",
    "settings": {
      "fd_thres": 0.2,
      "testing": false
    },
    "software": "mriqc",
    "version": "23.0.1",
    "webapi_port": null,
    "webapi_url": "https://mriqc.nimh.nih.gov/api/v1"
  },
  "size_t": 426,
  "size_x": 100,
  "size_y": 100,
  "size_z": 72,
  "snr": 1.8716733684387912,
  "spacing_tr": 0.875,
  "spacing_x": 1.7999999523162842,
  "spacing_y": 1.7999999523162842,
  "spacing_z": 1.8000000715255737,
  "summary_bg_k": 24.36551527552604,
  "summary_bg_mad": 11.704206351130757,
  "summary_bg_mean": 35.43663024902344,
  "summary_bg_median": 20.342723846435547,
  "summary_bg_n": 429921.0,
  "summary_bg_p05": 11.636150360107422,
  "summary_bg_p95": 108.61267852783203,
  "summary_bg_stdv": 42.568397521972656,
  "summary_fg_k": 4.393410046140656,
  "summary_fg_mad": 157.01661497646376,
  "summary_fg_mean": 474.0950012207031,
  "summary_fg_median": 414.6103210449219,
  "summary_fg_n": 186332.0,
  "summary_fg_p05": 238.94131469726562,
  "summary_fg_p95": 926.3315673828123,
  "summary_fg_stdv": 221.51792907714844,
  "tsnr": 24.44499849807471
}