{
  "aor": 0.00044186915887850465,
  "aqi": 0.010039764345794393,
  "bids_meta": {
    "AcquisitionMatrixPE": 100,
    "AcquisitionNumber": 1,
    "AcquisitionTime": "11:39:59.615000",
    "BandwidthPerPixelPhaseEncode": 13.889,
    "BaseResolution": 100,
    "ConversionSoftware": "dcm2niix",
    "ConversionSoftwareVersion": "v1.0.20180404 Clang8.0.0",
    "DerivedVendorReportedEchoSpacing": 0.000719994,
    "DeviceSerialNumber": "35002",
    "DwellTime": 2.8e-06,
    "EchoTime": 0.0436,
    "EffectiveEchoSpacing": 0.000719994,
    "FlipAngle": 55,
    "ImageComments": "Unaliased_MB8_PE3_(remote)",
    "ImageOrientationPatientDICOM": [
      0.999993,
      -0.00176828,
      0.00324401,
      -1.39331e-08,
      0.878028,
      0.478609
    ],
    "ImageType": [
      "ORIGINAL",
      "PRIMARY",
      "M",
      "MB",
      "ND",
      "MOSAIC"
    ],
    "InPlanePhaseEncodingDirectionDICOM": "COL",
    "InstitutionAddress": "University_Pkwy_1700_North_685_Provo_UT_US_84601",
    "InstitutionName": "Brigham_Young_University",
    "InstitutionalDepartmentName": "MRI",
    "MRAcquisitionType": "2D",
    "MagneticFieldStrength": 3,
    "Manufacturer": "Siemens",
    "ManufacturersModelName": "TrioTim",
    "Modality": "MR",
    "MultibandAccelerationFactor": 8,
    "PartialFourier": 1,
    "PatientPosition": "HFS",
    "PercentPhaseFOV": 100,
    "PhaseEncodingDirection": "j-",
    "PhaseEncodingSteps": 100,
    "PhaseResolution": 1,
    "PixelBandwidth": 1786,
    "ProcedureStepDescription": "Research_KIRWAN",
    "ProtocolName": "run5",
    "PulseSequenceDetails": "%CustomerSeq%_cmrr_mbep2d_bold",
    "ReceiveCoilName": "32Ch_Head",
    "ReconMatrixPE": 100,
    "RepetitionTime": 0.875,
    "SAR": 0.101928,
    "ScanOptions": "FS",
    "ScanningSequence": "EP",
    "SequenceName": "epfid2d1_100",
    "SequenceVariant": "SK_SS",
    "SeriesDescription": "run5",
    "SeriesNumber": 7,
    "ShimSetting": [
      -2876,
      -22911,
      2374,
      1079,
      -138,
      698,
      -45,
      447
    ],
    "SliceThickness": 1.8,
    "SliceTiming": [
      0,
      0.4875,
      0.0975,
      0.585,
      0.195,
      0.6825,
      0.2925,
      0.78,
      0.39,
      0,
      0.4875,
      0.0975,
      0.585,
      0.195,
      0.6825,
      0.2925,
      0.78,
      0.39,
      0,
      0.4875,
      0.0975,
      0.585,
      0.195,
      0.6825,
      0.2925,
      0.78,
      0.39,
      0,
      0.4875,
      0.0975,
      0.585,
      0.195,
      0.6825,
      0.2925,
      0.78,
      0.39,
      0,
      0.4875,
      0.0975,
      0.585,
      0.195,
      0.6825,
      0.2925,
      0.78,
      0.39,
      0,
      0.4875,
      0.0975,
      0.585,
      0.195,
      0.6825,
      0.2925,
      0.78,
      0.39,
      0,
      0.4875,
      0.0975,
      0.585,
      0.195,
      0.6825,
      0.2925,
      0.78,
      0.39,
      0,
      0.4875,
      0.0975,
      0.585,
      0.195,
      0.6825,
      0.2925,
      0.78,
      0.39
    ],
    "SoftwareVersions": "syngo_MR_B17",
    "SpacingBetweenSlices": 1.8,
    "StationName": "MININT-E41B04",
    "TaskName": "MST",
    "TotalReadoutTime": 0.0712794,
    "TxRefAmp": 343.02,
    "dataset": "ds002168",
    "modality": "bold",
    "run_id": 5,
    "subject_id": "2259",
    "task_id": "mst"
  },
  "dummy_trs": 0,
  "dvars_nstd": 66.36181931868852,
  "dvars_std": 1.0770689740515225,
  "dvars_vstd": 1.0016916668149876,
  "efc": 0.5540565157894132,
  "fber": 390.0692443847656,
  "fd_mean": 0.08984131949531451,
  "fd_num": 3,
  "fd_perc": 0.7009345794392523,
  "fwhm_avg": 3.42109446249477,
  "fwhm_x": 3.27531675343293,
  "fwhm_y": 3.7003056535801795,
  "fwhm_z": 3.2876609804712014,
  "gcor": 0.00465397,
  "gsr_x": -0.015653852373361588,
  "gsr_y": 0.0750695988535881,
  "provenance": {
    "md5sum": "fccdd9c46c57e27693b9cc7a3e36a3df",
    "settings": {
      "fd_thres": 0.2,
      "testing": false
    },
    "software": "mriqc",
    "version": "23.0.1",
    "webapi_port": null,
    "webapi_url": "https://mriqc.nimh.nih.gov/api/v1"
  },
  "size_t": 428,
  "size_x": 100,
  "size_y": 100,
  "size_z": 72,
  "snr": 1.8780749677972894,
  "spacing_tr": 0.875,
  "spacing_x": 1.7999999523162842,
  "spacing_y": 1.7999999523162842,
  "spacing_z": 1.8000000715255737,
  "summary_bg_k": 23.730564115520334,
  "summary_bg_mad": 11.943953396050961,
  "summary_bg_mean": 36.0900764465332,
  "summary_bg_median": 20.55841064453125,
  "summary_bg_n": 431227.0,
  "summary_bg_p05": 11.672896385192871,
  "summary_bg_p95": 111.73527679443349,
  "summary_bg_stdv": 43.5747184753418,
  "summary_fg_k": 4.402092418611048,
  "summary_fg_mad": 156.86486180749196,
  "summary_fg_mean": 474.7475280761719,
  "summary_fg_median": 415.5233459472656,
  "summary_fg_n": 185165.0,
  "summary_fg_p05": 240.48877868652343,
  "summary_fg_p95": 925.6480834960932,
  "summary_fg_stdv": 221.24900817871094,
  "tsnr": 24.294276629807428
}