{
  "aor": 0.0002927058823529412,
  "aqi": 0.009448766752941179,
  "bids_meta": {
    "AcquisitionMatrixPE": 100,
    "AcquisitionNumber": 1,
    "AcquisitionTime": "11:33:19.690000",
    "BandwidthPerPixelPhaseEncode": 13.889,
    "BaseResolution": 100,
    "ConversionSoftware": "dcm2niix",
    "ConversionSoftwareVersion": "v1.0.20180404 Clang8.0.0",
    "DerivedVendorReportedEchoSpacing": 0.000719994,
    "DeviceSerialNumber": "35002",
    "DwellTime": 2.8e-06,
    "EchoTime": 0.0436,
    "EffectiveEchoSpacing": 0.000719994,
    "FlipAngle": 55,
    "ImageComments": "Unaliased_MB8_PE3_(remote)",
    "ImageOrientationPatientDICOM": [
      0.999993,
      -0.00176828,
      0.00324401,
      -1.39331e-08,
      0.878028,
      0.478609
    ],
    "ImageType": [
      "ORIGINAL",
      "PRIMARY",
      "M",
      "MB",
      "ND",
      "MOSAIC"
    ],
    "InPlanePhaseEncodingDirectionDICOM": "COL",
    "InstitutionAddress": "University_Pkwy_1700_North_685_Provo_UT_US_84601",
    "InstitutionName": "Brigham_Young_University",
    "InstitutionalDepartmentName": "MRI",
    "MRAcquisitionType": "2D",
    "MagneticFieldStrength": 3,
    "Manufacturer": "Siemens",
    "ManufacturersModelName": "TrioTim",
    "Modality": "MR",
    "MultibandAccelerationFactor": 8,
    "PartialFourier": 1,
    "PatientPosition": "HFS",
    "PercentPhaseFOV": 100,
    "PhaseEncodingDirection": "j-",
    "PhaseEncodingSteps": 100,
    "PhaseResolution": 1,
    "PixelBandwidth": 1786,
    "ProcedureStepDescription": "Research_KIRWAN",
    "ProtocolName": "run4",
    "PulseSequenceDetails": "%CustomerSeq%_cmrr_mbep2d_bold",
    "ReceiveCoilName": "32Ch_Head",
    "ReconMatrixPE": 100,
    "RepetitionTime": 0.875,
    "SAR": 0.101586,
    "ScanOptions": "FS",
    "ScanningSequence": "EP",
    "SequenceName": "epfid2d1_100",
    "SequenceVariant": "SK_SS",
    "SeriesDescription": "run4",
    "SeriesNumber": 6,
    "ShimSetting": [
      -2876,
      -22911,
      2374,
      1079,
      -138,
      698,
      -45,
      447
    ],
    "SliceThickness": 1.8,
    "SliceTiming": [
      0,
      0.49,
      0.0975,
      0.5875,
      0.1975,
      0.685,
      0.295,
      0.7825,
      0.3925,
      0,
      0.49,
      0.0975,
      0.5875,
      0.1975,
      0.685,
      0.295,
      0.7825,
      0.3925,
      0,
      0.49,
      0.0975,
      0.5875,
      0.1975,
      0.685,
      0.295,
      0.7825,
      0.3925,
      0,
      0.49,
      0.0975,
      0.5875,
      0.1975,
      0.685,
      0.295,
      0.7825,
      0.3925,
      0,
      0.49,
      0.0975,
      0.5875,
      0.1975,
      0.685,
      0.295,
      0.7825,
      0.3925,
      0,
      0.49,
      0.0975,
      0.5875,
      0.1975,
      0.685,
      0.295,
      0.7825,
      0.3925,
      0,
      0.49,
      0.0975,
      0.5875,
      0.1975,
      0.685,
      0.295,
      0.7825,
      0.3925,
      0,
      0.49,
      0.0975,
      0.5875,
      0.1975,
      0.685,
      0.295,
      0.7825,
      0.3925
    ],
    "SoftwareVersions": "syngo_MR_B17",
    "SpacingBetweenSlices": 1.8,
    "StationName": "MININT-E41B04",
    "TaskName": "MST",
    "TotalReadoutTime": 0.0712794,
    "TxRefAmp": 343.02,
    "dataset": "ds002168",
    "modality": "bold",
    "run_id": 4,
    "subject_id": "2259",
    "task_id": "mst"
  },
  "dummy_trs": 3,
  "dvars_nstd": 66.59975416268863,
  "dvars_std": 1.0805914484198107,
  "dvars_vstd": 1.0032750181367924,
  "efc": 0.55369346552565,
  "fber": 395.0445251464844,
  "fd_mean": 0.09548674493007063,
  "fd_num": 0,
  "fd_perc": 0.0,
  "fwhm_avg": 3.422016684579043,
  "fwhm_x": 3.2728723089237293,
  "fwhm_y": 3.698161209078927,
  "fwhm_z": 3.295016535734473,
  "gcor": 0.00403517,
  "gsr_x": -0.015865765511989594,
  "gsr_y": 0.07438581436872482,
  "provenance": {
    "md5sum": "7f8b889f54ce508950863a59c890fc8b",
    "settings": {
      "fd_thres": 0.2,
      "testing": false
    },
    "software": "mriqc",
    "version": "23.0.1",
    "webapi_port": null,
    "webapi_url": "https://mriqc.nimh.nih.gov/api/v1"
  },
  "size_t": 425,
  "size_x": 100,
  "size_y": 100,
  "size_z": 72,
  "snr": 1.8695293054387645,
  "spacing_tr": 0.875,
  "spacing_x": 1.7999999523162842,
  "spacing_y": 1.7999999523162842,
  "spacing_z": 1.8000000715255737,
  "summary_bg_k": 24.187862808447385,
  "summary_bg_mad": 11.892213834033734,
  "summary_bg_mean": 36.0119743347168,
  "summary_bg_median": 20.496469497680664,
  "summary_bg_n": 430618.0,
  "summary_bg_p05": 11.611763954162598,
  "summary_bg_p95": 111.25952568054183,
  "summary_bg_stdv": 43.61634063720703,
  "summary_fg_k": 4.431491893605406,
  "summary_fg_mad": 158.23202031382357,
  "summary_fg_mean": 475.966796875,
  "summary_fg_median": 416.40234375,
  "summary_fg_n": 185956.0,
  "summary_fg_p05": 239.58057403564453,
  "summary_fg_p95": 929.0481872558594,
  "summary_fg_stdv": 222.7305145263672,
  "tsnr": 24.97675489867106
}