{
  "aor": 0.00022889929742388757,
  "aqi": 0.016338469789227164,
  "bids_meta": {
    "AcquisitionMatrixPE": 100,
    "AcquisitionNumber": 1,
    "AcquisitionTime": "09:19:51.487500",
    "BandwidthPerPixelPhaseEncode": 13.889,
    "BaseResolution": 100,
    "ConversionSoftware": "dcm2niix",
    "ConversionSoftwareVersion": "v1.0.20180404 Clang8.0.0",
    "DerivedVendorReportedEchoSpacing": 0.000719994,
    "DeviceSerialNumber": "35002",
    "DwellTime": 2.8e-06,
    "EchoTime": 0.0436,
    "EffectiveEchoSpacing": 0.000719994,
    "FlipAngle": 55,
    "ImageComments": "Unaliased_MB8_PE3_(remote)",
    "ImageOrientationPatientDICOM": [
      0.999998,
      -0.00099392,
      0.00174966,
      2.07109e-08,
      0.869505,
      0.493924
    ],
    "ImageType": [
      "ORIGINAL",
      "PRIMARY",
      "M",
      "ND",
      "MOSAIC"
    ],
    "InPlanePhaseEncodingDirectionDICOM": "COL",
    "InstitutionAddress": "University_Pkwy_1700_North_685_Provo_UT_US_84601",
    "InstitutionName": "Brigham_Young_University",
    "InstitutionalDepartmentName": "MRI",
    "MRAcquisitionType": "2D",
    "MagneticFieldStrength": 3,
    "Manufacturer": "Siemens",
    "ManufacturersModelName": "TrioTim",
    "Modality": "MR",
    "MultibandAccelerationFactor": 8,
    "PartialFourier": 1,
    "PatientPosition": "HFS",
    "PercentPhaseFOV": 100,
    "PhaseEncodingDirection": "j-",
    "PhaseEncodingSteps": 100,
    "PhaseResolution": 1,
    "PixelBandwidth": 1786,
    "ProcedureStepDescription": "Research_KIRWAN",
    "ProtocolName": "run1",
    "PulseSequenceDetails": "%CustomerSeq%_cmrr_mbep2d_bold",
    "ReceiveCoilName": "32Ch_Head",
    "ReconMatrixPE": 100,
    "RepetitionTime": 0.875,
    "SAR": 0.110957,
    "ScanOptions": "FS",
    "ScanningSequence": "EP",
    "SequenceName": "epfid2d1_100",
    "SequenceVariant": "SK",
    "SeriesDescription": "run1",
    "SeriesNumber": 3,
    "ShimSetting": [
      -2641,
      -23144,
      2503,
      961,
      19,
      20,
      140,
      -119
    ],
    "SliceThickness": 1.8,
    "SliceTiming": [
      0,
      0.4875,
      0.0975,
      0.585,
      0.195,
      0.6825,
      0.2925,
      0.78,
      0.39,
      0,
      0.4875,
      0.0975,
      0.585,
      0.195,
      0.6825,
      0.2925,
      0.78,
      0.39,
      0,
      0.4875,
      0.0975,
      0.585,
      0.195,
      0.6825,
      0.2925,
      0.78,
      0.39,
      0,
      0.4875,
      0.0975,
      0.585,
      0.195,
      0.6825,
      0.2925,
      0.78,
      0.39,
      0,
      0.4875,
      0.0975,
      0.585,
      0.195,
      0.6825,
      0.2925,
      0.78,
      0.39,
      0,
      0.4875,
      0.0975,
      0.585,
      0.195,
      0.6825,
      0.2925,
      0.78,
      0.39,
      0,
      0.4875,
      0.0975,
      0.585,
      0.195,
      0.6825,
      0.2925,
      0.78,
      0.39,
      0,
      0.4875,
      0.0975,
      0.585,
      0.195,
      0.6825,
      0.2925,
      0.78,
      0.39
    ],
    "SoftwareVersions": "syngo_MR_B17",
    "SpacingBetweenSlices": 1.8,
    "StationName": "MININT-E41B04",
    "TaskName": "MST",
    "TotalReadoutTime": 0.0712794,
    "TxRefAmp": 338.876,
    "dataset": "ds002168",
    "modality": "bold",
    "run_id": 1,
    "subject_id": "1425",
    "task_id": "mst"
  },
  "dummy_trs": 1,
  "dvars_nstd": 74.20363890955392,
  "dvars_std": 1.04624098185446,
  "dvars_vstd": 1.0007176582629111,
  "efc": 0.5876956464575964,
  "fber": 288.07275390625,
  "fd_mean": 0.10082633510962595,
  "fd_num": 0,
  "fd_perc": 0.0,
  "fwhm_avg": 2.962938967379967,
  "fwhm_x": 2.70536673833441,
  "fwhm_y": 3.315761198948786,
  "fwhm_z": 2.867688964856703,
  "gcor": 0.00134889,
  "gsr_x": -0.015591209754347801,
  "gsr_y": 0.08491842448711395,
  "provenance": {
    "md5sum": "e9cd9ebcd4327345362a762bae3780e6",
    "settings": {
      "fd_thres": 0.2,
      "testing": false
    },
    "software": "mriqc",
    "version": "23.0.1",
    "webapi_port": null,
    "webapi_url": "https://mriqc.nimh.nih.gov/api/v1"
  },
  "size_t": 427,
  "size_x": 100,
  "size_y": 100,
  "size_z": 72,
  "snr": 2.3921521864269697,
  "spacing_tr": 0.875,
  "spacing_x": 1.7999999523162842,
  "spacing_y": 1.7999999523162842,
  "spacing_z": 1.7999999523162842,
  "summary_bg_k": 60.32565428966595,
  "summary_bg_mad": 10.826121240317317,
  "summary_bg_mean": 31.828174591064453,
  "summary_bg_median": 18.789226531982422,
  "summary_bg_n": 425274.0,
  "summary_bg_p05": 10.430912971496582,
  "summary_bg_p95": 93.23419189453125,
  "summary_bg_stdv": 43.30536651611328,
  "summary_fg_k": 3.1057311644074845,
  "summary_fg_mad": 103.43494187300408,
  "summary_fg_mean": 355.8055725097656,
  "summary_fg_median": 327.42388916015625,
  "summary_fg_n": 188338.0,
  "summary_fg_p05": 191.26720962524413,
  "summary_fg_p95": 622.4964599609375,
  "summary_fg_stdv": 136.8738250732422,
  "tsnr": 20.271045816480182
}