{
  "aor": 0.0002488551401869159,
  "aqi": 0.015285725934579438,
  "bids_meta": {
    "AcquisitionMatrixPE": 100,
    "AcquisitionNumber": 1,
    "AcquisitionTime": "09:53:30.240000",
    "BandwidthPerPixelPhaseEncode": 13.889,
    "BaseResolution": 100,
    "ConversionSoftware": "dcm2niix",
    "ConversionSoftwareVersion": "v1.0.20180404 Clang8.0.0",
    "DerivedVendorReportedEchoSpacing": 0.000719994,
    "DeviceSerialNumber": "35002",
    "DwellTime": 2.8e-06,
    "EchoTime": 0.0436,
    "EffectiveEchoSpacing": 0.000719994,
    "FlipAngle": 55,
    "ImageComments": "Unaliased_MB8_PE3_(remote)",
    "ImageOrientationPatientDICOM": [
      0.999998,
      -0.00099392,
      0.00174966,
      2.07109e-08,
      0.869505,
      0.493924
    ],
    "ImageType": [
      "ORIGINAL",
      "PRIMARY",
      "M",
      "ND",
      "MOSAIC"
    ],
    "InPlanePhaseEncodingDirectionDICOM": "COL",
    "InstitutionAddress": "University_Pkwy_1700_North_685_Provo_UT_US_84601",
    "InstitutionName": "Brigham_Young_University",
    "InstitutionalDepartmentName": "MRI",
    "MRAcquisitionType": "2D",
    "MagneticFieldStrength": 3,
    "Manufacturer": "Siemens",
    "ManufacturersModelName": "TrioTim",
    "Modality": "MR",
    "MultibandAccelerationFactor": 8,
    "PartialFourier": 1,
    "PatientPosition": "HFS",
    "PercentPhaseFOV": 100,
    "PhaseEncodingDirection": "j-",
    "PhaseEncodingSteps": 100,
    "PhaseResolution": 1,
    "PixelBandwidth": 1786,
    "ProcedureStepDescription": "Research_KIRWAN",
    "ProtocolName": "run6",
    "PulseSequenceDetails": "%CustomerSeq%_cmrr_mbep2d_bold",
    "ReceiveCoilName": "32Ch_Head",
    "ReconMatrixPE": 100,
    "RepetitionTime": 0.875,
    "SAR": 0.117256,
    "ScanOptions": "FS",
    "ScanningSequence": "EP",
    "SequenceName": "epfid2d1_100",
    "SequenceVariant": "SK",
    "SeriesDescription": "run6",
    "SeriesNumber": 8,
    "ShimSetting": [
      -2641,
      -23144,
      2503,
      961,
      19,
      20,
      140,
      -119
    ],
    "SliceThickness": 1.8,
    "SliceTiming": [
      0,
      0.4875,
      0.0975,
      0.585,
      0.195,
      0.6825,
      0.2925,
      0.78,
      0.39,
      0,
      0.4875,
      0.0975,
      0.585,
      0.195,
      0.6825,
      0.2925,
      0.78,
      0.39,
      0,
      0.4875,
      0.0975,
      0.585,
      0.195,
      0.6825,
      0.2925,
      0.78,
      0.39,
      0,
      0.4875,
      0.0975,
      0.585,
      0.195,
      0.6825,
      0.2925,
      0.78,
      0.39,
      0,
      0.4875,
      0.0975,
      0.585,
      0.195,
      0.6825,
      0.2925,
      0.78,
      0.39,
      0,
      0.4875,
      0.0975,
      0.585,
      0.195,
      0.6825,
      0.2925,
      0.78,
      0.39,
      0,
      0.4875,
      0.0975,
      0.585,
      0.195,
      0.6825,
      0.2925,
      0.78,
      0.39,
      0,
      0.4875,
      0.0975,
      0.585,
      0.195,
      0.6825,
      0.2925,
      0.78,
      0.39
    ],
    "SoftwareVersions": "syngo_MR_B17",
    "SpacingBetweenSlices": 1.8,
    "StationName": "MININT-E41B04",
    "TaskName": "MST",
    "TotalReadoutTime": 0.0712794,
    "TxRefAmp": 338.876,
    "dataset": "ds002168",
    "modality": "bold",
    "run_id": 6,
    "subject_id": "1425",
    "task_id": "mst"
  },
  "dummy_trs": 0,
  "dvars_nstd": 75.32004547088994,
  "dvars_std": 1.0505470625761129,
  "dvars_vstd": 1.001349519882904,
  "efc": 0.5879092782205135,
  "fber": 269.6452331542969,
  "fd_mean": 0.09518504423345645,
  "fd_num": 0,
  "fd_perc": 0.0,
  "fwhm_avg": 2.989029708811876,
  "fwhm_x": 2.749677850619365,
  "fwhm_y": 3.319466754602505,
  "fwhm_z": 2.8979445212137573,
  "gcor": 0.00340796,
  "gsr_x": -0.016314435750246048,
  "gsr_y": 0.08684233576059341,
  "provenance": {
    "md5sum": "d38473dc217865aa41aeed6c0ba32772",
    "settings": {
      "fd_thres": 0.2,
      "testing": false
    },
    "software": "mriqc",
    "version": "23.0.1",
    "webapi_port": null,
    "webapi_url": "https://mriqc.nimh.nih.gov/api/v1"
  },
  "size_t": 428,
  "size_x": 100,
  "size_y": 100,
  "size_z": 72,
  "snr": 2.3534917408535763,
  "spacing_tr": 0.875,
  "spacing_x": 1.7999999523162842,
  "spacing_y": 1.7999999523162842,
  "spacing_z": 1.7999999523162842,
  "summary_bg_k": 56.76987437891944,
  "summary_bg_mad": 11.60447976986661,
  "summary_bg_mean": 33.58536148071289,
  "summary_bg_median": 19.51869010925293,
  "summary_bg_n": 426771.0,
  "summary_bg_p05": 10.560747146606445,
  "summary_bg_p95": 100.77569580078125,
  "summary_bg_stdv": 46.23296356201172,
  "summary_fg_k": 3.2603667830196894,
  "summary_fg_mad": 105.52975999173549,
  "summary_fg_mean": 360.66015625,
  "summary_fg_median": 330.20440673828125,
  "summary_fg_n": 185598.0,
  "summary_fg_p05": 195.9852767944336,
  "summary_fg_p95": 638.0205596923827,
  "summary_fg_stdv": 140.3036651611328,
  "tsnr": 20.81213076459244
}