{
  "bids_meta": {
    "AcquisitionMatrixPE": 256,
    "AcquisitionNumber": 1,
    "AcquisitionTime": "13:50:23.210000",
    "BaseResolution": 256,
    "ConversionSoftware": "dcm2niix",
    "ConversionSoftwareVersion": "v1.0.20180404 Clang8.0.0",
    "DeviceSerialNumber": "35002",
    "DwellTime": 1.03e-05,
    "EchoTime": 0.00492,
    "FlipAngle": 25,
    "ImageOrientationPatientDICOM": [
      0.0871558,
      0.996195,
      0,
      0,
      0,
      -1
    ],
    "ImageType": [
      "ORIGINAL",
      "PRIMARY",
      "M",
      "ND",
      "NORM"
    ],
    "InPlanePhaseEncodingDirectionDICOM": "ROW",
    "InstitutionAddress": "University_Pkwy_1700_North_685_Provo_UT_US_84601",
    "InstitutionName": "Brigham_Young_University",
    "InstitutionalDepartmentName": "MRI",
    "MRAcquisitionType": "3D",
    "MagneticFieldStrength": 3,
    "Manufacturer": "Siemens",
    "ManufacturersModelName": "TrioTim",
    "Modality": "MR",
    "ParallelReductionFactorInPlane": 2,
    "PartialFourier": 1,
    "PatientPosition": "HFS",
    "PercentPhaseFOV": 100,
    "PhaseEncodingSteps": 255,
    "PhaseResolution": 1,
    "PixelBandwidth": 190,
    "ProcedureStepDescription": "Research_KIRWAN",
    "ProtocolName": "t1_fl3d_sag_no3Daccel_iso_1.0_1avg",
    "PulseSequenceDetails": "%SiemensSeq%_gre",
    "ReceiveCoilName": "32Ch_Head",
    "ReconMatrixPE": 256,
    "RepetitionTime": 0.02,
    "SAR": 0.190902,
    "ScanningSequence": "GR",
    "SequenceName": "_fl3d1_ns",
    "SequenceVariant": "SP",
    "SeriesDescription": "t1_fl3d_sag_no3Daccel_iso_1.0_1avg",
    "SeriesNumber": 9,
    "ShimSetting": [
      -2655,
      -23109,
      2059,
      81,
      -13,
      -145,
      -152,
      15
    ],
    "SliceThickness": 1,
    "SoftwareVersions": "syngo_MR_B17",
    "StationName": "MININT-E41B04",
    "TxRefAmp": 317.255,
    "dataset": "ds002168",
    "modality": "T1w",
    "subject_id": "1544"
  },
  "cjv": 0.48012474304516967,
  "cnr": 2.7844548129548192,
  "efc": 0.5723827932446783,
  "fber": 6150.970791015626,
  "fwhm_avg": 3.3150234764686464,
  "fwhm_x": 3.2190204294059397,
  "fwhm_y": 3.56466,
  "fwhm_z": 3.16139,
  "icvs_csf": 0.17445276197244933,
  "icvs_gm": 0.41067047662355943,
  "icvs_wm": 0.4148767614039912,
  "inu_med": 0.35612156987190247,
  "inu_range": 0.13897591233253476,
  "provenance": {
    "md5sum": "d5ae3a52b0fcbbdbb8243368598e2b24",
    "settings": {
      "testing": false
    },
    "software": "mriqc",
    "version": "23.0.1",
    "warnings": {
      "large_rot_frame": true,
      "small_air_mask": false
    },
    "webapi_port": null,
    "webapi_url": "https://mriqc.nimh.nih.gov/api/v1"
  },
  "qi_1": 0.0,
  "qi_2": 0.01735306037152409,
  "rpve_csf": 28.183232151146807,
  "rpve_gm": 12.462823725142309,
  "rpve_wm": 14.282615712496881,
  "size_x": 192,
  "size_y": 256,
  "size_z": 256,
  "snr_csf": 3.1206479986652713,
  "snr_gm": 16.258751401756122,
  "snr_total": 14.09539692435636,
  "snr_wm": 22.906791372647685,
  "snrd_csf": 44.19534880262451,
  "snrd_gm": 91.89571186999083,
  "snrd_total": 82.98735488849877,
  "snrd_wm": 112.87100399288097,
  "spacing_x": 1.000006079673767,
  "spacing_y": 1.0,
  "spacing_z": 1.0,
  "summary_bg_k": 4.496609284832563,
  "summary_bg_mad": 5.804475032324582,
  "summary_bg_mean": 6.04743660363982,
  "summary_bg_median": 3.9150589145720005,
  "summary_bg_n": 3157219.0,
  "summary_bg_p05": 0.0,
  "summary_bg_p95": 18.792282789945602,
  "summary_bg_stdv": 6.404670996376942,
  "summary_csf_k": 2.8909488598407957,
  "summary_csf_mad": 92.73229311641752,
  "summary_csf_mean": 394.44526222409513,
  "summary_csf_median": 391.5685323998332,
  "summary_csf_n": 38031.0,
  "summary_csf_p05": 139.47005877271295,
  "summary_csf_p95": 591.2052165716887,
  "summary_csf_stdv": 125.47502458323852,
  "summary_gm_k": 0.4070357156927047,
  "summary_gm_mad": 47.89852796674245,
  "summary_gm_mean": 813.7352526882117,
  "summary_gm_median": 814.1913121100515,
  "summary_gm_n": 19078.0,
  "summary_gm_p05": 731.3909481139854,
  "summary_gm_p95": 895.3630115976556,
  "summary_gm_stdv": 50.07579937875348,
  "summary_wm_k": 0.646861250577242,
  "summary_wm_mad": 41.32786223015102,
  "summary_wm_mean": 1003.6835742554726,
  "summary_wm_median": 1000.0313286669552,
  "summary_wm_n": 241519.0,
  "summary_wm_p05": 939.1725208517164,
  "summary_wm_p95": 1081.2766312621534,
  "summary_wm_stdv": 43.65645288774753,
  "tpm_overlap_csf": 0.16671218703055915,
  "tpm_overlap_gm": 0.4405061539127102,
  "tpm_overlap_wm": 0.4921568716426457,
  "wm2max": 0.6725859453993933
}