{
  "bids_meta": {
    "AcquisitionMatrixPE": 512,
    "AcquisitionNumber": 1,
    "AcquisitionTime": "14:15:27.490000",
    "BaseResolution": 512,
    "ConversionSoftware": "dcm2niix",
    "ConversionSoftwareVersion": "v1.0.20180404 Clang8.0.0",
    "DeviceSerialNumber": "35002",
    "DwellTime": 5e-06,
    "EchoTime": 0.064,
    "EchoTrainLength": 15,
    "FlipAngle": 128,
    "ImageOrientationPatientDICOM": [
      0.998106,
      -0.0615145,
      -1.79668e-09,
      0.0279968,
      0.454263,
      -0.890428
    ],
    "ImageType": [
      "ORIGINAL",
      "PRIMARY",
      "M",
      "ND"
    ],
    "InPlanePhaseEncodingDirectionDICOM": "ROW",
    "InstitutionAddress": "University_Pkwy_1700_North_685_Provo_UT_US_84601",
    "InstitutionName": "Brigham_Young_University",
    "InstitutionalDepartmentName": "MRI",
    "MRAcquisitionType": "2D",
    "MagneticFieldStrength": 3,
    "Manufacturer": "Siemens",
    "ManufacturersModelName": "TrioTim",
    "Modality": "MR",
    "PartialFourier": 1,
    "PatientPosition": "HFS",
    "PercentPhaseFOV": 100,
    "PhaseEncodingDirection": "i",
    "PhaseEncodingSteps": 720,
    "PhaseOversampling": 0.4,
    "PhaseResolution": 1,
    "PixelBandwidth": 195,
    "ProcedureStepDescription": "Research_KIRWAN",
    "ProtocolName": "HHR_struct_MODIFIED",
    "PulseSequenceDetails": "%SiemensSeq%_tse",
    "ReceiveCoilName": "32Ch_Head",
    "ReconMatrixPE": 512,
    "RepetitionTime": 6,
    "SAR": 0.89873,
    "ScanningSequence": "SE",
    "SequenceName": "_tse2d1_15",
    "SequenceVariant": "SK_SP_OSP",
    "SeriesDescription": "HHR_struct_MODIFIED",
    "SeriesNumber": 16,
    "ShimSetting": [
      -2664,
      -23034,
      2519,
      1091,
      67,
      20,
      331,
      -75
    ],
    "SliceThickness": 2,
    "SoftwareVersions": "syngo_MR_B17",
    "SpacingBetweenSlices": 2,
    "StationName": "MININT-E41B04",
    "TxRefAmp": 317.255,
    "dataset": "ds002168",
    "modality": "T2w",
    "subject_id": "1544"
  },
  "cjv": 1.8057790377106755,
  "cnr": 0.77769075457263,
  "efc": 0.6674619709062503,
  "fber": 4291.332712929445,
  "fwhm_avg": 5.993211152471713,
  "fwhm_x": 6.5158911999999996,
  "fwhm_y": 4.213105457415141,
  "fwhm_z": 7.2506368,
  "icvs_csf": 0.41642609614694104,
  "icvs_gm": 0.46539182344003294,
  "icvs_wm": 0.11818208041302601,
  "inu_med": 0.9689927697181702,
  "inu_range": 1.678528833389279,
  "provenance": {
    "md5sum": "0f2a84a527c59254928fad49cd173a2c",
    "settings": {
      "testing": false
    },
    "software": "mriqc",
    "version": "23.0.1",
    "warnings": {
      "large_rot_frame": false,
      "small_air_mask": false
    },
    "webapi_port": null,
    "webapi_url": "https://mriqc.nimh.nih.gov/api/v1"
  },
  "qi_1": 0.0,
  "qi_2": 0.0006390789227616654,
  "rpve_csf": 4.827049310860867,
  "rpve_gm": 4.680070630488722,
  "rpve_wm": 17.8891289616091,
  "size_x": 512,
  "size_y": 35,
  "size_z": 512,
  "snr_csf": 10.548933543022939,
  "snr_gm": 8.392778178323875,
  "snr_total": 6.893099014868383,
  "snr_wm": 1.737585323258338,
  "snrd_csf": 74.44868595259186,
  "snrd_gm": 48.66533916115176,
  "snrd_total": 70.59619881409849,
  "snrd_wm": 88.67457132855182,
  "spacing_x": 0.390625,
  "spacing_y": 2.000004529953003,
  "spacing_z": 0.390625,
  "summary_bg_k": 281.96002278799557,
  "summary_bg_mad": 5.355352105176871,
  "summary_bg_mean": 9.009568867661331,
  "summary_bg_median": 3.6121301036328077,
  "summary_bg_n": 2357939.0,
  "summary_bg_p05": 0.0,
  "summary_bg_p95": 30.52109932526946,
  "summary_bg_stdv": 24.122893175121856,
  "summary_csf_k": 0.3372930659796878,
  "summary_csf_mad": 55.338638420161,
  "summary_csf_mean": 613.9205706900854,
  "summary_csf_median": 608.5739199407399,
  "summary_csf_n": 908648.0,
  "summary_csf_p05": 528.6030395068228,
  "summary_csf_p95": 716.9098220411688,
  "summary_csf_stdv": 57.69053170918393,
  "summary_gm_k": 0.03680825737951832,
  "summary_gm_mad": 47.86605408735606,
  "summary_gm_mean": 397.7359601439011,
  "summary_gm_median": 397.81032854504883,
  "summary_gm_n": 1088481.0,
  "summary_gm_p05": 319.8555207271129,
  "summary_gm_p95": 474.4770899694413,
  "summary_gm_stdv": 47.39910162715561,
  "summary_wm_k": -1.7294714024211648,
  "summary_wm_mad": 542.7171943486607,
  "summary_wm_mean": 556.852798534332,
  "summary_wm_median": 724.862108470872,
  "summary_wm_n": 288869.0,
  "summary_wm_p05": 23.15683407522738,
  "summary_wm_p95": 1084.759071432054,
  "summary_wm_stdv": 417.16561719979745,
  "tpm_overlap_csf": 0.10160686223572218,
  "tpm_overlap_gm": 0.2944494027025983,
  "tpm_overlap_wm": 0.04797035520918467,
  "wm2max": 0.6019885294756483
}