{
  "aor": 0.00035438967136150235,
  "aqi": 0.0184438058685446,
  "bids_meta": {
    "AcquisitionMatrixPE": 100,
    "AcquisitionNumber": 1,
    "AcquisitionTime": "09:44:42.057500",
    "BandwidthPerPixelPhaseEncode": 13.889,
    "BaseResolution": 100,
    "ConversionSoftware": "dcm2niix",
    "ConversionSoftwareVersion": "v1.0.20180404 Clang8.0.0",
    "DerivedVendorReportedEchoSpacing": 0.000719994,
    "DeviceSerialNumber": "35002",
    "DwellTime": 2.8e-06,
    "EchoTime": 0.0436,
    "EffectiveEchoSpacing": 0.000719994,
    "FlipAngle": 55,
    "ImageComments": "Unaliased_MB8_PE3_(remote)",
    "ImageOrientationPatientDICOM": [
      0.999999,
      -0.0005872,
      0.00104649,
      -1.46659e-08,
      0.872086,
      0.489352
    ],
    "ImageType": [
      "ORIGINAL",
      "PRIMARY",
      "M",
      "MB",
      "ND",
      "MOSAIC"
    ],
    "InPlanePhaseEncodingDirectionDICOM": "COL",
    "InstitutionAddress": "University_Pkwy_1700_North_685_Provo_UT_US_84601",
    "InstitutionName": "Brigham_Young_University",
    "InstitutionalDepartmentName": "MRI",
    "MRAcquisitionType": "2D",
    "MagneticFieldStrength": 3,
    "Manufacturer": "Siemens",
    "ManufacturersModelName": "TrioTim",
    "Modality": "MR",
    "MultibandAccelerationFactor": 8,
    "PartialFourier": 1,
    "PatientPosition": "HFS",
    "PercentPhaseFOV": 100,
    "PhaseEncodingDirection": "j-",
    "PhaseEncodingSteps": 100,
    "PhaseResolution": 1,
    "PixelBandwidth": 1786,
    "ProcedureStepDescription": "Research_KIRWAN",
    "ProtocolName": "run6",
    "PulseSequenceDetails": "%CustomerSeq%_cmrr_mbep2d_bold",
    "ReceiveCoilName": "32Ch_Head",
    "ReconMatrixPE": 100,
    "RepetitionTime": 0.875,
    "SAR": 0.131662,
    "ScanOptions": "FS",
    "ScanningSequence": "EP",
    "SequenceName": "epfid2d1_100",
    "SequenceVariant": "SK_SS",
    "SeriesDescription": "run6",
    "SeriesNumber": 8,
    "ShimSetting": [
      -2653,
      -23106,
      2566,
      1320,
      106,
      148,
      348,
      -94
    ],
    "SliceThickness": 1.8,
    "SliceTiming": [
      0,
      0.4875,
      0.0975,
      0.585,
      0.195,
      0.6825,
      0.2925,
      0.78,
      0.39,
      0,
      0.4875,
      0.0975,
      0.585,
      0.195,
      0.6825,
      0.2925,
      0.78,
      0.39,
      0,
      0.4875,
      0.0975,
      0.585,
      0.195,
      0.6825,
      0.2925,
      0.78,
      0.39,
      0,
      0.4875,
      0.0975,
      0.585,
      0.195,
      0.6825,
      0.2925,
      0.78,
      0.39,
      0,
      0.4875,
      0.0975,
      0.585,
      0.195,
      0.6825,
      0.2925,
      0.78,
      0.39,
      0,
      0.4875,
      0.0975,
      0.585,
      0.195,
      0.6825,
      0.2925,
      0.78,
      0.39,
      0,
      0.4875,
      0.0975,
      0.585,
      0.195,
      0.6825,
      0.2925,
      0.78,
      0.39,
      0,
      0.4875,
      0.0975,
      0.585,
      0.195,
      0.6825,
      0.2925,
      0.78,
      0.39
    ],
    "SoftwareVersions": "syngo_MR_B17",
    "SpacingBetweenSlices": 1.8,
    "StationName": "MININT-E41B04",
    "TaskName": "MST",
    "TotalReadoutTime": 0.0712794,
    "TxRefAmp": 341.496,
    "dataset": "ds002168",
    "modality": "bold",
    "run_id": 6,
    "subject_id": "1570",
    "task_id": "mst"
  },
  "dummy_trs": 2,
  "dvars_nstd": 72.71884911042349,
  "dvars_std": 1.052404560752942,
  "dvars_vstd": 0.9922666530117638,
  "efc": 0.6095213715693178,
  "fber": 333.0569763183594,
  "fd_mean": 0.16922085049503358,
  "fd_num": 140,
  "fd_perc": 32.863849765258216,
  "fwhm_avg": 3.109244526811296,
  "fwhm_x": 2.8303111860887524,
  "fwhm_y": 3.4147889793499044,
  "fwhm_z": 3.0826334149952306,
  "gcor": 0.00355947,
  "gsr_x": -0.018151041120290756,
  "gsr_y": 0.08966240286827087,
  "provenance": {
    "md5sum": "9696b7ad7d4cbab860f6e4f69ba63120",
    "settings": {
      "fd_thres": 0.2,
      "testing": false
    },
    "software": "mriqc",
    "version": "23.0.1",
    "webapi_port": null,
    "webapi_url": "https://mriqc.nimh.nih.gov/api/v1"
  },
  "size_t": 426,
  "size_x": 100,
  "size_y": 100,
  "size_z": 72,
  "snr": 2.4418636558989824,
  "spacing_tr": 0.875,
  "spacing_x": 1.7999999523162842,
  "spacing_y": 1.7999999523162842,
  "spacing_z": 1.7999999523162842,
  "summary_bg_k": 56.420910919061576,
  "summary_bg_mad": 10.4756628723159,
  "summary_bg_mean": 34.091575622558594,
  "summary_bg_median": 19.126760482788086,
  "summary_bg_n": 393890.0,
  "summary_bg_p05": 10.82629108428955,
  "summary_bg_p95": 103.58967208862293,
  "summary_bg_stdv": 48.364898681640625,
  "summary_fg_k": 2.89750228160771,
  "summary_fg_mad": 113.3059787658142,
  "summary_fg_mean": 389.7762451171875,
  "summary_fg_median": 359.53167724609375,
  "summary_fg_n": 217880.0,
  "summary_fg_p05": 211.61419906616212,
  "summary_fg_p95": 676.624917602539,
  "summary_fg_stdv": 147.2362518310547,
  "tsnr": 20.488550074398518
}