{
  "aor": 0.00028819248826291084,
  "aqi": 0.014353713615023475,
  "bids_meta": {
    "AcquisitionMatrixPE": 100,
    "AcquisitionNumber": 1,
    "AcquisitionTime": "15:14:41.807500",
    "BandwidthPerPixelPhaseEncode": 13.889,
    "BaseResolution": 100,
    "ConversionSoftware": "dcm2niix",
    "ConversionSoftwareVersion": "v1.0.20180404 Clang8.0.0",
    "DerivedVendorReportedEchoSpacing": 0.000719994,
    "DeviceSerialNumber": "35002",
    "DwellTime": 2.8e-06,
    "EchoTime": 0.0436,
    "EffectiveEchoSpacing": 0.000719994,
    "FlipAngle": 55,
    "ImageComments": "Unaliased_MB8_PE3_(remote)",
    "ImageOrientationPatientDICOM": [
      0.999998,
      -0.000936898,
      0.00184012,
      -1.01005e-08,
      0.891139,
      0.453731
    ],
    "ImageType": [
      "ORIGINAL",
      "PRIMARY",
      "M",
      "ND",
      "MOSAIC"
    ],
    "InPlanePhaseEncodingDirectionDICOM": "COL",
    "InstitutionAddress": "University_Pkwy_1700_North_685_Provo_UT_US_84601",
    "InstitutionName": "Brigham_Young_University",
    "InstitutionalDepartmentName": "MRI",
    "MRAcquisitionType": "2D",
    "MagneticFieldStrength": 3,
    "Manufacturer": "Siemens",
    "ManufacturersModelName": "TrioTim",
    "Modality": "MR",
    "MultibandAccelerationFactor": 8,
    "PartialFourier": 1,
    "PatientPosition": "HFS",
    "PercentPhaseFOV": 100,
    "PhaseEncodingDirection": "j-",
    "PhaseEncodingSteps": 100,
    "PhaseResolution": 1,
    "PixelBandwidth": 1786,
    "ProcedureStepDescription": "Research_KIRWAN",
    "ProtocolName": "run4",
    "PulseSequenceDetails": "%CustomerSeq%_cmrr_mbep2d_bold",
    "ReceiveCoilName": "32Ch_Head",
    "ReconMatrixPE": 100,
    "RepetitionTime": 0.875,
    "SAR": 0.111704,
    "ScanOptions": "FS",
    "ScanningSequence": "EP",
    "SequenceName": "epfid2d1_100",
    "SequenceVariant": "SK",
    "SeriesDescription": "run4",
    "SeriesNumber": 6,
    "ShimSetting": [
      -2597,
      -23123,
      2564,
      911,
      25,
      492,
      -86,
      116
    ],
    "SliceThickness": 1.8,
    "SliceTiming": [
      0,
      0.4875,
      0.0975,
      0.585,
      0.195,
      0.6825,
      0.2925,
      0.78,
      0.39,
      0,
      0.4875,
      0.0975,
      0.585,
      0.195,
      0.6825,
      0.2925,
      0.78,
      0.39,
      0,
      0.4875,
      0.0975,
      0.585,
      0.195,
      0.6825,
      0.2925,
      0.78,
      0.39,
      0,
      0.4875,
      0.0975,
      0.585,
      0.195,
      0.6825,
      0.2925,
      0.78,
      0.39,
      0,
      0.4875,
      0.0975,
      0.585,
      0.195,
      0.6825,
      0.2925,
      0.78,
      0.39,
      0,
      0.4875,
      0.0975,
      0.585,
      0.195,
      0.6825,
      0.2925,
      0.78,
      0.39,
      0,
      0.4875,
      0.0975,
      0.585,
      0.195,
      0.6825,
      0.2925,
      0.78,
      0.39,
      0,
      0.4875,
      0.0975,
      0.585,
      0.195,
      0.6825,
      0.2925,
      0.78,
      0.39
    ],
    "SoftwareVersions": "syngo_MR_B17",
    "SpacingBetweenSlices": 1.8,
    "StationName": "MININT-E41B04",
    "TaskName": "MST",
    "TotalReadoutTime": 0.0712794,
    "TxRefAmp": 325.747,
    "dataset": "ds002168",
    "modality": "bold",
    "run_id": 4,
    "subject_id": "1476",
    "task_id": "mst"
  },
  "dummy_trs": 2,
  "dvars_nstd": 73.65913644221176,
  "dvars_std": 1.0588365212470585,
  "dvars_vstd": 1.0005982150823538,
  "efc": 0.6182339805669617,
  "fber": 173.05108642578125,
  "fd_mean": 0.08718720577447384,
  "fd_num": 1,
  "fd_perc": 0.2347417840375587,
  "fwhm_avg": 3.2959945317584816,
  "fwhm_x": 3.1298611940241177,
  "fwhm_y": 3.589405650642333,
  "fwhm_z": 3.168716750608994,
  "gcor": 0.00212524,
  "gsr_x": -0.006906810216605663,
  "gsr_y": 0.09659460186958313,
  "provenance": {
    "md5sum": "f989b5e4f8e61678c79a2c8a60ec384e",
    "settings": {
      "fd_thres": 0.2,
      "testing": false
    },
    "software": "mriqc",
    "version": "23.0.1",
    "webapi_port": null,
    "webapi_url": "https://mriqc.nimh.nih.gov/api/v1"
  },
  "size_t": 426,
  "size_x": 100,
  "size_y": 100,
  "size_z": 72,
  "snr": 1.8459005575973833,
  "spacing_tr": 0.875,
  "spacing_x": 1.7999999523162842,
  "spacing_y": 1.7999999523162842,
  "spacing_z": 1.7999999523162842,
  "summary_bg_k": 38.52695907437915,
  "summary_bg_mad": 17.89563610523614,
  "summary_bg_mean": 47.43510055541992,
  "summary_bg_median": 26.859155654907227,
  "summary_bg_n": 383087.0,
  "summary_bg_p05": 12.312207221984863,
  "summary_bg_p95": 148.1737060546875,
  "summary_bg_stdv": 63.787269592285156,
  "summary_fg_k": 6.920595663684381,
  "summary_fg_mad": 130.21320019546314,
  "summary_fg_mean": 413.1745910644531,
  "summary_fg_median": 360.3591613769531,
  "summary_fg_n": 227942.0,
  "summary_fg_p05": 214.39296722412112,
  "summary_fg_p95": 797.1589050292966,
  "summary_fg_stdv": 195.2209014892578,
  "tsnr": 21.115614786744118
}