{
  "aor": 0.0004837793427230047,
  "aqi": 0.013874372535211265,
  "bids_meta": {
    "AcquisitionMatrixPE": 100,
    "AcquisitionNumber": 1,
    "AcquisitionTime": "15:07:52.970000",
    "BandwidthPerPixelPhaseEncode": 13.889,
    "BaseResolution": 100,
    "ConversionSoftware": "dcm2niix",
    "ConversionSoftwareVersion": "v1.0.20180404 Clang8.0.0",
    "DerivedVendorReportedEchoSpacing": 0.000719994,
    "DeviceSerialNumber": "35002",
    "DwellTime": 2.8e-06,
    "EchoTime": 0.0436,
    "EffectiveEchoSpacing": 0.000719994,
    "FlipAngle": 55,
    "ImageComments": "Unaliased_MB8_PE3_(remote)",
    "ImageOrientationPatientDICOM": [
      0.999998,
      -0.000936898,
      0.00184012,
      -1.01005e-08,
      0.891139,
      0.453731
    ],
    "ImageType": [
      "ORIGINAL",
      "PRIMARY",
      "M",
      "ND",
      "MOSAIC"
    ],
    "InPlanePhaseEncodingDirectionDICOM": "COL",
    "InstitutionAddress": "University_Pkwy_1700_North_685_Provo_UT_US_84601",
    "InstitutionName": "Brigham_Young_University",
    "InstitutionalDepartmentName": "MRI",
    "MRAcquisitionType": "2D",
    "MagneticFieldStrength": 3,
    "Manufacturer": "Siemens",
    "ManufacturersModelName": "TrioTim",
    "Modality": "MR",
    "MultibandAccelerationFactor": 8,
    "PartialFourier": 1,
    "PatientPosition": "HFS",
    "PercentPhaseFOV": 100,
    "PhaseEncodingDirection": "j-",
    "PhaseEncodingSteps": 100,
    "PhaseResolution": 1,
    "PixelBandwidth": 1786,
    "ProcedureStepDescription": "Research_KIRWAN",
    "ProtocolName": "run3",
    "PulseSequenceDetails": "%CustomerSeq%_cmrr_mbep2d_bold",
    "ReceiveCoilName": "32Ch_Head",
    "ReconMatrixPE": 100,
    "RepetitionTime": 0.875,
    "SAR": 0.125513,
    "ScanOptions": "FS",
    "ScanningSequence": "EP",
    "SequenceName": "epfid2d1_100",
    "SequenceVariant": "SK",
    "SeriesDescription": "run3",
    "SeriesNumber": 5,
    "ShimSetting": [
      -2597,
      -23123,
      2564,
      911,
      25,
      492,
      -86,
      116
    ],
    "SliceThickness": 1.8,
    "SliceTiming": [
      0,
      0.4875,
      0.0975,
      0.585,
      0.195,
      0.6825,
      0.2925,
      0.78,
      0.39,
      0,
      0.4875,
      0.0975,
      0.585,
      0.195,
      0.6825,
      0.2925,
      0.78,
      0.39,
      0,
      0.4875,
      0.0975,
      0.585,
      0.195,
      0.6825,
      0.2925,
      0.78,
      0.39,
      0,
      0.4875,
      0.0975,
      0.585,
      0.195,
      0.6825,
      0.2925,
      0.78,
      0.39,
      0,
      0.4875,
      0.0975,
      0.585,
      0.195,
      0.6825,
      0.2925,
      0.78,
      0.39,
      0,
      0.4875,
      0.0975,
      0.585,
      0.195,
      0.6825,
      0.2925,
      0.78,
      0.39,
      0,
      0.4875,
      0.0975,
      0.585,
      0.195,
      0.6825,
      0.2925,
      0.78,
      0.39,
      0,
      0.4875,
      0.0975,
      0.585,
      0.195,
      0.6825,
      0.2925,
      0.78,
      0.39
    ],
    "SoftwareVersions": "syngo_MR_B17",
    "SpacingBetweenSlices": 1.8,
    "StationName": "MININT-E41B04",
    "TaskName": "MST",
    "TotalReadoutTime": 0.0712794,
    "TxRefAmp": 325.747,
    "dataset": "ds002168",
    "modality": "bold",
    "run_id": 3,
    "subject_id": "1476",
    "task_id": "mst"
  },
  "dummy_trs": 2,
  "dvars_nstd": 73.92603380997649,
  "dvars_std": 1.0731580531764713,
  "dvars_vstd": 1.0083484162588239,
  "efc": 0.6189979690524409,
  "fber": 169.41661071777344,
  "fd_mean": 0.08904693172709546,
  "fd_num": 4,
  "fd_perc": 0.9389671361502347,
  "fwhm_avg": 3.299220457769865,
  "fwhm_x": 3.1425834165833635,
  "fwhm_y": 3.6103389845302103,
  "fwhm_z": 3.1447389721960217,
  "gcor": 0.00241347,
  "gsr_x": -0.005734208505600691,
  "gsr_y": 0.08992360532283783,
  "provenance": {
    "md5sum": "7239952570a755c9cf67289ba6b7cebc",
    "settings": {
      "fd_thres": 0.2,
      "testing": false
    },
    "software": "mriqc",
    "version": "23.0.1",
    "webapi_port": null,
    "webapi_url": "https://mriqc.nimh.nih.gov/api/v1"
  },
  "size_t": 426,
  "size_x": 100,
  "size_y": 100,
  "size_z": 72,
  "snr": 1.8342786126229358,
  "spacing_tr": 0.875,
  "spacing_x": 1.7999999523162842,
  "spacing_y": 1.7999999523162842,
  "spacing_z": 1.7999999523162842,
  "summary_bg_k": 39.30724179111582,
  "summary_bg_mad": 18.257586812211567,
  "summary_bg_mean": 47.17145538330078,
  "summary_bg_median": 27.276996612548828,
  "summary_bg_n": 379779.0,
  "summary_bg_p05": 12.352112770080566,
  "summary_bg_p95": 146.26079406738276,
  "summary_bg_stdv": 61.82390594482422,
  "summary_fg_k": 7.234385477054737,
  "summary_fg_mad": 130.8553007015643,
  "summary_fg_mean": 416.4945983886719,
  "summary_fg_median": 362.93896484375,
  "summary_fg_n": 230135.0,
  "summary_fg_p05": 216.5854476928711,
  "summary_fg_p95": 807.0087158203122,
  "summary_fg_stdv": 197.8642578125,
  "tsnr": 21.063675454817712
}