{
  "aor": 0.000668411214953271,
  "aqi": 0.018068382943925234,
  "bids_meta": {
    "AcquisitionMatrixPE": 100,
    "AcquisitionNumber": 1,
    "AcquisitionTime": "09:27:52.867500",
    "BandwidthPerPixelPhaseEncode": 13.889,
    "BaseResolution": 100,
    "ConversionSoftware": "dcm2niix",
    "ConversionSoftwareVersion": "v1.0.20180404 Clang8.0.0",
    "DerivedVendorReportedEchoSpacing": 0.000719994,
    "DeviceSerialNumber": "35002",
    "DwellTime": 2.8e-06,
    "EchoTime": 0.0436,
    "EffectiveEchoSpacing": 0.000719994,
    "FlipAngle": 55,
    "ImageComments": "Unaliased_MB8_PE3_(remote)",
    "ImageOrientationPatientDICOM": [
      0.999252,
      -0.0198761,
      0.033183,
      -1.03854e-08,
      0.857877,
      0.513855
    ],
    "ImageType": [
      "ORIGINAL",
      "PRIMARY",
      "M",
      "MB",
      "ND",
      "MOSAIC"
    ],
    "InPlanePhaseEncodingDirectionDICOM": "COL",
    "InstitutionAddress": "University_Pkwy_1700_North_685_Provo_UT_US_84601",
    "InstitutionName": "Brigham_Young_University",
    "InstitutionalDepartmentName": "MRI",
    "MRAcquisitionType": "2D",
    "MagneticFieldStrength": 3,
    "Manufacturer": "Siemens",
    "ManufacturersModelName": "TrioTim",
    "Modality": "MR",
    "MultibandAccelerationFactor": 8,
    "PartialFourier": 1,
    "PatientPosition": "HFS",
    "PercentPhaseFOV": 100,
    "PhaseEncodingDirection": "j-",
    "PhaseEncodingSteps": 100,
    "PhaseResolution": 1,
    "PixelBandwidth": 1786,
    "ProcedureStepDescription": "Research_KIRWAN",
    "ProtocolName": "run3",
    "PulseSequenceDetails": "%CustomerSeq%_cmrr_mbep2d_bold",
    "ReceiveCoilName": "32Ch_Head",
    "ReconMatrixPE": 100,
    "RepetitionTime": 0.875,
    "SAR": 0.126495,
    "ScanOptions": "FS",
    "ScanningSequence": "EP",
    "SequenceName": "epfid2d1_100",
    "SequenceVariant": "SK_SS",
    "SeriesDescription": "run3",
    "SeriesNumber": 5,
    "ShimSetting": [
      -2624,
      -23092,
      2469,
      726,
      -11,
      270,
      52,
      -41
    ],
    "SliceThickness": 1.8,
    "SliceTiming": [
      0,
      0.4875,
      0.0975,
      0.585,
      0.195,
      0.6825,
      0.2925,
      0.78,
      0.39,
      0,
      0.4875,
      0.0975,
      0.585,
      0.195,
      0.6825,
      0.2925,
      0.78,
      0.39,
      0,
      0.4875,
      0.0975,
      0.585,
      0.195,
      0.6825,
      0.2925,
      0.78,
      0.39,
      0,
      0.4875,
      0.0975,
      0.585,
      0.195,
      0.6825,
      0.2925,
      0.78,
      0.39,
      0,
      0.4875,
      0.0975,
      0.585,
      0.195,
      0.6825,
      0.2925,
      0.78,
      0.39,
      0,
      0.4875,
      0.0975,
      0.585,
      0.195,
      0.6825,
      0.2925,
      0.78,
      0.39,
      0,
      0.4875,
      0.0975,
      0.585,
      0.195,
      0.6825,
      0.2925,
      0.78,
      0.39,
      0,
      0.4875,
      0.0975,
      0.585,
      0.195,
      0.6825,
      0.2925,
      0.78,
      0.39
    ],
    "SoftwareVersions": "syngo_MR_B17",
    "SpacingBetweenSlices": 1.8,
    "StationName": "MININT-E41B04",
    "TaskName": "MST",
    "TotalReadoutTime": 0.0712794,
    "TxRefAmp": 303.112,
    "dataset": "ds002168",
    "modality": "bold",
    "run_id": 3,
    "subject_id": "1537",
    "task_id": "mst"
  },
  "dummy_trs": 0,
  "dvars_nstd": 75.8758216698595,
  "dvars_std": 1.048963944800935,
  "dvars_vstd": 1.0017412212412173,
  "efc": 0.6282807320840095,
  "fber": 181.50262451171875,
  "fd_mean": 0.1417640343118534,
  "fd_num": 71,
  "fd_perc": 16.588785046728972,
  "fwhm_avg": 3.0472370526955483,
  "fwhm_x": 2.8377945196203265,
  "fwhm_y": 3.3565389778068058,
  "fwhm_z": 2.947377660659512,
  "gcor": 0.00676418,
  "gsr_x": -0.013712216168642044,
  "gsr_y": 0.09488480538129807,
  "provenance": {
    "md5sum": "4b14a03c250abb89a56c6ff645572af9",
    "settings": {
      "fd_thres": 0.2,
      "testing": false
    },
    "software": "mriqc",
    "version": "23.0.1",
    "webapi_port": null,
    "webapi_url": "https://mriqc.nimh.nih.gov/api/v1"
  },
  "size_t": 428,
  "size_x": 100,
  "size_y": 100,
  "size_z": 72,
  "snr": 2.418831785154685,
  "spacing_tr": 0.875,
  "spacing_x": 1.7999999523162842,
  "spacing_y": 1.7999999523162842,
  "spacing_z": 1.8000000715255737,
  "summary_bg_k": 25.054097316739174,
  "summary_bg_mad": 16.1908477239532,
  "summary_bg_mean": 43.29997253417969,
  "summary_bg_median": 23.91121482849121,
  "summary_bg_n": 407269.0,
  "summary_bg_p05": 11.287383079528809,
  "summary_bg_p95": 147.90980224609325,
  "summary_bg_stdv": 54.964576721191406,
  "summary_fg_k": 2.3438857579820747,
  "summary_fg_mad": 103.04085418613934,
  "summary_fg_mean": 359.60223388671875,
  "summary_fg_median": 329.5724182128906,
  "summary_fg_n": 207838.0,
  "summary_fg_p05": 195.91786270141603,
  "summary_fg_p95": 636.4275512695312,
  "summary_fg_stdv": 136.2523956298828,
  "tsnr": 19.597430253052153
}