{
  "bids_meta": {
    "AcquisitionMatrixPE": 512,
    "AcquisitionNumber": 1,
    "AcquisitionTime": "11:29:37.307500",
    "BaseResolution": 512,
    "ConversionSoftware": "dcm2niix",
    "ConversionSoftwareVersion": "v1.0.20180404 Clang8.0.0",
    "DeviceSerialNumber": "35002",
    "DwellTime": 5e-06,
    "EchoTime": 0.064,
    "EchoTrainLength": 15,
    "FlipAngle": 129,
    "ImageOrientationPatientDICOM": [
      0.99997,
      0.00775535,
      -2.52166e-10,
      -0.00381421,
      0.491801,
      -0.870699
    ],
    "ImageType": [
      "ORIGINAL",
      "PRIMARY",
      "M",
      "ND"
    ],
    "InPlanePhaseEncodingDirectionDICOM": "ROW",
    "InstitutionAddress": "University_Pkwy_1700_North_685_Provo_UT_US_84601",
    "InstitutionName": "Brigham_Young_University",
    "InstitutionalDepartmentName": "MRI",
    "MRAcquisitionType": "2D",
    "MagneticFieldStrength": 3,
    "Manufacturer": "Siemens",
    "ManufacturersModelName": "TrioTim",
    "Modality": "MR",
    "PartialFourier": 1,
    "PatientPosition": "HFS",
    "PercentPhaseFOV": 100,
    "PhaseEncodingDirection": "i",
    "PhaseEncodingSteps": 720,
    "PhaseOversampling": 0.4,
    "PhaseResolution": 1,
    "PixelBandwidth": 195,
    "ProcedureStepDescription": "Research_KIRWAN",
    "ProtocolName": "HHR_struct_MODIFIED",
    "PulseSequenceDetails": "%SiemensSeq%_tse",
    "ReceiveCoilName": "32Ch_Head",
    "ReconMatrixPE": 512,
    "RepetitionTime": 9.01,
    "SAR": 0.764871,
    "ScanningSequence": "SE",
    "SequenceName": "_tse2d1_15",
    "SequenceVariant": "SK_SP_OSP",
    "SeriesDescription": "HHR_struct_MODIFIED",
    "SeriesNumber": 16,
    "ShimSetting": [
      -2668,
      -23037,
      2469,
      950,
      106,
      419,
      429,
      -104
    ],
    "SliceThickness": 2,
    "SoftwareVersions": "syngo_MR_B17",
    "SpacingBetweenSlices": 2,
    "StationName": "MININT-E41B04",
    "TxRefAmp": 334.91,
    "dataset": "ds002168",
    "modality": "T2w",
    "subject_id": "1515"
  },
  "cjv": 0.6326191531472856,
  "cnr": 1.2967943155611938,
  "efc": 0.6603223505542366,
  "fber": 1740.1624360815856,
  "fwhm_avg": 5.18861639619989,
  "fwhm_x": 5.603251627494173,
  "fwhm_y": 3.5756023611054983,
  "fwhm_z": 6.3869952,
  "icvs_csf": 0.4039902448202488,
  "icvs_gm": 0.12345957791194206,
  "icvs_wm": 0.4725501772678091,
  "inu_med": 0.9768950343132019,
  "inu_range": 1.453806376457214,
  "provenance": {
    "md5sum": "9b5c67f54c632c7421670b80467b0935",
    "settings": {
      "testing": false
    },
    "software": "mriqc",
    "version": "23.0.1",
    "warnings": {
      "large_rot_frame": false,
      "small_air_mask": false
    },
    "webapi_port": null,
    "webapi_url": "https://mriqc.nimh.nih.gov/api/v1"
  },
  "qi_1": 0.0,
  "qi_2": 0.0003262849323764828,
  "rpve_csf": 5.012720347631767,
  "rpve_gm": 17.811545147545665,
  "rpve_wm": 4.759319487344711,
  "size_x": 512,
  "size_y": 35,
  "size_z": 512,
  "snr_csf": 8.961593867842222,
  "snr_gm": 2.157704008808843,
  "snr_total": 5.982901306261687,
  "snr_wm": 6.829406042133996,
  "snrd_csf": 52.59961087991851,
  "snrd_gm": 79.16236769651819,
  "snrd_total": 54.27586107578016,
  "snrd_wm": 31.065604650903772,
  "spacing_x": 0.3906249701976776,
  "spacing_y": 1.999993085861206,
  "spacing_z": 0.390625,
  "summary_bg_k": 194.54609833569504,
  "summary_bg_mad": 22.061145195575396,
  "summary_bg_mean": 35.857584856499386,
  "summary_bg_median": 14.880016312003136,
  "summary_bg_n": 2808216.0,
  "summary_bg_p05": 0.0,
  "summary_bg_p95": 113.8006881326437,
  "summary_bg_stdv": 100.33152726126735,
  "summary_csf_k": 0.7507905758688738,
  "summary_csf_mad": 181.9267677747802,
  "summary_csf_mean": 1788.3972618984371,
  "summary_csf_median": 1771.2458853647113,
  "summary_csf_n": 858340.0,
  "summary_csf_p05": 1495.3368505090475,
  "summary_csf_p95": 2141.5696716085076,
  "summary_csf_stdv": 197.64841831704055,
  "summary_gm_k": -1.390105566729466,
  "summary_gm_mad": 875.7653201933697,
  "summary_gm_mean": 2076.097648925752,
  "summary_gm_median": 2665.7234856411815,
  "summary_gm_n": 301409.0,
  "summary_gm_p05": 133.18662487715483,
  "summary_gm_p95": 3519.228646636009,
  "summary_gm_stdv": 1235.4424205782466,
  "summary_wm_k": 0.17643753252117556,
  "summary_wm_mad": 148.8350499814171,
  "summary_wm_mean": 1053.416819940881,
  "summary_wm_median": 1046.1070622727275,
  "summary_wm_n": 1115740.0,
  "summary_wm_p05": 812.32314401865,
  "summary_wm_p95": 1315.623977445066,
  "summary_wm_stdv": 153.17680439902009,
  "tpm_overlap_csf": 0.10377106546853006,
  "tpm_overlap_gm": 0.08643645261664853,
  "tpm_overlap_wm": 0.4551135405727124,
  "wm2max": 0.2676014319129359
}