{
  "aor": 0.002413858823529412,
  "aqi": 0.015657544470588237,
  "bids_meta": {
    "AcquisitionMatrixPE": 100,
    "AcquisitionNumber": 1,
    "AcquisitionTime": "18:00:22.845000",
    "BandwidthPerPixelPhaseEncode": 13.889,
    "BaseResolution": 100,
    "ConversionSoftware": "dcm2niix",
    "ConversionSoftwareVersion": "v1.0.20180404 Clang8.0.0",
    "DerivedVendorReportedEchoSpacing": 0.000719994,
    "DeviceSerialNumber": "35002",
    "DwellTime": 2.8e-06,
    "EchoTime": 0.0436,
    "EffectiveEchoSpacing": 0.000719994,
    "FlipAngle": 55,
    "ImageComments": "Unaliased_MB8_PE3_(remote)",
    "ImageOrientationPatientDICOM": [
      0.998205,
      0.0244014,
      -0.054699,
      1.05712e-08,
      0.913248,
      0.407403
    ],
    "ImageType": [
      "ORIGINAL",
      "PRIMARY",
      "M",
      "ND",
      "MOSAIC"
    ],
    "InPlanePhaseEncodingDirectionDICOM": "COL",
    "InstitutionAddress": "University_Pkwy_1700_North_685_Provo_UT_US_84601",
    "InstitutionName": "Brigham_Young_University",
    "InstitutionalDepartmentName": "MRI",
    "MRAcquisitionType": "2D",
    "MagneticFieldStrength": 3,
    "Manufacturer": "Siemens",
    "ManufacturersModelName": "TrioTim",
    "Modality": "MR",
    "MultibandAccelerationFactor": 8,
    "PartialFourier": 1,
    "PatientPosition": "HFS",
    "PercentPhaseFOV": 100,
    "PhaseEncodingDirection": "j-",
    "PhaseEncodingSteps": 100,
    "PhaseResolution": 1,
    "PixelBandwidth": 1786,
    "ProcedureStepDescription": "Research_KIRWAN",
    "ProtocolName": "run3",
    "PulseSequenceDetails": "%CustomerSeq%_cmrr_mbep2d_bold",
    "ReceiveCoilName": "32Ch_Head",
    "ReconMatrixPE": 100,
    "RepetitionTime": 0.875,
    "SAR": 0.134251,
    "ScanOptions": "FS",
    "ScanningSequence": "EP",
    "SequenceName": "epfid2d1_100",
    "SequenceVariant": "SK",
    "SeriesDescription": "run3",
    "SeriesNumber": 5,
    "ShimSetting": [
      -2674,
      -23177,
      2485,
      707,
      199,
      137,
      228,
      -24
    ],
    "SliceThickness": 1.8,
    "SliceTiming": [
      0,
      0.49,
      0.0975,
      0.5875,
      0.195,
      0.685,
      0.2925,
      0.7825,
      0.39,
      0,
      0.49,
      0.0975,
      0.5875,
      0.195,
      0.685,
      0.2925,
      0.7825,
      0.39,
      0,
      0.49,
      0.0975,
      0.5875,
      0.195,
      0.685,
      0.2925,
      0.7825,
      0.39,
      0,
      0.49,
      0.0975,
      0.5875,
      0.195,
      0.685,
      0.2925,
      0.7825,
      0.39,
      0,
      0.49,
      0.0975,
      0.5875,
      0.195,
      0.685,
      0.2925,
      0.7825,
      0.39,
      0,
      0.49,
      0.0975,
      0.5875,
      0.195,
      0.685,
      0.2925,
      0.7825,
      0.39,
      0,
      0.49,
      0.0975,
      0.5875,
      0.195,
      0.685,
      0.2925,
      0.7825,
      0.39,
      0,
      0.49,
      0.0975,
      0.5875,
      0.195,
      0.685,
      0.2925,
      0.7825,
      0.39
    ],
    "SoftwareVersions": "syngo_MR_B17",
    "SpacingBetweenSlices": 1.8,
    "StationName": "MININT-E41B04",
    "TaskName": "MST",
    "TotalReadoutTime": 0.0712794,
    "TxRefAmp": 341.868,
    "dataset": "ds002168",
    "modality": "bold",
    "run_id": 3,
    "subject_id": "1475",
    "task_id": "mst"
  },
  "dummy_trs": 3,
  "dvars_nstd": 74.12758190238215,
  "dvars_std": 1.0805164548349064,
  "dvars_vstd": 1.042019381745283,
  "efc": 0.606036532770033,
  "fber": 170.19967651367188,
  "fd_mean": 0.12335042266404961,
  "fd_num": 30,
  "fd_perc": 7.0588235294117645,
  "fwhm_avg": 3.4127167570727868,
  "fwhm_x": 3.2031778626330127,
  "fwhm_y": 3.760344544059556,
  "fwhm_z": 3.2746278645257916,
  "gcor": 0.00391716,
  "gsr_x": -0.02970038168132305,
  "gsr_y": 0.10876364260911942,
  "provenance": {
    "md5sum": "07147b4c01b22fc8f737776803a3ec41",
    "settings": {
      "fd_thres": 0.2,
      "testing": false
    },
    "software": "mriqc",
    "version": "23.0.1",
    "webapi_port": null,
    "webapi_url": "https://mriqc.nimh.nih.gov/api/v1"
  },
  "size_t": 425,
  "size_x": 100,
  "size_y": 100,
  "size_z": 72,
  "snr": 1.7152842876290493,
  "spacing_tr": 0.875,
  "spacing_x": 1.7999999523162842,
  "spacing_y": 1.7999999523162842,
  "spacing_z": 1.7999999523162842,
  "summary_bg_k": 34.77423195983216,
  "summary_bg_mad": 17.693548810386407,
  "summary_bg_mean": 46.15191650390625,
  "summary_bg_median": 26.552940368652344,
  "summary_bg_n": 388327.0,
  "summary_bg_p05": 12.458823204040527,
  "summary_bg_p95": 149.30140838623055,
  "summary_bg_stdv": 56.710567474365234,
  "summary_fg_k": 7.850387928538176,
  "summary_fg_mad": 131.93935855844555,
  "summary_fg_mean": 414.41839599609375,
  "summary_fg_median": 358.15997314453125,
  "summary_fg_n": 221346.0,
  "summary_fg_p05": 203.67529296875,
  "summary_fg_p95": 822.5152587890625,
  "summary_fg_stdv": 208.80455017089844,
  "tsnr": 19.500164448982105
}