{
  "bids_meta": {
    "AcquisitionMatrixPE": 512,
    "AcquisitionNumber": 1,
    "AcquisitionTime": "18:56:17.695000",
    "BaseResolution": 512,
    "ConversionSoftware": "dcm2niix",
    "ConversionSoftwareVersion": "v1.0.20180404 Clang8.0.0",
    "DeviceSerialNumber": "35002",
    "DwellTime": 5e-06,
    "EchoTime": 0.064,
    "EchoTrainLength": 15,
    "FlipAngle": 129,
    "ImageOrientationPatientDICOM": [
      0.999973,
      0.00739162,
      1.86508e-10,
      -0.00407532,
      0.551329,
      -0.834278
    ],
    "ImageType": [
      "ORIGINAL",
      "PRIMARY",
      "M",
      "ND"
    ],
    "InPlanePhaseEncodingDirectionDICOM": "ROW",
    "InstitutionAddress": "University_Pkwy_1700_North_685_Provo_UT_US_84601",
    "InstitutionName": "Brigham_Young_University",
    "InstitutionalDepartmentName": "MRI",
    "MRAcquisitionType": "2D",
    "MagneticFieldStrength": 3,
    "Manufacturer": "Siemens",
    "ManufacturersModelName": "TrioTim",
    "Modality": "MR",
    "PartialFourier": 1,
    "PatientPosition": "HFS",
    "PercentPhaseFOV": 100,
    "PhaseEncodingDirection": "i",
    "PhaseEncodingSteps": 720,
    "PhaseOversampling": 0.4,
    "PhaseResolution": 1,
    "PixelBandwidth": 195,
    "ProcedureStepDescription": "Research_KIRWAN",
    "ProtocolName": "HHR_struct_MODIFIED",
    "PulseSequenceDetails": "%SiemensSeq%_tse",
    "ReceiveCoilName": "32Ch_Head",
    "ReconMatrixPE": 512,
    "RepetitionTime": 6,
    "SAR": 0.837963,
    "ScanningSequence": "SE",
    "SequenceName": "_tse2d1_15",
    "SequenceVariant": "SK_SP_OSP",
    "SeriesDescription": "HHR_struct_MODIFIED",
    "SeriesNumber": 16,
    "ShimSetting": [
      -2802,
      -22961,
      2463,
      754,
      149,
      -408,
      246,
      482
    ],
    "SliceThickness": 2,
    "SoftwareVersions": "syngo_MR_B17",
    "SpacingBetweenSlices": 2,
    "StationName": "MININT-E41B04",
    "TxRefAmp": 349.208,
    "dataset": "ds002168",
    "modality": "T2w",
    "subject_id": "1589"
  },
  "cjv": 0.6300939593357949,
  "cnr": 1.2485250357820874,
  "efc": 0.6361820953002488,
  "fber": 3836.9358908963995,
  "fwhm_avg": 5.9591897224992705,
  "fwhm_x": 6.6237184000000005,
  "fwhm_y": 4.209754767497812,
  "fwhm_z": 7.044096,
  "icvs_csf": 0.4509194728440845,
  "icvs_gm": 0.14413336781665456,
  "icvs_wm": 0.40494715933926095,
  "inu_med": 0.9625218510627747,
  "inu_range": 1.8810550570487976,
  "provenance": {
    "md5sum": "bc7a75d78378e6a8dcd704e2ab6cc481",
    "settings": {
      "testing": false
    },
    "software": "mriqc",
    "version": "23.0.1",
    "warnings": {
      "large_rot_frame": false,
      "small_air_mask": false
    },
    "webapi_port": null,
    "webapi_url": "https://mriqc.nimh.nih.gov/api/v1"
  },
  "qi_1": 0.0,
  "qi_2": 0.0005626689685910726,
  "rpve_csf": 5.034681210675075,
  "rpve_gm": 16.818163688503247,
  "rpve_wm": 5.5887143400318084,
  "size_x": 512,
  "size_y": 35,
  "size_z": 512,
  "snr_csf": 10.568679221790806,
  "snr_gm": 2.264583896726888,
  "snr_total": 6.740612017803618,
  "snr_wm": 7.388572934893163,
  "snrd_csf": 62.147657655037804,
  "snrd_gm": 87.63877091742984,
  "snrd_total": 62.87097769292232,
  "snrd_wm": 38.82650450629933,
  "spacing_x": 0.390625,
  "spacing_y": 1.9999977350234985,
  "spacing_z": 0.390625,
  "summary_bg_k": 310.6218900265086,
  "summary_bg_mad": 17.536323242121238,
  "summary_bg_mean": 23.938505611381313,
  "summary_bg_median": 11.828070282936096,
  "summary_bg_n": 2162975.0,
  "summary_bg_p05": 0.0,
  "summary_bg_p95": 84.38060853630304,
  "summary_bg_stdv": 47.991607742157214,
  "summary_csf_k": 0.6696577103827104,
  "summary_csf_mad": 146.86670715276537,
  "summary_csf_mean": 1670.0379441004038,
  "summary_csf_median": 1663.5335990786552,
  "summary_csf_n": 869441.0,
  "summary_csf_p05": 1423.5927447676659,
  "summary_csf_p95": 1937.480155453086,
  "summary_csf_stdv": 157.40213204503183,
  "summary_gm_k": -1.1023834338302982,
  "summary_gm_mad": 688.4572615679205,
  "summary_gm_mean": 1908.410575097121,
  "summary_gm_median": 2345.8654035255313,
  "summary_gm_n": 328466.0,
  "summary_gm_p05": 118.06948728859425,
  "summary_gm_p95": 3103.073117174208,
  "summary_gm_stdv": 1035.8908919084051,
  "summary_wm_k": 0.5810655088607173,
  "summary_wm_mad": 134.81048492380702,
  "summary_wm_mean": 1044.806460565345,
  "summary_wm_median": 1039.286068342626,
  "summary_wm_n": 861259.0,
  "summary_wm_p05": 822.2621002048254,
  "summary_wm_p95": 1282.3951557651162,
  "summary_wm_stdv": 140.66119048260745,
  "tpm_overlap_csf": 0.09691100823991237,
  "tpm_overlap_gm": 0.10444658653788268,
  "tpm_overlap_wm": 0.4308148683161572,
  "wm2max": 0.2664015158113633
}