{
  "bids_meta": {
    "AcquisitionMatrixPE": 256,
    "AcquisitionNumber": 1,
    "AcquisitionTime": "18:31:41.267500",
    "BaseResolution": 256,
    "ConversionSoftware": "dcm2niix",
    "ConversionSoftwareVersion": "v1.0.20180404 Clang8.0.0",
    "DeviceSerialNumber": "35002",
    "DwellTime": 1.03e-05,
    "EchoTime": 0.00492,
    "FlipAngle": 25,
    "ImageOrientationPatientDICOM": [
      -0.0348995,
      0.999391,
      0,
      0,
      0,
      -1
    ],
    "ImageType": [
      "ORIGINAL",
      "PRIMARY",
      "M",
      "ND",
      "NORM"
    ],
    "InPlanePhaseEncodingDirectionDICOM": "ROW",
    "InstitutionAddress": "University_Pkwy_1700_North_685_Provo_UT_US_84601",
    "InstitutionName": "Brigham_Young_University",
    "InstitutionalDepartmentName": "MRI",
    "MRAcquisitionType": "3D",
    "MagneticFieldStrength": 3,
    "Manufacturer": "Siemens",
    "ManufacturersModelName": "TrioTim",
    "Modality": "MR",
    "ParallelReductionFactorInPlane": 2,
    "PartialFourier": 1,
    "PatientPosition": "HFS",
    "PercentPhaseFOV": 100,
    "PhaseEncodingSteps": 255,
    "PhaseResolution": 1,
    "PixelBandwidth": 190,
    "ProcedureStepDescription": "Research_KIRWAN",
    "ProtocolName": "t1_fl3d_sag_no3Daccel_iso_1.0_1avg",
    "PulseSequenceDetails": "%SiemensSeq%_gre",
    "ReceiveCoilName": "32Ch_Head",
    "ReconMatrixPE": 256,
    "RepetitionTime": 0.02,
    "SAR": 0.169101,
    "ScanningSequence": "GR",
    "SequenceName": "_fl3d1_ns",
    "SequenceVariant": "SP",
    "SeriesDescription": "t1_fl3d_sag_no3Daccel_iso_1.0_1avg",
    "SeriesNumber": 9,
    "ShimSetting": [
      -2826,
      -22917,
      1922,
      -109,
      -90,
      -53,
      -300,
      376
    ],
    "SliceThickness": 1,
    "SoftwareVersions": "syngo_MR_B17",
    "StationName": "MININT-E41B04",
    "TxRefAmp": 349.208,
    "dataset": "ds002168",
    "modality": "T1w",
    "subject_id": "1589"
  },
  "cjv": 0.4119961760287724,
  "cnr": 3.226412131572152,
  "efc": 0.5341658541733499,
  "fber": 6725.271377922,
  "fwhm_avg": 3.3628847832814,
  "fwhm_x": 3.317194349844199,
  "fwhm_y": 3.53541,
  "fwhm_z": 3.23605,
  "icvs_csf": 0.18809439060317135,
  "icvs_gm": 0.4319868828649561,
  "icvs_wm": 0.37991872653187253,
  "inu_med": 0.4633825719356537,
  "inu_range": 0.2095271646976471,
  "provenance": {
    "md5sum": "a9e0d90f46c04a6c8ce38075b0b39782",
    "settings": {
      "testing": false
    },
    "software": "mriqc",
    "version": "23.0.1",
    "warnings": {
      "large_rot_frame": true,
      "small_air_mask": false
    },
    "webapi_port": null,
    "webapi_url": "https://mriqc.nimh.nih.gov/api/v1"
  },
  "qi_1": 2.0758494083030782e-05,
  "qi_2": 0.014894492330507943,
  "rpve_csf": 30.373006167717264,
  "rpve_gm": 13.707432383998235,
  "rpve_wm": 17.30105715975397,
  "size_x": 192,
  "size_y": 256,
  "size_z": 256,
  "snr_csf": 2.9308794418493562,
  "snr_gm": 17.164749530450273,
  "snr_total": 14.766304739400539,
  "snr_wm": 24.203285245901988,
  "snrd_csf": 47.31148905450303,
  "snrd_gm": 94.66158922629755,
  "snrd_total": 86.86500361617935,
  "snrd_wm": 118.62193256773747,
  "spacing_x": 0.9999986886978149,
  "spacing_y": 1.0,
  "spacing_z": 1.0,
  "summary_bg_k": 10.51482777824324,
  "summary_bg_mad": 5.523094156550433,
  "summary_bg_mean": 6.2096414406164815,
  "summary_bg_median": 3.7252703979611397,
  "summary_bg_n": 3518427.0,
  "summary_bg_p05": 0.0,
  "summary_bg_p95": 20.145394288003445,
  "summary_bg_stdv": 7.138977331164514,
  "summary_csf_k": 1.1198223576188537,
  "summary_csf_mad": 94.26795657490932,
  "summary_csf_mean": 382.43452009515494,
  "summary_csf_median": 398.85710629820824,
  "summary_csf_n": 33196.0,
  "summary_csf_p05": 97.4628388825804,
  "summary_csf_p95": 581.3320623692125,
  "summary_csf_stdv": 136.0858085630959,
  "summary_gm_k": 0.2783590489408083,
  "summary_gm_mad": 45.36444326642394,
  "summary_gm_mean": 797.0644618273417,
  "summary_gm_median": 798.039721660316,
  "summary_gm_n": 24514.0,
  "summary_gm_p05": 719.7728756293654,
  "summary_gm_p95": 871.2557520497589,
  "summary_gm_stdv": 46.49199470431878,
  "summary_wm_k": 1.0672894462292257,
  "summary_wm_mad": 37.857324995384516,
  "summary_wm_mean": 1002.6194611492361,
  "summary_wm_median": 1000.0361796468496,
  "summary_wm_n": 181889.0,
  "summary_wm_p05": 940.3956856057048,
  "summary_wm_p95": 1074.577755279839,
  "summary_wm_stdv": 41.31808638596473,
  "tpm_overlap_csf": 0.16530098282394093,
  "tpm_overlap_gm": 0.46523854188556474,
  "tpm_overlap_wm": 0.4978209531705487,
  "wm2max": 0.6367660006658409
}