{
  "bids_meta": {
    "AcquisitionMatrixPE": 512,
    "AcquisitionNumber": 1,
    "AcquisitionTime": "12:20:41.082500",
    "BaseResolution": 512,
    "ConversionSoftware": "dcm2niix",
    "ConversionSoftwareVersion": "v1.0.20180404 Clang8.0.0",
    "DeviceSerialNumber": "35002",
    "DwellTime": 5e-06,
    "EchoTime": 0.064,
    "EchoTrainLength": 15,
    "FlipAngle": 129,
    "ImageOrientationPatientDICOM": [
      0.999946,
      0.0103459,
      -1.54319e-10,
      -0.00510479,
      0.493386,
      -0.869795
    ],
    "ImageType": [
      "ORIGINAL",
      "PRIMARY",
      "M",
      "ND"
    ],
    "InPlanePhaseEncodingDirectionDICOM": "ROW",
    "InstitutionAddress": "University_Pkwy_1700_North_685_Provo_UT_US_84601",
    "InstitutionName": "Brigham_Young_University",
    "InstitutionalDepartmentName": "MRI",
    "MRAcquisitionType": "2D",
    "MagneticFieldStrength": 3,
    "Manufacturer": "Siemens",
    "ManufacturersModelName": "TrioTim",
    "Modality": "MR",
    "PartialFourier": 1,
    "PatientPosition": "HFS",
    "PercentPhaseFOV": 100,
    "PhaseEncodingDirection": "i",
    "PhaseEncodingSteps": 720,
    "PhaseOversampling": 0.4,
    "PhaseResolution": 1,
    "PixelBandwidth": 195,
    "ProcedureStepDescription": "Research_KIRWAN",
    "ProtocolName": "HHR_struct_MODIFIED",
    "PulseSequenceDetails": "%SiemensSeq%_tse",
    "ReceiveCoilName": "32Ch_Head",
    "ReconMatrixPE": 512,
    "RepetitionTime": 6,
    "SAR": 0.788796,
    "ScanningSequence": "SE",
    "SequenceName": "_tse2d1_15",
    "SequenceVariant": "SK_SP_OSP",
    "SeriesDescription": "HHR_struct_MODIFIED",
    "SeriesNumber": 16,
    "ShimSetting": [
      -2918,
      -22824,
      2427,
      1334,
      -195,
      -352,
      302,
      678
    ],
    "SliceThickness": 2,
    "SoftwareVersions": "syngo_MR_B17",
    "SpacingBetweenSlices": 2,
    "StationName": "MININT-E41B04",
    "TxRefAmp": 342.431,
    "dataset": "ds002168",
    "modality": "T2w",
    "subject_id": "2411"
  },
  "cjv": 1.5901808678007403,
  "cnr": 0.8788674723755999,
  "efc": 0.6367313607415623,
  "fber": 6608.177528393726,
  "fwhm_avg": 6.284248528858222,
  "fwhm_x": 7.435674167296918,
  "fwhm_y": 4.325692219277748,
  "fwhm_z": 7.0913792,
  "icvs_csf": 0.45667458949965045,
  "icvs_gm": 0.4424661820759589,
  "icvs_wm": 0.10085922842439067,
  "inu_med": 0.9992795586585999,
  "inu_range": 1.6387008488178236,
  "provenance": {
    "md5sum": "0e8a5ea29c16f8316c2b2a5ef224f9e1",
    "settings": {
      "testing": false
    },
    "software": "mriqc",
    "version": "23.0.1",
    "warnings": {
      "large_rot_frame": false,
      "small_air_mask": false
    },
    "webapi_port": null,
    "webapi_url": "https://mriqc.nimh.nih.gov/api/v1"
  },
  "qi_1": 0.0,
  "qi_2": 0.0008508837786006268,
  "rpve_csf": 5.174736120351781,
  "rpve_gm": 5.503259976673986,
  "rpve_wm": 22.881774153074026,
  "size_x": 512,
  "size_y": 35,
  "size_z": 512,
  "snr_csf": 12.076026729838569,
  "snr_gm": 9.076921030115676,
  "snr_total": 7.681849062207434,
  "snr_wm": 1.8925994266680541,
  "snrd_csf": 75.22236143478632,
  "snrd_gm": 50.832886508881444,
  "snrd_total": 73.84897882278686,
  "snrd_wm": 95.49168852469285,
  "spacing_x": 0.3906249701976776,
  "spacing_y": 1.9999966621398926,
  "spacing_z": 0.390625,
  "summary_bg_k": 740.8396353963487,
  "summary_bg_mad": 5.181742701460055,
  "summary_bg_mean": 7.693564474971301,
  "summary_bg_median": 3.4950323402881622,
  "summary_bg_n": 2556916.0,
  "summary_bg_p05": 0.0,
  "summary_bg_p95": 28.219150006771088,
  "summary_bg_stdv": 17.645326470471225,
  "summary_csf_k": 0.1941591477340956,
  "summary_csf_mad": 48.26697368211866,
  "summary_csf_mean": 598.6693421433465,
  "summary_csf_median": 594.9645331129432,
  "summary_csf_n": 949624.0,
  "summary_csf_p05": 524.1901282221079,
  "summary_csf_p95": 684.9939772859216,
  "summary_csf_stdv": 49.26820991374204,
  "summary_gm_k": -0.063985118092873,
  "summary_gm_mad": 45.38822773686308,
  "summary_gm_mean": 401.05713232501927,
  "summary_gm_median": 402.05816477537155,
  "summary_gm_n": 943533.0,
  "summary_gm_p05": 327.72400472313166,
  "summary_gm_p95": 472.05589581280947,
  "summary_gm_stdv": 44.2945300924639,
  "summary_wm_k": -1.559569925608492,
  "summary_wm_mad": 516.3030852815893,
  "summary_wm_mean": 578.6356549684921,
  "summary_wm_median": 755.2829610183835,
  "summary_wm_n": 217137.0,
  "summary_wm_p05": 30.257918871939182,
  "summary_wm_p95": 1136.079679057002,
  "summary_wm_stdv": 399.07082882337875,
  "tpm_overlap_csf": 0.10036875543656261,
  "tpm_overlap_gm": 0.27035723765632924,
  "tpm_overlap_wm": 0.0426535719397005,
  "wm2max": 0.624588540690984
}