{
  "bids_meta": {
    "AcquisitionMatrixPE": 256,
    "AcquisitionNumber": 1,
    "AcquisitionTime": "11:55:54.517500",
    "BaseResolution": 256,
    "ConversionSoftware": "dcm2niix",
    "ConversionSoftwareVersion": "v1.0.20180404 Clang8.0.0",
    "DeviceSerialNumber": "35002",
    "DwellTime": 1.03e-05,
    "EchoTime": 0.00492,
    "FlipAngle": 25,
    "ImageOrientationPatientDICOM": [
      1e-16,
      1,
      0,
      -0.0627905,
      -1e-16,
      -0.998027
    ],
    "ImageType": [
      "ORIGINAL",
      "PRIMARY",
      "M",
      "ND",
      "NORM"
    ],
    "InPlanePhaseEncodingDirectionDICOM": "ROW",
    "InstitutionAddress": "University_Pkwy_1700_North_685_Provo_UT_US_84601",
    "InstitutionName": "Brigham_Young_University",
    "InstitutionalDepartmentName": "MRI",
    "MRAcquisitionType": "3D",
    "MagneticFieldStrength": 3,
    "Manufacturer": "Siemens",
    "ManufacturersModelName": "TrioTim",
    "Modality": "MR",
    "ParallelReductionFactorInPlane": 2,
    "PartialFourier": 1,
    "PatientPosition": "HFS",
    "PercentPhaseFOV": 100,
    "PhaseEncodingSteps": 255,
    "PhaseResolution": 1,
    "PixelBandwidth": 190,
    "ProcedureStepDescription": "Research_KIRWAN",
    "ProtocolName": "t1_fl3d_sag_no3Daccel_iso_1.0_1avg",
    "PulseSequenceDetails": "%SiemensSeq%_gre",
    "ReceiveCoilName": "32Ch_Head",
    "ReconMatrixPE": 256,
    "RepetitionTime": 0.02,
    "SAR": 0.161117,
    "ScanningSequence": "GR",
    "SequenceName": "_fl3d1_ns",
    "SequenceVariant": "SP",
    "SeriesDescription": "t1_fl3d_sag_no3Daccel_iso_1.0_1avg",
    "SeriesNumber": 9,
    "ShimSetting": [
      -2826,
      -22917,
      1922,
      -109,
      -90,
      -53,
      -300,
      376
    ],
    "SliceThickness": 1,
    "SoftwareVersions": "syngo_MR_B17",
    "StationName": "MININT-E41B04",
    "TxRefAmp": 342.431,
    "dataset": "ds002168",
    "modality": "T1w",
    "subject_id": "2411"
  },
  "cjv": 0.44761448386680863,
  "cnr": 3.0536043347606343,
  "efc": 0.5676187107614281,
  "fber": 8579.472449400042,
  "fwhm_avg": 3.2415016331976267,
  "fwhm_x": 3.1667848995928782,
  "fwhm_y": 3.39291,
  "fwhm_z": 3.16481,
  "icvs_csf": 0.152811894696174,
  "icvs_gm": 0.42434261973962195,
  "icvs_wm": 0.42284548556420404,
  "inu_med": 0.3380107879638672,
  "inu_range": 0.10360410213470456,
  "provenance": {
    "md5sum": "52eca18dd55d180f6a55da6e7dfe8cd5",
    "settings": {
      "testing": false
    },
    "software": "mriqc",
    "version": "23.0.1",
    "warnings": {
      "large_rot_frame": true,
      "small_air_mask": false
    },
    "webapi_port": null,
    "webapi_url": "https://mriqc.nimh.nih.gov/api/v1"
  },
  "qi_1": 0.0,
  "qi_2": 0.019532076596725796,
  "rpve_csf": 37.0498256427851,
  "rpve_gm": 13.882825962090752,
  "rpve_wm": 15.625018000227898,
  "size_x": 192,
  "size_y": 256,
  "size_z": 256,
  "snr_csf": 2.8278427793698637,
  "snr_gm": 16.14522615380526,
  "snr_total": 13.689118899718013,
  "snr_wm": 22.094287765978915,
  "snrd_csf": 59.22516380099877,
  "snrd_gm": 114.75224059030168,
  "snrd_total": 106.11908077220126,
  "snrd_wm": 144.37983792530332,
  "spacing_x": 1.000004768371582,
  "spacing_y": 1.0,
  "spacing_z": 1.0,
  "summary_bg_k": 8.312622578003218,
  "summary_bg_mad": 4.537724144304827,
  "summary_bg_mean": 5.00488891158358,
  "summary_bg_median": 3.060648424550891,
  "summary_bg_n": 2584788.0,
  "summary_bg_p05": 0.0,
  "summary_bg_p95": 18.542180746793747,
  "summary_bg_stdv": 6.64817150274543,
  "summary_csf_k": 1.6770685296524173,
  "summary_csf_mad": 108.68510159223307,
  "summary_csf_mean": 395.3082796408148,
  "summary_csf_median": 410.2160339895636,
  "summary_csf_n": 21765.0,
  "summary_csf_p05": 105.4824250239879,
  "summary_csf_p95": 603.9521077603101,
  "summary_csf_stdv": 145.0599068376108,
  "summary_gm_k": 0.17342472728872238,
  "summary_gm_mad": 48.461131638206886,
  "summary_gm_mean": 795.4507129393954,
  "summary_gm_median": 794.8177093192935,
  "summary_gm_n": 30965.0,
  "summary_gm_p05": 715.3181093674153,
  "summary_gm_p95": 876.7598850041627,
  "summary_gm_stdv": 49.22847580538387,
  "summary_wm_k": 0.48926875244373313,
  "summary_wm_mad": 43.39474060330344,
  "summary_wm_mean": 1004.2962015449956,
  "summary_wm_median": 1000.0297289304435,
  "summary_wm_n": 203509.0,
  "summary_wm_p05": 937.8064493089914,
  "summary_wm_p95": 1085.2524442858994,
  "summary_wm_stdv": 45.261801717837756,
  "tpm_overlap_csf": 0.13720838911793592,
  "tpm_overlap_gm": 0.4469172286658936,
  "tpm_overlap_wm": 0.48428432464665755,
  "wm2max": 0.6994043341995339
}