{
  "aor": 0.0012388084112149532,
  "aqi": 0.023398102336448602,
  "bids_meta": {
    "AcquisitionMatrixPE": 100,
    "AcquisitionNumber": 1,
    "AcquisitionTime": "13:43:13.102500",
    "BandwidthPerPixelPhaseEncode": 13.889,
    "BaseResolution": 100,
    "ConversionSoftware": "dcm2niix",
    "ConversionSoftwareVersion": "v1.0.20180404 Clang8.0.0",
    "DerivedVendorReportedEchoSpacing": 0.000719994,
    "DeviceSerialNumber": "35002",
    "DwellTime": 2.8e-06,
    "EchoTime": 0.0436,
    "EffectiveEchoSpacing": 0.000719994,
    "FlipAngle": 55,
    "ImageComments": "Unaliased_MB8_PE3_(remote)",
    "ImageOrientationPatientDICOM": [
      1,
      0,
      0,
      0,
      0.892586,
      0.450878
    ],
    "ImageType": [
      "ORIGINAL",
      "PRIMARY",
      "M",
      "ND",
      "MOSAIC"
    ],
    "InPlanePhaseEncodingDirectionDICOM": "COL",
    "InstitutionAddress": "University_Pkwy_1700_North_685_Provo_UT_US_84601",
    "InstitutionName": "Brigham_Young_University",
    "InstitutionalDepartmentName": "MRI",
    "MRAcquisitionType": "2D",
    "MagneticFieldStrength": 3,
    "Manufacturer": "Siemens",
    "ManufacturersModelName": "TrioTim",
    "Modality": "MR",
    "MultibandAccelerationFactor": 8,
    "PartialFourier": 1,
    "PatientPosition": "HFS",
    "PercentPhaseFOV": 100,
    "PhaseEncodingDirection": "j-",
    "PhaseEncodingSteps": 100,
    "PhaseResolution": 1,
    "PixelBandwidth": 1786,
    "ProcedureStepDescription": "Research_KIRWAN",
    "ProtocolName": "run3",
    "PulseSequenceDetails": "%CustomerSeq%_cmrr_mbep2d_bold",
    "ReceiveCoilName": "32Ch_Head",
    "ReconMatrixPE": 100,
    "RepetitionTime": 0.875,
    "SAR": 0.113387,
    "ScanOptions": "FS",
    "ScanningSequence": "EP",
    "SequenceName": "epfid2d1_100",
    "SequenceVariant": "SK",
    "SeriesDescription": "run3",
    "SeriesNumber": 5,
    "ShimSetting": [
      -2634,
      -23118,
      2523,
      1018,
      115,
      -25,
      -64,
      -35
    ],
    "SliceThickness": 1.8,
    "SliceTiming": [
      0,
      0.4875,
      0.0975,
      0.585,
      0.195,
      0.6825,
      0.2925,
      0.78,
      0.39,
      0,
      0.4875,
      0.0975,
      0.585,
      0.195,
      0.6825,
      0.2925,
      0.78,
      0.39,
      0,
      0.4875,
      0.0975,
      0.585,
      0.195,
      0.6825,
      0.2925,
      0.78,
      0.39,
      0,
      0.4875,
      0.0975,
      0.585,
      0.195,
      0.6825,
      0.2925,
      0.78,
      0.39,
      0,
      0.4875,
      0.0975,
      0.585,
      0.195,
      0.6825,
      0.2925,
      0.78,
      0.39,
      0,
      0.4875,
      0.0975,
      0.585,
      0.195,
      0.6825,
      0.2925,
      0.78,
      0.39,
      0,
      0.4875,
      0.0975,
      0.585,
      0.195,
      0.6825,
      0.2925,
      0.78,
      0.39,
      0,
      0.4875,
      0.0975,
      0.585,
      0.195,
      0.6825,
      0.2925,
      0.78,
      0.39
    ],
    "SoftwareVersions": "syngo_MR_B17",
    "SpacingBetweenSlices": 1.8,
    "StationName": "MININT-E41B04",
    "TaskName": "MST",
    "TotalReadoutTime": 0.0712794,
    "TxRefAmp": 349.073,
    "dataset": "ds002168",
    "modality": "bold",
    "run_id": 3,
    "subject_id": "1479",
    "task_id": "mst"
  },
  "dummy_trs": 0,
  "dvars_nstd": 78.5232362410773,
  "dvars_std": 1.0582138702576112,
  "dvars_vstd": 1.0168806862529267,
  "efc": 0.5895379910796779,
  "fber": 326.2022399902344,
  "fd_mean": 0.10700159752147925,
  "fd_num": 44,
  "fd_perc": 10.280373831775702,
  "fwhm_avg": 2.7760926661339336,
  "fwhm_x": 2.5899667352773545,
  "fwhm_y": 3.0751834147978734,
  "fwhm_z": 2.6631278483265732,
  "gcor": 0.0046034,
  "gsr_x": -0.013286030851304531,
  "gsr_y": 0.08218985795974731,
  "provenance": {
    "md5sum": "9b8942d743d054fccfa9d6e2acabd97b",
    "settings": {
      "fd_thres": 0.2,
      "testing": false
    },
    "software": "mriqc",
    "version": "23.0.1",
    "webapi_port": null,
    "webapi_url": "https://mriqc.nimh.nih.gov/api/v1"
  },
  "size_t": 428,
  "size_x": 100,
  "size_y": 100,
  "size_z": 72,
  "snr": 2.5918431725248405,
  "spacing_tr": 0.875,
  "spacing_x": 1.7999999523162842,
  "spacing_y": 1.7999999523162842,
  "spacing_z": 1.7999999523162842,
  "summary_bg_k": 41.272937826454964,
  "summary_bg_mad": 8.56653199432994,
  "summary_bg_mean": 28.19727325439453,
  "summary_bg_median": 16.471961975097656,
  "summary_bg_n": 429292.0,
  "summary_bg_p05": 9.908878326416016,
  "summary_bg_p95": 82.81307983398438,
  "summary_bg_stdv": 33.925113677978516,
  "summary_fg_k": 2.2318364124653822,
  "summary_fg_mad": 90.59116717924898,
  "summary_fg_mean": 326.50537109375,
  "summary_fg_median": 304.0677490234375,
  "summary_fg_n": 186263.0,
  "summary_fg_p05": 177.7247573852539,
  "summary_fg_p95": 553.3359436035155,
  "summary_fg_stdv": 117.3168716430664,
  "tsnr": 17.537829877110198
}