{
  "aor": 0.0004943559718969555,
  "aqi": 0.02318525152224824,
  "bids_meta": {
    "AcquisitionMatrixPE": 100,
    "AcquisitionNumber": 1,
    "AcquisitionTime": "13:36:26.895000",
    "BandwidthPerPixelPhaseEncode": 13.889,
    "BaseResolution": 100,
    "ConversionSoftware": "dcm2niix",
    "ConversionSoftwareVersion": "v1.0.20180404 Clang8.0.0",
    "DerivedVendorReportedEchoSpacing": 0.000719994,
    "DeviceSerialNumber": "35002",
    "DwellTime": 2.8e-06,
    "EchoTime": 0.0436,
    "EffectiveEchoSpacing": 0.000719994,
    "FlipAngle": 55,
    "ImageComments": "Unaliased_MB8_PE3_(remote)",
    "ImageOrientationPatientDICOM": [
      1,
      0,
      0,
      0,
      0.892586,
      0.450878
    ],
    "ImageType": [
      "ORIGINAL",
      "PRIMARY",
      "M",
      "ND",
      "MOSAIC"
    ],
    "InPlanePhaseEncodingDirectionDICOM": "COL",
    "InstitutionAddress": "University_Pkwy_1700_North_685_Provo_UT_US_84601",
    "InstitutionName": "Brigham_Young_University",
    "InstitutionalDepartmentName": "MRI",
    "MRAcquisitionType": "2D",
    "MagneticFieldStrength": 3,
    "Manufacturer": "Siemens",
    "ManufacturersModelName": "TrioTim",
    "Modality": "MR",
    "MultibandAccelerationFactor": 8,
    "PartialFourier": 1,
    "PatientPosition": "HFS",
    "PercentPhaseFOV": 100,
    "PhaseEncodingDirection": "j-",
    "PhaseEncodingSteps": 100,
    "PhaseResolution": 1,
    "PixelBandwidth": 1786,
    "ProcedureStepDescription": "Research_KIRWAN",
    "ProtocolName": "run2",
    "PulseSequenceDetails": "%CustomerSeq%_cmrr_mbep2d_bold",
    "ReceiveCoilName": "32Ch_Head",
    "ReconMatrixPE": 100,
    "RepetitionTime": 0.875,
    "SAR": 0.113449,
    "ScanOptions": "FS",
    "ScanningSequence": "EP",
    "SequenceName": "epfid2d1_100",
    "SequenceVariant": "SK",
    "SeriesDescription": "run2",
    "SeriesNumber": 4,
    "ShimSetting": [
      -2634,
      -23118,
      2523,
      1018,
      115,
      -25,
      -64,
      -35
    ],
    "SliceThickness": 1.8,
    "SliceTiming": [
      0,
      0.4875,
      0.0975,
      0.585,
      0.195,
      0.6825,
      0.2925,
      0.78,
      0.39,
      0,
      0.4875,
      0.0975,
      0.585,
      0.195,
      0.6825,
      0.2925,
      0.78,
      0.39,
      0,
      0.4875,
      0.0975,
      0.585,
      0.195,
      0.6825,
      0.2925,
      0.78,
      0.39,
      0,
      0.4875,
      0.0975,
      0.585,
      0.195,
      0.6825,
      0.2925,
      0.78,
      0.39,
      0,
      0.4875,
      0.0975,
      0.585,
      0.195,
      0.6825,
      0.2925,
      0.78,
      0.39,
      0,
      0.4875,
      0.0975,
      0.585,
      0.195,
      0.6825,
      0.2925,
      0.78,
      0.39,
      0,
      0.4875,
      0.0975,
      0.585,
      0.195,
      0.6825,
      0.2925,
      0.78,
      0.39,
      0,
      0.4875,
      0.0975,
      0.585,
      0.195,
      0.6825,
      0.2925,
      0.78,
      0.39
    ],
    "SoftwareVersions": "syngo_MR_B17",
    "SpacingBetweenSlices": 1.8,
    "StationName": "MININT-E41B04",
    "TaskName": "MST",
    "TotalReadoutTime": 0.0712794,
    "TxRefAmp": 349.073,
    "dataset": "ds002168",
    "modality": "bold",
    "run_id": 2,
    "subject_id": "1479",
    "task_id": "mst"
  },
  "dummy_trs": 1,
  "dvars_nstd": 78.40760787115026,
  "dvars_std": 1.0503069084037566,
  "dvars_vstd": 1.0046539864553998,
  "efc": 0.5900173932143167,
  "fber": 328.8091735839844,
  "fd_mean": 0.10434002788953751,
  "fd_num": 37,
  "fd_perc": 8.665105386416862,
  "fwhm_avg": 2.785663036757832,
  "fwhm_x": 2.5958556243222453,
  "fwhm_y": 3.086794526216574,
  "fwhm_z": 2.674338959734677,
  "gcor": 0.00607528,
  "gsr_x": -0.009412999264895916,
  "gsr_y": 0.07252315431833267,
  "provenance": {
    "md5sum": "1f066a4b04316bda7c8f8954540752bc",
    "settings": {
      "fd_thres": 0.2,
      "testing": false
    },
    "software": "mriqc",
    "version": "23.0.1",
    "webapi_port": null,
    "webapi_url": "https://mriqc.nimh.nih.gov/api/v1"
  },
  "size_t": 427,
  "size_x": 100,
  "size_y": 100,
  "size_z": 72,
  "snr": 2.5801863083441416,
  "spacing_tr": 0.875,
  "spacing_x": 1.7999999523162842,
  "spacing_y": 1.7999999523162842,
  "spacing_z": 1.7999999523162842,
  "summary_bg_k": 27.04794071498763,
  "summary_bg_mad": 8.353960485221808,
  "summary_bg_mean": 27.14768409729004,
  "summary_bg_median": 16.41217803955078,
  "summary_bg_n": 425111.0,
  "summary_bg_p05": 9.957844734191895,
  "summary_bg_p95": 79.88056182861328,
  "summary_bg_stdv": 29.754133224487305,
  "summary_fg_k": 2.352738398549474,
  "summary_fg_mad": 90.4526256755544,
  "summary_fg_mean": 329.36285400390625,
  "summary_fg_median": 305.96954345703125,
  "summary_fg_n": 188881.0,
  "summary_fg_p05": 180.3419189453125,
  "summary_fg_p95": 558.9788818359375,
  "summary_fg_stdv": 118.58396911621094,
  "tsnr": 17.90790371526964
}