{
  "aor": 0.0005282009345794393,
  "aqi": 0.0220105238317757,
  "bids_meta": {
    "AcquisitionMatrixPE": 100,
    "AcquisitionNumber": 1,
    "AcquisitionTime": "13:50:10.360000",
    "BandwidthPerPixelPhaseEncode": 13.889,
    "BaseResolution": 100,
    "ConversionSoftware": "dcm2niix",
    "ConversionSoftwareVersion": "v1.0.20180404 Clang8.0.0",
    "DerivedVendorReportedEchoSpacing": 0.000719994,
    "DeviceSerialNumber": "35002",
    "DwellTime": 2.8e-06,
    "EchoTime": 0.0436,
    "EffectiveEchoSpacing": 0.000719994,
    "FlipAngle": 55,
    "ImageComments": "Unaliased_MB8_PE3_(remote)",
    "ImageOrientationPatientDICOM": [
      1,
      0,
      0,
      0,
      0.892586,
      0.450878
    ],
    "ImageType": [
      "ORIGINAL",
      "PRIMARY",
      "M",
      "ND",
      "MOSAIC"
    ],
    "InPlanePhaseEncodingDirectionDICOM": "COL",
    "InstitutionAddress": "University_Pkwy_1700_North_685_Provo_UT_US_84601",
    "InstitutionName": "Brigham_Young_University",
    "InstitutionalDepartmentName": "MRI",
    "MRAcquisitionType": "2D",
    "MagneticFieldStrength": 3,
    "Manufacturer": "Siemens",
    "ManufacturersModelName": "TrioTim",
    "Modality": "MR",
    "MultibandAccelerationFactor": 8,
    "PartialFourier": 1,
    "PatientPosition": "HFS",
    "PercentPhaseFOV": 100,
    "PhaseEncodingDirection": "j-",
    "PhaseEncodingSteps": 100,
    "PhaseResolution": 1,
    "PixelBandwidth": 1786,
    "ProcedureStepDescription": "Research_KIRWAN",
    "ProtocolName": "run4",
    "PulseSequenceDetails": "%CustomerSeq%_cmrr_mbep2d_bold",
    "ReceiveCoilName": "32Ch_Head",
    "ReconMatrixPE": 100,
    "RepetitionTime": 0.875,
    "SAR": 0.119992,
    "ScanOptions": "FS",
    "ScanningSequence": "EP",
    "SequenceName": "epfid2d1_100",
    "SequenceVariant": "SK",
    "SeriesDescription": "run4",
    "SeriesNumber": 6,
    "ShimSetting": [
      -2634,
      -23118,
      2523,
      1018,
      115,
      -25,
      -64,
      -35
    ],
    "SliceThickness": 1.8,
    "SliceTiming": [
      0,
      0.4875,
      0.0975,
      0.585,
      0.195,
      0.6825,
      0.2925,
      0.78,
      0.39,
      0,
      0.4875,
      0.0975,
      0.585,
      0.195,
      0.6825,
      0.2925,
      0.78,
      0.39,
      0,
      0.4875,
      0.0975,
      0.585,
      0.195,
      0.6825,
      0.2925,
      0.78,
      0.39,
      0,
      0.4875,
      0.0975,
      0.585,
      0.195,
      0.6825,
      0.2925,
      0.78,
      0.39,
      0,
      0.4875,
      0.0975,
      0.585,
      0.195,
      0.6825,
      0.2925,
      0.78,
      0.39,
      0,
      0.4875,
      0.0975,
      0.585,
      0.195,
      0.6825,
      0.2925,
      0.78,
      0.39,
      0,
      0.4875,
      0.0975,
      0.585,
      0.195,
      0.6825,
      0.2925,
      0.78,
      0.39,
      0,
      0.4875,
      0.0975,
      0.585,
      0.195,
      0.6825,
      0.2925,
      0.78,
      0.39
    ],
    "SoftwareVersions": "syngo_MR_B17",
    "SpacingBetweenSlices": 1.8,
    "StationName": "MININT-E41B04",
    "TaskName": "MST",
    "TotalReadoutTime": 0.0712794,
    "TxRefAmp": 349.073,
    "dataset": "ds002168",
    "modality": "bold",
    "run_id": 4,
    "subject_id": "1479",
    "task_id": "mst"
  },
  "dummy_trs": 0,
  "dvars_nstd": 78.69177973311476,
  "dvars_std": 1.0493318595784544,
  "dvars_vstd": 1.002689481381733,
  "efc": 0.589702129564188,
  "fber": 324.2331237792969,
  "fd_mean": 0.09454683715858413,
  "fd_num": 23,
  "fd_perc": 5.373831775700935,
  "fwhm_avg": 2.7747685920247833,
  "fwhm_x": 2.5896945130479208,
  "fwhm_y": 3.0695167479810914,
  "fwhm_z": 2.6650945150453387,
  "gcor": 0.00554719,
  "gsr_x": -0.013279764913022518,
  "gsr_y": 0.08286220580339432,
  "provenance": {
    "md5sum": "1824ca7e0f21c0609c1c26085458606b",
    "settings": {
      "fd_thres": 0.2,
      "testing": false
    },
    "software": "mriqc",
    "version": "23.0.1",
    "webapi_port": null,
    "webapi_url": "https://mriqc.nimh.nih.gov/api/v1"
  },
  "size_t": 428,
  "size_x": 100,
  "size_y": 100,
  "size_z": 72,
  "snr": 2.5897702658366804,
  "spacing_tr": 0.875,
  "spacing_x": 1.7999999523162842,
  "spacing_y": 1.7999999523162842,
  "spacing_z": 1.7999999523162842,
  "summary_bg_k": 44.07974760553435,
  "summary_bg_mad": 8.524962756407211,
  "summary_bg_mean": 28.323192596435547,
  "summary_bg_median": 16.467288970947266,
  "summary_bg_n": 429106.0,
  "summary_bg_p05": 9.960280418395996,
  "summary_bg_p95": 83.64661026000977,
  "summary_bg_stdv": 34.693885803222656,
  "summary_fg_k": 2.1886701632287453,
  "summary_fg_mad": 90.34345976665855,
  "summary_fg_mean": 327.2542724609375,
  "summary_fg_median": 304.3037414550781,
  "summary_fg_n": 186602.0,
  "summary_fg_p05": 178.85338287353517,
  "summary_fg_p95": 555.1610778808594,
  "summary_fg_stdv": 117.50189971923828,
  "tsnr": 18.26216182776261
}