{
  "aor": 0.00026308411214953273,
  "aqi": 0.01507063808411215,
  "bids_meta": {
    "AcquisitionMatrixPE": 100,
    "AcquisitionNumber": 1,
    "AcquisitionTime": "11:07:4.095000",
    "BandwidthPerPixelPhaseEncode": 13.889,
    "BaseResolution": 100,
    "ConversionSoftware": "dcm2niix",
    "ConversionSoftwareVersion": "v1.0.20180404 Clang8.0.0",
    "DerivedVendorReportedEchoSpacing": 0.000719994,
    "DeviceSerialNumber": "35002",
    "DwellTime": 2.8e-06,
    "EchoTime": 0.0436,
    "EffectiveEchoSpacing": 0.000719994,
    "FlipAngle": 55,
    "ImageComments": "Unaliased_MB8_PE3_(remote)",
    "ImageOrientationPatientDICOM": [
      1,
      0,
      0,
      0,
      0.876307,
      0.481754
    ],
    "ImageType": [
      "ORIGINAL",
      "PRIMARY",
      "M",
      "MB",
      "ND",
      "MOSAIC"
    ],
    "InPlanePhaseEncodingDirectionDICOM": "COL",
    "InstitutionAddress": "University_Pkwy_1700_North_685_Provo_UT_US_84601",
    "InstitutionName": "Brigham_Young_University",
    "InstitutionalDepartmentName": "MRI",
    "MRAcquisitionType": "2D",
    "MagneticFieldStrength": 3,
    "Manufacturer": "Siemens",
    "ManufacturersModelName": "TrioTim",
    "Modality": "MR",
    "MultibandAccelerationFactor": 8,
    "PartialFourier": 1,
    "PatientPosition": "HFS",
    "PercentPhaseFOV": 100,
    "PhaseEncodingDirection": "j-",
    "PhaseEncodingSteps": 100,
    "PhaseResolution": 1,
    "PixelBandwidth": 1786,
    "ProcedureStepDescription": "Research_KIRWAN",
    "ProtocolName": "run6",
    "PulseSequenceDetails": "%CustomerSeq%_cmrr_mbep2d_bold",
    "ReceiveCoilName": "32Ch_Head",
    "ReconMatrixPE": 100,
    "RepetitionTime": 0.875,
    "SAR": 0.107407,
    "ScanOptions": "FS",
    "ScanningSequence": "EP",
    "SequenceName": "epfid2d1_100",
    "SequenceVariant": "SK_SS",
    "SeriesDescription": "run6",
    "SeriesNumber": 8,
    "ShimSetting": [
      -2802,
      -22975,
      2437,
      720,
      104,
      65,
      343,
      447
    ],
    "SliceThickness": 1.8,
    "SliceTiming": [
      0,
      0.4875,
      0.0975,
      0.585,
      0.195,
      0.6825,
      0.2925,
      0.78,
      0.39,
      0,
      0.4875,
      0.0975,
      0.585,
      0.195,
      0.6825,
      0.2925,
      0.78,
      0.39,
      0,
      0.4875,
      0.0975,
      0.585,
      0.195,
      0.6825,
      0.2925,
      0.78,
      0.39,
      0,
      0.4875,
      0.0975,
      0.585,
      0.195,
      0.6825,
      0.2925,
      0.78,
      0.39,
      0,
      0.4875,
      0.0975,
      0.585,
      0.195,
      0.6825,
      0.2925,
      0.78,
      0.39,
      0,
      0.4875,
      0.0975,
      0.585,
      0.195,
      0.6825,
      0.2925,
      0.78,
      0.39,
      0,
      0.4875,
      0.0975,
      0.585,
      0.195,
      0.6825,
      0.2925,
      0.78,
      0.39,
      0,
      0.4875,
      0.0975,
      0.585,
      0.195,
      0.6825,
      0.2925,
      0.78,
      0.39
    ],
    "SoftwareVersions": "syngo_MR_B17",
    "SpacingBetweenSlices": 1.8,
    "StationName": "MININT-E41B04",
    "TaskName": "MST",
    "TotalReadoutTime": 0.0712794,
    "TxRefAmp": 336.014,
    "dataset": "ds002168",
    "modality": "bold",
    "run_id": 6,
    "subject_id": "2459",
    "task_id": "mst"
  },
  "dummy_trs": 0,
  "dvars_nstd": 66.52188185414524,
  "dvars_std": 1.0385020335597186,
  "dvars_vstd": 0.9981786524824363,
  "efc": 0.5720127625287125,
  "fber": 289.6175537109375,
  "fd_mean": 0.1014615081825932,
  "fd_num": 8,
  "fd_perc": 1.8691588785046729,
  "fwhm_avg": 3.2962463138876656,
  "fwhm_x": 3.15031675012156,
  "fwhm_y": 3.5797889837209116,
  "fwhm_z": 3.158633207820526,
  "gcor": 0.00322794,
  "gsr_x": -0.013483374379575253,
  "gsr_y": 0.07893702387809753,
  "provenance": {
    "md5sum": "9e7272c0294fb153e67b69f1b709a5cb",
    "settings": {
      "fd_thres": 0.2,
      "testing": false
    },
    "software": "mriqc",
    "version": "23.0.1",
    "webapi_port": null,
    "webapi_url": "https://mriqc.nimh.nih.gov/api/v1"
  },
  "size_t": 428,
  "size_x": 100,
  "size_y": 100,
  "size_z": 72,
  "snr": 2.185065063675094,
  "spacing_tr": 0.875,
  "spacing_x": 1.7999999523162842,
  "spacing_y": 1.7999999523162842,
  "spacing_z": 1.8000000715255737,
  "summary_bg_k": 29.17612854789136,
  "summary_bg_mad": 13.236034182503023,
  "summary_bg_mean": 36.18769073486328,
  "summary_bg_median": 21.530372619628906,
  "summary_bg_n": 440713.0,
  "summary_bg_p05": 11.427569389343262,
  "summary_bg_p95": 109.54672241210938,
  "summary_bg_stdv": 44.07681655883789,
  "summary_fg_k": 3.183322993176338,
  "summary_fg_mad": 118.45056502841678,
  "summary_fg_mean": 418.6517333984375,
  "summary_fg_median": 371.3410949707031,
  "summary_fg_n": 180218.0,
  "summary_fg_p05": 233.50431900024415,
  "summary_fg_p95": 771.1235595703122,
  "summary_fg_stdv": 169.9446258544922,
  "tsnr": 22.209031326230615
}