{
  "aor": 0.00022455607476635513,
  "aqi": 0.013825294158878504,
  "bids_meta": {
    "AcquisitionMatrixPE": 100,
    "AcquisitionNumber": 1,
    "AcquisitionTime": "10:47:6.917500",
    "BandwidthPerPixelPhaseEncode": 13.889,
    "BaseResolution": 100,
    "ConversionSoftware": "dcm2niix",
    "ConversionSoftwareVersion": "v1.0.20180404 Clang8.0.0",
    "DerivedVendorReportedEchoSpacing": 0.000719994,
    "DeviceSerialNumber": "35002",
    "DwellTime": 2.8e-06,
    "EchoTime": 0.0436,
    "EffectiveEchoSpacing": 0.000719994,
    "FlipAngle": 55,
    "ImageComments": "Unaliased_MB8_PE3_(remote)",
    "ImageOrientationPatientDICOM": [
      1,
      0,
      0,
      0,
      0.876307,
      0.481754
    ],
    "ImageType": [
      "ORIGINAL",
      "PRIMARY",
      "M",
      "MB",
      "ND",
      "MOSAIC"
    ],
    "InPlanePhaseEncodingDirectionDICOM": "COL",
    "InstitutionAddress": "University_Pkwy_1700_North_685_Provo_UT_US_84601",
    "InstitutionName": "Brigham_Young_University",
    "InstitutionalDepartmentName": "MRI",
    "MRAcquisitionType": "2D",
    "MagneticFieldStrength": 3,
    "Manufacturer": "Siemens",
    "ManufacturersModelName": "TrioTim",
    "Modality": "MR",
    "MultibandAccelerationFactor": 8,
    "PartialFourier": 1,
    "PatientPosition": "HFS",
    "PercentPhaseFOV": 100,
    "PhaseEncodingDirection": "j-",
    "PhaseEncodingSteps": 100,
    "PhaseResolution": 1,
    "PixelBandwidth": 1786,
    "ProcedureStepDescription": "Research_KIRWAN",
    "ProtocolName": "run3",
    "PulseSequenceDetails": "%CustomerSeq%_cmrr_mbep2d_bold",
    "ReceiveCoilName": "32Ch_Head",
    "ReconMatrixPE": 100,
    "RepetitionTime": 0.875,
    "SAR": 0.100745,
    "ScanOptions": "FS",
    "ScanningSequence": "EP",
    "SequenceName": "epfid2d1_100",
    "SequenceVariant": "SK_SS",
    "SeriesDescription": "run3",
    "SeriesNumber": 5,
    "ShimSetting": [
      -2802,
      -22975,
      2437,
      720,
      104,
      65,
      343,
      447
    ],
    "SliceThickness": 1.8,
    "SliceTiming": [
      0,
      0.4875,
      0.0975,
      0.585,
      0.195,
      0.6825,
      0.2925,
      0.78,
      0.39,
      0,
      0.4875,
      0.0975,
      0.585,
      0.195,
      0.6825,
      0.2925,
      0.78,
      0.39,
      0,
      0.4875,
      0.0975,
      0.585,
      0.195,
      0.6825,
      0.2925,
      0.78,
      0.39,
      0,
      0.4875,
      0.0975,
      0.585,
      0.195,
      0.6825,
      0.2925,
      0.78,
      0.39,
      0,
      0.4875,
      0.0975,
      0.585,
      0.195,
      0.6825,
      0.2925,
      0.78,
      0.39,
      0,
      0.4875,
      0.0975,
      0.585,
      0.195,
      0.6825,
      0.2925,
      0.78,
      0.39,
      0,
      0.4875,
      0.0975,
      0.585,
      0.195,
      0.6825,
      0.2925,
      0.78,
      0.39,
      0,
      0.4875,
      0.0975,
      0.585,
      0.195,
      0.6825,
      0.2925,
      0.78,
      0.39
    ],
    "SoftwareVersions": "syngo_MR_B17",
    "SpacingBetweenSlices": 1.8,
    "StationName": "MININT-E41B04",
    "TaskName": "MST",
    "TotalReadoutTime": 0.0712794,
    "TxRefAmp": 336.014,
    "dataset": "ds002168",
    "modality": "bold",
    "run_id": 3,
    "subject_id": "2459",
    "task_id": "mst"
  },
  "dummy_trs": 0,
  "dvars_nstd": 66.62076721379388,
  "dvars_std": 1.0425160027400457,
  "dvars_vstd": 1.0005674418032793,
  "efc": 0.57212151974135,
  "fber": 291.4082946777344,
  "fd_mean": 0.10436015132051396,
  "fd_num": 3,
  "fd_perc": 0.7009345794392523,
  "fwhm_avg": 3.2559444618898445,
  "fwhm_x": 3.1117056379876042,
  "fwhm_y": 3.539244538202406,
  "fwhm_z": 3.1168832094795222,
  "gcor": 0.00452847,
  "gsr_x": -0.014431934803724289,
  "gsr_y": 0.08044422417879105,
  "provenance": {
    "md5sum": "ec84e845f6afd7fb9972225a521ee6b5",
    "settings": {
      "fd_thres": 0.2,
      "testing": false
    },
    "software": "mriqc",
    "version": "23.0.1",
    "webapi_port": null,
    "webapi_url": "https://mriqc.nimh.nih.gov/api/v1"
  },
  "size_t": 428,
  "size_x": 100,
  "size_y": 100,
  "size_z": 72,
  "snr": 2.2088255897802616,
  "spacing_tr": 0.875,
  "spacing_x": 1.7999999523162842,
  "spacing_y": 1.7999999523162842,
  "spacing_z": 1.8000000715255737,
  "summary_bg_k": 29.763823494567724,
  "summary_bg_mad": 12.997018134045609,
  "summary_bg_mean": 35.37818145751953,
  "summary_bg_median": 21.331775665283203,
  "summary_bg_n": 439980.0,
  "summary_bg_p05": 11.408878326416016,
  "summary_bg_p95": 106.26179733276365,
  "summary_bg_stdv": 42.85487747192383,
  "summary_fg_k": 3.27462188699469,
  "summary_fg_mad": 116.41196435525706,
  "summary_fg_mean": 415.68682861328125,
  "summary_fg_median": 369.6074523925781,
  "summary_fg_n": 180759.0,
  "summary_fg_p05": 232.37288970947264,
  "summary_fg_p95": 762.5733215332032,
  "summary_fg_stdv": 167.33164978027344,
  "tsnr": 23.26735398452729
}