{
  "aor": 0.0007270327102803738,
  "aqi": 0.018206377803738318,
  "bids_meta": {
    "AcquisitionMatrixPE": 100,
    "AcquisitionNumber": 1,
    "AcquisitionTime": "10:33:26.895000",
    "BandwidthPerPixelPhaseEncode": 13.889,
    "BaseResolution": 100,
    "ConversionSoftware": "dcm2niix",
    "ConversionSoftwareVersion": "v1.0.20180404 Clang8.0.0",
    "DerivedVendorReportedEchoSpacing": 0.000719994,
    "DeviceSerialNumber": "35002",
    "DwellTime": 2.8e-06,
    "EchoTime": 0.0436,
    "EffectiveEchoSpacing": 0.000719994,
    "FlipAngle": 55,
    "ImageComments": "Unaliased_MB8_PE3_(remote)",
    "ImageOrientationPatientDICOM": [
      1,
      0,
      0,
      0,
      0.876307,
      0.481754
    ],
    "ImageType": [
      "ORIGINAL",
      "PRIMARY",
      "M",
      "MB",
      "ND",
      "MOSAIC"
    ],
    "InPlanePhaseEncodingDirectionDICOM": "COL",
    "InstitutionAddress": "University_Pkwy_1700_North_685_Provo_UT_US_84601",
    "InstitutionName": "Brigham_Young_University",
    "InstitutionalDepartmentName": "MRI",
    "MRAcquisitionType": "2D",
    "MagneticFieldStrength": 3,
    "Manufacturer": "Siemens",
    "ManufacturersModelName": "TrioTim",
    "Modality": "MR",
    "MultibandAccelerationFactor": 8,
    "PartialFourier": 1,
    "PatientPosition": "HFS",
    "PercentPhaseFOV": 100,
    "PhaseEncodingDirection": "j-",
    "PhaseEncodingSteps": 100,
    "PhaseResolution": 1,
    "PixelBandwidth": 1786,
    "ProcedureStepDescription": "Research_KIRWAN",
    "ProtocolName": "run1",
    "PulseSequenceDetails": "%CustomerSeq%_cmrr_mbep2d_bold",
    "ReceiveCoilName": "32Ch_Head",
    "ReconMatrixPE": 100,
    "RepetitionTime": 0.875,
    "SAR": 0.099424,
    "ScanOptions": "FS",
    "ScanningSequence": "EP",
    "SequenceName": "epfid2d1_100",
    "SequenceVariant": "SK_SS",
    "SeriesDescription": "run1",
    "SeriesNumber": 3,
    "ShimSetting": [
      -2802,
      -22975,
      2437,
      720,
      104,
      65,
      343,
      447
    ],
    "SliceThickness": 1.8,
    "SliceTiming": [
      0,
      0.4875,
      0.0975,
      0.585,
      0.195,
      0.6825,
      0.2925,
      0.78,
      0.39,
      0,
      0.4875,
      0.0975,
      0.585,
      0.195,
      0.6825,
      0.2925,
      0.78,
      0.39,
      0,
      0.4875,
      0.0975,
      0.585,
      0.195,
      0.6825,
      0.2925,
      0.78,
      0.39,
      0,
      0.4875,
      0.0975,
      0.585,
      0.195,
      0.6825,
      0.2925,
      0.78,
      0.39,
      0,
      0.4875,
      0.0975,
      0.585,
      0.195,
      0.6825,
      0.2925,
      0.78,
      0.39,
      0,
      0.4875,
      0.0975,
      0.585,
      0.195,
      0.6825,
      0.2925,
      0.78,
      0.39,
      0,
      0.4875,
      0.0975,
      0.585,
      0.195,
      0.6825,
      0.2925,
      0.78,
      0.39,
      0,
      0.4875,
      0.0975,
      0.585,
      0.195,
      0.6825,
      0.2925,
      0.78,
      0.39
    ],
    "SoftwareVersions": "syngo_MR_B17",
    "SpacingBetweenSlices": 1.8,
    "StationName": "MININT-E41B04",
    "TaskName": "MST",
    "TotalReadoutTime": 0.0712794,
    "TxRefAmp": 336.014,
    "dataset": "ds002168",
    "modality": "bold",
    "run_id": 1,
    "subject_id": "2459",
    "task_id": "mst"
  },
  "dummy_trs": 0,
  "dvars_nstd": 67.90484181388756,
  "dvars_std": 1.0406959949414518,
  "dvars_vstd": 0.9993737353629975,
  "efc": 0.5729663188038143,
  "fber": 308.6631774902344,
  "fd_mean": 0.1467513501684479,
  "fd_num": 108,
  "fd_perc": 25.233644859813083,
  "fwhm_avg": 3.2777426107203063,
  "fwhm_x": 3.1102056379478675,
  "fwhm_y": 3.61088898454478,
  "fwhm_z": 3.1121332096682703,
  "gcor": 0.00285206,
  "gsr_x": -0.012881415896117687,
  "gsr_y": 0.0779900923371315,
  "provenance": {
    "md5sum": "d0360d041dcd6cc54c3b6f9db8bbfa90",
    "settings": {
      "fd_thres": 0.2,
      "testing": false
    },
    "software": "mriqc",
    "version": "23.0.1",
    "webapi_port": null,
    "webapi_url": "https://mriqc.nimh.nih.gov/api/v1"
  },
  "size_t": 428,
  "size_x": 100,
  "size_y": 100,
  "size_z": 72,
  "snr": 2.243985051554536,
  "spacing_tr": 0.875,
  "spacing_x": 1.7999999523162842,
  "spacing_y": 1.7999999523162842,
  "spacing_z": 1.8000000715255737,
  "summary_bg_k": 28.027778689149592,
  "summary_bg_mad": 12.383884599962254,
  "summary_bg_mean": 34.69049835205078,
  "summary_bg_median": 20.780372619628906,
  "summary_bg_n": 438483.0,
  "summary_bg_p05": 11.341120719909668,
  "summary_bg_p95": 103.67289733886719,
  "summary_bg_stdv": 41.64094924926758,
  "summary_fg_k": 3.2828868001274953,
  "summary_fg_mad": 114.35089932658317,
  "summary_fg_mean": 413.7401428222656,
  "summary_fg_median": 368.9345703125,
  "summary_fg_n": 181919.0,
  "summary_fg_p05": 232.9013885498047,
  "summary_fg_p95": 753.7733337402345,
  "summary_fg_stdv": 164.4099884033203,
  "tsnr": 20.77348622214049
}