{
  "aor": 0.0003025934579439252,
  "aqi": 0.014167709813084111,
  "bids_meta": {
    "AcquisitionMatrixPE": 100,
    "AcquisitionNumber": 1,
    "AcquisitionTime": "10:40:26.485000",
    "BandwidthPerPixelPhaseEncode": 13.889,
    "BaseResolution": 100,
    "ConversionSoftware": "dcm2niix",
    "ConversionSoftwareVersion": "v1.0.20180404 Clang8.0.0",
    "DerivedVendorReportedEchoSpacing": 0.000719994,
    "DeviceSerialNumber": "35002",
    "DwellTime": 2.8e-06,
    "EchoTime": 0.0436,
    "EffectiveEchoSpacing": 0.000719994,
    "FlipAngle": 55,
    "ImageComments": "Unaliased_MB8_PE3_(remote)",
    "ImageOrientationPatientDICOM": [
      1,
      0,
      0,
      0,
      0.876307,
      0.481754
    ],
    "ImageType": [
      "ORIGINAL",
      "PRIMARY",
      "M",
      "MB",
      "ND",
      "MOSAIC"
    ],
    "InPlanePhaseEncodingDirectionDICOM": "COL",
    "InstitutionAddress": "University_Pkwy_1700_North_685_Provo_UT_US_84601",
    "InstitutionName": "Brigham_Young_University",
    "InstitutionalDepartmentName": "MRI",
    "MRAcquisitionType": "2D",
    "MagneticFieldStrength": 3,
    "Manufacturer": "Siemens",
    "ManufacturersModelName": "TrioTim",
    "Modality": "MR",
    "MultibandAccelerationFactor": 8,
    "PartialFourier": 1,
    "PatientPosition": "HFS",
    "PercentPhaseFOV": 100,
    "PhaseEncodingDirection": "j-",
    "PhaseEncodingSteps": 100,
    "PhaseResolution": 1,
    "PixelBandwidth": 1786,
    "ProcedureStepDescription": "Research_KIRWAN",
    "ProtocolName": "run2",
    "PulseSequenceDetails": "%CustomerSeq%_cmrr_mbep2d_bold",
    "ReceiveCoilName": "32Ch_Head",
    "ReconMatrixPE": 100,
    "RepetitionTime": 0.875,
    "SAR": 0.102002,
    "ScanOptions": "FS",
    "ScanningSequence": "EP",
    "SequenceName": "epfid2d1_100",
    "SequenceVariant": "SK_SS",
    "SeriesDescription": "run2",
    "SeriesNumber": 4,
    "ShimSetting": [
      -2802,
      -22975,
      2437,
      720,
      104,
      65,
      343,
      447
    ],
    "SliceThickness": 1.8,
    "SliceTiming": [
      0,
      0.4875,
      0.0975,
      0.585,
      0.195,
      0.6825,
      0.2925,
      0.78,
      0.39,
      0,
      0.4875,
      0.0975,
      0.585,
      0.195,
      0.6825,
      0.2925,
      0.78,
      0.39,
      0,
      0.4875,
      0.0975,
      0.585,
      0.195,
      0.6825,
      0.2925,
      0.78,
      0.39,
      0,
      0.4875,
      0.0975,
      0.585,
      0.195,
      0.6825,
      0.2925,
      0.78,
      0.39,
      0,
      0.4875,
      0.0975,
      0.585,
      0.195,
      0.6825,
      0.2925,
      0.78,
      0.39,
      0,
      0.4875,
      0.0975,
      0.585,
      0.195,
      0.6825,
      0.2925,
      0.78,
      0.39,
      0,
      0.4875,
      0.0975,
      0.585,
      0.195,
      0.6825,
      0.2925,
      0.78,
      0.39,
      0,
      0.4875,
      0.0975,
      0.585,
      0.195,
      0.6825,
      0.2925,
      0.78,
      0.39
    ],
    "SoftwareVersions": "syngo_MR_B17",
    "SpacingBetweenSlices": 1.8,
    "StationName": "MININT-E41B04",
    "TaskName": "MST",
    "TotalReadoutTime": 0.0712794,
    "TxRefAmp": 336.014,
    "dataset": "ds002168",
    "modality": "bold",
    "run_id": 2,
    "subject_id": "2459",
    "task_id": "mst"
  },
  "dummy_trs": 0,
  "dvars_nstd": 66.68271404697899,
  "dvars_std": 1.0441302346604213,
  "dvars_vstd": 1.0021023648477752,
  "efc": 0.5726029272070967,
  "fber": 293.1266784667969,
  "fd_mean": 0.09665322712242294,
  "fd_num": 1,
  "fd_perc": 0.2336448598130841,
  "fwhm_avg": 3.2227814988056855,
  "fwhm_x": 3.0776778593083978,
  "fwhm_y": 3.50808898182151,
  "fwhm_z": 3.082577655287147,
  "gcor": 0.00742666,
  "gsr_x": -0.013933110982179642,
  "gsr_y": 0.07968974113464355,
  "provenance": {
    "md5sum": "9fc635090f873592093b0a56055c0ffb",
    "settings": {
      "fd_thres": 0.2,
      "testing": false
    },
    "software": "mriqc",
    "version": "23.0.1",
    "webapi_port": null,
    "webapi_url": "https://mriqc.nimh.nih.gov/api/v1"
  },
  "size_t": 428,
  "size_x": 100,
  "size_y": 100,
  "size_z": 72,
  "snr": 2.226182091908949,
  "spacing_tr": 0.875,
  "spacing_x": 1.7999999523162842,
  "spacing_y": 1.7999999523162842,
  "spacing_z": 1.8000000715255737,
  "summary_bg_k": 28.487575368642652,
  "summary_bg_mad": 12.83767221651446,
  "summary_bg_mean": 35.0657844543457,
  "summary_bg_median": 21.21962547302246,
  "summary_bg_n": 439263.0,
  "summary_bg_p05": 11.429905891418457,
  "summary_bg_p95": 105.2450897216796,
  "summary_bg_stdv": 42.29603576660156,
  "summary_fg_k": 3.233925524262804,
  "summary_fg_mad": 115.91661739821973,
  "summary_fg_mean": 413.85919189453125,
  "summary_fg_median": 368.92755126953125,
  "summary_fg_n": 181271.0,
  "summary_fg_p05": 231.4813003540039,
  "summary_fg_p95": 756.5174865722656,
  "summary_fg_stdv": 165.7216339111328,
  "tsnr": 22.84911846742034
}