{
  "aor": 0.0003744859813084112,
  "aqi": 0.014476094859813084,
  "bids_meta": {
    "AcquisitionMatrixPE": 100,
    "AcquisitionNumber": 1,
    "AcquisitionTime": "11:22:25.630000",
    "BandwidthPerPixelPhaseEncode": 13.889,
    "BaseResolution": 100,
    "ConversionSoftware": "dcm2niix",
    "ConversionSoftwareVersion": "v1.0.20180404 Clang8.0.0",
    "DerivedVendorReportedEchoSpacing": 0.000719994,
    "DeviceSerialNumber": "35002",
    "DwellTime": 2.8e-06,
    "EchoTime": 0.0436,
    "EffectiveEchoSpacing": 0.000719994,
    "FlipAngle": 55,
    "ImageComments": "Unaliased_MB8_PE3_(remote)",
    "ImageOrientationPatientDICOM": [
      0.999467,
      0.0147246,
      -0.0291393,
      1.90236e-09,
      0.892521,
      0.451006
    ],
    "ImageType": [
      "ORIGINAL",
      "PRIMARY",
      "M",
      "MB",
      "ND",
      "MOSAIC"
    ],
    "InPlanePhaseEncodingDirectionDICOM": "COL",
    "InstitutionAddress": "University_Pkwy_1700_North_685_Provo_UT_US_84601",
    "InstitutionName": "Brigham_Young_University",
    "InstitutionalDepartmentName": "MRI",
    "MRAcquisitionType": "2D",
    "MagneticFieldStrength": 3,
    "Manufacturer": "Siemens",
    "ManufacturersModelName": "TrioTim",
    "Modality": "MR",
    "MultibandAccelerationFactor": 8,
    "PartialFourier": 1,
    "PatientPosition": "HFS",
    "PercentPhaseFOV": 100,
    "PhaseEncodingDirection": "j-",
    "PhaseEncodingSteps": 100,
    "PhaseResolution": 1,
    "PixelBandwidth": 1786,
    "ProcedureStepDescription": "Research_KIRWAN",
    "ProtocolName": "run2",
    "PulseSequenceDetails": "%CustomerSeq%_cmrr_mbep2d_bold",
    "ReceiveCoilName": "32Ch_Head",
    "ReconMatrixPE": 100,
    "RepetitionTime": 0.875,
    "SAR": 0.105224,
    "ScanOptions": "FS",
    "ScanningSequence": "EP",
    "SequenceName": "epfid2d1_100",
    "SequenceVariant": "SK_SS",
    "SeriesDescription": "run2",
    "SeriesNumber": 4,
    "ShimSetting": [
      -2906,
      -22864,
      2333,
      1229,
      -147,
      327,
      96,
      666
    ],
    "SliceThickness": 1.8,
    "SliceTiming": [
      0,
      0.4875,
      0.0975,
      0.585,
      0.195,
      0.6825,
      0.2925,
      0.78,
      0.39,
      0,
      0.4875,
      0.0975,
      0.585,
      0.195,
      0.6825,
      0.2925,
      0.78,
      0.39,
      0,
      0.4875,
      0.0975,
      0.585,
      0.195,
      0.6825,
      0.2925,
      0.78,
      0.39,
      0,
      0.4875,
      0.0975,
      0.585,
      0.195,
      0.6825,
      0.2925,
      0.78,
      0.39,
      0,
      0.4875,
      0.0975,
      0.585,
      0.195,
      0.6825,
      0.2925,
      0.78,
      0.39,
      0,
      0.4875,
      0.0975,
      0.585,
      0.195,
      0.6825,
      0.2925,
      0.78,
      0.39,
      0,
      0.4875,
      0.0975,
      0.585,
      0.195,
      0.6825,
      0.2925,
      0.78,
      0.39,
      0,
      0.4875,
      0.0975,
      0.585,
      0.195,
      0.6825,
      0.2925,
      0.78,
      0.39
    ],
    "SoftwareVersions": "syngo_MR_B17",
    "SpacingBetweenSlices": 1.8,
    "StationName": "MININT-E41B04",
    "TaskName": "MST",
    "TotalReadoutTime": 0.0712794,
    "TxRefAmp": 342.431,
    "dataset": "ds002168",
    "modality": "bold",
    "run_id": 2,
    "subject_id": "2411",
    "task_id": "mst"
  },
  "dummy_trs": 0,
  "dvars_nstd": 69.70010476051523,
  "dvars_std": 1.0400574025526932,
  "dvars_vstd": 1.0013610170023415,
  "efc": 0.5863461866218579,
  "fber": 312.7052917480469,
  "fd_mean": 0.08082815027441714,
  "fd_num": 0,
  "fd_perc": 0.0,
  "fwhm_avg": 3.0973611931631617,
  "fwhm_x": 2.887238965374601,
  "fwhm_y": 3.4231223129039954,
  "fwhm_z": 2.981722301210888,
  "gcor": 0.00327717,
  "gsr_x": -0.012051821686327457,
  "gsr_y": 0.07061909884214401,
  "provenance": {
    "md5sum": "2ce345a0854c54f1be028b5d9956ec88",
    "settings": {
      "fd_thres": 0.2,
      "testing": false
    },
    "software": "mriqc",
    "version": "23.0.1",
    "webapi_port": null,
    "webapi_url": "https://mriqc.nimh.nih.gov/api/v1"
  },
  "size_t": 428,
  "size_x": 100,
  "size_y": 100,
  "size_z": 72,
  "snr": 2.154646665164562,
  "spacing_tr": 0.875,
  "spacing_x": 1.7999999523162842,
  "spacing_y": 1.7999999523162842,
  "spacing_z": 1.7999999523162842,
  "summary_bg_k": 26.27720865995364,
  "summary_bg_mad": 11.265003315842941,
  "summary_bg_mean": 32.92830276489258,
  "summary_bg_median": 19.74065399169922,
  "summary_bg_n": 412705.0,
  "summary_bg_p05": 11.065420150756836,
  "summary_bg_p95": 100.31261291503904,
  "summary_bg_stdv": 37.395198822021484,
  "summary_fg_k": 5.076524287462009,
  "summary_fg_mad": 116.62154118253116,
  "summary_fg_mean": 395.1949768066406,
  "summary_fg_median": 358.2569885253906,
  "summary_fg_n": 202070.0,
  "summary_fg_p05": 203.97405548095705,
  "summary_fg_p95": 722.7430755615231,
  "summary_fg_stdv": 166.27139282226562,
  "tsnr": 21.01734939729795
}