{
  "aor": 0.0005661682242990655,
  "aqi": 0.014130055140186915,
  "bids_meta": {
    "AcquisitionMatrixPE": 100,
    "AcquisitionNumber": 1,
    "AcquisitionTime": "11:42:26.465000",
    "BandwidthPerPixelPhaseEncode": 13.889,
    "BaseResolution": 100,
    "ConversionSoftware": "dcm2niix",
    "ConversionSoftwareVersion": "v1.0.20180404 Clang8.0.0",
    "DerivedVendorReportedEchoSpacing": 0.000719994,
    "DeviceSerialNumber": "35002",
    "DwellTime": 2.8e-06,
    "EchoTime": 0.0436,
    "EffectiveEchoSpacing": 0.000719994,
    "FlipAngle": 55,
    "ImageComments": "Unaliased_MB8_PE3_(remote)",
    "ImageOrientationPatientDICOM": [
      0.999467,
      0.0147246,
      -0.0291393,
      1.90236e-09,
      0.892521,
      0.451006
    ],
    "ImageType": [
      "ORIGINAL",
      "PRIMARY",
      "M",
      "MB",
      "ND",
      "MOSAIC"
    ],
    "InPlanePhaseEncodingDirectionDICOM": "COL",
    "InstitutionAddress": "University_Pkwy_1700_North_685_Provo_UT_US_84601",
    "InstitutionName": "Brigham_Young_University",
    "InstitutionalDepartmentName": "MRI",
    "MRAcquisitionType": "2D",
    "MagneticFieldStrength": 3,
    "Manufacturer": "Siemens",
    "ManufacturersModelName": "TrioTim",
    "Modality": "MR",
    "MultibandAccelerationFactor": 8,
    "PartialFourier": 1,
    "PatientPosition": "HFS",
    "PercentPhaseFOV": 100,
    "PhaseEncodingDirection": "j-",
    "PhaseEncodingSteps": 100,
    "PhaseResolution": 1,
    "PixelBandwidth": 1786,
    "ProcedureStepDescription": "Research_KIRWAN",
    "ProtocolName": "run5",
    "PulseSequenceDetails": "%CustomerSeq%_cmrr_mbep2d_bold",
    "ReceiveCoilName": "32Ch_Head",
    "ReconMatrixPE": 100,
    "RepetitionTime": 0.875,
    "SAR": 0.108126,
    "ScanOptions": "FS",
    "ScanningSequence": "EP",
    "SequenceName": "epfid2d1_100",
    "SequenceVariant": "SK_SS",
    "SeriesDescription": "run5",
    "SeriesNumber": 7,
    "ShimSetting": [
      -2906,
      -22864,
      2333,
      1229,
      -147,
      327,
      96,
      666
    ],
    "SliceThickness": 1.8,
    "SliceTiming": [
      0,
      0.4875,
      0.0975,
      0.585,
      0.195,
      0.6825,
      0.2925,
      0.78,
      0.39,
      0,
      0.4875,
      0.0975,
      0.585,
      0.195,
      0.6825,
      0.2925,
      0.78,
      0.39,
      0,
      0.4875,
      0.0975,
      0.585,
      0.195,
      0.6825,
      0.2925,
      0.78,
      0.39,
      0,
      0.4875,
      0.0975,
      0.585,
      0.195,
      0.6825,
      0.2925,
      0.78,
      0.39,
      0,
      0.4875,
      0.0975,
      0.585,
      0.195,
      0.6825,
      0.2925,
      0.78,
      0.39,
      0,
      0.4875,
      0.0975,
      0.585,
      0.195,
      0.6825,
      0.2925,
      0.78,
      0.39,
      0,
      0.4875,
      0.0975,
      0.585,
      0.195,
      0.6825,
      0.2925,
      0.78,
      0.39,
      0,
      0.4875,
      0.0975,
      0.585,
      0.195,
      0.6825,
      0.2925,
      0.78,
      0.39
    ],
    "SoftwareVersions": "syngo_MR_B17",
    "SpacingBetweenSlices": 1.8,
    "StationName": "MININT-E41B04",
    "TaskName": "MST",
    "TotalReadoutTime": 0.0712794,
    "TxRefAmp": 342.431,
    "dataset": "ds002168",
    "modality": "bold",
    "run_id": 5,
    "subject_id": "2411",
    "task_id": "mst"
  },
  "dummy_trs": 0,
  "dvars_nstd": 70.68544413711943,
  "dvars_std": 1.05296552440281,
  "dvars_vstd": 1.0081660891100692,
  "efc": 0.5849218895358385,
  "fber": 319.29742431640625,
  "fd_mean": 0.07000148505106085,
  "fd_num": 0,
  "fd_perc": 0.0,
  "fwhm_avg": 3.083438970572127,
  "fwhm_x": 2.8814834096665756,
  "fwhm_y": 3.3921778676398033,
  "fwhm_z": 2.976655634410001,
  "gcor": 0.00286781,
  "gsr_x": -0.009530533105134964,
  "gsr_y": 0.06982561945915222,
  "provenance": {
    "md5sum": "812342161da458302a5d5f455e249057",
    "settings": {
      "fd_thres": 0.2,
      "testing": false
    },
    "software": "mriqc",
    "version": "23.0.1",
    "webapi_port": null,
    "webapi_url": "https://mriqc.nimh.nih.gov/api/v1"
  },
  "size_t": 428,
  "size_x": 100,
  "size_y": 100,
  "size_z": 72,
  "snr": 2.181674136726394,
  "spacing_tr": 0.875,
  "spacing_x": 1.7999999523162842,
  "spacing_y": 1.7999999523162842,
  "spacing_z": 1.7999999523162842,
  "summary_bg_k": 26.71021662791207,
  "summary_bg_mad": 11.102196122990877,
  "summary_bg_mean": 32.8936653137207,
  "summary_bg_median": 19.565420150756836,
  "summary_bg_n": 415579.0,
  "summary_bg_p05": 10.983644485473633,
  "summary_bg_p95": 101.37195816040028,
  "summary_bg_stdv": 37.61139678955078,
  "summary_fg_k": 4.930552574409203,
  "summary_fg_mad": 115.06620693685736,
  "summary_fg_mean": 394.3929443359375,
  "summary_fg_median": 358.0210266113281,
  "summary_fg_n": 199534.0,
  "summary_fg_p05": 203.77557907104494,
  "summary_fg_p95": 716.718096923828,
  "summary_fg_stdv": 164.1033935546875,
  "tsnr": 21.165932377334684
}