{
  "bids_meta": {
    "AcquisitionMatrixPE": 256,
    "AcquisitionNumber": 1,
    "AcquisitionTime": "17:34:36.030000",
    "BaseResolution": 256,
    "ConversionSoftware": "dcm2niix",
    "ConversionSoftwareVersion": "v1.0.20180404 Clang8.0.0",
    "DeviceSerialNumber": "35002",
    "DwellTime": 1.03e-05,
    "EchoTime": 0.00492,
    "FlipAngle": 25,
    "ImageOrientationPatientDICOM": [
      -0.0958458,
      0.995396,
      -4.42655e-08,
      -0.0347388,
      -0.00334501,
      -0.999391
    ],
    "ImageType": [
      "ORIGINAL",
      "PRIMARY",
      "M",
      "ND",
      "NORM"
    ],
    "InPlanePhaseEncodingDirectionDICOM": "ROW",
    "InstitutionAddress": "University_Pkwy_1700_North_685_Provo_UT_US_84601",
    "InstitutionName": "Brigham_Young_University",
    "InstitutionalDepartmentName": "MRI",
    "MRAcquisitionType": "3D",
    "MagneticFieldStrength": 3,
    "Manufacturer": "Siemens",
    "ManufacturersModelName": "TrioTim",
    "Modality": "MR",
    "ParallelReductionFactorInPlane": 2,
    "PartialFourier": 1,
    "PatientPosition": "HFS",
    "PercentPhaseFOV": 100,
    "PhaseEncodingSteps": 255,
    "PhaseResolution": 1,
    "PixelBandwidth": 190,
    "ProcedureStepDescription": "Research_KIRWAN",
    "ProtocolName": "t1_fl3d_sag_no3Daccel_iso_1.0_1avg",
    "PulseSequenceDetails": "%SiemensSeq%_gre",
    "ReceiveCoilName": "32Ch_Head",
    "ReconMatrixPE": 256,
    "RepetitionTime": 0.02,
    "SAR": 0.17327,
    "ScanningSequence": "GR",
    "SequenceName": "_fl3d1_ns",
    "SequenceVariant": "SP",
    "SeriesDescription": "t1_fl3d_sag_no3Daccel_iso_1.0_1avg",
    "SeriesNumber": 9,
    "ShimSetting": [
      -2655,
      -23109,
      2059,
      81,
      -13,
      -145,
      -152,
      15
    ],
    "SliceThickness": 1,
    "SoftwareVersions": "syngo_MR_B17",
    "StationName": "MININT-E41B04",
    "TxRefAmp": 355.888,
    "dataset": "ds002168",
    "modality": "T1w",
    "subject_id": "1516"
  },
  "cjv": 0.40464548013799356,
  "cnr": 3.3393485971448564,
  "efc": 0.5322173635178143,
  "fber": 11931.119731691126,
  "fwhm_avg": 3.5133684058228263,
  "fwhm_x": 3.3667152174684793,
  "fwhm_y": 3.78727,
  "fwhm_z": 3.38612,
  "icvs_csf": 0.17018382677728564,
  "icvs_gm": 0.4161976033217678,
  "icvs_wm": 0.4136185699009466,
  "inu_med": 0.36642807722091675,
  "inu_range": 0.1586744427680969,
  "provenance": {
    "md5sum": "eb84204068390ee7a3115a16103c1301",
    "settings": {
      "testing": false
    },
    "software": "mriqc",
    "version": "23.0.1",
    "warnings": {
      "large_rot_frame": true,
      "small_air_mask": false
    },
    "webapi_port": null,
    "webapi_url": "https://mriqc.nimh.nih.gov/api/v1"
  },
  "qi_1": 1.4019053982306165e-05,
  "qi_2": 0.033130601222624075,
  "rpve_csf": 34.38630759175962,
  "rpve_gm": 14.676829966351823,
  "rpve_wm": 17.026590228673513,
  "size_x": 192,
  "size_y": 256,
  "size_z": 256,
  "snr_csf": 2.6221751722802322,
  "snr_gm": 16.158750174744092,
  "snr_total": 14.782850228457628,
  "snr_wm": 25.56762533834856,
  "snrd_csf": 68.63710848359595,
  "snrd_gm": 143.545320626157,
  "snrd_total": 131.29164864388702,
  "snrd_wm": 181.69251682190813,
  "spacing_x": 0.9999984502792358,
  "spacing_y": 1.0,
  "spacing_z": 1.0,
  "summary_bg_k": 12.284901188367398,
  "summary_bg_mad": 3.6058625296601434,
  "summary_bg_mean": 4.021451912845316,
  "summary_bg_median": 2.4321173168718815,
  "summary_bg_n": 3130585.0,
  "summary_bg_p05": 0.0,
  "summary_bg_p95": 15.958687599748373,
  "summary_bg_stdv": 5.733049236127159,
  "summary_csf_k": 0.4529658292531664,
  "summary_csf_mad": 107.53373598726209,
  "summary_csf_mean": 354.1837234597091,
  "summary_csf_median": 377.7777843289077,
  "summary_csf_n": 25631.0,
  "summary_csf_p05": 81.67583016864955,
  "summary_csf_p95": 560.4364581611007,
  "summary_csf_stdv": 144.06757363209638,
  "summary_gm_k": 0.15096921734684177,
  "summary_gm_mad": 48.55565570761536,
  "summary_gm_mean": 790.1451796402858,
  "summary_gm_median": 790.071644552052,
  "summary_gm_n": 25155.0,
  "summary_gm_p05": 710.4681116040796,
  "summary_gm_p95": 869.5652324706316,
  "summary_gm_stdv": 48.89338171482787,
  "summary_wm_k": 0.7659431853592973,
  "summary_wm_mad": 36.40439293643186,
  "summary_wm_mean": 1003.1800156901179,
  "summary_wm_median": 1000.0333340167999,
  "summary_wm_n": 216165.0,
  "summary_wm_p05": 945.194086022675,
  "summary_wm_p95": 1072.9968535229564,
  "summary_wm_stdv": 39.11317565300772,
  "tpm_overlap_csf": 0.14118786082912876,
  "tpm_overlap_gm": 0.45081103035766673,
  "tpm_overlap_wm": 0.502712705391656,
  "wm2max": 0.7135623439914418
}