{
  "aor": 0.0002721462264150943,
  "aqi": 0.009818792500000001,
  "bids_meta": {
    "AcquisitionMatrixPE": 100,
    "AcquisitionNumber": 1,
    "AcquisitionTime": "11:26:39.910000",
    "BandwidthPerPixelPhaseEncode": 13.889,
    "BaseResolution": 100,
    "ConversionSoftware": "dcm2niix",
    "ConversionSoftwareVersion": "v1.0.20180404 Clang8.0.0",
    "DerivedVendorReportedEchoSpacing": 0.000719994,
    "DeviceSerialNumber": "35002",
    "DwellTime": 2.8e-06,
    "EchoTime": 0.0436,
    "EffectiveEchoSpacing": 0.000719994,
    "FlipAngle": 55,
    "ImageComments": "Unaliased_MB8_PE3_(remote)",
    "ImageOrientationPatientDICOM": [
      0.999993,
      -0.00176828,
      0.00324401,
      -1.39331e-08,
      0.878028,
      0.478609
    ],
    "ImageType": [
      "ORIGINAL",
      "PRIMARY",
      "M",
      "MB",
      "ND",
      "MOSAIC"
    ],
    "InPlanePhaseEncodingDirectionDICOM": "COL",
    "InstitutionAddress": "University_Pkwy_1700_North_685_Provo_UT_US_84601",
    "InstitutionName": "Brigham_Young_University",
    "InstitutionalDepartmentName": "MRI",
    "MRAcquisitionType": "2D",
    "MagneticFieldStrength": 3,
    "Manufacturer": "Siemens",
    "ManufacturersModelName": "TrioTim",
    "Modality": "MR",
    "MultibandAccelerationFactor": 8,
    "PartialFourier": 1,
    "PatientPosition": "HFS",
    "PercentPhaseFOV": 100,
    "PhaseEncodingDirection": "j-",
    "PhaseEncodingSteps": 100,
    "PhaseResolution": 1,
    "PixelBandwidth": 1786,
    "ProcedureStepDescription": "Research_KIRWAN",
    "ProtocolName": "run3",
    "PulseSequenceDetails": "%CustomerSeq%_cmrr_mbep2d_bold",
    "ReceiveCoilName": "32Ch_Head",
    "ReconMatrixPE": 100,
    "RepetitionTime": 0.875,
    "SAR": 0.0998633,
    "ScanOptions": "FS",
    "ScanningSequence": "EP",
    "SequenceName": "epfid2d1_100",
    "SequenceVariant": "SK_SS",
    "SeriesDescription": "run3",
    "SeriesNumber": 5,
    "ShimSetting": [
      -2876,
      -22911,
      2374,
      1079,
      -138,
      698,
      -45,
      447
    ],
    "SliceThickness": 1.8,
    "SliceTiming": [
      0,
      0.4875,
      0.0975,
      0.585,
      0.195,
      0.6825,
      0.2925,
      0.78,
      0.39,
      0,
      0.4875,
      0.0975,
      0.585,
      0.195,
      0.6825,
      0.2925,
      0.78,
      0.39,
      0,
      0.4875,
      0.0975,
      0.585,
      0.195,
      0.6825,
      0.2925,
      0.78,
      0.39,
      0,
      0.4875,
      0.0975,
      0.585,
      0.195,
      0.6825,
      0.2925,
      0.78,
      0.39,
      0,
      0.4875,
      0.0975,
      0.585,
      0.195,
      0.6825,
      0.2925,
      0.78,
      0.39,
      0,
      0.4875,
      0.0975,
      0.585,
      0.195,
      0.6825,
      0.2925,
      0.78,
      0.39,
      0,
      0.4875,
      0.0975,
      0.585,
      0.195,
      0.6825,
      0.2925,
      0.78,
      0.39,
      0,
      0.4875,
      0.0975,
      0.585,
      0.195,
      0.6825,
      0.2925,
      0.78,
      0.39
    ],
    "SoftwareVersions": "syngo_MR_B17",
    "SpacingBetweenSlices": 1.8,
    "StationName": "MININT-E41B04",
    "TaskName": "MST",
    "TotalReadoutTime": 0.0712794,
    "TxRefAmp": 343.02,
    "dataset": "ds002168",
    "modality": "bold",
    "run_id": 3,
    "subject_id": "2259",
    "task_id": "mst"
  },
  "dummy_trs": 4,
  "dvars_nstd": 66.42309893193854,
  "dvars_std": 1.075641104349883,
  "dvars_vstd": 0.9986976019621742,
  "efc": 0.5539090172864364,
  "fber": 391.7349548339844,
  "fd_mean": 0.09389780412030002,
  "fd_num": 2,
  "fd_perc": 0.4716981132075472,
  "fwhm_avg": 3.4344037217693355,
  "fwhm_x": 3.284888975908729,
  "fwhm_y": 3.715383431757382,
  "fwhm_z": 3.3029387576418947,
  "gcor": 0.00602969,
  "gsr_x": -0.016111385077238083,
  "gsr_y": 0.07509969919919968,
  "provenance": {
    "md5sum": "e0ecb0795f62c0b3d9a5106540b8d8f0",
    "settings": {
      "fd_thres": 0.2,
      "testing": false
    },
    "software": "mriqc",
    "version": "23.0.1",
    "webapi_port": null,
    "webapi_url": "https://mriqc.nimh.nih.gov/api/v1"
  },
  "size_t": 424,
  "size_x": 100,
  "size_y": 100,
  "size_z": 72,
  "snr": 1.866875508474968,
  "spacing_tr": 0.875,
  "spacing_x": 1.7999999523162842,
  "spacing_y": 1.7999999523162842,
  "spacing_z": 1.8000000715255737,
  "summary_bg_k": 24.026295570895677,
  "summary_bg_mad": 11.909771888337287,
  "summary_bg_mean": 35.964988708496094,
  "summary_bg_median": 20.52122688293457,
  "summary_bg_n": 430425.0,
  "summary_bg_p05": 11.67216968536377,
  "summary_bg_p95": 110.98584747314453,
  "summary_bg_stdv": 43.46317672729492,
  "summary_fg_k": 4.476025918769128,
  "summary_fg_mad": 157.80270906045777,
  "summary_fg_mean": 475.2142639160156,
  "summary_fg_median": 415.5353698730469,
  "summary_fg_n": 186049.0,
  "summary_fg_p05": 239.64010009765624,
  "summary_fg_p95": 928.521240234375,
  "summary_fg_stdv": 222.58273315429688,
  "tsnr": 24.537875382928178
}