{
  "aor": 0.0003885680751173709,
  "aqi": 0.013674302112676057,
  "bids_meta": {
    "AcquisitionMatrixPE": 100,
    "AcquisitionNumber": 1,
    "AcquisitionTime": "12:29:57.887500",
    "BandwidthPerPixelPhaseEncode": 13.889,
    "BaseResolution": 100,
    "ConversionSoftware": "dcm2niix",
    "ConversionSoftwareVersion": "v1.0.20180404 Clang8.0.0",
    "DerivedVendorReportedEchoSpacing": 0.000719994,
    "DeviceSerialNumber": "35002",
    "DwellTime": 2.8e-06,
    "EchoTime": 0.0436,
    "EffectiveEchoSpacing": 0.000719994,
    "FlipAngle": 55,
    "ImageComments": "Unaliased_MB8_PE3_(remote)",
    "ImageOrientationPatientDICOM": [
      0.999305,
      0.0218231,
      -0.0302299,
      2.77605e-08,
      0.810801,
      0.585322
    ],
    "ImageType": [
      "ORIGINAL",
      "PRIMARY",
      "M",
      "MB",
      "ND",
      "MOSAIC"
    ],
    "InPlanePhaseEncodingDirectionDICOM": "COL",
    "InstitutionAddress": "University_Pkwy_1700_North_685_Provo_UT_US_84601",
    "InstitutionName": "Brigham_Young_University",
    "InstitutionalDepartmentName": "MRI",
    "MRAcquisitionType": "2D",
    "MagneticFieldStrength": 3,
    "Manufacturer": "Siemens",
    "ManufacturersModelName": "TrioTim",
    "Modality": "MR",
    "MultibandAccelerationFactor": 8,
    "PartialFourier": 1,
    "PatientPosition": "HFS",
    "PercentPhaseFOV": 100,
    "PhaseEncodingDirection": "j-",
    "PhaseEncodingSteps": 100,
    "PhaseResolution": 1,
    "PixelBandwidth": 1786,
    "ProcedureStepDescription": "Research_KIRWAN",
    "ProtocolName": "run5",
    "PulseSequenceDetails": "%CustomerSeq%_cmrr_mbep2d_bold",
    "ReceiveCoilName": "32Ch_Head",
    "ReconMatrixPE": 100,
    "RepetitionTime": 0.875,
    "SAR": 0.140212,
    "ScanOptions": "FS",
    "ScanningSequence": "EP",
    "SequenceName": "epfid2d1_100",
    "SequenceVariant": "SK_SS",
    "SeriesDescription": "run5",
    "SeriesNumber": 7,
    "ShimSetting": [
      -2693,
      -23170,
      2567,
      1114,
      68,
      218,
      245,
      45
    ],
    "SliceThickness": 1.8,
    "SliceTiming": [
      0,
      0.4875,
      0.0975,
      0.585,
      0.195,
      0.6825,
      0.2925,
      0.78,
      0.39,
      0,
      0.4875,
      0.0975,
      0.585,
      0.195,
      0.6825,
      0.2925,
      0.78,
      0.39,
      0,
      0.4875,
      0.0975,
      0.585,
      0.195,
      0.6825,
      0.2925,
      0.78,
      0.39,
      0,
      0.4875,
      0.0975,
      0.585,
      0.195,
      0.6825,
      0.2925,
      0.78,
      0.39,
      0,
      0.4875,
      0.0975,
      0.585,
      0.195,
      0.6825,
      0.2925,
      0.78,
      0.39,
      0,
      0.4875,
      0.0975,
      0.585,
      0.195,
      0.6825,
      0.2925,
      0.78,
      0.39,
      0,
      0.4875,
      0.0975,
      0.585,
      0.195,
      0.6825,
      0.2925,
      0.78,
      0.39,
      0,
      0.4875,
      0.0975,
      0.585,
      0.195,
      0.6825,
      0.2925,
      0.78,
      0.39
    ],
    "SoftwareVersions": "syngo_MR_B17",
    "SpacingBetweenSlices": 1.8,
    "StationName": "MININT-E41B04",
    "TaskName": "MST",
    "TotalReadoutTime": 0.0712794,
    "TxRefAmp": 326.208,
    "dataset": "ds002168",
    "modality": "bold",
    "run_id": 5,
    "subject_id": "1549",
    "task_id": "mst"
  },
  "dummy_trs": 2,
  "dvars_nstd": 65.00022793931761,
  "dvars_std": 1.052138495294118,
  "dvars_vstd": 1.009704378470587,
  "efc": 0.5767220479691388,
  "fber": 352.5768737792969,
  "fd_mean": 0.11746145531973866,
  "fd_num": 17,
  "fd_perc": 3.9906103286384975,
  "fwhm_avg": 3.1942295762554735,
  "fwhm_x": 3.0914945263410814,
  "fwhm_y": 3.365772311384739,
  "fwhm_z": 3.1254218910406015,
  "gcor": 0.00636816,
  "gsr_x": -0.007407232653349638,
  "gsr_y": 0.07632474601268768,
  "provenance": {
    "md5sum": "9a21fd8d24df054996deb5ab136e9f0f",
    "settings": {
      "fd_thres": 0.2,
      "testing": false
    },
    "software": "mriqc",
    "version": "23.0.1",
    "webapi_port": null,
    "webapi_url": "https://mriqc.nimh.nih.gov/api/v1"
  },
  "size_t": 426,
  "size_x": 100,
  "size_y": 100,
  "size_z": 72,
  "snr": 2.277659122593521,
  "spacing_tr": 0.875,
  "spacing_x": 1.7999999523162842,
  "spacing_y": 1.7999999523162842,
  "spacing_z": 1.8000001907348633,
  "summary_bg_k": 35.513862771080625,
  "summary_bg_mad": 11.025547538372129,
  "summary_bg_mean": 34.07456970214844,
  "summary_bg_median": 18.896713256835938,
  "summary_bg_n": 430225.0,
  "summary_bg_p05": 10.396714210510254,
  "summary_bg_p95": 111.2338027954101,
  "summary_bg_stdv": 46.31460189819336,
  "summary_fg_k": 2.9049145133270846,
  "summary_fg_mad": 117.94868010688438,
  "summary_fg_mean": 398.09832763671875,
  "summary_fg_median": 358.1643371582031,
  "summary_fg_n": 189366.0,
  "summary_fg_p05": 219.93016815185547,
  "summary_fg_p95": 711.3638458251953,
  "summary_fg_stdv": 157.2506561279297,
  "tsnr": 22.80417581135407
}