{
  "aor": 0.0004012676056338028,
  "aqi": 0.014524645774647888,
  "bids_meta": {
    "AcquisitionMatrixPE": 100,
    "AcquisitionNumber": 1,
    "AcquisitionTime": "13:30:5.767500",
    "BandwidthPerPixelPhaseEncode": 13.889,
    "BaseResolution": 100,
    "ConversionSoftware": "dcm2niix",
    "ConversionSoftwareVersion": "v1.0.20180404 Clang8.0.0",
    "DerivedVendorReportedEchoSpacing": 0.000719994,
    "DeviceSerialNumber": "35002",
    "DwellTime": 2.8e-06,
    "EchoTime": 0.0436,
    "EffectiveEchoSpacing": 0.000719994,
    "FlipAngle": 55,
    "ImageComments": "Unaliased_MB8_PE3_(remote)",
    "ImageOrientationPatientDICOM": [
      0.999999,
      0.000551893,
      -0.00137947,
      -3.27905e-08,
      0.928461,
      0.371431
    ],
    "ImageType": [
      "ORIGINAL",
      "PRIMARY",
      "M",
      "MB",
      "ND",
      "MOSAIC"
    ],
    "InPlanePhaseEncodingDirectionDICOM": "COL",
    "InstitutionAddress": "University_Pkwy_1700_North_685_Provo_UT_US_84601",
    "InstitutionName": "Brigham_Young_University",
    "InstitutionalDepartmentName": "MRI",
    "MRAcquisitionType": "2D",
    "MagneticFieldStrength": 3,
    "Manufacturer": "Siemens",
    "ManufacturersModelName": "TrioTim",
    "Modality": "MR",
    "MultibandAccelerationFactor": 8,
    "PartialFourier": 1,
    "PatientPosition": "HFS",
    "PercentPhaseFOV": 100,
    "PhaseEncodingDirection": "j-",
    "PhaseEncodingSteps": 100,
    "PhaseResolution": 1,
    "PixelBandwidth": 1786,
    "ProcedureStepDescription": "Research_KIRWAN",
    "ProtocolName": "run4",
    "PulseSequenceDetails": "%CustomerSeq%_cmrr_mbep2d_bold",
    "ReceiveCoilName": "32Ch_Head",
    "ReconMatrixPE": 100,
    "RepetitionTime": 0.875,
    "SAR": 0.128997,
    "ScanOptions": "FS",
    "ScanningSequence": "EP",
    "SequenceName": "epfid2d1_100",
    "SequenceVariant": "SK_SS",
    "SeriesDescription": "run4",
    "SeriesNumber": 6,
    "ShimSetting": [
      -2667,
      -23094,
      2450,
      890,
      -14,
      368,
      -126,
      -118
    ],
    "SliceThickness": 1.8,
    "SliceTiming": [
      0,
      0.49,
      0.0975,
      0.5875,
      0.195,
      0.685,
      0.2925,
      0.7825,
      0.39,
      0,
      0.49,
      0.0975,
      0.5875,
      0.195,
      0.685,
      0.2925,
      0.7825,
      0.39,
      0,
      0.49,
      0.0975,
      0.5875,
      0.195,
      0.685,
      0.2925,
      0.7825,
      0.39,
      0,
      0.49,
      0.0975,
      0.5875,
      0.195,
      0.685,
      0.2925,
      0.7825,
      0.39,
      0,
      0.49,
      0.0975,
      0.5875,
      0.195,
      0.685,
      0.2925,
      0.7825,
      0.39,
      0,
      0.49,
      0.0975,
      0.5875,
      0.195,
      0.685,
      0.2925,
      0.7825,
      0.39,
      0,
      0.49,
      0.0975,
      0.5875,
      0.195,
      0.685,
      0.2925,
      0.7825,
      0.39,
      0,
      0.49,
      0.0975,
      0.5875,
      0.195,
      0.685,
      0.2925,
      0.7825,
      0.39
    ],
    "SoftwareVersions": "syngo_MR_B17",
    "SpacingBetweenSlices": 1.8,
    "StationName": "MININT-E41B04",
    "TaskName": "MST",
    "TotalReadoutTime": 0.0712794,
    "TxRefAmp": 317.255,
    "dataset": "ds002168",
    "modality": "bold",
    "run_id": 4,
    "subject_id": "1544",
    "task_id": "mst"
  },
  "dummy_trs": 2,
  "dvars_nstd": 74.75364904096479,
  "dvars_std": 1.064080918329412,
  "dvars_vstd": 1.0048960392470592,
  "efc": 0.6125639281927691,
  "fber": 204.06849670410156,
  "fd_mean": 0.07643275684157495,
  "fd_num": 2,
  "fd_perc": 0.4694835680751174,
  "fwhm_avg": 3.3695278670397832,
  "fwhm_x": 3.1207056382260228,
  "fwhm_y": 3.74151121022731,
  "fwhm_z": 3.2463667526660167,
  "gcor": 0.0029925,
  "gsr_x": -0.02666580304503441,
  "gsr_y": 0.11497926712036133,
  "provenance": {
    "md5sum": "5befe5e7b15d43009e91d9ec88c3b120",
    "settings": {
      "fd_thres": 0.2,
      "testing": false
    },
    "software": "mriqc",
    "version": "23.0.1",
    "webapi_port": null,
    "webapi_url": "https://mriqc.nimh.nih.gov/api/v1"
  },
  "size_t": 426,
  "size_x": 100,
  "size_y": 100,
  "size_z": 72,
  "snr": 1.868879072253015,
  "spacing_tr": 0.875,
  "spacing_x": 1.7999999523162842,
  "spacing_y": 1.7999999523162842,
  "spacing_z": 1.7999999523162842,
  "summary_bg_k": 39.736908397325855,
  "summary_bg_mad": 14.558040578500476,
  "summary_bg_mean": 44.36381149291992,
  "summary_bg_median": 23.178403854370117,
  "summary_bg_n": 390803.0,
  "summary_bg_p05": 11.568075180053711,
  "summary_bg_p95": 150.5164337158203,
  "summary_bg_stdv": 61.19463348388672,
  "summary_fg_k": 4.90646382863163,
  "summary_fg_mad": 124.60817382432107,
  "summary_fg_mean": 389.1476135253906,
  "summary_fg_median": 345.8262939453125,
  "summary_fg_n": 217319.0,
  "summary_fg_p05": 183.48074798583986,
  "summary_fg_p95": 759.2319213867183,
  "summary_fg_stdv": 185.04434204101562,
  "tsnr": 19.92973241303116
}