{
  "aor": 0.00029812206572769954,
  "aqi": 0.01747563708920188,
  "bids_meta": {
    "AcquisitionMatrixPE": 100,
    "AcquisitionNumber": 1,
    "AcquisitionTime": "13:09:56.835000",
    "BandwidthPerPixelPhaseEncode": 13.889,
    "BaseResolution": 100,
    "ConversionSoftware": "dcm2niix",
    "ConversionSoftwareVersion": "v1.0.20180404 Clang8.0.0",
    "DerivedVendorReportedEchoSpacing": 0.000719994,
    "DeviceSerialNumber": "35002",
    "DwellTime": 2.8e-06,
    "EchoTime": 0.0436,
    "EffectiveEchoSpacing": 0.000719994,
    "FlipAngle": 55,
    "ImageComments": "Unaliased_MB8_PE3_(remote)",
    "ImageOrientationPatientDICOM": [
      0.999999,
      0.000551893,
      -0.00137947,
      -3.27905e-08,
      0.928461,
      0.371431
    ],
    "ImageType": [
      "ORIGINAL",
      "PRIMARY",
      "M",
      "MB",
      "ND",
      "MOSAIC"
    ],
    "InPlanePhaseEncodingDirectionDICOM": "COL",
    "InstitutionAddress": "University_Pkwy_1700_North_685_Provo_UT_US_84601",
    "InstitutionName": "Brigham_Young_University",
    "InstitutionalDepartmentName": "MRI",
    "MRAcquisitionType": "2D",
    "MagneticFieldStrength": 3,
    "Manufacturer": "Siemens",
    "ManufacturersModelName": "TrioTim",
    "Modality": "MR",
    "MultibandAccelerationFactor": 8,
    "PartialFourier": 1,
    "PatientPosition": "HFS",
    "PercentPhaseFOV": 100,
    "PhaseEncodingDirection": "j-",
    "PhaseEncodingSteps": 100,
    "PhaseResolution": 1,
    "PixelBandwidth": 1786,
    "ProcedureStepDescription": "Research_KIRWAN",
    "ProtocolName": "run1",
    "PulseSequenceDetails": "%CustomerSeq%_cmrr_mbep2d_bold",
    "ReceiveCoilName": "32Ch_Head",
    "ReconMatrixPE": 100,
    "RepetitionTime": 0.875,
    "SAR": 0.123762,
    "ScanOptions": "FS",
    "ScanningSequence": "EP",
    "SequenceName": "epfid2d1_100",
    "SequenceVariant": "SK_SS",
    "SeriesDescription": "run1",
    "SeriesNumber": 3,
    "ShimSetting": [
      -2667,
      -23094,
      2450,
      890,
      -14,
      368,
      -126,
      -118
    ],
    "SliceThickness": 1.8,
    "SliceTiming": [
      0,
      0.4875,
      0.0975,
      0.585,
      0.195,
      0.6825,
      0.2925,
      0.7825,
      0.39,
      0,
      0.4875,
      0.0975,
      0.585,
      0.195,
      0.6825,
      0.2925,
      0.7825,
      0.39,
      0,
      0.4875,
      0.0975,
      0.585,
      0.195,
      0.6825,
      0.2925,
      0.7825,
      0.39,
      0,
      0.4875,
      0.0975,
      0.585,
      0.195,
      0.6825,
      0.2925,
      0.7825,
      0.39,
      0,
      0.4875,
      0.0975,
      0.585,
      0.195,
      0.6825,
      0.2925,
      0.7825,
      0.39,
      0,
      0.4875,
      0.0975,
      0.585,
      0.195,
      0.6825,
      0.2925,
      0.7825,
      0.39,
      0,
      0.4875,
      0.0975,
      0.585,
      0.195,
      0.6825,
      0.2925,
      0.7825,
      0.39,
      0,
      0.4875,
      0.0975,
      0.585,
      0.195,
      0.6825,
      0.2925,
      0.7825,
      0.39
    ],
    "SoftwareVersions": "syngo_MR_B17",
    "SpacingBetweenSlices": 1.8,
    "StationName": "MININT-E41B04",
    "TaskName": "MST",
    "TotalReadoutTime": 0.0712794,
    "TxRefAmp": 317.255,
    "dataset": "ds002168",
    "modality": "bold",
    "run_id": 1,
    "subject_id": "1544",
    "task_id": "mst"
  },
  "dummy_trs": 2,
  "dvars_nstd": 71.40820210167061,
  "dvars_std": 1.0322090998117652,
  "dvars_vstd": 0.9883397135764707,
  "efc": 0.6136224870180085,
  "fber": 203.48207092285156,
  "fd_mean": 0.08870810530448525,
  "fd_num": 2,
  "fd_perc": 0.4694835680751174,
  "fwhm_avg": 3.514081574572852,
  "fwhm_x": 3.218766751934866,
  "fwhm_y": 3.9415001044140947,
  "fwhm_z": 3.3819778673695953,
  "gcor": 0.00209748,
  "gsr_x": -0.0320977121591568,
  "gsr_y": 0.11482265591621399,
  "provenance": {
    "md5sum": "1673e0044009e5bc7a11f8dc3be5788b",
    "settings": {
      "fd_thres": 0.2,
      "testing": false
    },
    "software": "mriqc",
    "version": "23.0.1",
    "webapi_port": null,
    "webapi_url": "https://mriqc.nimh.nih.gov/api/v1"
  },
  "size_t": 426,
  "size_x": 100,
  "size_y": 100,
  "size_z": 72,
  "snr": 1.8282303844439458,
  "spacing_tr": 0.875,
  "spacing_x": 1.7999999523162842,
  "spacing_y": 1.7999999523162842,
  "spacing_z": 1.7999999523162842,
  "summary_bg_k": 40.634457234278216,
  "summary_bg_mad": 14.627646429306534,
  "summary_bg_mean": 43.90129089355469,
  "summary_bg_median": 23.427230834960938,
  "summary_bg_n": 384164.0,
  "summary_bg_p05": 11.990610122680664,
  "summary_bg_p95": 144.83156814575167,
  "summary_bg_stdv": 59.31556701660156,
  "summary_fg_k": 5.071221620301991,
  "summary_fg_mad": 127.66217241580668,
  "summary_fg_mean": 394.92535400390625,
  "summary_fg_median": 349.54107666015625,
  "summary_fg_n": 222806.0,
  "summary_fg_p05": 185.9788818359375,
  "summary_fg_p95": 777.4430847167969,
  "summary_fg_stdv": 191.1905059814453,
  "tsnr": 18.51426754728891
}