{
  "bids_meta": {
    "AcquisitionMatrixPE": 512,
    "AcquisitionNumber": 1,
    "AcquisitionTime": "20:28:54.397500",
    "BaseResolution": 512,
    "ConversionSoftware": "dcm2niix",
    "ConversionSoftwareVersion": "v1.0.20180404 Clang8.0.0",
    "DeviceSerialNumber": "35002",
    "DwellTime": 5e-06,
    "EchoTime": 0.064,
    "EchoTrainLength": 15,
    "FlipAngle": 129,
    "ImageOrientationPatientDICOM": [
      0.999979,
      0.00647098,
      -1.40864e-10,
      -0.00303423,
      0.468888,
      -0.883252
    ],
    "ImageType": [
      "ORIGINAL",
      "PRIMARY",
      "M",
      "ND"
    ],
    "InPlanePhaseEncodingDirectionDICOM": "ROW",
    "InstitutionAddress": "University_Pkwy_1700_North_685_Provo_UT_US_84601",
    "InstitutionName": "Brigham_Young_University",
    "InstitutionalDepartmentName": "MRI",
    "MRAcquisitionType": "2D",
    "MagneticFieldStrength": 3,
    "Manufacturer": "Siemens",
    "ManufacturersModelName": "TrioTim",
    "Modality": "MR",
    "PartialFourier": 1,
    "PatientPosition": "HFS",
    "PercentPhaseFOV": 100,
    "PhaseEncodingDirection": "i",
    "PhaseEncodingSteps": 720,
    "PhaseOversampling": 0.4,
    "PhaseResolution": 1,
    "PixelBandwidth": 195,
    "ProcedureStepDescription": "Research_KIRWAN",
    "ProtocolName": "HHR_struct_MODIFIED",
    "PulseSequenceDetails": "%SiemensSeq%_tse",
    "ReceiveCoilName": "32Ch_Head",
    "ReconMatrixPE": 512,
    "RepetitionTime": 7.27,
    "SAR": 0.682026,
    "ScanningSequence": "SE",
    "SequenceName": "_tse2d1_15",
    "SequenceVariant": "SK_SP_OSP",
    "SeriesDescription": "HHR_struct_MODIFIED",
    "SeriesNumber": 16,
    "ShimSetting": [
      -2828,
      -22961,
      2406,
      545,
      58,
      50,
      -253,
      490
    ],
    "SliceThickness": 2,
    "SoftwareVersions": "syngo_MR_B17",
    "SpacingBetweenSlices": 2,
    "StationName": "MININT-E41B04",
    "TxRefAmp": 327.552,
    "dataset": "ds002168",
    "modality": "T2w",
    "subject_id": "1597"
  },
  "cjv": 1.0809173264184753,
  "cnr": 1.0274580856121711,
  "efc": 0.6856175568259303,
  "fber": 559.3225,
  "fwhm_avg": 5.668582435432985,
  "fwhm_x": 6.024448,
  "fwhm_y": 3.947929706298955,
  "fwhm_z": 7.0333695999999994,
  "icvs_csf": 0.43624681972354945,
  "icvs_gm": 0.08987230911667876,
  "icvs_wm": 0.4738808711597718,
  "inu_med": 1.0267263650894165,
  "inu_range": 1.4810419321060175,
  "provenance": {
    "md5sum": "df1c716d0aaab6232b288a8ad1ed62ae",
    "settings": {
      "testing": false
    },
    "software": "mriqc",
    "version": "23.0.1",
    "warnings": {
      "large_rot_frame": false,
      "small_air_mask": false
    },
    "webapi_port": null,
    "webapi_url": "https://mriqc.nimh.nih.gov/api/v1"
  },
  "qi_1": 0.0047118079077498815,
  "qi_2": 0.00014400786947432265,
  "rpve_csf": 4.696283971981521,
  "rpve_gm": 23.239059591503686,
  "rpve_wm": 4.5093138317393615,
  "size_x": 512,
  "size_y": 35,
  "size_z": 512,
  "snr_csf": 10.8386047719607,
  "snr_gm": 2.042302355103269,
  "snr_total": 6.837835563092935,
  "snr_wm": 7.6325995622148355,
  "snrd_csf": 54.43741612105675,
  "snrd_gm": 72.08093746372582,
  "snrd_total": 53.93619176099173,
  "snrd_wm": 35.29022169819265,
  "spacing_x": 0.390625,
  "spacing_y": 1.999997615814209,
  "spacing_z": 0.390625,
  "summary_bg_k": 249.83115497382386,
  "summary_bg_mad": 19.19896726261462,
  "summary_bg_mean": 36.932451671037214,
  "summary_bg_median": 12.949506632983685,
  "summary_bg_n": 2668081.0,
  "summary_bg_p05": 0.0,
  "summary_bg_p95": 120.17887450754642,
  "summary_bg_stdv": 114.0368938374721,
  "summary_csf_k": 0.06957185870864002,
  "summary_csf_mad": 145.99502443585362,
  "summary_csf_mean": 1604.2695544586047,
  "summary_csf_median": 1595.3046876490116,
  "summary_csf_n": 997949.0,
  "summary_csf_p05": 1375.5357225611806,
  "summary_csf_p95": 1856.9033540189266,
  "summary_csf_stdv": 147.18720000605117,
  "summary_gm_k": -1.4569830670518278,
  "summary_gm_mad": 1027.697236816432,
  "summary_gm_mean": 1647.9413161149284,
  "summary_gm_median": 2112.35333378613,
  "summary_gm_n": 201560.0,
  "summary_gm_p05": 136.76169595122337,
  "summary_gm_p95": 3053.568193592131,
  "summary_gm_stdv": 1034.2974381291222,
  "summary_wm_k": -0.015928681482816565,
  "summary_wm_mad": 137.70770043760268,
  "summary_wm_mean": 1030.8084544943463,
  "summary_wm_median": 1034.1904541924596,
  "summary_wm_n": 1119915.0,
  "summary_wm_p05": 806.8753737285733,
  "summary_wm_p95": 1249.1149995326996,
  "summary_wm_stdv": 135.49643002168,
  "tpm_overlap_csf": 0.11299416334177638,
  "tpm_overlap_gm": 0.06130755826162,
  "tpm_overlap_wm": 0.44510783057689884,
  "wm2max": 0.24274562113227352
}