{
  "bids_meta": {
    "AcquisitionMatrixPE": 256,
    "AcquisitionNumber": 1,
    "AcquisitionTime": "20:02:43.142500",
    "BaseResolution": 256,
    "ConversionSoftware": "dcm2niix",
    "ConversionSoftwareVersion": "v1.0.20180404 Clang8.0.0",
    "DeviceSerialNumber": "35002",
    "DwellTime": 1.03e-05,
    "EchoTime": 0.00492,
    "FlipAngle": 25,
    "ImageOrientationPatientDICOM": [
      0.0506179,
      0.998718,
      1.54817e-08,
      0.0313303,
      -0.00158789,
      -0.999508
    ],
    "ImageType": [
      "ORIGINAL",
      "PRIMARY",
      "M",
      "ND",
      "NORM"
    ],
    "InPlanePhaseEncodingDirectionDICOM": "ROW",
    "InstitutionAddress": "University_Pkwy_1700_North_685_Provo_UT_US_84601",
    "InstitutionName": "Brigham_Young_University",
    "InstitutionalDepartmentName": "MRI",
    "MRAcquisitionType": "3D",
    "MagneticFieldStrength": 3,
    "Manufacturer": "Siemens",
    "ManufacturersModelName": "TrioTim",
    "Modality": "MR",
    "ParallelReductionFactorInPlane": 2,
    "PartialFourier": 1,
    "PatientPosition": "HFS",
    "PercentPhaseFOV": 100,
    "PhaseEncodingSteps": 255,
    "PhaseResolution": 1,
    "PixelBandwidth": 190,
    "ProcedureStepDescription": "Research_KIRWAN",
    "ProtocolName": "t1_fl3d_sag_no3Daccel_iso_1.0_1avg",
    "PulseSequenceDetails": "%SiemensSeq%_gre",
    "ReceiveCoilName": "32Ch_Head",
    "ReconMatrixPE": 256,
    "RepetitionTime": 0.02,
    "SAR": 0.178081,
    "ScanningSequence": "GR",
    "SequenceName": "_fl3d1_ns",
    "SequenceVariant": "SP",
    "SeriesDescription": "t1_fl3d_sag_no3Daccel_iso_1.0_1avg",
    "SeriesNumber": 9,
    "ShimSetting": [
      -2826,
      -22917,
      1922,
      -109,
      -90,
      -53,
      -300,
      376
    ],
    "SliceThickness": 1,
    "SoftwareVersions": "syngo_MR_B17",
    "StationName": "MININT-E41B04",
    "TxRefAmp": 327.552,
    "dataset": "ds002168",
    "modality": "T1w",
    "subject_id": "1597"
  },
  "cjv": 0.4985966407085209,
  "cnr": 2.694421037052677,
  "efc": 0.5812008622234249,
  "fber": 28042.67056245435,
  "fwhm_avg": 3.103187301318323,
  "fwhm_x": 3.0725419039549684,
  "fwhm_y": 3.33437,
  "fwhm_z": 2.90265,
  "icvs_csf": 0.15012651429465637,
  "icvs_gm": 0.40697541344581317,
  "icvs_wm": 0.44289807225953043,
  "inu_med": 0.350322961807251,
  "inu_range": 0.09036570936441418,
  "provenance": {
    "md5sum": "6c7c84653a79186d2a092af910753af9",
    "settings": {
      "testing": false
    },
    "software": "mriqc",
    "version": "23.0.1",
    "warnings": {
      "large_rot_frame": true,
      "small_air_mask": false
    },
    "webapi_port": null,
    "webapi_url": "https://mriqc.nimh.nih.gov/api/v1"
  },
  "qi_1": 1.7479444173651785e-06,
  "qi_2": 0.019008189968914353,
  "rpve_csf": 31.494484331574494,
  "rpve_gm": 12.267069578476278,
  "rpve_wm": 13.119558674972641,
  "size_x": 192,
  "size_y": 256,
  "size_z": 256,
  "snr_csf": 2.6407318518456666,
  "snr_gm": 15.213443426062858,
  "snr_total": 13.294760725610105,
  "snr_wm": 22.030106898921794,
  "snrd_csf": 36.62348760982817,
  "snrd_gm": 70.69974656054929,
  "snrd_total": 64.8562153329533,
  "snrd_wm": 87.24541182848246,
  "spacing_x": 0.9999961256980896,
  "spacing_y": 1.0,
  "spacing_z": 1.0,
  "summary_bg_k": 22.73785867079661,
  "summary_bg_mad": 0.0,
  "summary_bg_mean": 4.606136948179717,
  "summary_bg_median": 0.0,
  "summary_bg_n": 3754579.0,
  "summary_bg_p05": 0.0,
  "summary_bg_p95": 17.291158974170685,
  "summary_bg_stdv": 7.509364783962388,
  "summary_csf_k": 2.493614315519035,
  "summary_csf_mad": 127.98716370479187,
  "summary_csf_mean": 409.5500113526719,
  "summary_csf_median": 419.7891128063202,
  "summary_csf_n": 18871.0,
  "summary_csf_p05": 105.95295536518097,
  "summary_csf_p95": 643.211649119854,
  "summary_csf_stdv": 158.96274730320224,
  "summary_gm_k": 0.3823790384504724,
  "summary_gm_mad": 50.55036041102452,
  "summary_gm_mean": 810.0881269149107,
  "summary_gm_median": 810.3811466693878,
  "summary_gm_n": 21989.0,
  "summary_gm_p05": 721.6220266819,
  "summary_gm_p95": 897.4273713588714,
  "summary_gm_stdv": 53.266226244664246,
  "summary_wm_k": 0.3617910952289818,
  "summary_wm_mad": 44.00911491540194,
  "summary_wm_mean": 1004.0517342556764,
  "summary_wm_median": 1000.0323950052261,
  "summary_wm_n": 259951.0,
  "summary_wm_p05": 937.0640280842781,
  "summary_wm_p95": 1085.0932183265686,
  "summary_wm_stdv": 45.39380930333084,
  "tpm_overlap_csf": 0.14917597571813226,
  "tpm_overlap_gm": 0.4395550683041614,
  "tpm_overlap_wm": 0.49085741158608504,
  "wm2max": 0.5820229799763411
}