{
  "aor": 0.0009354098360655737,
  "aqi": 0.01879617306791569,
  "bids_meta": {
    "AcquisitionMatrixPE": 100,
    "AcquisitionNumber": 1,
    "AcquisitionTime": "17:06:22.772500",
    "BandwidthPerPixelPhaseEncode": 13.889,
    "BaseResolution": 100,
    "ConversionSoftware": "dcm2niix",
    "ConversionSoftwareVersion": "v1.0.20180404 Clang8.0.0",
    "DerivedVendorReportedEchoSpacing": 0.000719994,
    "DeviceSerialNumber": "35002",
    "DwellTime": 2.8e-06,
    "EchoTime": 0.0436,
    "EffectiveEchoSpacing": 0.000719994,
    "FlipAngle": 55,
    "ImageComments": "Unaliased_MB8_PE3_(remote)",
    "ImageOrientationPatientDICOM": [
      0.999215,
      0.0210307,
      -0.033573,
      -4.74144e-08,
      0.847459,
      0.53086
    ],
    "ImageType": [
      "ORIGINAL",
      "PRIMARY",
      "M",
      "MB",
      "ND",
      "MOSAIC"
    ],
    "InPlanePhaseEncodingDirectionDICOM": "COL",
    "InstitutionAddress": "University_Pkwy_1700_North_685_Provo_UT_US_84601",
    "InstitutionName": "Brigham_Young_University",
    "InstitutionalDepartmentName": "MRI",
    "MRAcquisitionType": "2D",
    "MagneticFieldStrength": 3,
    "Manufacturer": "Siemens",
    "ManufacturersModelName": "TrioTim",
    "Modality": "MR",
    "MultibandAccelerationFactor": 8,
    "PartialFourier": 1,
    "PatientPosition": "HFS",
    "PercentPhaseFOV": 100,
    "PhaseEncodingDirection": "j-",
    "PhaseEncodingSteps": 100,
    "PhaseResolution": 1,
    "PixelBandwidth": 1786,
    "ProcedureStepDescription": "Research_KIRWAN",
    "ProtocolName": "run1",
    "PulseSequenceDetails": "%CustomerSeq%_cmrr_mbep2d_bold",
    "ReceiveCoilName": "32Ch_Head",
    "ReconMatrixPE": 100,
    "RepetitionTime": 0.875,
    "SAR": 0.123482,
    "ScanOptions": "FS",
    "ScanningSequence": "EP",
    "SequenceName": "epfid2d1_100",
    "SequenceVariant": "SK_SS",
    "SeriesDescription": "run1",
    "SeriesNumber": 3,
    "ShimSetting": [
      -2821,
      -22958,
      2275,
      558,
      226,
      335,
      -116,
      402
    ],
    "SliceThickness": 1.8,
    "SliceTiming": [
      0,
      0.4875,
      0.0975,
      0.585,
      0.195,
      0.6825,
      0.2925,
      0.78,
      0.39,
      0,
      0.4875,
      0.0975,
      0.585,
      0.195,
      0.6825,
      0.2925,
      0.78,
      0.39,
      0,
      0.4875,
      0.0975,
      0.585,
      0.195,
      0.6825,
      0.2925,
      0.78,
      0.39,
      0,
      0.4875,
      0.0975,
      0.585,
      0.195,
      0.6825,
      0.2925,
      0.78,
      0.39,
      0,
      0.4875,
      0.0975,
      0.585,
      0.195,
      0.6825,
      0.2925,
      0.78,
      0.39,
      0,
      0.4875,
      0.0975,
      0.585,
      0.195,
      0.6825,
      0.2925,
      0.78,
      0.39,
      0,
      0.4875,
      0.0975,
      0.585,
      0.195,
      0.6825,
      0.2925,
      0.78,
      0.39,
      0,
      0.4875,
      0.0975,
      0.585,
      0.195,
      0.6825,
      0.2925,
      0.78,
      0.39
    ],
    "SoftwareVersions": "syngo_MR_B17",
    "SpacingBetweenSlices": 1.8,
    "StationName": "MININT-E41B04",
    "TaskName": "MST",
    "TotalReadoutTime": 0.0712794,
    "TxRefAmp": 329.816,
    "dataset": "ds002168",
    "modality": "bold",
    "run_id": 1,
    "subject_id": "2560",
    "task_id": "mst"
  },
  "dummy_trs": 1,
  "dvars_nstd": 75.59139049328633,
  "dvars_std": 1.0747309709389667,
  "dvars_vstd": 1.0130386120657282,
  "efc": 0.5680500149264649,
  "fber": 340.47674560546875,
  "fd_mean": 0.11440210613944275,
  "fd_num": 23,
  "fd_perc": 5.386416861826698,
  "fwhm_avg": 3.1274277940433977,
  "fwhm_x": 2.9549723005022552,
  "fwhm_y": 3.411205645921645,
  "fwhm_z": 3.0161054357062933,
  "gcor": 0.0037523,
  "gsr_x": -0.012303909286856651,
  "gsr_y": 0.07818684726953506,
  "provenance": {
    "md5sum": "75fd6aba0262a53e1b078b44492f5cd3",
    "settings": {
      "fd_thres": 0.2,
      "testing": false
    },
    "software": "mriqc",
    "version": "23.0.1",
    "webapi_port": null,
    "webapi_url": "https://mriqc.nimh.nih.gov/api/v1"
  },
  "size_t": 427,
  "size_x": 100,
  "size_y": 100,
  "size_z": 72,
  "snr": 2.231630278002349,
  "spacing_tr": 0.875,
  "spacing_x": 1.7999999523162842,
  "spacing_y": 1.7999999523162842,
  "spacing_z": 1.8000000715255737,
  "summary_bg_k": 45.6665267943889,
  "summary_bg_mad": 10.95111880761524,
  "summary_bg_mean": 32.642581939697266,
  "summary_bg_median": 19.351287841796875,
  "summary_bg_n": 435833.0,
  "summary_bg_p05": 10.90398120880127,
  "summary_bg_p95": 96.18594207763664,
  "summary_bg_stdv": 42.700111389160156,
  "summary_fg_k": 3.264729091536114,
  "summary_fg_mad": 116.32350954150039,
  "summary_fg_mean": 403.2474060058594,
  "summary_fg_median": 362.5714111328125,
  "summary_fg_n": 182925.0,
  "summary_fg_p05": 222.31614685058594,
  "summary_fg_p95": 723.907678222656,
  "summary_fg_stdv": 162.46885681152344,
  "tsnr": 19.592496282421052
}