{
  "aor": 0.0002510093896713615,
  "aqi": 0.01699504014084507,
  "bids_meta": {
    "AcquisitionMatrixPE": 100,
    "AcquisitionNumber": 1,
    "AcquisitionTime": "17:26:41.805000",
    "BandwidthPerPixelPhaseEncode": 13.889,
    "BaseResolution": 100,
    "ConversionSoftware": "dcm2niix",
    "ConversionSoftwareVersion": "v1.0.20180404 Clang8.0.0",
    "DerivedVendorReportedEchoSpacing": 0.000719994,
    "DeviceSerialNumber": "35002",
    "DwellTime": 2.8e-06,
    "EchoTime": 0.0436,
    "EffectiveEchoSpacing": 0.000719994,
    "FlipAngle": 55,
    "ImageComments": "Unaliased_MB8_PE3_(remote)",
    "ImageOrientationPatientDICOM": [
      0.999215,
      0.0210307,
      -0.033573,
      -4.74144e-08,
      0.847459,
      0.53086
    ],
    "ImageType": [
      "ORIGINAL",
      "PRIMARY",
      "M",
      "MB",
      "ND",
      "MOSAIC"
    ],
    "InPlanePhaseEncodingDirectionDICOM": "COL",
    "InstitutionAddress": "University_Pkwy_1700_North_685_Provo_UT_US_84601",
    "InstitutionName": "Brigham_Young_University",
    "InstitutionalDepartmentName": "MRI",
    "MRAcquisitionType": "2D",
    "MagneticFieldStrength": 3,
    "Manufacturer": "Siemens",
    "ManufacturersModelName": "TrioTim",
    "Modality": "MR",
    "MultibandAccelerationFactor": 8,
    "PartialFourier": 1,
    "PatientPosition": "HFS",
    "PercentPhaseFOV": 100,
    "PhaseEncodingDirection": "j-",
    "PhaseEncodingSteps": 100,
    "PhaseResolution": 1,
    "PixelBandwidth": 1786,
    "ProcedureStepDescription": "Research_KIRWAN",
    "ProtocolName": "run4",
    "PulseSequenceDetails": "%CustomerSeq%_cmrr_mbep2d_bold",
    "ReceiveCoilName": "32Ch_Head",
    "ReconMatrixPE": 100,
    "RepetitionTime": 0.875,
    "SAR": 0.120029,
    "ScanOptions": "FS",
    "ScanningSequence": "EP",
    "SequenceName": "epfid2d1_100",
    "SequenceVariant": "SK_SS",
    "SeriesDescription": "run4",
    "SeriesNumber": 6,
    "ShimSetting": [
      -2821,
      -22958,
      2275,
      558,
      226,
      335,
      -116,
      402
    ],
    "SliceThickness": 1.8,
    "SliceTiming": [
      0,
      0.4875,
      0.0975,
      0.585,
      0.195,
      0.6825,
      0.2925,
      0.78,
      0.39,
      0,
      0.4875,
      0.0975,
      0.585,
      0.195,
      0.6825,
      0.2925,
      0.78,
      0.39,
      0,
      0.4875,
      0.0975,
      0.585,
      0.195,
      0.6825,
      0.2925,
      0.78,
      0.39,
      0,
      0.4875,
      0.0975,
      0.585,
      0.195,
      0.6825,
      0.2925,
      0.78,
      0.39,
      0,
      0.4875,
      0.0975,
      0.585,
      0.195,
      0.6825,
      0.2925,
      0.78,
      0.39,
      0,
      0.4875,
      0.0975,
      0.585,
      0.195,
      0.6825,
      0.2925,
      0.78,
      0.39,
      0,
      0.4875,
      0.0975,
      0.585,
      0.195,
      0.6825,
      0.2925,
      0.78,
      0.39,
      0,
      0.4875,
      0.0975,
      0.585,
      0.195,
      0.6825,
      0.2925,
      0.78,
      0.39
    ],
    "SoftwareVersions": "syngo_MR_B17",
    "SpacingBetweenSlices": 1.8,
    "StationName": "MININT-E41B04",
    "TaskName": "MST",
    "TotalReadoutTime": 0.0712794,
    "TxRefAmp": 329.816,
    "dataset": "ds002168",
    "modality": "bold",
    "run_id": 4,
    "subject_id": "2560",
    "task_id": "mst"
  },
  "dummy_trs": 2,
  "dvars_nstd": 72.3434857716706,
  "dvars_std": 1.055828343929411,
  "dvars_vstd": 1.003596046164706,
  "efc": 0.5676183140722217,
  "fber": 340.3356018066406,
  "fd_mean": 0.09608969087800967,
  "fd_num": 2,
  "fd_perc": 0.4694835680751174,
  "fwhm_avg": 3.0391296456788575,
  "fwhm_x": 2.9024778546671826,
  "fwhm_y": 3.294961198397774,
  "fwhm_z": 2.9199498839716163,
  "gcor": 0.00280337,
  "gsr_x": -0.006001447327435017,
  "gsr_y": 0.07943844050168991,
  "provenance": {
    "md5sum": "26b2b7802cff2c3fccba174415a213de",
    "settings": {
      "fd_thres": 0.2,
      "testing": false
    },
    "software": "mriqc",
    "version": "23.0.1",
    "webapi_port": null,
    "webapi_url": "https://mriqc.nimh.nih.gov/api/v1"
  },
  "size_t": 426,
  "size_x": 100,
  "size_y": 100,
  "size_z": 72,
  "snr": 2.2687240456019517,
  "spacing_tr": 0.875,
  "spacing_x": 1.7999999523162842,
  "spacing_y": 1.7999999523162842,
  "spacing_z": 1.8000000715255737,
  "summary_bg_k": 38.22433139387075,
  "summary_bg_mad": 11.088195490544928,
  "summary_bg_mean": 33.92432403564453,
  "summary_bg_median": 19.394367218017578,
  "summary_bg_n": 441200.0,
  "summary_bg_p05": 10.847417831420898,
  "summary_bg_p95": 103.11983795166013,
  "summary_bg_stdv": 45.78881072998047,
  "summary_fg_k": 3.322643366857905,
  "summary_fg_mad": 114.44053052149467,
  "summary_fg_mean": 401.69293212890625,
  "summary_fg_median": 361.3896789550781,
  "summary_fg_n": 179604.0,
  "summary_fg_p05": 224.7468276977539,
  "summary_fg_p95": 716.4691345214844,
  "summary_fg_stdv": 159.29159545898438,
  "tsnr": 20.75605173886288
}