{
  "aor": 0.00023304964539007093,
  "aqi": 0.01332871867612293,
  "bids_meta": {
    "AcquisitionMatrixPE": 100,
    "AcquisitionNumber": 1,
    "AcquisitionTime": "15:46:54.025000",
    "BandwidthPerPixelPhaseEncode": 13.889,
    "BaseResolution": 100,
    "ConversionSoftware": "dcm2niix",
    "ConversionSoftwareVersion": "v1.0.20180404 Clang8.0.0",
    "DerivedVendorReportedEchoSpacing": 0.000719994,
    "DeviceSerialNumber": "35002",
    "DwellTime": 2.8e-06,
    "EchoTime": 0.0436,
    "EffectiveEchoSpacing": 0.000719994,
    "FlipAngle": 55,
    "ImageComments": "Unaliased_MB8_PE3_(remote)",
    "ImageOrientationPatientDICOM": [
      0.999994,
      -0.00158327,
      0.00309479,
      -2.95408e-08,
      0.890257,
      0.455458
    ],
    "ImageType": [
      "ORIGINAL",
      "PRIMARY",
      "M",
      "MB",
      "ND",
      "MOSAIC"
    ],
    "InPlanePhaseEncodingDirectionDICOM": "COL",
    "InstitutionAddress": "University_Pkwy_1700_North_685_Provo_UT_US_84601",
    "InstitutionName": "Brigham_Young_University",
    "InstitutionalDepartmentName": "MRI",
    "MRAcquisitionType": "2D",
    "MagneticFieldStrength": 3,
    "Manufacturer": "Siemens",
    "ManufacturersModelName": "TrioTim",
    "Modality": "MR",
    "MultibandAccelerationFactor": 8,
    "PartialFourier": 1,
    "PatientPosition": "HFS",
    "PercentPhaseFOV": 100,
    "PhaseEncodingDirection": "j-",
    "PhaseEncodingSteps": 100,
    "PhaseResolution": 1,
    "PixelBandwidth": 1786,
    "ProcedureStepDescription": "Research_KIRWAN",
    "ProtocolName": "run2",
    "PulseSequenceDetails": "%CustomerSeq%_cmrr_mbep2d_bold",
    "ReceiveCoilName": "32Ch_Head",
    "ReconMatrixPE": 100,
    "RepetitionTime": 0.875,
    "SAR": 0.100587,
    "ScanOptions": "FS",
    "ScanningSequence": "EP",
    "SequenceName": "epfid2d1_100",
    "SequenceVariant": "SK_SS",
    "SeriesDescription": "run2",
    "SeriesNumber": 4,
    "ShimSetting": [
      -2721,
      -23149,
      2557,
      916,
      -132,
      -158,
      58,
      -30
    ],
    "SliceThickness": 1.8,
    "SliceTiming": [
      0,
      0.4875,
      0.0975,
      0.585,
      0.195,
      0.6825,
      0.2925,
      0.78,
      0.39,
      0,
      0.4875,
      0.0975,
      0.585,
      0.195,
      0.6825,
      0.2925,
      0.78,
      0.39,
      0,
      0.4875,
      0.0975,
      0.585,
      0.195,
      0.6825,
      0.2925,
      0.78,
      0.39,
      0,
      0.4875,
      0.0975,
      0.585,
      0.195,
      0.6825,
      0.2925,
      0.78,
      0.39,
      0,
      0.4875,
      0.0975,
      0.585,
      0.195,
      0.6825,
      0.2925,
      0.78,
      0.39,
      0,
      0.4875,
      0.0975,
      0.585,
      0.195,
      0.6825,
      0.2925,
      0.78,
      0.39,
      0,
      0.4875,
      0.0975,
      0.585,
      0.195,
      0.6825,
      0.2925,
      0.78,
      0.39,
      0,
      0.4875,
      0.0975,
      0.585,
      0.195,
      0.6825,
      0.2925,
      0.78,
      0.39
    ],
    "SoftwareVersions": "syngo_MR_B17",
    "SpacingBetweenSlices": 1.8,
    "StationName": "MININT-E41B04",
    "TaskName": "MST",
    "TotalReadoutTime": 0.0712794,
    "TxRefAmp": 318.899,
    "dataset": "ds002168",
    "modality": "bold",
    "run_id": 2,
    "subject_id": "1568",
    "task_id": "mst"
  },
  "dummy_trs": 5,
  "dvars_nstd": 73.94575142497631,
  "dvars_std": 1.0607309035781987,
  "dvars_vstd": 1.0005135464928907,
  "efc": 0.5744156611953726,
  "fber": 240.18287658691406,
  "fd_mean": 0.12428262747115829,
  "fd_num": 30,
  "fd_perc": 7.092198581560283,
  "fwhm_avg": 3.619457426742103,
  "fwhm_x": 3.4188445350128953,
  "fwhm_y": 3.9720112163334744,
  "fwhm_z": 3.467516528879939,
  "gcor": 0.0036892,
  "gsr_x": -0.011942381039261818,
  "gsr_y": 0.0921194851398468,
  "provenance": {
    "md5sum": "bd7645d6fffbf92546f821c33109da7d",
    "settings": {
      "fd_thres": 0.2,
      "testing": false
    },
    "software": "mriqc",
    "version": "23.0.1",
    "webapi_port": null,
    "webapi_url": "https://mriqc.nimh.nih.gov/api/v1"
  },
  "size_t": 423,
  "size_x": 100,
  "size_y": 100,
  "size_z": 72,
  "snr": 1.6710817417558106,
  "spacing_tr": 0.875,
  "spacing_x": 1.7999999523162842,
  "spacing_y": 1.7999999523162842,
  "spacing_z": 1.8000000715255737,
  "summary_bg_k": 16.604861332511398,
  "summary_bg_mad": 15.625154022209419,
  "summary_bg_mean": 42.463321685791016,
  "summary_bg_median": 23.791961669921875,
  "summary_bg_n": 416609.0,
  "summary_bg_p05": 11.747044563293457,
  "summary_bg_p95": 143.26902770996077,
  "summary_bg_stdv": 52.60710144042969,
  "summary_fg_k": 4.829039651127377,
  "summary_fg_mad": 135.94201806043552,
  "summary_fg_mean": 445.29022216796875,
  "summary_fg_median": 374.98699951171875,
  "summary_fg_n": 200932.0,
  "summary_fg_p05": 228.59941482543945,
  "summary_fg_p95": 923.044921875,
  "summary_fg_stdv": 224.39720153808594,
  "tsnr": 22.071915512904525
}