{
  "aor": 0.00025921052631578946,
  "aqi": 0.013770908851674639,
  "bids_meta": {
    "AcquisitionMatrixPE": 100,
    "AcquisitionNumber": 1,
    "AcquisitionTime": "15:53:36.060000",
    "BandwidthPerPixelPhaseEncode": 13.889,
    "BaseResolution": 100,
    "ConversionSoftware": "dcm2niix",
    "ConversionSoftwareVersion": "v1.0.20180404 Clang8.0.0",
    "DerivedVendorReportedEchoSpacing": 0.000719994,
    "DeviceSerialNumber": "35002",
    "DwellTime": 2.8e-06,
    "EchoTime": 0.0436,
    "EffectiveEchoSpacing": 0.000719994,
    "FlipAngle": 55,
    "ImageComments": "Unaliased_MB8_PE3_(remote)",
    "ImageOrientationPatientDICOM": [
      0.999994,
      -0.00158327,
      0.00309479,
      -2.95408e-08,
      0.890257,
      0.455458
    ],
    "ImageType": [
      "ORIGINAL",
      "PRIMARY",
      "M",
      "MB",
      "ND",
      "MOSAIC"
    ],
    "InPlanePhaseEncodingDirectionDICOM": "COL",
    "InstitutionAddress": "University_Pkwy_1700_North_685_Provo_UT_US_84601",
    "InstitutionName": "Brigham_Young_University",
    "InstitutionalDepartmentName": "MRI",
    "MRAcquisitionType": "2D",
    "MagneticFieldStrength": 3,
    "Manufacturer": "Siemens",
    "ManufacturersModelName": "TrioTim",
    "Modality": "MR",
    "MultibandAccelerationFactor": 8,
    "PartialFourier": 1,
    "PatientPosition": "HFS",
    "PercentPhaseFOV": 100,
    "PhaseEncodingDirection": "j-",
    "PhaseEncodingSteps": 100,
    "PhaseResolution": 1,
    "PixelBandwidth": 1786,
    "ProcedureStepDescription": "Research_KIRWAN",
    "ProtocolName": "run3",
    "PulseSequenceDetails": "%CustomerSeq%_cmrr_mbep2d_bold",
    "ReceiveCoilName": "32Ch_Head",
    "ReconMatrixPE": 100,
    "RepetitionTime": 0.875,
    "SAR": 0.103028,
    "ScanOptions": "FS",
    "ScanningSequence": "EP",
    "SequenceName": "epfid2d1_100",
    "SequenceVariant": "SK_SS",
    "SeriesDescription": "run3",
    "SeriesNumber": 5,
    "ShimSetting": [
      -2721,
      -23149,
      2557,
      916,
      -132,
      -158,
      58,
      -30
    ],
    "SliceThickness": 1.8,
    "SliceTiming": [
      0,
      0.49,
      0.0975,
      0.5875,
      0.1975,
      0.685,
      0.295,
      0.7825,
      0.3925,
      0,
      0.49,
      0.0975,
      0.5875,
      0.1975,
      0.685,
      0.295,
      0.7825,
      0.3925,
      0,
      0.49,
      0.0975,
      0.5875,
      0.1975,
      0.685,
      0.295,
      0.7825,
      0.3925,
      0,
      0.49,
      0.0975,
      0.5875,
      0.1975,
      0.685,
      0.295,
      0.7825,
      0.3925,
      0,
      0.49,
      0.0975,
      0.5875,
      0.1975,
      0.685,
      0.295,
      0.7825,
      0.3925,
      0,
      0.49,
      0.0975,
      0.5875,
      0.1975,
      0.685,
      0.295,
      0.7825,
      0.3925,
      0,
      0.49,
      0.0975,
      0.5875,
      0.1975,
      0.685,
      0.295,
      0.7825,
      0.3925,
      0,
      0.49,
      0.0975,
      0.5875,
      0.1975,
      0.685,
      0.295,
      0.7825,
      0.3925
    ],
    "SoftwareVersions": "syngo_MR_B17",
    "SpacingBetweenSlices": 1.8,
    "StationName": "MININT-E41B04",
    "TaskName": "MST",
    "TotalReadoutTime": 0.0712794,
    "TxRefAmp": 318.899,
    "dataset": "ds002168",
    "modality": "bold",
    "run_id": 3,
    "subject_id": "1568",
    "task_id": "mst"
  },
  "dummy_trs": 10,
  "dvars_nstd": 74.29710889503598,
  "dvars_std": 1.0663717050359711,
  "dvars_vstd": 1.0021988237649881,
  "efc": 0.5750190525257448,
  "fber": 235.24478149414062,
  "fd_mean": 0.12209624243669319,
  "fd_num": 21,
  "fd_perc": 5.023923444976076,
  "fwhm_avg": 3.598738908594065,
  "fwhm_x": 3.4162278682769105,
  "fwhm_y": 3.9541167714149887,
  "fwhm_z": 3.4258720860902963,
  "gcor": 0.00271926,
  "gsr_x": -0.011762605980038643,
  "gsr_y": 0.09041815996170044,
  "provenance": {
    "md5sum": "2ef4121aecb146095e6e9d81d6b5845e",
    "settings": {
      "fd_thres": 0.2,
      "testing": false
    },
    "software": "mriqc",
    "version": "23.0.1",
    "webapi_port": null,
    "webapi_url": "https://mriqc.nimh.nih.gov/api/v1"
  },
  "size_t": 418,
  "size_x": 100,
  "size_y": 100,
  "size_z": 72,
  "snr": 1.6796915580928886,
  "spacing_tr": 0.875,
  "spacing_x": 1.7999999523162842,
  "spacing_y": 1.7999999523162842,
  "spacing_z": 1.8000000715255737,
  "summary_bg_k": 16.368455142011694,
  "summary_bg_mad": 16.21995184617774,
  "summary_bg_mean": 42.563899993896484,
  "summary_bg_median": 24.07176971435547,
  "summary_bg_n": 416866.0,
  "summary_bg_p05": 11.550238609313965,
  "summary_bg_p95": 143.18660354614258,
  "summary_bg_stdv": 52.49614334106445,
  "summary_fg_k": 4.780995854921199,
  "summary_fg_mad": 135.5286331980888,
  "summary_fg_mean": 444.5324401855469,
  "summary_fg_median": 374.7799072265625,
  "summary_fg_n": 200952.0,
  "summary_fg_p05": 228.49520874023438,
  "summary_fg_p95": 920.3018890380853,
  "summary_fg_stdv": 223.12368774414062,
  "tsnr": 21.362748061772436
}