{
  "aor": 0.00025147540983606556,
  "aqi": 0.013848151756440281,
  "bids_meta": {
    "AcquisitionMatrixPE": 100,
    "AcquisitionNumber": 1,
    "AcquisitionTime": "16:13:41.167500",
    "BandwidthPerPixelPhaseEncode": 13.889,
    "BaseResolution": 100,
    "ConversionSoftware": "dcm2niix",
    "ConversionSoftwareVersion": "v1.0.20180404 Clang8.0.0",
    "DerivedVendorReportedEchoSpacing": 0.000719994,
    "DeviceSerialNumber": "35002",
    "DwellTime": 2.8e-06,
    "EchoTime": 0.0436,
    "EffectiveEchoSpacing": 0.000719994,
    "FlipAngle": 55,
    "ImageComments": "Unaliased_MB8_PE3_(remote)",
    "ImageOrientationPatientDICOM": [
      0.999994,
      -0.00158327,
      0.00309479,
      -2.95408e-08,
      0.890257,
      0.455458
    ],
    "ImageType": [
      "ORIGINAL",
      "PRIMARY",
      "M",
      "MB",
      "ND",
      "MOSAIC"
    ],
    "InPlanePhaseEncodingDirectionDICOM": "COL",
    "InstitutionAddress": "University_Pkwy_1700_North_685_Provo_UT_US_84601",
    "InstitutionName": "Brigham_Young_University",
    "InstitutionalDepartmentName": "MRI",
    "MRAcquisitionType": "2D",
    "MagneticFieldStrength": 3,
    "Manufacturer": "Siemens",
    "ManufacturersModelName": "TrioTim",
    "Modality": "MR",
    "MultibandAccelerationFactor": 8,
    "PartialFourier": 1,
    "PatientPosition": "HFS",
    "PercentPhaseFOV": 100,
    "PhaseEncodingDirection": "j-",
    "PhaseEncodingSteps": 100,
    "PhaseResolution": 1,
    "PixelBandwidth": 1786,
    "ProcedureStepDescription": "Research_KIRWAN",
    "ProtocolName": "run6",
    "PulseSequenceDetails": "%CustomerSeq%_cmrr_mbep2d_bold",
    "ReceiveCoilName": "32Ch_Head",
    "ReconMatrixPE": 100,
    "RepetitionTime": 0.875,
    "SAR": 0.105968,
    "ScanOptions": "FS",
    "ScanningSequence": "EP",
    "SequenceName": "epfid2d1_100",
    "SequenceVariant": "SK_SS",
    "SeriesDescription": "run6",
    "SeriesNumber": 8,
    "ShimSetting": [
      -2721,
      -23149,
      2557,
      916,
      -132,
      -158,
      58,
      -30
    ],
    "SliceThickness": 1.8,
    "SliceTiming": [
      0,
      0.4875,
      0.0975,
      0.585,
      0.195,
      0.6825,
      0.2925,
      0.78,
      0.39,
      0,
      0.4875,
      0.0975,
      0.585,
      0.195,
      0.6825,
      0.2925,
      0.78,
      0.39,
      0,
      0.4875,
      0.0975,
      0.585,
      0.195,
      0.6825,
      0.2925,
      0.78,
      0.39,
      0,
      0.4875,
      0.0975,
      0.585,
      0.195,
      0.6825,
      0.2925,
      0.78,
      0.39,
      0,
      0.4875,
      0.0975,
      0.585,
      0.195,
      0.6825,
      0.2925,
      0.78,
      0.39,
      0,
      0.4875,
      0.0975,
      0.585,
      0.195,
      0.6825,
      0.2925,
      0.78,
      0.39,
      0,
      0.4875,
      0.0975,
      0.585,
      0.195,
      0.6825,
      0.2925,
      0.78,
      0.39,
      0,
      0.4875,
      0.0975,
      0.585,
      0.195,
      0.6825,
      0.2925,
      0.78,
      0.39
    ],
    "SoftwareVersions": "syngo_MR_B17",
    "SpacingBetweenSlices": 1.8,
    "StationName": "MININT-E41B04",
    "TaskName": "MST",
    "TotalReadoutTime": 0.0712794,
    "TxRefAmp": 318.899,
    "dataset": "ds002168",
    "modality": "bold",
    "run_id": 6,
    "subject_id": "1568",
    "task_id": "mst"
  },
  "dummy_trs": 1,
  "dvars_nstd": 74.72482910528174,
  "dvars_std": 1.064939855821596,
  "dvars_vstd": 0.999977564295774,
  "efc": 0.57529271622204,
  "fber": 236.72084045410156,
  "fd_mean": 0.12873381729372085,
  "fd_num": 39,
  "fd_perc": 9.133489461358314,
  "fwhm_avg": 3.612824093037798,
  "fwhm_x": 3.420827868398769,
  "fwhm_y": 3.9412834377416885,
  "fwhm_z": 3.4763609729729374,
  "gcor": 0.0061927,
  "gsr_x": -0.010597453452646732,
  "gsr_y": 0.09149374067783356,
  "provenance": {
    "md5sum": "0ee7d34e0303798e9d928eca72423d4b",
    "settings": {
      "fd_thres": 0.2,
      "testing": false
    },
    "software": "mriqc",
    "version": "23.0.1",
    "webapi_port": null,
    "webapi_url": "https://mriqc.nimh.nih.gov/api/v1"
  },
  "size_t": 427,
  "size_x": 100,
  "size_y": 100,
  "size_z": 72,
  "snr": 1.6865219356141368,
  "spacing_tr": 0.875,
  "spacing_x": 1.7999999523162842,
  "spacing_y": 1.7999999523162842,
  "spacing_z": 1.8000000715255737,
  "summary_bg_k": 15.843292797118288,
  "summary_bg_mad": 16.294736884688252,
  "summary_bg_mean": 43.51335525512695,
  "summary_bg_median": 24.206087112426758,
  "summary_bg_n": 418879.0,
  "summary_bg_p05": 11.697892189025879,
  "summary_bg_p95": 147.8313751220703,
  "summary_bg_stdv": 54.05809783935547,
  "summary_fg_k": 4.85305570153361,
  "summary_fg_mad": 136.07302620019635,
  "summary_fg_mean": 446.17437744140625,
  "summary_fg_median": 376.3969421386719,
  "summary_fg_n": 199214.0,
  "summary_fg_p05": 230.13886337280275,
  "summary_fg_p95": 921.05782470703,
  "summary_fg_stdv": 223.1788330078125,
  "tsnr": 21.553707609768026
}