{
  "bids_meta": {
    "AcquisitionMatrixPE": 256,
    "AcquisitionNumber": 1,
    "AcquisitionTime": "15:07:0.730000",
    "BaseResolution": 256,
    "ConversionSoftware": "dcm2niix",
    "ConversionSoftwareVersion": "v1.0.20180404 Clang8.0.0",
    "DeviceSerialNumber": "35002",
    "DwellTime": 1.03e-05,
    "EchoTime": 0.00492,
    "FlipAngle": 25,
    "ImageOrientationPatientDICOM": [
      -0.0104718,
      0.999945,
      -2.30311e-09,
      0.0139614,
      0.000146207,
      -0.999903
    ],
    "ImageType": [
      "ORIGINAL",
      "PRIMARY",
      "M",
      "ND",
      "NORM"
    ],
    "InPlanePhaseEncodingDirectionDICOM": "ROW",
    "InstitutionAddress": "University_Pkwy_1700_North_685_Provo_UT_US_84601",
    "InstitutionName": "Brigham_Young_University",
    "InstitutionalDepartmentName": "MRI",
    "MRAcquisitionType": "3D",
    "MagneticFieldStrength": 3,
    "Manufacturer": "Siemens",
    "ManufacturersModelName": "TrioTim",
    "Modality": "MR",
    "ParallelReductionFactorInPlane": 2,
    "PartialFourier": 1,
    "PatientPosition": "HFS",
    "PercentPhaseFOV": 100,
    "PhaseEncodingSteps": 255,
    "PhaseResolution": 1,
    "PixelBandwidth": 190,
    "ProcedureStepDescription": "Research_KIRWAN",
    "ProtocolName": "t1_fl3d_sag_no3Daccel_iso_1.0_1avg",
    "PulseSequenceDetails": "%SiemensSeq%_gre",
    "ReceiveCoilName": "32Ch_Head",
    "ReconMatrixPE": 256,
    "RepetitionTime": 0.02,
    "SAR": 0.181926,
    "ScanningSequence": "GR",
    "SequenceName": "_fl3d1_ns",
    "SequenceVariant": "SP",
    "SeriesDescription": "t1_fl3d_sag_no3Daccel_iso_1.0_1avg",
    "SeriesNumber": 9,
    "ShimSetting": [
      -2826,
      -22917,
      1922,
      -109,
      -90,
      -53,
      -300,
      376
    ],
    "SliceThickness": 1,
    "SoftwareVersions": "syngo_MR_B17",
    "StationName": "MININT-E41B04",
    "TxRefAmp": 324.111,
    "dataset": "ds002168",
    "modality": "T1w",
    "subject_id": "2395"
  },
  "cjv": 0.4368479635970263,
  "cnr": 3.067355708856703,
  "efc": 0.5757348552447034,
  "fber": 10301.835718450646,
  "fwhm_avg": 3.378253719963768,
  "fwhm_x": 3.243291159891305,
  "fwhm_y": 3.58801,
  "fwhm_z": 3.30346,
  "icvs_csf": 0.18960853588362472,
  "icvs_gm": 0.40400759401215725,
  "icvs_wm": 0.406383870104218,
  "inu_med": 0.33738866448402405,
  "inu_range": 0.10866079032421111,
  "provenance": {
    "md5sum": "067fe5f1dd0aea1a88d30119354b9b62",
    "settings": {
      "testing": false
    },
    "software": "mriqc",
    "version": "23.0.1",
    "warnings": {
      "large_rot_frame": true,
      "small_air_mask": false
    },
    "webapi_port": null,
    "webapi_url": "https://mriqc.nimh.nih.gov/api/v1"
  },
  "qi_1": 0.0,
  "qi_2": 0.022869063971039712,
  "rpve_csf": 28.341582645198834,
  "rpve_gm": 13.281442677222946,
  "rpve_wm": 15.036538463854805,
  "size_x": 192,
  "size_y": 256,
  "size_z": 256,
  "snr_csf": 3.1337117962753456,
  "snr_gm": 14.959635372102714,
  "snr_total": 14.314728924957903,
  "snr_wm": 24.850839606495647,
  "snrd_csf": 59.70169049349706,
  "snrd_gm": 124.14530594620702,
  "snrd_total": 113.35006195088467,
  "snrd_wm": 156.20318941294994,
  "spacing_x": 0.9999996423721313,
  "spacing_y": 1.0,
  "spacing_z": 1.0,
  "summary_bg_k": 17.98205120250638,
  "summary_bg_mad": 4.194129436639199,
  "summary_bg_mean": 4.080654697475627,
  "summary_bg_median": 2.8288973160088062,
  "summary_bg_n": 2910300.0,
  "summary_bg_p05": 0.0,
  "summary_bg_p95": 14.357414335012436,
  "summary_bg_stdv": 5.92088009013453,
  "summary_csf_k": 2.828409625084398,
  "summary_csf_mad": 89.29436865102811,
  "summary_csf_mean": 373.143305958489,
  "summary_csf_median": 382.20532016828656,
  "summary_csf_n": 45213.0,
  "summary_csf_p05": 126.8441054597497,
  "summary_csf_p95": 550.3999956429005,
  "summary_csf_stdv": 121.96434077948135,
  "summary_gm_k": 0.246389585021892,
  "summary_gm_mad": 51.727596385216785,
  "summary_gm_mean": 795.8512059704216,
  "summary_gm_median": 794.7680545449257,
  "summary_gm_n": 25920.0,
  "summary_gm_p05": 710.3239487495273,
  "summary_gm_p95": 884.6859245555476,
  "summary_gm_stdv": 53.126476913016575,
  "summary_wm_k": 0.7263250180342631,
  "summary_wm_mad": 37.92755759369426,
  "summary_wm_mean": 1002.6811185353075,
  "summary_wm_median": 999.9999920837581,
  "summary_wm_n": 236030.0,
  "summary_wm_p05": 941.8402967266738,
  "summary_wm_p95": 1073.0950485393405,
  "summary_wm_stdv": 40.2400035387683,
  "tpm_overlap_csf": 0.15492811948010193,
  "tpm_overlap_gm": 0.43978540244187025,
  "tpm_overlap_wm": 0.48741313755674115,
  "wm2max": 0.6768720788980626
}