{
  "bids_meta": {
    "AcquisitionMatrixPE": 512,
    "AcquisitionNumber": 1,
    "AcquisitionTime": "15:53:56.562500",
    "BaseResolution": 512,
    "ConversionSoftware": "dcm2niix",
    "ConversionSoftwareVersion": "v1.0.20180404 Clang8.0.0",
    "DeviceSerialNumber": "35002",
    "DwellTime": 5e-06,
    "EchoTime": 0.064,
    "EchoTrainLength": 15,
    "FlipAngle": 129,
    "ImageOrientationPatientDICOM": [
      1,
      -0.000115644,
      -3.9804e-12,
      6.49324e-05,
      0.561486,
      -0.827486
    ],
    "ImageType": [
      "ORIGINAL",
      "PRIMARY",
      "M",
      "ND"
    ],
    "InPlanePhaseEncodingDirectionDICOM": "ROW",
    "InstitutionAddress": "University_Pkwy_1700_North_685_Provo_UT_US_84601",
    "InstitutionName": "Brigham_Young_University",
    "InstitutionalDepartmentName": "MRI",
    "MRAcquisitionType": "2D",
    "MagneticFieldStrength": 3,
    "Manufacturer": "Siemens",
    "ManufacturersModelName": "TrioTim",
    "Modality": "MR",
    "PartialFourier": 1,
    "PatientPosition": "HFS",
    "PercentPhaseFOV": 100,
    "PhaseEncodingDirection": "i",
    "PhaseEncodingSteps": 720,
    "PhaseOversampling": 0.4,
    "PhaseResolution": 1,
    "PixelBandwidth": 195,
    "ProcedureStepDescription": "Research_KIRWAN",
    "ProtocolName": "HHR_struct_MODIFIED",
    "PulseSequenceDetails": "%SiemensSeq%_tse",
    "ReceiveCoilName": "32Ch_Head",
    "ReconMatrixPE": 512,
    "RepetitionTime": 6,
    "SAR": 0.811284,
    "ScanningSequence": "SE",
    "SequenceName": "_tse2d1_15",
    "SequenceVariant": "SK_SP_OSP",
    "SeriesDescription": "HHR_struct_MODIFIED",
    "SeriesNumber": 16,
    "ShimSetting": [
      -2805,
      -22806,
      2409,
      1232,
      90,
      -123,
      393,
      321
    ],
    "SliceThickness": 2,
    "SoftwareVersions": "syngo_MR_B17",
    "SpacingBetweenSlices": 2,
    "StationName": "MININT-E41B04",
    "TxRefAmp": 324.097,
    "dataset": "ds002168",
    "modality": "T2w",
    "subject_id": "1594"
  },
  "cjv": 2.2158924523882497,
  "cnr": 0.6957248033799862,
  "efc": 0.6415716302170477,
  "fber": 6817.378140386315,
  "fwhm_avg": 6.235313618453637,
  "fwhm_x": 6.9486592,
  "fwhm_y": 4.220104055360912,
  "fwhm_z": 7.5371776,
  "icvs_csf": 0.4761081096368127,
  "icvs_gm": 0.3968225302344114,
  "icvs_wm": 0.12706936012877587,
  "inu_med": 0.9926691949367523,
  "inu_range": 1.8885625094175331,
  "provenance": {
    "md5sum": "db8ddf6dae12fe548ae62d7d98124ca5",
    "settings": {
      "testing": false
    },
    "software": "mriqc",
    "version": "23.0.1",
    "warnings": {
      "large_rot_frame": false,
      "small_air_mask": false
    },
    "webapi_port": null,
    "webapi_url": "https://mriqc.nimh.nih.gov/api/v1"
  },
  "qi_1": 0.0,
  "qi_2": 0.00043978388841664484,
  "rpve_csf": 4.778731970117313,
  "rpve_gm": 5.464502259881442,
  "rpve_wm": 19.007387652632282,
  "size_x": 512,
  "size_y": 35,
  "size_z": 512,
  "snr_csf": 12.263759393940123,
  "snr_gm": 9.563050120942215,
  "snr_total": 7.848791905209389,
  "snr_wm": 1.7195662007458263,
  "snrd_csf": 29.210745694440124,
  "snrd_gm": 20.26141386531135,
  "snrd_total": 27.88192949181263,
  "snrd_wm": 34.17362891568642,
  "spacing_x": 0.390625,
  "spacing_y": 1.9999957084655762,
  "spacing_z": 0.390625,
  "summary_bg_k": 527.065566179365,
  "summary_bg_mad": 0.0,
  "summary_bg_mean": 8.125292701174443,
  "summary_bg_median": 0.0,
  "summary_bg_n": 2257270.0,
  "summary_bg_p05": 0.0,
  "summary_bg_p95": 30.891424633562565,
  "summary_bg_stdv": 13.991538418945852,
  "summary_csf_k": 0.6235880890212346,
  "summary_csf_mad": 47.954384926317466,
  "summary_csf_mean": 627.1353554338444,
  "summary_csf_median": 623.8445469215512,
  "summary_csf_n": 894930.0,
  "summary_csf_p05": 550.3489807980136,
  "summary_csf_p95": 715.9104557856917,
  "summary_csf_stdv": 50.868920233867776,
  "summary_gm_k": 0.5299881346299444,
  "summary_gm_mad": 44.196204289458734,
  "summary_gm_mean": 432.35054003430673,
  "summary_gm_median": 432.7165312729776,
  "summary_gm_n": 766878.0,
  "summary_gm_p05": 358.63118904456496,
  "summary_gm_p95": 505.21336479485035,
  "summary_gm_stdv": 45.24876934364405,
  "summary_wm_k": -1.5462533998401302,
  "summary_wm_mad": 614.1869342130336,
  "summary_wm_mean": 581.1165444259291,
  "summary_wm_median": 729.8352555111051,
  "summary_wm_n": 287337.0,
  "summary_wm_p05": 24.9767645560205,
  "summary_wm_p95": 1212.234931435436,
  "summary_wm_stdv": 424.4291293901394,
  "tpm_overlap_csf": 0.09408501983359292,
  "tpm_overlap_gm": 0.24894542670788639,
  "tpm_overlap_wm": 0.028449507760308263,
  "wm2max": 0.5348756563955217
}