{
  "aor": 0.00020519906323185008,
  "aqi": 0.018290485011709604,
  "bids_meta": {
    "AcquisitionMatrixPE": 100,
    "AcquisitionNumber": 1,
    "AcquisitionTime": "14:36:43.520000",
    "BandwidthPerPixelPhaseEncode": 13.889,
    "BaseResolution": 100,
    "ConversionSoftware": "dcm2niix",
    "ConversionSoftwareVersion": "v1.0.20180404 Clang8.0.0",
    "DerivedVendorReportedEchoSpacing": 0.000719994,
    "DeviceSerialNumber": "35002",
    "DwellTime": 2.8e-06,
    "EchoTime": 0.0436,
    "EffectiveEchoSpacing": 0.000719994,
    "FlipAngle": 55,
    "ImageComments": "Unaliased_MB8_PE3_(remote)",
    "ImageOrientationPatientDICOM": [
      0.99997,
      -0.00391926,
      0.00668429,
      4.63064e-08,
      0.862651,
      0.505799
    ],
    "ImageType": [
      "ORIGINAL",
      "PRIMARY",
      "M",
      "ND",
      "MOSAIC"
    ],
    "InPlanePhaseEncodingDirectionDICOM": "COL",
    "InstitutionAddress": "University_Pkwy_1700_North_685_Provo_UT_US_84601",
    "InstitutionName": "Brigham_Young_University",
    "InstitutionalDepartmentName": "MRI",
    "MRAcquisitionType": "2D",
    "MagneticFieldStrength": 3,
    "Manufacturer": "Siemens",
    "ManufacturersModelName": "TrioTim",
    "Modality": "MR",
    "MultibandAccelerationFactor": 8,
    "PartialFourier": 1,
    "PatientPosition": "HFS",
    "PercentPhaseFOV": 100,
    "PhaseEncodingDirection": "j-",
    "PhaseEncodingSteps": 100,
    "PhaseResolution": 1,
    "PixelBandwidth": 1786,
    "ProcedureStepDescription": "Research_KIRWAN",
    "ProtocolName": "run4",
    "PulseSequenceDetails": "%CustomerSeq%_cmrr_mbep2d_bold",
    "ReceiveCoilName": "32Ch_Head",
    "ReconMatrixPE": 100,
    "RepetitionTime": 0.875,
    "SAR": 0.124259,
    "ScanOptions": "FS",
    "ScanningSequence": "EP",
    "SequenceName": "epfid2d1_100",
    "SequenceVariant": "SK",
    "SeriesDescription": "run4",
    "SeriesNumber": 6,
    "ShimSetting": [
      -2675,
      -23170,
      2466,
      676,
      -210,
      -41,
      -259,
      36
    ],
    "SliceThickness": 1.8,
    "SliceTiming": [
      0,
      0.49,
      0.0975,
      0.5875,
      0.195,
      0.685,
      0.2925,
      0.7825,
      0.3925,
      0,
      0.49,
      0.0975,
      0.5875,
      0.195,
      0.685,
      0.2925,
      0.7825,
      0.3925,
      0,
      0.49,
      0.0975,
      0.5875,
      0.195,
      0.685,
      0.2925,
      0.7825,
      0.3925,
      0,
      0.49,
      0.0975,
      0.5875,
      0.195,
      0.685,
      0.2925,
      0.7825,
      0.3925,
      0,
      0.49,
      0.0975,
      0.5875,
      0.195,
      0.685,
      0.2925,
      0.7825,
      0.3925,
      0,
      0.49,
      0.0975,
      0.5875,
      0.195,
      0.685,
      0.2925,
      0.7825,
      0.3925,
      0,
      0.49,
      0.0975,
      0.5875,
      0.195,
      0.685,
      0.2925,
      0.7825,
      0.3925,
      0,
      0.49,
      0.0975,
      0.5875,
      0.195,
      0.685,
      0.2925,
      0.7825,
      0.3925
    ],
    "SoftwareVersions": "syngo_MR_B17",
    "SpacingBetweenSlices": 1.8,
    "StationName": "MININT-E41B04",
    "TaskName": "MST",
    "TotalReadoutTime": 0.0712794,
    "TxRefAmp": 359.097,
    "dataset": "ds002168",
    "modality": "bold",
    "run_id": 4,
    "subject_id": "1443",
    "task_id": "mst"
  },
  "dummy_trs": 1,
  "dvars_nstd": 74.70302907734737,
  "dvars_std": 1.0365885422065721,
  "dvars_vstd": 0.9904796211032868,
  "efc": 0.6114091988075905,
  "fber": 223.4090576171875,
  "fd_mean": 0.07553278481832995,
  "fd_num": 6,
  "fd_perc": 1.405152224824356,
  "fwhm_avg": 3.1503943922326534,
  "fwhm_x": 2.9325334110189387,
  "fwhm_y": 3.4458556468395565,
  "fwhm_z": 3.0727941188394636,
  "gcor": 0.00534794,
  "gsr_x": -0.005259585566818714,
  "gsr_y": 0.08161618560552597,
  "provenance": {
    "md5sum": "0a16fc5e7d0869659d3169c947ec2c24",
    "settings": {
      "fd_thres": 0.2,
      "testing": false
    },
    "software": "mriqc",
    "version": "23.0.1",
    "webapi_port": null,
    "webapi_url": "https://mriqc.nimh.nih.gov/api/v1"
  },
  "size_t": 427,
  "size_x": 100,
  "size_y": 100,
  "size_z": 72,
  "snr": 2.115592997987957,
  "spacing_tr": 0.875,
  "spacing_x": 1.7999999523162842,
  "spacing_y": 1.7999999523162842,
  "spacing_z": 1.8000001907348633,
  "summary_bg_k": 32.8558291538877,
  "summary_bg_mad": 13.221894985930664,
  "summary_bg_mean": 38.26390838623047,
  "summary_bg_median": 21.71662712097168,
  "summary_bg_n": 397897.0,
  "summary_bg_p05": 11.096017837524414,
  "summary_bg_p95": 120.48805084228493,
  "summary_bg_stdv": 51.68076705932617,
  "summary_fg_k": 3.191796723594755,
  "summary_fg_mad": 112.0805515659239,
  "summary_fg_mean": 373.6797180175781,
  "summary_fg_median": 333.1557312011719,
  "summary_fg_n": 215204.0,
  "summary_fg_p05": 200.12446517944338,
  "summary_fg_p95": 696.6596954345702,
  "summary_fg_stdv": 157.47592163085938,
  "tsnr": 19.428891158895567
}