{
  "aor": 0.00022353629976580797,
  "aqi": 0.015959136533957845,
  "bids_meta": {
    "AcquisitionMatrixPE": 100,
    "AcquisitionNumber": 1,
    "AcquisitionTime": "14:23:17.535000",
    "BandwidthPerPixelPhaseEncode": 13.889,
    "BaseResolution": 100,
    "ConversionSoftware": "dcm2niix",
    "ConversionSoftwareVersion": "v1.0.20180404 Clang8.0.0",
    "DerivedVendorReportedEchoSpacing": 0.000719994,
    "DeviceSerialNumber": "35002",
    "DwellTime": 2.8e-06,
    "EchoTime": 0.0436,
    "EffectiveEchoSpacing": 0.000719994,
    "FlipAngle": 55,
    "ImageComments": "Unaliased_MB8_PE3_(remote)",
    "ImageOrientationPatientDICOM": [
      0.99997,
      -0.00391926,
      0.00668429,
      4.63064e-08,
      0.862651,
      0.505799
    ],
    "ImageType": [
      "ORIGINAL",
      "PRIMARY",
      "M",
      "ND",
      "MOSAIC"
    ],
    "InPlanePhaseEncodingDirectionDICOM": "COL",
    "InstitutionAddress": "University_Pkwy_1700_North_685_Provo_UT_US_84601",
    "InstitutionName": "Brigham_Young_University",
    "InstitutionalDepartmentName": "MRI",
    "MRAcquisitionType": "2D",
    "MagneticFieldStrength": 3,
    "Manufacturer": "Siemens",
    "ManufacturersModelName": "TrioTim",
    "Modality": "MR",
    "MultibandAccelerationFactor": 8,
    "PartialFourier": 1,
    "PatientPosition": "HFS",
    "PercentPhaseFOV": 100,
    "PhaseEncodingDirection": "j-",
    "PhaseEncodingSteps": 100,
    "PhaseResolution": 1,
    "PixelBandwidth": 1786,
    "ProcedureStepDescription": "Research_KIRWAN",
    "ProtocolName": "run2",
    "PulseSequenceDetails": "%CustomerSeq%_cmrr_mbep2d_bold",
    "ReceiveCoilName": "32Ch_Head",
    "ReconMatrixPE": 100,
    "RepetitionTime": 0.875,
    "SAR": 0.119349,
    "ScanOptions": "FS",
    "ScanningSequence": "EP",
    "SequenceName": "epfid2d1_100",
    "SequenceVariant": "SK",
    "SeriesDescription": "run2",
    "SeriesNumber": 4,
    "ShimSetting": [
      -2675,
      -23170,
      2466,
      676,
      -210,
      -41,
      -259,
      36
    ],
    "SliceThickness": 1.8,
    "SliceTiming": [
      0,
      0.49,
      0.0975,
      0.5875,
      0.195,
      0.685,
      0.2925,
      0.7825,
      0.3925,
      0,
      0.49,
      0.0975,
      0.5875,
      0.195,
      0.685,
      0.2925,
      0.7825,
      0.3925,
      0,
      0.49,
      0.0975,
      0.5875,
      0.195,
      0.685,
      0.2925,
      0.7825,
      0.3925,
      0,
      0.49,
      0.0975,
      0.5875,
      0.195,
      0.685,
      0.2925,
      0.7825,
      0.3925,
      0,
      0.49,
      0.0975,
      0.5875,
      0.195,
      0.685,
      0.2925,
      0.7825,
      0.3925,
      0,
      0.49,
      0.0975,
      0.5875,
      0.195,
      0.685,
      0.2925,
      0.7825,
      0.3925,
      0,
      0.49,
      0.0975,
      0.5875,
      0.195,
      0.685,
      0.2925,
      0.7825,
      0.3925,
      0,
      0.49,
      0.0975,
      0.5875,
      0.195,
      0.685,
      0.2925,
      0.7825,
      0.3925
    ],
    "SoftwareVersions": "syngo_MR_B17",
    "SpacingBetweenSlices": 1.8,
    "StationName": "MININT-E41B04",
    "TaskName": "MST",
    "TotalReadoutTime": 0.0712794,
    "TxRefAmp": 359.097,
    "dataset": "ds002168",
    "modality": "bold",
    "run_id": 2,
    "subject_id": "1443",
    "task_id": "mst"
  },
  "dummy_trs": 1,
  "dvars_nstd": 73.92696744194834,
  "dvars_std": 1.0449768147183105,
  "dvars_vstd": 0.9985175846478888,
  "efc": 0.6086943218204891,
  "fber": 246.27427673339844,
  "fd_mean": 0.08201737519212607,
  "fd_num": 1,
  "fd_perc": 0.234192037470726,
  "fwhm_avg": 3.1164777254808715,
  "fwhm_x": 2.890061187671587,
  "fwhm_y": 3.405000090201698,
  "fwhm_z": 3.05437189856933,
  "gcor": 0.00489808,
  "gsr_x": -0.005109742749482393,
  "gsr_y": 0.0808420181274414,
  "provenance": {
    "md5sum": "7023796e5960c12447628d6ead246f38",
    "settings": {
      "fd_thres": 0.2,
      "testing": false
    },
    "software": "mriqc",
    "version": "23.0.1",
    "webapi_port": null,
    "webapi_url": "https://mriqc.nimh.nih.gov/api/v1"
  },
  "size_t": 427,
  "size_x": 100,
  "size_y": 100,
  "size_z": 72,
  "snr": 2.1341520374591463,
  "spacing_tr": 0.875,
  "spacing_x": 1.7999999523162842,
  "spacing_y": 1.7999999523162842,
  "spacing_z": 1.8000001907348633,
  "summary_bg_k": 35.29754150755454,
  "summary_bg_mad": 12.159420612617113,
  "summary_bg_mean": 36.04072189331055,
  "summary_bg_median": 20.679155349731445,
  "summary_bg_n": 396818.0,
  "summary_bg_p05": 10.932084083557129,
  "summary_bg_p95": 111.4874652862548,
  "summary_bg_stdv": 48.13222885131836,
  "summary_fg_k": 3.084363446091988,
  "summary_fg_mad": 111.67083158332876,
  "summary_fg_mean": 371.9682922363281,
  "summary_fg_median": 332.2013854980469,
  "summary_fg_n": 215855.0,
  "summary_fg_p05": 198.1358184814453,
  "summary_fg_p95": 690.1852294921867,
  "summary_fg_stdv": 155.6593017578125,
  "tsnr": 20.180619577877223
}