{
  "aor": 0.00048434272300469487,
  "aqi": 0.01531295234741784,
  "bids_meta": {
    "AcquisitionMatrixPE": 100,
    "AcquisitionNumber": 1,
    "AcquisitionTime": "09:29:37.132500",
    "BandwidthPerPixelPhaseEncode": 13.889,
    "BaseResolution": 100,
    "ConversionSoftware": "dcm2niix",
    "ConversionSoftwareVersion": "v1.0.20180404 Clang8.0.0",
    "DerivedVendorReportedEchoSpacing": 0.000719994,
    "DeviceSerialNumber": "35002",
    "DwellTime": 2.8e-06,
    "EchoTime": 0.0436,
    "EffectiveEchoSpacing": 0.000719994,
    "FlipAngle": 55,
    "ImageComments": "Unaliased_MB8_PE3_(remote)",
    "ImageOrientationPatientDICOM": [
      1,
      0,
      0,
      0,
      0.883766,
      0.46793
    ],
    "ImageType": [
      "ORIGINAL",
      "PRIMARY",
      "M",
      "ND",
      "MOSAIC"
    ],
    "InPlanePhaseEncodingDirectionDICOM": "COL",
    "InstitutionAddress": "University_Pkwy_1700_North_685_Provo_UT_US_84601",
    "InstitutionName": "Brigham_Young_University",
    "InstitutionalDepartmentName": "MRI",
    "MRAcquisitionType": "2D",
    "MagneticFieldStrength": 3,
    "Manufacturer": "Siemens",
    "ManufacturersModelName": "TrioTim",
    "Modality": "MR",
    "MultibandAccelerationFactor": 8,
    "PartialFourier": 1,
    "PatientPosition": "HFS",
    "PercentPhaseFOV": 100,
    "PhaseEncodingDirection": "j-",
    "PhaseEncodingSteps": 100,
    "PhaseResolution": 1,
    "PixelBandwidth": 1786,
    "ProcedureStepDescription": "Research_KIRWAN",
    "ProtocolName": "run4",
    "PulseSequenceDetails": "%CustomerSeq%_cmrr_mbep2d_bold",
    "ReceiveCoilName": "32Ch_Head",
    "ReconMatrixPE": 100,
    "RepetitionTime": 0.875,
    "SAR": 0.118777,
    "ScanOptions": "FS",
    "ScanningSequence": "EP",
    "SequenceName": "epfid2d1_100",
    "SequenceVariant": "SK",
    "SeriesDescription": "run4",
    "SeriesNumber": 6,
    "ShimSetting": [
      -2637,
      -23162,
      2508,
      1178,
      -119,
      -106,
      -489,
      5
    ],
    "SliceThickness": 1.8,
    "SliceTiming": [
      0,
      0.4875,
      0.0975,
      0.5875,
      0.195,
      0.685,
      0.2925,
      0.7825,
      0.39,
      0,
      0.4875,
      0.0975,
      0.5875,
      0.195,
      0.685,
      0.2925,
      0.7825,
      0.39,
      0,
      0.4875,
      0.0975,
      0.5875,
      0.195,
      0.685,
      0.2925,
      0.7825,
      0.39,
      0,
      0.4875,
      0.0975,
      0.5875,
      0.195,
      0.685,
      0.2925,
      0.7825,
      0.39,
      0,
      0.4875,
      0.0975,
      0.5875,
      0.195,
      0.685,
      0.2925,
      0.7825,
      0.39,
      0,
      0.4875,
      0.0975,
      0.5875,
      0.195,
      0.685,
      0.2925,
      0.7825,
      0.39,
      0,
      0.4875,
      0.0975,
      0.5875,
      0.195,
      0.685,
      0.2925,
      0.7825,
      0.39,
      0,
      0.4875,
      0.0975,
      0.5875,
      0.195,
      0.685,
      0.2925,
      0.7825,
      0.39
    ],
    "SoftwareVersions": "syngo_MR_B17",
    "SpacingBetweenSlices": 1.8,
    "StationName": "MININT-E41B04",
    "TaskName": "MST",
    "TotalReadoutTime": 0.0712794,
    "TxRefAmp": 331.76,
    "dataset": "ds002168",
    "modality": "bold",
    "run_id": 4,
    "subject_id": "1428",
    "task_id": "mst"
  },
  "dummy_trs": 2,
  "dvars_nstd": 75.2935647942117,
  "dvars_std": 1.063906219529412,
  "dvars_vstd": 1.0099204504235302,
  "efc": 0.5877578543885598,
  "fber": 204.16192626953125,
  "fd_mean": 0.10252492287330249,
  "fd_num": 13,
  "fd_perc": 3.051643192488263,
  "fwhm_avg": 3.4082185371664604,
  "fwhm_x": 3.2251723076601113,
  "fwhm_y": 3.75434454390061,
  "fwhm_z": 3.24513875993866,
  "gcor": 0.00519035,
  "gsr_x": -0.02972867712378502,
  "gsr_y": 0.10261184722185135,
  "provenance": {
    "md5sum": "ff743ea71144561e8c66b587012dcaa2",
    "settings": {
      "fd_thres": 0.2,
      "testing": false
    },
    "software": "mriqc",
    "version": "23.0.1",
    "webapi_port": null,
    "webapi_url": "https://mriqc.nimh.nih.gov/api/v1"
  },
  "size_t": 426,
  "size_x": 100,
  "size_y": 100,
  "size_z": 72,
  "snr": 1.6334733858357013,
  "spacing_tr": 0.875,
  "spacing_x": 1.7999999523162842,
  "spacing_y": 1.7999999523162842,
  "spacing_z": 1.8000000715255737,
  "summary_bg_k": 47.197704603210084,
  "summary_bg_mad": 14.44319212650219,
  "summary_bg_mean": 40.496551513671875,
  "summary_bg_median": 23.403757095336914,
  "summary_bg_n": 397024.0,
  "summary_bg_p05": 11.868544578552246,
  "summary_bg_p95": 119.969482421875,
  "summary_bg_stdv": 56.82263946533203,
  "summary_fg_k": 5.951583193601881,
  "summary_fg_mad": 126.74163153944542,
  "summary_fg_mean": 401.681640625,
  "summary_fg_median": 344.2840576171875,
  "summary_fg_n": 214313.0,
  "summary_fg_p05": 188.26666870117188,
  "summary_fg_p95": 836.3516601562499,
  "summary_fg_stdv": 210.76759338378906,
  "tsnr": 19.992852463037707
}