{
  "aor": 0.00025238317757009346,
  "aqi": 0.01180557581775701,
  "bids_meta": {
    "AcquisitionMatrixPE": 100,
    "AcquisitionNumber": 1,
    "AcquisitionTime": "17:51:26.507500",
    "BandwidthPerPixelPhaseEncode": 13.889,
    "BaseResolution": 100,
    "ConversionSoftware": "dcm2niix",
    "ConversionSoftwareVersion": "v1.0.20180404 Clang8.0.0",
    "DerivedVendorReportedEchoSpacing": 0.000719994,
    "DeviceSerialNumber": "35002",
    "DwellTime": 2.8e-06,
    "EchoTime": 0.0436,
    "EffectiveEchoSpacing": 0.000719994,
    "FlipAngle": 55,
    "ImageComments": "Unaliased_MB8_PE3_(remote)",
    "ImageOrientationPatientDICOM": [
      0.999989,
      0.00241126,
      -0.00399799,
      -4.00507e-09,
      0.856314,
      0.516456
    ],
    "ImageType": [
      "ORIGINAL",
      "PRIMARY",
      "M",
      "MB",
      "ND",
      "MOSAIC"
    ],
    "InPlanePhaseEncodingDirectionDICOM": "COL",
    "InstitutionAddress": "University_Pkwy_1700_North_685_Provo_UT_US_84601",
    "InstitutionName": "Brigham_Young_University",
    "InstitutionalDepartmentName": "MRI",
    "MRAcquisitionType": "2D",
    "MagneticFieldStrength": 3,
    "Manufacturer": "Siemens",
    "ManufacturersModelName": "TrioTim",
    "Modality": "MR",
    "MultibandAccelerationFactor": 8,
    "PartialFourier": 1,
    "PatientPosition": "HFS",
    "PercentPhaseFOV": 100,
    "PhaseEncodingDirection": "j-",
    "PhaseEncodingSteps": 100,
    "PhaseResolution": 1,
    "PixelBandwidth": 1786,
    "ProcedureStepDescription": "Research_KIRWAN",
    "ProtocolName": "run1",
    "PulseSequenceDetails": "%CustomerSeq%_cmrr_mbep2d_bold",
    "ReceiveCoilName": "32Ch_Head",
    "ReconMatrixPE": 100,
    "RepetitionTime": 0.875,
    "SAR": 0.109301,
    "ScanOptions": "FS",
    "ScanningSequence": "EP",
    "SequenceName": "epfid2d1_100",
    "SequenceVariant": "SK_SS",
    "SeriesDescription": "run1",
    "SeriesNumber": 3,
    "ShimSetting": [
      -2799,
      -22982,
      2281,
      547,
      109,
      261,
      44,
      450
    ],
    "SliceThickness": 1.8,
    "SliceTiming": [
      0,
      0.4875,
      0.0975,
      0.585,
      0.195,
      0.6825,
      0.2925,
      0.78,
      0.39,
      0,
      0.4875,
      0.0975,
      0.585,
      0.195,
      0.6825,
      0.2925,
      0.78,
      0.39,
      0,
      0.4875,
      0.0975,
      0.585,
      0.195,
      0.6825,
      0.2925,
      0.78,
      0.39,
      0,
      0.4875,
      0.0975,
      0.585,
      0.195,
      0.6825,
      0.2925,
      0.78,
      0.39,
      0,
      0.4875,
      0.0975,
      0.585,
      0.195,
      0.6825,
      0.2925,
      0.78,
      0.39,
      0,
      0.4875,
      0.0975,
      0.585,
      0.195,
      0.6825,
      0.2925,
      0.78,
      0.39,
      0,
      0.4875,
      0.0975,
      0.585,
      0.195,
      0.6825,
      0.2925,
      0.78,
      0.39,
      0,
      0.4875,
      0.0975,
      0.585,
      0.195,
      0.6825,
      0.2925,
      0.78,
      0.39
    ],
    "SoftwareVersions": "syngo_MR_B17",
    "SpacingBetweenSlices": 1.8,
    "StationName": "MININT-E41B04",
    "TaskName": "MST",
    "TotalReadoutTime": 0.0712794,
    "TxRefAmp": 349.208,
    "dataset": "ds002168",
    "modality": "bold",
    "run_id": 1,
    "subject_id": "1589",
    "task_id": "mst"
  },
  "dummy_trs": 0,
  "dvars_nstd": 70.3255670444496,
  "dvars_std": 1.0461176239812646,
  "dvars_vstd": 0.9957216414519916,
  "efc": 0.5533863085331914,
  "fber": 290.2243347167969,
  "fd_mean": 0.10678482359848765,
  "fd_num": 0,
  "fd_perc": 0.0,
  "fwhm_avg": 3.7596038032991927,
  "fwhm_x": 3.667077874922166,
  "fwhm_y": 4.0909001083718435,
  "fwhm_z": 3.5208334266035672,
  "gcor": 0.00336793,
  "gsr_x": -0.02046247199177742,
  "gsr_y": 0.08836633712053299,
  "provenance": {
    "md5sum": "f189725176da8660d0f9912243444505",
    "settings": {
      "fd_thres": 0.2,
      "testing": false
    },
    "software": "mriqc",
    "version": "23.0.1",
    "webapi_port": null,
    "webapi_url": "https://mriqc.nimh.nih.gov/api/v1"
  },
  "size_t": 428,
  "size_x": 100,
  "size_y": 100,
  "size_z": 72,
  "snr": 1.5606140369097716,
  "spacing_tr": 0.875,
  "spacing_x": 1.7999999523162842,
  "spacing_y": 1.7999999523162842,
  "spacing_z": 1.7999999523162842,
  "summary_bg_k": 30.019497125082466,
  "summary_bg_mad": 13.630933459251015,
  "summary_bg_mean": 40.97441101074219,
  "summary_bg_median": 22.570093154907227,
  "summary_bg_n": 425716.0,
  "summary_bg_p05": 11.983644485473633,
  "summary_bg_p95": 137.85805130004883,
  "summary_bg_stdv": 57.496551513671875,
  "summary_fg_k": 4.410037083855772,
  "summary_fg_mad": 152.99556320757245,
  "summary_fg_mean": 471.1145324707031,
  "summary_fg_median": 390.3410949707031,
  "summary_fg_n": 193189.0,
  "summary_fg_p05": 228.76961669921874,
  "summary_fg_p95": 1008.6317504882817,
  "summary_fg_stdv": 250.1195526123047,
  "tsnr": 21.787168926326558
}