{
  "aor": 0.0003776056338028169,
  "aqi": 0.018916875586854464,
  "bids_meta": {
    "AcquisitionMatrixPE": 100,
    "AcquisitionNumber": 1,
    "AcquisitionTime": "16:34:2.312500",
    "BandwidthPerPixelPhaseEncode": 13.889,
    "BaseResolution": 100,
    "ConversionSoftware": "dcm2niix",
    "ConversionSoftwareVersion": "v1.0.20180404 Clang8.0.0",
    "DerivedVendorReportedEchoSpacing": 0.000719994,
    "DeviceSerialNumber": "35002",
    "DwellTime": 2.8e-06,
    "EchoTime": 0.0436,
    "EffectiveEchoSpacing": 0.000719994,
    "FlipAngle": 55,
    "ImageComments": "Unaliased_MB8_PE3_(remote)",
    "ImageOrientationPatientDICOM": [
      0.999995,
      -0.00170791,
      0.00253283,
      -6.81157e-08,
      0.829102,
      0.559098
    ],
    "ImageType": [
      "ORIGINAL",
      "PRIMARY",
      "M",
      "MB",
      "ND",
      "MOSAIC"
    ],
    "InPlanePhaseEncodingDirectionDICOM": "COL",
    "InstitutionAddress": "University_Pkwy_1700_North_685_Provo_UT_US_84601",
    "InstitutionName": "Brigham_Young_University",
    "InstitutionalDepartmentName": "MRI",
    "MRAcquisitionType": "2D",
    "MagneticFieldStrength": 3,
    "Manufacturer": "Siemens",
    "ManufacturersModelName": "TrioTim",
    "Modality": "MR",
    "MultibandAccelerationFactor": 8,
    "PartialFourier": 1,
    "PatientPosition": "HFS",
    "PercentPhaseFOV": 100,
    "PhaseEncodingDirection": "j-",
    "PhaseEncodingSteps": 100,
    "PhaseResolution": 1,
    "PixelBandwidth": 1786,
    "ProcedureStepDescription": "Research_KIRWAN",
    "ProtocolName": "run5",
    "PulseSequenceDetails": "%CustomerSeq%_cmrr_mbep2d_bold",
    "ReceiveCoilName": "32Ch_Head",
    "ReconMatrixPE": 100,
    "RepetitionTime": 0.875,
    "SAR": 0.111064,
    "ScanOptions": "FS",
    "ScanningSequence": "EP",
    "SequenceName": "epfid2d1_100",
    "SequenceVariant": "SK_SS",
    "SeriesDescription": "run5",
    "SeriesNumber": 7,
    "ShimSetting": [
      -2698,
      -23179,
      2724,
      1314,
      -15,
      -183,
      212,
      7
    ],
    "SliceThickness": 1.8,
    "SliceTiming": [
      0,
      0.49,
      0.0975,
      0.5875,
      0.195,
      0.685,
      0.2925,
      0.7825,
      0.3925,
      0,
      0.49,
      0.0975,
      0.5875,
      0.195,
      0.685,
      0.2925,
      0.7825,
      0.3925,
      0,
      0.49,
      0.0975,
      0.5875,
      0.195,
      0.685,
      0.2925,
      0.7825,
      0.3925,
      0,
      0.49,
      0.0975,
      0.5875,
      0.195,
      0.685,
      0.2925,
      0.7825,
      0.3925,
      0,
      0.49,
      0.0975,
      0.5875,
      0.195,
      0.685,
      0.2925,
      0.7825,
      0.3925,
      0,
      0.49,
      0.0975,
      0.5875,
      0.195,
      0.685,
      0.2925,
      0.7825,
      0.3925,
      0,
      0.49,
      0.0975,
      0.5875,
      0.195,
      0.685,
      0.2925,
      0.7825,
      0.3925,
      0,
      0.49,
      0.0975,
      0.5875,
      0.195,
      0.685,
      0.2925,
      0.7825,
      0.3925
    ],
    "SoftwareVersions": "syngo_MR_B17",
    "SpacingBetweenSlices": 1.8,
    "StationName": "MININT-E41B04",
    "TaskName": "MST",
    "TotalReadoutTime": 0.0712794,
    "TxRefAmp": 315.82,
    "dataset": "ds002168",
    "modality": "bold",
    "run_id": 5,
    "subject_id": "1538",
    "task_id": "mst"
  },
  "dummy_trs": 2,
  "dvars_nstd": 69.93576283197648,
  "dvars_std": 1.0458061207058824,
  "dvars_vstd": 0.9970366711294121,
  "efc": 0.5793081570991434,
  "fber": 364.4851379394531,
  "fd_mean": 0.13817211319268125,
  "fd_num": 54,
  "fd_perc": 12.67605633802817,
  "fwhm_avg": 3.146477782835125,
  "fwhm_x": 2.945377855803645,
  "fwhm_y": 3.5466831924008053,
  "fwhm_z": 2.9473723003009242,
  "gcor": 0.00411704,
  "gsr_x": -0.013020657002925873,
  "gsr_y": 0.0771452859044075,
  "provenance": {
    "md5sum": "4238574a96f8c413b2fe6d451ef9f4d3",
    "settings": {
      "fd_thres": 0.2,
      "testing": false
    },
    "software": "mriqc",
    "version": "23.0.1",
    "webapi_port": null,
    "webapi_url": "https://mriqc.nimh.nih.gov/api/v1"
  },
  "size_t": 426,
  "size_x": 100,
  "size_y": 100,
  "size_z": 72,
  "snr": 2.412580986866708,
  "spacing_tr": 0.875,
  "spacing_x": 1.7999999523162842,
  "spacing_y": 1.8000000715255737,
  "spacing_z": 1.7999999523162842,
  "summary_bg_k": 44.02933250370733,
  "summary_bg_mad": 10.082392431013043,
  "summary_bg_mean": 29.739559173583984,
  "summary_bg_median": 17.861501693725586,
  "summary_bg_n": 423233.0,
  "summary_bg_p05": 10.070423126220703,
  "summary_bg_p95": 87.31549224853508,
  "summary_bg_stdv": 36.667293548583984,
  "summary_fg_k": 4.649962405027703,
  "summary_fg_mad": 103.0617575743519,
  "summary_fg_mean": 378.0367431640625,
  "summary_fg_median": 344.20892333984375,
  "summary_fg_n": 195275.0,
  "summary_fg_p05": 215.00234985351562,
  "summary_fg_p95": 656.6457946777342,
  "summary_fg_stdv": 142.672119140625,
  "tsnr": 20.493389561306685
}