{
  "bids_meta": {
    "AcquisitionMatrixPE": 512,
    "AcquisitionNumber": 1,
    "AcquisitionTime": "19:24:36.585000",
    "BaseResolution": 512,
    "ConversionSoftware": "dcm2niix",
    "ConversionSoftwareVersion": "v1.0.20180404 Clang8.0.0",
    "DeviceSerialNumber": "35002",
    "DwellTime": 5e-06,
    "EchoTime": 0.064,
    "EchoTrainLength": 15,
    "FlipAngle": 122,
    "ImageOrientationPatientDICOM": [
      0.999969,
      0.00789105,
      1.73156e-10,
      -0.00408306,
      0.517413,
      -0.855726
    ],
    "ImageType": [
      "ORIGINAL",
      "PRIMARY",
      "M",
      "ND"
    ],
    "InPlanePhaseEncodingDirectionDICOM": "ROW",
    "InstitutionAddress": "University_Pkwy_1700_North_685_Provo_UT_US_84601",
    "InstitutionName": "Brigham_Young_University",
    "InstitutionalDepartmentName": "MRI",
    "MRAcquisitionType": "2D",
    "MagneticFieldStrength": 3,
    "Manufacturer": "Siemens",
    "ManufacturersModelName": "TrioTim",
    "Modality": "MR",
    "PartialFourier": 1,
    "PatientPosition": "HFS",
    "PercentPhaseFOV": 100,
    "PhaseEncodingDirection": "i",
    "PhaseEncodingSteps": 720,
    "PhaseOversampling": 0.4,
    "PhaseResolution": 1,
    "PixelBandwidth": 195,
    "ProcedureStepDescription": "Research_KIRWAN",
    "ProtocolName": "HHR_struct_MODIFIED",
    "PulseSequenceDetails": "%SiemensSeq%_tse",
    "ReceiveCoilName": "32Ch_Head",
    "ReconMatrixPE": 512,
    "RepetitionTime": 6,
    "SAR": 0.812425,
    "ScanningSequence": "SE",
    "SequenceName": "_tse2d1_15",
    "SequenceVariant": "SK_SP_OSP",
    "SeriesDescription": "HHR_struct_MODIFIED",
    "SeriesNumber": 16,
    "ShimSetting": [
      -2643,
      -23079,
      2606,
      1173,
      -137,
      -496,
      108,
      -66
    ],
    "SliceThickness": 2,
    "SoftwareVersions": "syngo_MR_B17",
    "SpacingBetweenSlices": 2,
    "StationName": "MININT-E41B04",
    "TxRefAmp": 324.727,
    "dataset": "ds002168",
    "modality": "T2w",
    "subject_id": "1592"
  },
  "cjv": 1.9158903969518706,
  "cnr": 0.727675769698633,
  "efc": 0.6518826272048154,
  "fber": 6947.712802768166,
  "fwhm_avg": 5.377891092631849,
  "fwhm_x": 6.0013568,
  "fwhm_y": 3.7592732778955495,
  "fwhm_z": 6.3730432,
  "icvs_csf": 0.4454930209658925,
  "icvs_gm": 0.43846044672600104,
  "icvs_wm": 0.11604653230810645,
  "inu_med": 1.0055158138275146,
  "inu_range": 1.585144579410553,
  "provenance": {
    "md5sum": "b9df0e4adee4a8b53497a15a4830dafe",
    "settings": {
      "testing": false
    },
    "software": "mriqc",
    "version": "23.0.1",
    "warnings": {
      "large_rot_frame": false,
      "small_air_mask": false
    },
    "webapi_port": null,
    "webapi_url": "https://mriqc.nimh.nih.gov/api/v1"
  },
  "qi_1": 0.0,
  "qi_2": 0.0009459825959202611,
  "rpve_csf": 4.791867699820287,
  "rpve_gm": 5.045995887634664,
  "rpve_wm": 19.164165300374155,
  "size_x": 512,
  "size_y": 35,
  "size_z": 512,
  "snr_csf": 11.760633243653265,
  "snr_gm": 8.990396579443772,
  "snr_total": 7.527257620790157,
  "snr_wm": 1.8307430392734318,
  "snrd_csf": 78.49484523209163,
  "snrd_gm": 53.77973446168032,
  "snrd_total": 74.01536678571034,
  "snrd_wm": 89.77152066335907,
  "spacing_x": 0.390625,
  "spacing_y": 2.0000035762786865,
  "spacing_z": 0.390625,
  "summary_bg_k": 313.51052689777947,
  "summary_bg_mad": 5.778248175848156,
  "summary_bg_mean": 9.495424634633103,
  "summary_bg_median": 3.8973691686987877,
  "summary_bg_n": 2641903.0,
  "summary_bg_p05": 0.0,
  "summary_bg_p95": 34.273922983556986,
  "summary_bg_stdv": 21.887781300722807,
  "summary_csf_k": 0.3844032847077856,
  "summary_csf_mad": 56.70614141200004,
  "summary_csf_mean": 696.5327515146471,
  "summary_csf_median": 692.3179604671896,
  "summary_csf_n": 950421.0,
  "summary_csf_p05": 607.4546572938561,
  "summary_csf_p95": 799.3045650981367,
  "summary_csf_stdv": 58.86737405268895,
  "summary_gm_k": 0.03809781666853107,
  "summary_gm_mad": 53.19387291295509,
  "summary_gm_mean": 473.37873934295027,
  "summary_gm_median": 474.3327535316348,
  "summary_gm_n": 964707.0,
  "summary_gm_p05": 386.10701421275735,
  "summary_gm_p95": 558.43186667189,
  "summary_gm_stdv": 52.75990925397054,
  "summary_wm_k": -1.6323252939494417,
  "summary_wm_mad": 554.9950723410234,
  "summary_wm_mean": 623.6257009789787,
  "summary_wm_median": 791.7772932723165,
  "summary_wm_n": 277715.0,
  "summary_wm_p05": 33.89182796701789,
  "summary_wm_p95": 1199.2816284112632,
  "summary_wm_stdv": 432.4888041436826,
  "tpm_overlap_csf": 0.10595466832597032,
  "tpm_overlap_gm": 0.26981459623078313,
  "tpm_overlap_wm": 0.026164413607615154,
  "wm2max": 0.5750041622731561
}