{
  "bids_meta": {
    "AcquisitionMatrixPE": 256,
    "AcquisitionNumber": 1,
    "AcquisitionTime": "18:59:31.130000",
    "BaseResolution": 256,
    "ConversionSoftware": "dcm2niix",
    "ConversionSoftwareVersion": "v1.0.20180404 Clang8.0.0",
    "DeviceSerialNumber": "35002",
    "DwellTime": 1.03e-05,
    "EchoTime": 0.00492,
    "FlipAngle": 25,
    "ImageOrientationPatientDICOM": [
      0,
      1,
      0,
      0,
      0,
      -1
    ],
    "ImageType": [
      "ORIGINAL",
      "PRIMARY",
      "M",
      "ND",
      "NORM"
    ],
    "InPlanePhaseEncodingDirectionDICOM": "ROW",
    "InstitutionAddress": "University_Pkwy_1700_North_685_Provo_UT_US_84601",
    "InstitutionName": "Brigham_Young_University",
    "InstitutionalDepartmentName": "MRI",
    "MRAcquisitionType": "3D",
    "MagneticFieldStrength": 3,
    "Manufacturer": "Siemens",
    "ManufacturersModelName": "TrioTim",
    "Modality": "MR",
    "ParallelReductionFactorInPlane": 2,
    "PartialFourier": 1,
    "PatientPosition": "HFS",
    "PercentPhaseFOV": 100,
    "PhaseEncodingSteps": 255,
    "PhaseResolution": 1,
    "PixelBandwidth": 190,
    "ProcedureStepDescription": "Research_KIRWAN",
    "ProtocolName": "t1_fl3d_sag_no3Daccel_iso_1.0_1avg",
    "PulseSequenceDetails": "%SiemensSeq%_gre",
    "ReceiveCoilName": "32Ch_Head",
    "ReconMatrixPE": 256,
    "RepetitionTime": 0.02,
    "SAR": 0.182166,
    "ScanningSequence": "GR",
    "SequenceName": "_fl3d1_ns",
    "SequenceVariant": "SP",
    "SeriesDescription": "t1_fl3d_sag_no3Daccel_iso_1.0_1avg",
    "SeriesNumber": 9,
    "ShimSetting": [
      -2671,
      -23123,
      2054,
      173,
      -22,
      -157,
      -236,
      20
    ],
    "SliceThickness": 1,
    "SoftwareVersions": "syngo_MR_B17",
    "StationName": "MININT-E41B04",
    "TxRefAmp": 324.727,
    "dataset": "ds002168",
    "modality": "T1w",
    "subject_id": "1592"
  },
  "cjv": 0.48412346185280686,
  "cnr": 2.8112026865034063,
  "efc": 0.5638198748877657,
  "fber": 11213.77324074527,
  "fwhm_avg": 2.9949999999999997,
  "fwhm_x": 2.97343,
  "fwhm_y": 3.17575,
  "fwhm_z": 2.83582,
  "icvs_csf": 0.16689344260576178,
  "icvs_gm": 0.4297301063768561,
  "icvs_wm": 0.4033764510173821,
  "inu_med": 0.25994551181793213,
  "inu_range": 0.051211029291152926,
  "provenance": {
    "md5sum": "2f053a530ed8c23ebf8c75ebf23d4290",
    "settings": {
      "testing": false
    },
    "software": "mriqc",
    "version": "23.0.1",
    "warnings": {
      "large_rot_frame": true,
      "small_air_mask": false
    },
    "webapi_port": null,
    "webapi_url": "https://mriqc.nimh.nih.gov/api/v1"
  },
  "qi_1": 0.0,
  "qi_2": 0.0192340872165475,
  "rpve_csf": 34.96111632165427,
  "rpve_gm": 14.197964963570335,
  "rpve_wm": 16.84731024397877,
  "size_x": 192,
  "size_y": 256,
  "size_z": 256,
  "snr_csf": 2.8621683580829216,
  "snr_gm": 16.58667604692208,
  "snr_total": 14.29102081529962,
  "snr_wm": 23.42421804089386,
  "snrd_csf": 58.06447594583392,
  "snrd_gm": 114.10635019282765,
  "snrd_total": 103.99992802742698,
  "snrd_wm": 139.82895794361937,
  "spacing_x": 1.0,
  "spacing_y": 1.0,
  "spacing_z": 1.0,
  "summary_bg_k": 7.510455735839859,
  "summary_bg_mad": 4.685390143774626,
  "summary_bg_mean": 5.220023812698172,
  "summary_bg_median": 3.160247627645731,
  "summary_bg_n": 3056928.0,
  "summary_bg_p05": 0.0,
  "summary_bg_p95": 19.629505589604378,
  "summary_bg_stdv": 6.257005557571068,
  "summary_csf_k": 2.517609035542696,
  "summary_csf_mad": 101.26918453028328,
  "summary_csf_mean": 408.96232763990827,
  "summary_csf_median": 415.2642461936921,
  "summary_csf_n": 22594.0,
  "summary_csf_p05": 125.49137784820051,
  "summary_csf_p95": 629.4031393043697,
  "summary_csf_stdv": 145.08407767749785,
  "summary_gm_k": 0.13117395572487167,
  "summary_gm_mad": 47.38719787687508,
  "summary_gm_mean": 815.1980955098302,
  "summary_gm_median": 816.0632938966155,
  "summary_gm_n": 22063.0,
  "summary_gm_p05": 732.1497268080711,
  "summary_gm_p95": 894.8588014125822,
  "summary_gm_stdv": 49.19881460549408,
  "summary_wm_k": 0.32136730311823003,
  "summary_wm_mad": 41.67330745763773,
  "summary_wm_mean": 1002.9773425695147,
  "summary_wm_median": 1000.0256761237979,
  "summary_wm_n": 188775.0,
  "summary_wm_p05": 938.0539909377694,
  "summary_wm_p95": 1078.0041440092027,
  "summary_wm_stdv": 42.6918425046523,
  "tpm_overlap_csf": 0.14553653660145346,
  "tpm_overlap_gm": 0.4591990357372096,
  "tpm_overlap_wm": 0.494957634734458,
  "wm2max": 0.7113978651849686
}