{
  "aor": 0.00032053990610328637,
  "aqi": 0.014319652112676056,
  "bids_meta": {
    "AcquisitionMatrixPE": 100,
    "AcquisitionNumber": 1,
    "AcquisitionTime": "14:47:30.335000",
    "BandwidthPerPixelPhaseEncode": 13.889,
    "BaseResolution": 100,
    "ConversionSoftware": "dcm2niix",
    "ConversionSoftwareVersion": "v1.0.20180404 Clang8.0.0",
    "DerivedVendorReportedEchoSpacing": 0.000719994,
    "DeviceSerialNumber": "35002",
    "DwellTime": 2.8e-06,
    "EchoTime": 0.0436,
    "EffectiveEchoSpacing": 0.000719994,
    "FlipAngle": 55,
    "ImageComments": "Unaliased_MB8_PE3_(remote)",
    "ImageOrientationPatientDICOM": [
      1,
      0,
      0,
      0,
      0.921185,
      0.389124
    ],
    "ImageType": [
      "ORIGINAL",
      "PRIMARY",
      "M",
      "ND",
      "MOSAIC"
    ],
    "InPlanePhaseEncodingDirectionDICOM": "COL",
    "InstitutionAddress": "University_Pkwy_1700_North_685_Provo_UT_US_84601",
    "InstitutionName": "Brigham_Young_University",
    "InstitutionalDepartmentName": "MRI",
    "MRAcquisitionType": "2D",
    "MagneticFieldStrength": 3,
    "Manufacturer": "Siemens",
    "ManufacturersModelName": "TrioTim",
    "Modality": "MR",
    "MultibandAccelerationFactor": 8,
    "PartialFourier": 1,
    "PatientPosition": "HFS",
    "PercentPhaseFOV": 100,
    "PhaseEncodingDirection": "j-",
    "PhaseEncodingSteps": 100,
    "PhaseResolution": 1,
    "PixelBandwidth": 1786,
    "ProcedureStepDescription": "Research_KIRWAN",
    "ProtocolName": "run3",
    "PulseSequenceDetails": "%CustomerSeq%_cmrr_mbep2d_bold",
    "ReceiveCoilName": "32Ch_Head",
    "ReconMatrixPE": 100,
    "RepetitionTime": 0.875,
    "SAR": 0.126493,
    "ScanOptions": "FS",
    "ScanningSequence": "EP",
    "SequenceName": "epfid2d1_100",
    "SequenceVariant": "SK",
    "SeriesDescription": "run3",
    "SeriesNumber": 6,
    "ShimSetting": [
      -2693,
      -23111,
      2474,
      757,
      -81,
      -39,
      -375,
      20
    ],
    "SliceThickness": 1.8,
    "SliceTiming": [
      0,
      0.4875,
      0.0975,
      0.585,
      0.195,
      0.6825,
      0.2925,
      0.78,
      0.39,
      0,
      0.4875,
      0.0975,
      0.585,
      0.195,
      0.6825,
      0.2925,
      0.78,
      0.39,
      0,
      0.4875,
      0.0975,
      0.585,
      0.195,
      0.6825,
      0.2925,
      0.78,
      0.39,
      0,
      0.4875,
      0.0975,
      0.585,
      0.195,
      0.6825,
      0.2925,
      0.78,
      0.39,
      0,
      0.4875,
      0.0975,
      0.585,
      0.195,
      0.6825,
      0.2925,
      0.78,
      0.39,
      0,
      0.4875,
      0.0975,
      0.585,
      0.195,
      0.6825,
      0.2925,
      0.78,
      0.39,
      0,
      0.4875,
      0.0975,
      0.585,
      0.195,
      0.6825,
      0.2925,
      0.78,
      0.39,
      0,
      0.4875,
      0.0975,
      0.585,
      0.195,
      0.6825,
      0.2925,
      0.78,
      0.39
    ],
    "SoftwareVersions": "syngo_MR_B17",
    "SpacingBetweenSlices": 1.8,
    "StationName": "MININT-E41B04",
    "TaskName": "MST",
    "TotalReadoutTime": 0.0712794,
    "TxRefAmp": 338.256,
    "dataset": "ds002168",
    "modality": "bold",
    "run_id": 3,
    "subject_id": "1435",
    "task_id": "mst"
  },
  "dummy_trs": 2,
  "dvars_nstd": 71.46837136668238,
  "dvars_std": 1.0635747165647065,
  "dvars_vstd": 1.0056261150117651,
  "efc": 0.5992186630029911,
  "fber": 233.53160095214844,
  "fd_mean": 0.10799202298005081,
  "fd_num": 15,
  "fd_perc": 3.5211267605633805,
  "fwhm_avg": 3.0489240908685566,
  "fwhm_x": 2.9329278554738325,
  "fwhm_y": 3.315900087841354,
  "fwhm_z": 2.897944329290483,
  "gcor": 0.00381301,
  "gsr_x": -0.00931056309491396,
  "gsr_y": 0.10759441554546356,
  "provenance": {
    "md5sum": "2c0c22c41b259f33fe0313d5b0a34d17",
    "settings": {
      "fd_thres": 0.2,
      "testing": false
    },
    "software": "mriqc",
    "version": "23.0.1",
    "webapi_port": null,
    "webapi_url": "https://mriqc.nimh.nih.gov/api/v1"
  },
  "size_t": 426,
  "size_x": 100,
  "size_y": 100,
  "size_z": 72,
  "snr": 2.0977170911190934,
  "spacing_tr": 0.875,
  "spacing_x": 1.7999999523162842,
  "spacing_y": 1.7999999523162842,
  "spacing_z": 1.8000000715255737,
  "summary_bg_k": 48.744126288290566,
  "summary_bg_mad": 13.931589335165619,
  "summary_bg_mean": 41.11133575439453,
  "summary_bg_median": 22.2652587890625,
  "summary_bg_n": 410770.0,
  "summary_bg_p05": 11.267605781555176,
  "summary_bg_p95": 130.50516128540028,
  "summary_bg_stdv": 60.3060417175293,
  "summary_fg_k": 7.769834797522972,
  "summary_fg_mad": 112.83789217976837,
  "summary_fg_mean": 389.23272705078125,
  "summary_fg_median": 349.5117492675781,
  "summary_fg_n": 203045.0,
  "summary_fg_p05": 210.7868621826172,
  "summary_fg_p95": 712.7131591796875,
  "summary_fg_stdv": 166.61488342285156,
  "tsnr": 21.999021986033767
}