{
  "aor": 0.0007507276995305164,
  "aqi": 0.016848365962441315,
  "bids_meta": {
    "AcquisitionMatrixPE": 100,
    "AcquisitionNumber": 1,
    "AcquisitionTime": "14:32:36.557500",
    "BandwidthPerPixelPhaseEncode": 13.889,
    "BaseResolution": 100,
    "ConversionSoftware": "dcm2niix",
    "ConversionSoftwareVersion": "v1.0.20180404 Clang8.0.0",
    "DerivedVendorReportedEchoSpacing": 0.000719994,
    "DeviceSerialNumber": "35002",
    "DwellTime": 2.8e-06,
    "EchoTime": 0.0436,
    "EffectiveEchoSpacing": 0.000719994,
    "FlipAngle": 55,
    "ImageComments": "Unaliased_MB8_PE3_(remote)",
    "ImageOrientationPatientDICOM": [
      1,
      2e-16,
      0,
      -2e-16,
      0.899558,
      0.436802
    ],
    "ImageType": [
      "ORIGINAL",
      "PRIMARY",
      "M",
      "ND",
      "MOSAIC"
    ],
    "InPlanePhaseEncodingDirectionDICOM": "COL",
    "InstitutionAddress": "University_Pkwy_1700_North_685_Provo_UT_US_84601",
    "InstitutionName": "Brigham_Young_University",
    "InstitutionalDepartmentName": "MRI",
    "MRAcquisitionType": "2D",
    "MagneticFieldStrength": 3,
    "Manufacturer": "Siemens",
    "ManufacturersModelName": "TrioTim",
    "Modality": "MR",
    "MultibandAccelerationFactor": 8,
    "PartialFourier": 1,
    "PatientPosition": "HFS",
    "PercentPhaseFOV": 100,
    "PhaseEncodingDirection": "j-",
    "PhaseEncodingSteps": 100,
    "PhaseResolution": 1,
    "PixelBandwidth": 1786,
    "ProcedureStepDescription": "Research_KIRWAN",
    "ProtocolName": "run1",
    "PulseSequenceDetails": "%CustomerSeq%_cmrr_mbep2d_bold",
    "ReceiveCoilName": "32Ch_Head",
    "ReconMatrixPE": 100,
    "RepetitionTime": 0.875,
    "SAR": 0.122326,
    "ScanOptions": "FS",
    "ScanningSequence": "EP",
    "SequenceName": "epfid2d1_100",
    "SequenceVariant": "SK",
    "SeriesDescription": "run1",
    "SeriesNumber": 4,
    "ShimSetting": [
      -2693,
      -23112,
      2471,
      741,
      -77,
      -38,
      -369,
      25
    ],
    "SliceThickness": 1.8,
    "SliceTiming": [
      0,
      0.4875,
      0.0975,
      0.585,
      0.195,
      0.6825,
      0.2925,
      0.78,
      0.39,
      0,
      0.4875,
      0.0975,
      0.585,
      0.195,
      0.6825,
      0.2925,
      0.78,
      0.39,
      0,
      0.4875,
      0.0975,
      0.585,
      0.195,
      0.6825,
      0.2925,
      0.78,
      0.39,
      0,
      0.4875,
      0.0975,
      0.585,
      0.195,
      0.6825,
      0.2925,
      0.78,
      0.39,
      0,
      0.4875,
      0.0975,
      0.585,
      0.195,
      0.6825,
      0.2925,
      0.78,
      0.39,
      0,
      0.4875,
      0.0975,
      0.585,
      0.195,
      0.6825,
      0.2925,
      0.78,
      0.39,
      0,
      0.4875,
      0.0975,
      0.585,
      0.195,
      0.6825,
      0.2925,
      0.78,
      0.39,
      0,
      0.4875,
      0.0975,
      0.585,
      0.195,
      0.6825,
      0.2925,
      0.78,
      0.39
    ],
    "SoftwareVersions": "syngo_MR_B17",
    "SpacingBetweenSlices": 1.8,
    "StationName": "MININT-E41B04",
    "TaskName": "MST",
    "TotalReadoutTime": 0.0712794,
    "TxRefAmp": 338.256,
    "dataset": "ds002168",
    "modality": "bold",
    "run_id": 1,
    "subject_id": "1435",
    "task_id": "mst"
  },
  "dummy_trs": 2,
  "dvars_nstd": 70.73278711654113,
  "dvars_std": 1.0579086060941179,
  "dvars_vstd": 1.006227327858824,
  "efc": 0.5999739048315104,
  "fber": 241.4510498046875,
  "fd_mean": 0.1278109616038829,
  "fd_num": 54,
  "fd_perc": 12.67605633802817,
  "fwhm_avg": 3.1639907577862005,
  "fwhm_x": 3.043016747279081,
  "fwhm_y": 3.4243000907129733,
  "fwhm_z": 3.024655435366547,
  "gcor": 0.00728855,
  "gsr_x": -0.00825511571019888,
  "gsr_y": 0.10229329019784927,
  "provenance": {
    "md5sum": "cd91a519f480fb6168c36a91ee0434fd",
    "settings": {
      "fd_thres": 0.2,
      "testing": false
    },
    "software": "mriqc",
    "version": "23.0.1",
    "webapi_port": null,
    "webapi_url": "https://mriqc.nimh.nih.gov/api/v1"
  },
  "size_t": 426,
  "size_x": 100,
  "size_y": 100,
  "size_z": 72,
  "snr": 2.08767578541928,
  "spacing_tr": 0.875,
  "spacing_x": 1.7999999523162842,
  "spacing_y": 1.7999999523162842,
  "spacing_z": 1.8000000715255737,
  "summary_bg_k": 46.84869770750636,
  "summary_bg_mad": 13.921146124577275,
  "summary_bg_mean": 41.093231201171875,
  "summary_bg_median": 22.107980728149414,
  "summary_bg_n": 409745.0,
  "summary_bg_p05": 11.159624099731445,
  "summary_bg_p95": 129.92676086425777,
  "summary_bg_stdv": 60.5046272277832,
  "summary_fg_k": 7.995254835100239,
  "summary_fg_mad": 114.2334421928173,
  "summary_fg_mean": 390.3127136230469,
  "summary_fg_median": 350.6197204589844,
  "summary_fg_n": 205237.0,
  "summary_fg_p05": 209.87230529785157,
  "summary_fg_p95": 716.1145507812495,
  "summary_fg_stdv": 167.94699096679688,
  "tsnr": 20.599778685718775
}