{
  "aor": 0.0006099297423887588,
  "aqi": 0.014499552459016393,
  "bids_meta": {
    "AcquisitionMatrixPE": 100,
    "AcquisitionNumber": 1,
    "AcquisitionTime": "15:07:52.677500",
    "BandwidthPerPixelPhaseEncode": 13.889,
    "BaseResolution": 100,
    "ConversionSoftware": "dcm2niix",
    "ConversionSoftwareVersion": "v1.0.20180404 Clang8.0.0",
    "DerivedVendorReportedEchoSpacing": 0.000719994,
    "DeviceSerialNumber": "35002",
    "DwellTime": 2.8e-06,
    "EchoTime": 0.0436,
    "EffectiveEchoSpacing": 0.000719994,
    "FlipAngle": 55,
    "ImageComments": "Unaliased_MB8_PE3_(remote)",
    "ImageOrientationPatientDICOM": [
      1,
      0,
      0,
      0,
      0.921185,
      0.389124
    ],
    "ImageType": [
      "ORIGINAL",
      "PRIMARY",
      "M",
      "ND",
      "MOSAIC"
    ],
    "InPlanePhaseEncodingDirectionDICOM": "COL",
    "InstitutionAddress": "University_Pkwy_1700_North_685_Provo_UT_US_84601",
    "InstitutionName": "Brigham_Young_University",
    "InstitutionalDepartmentName": "MRI",
    "MRAcquisitionType": "2D",
    "MagneticFieldStrength": 3,
    "Manufacturer": "Siemens",
    "ManufacturersModelName": "TrioTim",
    "Modality": "MR",
    "MultibandAccelerationFactor": 8,
    "PartialFourier": 1,
    "PatientPosition": "HFS",
    "PercentPhaseFOV": 100,
    "PhaseEncodingDirection": "j-",
    "PhaseEncodingSteps": 100,
    "PhaseResolution": 1,
    "PixelBandwidth": 1786,
    "ProcedureStepDescription": "Research_KIRWAN",
    "ProtocolName": "run6",
    "PulseSequenceDetails": "%CustomerSeq%_cmrr_mbep2d_bold",
    "ReceiveCoilName": "32Ch_Head",
    "ReconMatrixPE": 100,
    "RepetitionTime": 0.875,
    "SAR": 0.132641,
    "ScanOptions": "FS",
    "ScanningSequence": "EP",
    "SequenceName": "epfid2d1_100",
    "SequenceVariant": "SK",
    "SeriesDescription": "run6",
    "SeriesNumber": 9,
    "ShimSetting": [
      -2693,
      -23111,
      2474,
      757,
      -81,
      -39,
      -375,
      20
    ],
    "SliceThickness": 1.8,
    "SliceTiming": [
      0,
      0.4875,
      0.0975,
      0.585,
      0.195,
      0.6825,
      0.2925,
      0.78,
      0.39,
      0,
      0.4875,
      0.0975,
      0.585,
      0.195,
      0.6825,
      0.2925,
      0.78,
      0.39,
      0,
      0.4875,
      0.0975,
      0.585,
      0.195,
      0.6825,
      0.2925,
      0.78,
      0.39,
      0,
      0.4875,
      0.0975,
      0.585,
      0.195,
      0.6825,
      0.2925,
      0.78,
      0.39,
      0,
      0.4875,
      0.0975,
      0.585,
      0.195,
      0.6825,
      0.2925,
      0.78,
      0.39,
      0,
      0.4875,
      0.0975,
      0.585,
      0.195,
      0.6825,
      0.2925,
      0.78,
      0.39,
      0,
      0.4875,
      0.0975,
      0.585,
      0.195,
      0.6825,
      0.2925,
      0.78,
      0.39,
      0,
      0.4875,
      0.0975,
      0.585,
      0.195,
      0.6825,
      0.2925,
      0.78,
      0.39
    ],
    "SoftwareVersions": "syngo_MR_B17",
    "SpacingBetweenSlices": 1.8,
    "StationName": "MININT-E41B04",
    "TaskName": "MST",
    "TotalReadoutTime": 0.0712794,
    "TxRefAmp": 338.256,
    "dataset": "ds002168",
    "modality": "bold",
    "run_id": 6,
    "subject_id": "1435",
    "task_id": "mst"
  },
  "dummy_trs": 1,
  "dvars_nstd": 72.49598745791079,
  "dvars_std": 1.0674232249765274,
  "dvars_vstd": 1.0087267494131449,
  "efc": 0.5999419902002617,
  "fber": 224.01071166992188,
  "fd_mean": 0.1118889899646958,
  "fd_num": 12,
  "fd_perc": 2.810304449648712,
  "fwhm_avg": 3.082237053340897,
  "fwhm_x": 2.9603889673124146,
  "fwhm_y": 3.3261778658914,
  "fwhm_z": 2.960144326818877,
  "gcor": 0.00564347,
  "gsr_x": -0.008678232319653034,
  "gsr_y": 0.10810493677854538,
  "provenance": {
    "md5sum": "48ef1af63d60acd7969530b45321c9f7",
    "settings": {
      "fd_thres": 0.2,
      "testing": false
    },
    "software": "mriqc",
    "version": "23.0.1",
    "webapi_port": null,
    "webapi_url": "https://mriqc.nimh.nih.gov/api/v1"
  },
  "size_t": 427,
  "size_x": 100,
  "size_y": 100,
  "size_z": 72,
  "snr": 2.0855559477976318,
  "spacing_tr": 0.875,
  "spacing_x": 1.7999999523162842,
  "spacing_y": 1.7999999523162842,
  "spacing_z": 1.8000000715255737,
  "summary_bg_k": 47.984181709314306,
  "summary_bg_mad": 14.402421753185799,
  "summary_bg_mean": 41.97098159790039,
  "summary_bg_median": 22.733020782470703,
  "summary_bg_n": 411136.0,
  "summary_bg_p05": 11.259952545166016,
  "summary_bg_p95": 133.8928565979004,
  "summary_bg_stdv": 61.74592208862305,
  "summary_fg_k": 7.7407598319026665,
  "summary_fg_mad": 114.2176741607998,
  "summary_fg_mean": 389.5875549316406,
  "summary_fg_median": 350.09246826171875,
  "summary_fg_n": 203020.0,
  "summary_fg_p05": 208.96450805664062,
  "summary_fg_p95": 714.642364501953,
  "summary_fg_stdv": 167.86488342285156,
  "tsnr": 21.907579558435827
}