{
  "aor": 0.0003536768149882904,
  "aqi": 0.013824237939110069,
  "bids_meta": {
    "AcquisitionMatrixPE": 100,
    "AcquisitionNumber": 1,
    "AcquisitionTime": "14:40:6.040000",
    "BandwidthPerPixelPhaseEncode": 13.889,
    "BaseResolution": 100,
    "ConversionSoftware": "dcm2niix",
    "ConversionSoftwareVersion": "v1.0.20180404 Clang8.0.0",
    "DerivedVendorReportedEchoSpacing": 0.000719994,
    "DeviceSerialNumber": "35002",
    "DwellTime": 2.8e-06,
    "EchoTime": 0.0436,
    "EffectiveEchoSpacing": 0.000719994,
    "FlipAngle": 55,
    "ImageComments": "Unaliased_MB8_PE3_(remote)",
    "ImageOrientationPatientDICOM": [
      1,
      0,
      0,
      0,
      0.921185,
      0.389124
    ],
    "ImageType": [
      "ORIGINAL",
      "PRIMARY",
      "M",
      "ND",
      "MOSAIC"
    ],
    "InPlanePhaseEncodingDirectionDICOM": "COL",
    "InstitutionAddress": "University_Pkwy_1700_North_685_Provo_UT_US_84601",
    "InstitutionName": "Brigham_Young_University",
    "InstitutionalDepartmentName": "MRI",
    "MRAcquisitionType": "2D",
    "MagneticFieldStrength": 3,
    "Manufacturer": "Siemens",
    "ManufacturersModelName": "TrioTim",
    "Modality": "MR",
    "MultibandAccelerationFactor": 8,
    "PartialFourier": 1,
    "PatientPosition": "HFS",
    "PercentPhaseFOV": 100,
    "PhaseEncodingDirection": "j-",
    "PhaseEncodingSteps": 100,
    "PhaseResolution": 1,
    "PixelBandwidth": 1786,
    "ProcedureStepDescription": "Research_KIRWAN",
    "ProtocolName": "run2",
    "PulseSequenceDetails": "%CustomerSeq%_cmrr_mbep2d_bold",
    "ReceiveCoilName": "32Ch_Head",
    "ReconMatrixPE": 100,
    "RepetitionTime": 0.875,
    "SAR": 0.123407,
    "ScanOptions": "FS",
    "ScanningSequence": "EP",
    "SequenceName": "epfid2d1_100",
    "SequenceVariant": "SK",
    "SeriesDescription": "run2",
    "SeriesNumber": 5,
    "ShimSetting": [
      -2693,
      -23111,
      2474,
      757,
      -81,
      -39,
      -375,
      20
    ],
    "SliceThickness": 1.8,
    "SliceTiming": [
      0,
      0.4875,
      0.0975,
      0.585,
      0.195,
      0.6825,
      0.2925,
      0.78,
      0.39,
      0,
      0.4875,
      0.0975,
      0.585,
      0.195,
      0.6825,
      0.2925,
      0.78,
      0.39,
      0,
      0.4875,
      0.0975,
      0.585,
      0.195,
      0.6825,
      0.2925,
      0.78,
      0.39,
      0,
      0.4875,
      0.0975,
      0.585,
      0.195,
      0.6825,
      0.2925,
      0.78,
      0.39,
      0,
      0.4875,
      0.0975,
      0.585,
      0.195,
      0.6825,
      0.2925,
      0.78,
      0.39,
      0,
      0.4875,
      0.0975,
      0.585,
      0.195,
      0.6825,
      0.2925,
      0.78,
      0.39,
      0,
      0.4875,
      0.0975,
      0.585,
      0.195,
      0.6825,
      0.2925,
      0.78,
      0.39,
      0,
      0.4875,
      0.0975,
      0.585,
      0.195,
      0.6825,
      0.2925,
      0.78,
      0.39
    ],
    "SoftwareVersions": "syngo_MR_B17",
    "SpacingBetweenSlices": 1.8,
    "StationName": "MININT-E41B04",
    "TaskName": "MST",
    "TotalReadoutTime": 0.0712794,
    "TxRefAmp": 338.256,
    "dataset": "ds002168",
    "modality": "bold",
    "run_id": 2,
    "subject_id": "1435",
    "task_id": "mst"
  },
  "dummy_trs": 1,
  "dvars_nstd": 70.96909638525825,
  "dvars_std": 1.0658998854460093,
  "dvars_vstd": 1.0059854052347428,
  "efc": 0.5983378106472044,
  "fber": 238.32327270507812,
  "fd_mean": 0.09888955988702196,
  "fd_num": 5,
  "fd_perc": 1.17096018735363,
  "fwhm_avg": 3.0628574240435085,
  "fwhm_x": 2.9562667449809905,
  "fwhm_y": 3.3104667543640867,
  "fwhm_z": 2.9218387727854473,
  "gcor": 0.00610321,
  "gsr_x": -0.00804764311760664,
  "gsr_y": 0.10828369110822678,
  "provenance": {
    "md5sum": "f291cac1f1f276f980db279f41f0c812",
    "settings": {
      "fd_thres": 0.2,
      "testing": false
    },
    "software": "mriqc",
    "version": "23.0.1",
    "webapi_port": null,
    "webapi_url": "https://mriqc.nimh.nih.gov/api/v1"
  },
  "size_t": 427,
  "size_x": 100,
  "size_y": 100,
  "size_z": 72,
  "snr": 2.1002181951849996,
  "spacing_tr": 0.875,
  "spacing_x": 1.7999999523162842,
  "spacing_y": 1.7999999523162842,
  "spacing_z": 1.8000000715255737,
  "summary_bg_k": 47.074731710764866,
  "summary_bg_mad": 13.879864619304794,
  "summary_bg_mean": 41.18708419799805,
  "summary_bg_median": 22.145198822021484,
  "summary_bg_n": 411600.0,
  "summary_bg_p05": 11.17095947265625,
  "summary_bg_p95": 132.60480270385727,
  "summary_bg_stdv": 60.980003356933594,
  "summary_fg_k": 7.789195985593977,
  "summary_fg_mad": 113.5978796512112,
  "summary_fg_mean": 390.5382995605469,
  "summary_fg_median": 350.6580505371094,
  "summary_fg_n": 203011.0,
  "summary_fg_p05": 212.1135711669922,
  "summary_fg_p95": 714.7458801269531,
  "summary_fg_stdv": 166.96226501464844,
  "tsnr": 22.523345047957264
}