{
  "aor": 0.00034962529274004683,
  "aqi": 0.013963734426229509,
  "bids_meta": {
    "AcquisitionMatrixPE": 100,
    "AcquisitionNumber": 1,
    "AcquisitionTime": "14:54:17.225000",
    "BandwidthPerPixelPhaseEncode": 13.889,
    "BaseResolution": 100,
    "ConversionSoftware": "dcm2niix",
    "ConversionSoftwareVersion": "v1.0.20180404 Clang8.0.0",
    "DerivedVendorReportedEchoSpacing": 0.000719994,
    "DeviceSerialNumber": "35002",
    "DwellTime": 2.8e-06,
    "EchoTime": 0.0436,
    "EffectiveEchoSpacing": 0.000719994,
    "FlipAngle": 55,
    "ImageComments": "Unaliased_MB8_PE3_(remote)",
    "ImageOrientationPatientDICOM": [
      1,
      0,
      0,
      0,
      0.921185,
      0.389124
    ],
    "ImageType": [
      "ORIGINAL",
      "PRIMARY",
      "M",
      "ND",
      "MOSAIC"
    ],
    "InPlanePhaseEncodingDirectionDICOM": "COL",
    "InstitutionAddress": "University_Pkwy_1700_North_685_Provo_UT_US_84601",
    "InstitutionName": "Brigham_Young_University",
    "InstitutionalDepartmentName": "MRI",
    "MRAcquisitionType": "2D",
    "MagneticFieldStrength": 3,
    "Manufacturer": "Siemens",
    "ManufacturersModelName": "TrioTim",
    "Modality": "MR",
    "MultibandAccelerationFactor": 8,
    "PartialFourier": 1,
    "PatientPosition": "HFS",
    "PercentPhaseFOV": 100,
    "PhaseEncodingDirection": "j-",
    "PhaseEncodingSteps": 100,
    "PhaseResolution": 1,
    "PixelBandwidth": 1786,
    "ProcedureStepDescription": "Research_KIRWAN",
    "ProtocolName": "run4",
    "PulseSequenceDetails": "%CustomerSeq%_cmrr_mbep2d_bold",
    "ReceiveCoilName": "32Ch_Head",
    "ReconMatrixPE": 100,
    "RepetitionTime": 0.875,
    "SAR": 0.129344,
    "ScanOptions": "FS",
    "ScanningSequence": "EP",
    "SequenceName": "epfid2d1_100",
    "SequenceVariant": "SK",
    "SeriesDescription": "run4",
    "SeriesNumber": 7,
    "ShimSetting": [
      -2693,
      -23111,
      2474,
      757,
      -81,
      -39,
      -375,
      20
    ],
    "SliceThickness": 1.8,
    "SliceTiming": [
      0,
      0.4875,
      0.0975,
      0.585,
      0.195,
      0.6825,
      0.2925,
      0.78,
      0.39,
      0,
      0.4875,
      0.0975,
      0.585,
      0.195,
      0.6825,
      0.2925,
      0.78,
      0.39,
      0,
      0.4875,
      0.0975,
      0.585,
      0.195,
      0.6825,
      0.2925,
      0.78,
      0.39,
      0,
      0.4875,
      0.0975,
      0.585,
      0.195,
      0.6825,
      0.2925,
      0.78,
      0.39,
      0,
      0.4875,
      0.0975,
      0.585,
      0.195,
      0.6825,
      0.2925,
      0.78,
      0.39,
      0,
      0.4875,
      0.0975,
      0.585,
      0.195,
      0.6825,
      0.2925,
      0.78,
      0.39,
      0,
      0.4875,
      0.0975,
      0.585,
      0.195,
      0.6825,
      0.2925,
      0.78,
      0.39,
      0,
      0.4875,
      0.0975,
      0.585,
      0.195,
      0.6825,
      0.2925,
      0.78,
      0.39
    ],
    "SoftwareVersions": "syngo_MR_B17",
    "SpacingBetweenSlices": 1.8,
    "StationName": "MININT-E41B04",
    "TaskName": "MST",
    "TotalReadoutTime": 0.0712794,
    "TxRefAmp": 338.256,
    "dataset": "ds002168",
    "modality": "bold",
    "run_id": 4,
    "subject_id": "1435",
    "task_id": "mst"
  },
  "dummy_trs": 1,
  "dvars_nstd": 71.7131529972535,
  "dvars_std": 1.0623704923708917,
  "dvars_vstd": 1.0041047824647893,
  "efc": 0.5991772337156349,
  "fber": 232.0443572998047,
  "fd_mean": 0.11361065518168237,
  "fd_num": 9,
  "fd_perc": 2.107728337236534,
  "fwhm_avg": 3.0777870533391556,
  "fwhm_x": 2.95716118944913,
  "fwhm_y": 3.3213167546515137,
  "fwhm_z": 2.9548832159168237,
  "gcor": 0.00477329,
  "gsr_x": -0.00853439699858427,
  "gsr_y": 0.10867489874362946,
  "provenance": {
    "md5sum": "531d459c1d7772a1d5bb73cabe82af85",
    "settings": {
      "fd_thres": 0.2,
      "testing": false
    },
    "software": "mriqc",
    "version": "23.0.1",
    "webapi_port": null,
    "webapi_url": "https://mriqc.nimh.nih.gov/api/v1"
  },
  "size_t": 427,
  "size_x": 100,
  "size_y": 100,
  "size_z": 72,
  "snr": 2.0945868846560587,
  "spacing_tr": 0.875,
  "spacing_x": 1.7999999523162842,
  "spacing_y": 1.7999999523162842,
  "spacing_z": 1.8000000715255737,
  "summary_bg_k": 47.63815876306366,
  "summary_bg_mad": 13.968404975200722,
  "summary_bg_mean": 41.24281692504883,
  "summary_bg_median": 22.3044490814209,
  "summary_bg_n": 411130.0,
  "summary_bg_p05": 11.202458572387696,
  "summary_bg_p95": 131.42095718383774,
  "summary_bg_stdv": 60.834373474121094,
  "summary_fg_k": 7.721353457138992,
  "summary_fg_mad": 113.11524665973174,
  "summary_fg_mean": 388.36676025390625,
  "summary_fg_median": 348.9414367675781,
  "summary_fg_n": 203007.0,
  "summary_fg_p05": 209.3519775390625,
  "summary_fg_p95": 711.4341552734375,
  "summary_fg_stdv": 166.5915985107422,
  "tsnr": 22.462181573733687
}