{
  "bids_meta": {
    "AcquisitionMatrixPE": 256,
    "AcquisitionNumber": 1,
    "AcquisitionTime": "16:54:25.600000",
    "BaseResolution": 256,
    "ConversionSoftware": "dcm2niix",
    "ConversionSoftwareVersion": "v1.0.20180404 Clang8.0.0",
    "DeviceSerialNumber": "35002",
    "DwellTime": 1.03e-05,
    "EchoTime": 0.00492,
    "FlipAngle": 25,
    "ImageOrientationPatientDICOM": [
      0,
      1,
      -1e-16,
      0.0279217,
      0,
      -0.99961
    ],
    "ImageType": [
      "ORIGINAL",
      "PRIMARY",
      "M",
      "ND",
      "NORM"
    ],
    "InPlanePhaseEncodingDirectionDICOM": "ROW",
    "InstitutionAddress": "University_Pkwy_1700_North_685_Provo_UT_US_84601",
    "InstitutionName": "Brigham_Young_University",
    "InstitutionalDepartmentName": "MRI",
    "MRAcquisitionType": "3D",
    "MagneticFieldStrength": 3,
    "Manufacturer": "Siemens",
    "ManufacturersModelName": "TrioTim",
    "Modality": "MR",
    "ParallelReductionFactorInPlane": 2,
    "PartialFourier": 1,
    "PatientPosition": "HFS",
    "PercentPhaseFOV": 100,
    "PhaseEncodingSteps": 255,
    "PhaseResolution": 1,
    "PixelBandwidth": 190,
    "ProcedureStepDescription": "Research_KIRWAN",
    "ProtocolName": "t1_fl3d_sag_no3Daccel_iso_1.0_1avg",
    "PulseSequenceDetails": "%SiemensSeq%_gre",
    "ReceiveCoilName": "32Ch_Head",
    "ReconMatrixPE": 256,
    "RepetitionTime": 0.02,
    "SAR": 0.167135,
    "ScanningSequence": "GR",
    "SequenceName": "_fl3d1_ns",
    "SequenceVariant": "SP",
    "SeriesDescription": "t1_fl3d_sag_no3Daccel_iso_1.0_1avg",
    "SeriesNumber": 9,
    "ShimSetting": [
      -2826,
      -22917,
      1922,
      -109,
      -90,
      -53,
      -300,
      376
    ],
    "SliceThickness": 1,
    "SoftwareVersions": "syngo_MR_B17",
    "StationName": "MININT-E41B04",
    "TxRefAmp": 347.677,
    "dataset": "ds002168",
    "modality": "T1w",
    "subject_id": "2313"
  },
  "cjv": 0.4826087883053166,
  "cnr": 2.79197453450644,
  "efc": 0.5385915555004144,
  "fber": 10709.058607774263,
  "fwhm_avg": 3.480039063060668,
  "fwhm_x": 3.368407189182004,
  "fwhm_y": 3.73777,
  "fwhm_z": 3.33394,
  "icvs_csf": 0.20853750979672167,
  "icvs_gm": 0.3841556455521586,
  "icvs_wm": 0.4073068446511197,
  "inu_med": 0.41846707463264465,
  "inu_range": 0.18316016495227805,
  "provenance": {
    "md5sum": "cbd5947a5c369325b835d93fc329dbe7",
    "settings": {
      "testing": false
    },
    "software": "mriqc",
    "version": "23.0.1",
    "warnings": {
      "large_rot_frame": true,
      "small_air_mask": false
    },
    "webapi_port": null,
    "webapi_url": "https://mriqc.nimh.nih.gov/api/v1"
  },
  "qi_1": 0.0,
  "qi_2": 0.019101075882142337,
  "rpve_csf": 28.821568672590818,
  "rpve_gm": 14.974476180378767,
  "rpve_wm": 16.46414466052182,
  "size_x": 192,
  "size_y": 256,
  "size_z": 256,
  "snr_csf": 3.540905848368833,
  "snr_gm": 15.545652208770068,
  "snr_total": 14.12777546316826,
  "snr_wm": 23.29676833236588,
  "snrd_csf": 54.322401835234665,
  "snrd_gm": 105.5974799238991,
  "snrd_total": 96.74037022912546,
  "snrd_wm": 130.30122892824264,
  "spacing_x": 1.0000008344650269,
  "spacing_y": 1.0,
  "spacing_z": 1.0,
  "summary_bg_k": 15.771391162597286,
  "summary_bg_mad": 5.0280215551578396,
  "summary_bg_mean": 5.020590841653829,
  "summary_bg_median": 3.3913490027189255,
  "summary_bg_n": 3282918.0,
  "summary_bg_p05": 0.0,
  "summary_bg_p95": 19.16432125121355,
  "summary_bg_stdv": 7.152768194415224,
  "summary_csf_k": 2.4923328468669244,
  "summary_csf_mad": 76.13183581158805,
  "summary_csf_mean": 405.66675568110287,
  "summary_csf_median": 416.9119703248143,
  "summary_csf_n": 45773.0,
  "summary_csf_p05": 132.51856197416782,
  "summary_csf_p95": 571.0263867974281,
  "summary_csf_stdv": 117.74032804812481,
  "summary_gm_k": 0.2568767963452703,
  "summary_gm_mad": 50.99172803579884,
  "summary_gm_mean": 809.5196484024435,
  "summary_gm_median": 810.4364300742745,
  "summary_gm_n": 14878.0,
  "summary_gm_p05": 722.4805139344186,
  "summary_gm_p95": 893.8124253675342,
  "summary_gm_stdv": 52.13092269565405,
  "summary_wm_k": 0.742895357538778,
  "summary_wm_mad": 40.50877743495089,
  "summary_wm_mean": 1003.32447730783,
  "summary_wm_median": 1000.0320356413722,
  "summary_wm_n": 199382.0,
  "summary_wm_p05": 939.5636430457234,
  "summary_wm_p95": 1078.9608846008778,
  "summary_wm_stdv": 42.925675936761536,
  "tpm_overlap_csf": 0.16087172086731746,
  "tpm_overlap_gm": 0.44157761387900385,
  "tpm_overlap_wm": 0.49550331462947117,
  "wm2max": 0.6323034351704137
}