{
  "aor": 0.0004857276995305164,
  "aqi": 0.019435470892018775,
  "bids_meta": {
    "AcquisitionMatrixPE": 100,
    "AcquisitionNumber": 1,
    "AcquisitionTime": "19:17:57.572500",
    "BandwidthPerPixelPhaseEncode": 13.889,
    "BaseResolution": 100,
    "ConversionSoftware": "dcm2niix",
    "ConversionSoftwareVersion": "v1.0.20180404 Clang8.0.0",
    "DerivedVendorReportedEchoSpacing": 0.000719994,
    "DeviceSerialNumber": "35002",
    "DwellTime": 2.8e-06,
    "EchoTime": 0.0436,
    "EffectiveEchoSpacing": 0.000719994,
    "FlipAngle": 55,
    "ImageComments": "Unaliased_MB8_PE3_(remote)",
    "ImageOrientationPatientDICOM": [
      0.999999,
      -0.000536417,
      0.00112961,
      6.20818e-08,
      0.903344,
      0.428916
    ],
    "ImageType": [
      "ORIGINAL",
      "PRIMARY",
      "M",
      "MB",
      "ND",
      "MOSAIC"
    ],
    "InPlanePhaseEncodingDirectionDICOM": "COL",
    "InstitutionAddress": "University_Pkwy_1700_North_685_Provo_UT_US_84601",
    "InstitutionName": "Brigham_Young_University",
    "InstitutionalDepartmentName": "MRI",
    "MRAcquisitionType": "2D",
    "MagneticFieldStrength": 3,
    "Manufacturer": "Siemens",
    "ManufacturersModelName": "TrioTim",
    "Modality": "MR",
    "MultibandAccelerationFactor": 8,
    "PartialFourier": 1,
    "PatientPosition": "HFS",
    "PercentPhaseFOV": 100,
    "PhaseEncodingDirection": "j-",
    "PhaseEncodingSteps": 100,
    "PhaseResolution": 1,
    "PixelBandwidth": 1786,
    "ProcedureStepDescription": "Research_KIRWAN",
    "ProtocolName": "run1",
    "PulseSequenceDetails": "%CustomerSeq%_cmrr_mbep2d_bold",
    "ReceiveCoilName": "32Ch_Head",
    "ReconMatrixPE": 100,
    "RepetitionTime": 0.875,
    "SAR": 0.124367,
    "ScanOptions": "FS",
    "ScanningSequence": "EP",
    "SequenceName": "epfid2d1_100",
    "SequenceVariant": "SK_SS",
    "SeriesDescription": "run1",
    "SeriesNumber": 3,
    "ShimSetting": [
      -2814,
      -22944,
      2362,
      550,
      42,
      200,
      -344,
      467
    ],
    "SliceThickness": 1.8,
    "SliceTiming": [
      0,
      0.4875,
      0.0975,
      0.585,
      0.195,
      0.6825,
      0.2925,
      0.78,
      0.39,
      0,
      0.4875,
      0.0975,
      0.585,
      0.195,
      0.6825,
      0.2925,
      0.78,
      0.39,
      0,
      0.4875,
      0.0975,
      0.585,
      0.195,
      0.6825,
      0.2925,
      0.78,
      0.39,
      0,
      0.4875,
      0.0975,
      0.585,
      0.195,
      0.6825,
      0.2925,
      0.78,
      0.39,
      0,
      0.4875,
      0.0975,
      0.585,
      0.195,
      0.6825,
      0.2925,
      0.78,
      0.39,
      0,
      0.4875,
      0.0975,
      0.585,
      0.195,
      0.6825,
      0.2925,
      0.78,
      0.39,
      0,
      0.4875,
      0.0975,
      0.585,
      0.195,
      0.6825,
      0.2925,
      0.78,
      0.39,
      0,
      0.4875,
      0.0975,
      0.585,
      0.195,
      0.6825,
      0.2925,
      0.78,
      0.39
    ],
    "SoftwareVersions": "syngo_MR_B17",
    "SpacingBetweenSlices": 1.8,
    "StationName": "MININT-E41B04",
    "TaskName": "MST",
    "TotalReadoutTime": 0.0712794,
    "TxRefAmp": 327.552,
    "dataset": "ds002168",
    "modality": "bold",
    "run_id": 1,
    "subject_id": "1597",
    "task_id": "mst"
  },
  "dummy_trs": 2,
  "dvars_nstd": 78.59431396480002,
  "dvars_std": 1.0629563503294122,
  "dvars_vstd": 1.001300531294118,
  "efc": 0.640282340098276,
  "fber": 161.46176147460938,
  "fd_mean": 0.17832021254358174,
  "fd_num": 173,
  "fd_perc": 40.610328638497656,
  "fwhm_avg": 3.0096592742856907,
  "fwhm_x": 2.805827852106832,
  "fwhm_y": 3.2922334205477353,
  "fwhm_z": 2.9309165502025065,
  "gcor": 0.00359649,
  "gsr_x": -0.004844642244279385,
  "gsr_y": 0.07991894334554672,
  "provenance": {
    "md5sum": "ddd0a5f25bf0f23583bfa465ebd53129",
    "settings": {
      "fd_thres": 0.2,
      "testing": false
    },
    "software": "mriqc",
    "version": "23.0.1",
    "webapi_port": null,
    "webapi_url": "https://mriqc.nimh.nih.gov/api/v1"
  },
  "size_t": 426,
  "size_x": 100,
  "size_y": 100,
  "size_z": 72,
  "snr": 2.2115939642412044,
  "spacing_tr": 0.875,
  "spacing_x": 1.7999999523162842,
  "spacing_y": 1.7999999523162842,
  "spacing_z": 1.8000000715255737,
  "summary_bg_k": 66.69289009130529,
  "summary_bg_mad": 15.849226353809506,
  "summary_bg_mean": 42.14302444458008,
  "summary_bg_median": 26.323944091796875,
  "summary_bg_n": 373044.0,
  "summary_bg_p05": 13.042253494262695,
  "summary_bg_p95": 118.13310050964344,
  "summary_bg_stdv": 52.942222595214844,
  "summary_fg_k": 3.0123883043255413,
  "summary_fg_mad": 120.03856647385136,
  "summary_fg_mean": 377.6045227050781,
  "summary_fg_median": 344.3122253417969,
  "summary_fg_n": 235633.0,
  "summary_fg_p05": 195.5591552734375,
  "summary_fg_p95": 683.9389648437499,
  "summary_fg_stdv": 155.6847686767578,
  "tsnr": 18.176041021943092
}