{
  "bids_meta": {
    "AcquisitionMatrixPE": 512,
    "AcquisitionNumber": 1,
    "AcquisitionTime": "12:25:10.585000",
    "BaseResolution": 512,
    "ConversionSoftware": "dcm2niix",
    "ConversionSoftwareVersion": "v1.0.20180404 Clang8.0.0",
    "DeviceSerialNumber": "35002",
    "DwellTime": 5e-06,
    "EchoTime": 0.064,
    "EchoTrainLength": 15,
    "FlipAngle": 129,
    "ImageOrientationPatientDICOM": [
      0.999967,
      0.00813169,
      -1.17175e-10,
      -0.00453068,
      0.557145,
      -0.830403
    ],
    "ImageType": [
      "ORIGINAL",
      "PRIMARY",
      "M",
      "ND"
    ],
    "InPlanePhaseEncodingDirectionDICOM": "ROW",
    "InstitutionAddress": "University_Pkwy_1700_North_685_Provo_UT_US_84601",
    "InstitutionName": "Brigham_Young_University",
    "InstitutionalDepartmentName": "MRI",
    "MRAcquisitionType": "2D",
    "MagneticFieldStrength": 3,
    "Manufacturer": "Siemens",
    "ManufacturersModelName": "TrioTim",
    "Modality": "MR",
    "PartialFourier": 1,
    "PatientPosition": "HFS",
    "PercentPhaseFOV": 100,
    "PhaseEncodingDirection": "i",
    "PhaseEncodingSteps": 720,
    "PhaseOversampling": 0.4,
    "PhaseResolution": 1,
    "PixelBandwidth": 195,
    "ProcedureStepDescription": "Research_KIRWAN",
    "ProtocolName": "HHR_struct_MODIFIED",
    "PulseSequenceDetails": "%SiemensSeq%_tse",
    "ReceiveCoilName": "32Ch_Head",
    "ReconMatrixPE": 512,
    "RepetitionTime": 6,
    "SAR": 0.911507,
    "ScanningSequence": "SE",
    "SequenceName": "_tse2d1_15",
    "SequenceVariant": "SK_SP_OSP",
    "SeriesDescription": "HHR_struct_MODIFIED",
    "SeriesNumber": 16,
    "ShimSetting": [
      -2587,
      -23118,
      2589,
      1219,
      177,
      -189,
      97,
      0
    ],
    "SliceThickness": 2,
    "SoftwareVersions": "syngo_MR_B17",
    "SpacingBetweenSlices": 2,
    "StationName": "MININT-E41B04",
    "TxRefAmp": 350.549,
    "dataset": "ds002168",
    "modality": "T2w",
    "subject_id": "1461"
  },
  "cjv": 1.3409010882728045,
  "cnr": 0.9304390908880885,
  "efc": 0.6642077391476485,
  "fber": 2182.6326721469386,
  "fwhm_avg": 5.35287198860427,
  "fwhm_x": 5.593088426718783,
  "fwhm_y": 3.866359539094026,
  "fwhm_z": 6.599168,
  "icvs_csf": 0.44665936298156733,
  "icvs_gm": 0.4451849207616293,
  "icvs_wm": 0.10815571625680336,
  "inu_med": 1.0087569952011108,
  "inu_range": 1.6126493275165557,
  "provenance": {
    "md5sum": "1df4a630739a7c53cae0df011d7a8d6e",
    "settings": {
      "testing": false
    },
    "software": "mriqc",
    "version": "23.0.1",
    "warnings": {
      "large_rot_frame": false,
      "small_air_mask": false
    },
    "webapi_port": null,
    "webapi_url": "https://mriqc.nimh.nih.gov/api/v1"
  },
  "qi_1": 0.0,
  "qi_2": 0.0006429110066810937,
  "rpve_csf": 4.592372899422375,
  "rpve_gm": 4.772129545309069,
  "rpve_wm": 19.7868144085223,
  "size_x": 512,
  "size_y": 35,
  "size_z": 512,
  "snr_csf": 11.146481695691667,
  "snr_gm": 8.156696095644774,
  "snr_total": 7.084633643113416,
  "snr_wm": 1.9507231380038044,
  "snrd_csf": 55.55881809995941,
  "snrd_gm": 37.25967210623155,
  "snrd_total": 54.892624443201214,
  "snrd_wm": 71.8593831234127,
  "spacing_x": 0.3906249701976776,
  "spacing_y": 2.000000238418579,
  "spacing_z": 0.390625,
  "summary_bg_k": 332.1303548873214,
  "summary_bg_mad": 7.465464689495264,
  "summary_bg_mean": 11.317594925222684,
  "summary_bg_median": 5.035379413515329,
  "summary_bg_n": 2635856.0,
  "summary_bg_p05": 0.0,
  "summary_bg_p95": 39.8222816362977,
  "summary_bg_stdv": 25.43635920725746,
  "summary_csf_k": 0.5639295835074214,
  "summary_csf_mad": 53.624481658531344,
  "summary_csf_mean": 637.388115906171,
  "summary_csf_median": 633.1084560640156,
  "summary_csf_n": 932321.0,
  "summary_csf_p05": 552.1803647056222,
  "summary_csf_p95": 737.337518826127,
  "summary_csf_stdv": 56.79891949897665,
  "summary_gm_k": 0.09245864792702418,
  "summary_gm_mad": 52.16066505274796,
  "summary_gm_mean": 424.43383597604407,
  "summary_gm_median": 424.58450858667493,
  "summary_gm_n": 976407.0,
  "summary_gm_p05": 339.27925734594464,
  "summary_gm_p95": 509.2973622493446,
  "summary_gm_stdv": 52.053464562868164,
  "summary_wm_k": -1.5503354696856495,
  "summary_wm_mad": 476.5210990693513,
  "summary_wm_mean": 630.5253727535966,
  "summary_wm_median": 818.8580077625811,
  "summary_wm_n": 253930.0,
  "summary_wm_p05": 35.57676566019654,
  "summary_wm_p95": 1200.0658492445946,
  "summary_wm_stdv": 419.77068884791726,
  "tpm_overlap_csf": 0.10581856599731183,
  "tpm_overlap_gm": 0.27595885844940415,
  "tpm_overlap_wm": 0.03501608840278202,
  "wm2max": 0.612764889332847
}