{
  "bids_meta": {
    "AcquisitionMatrixPE": 256,
    "AcquisitionNumber": 1,
    "AcquisitionTime": "12:00:0.055000",
    "BaseResolution": 256,
    "ConversionSoftware": "dcm2niix",
    "ConversionSoftwareVersion": "v1.0.20180404 Clang8.0.0",
    "DeviceSerialNumber": "35002",
    "DwellTime": 1.03e-05,
    "EchoTime": 0.00492,
    "FlipAngle": 25,
    "ImageOrientationPatientDICOM": [
      0,
      1,
      0,
      0,
      0,
      -1
    ],
    "ImageType": [
      "ORIGINAL",
      "PRIMARY",
      "M",
      "ND",
      "NORM"
    ],
    "InPlanePhaseEncodingDirectionDICOM": "ROW",
    "InstitutionAddress": "University_Pkwy_1700_North_685_Provo_UT_US_84601",
    "InstitutionName": "Brigham_Young_University",
    "InstitutionalDepartmentName": "MRI",
    "MRAcquisitionType": "3D",
    "MagneticFieldStrength": 3,
    "Manufacturer": "Siemens",
    "ManufacturersModelName": "TrioTim",
    "Modality": "MR",
    "ParallelReductionFactorInPlane": 2,
    "PartialFourier": 1,
    "PatientPosition": "HFS",
    "PercentPhaseFOV": 100,
    "PhaseEncodingSteps": 255,
    "PhaseResolution": 1,
    "PixelBandwidth": 190,
    "ProcedureStepDescription": "Research_KIRWAN",
    "ProtocolName": "t1_fl3d_sag_no3Daccel_iso_1.0_1avg",
    "PulseSequenceDetails": "%SiemensSeq%_gre",
    "ReceiveCoilName": "32Ch_Head",
    "ReconMatrixPE": 256,
    "RepetitionTime": 0.02,
    "SAR": 0.187393,
    "ScanningSequence": "GR",
    "SequenceName": "_fl3d1_ns",
    "SequenceVariant": "SP",
    "SeriesDescription": "t1_fl3d_sag_no3Daccel_iso_1.0_1avg",
    "SeriesNumber": 9,
    "ShimSetting": [
      -2655,
      -23109,
      2059,
      81,
      -13,
      -145,
      -152,
      15
    ],
    "SliceThickness": 1,
    "SoftwareVersions": "syngo_MR_B17",
    "StationName": "MININT-E41B04",
    "TxRefAmp": 350.549,
    "dataset": "ds002168",
    "modality": "T1w",
    "subject_id": "1461"
  },
  "cjv": 0.5498444727115226,
  "cnr": 2.4950077263778274,
  "efc": 0.5734001620521426,
  "fber": 5433.993369140625,
  "fwhm_avg": 3.0885366666666663,
  "fwhm_x": 3.06136,
  "fwhm_y": 3.27208,
  "fwhm_z": 2.93217,
  "icvs_csf": 0.1552747633984711,
  "icvs_gm": 0.3992681923740672,
  "icvs_wm": 0.44545704422746174,
  "inu_med": 0.4618701934814453,
  "inu_range": 0.15322439819574352,
  "provenance": {
    "md5sum": "34b84c82205058d1bdd1d7b02d3270a6",
    "settings": {
      "testing": false
    },
    "software": "mriqc",
    "version": "23.0.1",
    "warnings": {
      "large_rot_frame": true,
      "small_air_mask": false
    },
    "webapi_port": null,
    "webapi_url": "https://mriqc.nimh.nih.gov/api/v1"
  },
  "qi_1": 1.95991470451206e-06,
  "qi_2": 0.01465659227270943,
  "rpve_csf": 31.730253353204173,
  "rpve_gm": 12.105319419202283,
  "rpve_wm": 12.472674937607264,
  "size_x": 192,
  "size_y": 256,
  "size_z": 256,
  "snr_csf": 2.6624266741737386,
  "snr_gm": 14.58380714168033,
  "snr_total": 11.672964429202674,
  "snr_wm": 17.772659471753954,
  "snrd_csf": 44.29874937473111,
  "snrd_gm": 83.68523510308722,
  "snrd_total": 77.45714271385515,
  "snrd_wm": 104.3874436637471,
  "spacing_x": 1.0,
  "spacing_y": 1.0,
  "spacing_z": 1.0,
  "summary_bg_k": 13.410041588709941,
  "summary_bg_mad": 6.276229187883188,
  "summary_bg_mean": 7.802769749002759,
  "summary_bg_median": 4.233252257108688,
  "summary_bg_n": 3330701.0,
  "summary_bg_p05": 0.0,
  "summary_bg_p95": 28.292235918343067,
  "summary_bg_stdv": 11.432237472482534,
  "summary_csf_k": 2.5733054529011383,
  "summary_csf_mad": 144.56247896090943,
  "summary_csf_mean": 419.05182084039615,
  "summary_csf_median": 424.383538775146,
  "summary_csf_n": 24695.0,
  "summary_csf_p05": 141.2742109503597,
  "summary_csf_p95": 661.0223399475217,
  "summary_csf_stdv": 159.39404089714228,
  "summary_gm_k": 0.21489018955525996,
  "summary_gm_mad": 54.080174835593475,
  "summary_gm_mean": 802.1197095925793,
  "summary_gm_median": 801.7074232921004,
  "summary_gm_n": 25719.0,
  "summary_gm_p05": 711.7508128285408,
  "summary_gm_p95": 892.5882938317953,
  "summary_gm_stdv": 54.97136854966579,
  "summary_wm_k": 0.25212091940214565,
  "summary_wm_mad": 54.969307303876924,
  "summary_wm_mean": 1006.4663594070075,
  "summary_wm_median": 1000.0352915376425,
  "summary_wm_n": 213697.0,
  "summary_wm_p05": 925.494774710387,
  "summary_wm_p95": 1108.7593203410506,
  "summary_wm_stdv": 56.26805337041671,
  "tpm_overlap_csf": 0.1480020688282168,
  "tpm_overlap_gm": 0.43199154693518327,
  "tpm_overlap_wm": 0.4671484019616332,
  "wm2max": 0.6144842087009299
}