{
  "bids_meta": {
    "AcquisitionMatrixPE": 512,
    "AcquisitionNumber": 1,
    "AcquisitionTime": "18:48:15.002500",
    "BaseResolution": 512,
    "ConversionSoftware": "dcm2niix",
    "ConversionSoftwareVersion": "v1.0.20180404 Clang8.0.0",
    "DeviceSerialNumber": "35002",
    "DwellTime": 5e-06,
    "EchoTime": 0.064,
    "EchoTrainLength": 15,
    "FlipAngle": 129,
    "ImageOrientationPatientDICOM": [
      0.998247,
      0.0591921,
      2.17482e-09,
      -0.0282987,
      0.477244,
      -0.878315
    ],
    "ImageType": [
      "ORIGINAL",
      "PRIMARY",
      "M",
      "ND"
    ],
    "InPlanePhaseEncodingDirectionDICOM": "ROW",
    "InstitutionAddress": "University_Pkwy_1700_North_685_Provo_UT_US_84601",
    "InstitutionName": "Brigham_Young_University",
    "InstitutionalDepartmentName": "MRI",
    "MRAcquisitionType": "2D",
    "MagneticFieldStrength": 3,
    "Manufacturer": "Siemens",
    "ManufacturersModelName": "TrioTim",
    "Modality": "MR",
    "PartialFourier": 1,
    "PatientPosition": "HFS",
    "PercentPhaseFOV": 100,
    "PhaseEncodingDirection": "i",
    "PhaseEncodingSteps": 720,
    "PhaseOversampling": 0.4,
    "PhaseResolution": 1,
    "PixelBandwidth": 195,
    "ProcedureStepDescription": "Research_KIRWAN",
    "ProtocolName": "HHR_struct_MODIFIED",
    "PulseSequenceDetails": "%SiemensSeq%_tse",
    "ReceiveCoilName": "32Ch_Head",
    "ReconMatrixPE": 512,
    "RepetitionTime": 6,
    "SAR": 0.829512,
    "ScanningSequence": "SE",
    "SequenceName": "_tse2d1_15",
    "SequenceVariant": "SK_SP_OSP",
    "SeriesDescription": "HHR_struct_MODIFIED",
    "SeriesNumber": 16,
    "ShimSetting": [
      -2841,
      -22958,
      2449,
      1083,
      -79,
      -390,
      -125,
      496
    ],
    "SliceThickness": 2,
    "SoftwareVersions": "syngo_MR_B17",
    "SpacingBetweenSlices": 2,
    "StationName": "MININT-E41B04",
    "TxRefAmp": 329.724,
    "dataset": "ds002168",
    "modality": "T2w",
    "subject_id": "2347"
  },
  "cjv": 2.813393072122307,
  "cnr": 0.5399865089441898,
  "efc": 0.6067278647841702,
  "fber": 5116.628488129946,
  "fwhm_avg": 5.074019336421401,
  "fwhm_x": 5.5370752,
  "fwhm_y": 3.849667609264201,
  "fwhm_z": 5.8353152,
  "icvs_csf": 0.4599768413592508,
  "icvs_gm": 0.43722245633759166,
  "icvs_wm": 0.10280070230315753,
  "inu_med": 1.0252575874328613,
  "inu_range": 1.5400010168552398,
  "provenance": {
    "md5sum": "a1692a34f113312a521ae412194117f8",
    "settings": {
      "testing": false
    },
    "software": "mriqc",
    "version": "23.0.1",
    "warnings": {
      "large_rot_frame": false,
      "small_air_mask": false
    },
    "webapi_port": null,
    "webapi_url": "https://mriqc.nimh.nih.gov/api/v1"
  },
  "qi_1": 0.0,
  "qi_2": 0.0008497690193359518,
  "rpve_csf": 5.9295146403154,
  "rpve_gm": 6.4301966259985806,
  "rpve_wm": 25.5997577450098,
  "size_x": 512,
  "size_y": 35,
  "size_z": 512,
  "snr_csf": 11.77007296814897,
  "snr_gm": 9.065029819345138,
  "snr_total": 7.461174625230328,
  "snr_wm": 1.5484210881968763,
  "snrd_csf": 15.800270105123998,
  "snrd_gm": 10.5244028453072,
  "snrd_total": 14.184854270457736,
  "snrd_wm": 16.22988986094201,
  "spacing_x": 0.390625,
  "spacing_y": 2.0000064373016357,
  "spacing_z": 0.390625,
  "summary_bg_k": 923.4627819185617,
  "summary_bg_mad": 0.0,
  "summary_bg_mean": 8.70541996255638,
  "summary_bg_median": 0.0,
  "summary_bg_n": 2925541.0,
  "summary_bg_p05": 0.0,
  "summary_bg_p95": 31.176175355911255,
  "summary_bg_stdv": 26.452692050935976,
  "summary_csf_k": 0.13261962989185783,
  "summary_csf_mad": 54.0448154333891,
  "summary_csf_mean": 642.2099663959613,
  "summary_csf_median": 637.9735264480114,
  "summary_csf_n": 895658.0,
  "summary_csf_p05": 561.0332087278366,
  "summary_csf_p95": 736.9854727387428,
  "summary_csf_stdv": 54.20299194630146,
  "summary_gm_k": -0.0016251457227363098,
  "summary_gm_mad": 47.39786556930151,
  "summary_gm_mean": 424.03312861716694,
  "summary_gm_median": 424.9478238224983,
  "summary_gm_n": 865358.0,
  "summary_gm_p05": 346.55905547738075,
  "summary_gm_p95": 499.64649176597595,
  "summary_gm_stdv": 46.87768123857809,
  "summary_wm_k": -1.6625526309750576,
  "summary_wm_mad": 600.7308765628084,
  "summary_wm_mean": 573.5138890902762,
  "summary_wm_median": 655.3204470276833,
  "summary_wm_n": 203638.0,
  "summary_wm_p05": 29.796698570251465,
  "summary_wm_p95": 1153.621948927641,
  "summary_wm_stdv": 423.2174587314686,
  "tpm_overlap_csf": 0.1078853328875374,
  "tpm_overlap_gm": 0.2397606891879814,
  "tpm_overlap_wm": 0.02171984797479483,
  "wm2max": 0.41285826445636276
}