{
  "aor": 0.0002054225352112676,
  "aqi": 0.01971398615023474,
  "bids_meta": {
    "AcquisitionMatrixPE": 100,
    "AcquisitionNumber": 1,
    "AcquisitionTime": "16:27:12.887500",
    "BandwidthPerPixelPhaseEncode": 13.889,
    "BaseResolution": 100,
    "ConversionSoftware": "dcm2niix",
    "ConversionSoftwareVersion": "v1.0.20180404 Clang8.0.0",
    "DerivedVendorReportedEchoSpacing": 0.000719994,
    "DeviceSerialNumber": "35002",
    "DwellTime": 2.8e-06,
    "EchoTime": 0.0436,
    "EffectiveEchoSpacing": 0.000719994,
    "FlipAngle": 55,
    "ImageComments": "Unaliased_MB8_PE3_(remote)",
    "ImageOrientationPatientDICOM": [
      0.999995,
      -0.00170791,
      0.00253283,
      -6.81157e-08,
      0.829102,
      0.559098
    ],
    "ImageType": [
      "ORIGINAL",
      "PRIMARY",
      "M",
      "MB",
      "ND",
      "MOSAIC"
    ],
    "InPlanePhaseEncodingDirectionDICOM": "COL",
    "InstitutionAddress": "University_Pkwy_1700_North_685_Provo_UT_US_84601",
    "InstitutionName": "Brigham_Young_University",
    "InstitutionalDepartmentName": "MRI",
    "MRAcquisitionType": "2D",
    "MagneticFieldStrength": 3,
    "Manufacturer": "Siemens",
    "ManufacturersModelName": "TrioTim",
    "Modality": "MR",
    "MultibandAccelerationFactor": 8,
    "PartialFourier": 1,
    "PatientPosition": "HFS",
    "PercentPhaseFOV": 100,
    "PhaseEncodingDirection": "j-",
    "PhaseEncodingSteps": 100,
    "PhaseResolution": 1,
    "PixelBandwidth": 1786,
    "ProcedureStepDescription": "Research_KIRWAN",
    "ProtocolName": "run4",
    "PulseSequenceDetails": "%CustomerSeq%_cmrr_mbep2d_bold",
    "ReceiveCoilName": "32Ch_Head",
    "ReconMatrixPE": 100,
    "RepetitionTime": 0.875,
    "SAR": 0.120839,
    "ScanOptions": "FS",
    "ScanningSequence": "EP",
    "SequenceName": "epfid2d1_100",
    "SequenceVariant": "SK_SS",
    "SeriesDescription": "run4",
    "SeriesNumber": 6,
    "ShimSetting": [
      -2698,
      -23179,
      2724,
      1314,
      -15,
      -183,
      212,
      7
    ],
    "SliceThickness": 1.8,
    "SliceTiming": [
      0,
      0.4875,
      0.0975,
      0.585,
      0.195,
      0.6825,
      0.2925,
      0.7825,
      0.39,
      0,
      0.4875,
      0.0975,
      0.585,
      0.195,
      0.6825,
      0.2925,
      0.7825,
      0.39,
      0,
      0.4875,
      0.0975,
      0.585,
      0.195,
      0.6825,
      0.2925,
      0.7825,
      0.39,
      0,
      0.4875,
      0.0975,
      0.585,
      0.195,
      0.6825,
      0.2925,
      0.7825,
      0.39,
      0,
      0.4875,
      0.0975,
      0.585,
      0.195,
      0.6825,
      0.2925,
      0.7825,
      0.39,
      0,
      0.4875,
      0.0975,
      0.585,
      0.195,
      0.6825,
      0.2925,
      0.7825,
      0.39,
      0,
      0.4875,
      0.0975,
      0.585,
      0.195,
      0.6825,
      0.2925,
      0.7825,
      0.39,
      0,
      0.4875,
      0.0975,
      0.585,
      0.195,
      0.6825,
      0.2925,
      0.7825,
      0.39
    ],
    "SoftwareVersions": "syngo_MR_B17",
    "SpacingBetweenSlices": 1.8,
    "StationName": "MININT-E41B04",
    "TaskName": "MST",
    "TotalReadoutTime": 0.0712794,
    "TxRefAmp": 315.82,
    "dataset": "ds002168",
    "modality": "bold",
    "run_id": 4,
    "subject_id": "1538",
    "task_id": "mst"
  },
  "dummy_trs": 2,
  "dvars_nstd": 68.44508893195297,
  "dvars_std": 1.0331555473176472,
  "dvars_vstd": 0.9884791540470595,
  "efc": 0.579086930677988,
  "fber": 374.4869079589844,
  "fd_mean": 0.12193476300870891,
  "fd_num": 25,
  "fd_perc": 5.868544600938967,
  "fwhm_avg": 3.1260777825499297,
  "fwhm_x": 2.92365563300598,
  "fwhm_y": 3.535122081749092,
  "fwhm_z": 2.919455632894718,
  "gcor": 0.00302204,
  "gsr_x": -0.012524758465588093,
  "gsr_y": 0.07809428125619888,
  "provenance": {
    "md5sum": "b45866d791d3869cb685d68d6a80a9c0",
    "settings": {
      "fd_thres": 0.2,
      "testing": false
    },
    "software": "mriqc",
    "version": "23.0.1",
    "webapi_port": null,
    "webapi_url": "https://mriqc.nimh.nih.gov/api/v1"
  },
  "size_t": 426,
  "size_x": 100,
  "size_y": 100,
  "size_z": 72,
  "snr": 2.44304802224518,
  "spacing_tr": 0.875,
  "spacing_x": 1.7999999523162842,
  "spacing_y": 1.8000000715255737,
  "spacing_z": 1.7999999523162842,
  "summary_bg_k": 46.4534607684044,
  "summary_bg_mad": 9.831809105839785,
  "summary_bg_mean": 29.32682991027832,
  "summary_bg_median": 17.624412536621094,
  "summary_bg_n": 423516.0,
  "summary_bg_p05": 10.014084815979004,
  "summary_bg_p95": 85.28227996826172,
  "summary_bg_stdv": 36.17727279663086,
  "summary_fg_k": 4.597719586407818,
  "summary_fg_mad": 101.50260008992494,
  "summary_fg_mean": 377.3152160644531,
  "summary_fg_median": 343.74884033203125,
  "summary_fg_n": 194819.0,
  "summary_fg_p05": 217.07981872558594,
  "summary_fg_p95": 653.420458984375,
  "summary_fg_stdv": 140.7045440673828,
  "tsnr": 20.17225457308814
}