{
  "bids_meta": {
    "AcquisitionMatrixPE": 256,
    "AcquisitionNumber": 1,
    "AcquisitionTime": "11:13:48.995000",
    "BaseResolution": 256,
    "ConversionSoftware": "dcm2niix",
    "ConversionSoftwareVersion": "v1.0.20180404 Clang8.0.0",
    "DeviceSerialNumber": "35002",
    "DwellTime": 1.03e-05,
    "EchoTime": 0.00492,
    "FlipAngle": 25,
    "ImageOrientationPatientDICOM": [
      0,
      1,
      0,
      0,
      0,
      -1
    ],
    "ImageType": [
      "ORIGINAL",
      "PRIMARY",
      "M",
      "ND",
      "NORM"
    ],
    "InPlanePhaseEncodingDirectionDICOM": "ROW",
    "InstitutionAddress": "University_Pkwy_1700_North_685_Provo_UT_US_84601",
    "InstitutionName": "Brigham_Young_University",
    "InstitutionalDepartmentName": "MRI",
    "MRAcquisitionType": "3D",
    "MagneticFieldStrength": 3,
    "Manufacturer": "Siemens",
    "ManufacturersModelName": "TrioTim",
    "Modality": "MR",
    "ParallelReductionFactorInPlane": 2,
    "PartialFourier": 1,
    "PatientPosition": "HFS",
    "PercentPhaseFOV": 100,
    "PhaseEncodingSteps": 255,
    "PhaseResolution": 1,
    "PixelBandwidth": 190,
    "ProcedureStepDescription": "Research_KIRWAN",
    "ProtocolName": "t1_fl3d_sag_no3Daccel_iso_1.0_1avg",
    "PulseSequenceDetails": "%SiemensSeq%_gre",
    "ReceiveCoilName": "32Ch_Head",
    "ReconMatrixPE": 256,
    "RepetitionTime": 0.02,
    "SAR": 0.151555,
    "ScanningSequence": "GR",
    "SequenceName": "_fl3d1_ns",
    "SequenceVariant": "SP",
    "SeriesDescription": "t1_fl3d_sag_no3Daccel_iso_1.0_1avg",
    "SeriesNumber": 9,
    "ShimSetting": [
      -2826,
      -22917,
      1922,
      -109,
      -90,
      -53,
      -300,
      376
    ],
    "SliceThickness": 1,
    "SoftwareVersions": "syngo_MR_B17",
    "StationName": "MININT-E41B04",
    "TxRefAmp": 336.014,
    "dataset": "ds002168",
    "modality": "T1w",
    "subject_id": "2459"
  },
  "cjv": 0.4188567115742271,
  "cnr": 3.2714157226506213,
  "efc": 0.5395310935499434,
  "fber": 10280.78194245967,
  "fwhm_avg": 3.43151,
  "fwhm_x": 3.33534,
  "fwhm_y": 3.62942,
  "fwhm_z": 3.32977,
  "icvs_csf": 0.1367650376432206,
  "icvs_gm": 0.4506735289902403,
  "icvs_wm": 0.4125614333665391,
  "inu_med": 0.264736533164978,
  "inu_range": 0.08119787648320198,
  "provenance": {
    "md5sum": "642558a42d68ffa0fc1893ce8393e89b",
    "settings": {
      "testing": false
    },
    "software": "mriqc",
    "version": "23.0.1",
    "warnings": {
      "large_rot_frame": true,
      "small_air_mask": false
    },
    "webapi_port": null,
    "webapi_url": "https://mriqc.nimh.nih.gov/api/v1"
  },
  "qi_1": 0.0,
  "qi_2": 0.015787987607925318,
  "rpve_csf": 41.64411725604892,
  "rpve_gm": 14.074831702506385,
  "rpve_wm": 16.859405181478635,
  "size_x": 192,
  "size_y": 256,
  "size_z": 256,
  "snr_csf": 1.5791718578162026,
  "snr_gm": 16.626773545864616,
  "snr_total": 14.176773104407344,
  "snr_wm": 24.32437390954121,
  "snrd_csf": 32.45340884475585,
  "snrd_gm": 98.59749833725255,
  "snrd_total": 85.12711784864662,
  "snrd_wm": 124.33044636393144,
  "spacing_x": 1.0,
  "spacing_y": 1.0,
  "spacing_z": 1.0,
  "summary_bg_k": 8.328744792757975,
  "summary_bg_mad": 5.269478749711278,
  "summary_bg_mean": 5.339579838306138,
  "summary_bg_median": 3.554209405556321,
  "summary_bg_n": 3023551.0,
  "summary_bg_p05": 0.0,
  "summary_bg_p95": 17.83285936526954,
  "summary_bg_stdv": 6.143850078040508,
  "summary_csf_k": -0.6636054083550444,
  "summary_csf_mad": 219.8059961944783,
  "summary_csf_mean": 260.5694070666052,
  "summary_csf_median": 261.0335012115538,
  "summary_csf_n": 17375.0,
  "summary_csf_p05": 43.14501156657934,
  "summary_csf_p95": 513.8243272190913,
  "summary_csf_stdv": 165.29295912669295,
  "summary_gm_k": 0.1953567976727717,
  "summary_gm_mad": 47.28784408436556,
  "summary_gm_mean": 792.9521598727891,
  "summary_gm_median": 793.0522899702191,
  "summary_gm_n": 46391.0,
  "summary_gm_p05": 714.2415596731007,
  "summary_gm_p95": 869.8232131302357,
  "summary_gm_stdv": 47.69679097730867,
  "summary_wm_k": 0.3968105532951127,
  "summary_wm_mad": 39.4065367369713,
  "summary_wm_mean": 1002.3211680651569,
  "summary_wm_median": 1000.0309020485729,
  "summary_wm_n": 205638.0,
  "summary_wm_p05": 939.114843454212,
  "summary_wm_p95": 1073.8348330091685,
  "summary_wm_stdv": 41.11219775819178,
  "tpm_overlap_csf": 0.12228292763659045,
  "tpm_overlap_gm": 0.4633499223816571,
  "tpm_overlap_wm": 0.49985270400991244,
  "wm2max": 0.7029545948294591
}