{
  "bids_meta": {
    "AcquisitionMatrixPE": 512,
    "AcquisitionNumber": 1,
    "AcquisitionTime": "11:38:19.745000",
    "BaseResolution": 512,
    "ConversionSoftware": "dcm2niix",
    "ConversionSoftwareVersion": "v1.0.20180404 Clang8.0.0",
    "DeviceSerialNumber": "35002",
    "DwellTime": 5e-06,
    "EchoTime": 0.064,
    "EchoTrainLength": 15,
    "FlipAngle": 129,
    "ImageOrientationPatientDICOM": [
      0.999968,
      0.00802075,
      -1.6355e-11,
      -0.00432841,
      0.539634,
      -0.841888
    ],
    "ImageType": [
      "ORIGINAL",
      "PRIMARY",
      "M",
      "ND"
    ],
    "InPlanePhaseEncodingDirectionDICOM": "ROW",
    "InstitutionAddress": "University_Pkwy_1700_North_685_Provo_UT_US_84601",
    "InstitutionName": "Brigham_Young_University",
    "InstitutionalDepartmentName": "MRI",
    "MRAcquisitionType": "2D",
    "MagneticFieldStrength": 3,
    "Manufacturer": "Siemens",
    "ManufacturersModelName": "TrioTim",
    "Modality": "MR",
    "PartialFourier": 1,
    "PatientPosition": "HFS",
    "PercentPhaseFOV": 100,
    "PhaseEncodingDirection": "i",
    "PhaseEncodingSteps": 720,
    "PhaseOversampling": 0.4,
    "PhaseResolution": 1,
    "PixelBandwidth": 195,
    "ProcedureStepDescription": "Research_KIRWAN",
    "ProtocolName": "HHR_struct_MODIFIED",
    "PulseSequenceDetails": "%SiemensSeq%_tse",
    "ReceiveCoilName": "32Ch_Head",
    "ReconMatrixPE": 512,
    "RepetitionTime": 6,
    "SAR": 0.735966,
    "ScanningSequence": "SE",
    "SequenceName": "_tse2d1_15",
    "SequenceVariant": "SK_SP_OSP",
    "SeriesDescription": "HHR_struct_MODIFIED",
    "SeriesNumber": 16,
    "ShimSetting": [
      -2809,
      -22991,
      2511,
      726,
      50,
      -201,
      523,
      396
    ],
    "SliceThickness": 2,
    "SoftwareVersions": "syngo_MR_B17",
    "SpacingBetweenSlices": 2,
    "StationName": "MININT-E41B04",
    "TxRefAmp": 336.014,
    "dataset": "ds002168",
    "modality": "T2w",
    "subject_id": "2459"
  },
  "cjv": 5.850084755354802,
  "cnr": 0.20098806671952751,
  "efc": 0.6408611815174081,
  "fber": 2205.0470774290175,
  "fwhm_avg": 5.165581681650827,
  "fwhm_x": 5.6964352,
  "fwhm_y": 3.6199573734290067,
  "fwhm_z": 6.180352471523474,
  "icvs_csf": 0.4534483424095565,
  "icvs_gm": 0.440372778980818,
  "icvs_wm": 0.10617887860962551,
  "inu_med": 1.0167768001556396,
  "inu_range": 1.6382935881614684,
  "provenance": {
    "md5sum": "7a5cc158184cae77f3bb7c3b0dcd8518",
    "settings": {
      "testing": false
    },
    "software": "mriqc",
    "version": "23.0.1",
    "warnings": {
      "large_rot_frame": false,
      "small_air_mask": false
    },
    "webapi_port": null,
    "webapi_url": "https://mriqc.nimh.nih.gov/api/v1"
  },
  "qi_1": 0.0,
  "qi_2": 0.00018642763608210875,
  "rpve_csf": 5.269634819771028,
  "rpve_gm": 5.589687249458644,
  "rpve_wm": 21.936630944681013,
  "size_x": 512,
  "size_y": 35,
  "size_z": 512,
  "snr_csf": 12.029539510423499,
  "snr_gm": 9.277166880965249,
  "snr_total": 7.363832875479176,
  "snr_wm": 0.7847922350487803,
  "snrd_csf": 39.373641110225364,
  "snrd_gm": 26.65746916079244,
  "snrd_total": 29.066533137378574,
  "snrd_wm": 21.16848914111792,
  "spacing_x": 0.390625,
  "spacing_y": 1.999998688697815,
  "spacing_z": 0.3906249701976776,
  "summary_bg_k": 213.22491763400257,
  "summary_bg_mad": 10.21282531535208,
  "summary_bg_mean": 15.213469102080078,
  "summary_bg_median": 6.888445995748043,
  "summary_bg_n": 2018333.0,
  "summary_bg_p05": 0.0,
  "summary_bg_p95": 44.5300489962101,
  "summary_bg_stdv": 49.34259121164326,
  "summary_csf_k": 0.21582286000173845,
  "summary_csf_mad": 50.28969432535929,
  "summary_csf_mean": 617.7081013587779,
  "summary_csf_median": 613.7899202182889,
  "summary_csf_n": 977454.0,
  "summary_csf_p05": 541.2163872867823,
  "summary_csf_p95": 706.9634978100657,
  "summary_csf_stdv": 51.02353300494596,
  "summary_gm_k": 0.0007693634953831463,
  "summary_gm_mad": 45.304286706964675,
  "summary_gm_mean": 414.7938897720128,
  "summary_gm_median": 415.55937952548265,
  "summary_gm_n": 959897.0,
  "summary_gm_p05": 340.89646013081074,
  "summary_gm_p95": 487.08821922540665,
  "summary_gm_stdv": 44.79375744740165,
  "summary_wm_k": -1.5775398716126672,
  "summary_wm_mad": 455.2693597924249,
  "summary_wm_mean": 510.48529363166784,
  "summary_wm_median": 329.9924745261669,
  "summary_wm_n": 238755.0,
  "summary_wm_p05": 22.00385119020939,
  "summary_wm_p95": 1154.4611082248387,
  "summary_wm_stdv": 420.4829873675909,
  "tpm_overlap_csf": 0.10271347877489767,
  "tpm_overlap_gm": 0.2505651096767678,
  "tpm_overlap_wm": 0.027047873022097668,
  "wm2max": 0.23208781414872787
}