{
  "bids_meta": {
    "AcquisitionMatrixPE": 512,
    "AcquisitionNumber": 1,
    "AcquisitionTime": "23:52:14.557500",
    "BaseResolution": 512,
    "ConversionSoftware": "dcm2niix",
    "ConversionSoftwareVersion": "v1.0.20180404 Clang8.0.0",
    "DeviceSerialNumber": "35002",
    "DwellTime": 5e-06,
    "EchoTime": 0.064,
    "EchoTrainLength": 15,
    "FlipAngle": 129,
    "ImageOrientationPatientDICOM": [
      0.999957,
      0.00931358,
      -7.21109e-11,
      -0.0051213,
      0.54985,
      -0.835248
    ],
    "ImageType": [
      "ORIGINAL",
      "PRIMARY",
      "M",
      "ND"
    ],
    "InPlanePhaseEncodingDirectionDICOM": "ROW",
    "InstitutionAddress": "University_Pkwy_1700_North_685_Provo_UT_US_84601",
    "InstitutionName": "Brigham_Young_University",
    "InstitutionalDepartmentName": "MRI",
    "MRAcquisitionType": "2D",
    "MagneticFieldStrength": 3,
    "Manufacturer": "Siemens",
    "ManufacturersModelName": "TrioTim",
    "Modality": "MR",
    "PartialFourier": 1,
    "PatientPosition": "HFS",
    "PercentPhaseFOV": 100,
    "PhaseEncodingDirection": "i",
    "PhaseEncodingSteps": 720,
    "PhaseOversampling": 0.4,
    "PhaseResolution": 1,
    "PixelBandwidth": 195,
    "ProcedureStepDescription": "Research_KIRWAN",
    "ProtocolName": "HHR_struct_MODIFIED",
    "PulseSequenceDetails": "%SiemensSeq%_tse",
    "ReceiveCoilName": "32Ch_Head",
    "ReconMatrixPE": 512,
    "RepetitionTime": 6,
    "SAR": 0.79698,
    "ScanningSequence": "SE",
    "SequenceName": "_tse2d1_15",
    "SequenceVariant": "SK_SP_OSP",
    "SeriesDescription": "HHR_struct_MODIFIED",
    "SeriesNumber": 16,
    "ShimSetting": [
      -2684,
      -22755,
      2300,
      1105,
      -103,
      568,
      613,
      32
    ],
    "SliceThickness": 2,
    "SoftwareVersions": "syngo_MR_B17",
    "SpacingBetweenSlices": 2,
    "StationName": "MININT-E41B04",
    "TxRefAmp": 320.917,
    "dataset": "ds002168",
    "modality": "T2w",
    "subject_id": "1545"
  },
  "cjv": 2.333134485642496,
  "cnr": 0.6597181414279313,
  "efc": 0.635372201346122,
  "fber": 3393.425061551971,
  "fwhm_avg": 5.758089319161589,
  "fwhm_x": 6.16156207008988,
  "fwhm_y": 4.07211708739489,
  "fwhm_z": 7.0405888,
  "icvs_csf": 0.41469638777591356,
  "icvs_gm": 0.46432506080997915,
  "icvs_wm": 0.12097855141410727,
  "inu_med": 0.9852235913276672,
  "inu_range": 1.8920894265174866,
  "provenance": {
    "md5sum": "8469a147e2ee2bbc30b7bc7389f45fd7",
    "settings": {
      "testing": false
    },
    "software": "mriqc",
    "version": "23.0.1",
    "warnings": {
      "large_rot_frame": false,
      "small_air_mask": false
    },
    "webapi_port": null,
    "webapi_url": "https://mriqc.nimh.nih.gov/api/v1"
  },
  "qi_1": 0.0,
  "qi_2": 0.0003494509570526689,
  "rpve_csf": 5.276837508043567,
  "rpve_gm": 5.037457743711249,
  "rpve_wm": 19.376479867005955,
  "size_x": 512,
  "size_y": 35,
  "size_z": 512,
  "snr_csf": 11.08343976313933,
  "snr_gm": 8.999580683147153,
  "snr_total": 7.2549520896709785,
  "snr_wm": 1.6818358227264514,
  "snrd_csf": 10.46613704868758,
  "snrd_gm": 7.2291756040076045,
  "snrd_total": 9.890651710226022,
  "snrd_wm": 11.976642477982885,
  "spacing_x": 0.3906249701976776,
  "spacing_y": 2.0000014305114746,
  "spacing_z": 0.390625,
  "summary_bg_k": 271.7844820459908,
  "summary_bg_mad": 0.0,
  "summary_bg_mean": 10.15836754694175,
  "summary_bg_median": 0.0,
  "summary_bg_n": 2232661.0,
  "summary_bg_p05": 0.0,
  "summary_bg_p95": 29.4828562438488,
  "summary_bg_stdv": 36.278975015195755,
  "summary_csf_k": 0.7003586261388772,
  "summary_csf_mad": 49.228314336906685,
  "summary_csf_mean": 583.7370374394171,
  "summary_csf_median": 579.5750693976879,
  "summary_csf_n": 769283.0,
  "summary_csf_p05": 506.58353209495544,
  "summary_csf_p95": 676.3882456719875,
  "summary_csf_stdv": 52.29195133327331,
  "summary_gm_k": 0.06971788185075534,
  "summary_gm_mad": 44.654419230891406,
  "summary_gm_mean": 401.3320798498416,
  "summary_gm_median": 400.324392169714,
  "summary_gm_n": 928925.0,
  "summary_gm_p05": 330.00444054603577,
  "summary_gm_p95": 475.1605957746506,
  "summary_gm_stdv": 44.482536552183184,
  "summary_wm_k": -1.6162684014601094,
  "summary_wm_mad": 568.7190605530953,
  "summary_wm_mean": 543.2480325128831,
  "summary_wm_median": 663.2211448252201,
  "summary_wm_n": 267229.0,
  "summary_wm_p05": 24.13968488574028,
  "summary_wm_p95": 1099.4847252964973,
  "summary_wm_stdv": 394.3428335508113,
  "tpm_overlap_csf": 0.10422687771055178,
  "tpm_overlap_gm": 0.29065116289896104,
  "tpm_overlap_wm": 0.033454034815299495,
  "wm2max": 0.5031550582471459
}