{
  "aor": 0.00031243559718969555,
  "aqi": 0.011166041451990632,
  "bids_meta": {
    "AcquisitionMatrixPE": 100,
    "AcquisitionNumber": 1,
    "AcquisitionTime": "18:24:49.347500",
    "BandwidthPerPixelPhaseEncode": 13.889,
    "BaseResolution": 100,
    "ConversionSoftware": "dcm2niix",
    "ConversionSoftwareVersion": "v1.0.20180404 Clang8.0.0",
    "DerivedVendorReportedEchoSpacing": 0.000719994,
    "DeviceSerialNumber": "35002",
    "DwellTime": 2.8e-06,
    "EchoTime": 0.0436,
    "EffectiveEchoSpacing": 0.000719994,
    "FlipAngle": 55,
    "ImageComments": "Unaliased_MB8_PE3_(remote)",
    "ImageOrientationPatientDICOM": [
      0.999989,
      0.00241126,
      -0.00399799,
      -4.00507e-09,
      0.856314,
      0.516456
    ],
    "ImageType": [
      "ORIGINAL",
      "PRIMARY",
      "M",
      "MB",
      "ND",
      "MOSAIC"
    ],
    "InPlanePhaseEncodingDirectionDICOM": "COL",
    "InstitutionAddress": "University_Pkwy_1700_North_685_Provo_UT_US_84601",
    "InstitutionName": "Brigham_Young_University",
    "InstitutionalDepartmentName": "MRI",
    "MRAcquisitionType": "2D",
    "MagneticFieldStrength": 3,
    "Manufacturer": "Siemens",
    "ManufacturersModelName": "TrioTim",
    "Modality": "MR",
    "MultibandAccelerationFactor": 8,
    "PartialFourier": 1,
    "PatientPosition": "HFS",
    "PercentPhaseFOV": 100,
    "PhaseEncodingDirection": "j-",
    "PhaseEncodingSteps": 100,
    "PhaseResolution": 1,
    "PixelBandwidth": 1786,
    "ProcedureStepDescription": "Research_KIRWAN",
    "ProtocolName": "run6",
    "PulseSequenceDetails": "%CustomerSeq%_cmrr_mbep2d_bold",
    "ReceiveCoilName": "32Ch_Head",
    "ReconMatrixPE": 100,
    "RepetitionTime": 0.875,
    "SAR": 0.113606,
    "ScanOptions": "FS",
    "ScanningSequence": "EP",
    "SequenceName": "epfid2d1_100",
    "SequenceVariant": "SK_SS",
    "SeriesDescription": "run6",
    "SeriesNumber": 8,
    "ShimSetting": [
      -2799,
      -22982,
      2281,
      547,
      109,
      261,
      44,
      450
    ],
    "SliceThickness": 1.8,
    "SliceTiming": [
      0,
      0.4875,
      0.0975,
      0.585,
      0.195,
      0.6825,
      0.2925,
      0.78,
      0.39,
      0,
      0.4875,
      0.0975,
      0.585,
      0.195,
      0.6825,
      0.2925,
      0.78,
      0.39,
      0,
      0.4875,
      0.0975,
      0.585,
      0.195,
      0.6825,
      0.2925,
      0.78,
      0.39,
      0,
      0.4875,
      0.0975,
      0.585,
      0.195,
      0.6825,
      0.2925,
      0.78,
      0.39,
      0,
      0.4875,
      0.0975,
      0.585,
      0.195,
      0.6825,
      0.2925,
      0.78,
      0.39,
      0,
      0.4875,
      0.0975,
      0.585,
      0.195,
      0.6825,
      0.2925,
      0.78,
      0.39,
      0,
      0.4875,
      0.0975,
      0.585,
      0.195,
      0.6825,
      0.2925,
      0.78,
      0.39,
      0,
      0.4875,
      0.0975,
      0.585,
      0.195,
      0.6825,
      0.2925,
      0.78,
      0.39
    ],
    "SoftwareVersions": "syngo_MR_B17",
    "SpacingBetweenSlices": 1.8,
    "StationName": "MININT-E41B04",
    "TaskName": "MST",
    "TotalReadoutTime": 0.0712794,
    "TxRefAmp": 349.208,
    "dataset": "ds002168",
    "modality": "bold",
    "run_id": 6,
    "subject_id": "1589",
    "task_id": "mst"
  },
  "dummy_trs": 1,
  "dvars_nstd": 69.40463774441314,
  "dvars_std": 1.0502480182159633,
  "dvars_vstd": 1.0049039676995317,
  "efc": 0.5514981826285835,
  "fber": 283.6165466308594,
  "fd_mean": 0.09274102578340773,
  "fd_num": 0,
  "fd_perc": 0.0,
  "fwhm_avg": 3.7101463945816113,
  "fwhm_x": 3.6337112073715847,
  "fwhm_y": 4.003483439389426,
  "fwhm_z": 3.493244536983822,
  "gcor": 0.00459302,
  "gsr_x": -0.021934019401669502,
  "gsr_y": 0.09014087915420532,
  "provenance": {
    "md5sum": "8d999125db469f2c3afce89b7df5b6a0",
    "settings": {
      "fd_thres": 0.2,
      "testing": false
    },
    "software": "mriqc",
    "version": "23.0.1",
    "webapi_port": null,
    "webapi_url": "https://mriqc.nimh.nih.gov/api/v1"
  },
  "size_t": 427,
  "size_x": 100,
  "size_y": 100,
  "size_z": 72,
  "snr": 1.5553694333330639,
  "spacing_tr": 0.875,
  "spacing_x": 1.7999999523162842,
  "spacing_y": 1.7999999523162842,
  "spacing_z": 1.7999999523162842,
  "summary_bg_k": 31.357447674654487,
  "summary_bg_mad": 13.805214610121547,
  "summary_bg_mean": 40.865386962890625,
  "summary_bg_median": 22.58313751220703,
  "summary_bg_n": 428525.0,
  "summary_bg_p05": 11.934425354003906,
  "summary_bg_p95": 136.40936584472652,
  "summary_bg_stdv": 56.8653450012207,
  "summary_fg_k": 4.597200294106967,
  "summary_fg_mad": 151.84691750074867,
  "summary_fg_mean": 466.94757080078125,
  "summary_fg_median": 386.6557312011719,
  "summary_fg_n": 190547.0,
  "summary_fg_p05": 227.4480010986328,
  "summary_fg_p95": 999.4233703613268,
  "summary_fg_stdv": 248.59349060058594,
  "tsnr": 22.63604972610483
}