{
  "bids_meta": {
    "AcquisitionMatrixPE": 256,
    "AcquisitionNumber": 1,
    "AcquisitionTime": "14:11:36.442500",
    "BaseResolution": 256,
    "ConversionSoftware": "dcm2niix",
    "ConversionSoftwareVersion": "v1.0.20180404 Clang8.0.0",
    "DeviceSerialNumber": "35002",
    "DwellTime": 1.03e-05,
    "EchoTime": 0.00492,
    "FlipAngle": 25,
    "ImageOrientationPatientDICOM": [
      0,
      1,
      0,
      0,
      0,
      -1
    ],
    "ImageType": [
      "ORIGINAL",
      "PRIMARY",
      "M",
      "ND",
      "NORM"
    ],
    "InPlanePhaseEncodingDirectionDICOM": "ROW",
    "InstitutionAddress": "University_Pkwy_1700_North_685_Provo_UT_US_84601",
    "InstitutionName": "Brigham_Young_University",
    "InstitutionalDepartmentName": "MRI",
    "MRAcquisitionType": "3D",
    "MagneticFieldStrength": 3,
    "Manufacturer": "Siemens",
    "ManufacturersModelName": "TrioTim",
    "Modality": "MR",
    "ParallelReductionFactorInPlane": 2,
    "PartialFourier": 1,
    "PatientPosition": "HFS",
    "PercentPhaseFOV": 100,
    "PhaseEncodingSteps": 255,
    "PhaseResolution": 1,
    "PixelBandwidth": 190,
    "ProcedureStepDescription": "Research_KIRWAN",
    "ProtocolName": "t1_fl3d_sag_no3Daccel_iso_1.0_1avg",
    "PulseSequenceDetails": "%SiemensSeq%_gre",
    "ReceiveCoilName": "32Ch_Head",
    "ReconMatrixPE": 256,
    "RepetitionTime": 0.02,
    "SAR": 0.185795,
    "ScanningSequence": "GR",
    "SequenceName": "_fl3d1_ns",
    "SequenceVariant": "SP",
    "SeriesDescription": "t1_fl3d_sag_no3Daccel_iso_1.0_1avg",
    "SeriesNumber": 9,
    "ShimSetting": [
      -2655,
      -23109,
      2059,
      81,
      -13,
      -145,
      -152,
      15
    ],
    "SliceThickness": 1,
    "SoftwareVersions": "syngo_MR_B17",
    "StationName": "MININT-E41B04",
    "TxRefAmp": 349.073,
    "dataset": "ds002168",
    "modality": "T1w",
    "subject_id": "1479"
  },
  "cjv": 0.40061363442696823,
  "cnr": 3.36212833951001,
  "efc": 0.5405437567758167,
  "fber": 9504.42424497468,
  "fwhm_avg": 3.0609366666666666,
  "fwhm_x": 3.0399,
  "fwhm_y": 3.26674,
  "fwhm_z": 2.87617,
  "icvs_csf": 0.18201636884517983,
  "icvs_gm": 0.44444342795653835,
  "icvs_wm": 0.37354020319828185,
  "inu_med": 0.3068292438983917,
  "inu_range": 0.06742911189794537,
  "provenance": {
    "md5sum": "a1708588871229b128fc5507b98fd092",
    "settings": {
      "testing": false
    },
    "software": "mriqc",
    "version": "23.0.1",
    "warnings": {
      "large_rot_frame": true,
      "small_air_mask": false
    },
    "webapi_port": null,
    "webapi_url": "https://mriqc.nimh.nih.gov/api/v1"
  },
  "qi_1": 0.0,
  "qi_2": 0.026142253138302714,
  "rpve_csf": 32.979823969998,
  "rpve_gm": 14.241124497440266,
  "rpve_wm": 18.62291261557259,
  "size_x": 192,
  "size_y": 256,
  "size_z": 256,
  "snr_csf": 3.1583668756692336,
  "snr_gm": 18.086919179289588,
  "snr_total": 15.430807277992031,
  "snr_wm": 25.047135779017275,
  "snrd_csf": 46.57045881428804,
  "snrd_gm": 94.31373434837658,
  "snrd_total": 86.31776011139864,
  "snrd_wm": 118.06908717153128,
  "spacing_x": 1.0,
  "spacing_y": 1.0,
  "spacing_z": 1.0,
  "summary_bg_k": 7.26814253742285,
  "summary_bg_mad": 5.548910937664394,
  "summary_bg_mean": 5.663255452701122,
  "summary_bg_median": 3.7426835522055626,
  "summary_bg_n": 3312526.0,
  "summary_bg_p05": 0.0,
  "summary_bg_p95": 16.659162878990173,
  "summary_bg_stdv": 6.061277818884328,
  "summary_csf_k": 2.283388256948709,
  "summary_csf_mad": 75.76558092329729,
  "summary_csf_mean": 389.5731956332511,
  "summary_csf_median": 394.44507782906294,
  "summary_csf_n": 28608.0,
  "summary_csf_p05": 117.45835448801517,
  "summary_csf_p95": 584.1484810657798,
  "summary_csf_stdv": 124.88675297439949,
  "summary_gm_k": 0.3544468225167794,
  "summary_gm_mad": 42.68072097165921,
  "summary_gm_mean": 797.4277194510692,
  "summary_gm_median": 798.8237443342805,
  "summary_gm_n": 25582.0,
  "summary_gm_p05": 722.5349089205265,
  "summary_gm_p95": 867.0644030869007,
  "summary_gm_stdv": 44.16496382049543,
  "summary_wm_k": 0.6090609313131692,
  "summary_wm_mad": 37.9245115965183,
  "summary_wm_mean": 1001.039017683644,
  "summary_wm_median": 1000.0281608626246,
  "summary_wm_n": 173456.0,
  "summary_wm_p05": 937.5281595885754,
  "summary_wm_p95": 1068.099976748228,
  "summary_wm_stdv": 39.925733905257005,
  "tpm_overlap_csf": 0.15374064970438234,
  "tpm_overlap_gm": 0.4634487742801738,
  "tpm_overlap_wm": 0.4923423844628472,
  "wm2max": 0.6841406129678115
}