{
  "bids_meta": {
    "AcquisitionMatrixPE": 512,
    "AcquisitionNumber": 1,
    "AcquisitionTime": "14:36:51.335000",
    "BaseResolution": 512,
    "ConversionSoftware": "dcm2niix",
    "ConversionSoftwareVersion": "v1.0.20180404 Clang8.0.0",
    "DeviceSerialNumber": "35002",
    "DwellTime": 5e-06,
    "EchoTime": 0.064,
    "EchoTrainLength": 15,
    "FlipAngle": 129,
    "ImageOrientationPatientDICOM": [
      0.999969,
      0.00792469,
      -2.36469e-11,
      -0.00414771,
      0.523374,
      -0.852093
    ],
    "ImageType": [
      "ORIGINAL",
      "PRIMARY",
      "M",
      "ND"
    ],
    "InPlanePhaseEncodingDirectionDICOM": "ROW",
    "InstitutionAddress": "University_Pkwy_1700_North_685_Provo_UT_US_84601",
    "InstitutionName": "Brigham_Young_University",
    "InstitutionalDepartmentName": "MRI",
    "MRAcquisitionType": "2D",
    "MagneticFieldStrength": 3,
    "Manufacturer": "Siemens",
    "ManufacturersModelName": "TrioTim",
    "Modality": "MR",
    "PartialFourier": 1,
    "PatientPosition": "HFS",
    "PercentPhaseFOV": 100,
    "PhaseEncodingDirection": "i",
    "PhaseEncodingSteps": 720,
    "PhaseOversampling": 0.4,
    "PhaseResolution": 1,
    "PixelBandwidth": 195,
    "ProcedureStepDescription": "Research_KIRWAN",
    "ProtocolName": "HHR_struct_MODIFIED",
    "PulseSequenceDetails": "%SiemensSeq%_tse",
    "ReceiveCoilName": "32Ch_Head",
    "ReconMatrixPE": 512,
    "RepetitionTime": 6,
    "SAR": 0.902876,
    "ScanningSequence": "SE",
    "SequenceName": "_tse2d1_15",
    "SequenceVariant": "SK_SP_OSP",
    "SeriesDescription": "HHR_struct_MODIFIED",
    "SeriesNumber": 16,
    "ShimSetting": [
      -2637,
      -23103,
      2613,
      1202,
      87,
      -791,
      279,
      -7
    ],
    "SliceThickness": 2,
    "SoftwareVersions": "syngo_MR_B17",
    "SpacingBetweenSlices": 2,
    "StationName": "MININT-E41B04",
    "TxRefAmp": 349.073,
    "dataset": "ds002168",
    "modality": "T2w",
    "subject_id": "1479"
  },
  "cjv": 0.8414769348275039,
  "cnr": 1.1168128389222687,
  "efc": 0.6188109436334167,
  "fber": 7257.035432525951,
  "fwhm_avg": 4.62845969352368,
  "fwhm_x": 5.233075199999999,
  "fwhm_y": 3.186473480571041,
  "fwhm_z": 5.4658304,
  "icvs_csf": 0.4613147119594542,
  "icvs_gm": 0.13197554490448943,
  "icvs_wm": 0.40670974313605635,
  "inu_med": 1.0143409967422485,
  "inu_range": 1.353474187850952,
  "provenance": {
    "md5sum": "61c750a5ff694b8e9dbc2605c9ec11ab",
    "settings": {
      "testing": false
    },
    "software": "mriqc",
    "version": "23.0.1",
    "warnings": {
      "large_rot_frame": false,
      "small_air_mask": false
    },
    "webapi_port": null,
    "webapi_url": "https://mriqc.nimh.nih.gov/api/v1"
  },
  "qi_1": 0.0,
  "qi_2": 0.001264920589719054,
  "rpve_csf": 5.030752247279609,
  "rpve_gm": 18.18435528942116,
  "rpve_wm": 5.730205657095192,
  "size_x": 512,
  "size_y": 35,
  "size_z": 512,
  "snr_csf": 10.588149898739077,
  "snr_gm": 2.1021874883311304,
  "snr_total": 6.787315260268712,
  "snr_wm": 7.6716083937359265,
  "snrd_csf": 20.391799314108443,
  "snrd_gm": 28.511118853336523,
  "snrd_total": 20.709266012749925,
  "snrd_wm": 13.224879870804815,
  "spacing_x": 0.390625,
  "spacing_y": 2.0000009536743164,
  "spacing_z": 0.390625,
  "summary_bg_k": 603.553042136242,
  "summary_bg_mad": 0.0,
  "summary_bg_mean": 22.60026320292532,
  "summary_bg_median": 0.0,
  "summary_bg_n": 2906733.0,
  "summary_bg_p05": 0.0,
  "summary_bg_p95": 85.3878524005413,
  "summary_bg_stdv": 51.76379539505883,
  "summary_csf_k": 0.6511680308331247,
  "summary_csf_mad": 141.11530291543093,
  "summary_csf_mean": 1621.1544314201938,
  "summary_csf_median": 1611.201770246029,
  "summary_csf_n": 881895.0,
  "summary_csf_p05": 1390.2585545778275,
  "summary_csf_p95": 1887.9821127355099,
  "summary_csf_stdv": 152.17019707562014,
  "summary_gm_k": -1.4115889187845807,
  "summary_gm_mad": 881.0791205495949,
  "summary_gm_mean": 1762.4403165152255,
  "summary_gm_median": 2252.7274057865143,
  "summary_gm_n": 289732.0,
  "summary_gm_p05": 96.46937449276447,
  "summary_gm_p95": 3097.58608622849,
  "summary_gm_stdv": 1071.6092311852183,
  "summary_wm_k": 0.22459373882749256,
  "summary_wm_mad": 135.25672535757008,
  "summary_wm_mean": 1046.8353344367372,
  "summary_wm_median": 1044.9274010062218,
  "summary_wm_n": 824106.0,
  "summary_wm_p05": 826.7330900430679,
  "summary_wm_p95": 1270.0798770040274,
  "summary_wm_stdv": 136.2070003316262,
  "tpm_overlap_csf": 0.09652946524655621,
  "tpm_overlap_gm": 0.09445963220392663,
  "tpm_overlap_wm": 0.46147358284222967,
  "wm2max": 0.2821357331725194
}