{
  "aor": 0.0009045093457943924,
  "aqi": 0.01492807640186916,
  "bids_meta": {
    "AcquisitionMatrixPE": 100,
    "AcquisitionNumber": 1,
    "AcquisitionTime": "14:46:4.712500",
    "BandwidthPerPixelPhaseEncode": 13.889,
    "BaseResolution": 100,
    "ConversionSoftware": "dcm2niix",
    "ConversionSoftwareVersion": "v1.0.20180404 Clang8.0.0",
    "DerivedVendorReportedEchoSpacing": 0.000719994,
    "DeviceSerialNumber": "35002",
    "DwellTime": 2.8e-06,
    "EchoTime": 0.0436,
    "EffectiveEchoSpacing": 0.000719994,
    "FlipAngle": 55,
    "ImageComments": "Unaliased_MB8_PE3_(remote)",
    "ImageOrientationPatientDICOM": [
      0.99925,
      0.0202425,
      -0.0330102,
      3.8165e-08,
      0.85248,
      0.52276
    ],
    "ImageType": [
      "ORIGINAL",
      "PRIMARY",
      "M",
      "MB",
      "ND",
      "MOSAIC"
    ],
    "InPlanePhaseEncodingDirectionDICOM": "COL",
    "InstitutionAddress": "University_Pkwy_1700_North_685_Provo_UT_US_84601",
    "InstitutionName": "Brigham_Young_University",
    "InstitutionalDepartmentName": "MRI",
    "MRAcquisitionType": "2D",
    "MagneticFieldStrength": 3,
    "Manufacturer": "Siemens",
    "ManufacturersModelName": "TrioTim",
    "Modality": "MR",
    "MultibandAccelerationFactor": 8,
    "PartialFourier": 1,
    "PatientPosition": "HFS",
    "PercentPhaseFOV": 100,
    "PhaseEncodingDirection": "j-",
    "PhaseEncodingSteps": 100,
    "PhaseResolution": 1,
    "PixelBandwidth": 1786,
    "ProcedureStepDescription": "Research_KIRWAN",
    "ProtocolName": "run1",
    "PulseSequenceDetails": "%CustomerSeq%_cmrr_mbep2d_bold",
    "ReceiveCoilName": "32Ch_Head",
    "ReconMatrixPE": 100,
    "RepetitionTime": 0.875,
    "SAR": 0.120612,
    "ScanOptions": "FS",
    "ScanningSequence": "EP",
    "SequenceName": "epfid2d1_100",
    "SequenceVariant": "SK_SS",
    "SeriesDescription": "run1",
    "SeriesNumber": 3,
    "ShimSetting": [
      -2855,
      -22921,
      2393,
      1039,
      0,
      316,
      -165,
      538
    ],
    "SliceThickness": 1.8,
    "SliceTiming": [
      0,
      0.4875,
      0.0975,
      0.585,
      0.195,
      0.6825,
      0.2925,
      0.78,
      0.39,
      0,
      0.4875,
      0.0975,
      0.585,
      0.195,
      0.6825,
      0.2925,
      0.78,
      0.39,
      0,
      0.4875,
      0.0975,
      0.585,
      0.195,
      0.6825,
      0.2925,
      0.78,
      0.39,
      0,
      0.4875,
      0.0975,
      0.585,
      0.195,
      0.6825,
      0.2925,
      0.78,
      0.39,
      0,
      0.4875,
      0.0975,
      0.585,
      0.195,
      0.6825,
      0.2925,
      0.78,
      0.39,
      0,
      0.4875,
      0.0975,
      0.585,
      0.195,
      0.6825,
      0.2925,
      0.78,
      0.39,
      0,
      0.4875,
      0.0975,
      0.585,
      0.195,
      0.6825,
      0.2925,
      0.78,
      0.39,
      0,
      0.4875,
      0.0975,
      0.585,
      0.195,
      0.6825,
      0.2925,
      0.78,
      0.39
    ],
    "SoftwareVersions": "syngo_MR_B17",
    "SpacingBetweenSlices": 1.8,
    "StationName": "MININT-E41B04",
    "TaskName": "MST",
    "TotalReadoutTime": 0.0712794,
    "TxRefAmp": 340.046,
    "dataset": "ds002168",
    "modality": "bold",
    "run_id": 1,
    "subject_id": "1587",
    "task_id": "mst"
  },
  "dummy_trs": 0,
  "dvars_nstd": 67.50374449601884,
  "dvars_std": 1.049535242529273,
  "dvars_vstd": 1.006739074074943,
  "efc": 0.5680889695499007,
  "fber": 364.53424072265625,
  "fd_mean": 0.1433310158134236,
  "fd_num": 54,
  "fd_perc": 12.616822429906541,
  "fwhm_avg": 3.3809574265396187,
  "fwhm_x": 3.220622307539577,
  "fwhm_y": 3.731761209969023,
  "fwhm_z": 3.1904887621102564,
  "gcor": 0.00242123,
  "gsr_x": -0.015558100305497646,
  "gsr_y": 0.09432145953178406,
  "provenance": {
    "md5sum": "1836295f379c222c6b8d95b366b4021f",
    "settings": {
      "fd_thres": 0.2,
      "testing": false
    },
    "software": "mriqc",
    "version": "23.0.1",
    "webapi_port": null,
    "webapi_url": "https://mriqc.nimh.nih.gov/api/v1"
  },
  "size_t": 428,
  "size_x": 100,
  "size_y": 100,
  "size_z": 72,
  "snr": 2.1321329486946774,
  "spacing_tr": 0.875,
  "spacing_x": 1.7999999523162842,
  "spacing_y": 1.7999999523162842,
  "spacing_z": 1.8000000715255737,
  "summary_bg_k": 31.27946306902747,
  "summary_bg_mad": 11.70493734759355,
  "summary_bg_mean": 38.67835235595703,
  "summary_bg_median": 19.65186882019043,
  "summary_bg_n": 441439.0,
  "summary_bg_p05": 10.586215019226078,
  "summary_bg_p95": 131.55864410400386,
  "summary_bg_stdv": 56.756690979003906,
  "summary_fg_k": 3.1616556786094456,
  "summary_fg_mad": 123.82327874419639,
  "summary_fg_mean": 427.0298156738281,
  "summary_fg_median": 377.9287109375,
  "summary_fg_n": 179382.0,
  "summary_fg_p05": 235.46284942626954,
  "summary_fg_p95": 792.5290496826167,
  "summary_fg_stdv": 177.25332641601562,
  "tsnr": 21.62765171995852
}