{
  "aor": 0.0002339906103286385,
  "aqi": 0.013409243661971831,
  "bids_meta": {
    "AcquisitionMatrixPE": 100,
    "AcquisitionNumber": 1,
    "AcquisitionTime": "15:19:34.622500",
    "BandwidthPerPixelPhaseEncode": 13.889,
    "BaseResolution": 100,
    "ConversionSoftware": "dcm2niix",
    "ConversionSoftwareVersion": "v1.0.20180404 Clang8.0.0",
    "DerivedVendorReportedEchoSpacing": 0.000719994,
    "DeviceSerialNumber": "35002",
    "DwellTime": 2.8e-06,
    "EchoTime": 0.0436,
    "EffectiveEchoSpacing": 0.000719994,
    "FlipAngle": 55,
    "ImageComments": "Unaliased_MB8_PE3_(remote)",
    "ImageOrientationPatientDICOM": [
      0.99925,
      0.0202425,
      -0.0330102,
      3.8165e-08,
      0.85248,
      0.52276
    ],
    "ImageType": [
      "ORIGINAL",
      "PRIMARY",
      "M",
      "MB",
      "ND",
      "MOSAIC"
    ],
    "InPlanePhaseEncodingDirectionDICOM": "COL",
    "InstitutionAddress": "University_Pkwy_1700_North_685_Provo_UT_US_84601",
    "InstitutionName": "Brigham_Young_University",
    "InstitutionalDepartmentName": "MRI",
    "MRAcquisitionType": "2D",
    "MagneticFieldStrength": 3,
    "Manufacturer": "Siemens",
    "ManufacturersModelName": "TrioTim",
    "Modality": "MR",
    "MultibandAccelerationFactor": 8,
    "PartialFourier": 1,
    "PatientPosition": "HFS",
    "PercentPhaseFOV": 100,
    "PhaseEncodingDirection": "j-",
    "PhaseEncodingSteps": 100,
    "PhaseResolution": 1,
    "PixelBandwidth": 1786,
    "ProcedureStepDescription": "Research_KIRWAN",
    "ProtocolName": "run6",
    "PulseSequenceDetails": "%CustomerSeq%_cmrr_mbep2d_bold",
    "ReceiveCoilName": "32Ch_Head",
    "ReconMatrixPE": 100,
    "RepetitionTime": 0.875,
    "SAR": 0.126711,
    "ScanOptions": "FS",
    "ScanningSequence": "EP",
    "SequenceName": "epfid2d1_100",
    "SequenceVariant": "SK_SS",
    "SeriesDescription": "run6",
    "SeriesNumber": 8,
    "ShimSetting": [
      -2855,
      -22921,
      2393,
      1039,
      0,
      316,
      -165,
      538
    ],
    "SliceThickness": 1.8,
    "SliceTiming": [
      0,
      0.4875,
      0.0975,
      0.585,
      0.195,
      0.6825,
      0.2925,
      0.78,
      0.39,
      0,
      0.4875,
      0.0975,
      0.585,
      0.195,
      0.6825,
      0.2925,
      0.78,
      0.39,
      0,
      0.4875,
      0.0975,
      0.585,
      0.195,
      0.6825,
      0.2925,
      0.78,
      0.39,
      0,
      0.4875,
      0.0975,
      0.585,
      0.195,
      0.6825,
      0.2925,
      0.78,
      0.39,
      0,
      0.4875,
      0.0975,
      0.585,
      0.195,
      0.6825,
      0.2925,
      0.78,
      0.39,
      0,
      0.4875,
      0.0975,
      0.585,
      0.195,
      0.6825,
      0.2925,
      0.78,
      0.39,
      0,
      0.4875,
      0.0975,
      0.585,
      0.195,
      0.6825,
      0.2925,
      0.78,
      0.39,
      0,
      0.4875,
      0.0975,
      0.585,
      0.195,
      0.6825,
      0.2925,
      0.78,
      0.39
    ],
    "SoftwareVersions": "syngo_MR_B17",
    "SpacingBetweenSlices": 1.8,
    "StationName": "MININT-E41B04",
    "TaskName": "MST",
    "TotalReadoutTime": 0.0712794,
    "TxRefAmp": 340.046,
    "dataset": "ds002168",
    "modality": "bold",
    "run_id": 6,
    "subject_id": "1587",
    "task_id": "mst"
  },
  "dummy_trs": 2,
  "dvars_nstd": 69.49338698461179,
  "dvars_std": 1.0560142550823537,
  "dvars_vstd": 1.0060730935294115,
  "efc": 0.5676708366806003,
  "fber": 345.9170837402344,
  "fd_mean": 0.1236249945457098,
  "fd_num": 36,
  "fd_perc": 8.450704225352112,
  "fwhm_avg": 3.3519963141993028,
  "fwhm_x": 3.189205640040653,
  "fwhm_y": 3.6553667635008162,
  "fwhm_z": 3.2114165390564384,
  "gcor": 0.00297637,
  "gsr_x": -0.015495595522224903,
  "gsr_y": 0.09585706144571304,
  "provenance": {
    "md5sum": "a6ae88e62479d3cd17432a227918a7b1",
    "settings": {
      "fd_thres": 0.2,
      "testing": false
    },
    "software": "mriqc",
    "version": "23.0.1",
    "webapi_port": null,
    "webapi_url": "https://mriqc.nimh.nih.gov/api/v1"
  },
  "size_t": 426,
  "size_x": 100,
  "size_y": 100,
  "size_z": 72,
  "snr": 2.1129773166689456,
  "spacing_tr": 0.875,
  "spacing_x": 1.7999999523162842,
  "spacing_y": 1.7999999523162842,
  "spacing_z": 1.8000000715255737,
  "summary_bg_k": 29.65536456061598,
  "summary_bg_mad": 11.801652279987787,
  "summary_bg_mean": 39.529842376708984,
  "summary_bg_median": 19.971830368041992,
  "summary_bg_n": 444042.0,
  "summary_bg_p05": 11.10798168182373,
  "summary_bg_p95": 135.50211486816386,
  "summary_bg_stdv": 57.7160530090332,
  "summary_fg_k": 3.0261947054144596,
  "summary_fg_mad": 125.26769382059936,
  "summary_fg_mean": 424.91717529296875,
  "summary_fg_median": 375.5939025878906,
  "summary_fg_n": 176960.0,
  "summary_fg_p05": 232.67605590820312,
  "summary_fg_p95": 791.6257415771481,
  "summary_fg_stdv": 177.75526428222656,
  "tsnr": 22.78434094740078
}