{
  "bids_meta": {
    "AcquisitionMatrixPE": 512,
    "AcquisitionNumber": 1,
    "AcquisitionTime": "12:18:8.450000",
    "BaseResolution": 512,
    "ConversionSoftware": "dcm2niix",
    "ConversionSoftwareVersion": "v1.0.20180404 Clang8.0.0",
    "DeviceSerialNumber": "35002",
    "DwellTime": 5e-06,
    "EchoTime": 0.064,
    "EchoTrainLength": 15,
    "FlipAngle": 129,
    "ImageOrientationPatientDICOM": [
      0.999981,
      -0.00610515,
      1.49974e-10,
      0.00321363,
      0.52637,
      -0.85025
    ],
    "ImageType": [
      "ORIGINAL",
      "PRIMARY",
      "M",
      "ND"
    ],
    "InPlanePhaseEncodingDirectionDICOM": "ROW",
    "InstitutionAddress": "University_Pkwy_1700_North_685_Provo_UT_US_84601",
    "InstitutionName": "Brigham_Young_University",
    "InstitutionalDepartmentName": "MRI",
    "MRAcquisitionType": "2D",
    "MagneticFieldStrength": 3,
    "Manufacturer": "Siemens",
    "ManufacturersModelName": "TrioTim",
    "Modality": "MR",
    "PartialFourier": 1,
    "PatientPosition": "HFS",
    "PercentPhaseFOV": 100,
    "PhaseEncodingDirection": "i",
    "PhaseEncodingSteps": 720,
    "PhaseOversampling": 0.4,
    "PhaseResolution": 1,
    "PixelBandwidth": 195,
    "ProcedureStepDescription": "Research_KIRWAN",
    "ProtocolName": "HHR_struct_MODIFIED",
    "PulseSequenceDetails": "%SiemensSeq%_tse",
    "ReceiveCoilName": "32Ch_Head",
    "ReconMatrixPE": 512,
    "RepetitionTime": 6,
    "SAR": 0.680767,
    "ScanningSequence": "SE",
    "SequenceName": "_tse2d1_15",
    "SequenceVariant": "SK_SP_OSP",
    "SeriesDescription": "HHR_struct_MODIFIED",
    "SeriesNumber": 16,
    "ShimSetting": [
      -2907,
      -22871,
      2498,
      1308,
      -203,
      92,
      318,
      544
    ],
    "SliceThickness": 2,
    "SoftwareVersions": "syngo_MR_B17",
    "SpacingBetweenSlices": 2,
    "StationName": "MININT-E41B04",
    "TxRefAmp": 343.02,
    "dataset": "ds002168",
    "modality": "T2w",
    "subject_id": "2259"
  },
  "cjv": 0.7557260963359702,
  "cnr": 1.1300824553178759,
  "efc": 0.6294239874916551,
  "fber": 6791.4503616042075,
  "fwhm_avg": 5.86605155327338,
  "fwhm_x": 6.38069808680863,
  "fwhm_y": 4.250902973011507,
  "fwhm_z": 6.9665536,
  "icvs_csf": 0.4746589205623683,
  "icvs_gm": 0.13225137668839967,
  "icvs_wm": 0.393089702749232,
  "inu_med": 0.9662238359451294,
  "inu_range": 1.7162831664085376,
  "provenance": {
    "md5sum": "5c8ece87d303c9d9a6243b69ac47285b",
    "settings": {
      "testing": false
    },
    "software": "mriqc",
    "version": "23.0.1",
    "warnings": {
      "large_rot_frame": false,
      "small_air_mask": false
    },
    "webapi_port": null,
    "webapi_url": "https://mriqc.nimh.nih.gov/api/v1"
  },
  "qi_1": 0.0,
  "qi_2": 0.0007706792531990599,
  "rpve_csf": 4.986563638457498,
  "rpve_gm": 17.98836352574701,
  "rpve_wm": 6.044383560160381,
  "size_x": 512,
  "size_y": 35,
  "size_z": 512,
  "snr_csf": 11.981117099537858,
  "snr_gm": 2.2109702235491566,
  "snr_total": 7.718054404882813,
  "snr_wm": 8.962075891561422,
  "snrd_csf": 62.979265837859,
  "snrd_gm": 88.1289776386561,
  "snrd_total": 64.60681520382543,
  "snrd_wm": 42.7122021349612,
  "spacing_x": 0.3906249701976776,
  "spacing_y": 2.0000009536743164,
  "spacing_z": 0.390625,
  "summary_bg_k": 255.06125221370564,
  "summary_bg_mad": 15.914045832512132,
  "summary_bg_mean": 20.29394926788751,
  "summary_bg_median": 10.733860798180103,
  "summary_bg_n": 2510415.0,
  "summary_bg_p05": 0.0,
  "summary_bg_p95": 69.73203185200691,
  "summary_bg_stdv": 46.287631649808716,
  "summary_csf_k": 0.5900166716428057,
  "summary_csf_mad": 118.9603142373602,
  "summary_csf_mean": 1539.6072165553433,
  "summary_csf_median": 1529.841607093811,
  "summary_csf_n": 924049.0,
  "summary_csf_p05": 1347.2898468524218,
  "summary_csf_p95": 1764.3878845348954,
  "summary_csf_stdv": 127.68765771933965,
  "summary_gm_k": -1.3385695587700552,
  "summary_gm_mad": 716.5835247561669,
  "summary_gm_mean": 1677.289128946393,
  "summary_gm_median": 2140.7581525221467,
  "summary_gm_n": 284445.0,
  "summary_gm_p05": 109.77466149628162,
  "summary_gm_p95": 2868.909773334861,
  "summary_gm_stdv": 968.2420715907725,
  "summary_wm_k": 0.0013789203396825656,
  "summary_wm_mad": 117.15446506487655,
  "summary_wm_mean": 1036.7367455958854,
  "summary_wm_median": 1037.5304171517491,
  "summary_wm_n": 778406.0,
  "summary_wm_p05": 845.8434562310576,
  "summary_wm_p95": 1224.116891026497,
  "summary_wm_stdv": 115.76890926385906,
  "tpm_overlap_csf": 0.09447649280246946,
  "tpm_overlap_gm": 0.08581040532093782,
  "tpm_overlap_wm": 0.44845101032223506,
  "wm2max": 0.32665843057917254
}