{
  "bids_meta": {
    "AcquisitionMatrixPE": 256,
    "AcquisitionNumber": 1,
    "AcquisitionTime": "15:29:19.017500",
    "BaseResolution": 256,
    "ConversionSoftware": "dcm2niix",
    "ConversionSoftwareVersion": "v1.0.20180404 Clang8.0.0",
    "DeviceSerialNumber": "35002",
    "DwellTime": 1.03e-05,
    "EchoTime": 0.00492,
    "FlipAngle": 25,
    "ImageOrientationPatientDICOM": [
      -0.0645323,
      0.997916,
      2.43011e-08,
      -0.0208987,
      -0.00135144,
      -0.999781
    ],
    "ImageType": [
      "ORIGINAL",
      "PRIMARY",
      "M",
      "ND",
      "NORM"
    ],
    "InPlanePhaseEncodingDirectionDICOM": "ROW",
    "InstitutionAddress": "University_Pkwy_1700_North_685_Provo_UT_US_84601",
    "InstitutionName": "Brigham_Young_University",
    "InstitutionalDepartmentName": "MRI",
    "MRAcquisitionType": "3D",
    "MagneticFieldStrength": 3,
    "Manufacturer": "Siemens",
    "ManufacturersModelName": "TrioTim",
    "Modality": "MR",
    "ParallelReductionFactorInPlane": 2,
    "PartialFourier": 1,
    "PatientPosition": "HFS",
    "PercentPhaseFOV": 100,
    "PhaseEncodingSteps": 255,
    "PhaseResolution": 1,
    "PixelBandwidth": 190,
    "ProcedureStepDescription": "Research_KIRWAN",
    "ProtocolName": "t1_fl3d_sag_no3Daccel_iso_1.0_1avg",
    "PulseSequenceDetails": "%SiemensSeq%_gre",
    "ReceiveCoilName": "32Ch_Head",
    "ReconMatrixPE": 256,
    "RepetitionTime": 0.02,
    "SAR": 0.161081,
    "ScanningSequence": "GR",
    "SequenceName": "_fl3d1_ns",
    "SequenceVariant": "SP",
    "SeriesDescription": "t1_fl3d_sag_no3Daccel_iso_1.0_1avg",
    "SeriesNumber": 9,
    "ShimSetting": [
      -2826,
      -22917,
      1922,
      -109,
      -90,
      -53,
      -300,
      376
    ],
    "SliceThickness": 1,
    "SoftwareVersions": "syngo_MR_B17",
    "StationName": "MININT-E41B04",
    "TxRefAmp": 324.097,
    "dataset": "ds002168",
    "modality": "T1w",
    "subject_id": "1594"
  },
  "cjv": 0.5122582650166916,
  "cnr": 2.691660342183473,
  "efc": 0.535823587657466,
  "fber": 6336.160000000001,
  "fwhm_avg": 3.331804731447857,
  "fwhm_x": 3.3509241943435715,
  "fwhm_y": 3.47811,
  "fwhm_z": 3.16638,
  "icvs_csf": 0.16519431899084283,
  "icvs_gm": 0.4042626620190652,
  "icvs_wm": 0.430543018990092,
  "inu_med": 0.5048733949661255,
  "inu_range": 0.21784374117851257,
  "provenance": {
    "md5sum": "3fbe894cbb0b31041a8e0728c83b9f2d",
    "settings": {
      "testing": false
    },
    "software": "mriqc",
    "version": "23.0.1",
    "warnings": {
      "large_rot_frame": true,
      "small_air_mask": false
    },
    "webapi_port": null,
    "webapi_url": "https://mriqc.nimh.nih.gov/api/v1"
  },
  "qi_1": 0.0002504801105983543,
  "qi_2": 0.015995912475030433,
  "rpve_csf": 37.80036739975688,
  "rpve_gm": 15.240564013662656,
  "rpve_wm": 16.115691528860246,
  "size_x": 192,
  "size_y": 256,
  "size_z": 256,
  "snr_csf": 2.6959679763498228,
  "snr_gm": 16.400197314792706,
  "snr_total": 13.10823511942535,
  "snr_wm": 20.228540067133522,
  "snrd_csf": 46.46018108683606,
  "snrd_gm": 95.10745879511026,
  "snrd_total": 86.30253511778308,
  "snrd_wm": 117.33996547140293,
  "spacing_x": 0.9999987483024597,
  "spacing_y": 1.0,
  "spacing_z": 1.0,
  "summary_bg_k": 16.891628115962313,
  "summary_bg_mad": 5.583445395072505,
  "summary_bg_mean": 5.847192601784961,
  "summary_bg_median": 3.7659766897559166,
  "summary_bg_n": 3288891.0,
  "summary_bg_p05": 0.0,
  "summary_bg_p95": 22.786060981452465,
  "summary_bg_stdv": 8.293457798329012,
  "summary_csf_k": 2.0212083167008945,
  "summary_csf_mad": 105.9162671913754,
  "summary_csf_mean": 381.6949996296248,
  "summary_csf_median": 395.96011478453875,
  "summary_csf_n": 24903.0,
  "summary_csf_p05": 85.70830383524299,
  "summary_csf_p95": 591.1784559376537,
  "summary_csf_stdv": 146.86827444899342,
  "summary_gm_k": 0.2104074757818548,
  "summary_gm_mad": 48.67185228229871,
  "summary_gm_mean": 809.8317146620581,
  "summary_gm_median": 810.5599121749401,
  "summary_gm_n": 22526.0,
  "summary_gm_p05": 727.5372442416847,
  "summary_gm_p95": 888.542257770896,
  "summary_gm_stdv": 49.422693200893654,
  "summary_wm_k": 0.3191013124029616,
  "summary_wm_mad": 48.389860090628375,
  "summary_wm_mean": 1006.0524280615248,
  "summary_wm_median": 1000.0379918888211,
  "summary_wm_n": 175479.0,
  "summary_wm_p05": 935.1414642855525,
  "summary_wm_p95": 1095.3286141902208,
  "summary_wm_stdv": 49.43684216032616,
  "tpm_overlap_csf": 0.16057513488013175,
  "tpm_overlap_gm": 0.4476056073224442,
  "tpm_overlap_wm": 0.47997021942281676,
  "wm2max": 0.5830715751021118
}