{
  "bids_meta": {
    "AcquisitionMatrixPE": 512,
    "AcquisitionNumber": 1,
    "AcquisitionTime": "18:11:40.112500",
    "BaseResolution": 512,
    "ConversionSoftware": "dcm2niix",
    "ConversionSoftwareVersion": "v1.0.20180404 Clang8.0.0",
    "DeviceSerialNumber": "35002",
    "DwellTime": 5e-06,
    "EchoTime": 0.064,
    "EchoTrainLength": 15,
    "FlipAngle": 129,
    "ImageOrientationPatientDICOM": [
      0.993872,
      0.110535,
      -4.2166e-10,
      -0.0598022,
      0.537709,
      -0.841007
    ],
    "ImageType": [
      "ORIGINAL",
      "PRIMARY",
      "M",
      "ND"
    ],
    "InPlanePhaseEncodingDirectionDICOM": "ROW",
    "InstitutionAddress": "University_Pkwy_1700_North_685_Provo_UT_US_84601",
    "InstitutionName": "Brigham_Young_University",
    "InstitutionalDepartmentName": "MRI",
    "MRAcquisitionType": "2D",
    "MagneticFieldStrength": 3,
    "Manufacturer": "Siemens",
    "ManufacturersModelName": "TrioTim",
    "Modality": "MR",
    "PartialFourier": 1,
    "PatientPosition": "HFS",
    "PercentPhaseFOV": 100,
    "PhaseEncodingDirection": "i",
    "PhaseEncodingSteps": 720,
    "PhaseOversampling": 0.4,
    "PhaseResolution": 1,
    "PixelBandwidth": 195,
    "ProcedureStepDescription": "Research_KIRWAN",
    "ProtocolName": "HHR_struct_MODIFIED",
    "PulseSequenceDetails": "%SiemensSeq%_tse",
    "ReceiveCoilName": "32Ch_Head",
    "ReconMatrixPE": 512,
    "RepetitionTime": 6,
    "SAR": 0.855753,
    "ScanningSequence": "SE",
    "SequenceName": "_tse2d1_15",
    "SequenceVariant": "SK_SP_OSP",
    "SeriesDescription": "HHR_struct_MODIFIED",
    "SeriesNumber": 16,
    "ShimSetting": [
      -2816,
      -22917,
      2414,
      862,
      25,
      -314,
      119,
      255
    ],
    "SliceThickness": 2,
    "SoftwareVersions": "syngo_MR_B17",
    "SpacingBetweenSlices": 2,
    "StationName": "MININT-E41B04",
    "TxRefAmp": 329.816,
    "dataset": "ds002168",
    "modality": "T2w",
    "subject_id": "2560"
  },
  "cjv": 1.7803178710307284,
  "cnr": 0.7654507293901072,
  "efc": 0.6273129926372729,
  "fber": 4754.822900423257,
  "fwhm_avg": 5.141419105595125,
  "fwhm_x": 5.8623487999999995,
  "fwhm_y": 3.573146916785374,
  "fwhm_z": 5.9887616,
  "icvs_csf": 0.4628697112341399,
  "icvs_gm": 0.3469734073796223,
  "icvs_wm": 0.19015688138623782,
  "inu_med": 1.0195480585098267,
  "inu_range": 1.3809073090553279,
  "provenance": {
    "md5sum": "4f8147ac9d1a7c8dc62b0fc7f54fe7fa",
    "settings": {
      "testing": false
    },
    "software": "mriqc",
    "version": "23.0.1",
    "warnings": {
      "large_rot_frame": false,
      "small_air_mask": false
    },
    "webapi_port": null,
    "webapi_url": "https://mriqc.nimh.nih.gov/api/v1"
  },
  "qi_1": 0.0,
  "qi_2": 0.0007463506363426992,
  "rpve_csf": 3.862348059007319,
  "rpve_gm": 5.434967497207637,
  "rpve_wm": 12.874949511039304,
  "size_x": 512,
  "size_y": 35,
  "size_z": 512,
  "snr_csf": 4.24906662009124,
  "snr_gm": 14.747930269119037,
  "snr_total": 7.003652397810524,
  "snr_wm": 2.0139603042212966,
  "snrd_csf": 56.487903314584095,
  "snrd_gm": 44.0288021835589,
  "snrd_total": 57.2487390903187,
  "snrd_wm": 71.2295117728131,
  "spacing_x": 0.390625,
  "spacing_y": 1.999998927116394,
  "spacing_z": 0.390625,
  "summary_bg_k": 294.3161306560477,
  "summary_bg_mad": 7.2136858842055664,
  "summary_bg_mean": 9.60901413483098,
  "summary_bg_median": 4.865557190030813,
  "summary_bg_n": 2620775.0,
  "summary_bg_p05": 0.0,
  "summary_bg_p95": 34.351565424352884,
  "summary_bg_stdv": 19.003751744344928,
  "summary_csf_k": -1.4313597123889112,
  "summary_csf_mad": 205.5629285799932,
  "summary_csf_mean": 586.3912391982842,
  "summary_csf_median": 621.9864913150668,
  "summary_csf_n": 681175.0,
  "summary_csf_p05": 390.96398263052106,
  "summary_csf_p95": 793.1589882485569,
  "summary_csf_stdv": 146.38180343414663,
  "summary_gm_k": 0.44181435925095025,
  "summary_gm_mad": 35.68876174291175,
  "summary_gm_mean": 483.7789277474511,
  "summary_gm_median": 484.79972843825817,
  "summary_gm_n": 213433.0,
  "summary_gm_p05": 432.3029271773994,
  "summary_gm_p95": 534.9186258092523,
  "summary_gm_stdv": 32.87231386856274,
  "summary_wm_k": -1.4053408965855443,
  "summary_wm_mad": 497.5273730512606,
  "summary_wm_mean": 639.9478670987404,
  "summary_wm_median": 784.3058691509068,
  "summary_wm_n": 356430.0,
  "summary_wm_p05": 42.36327237635851,
  "summary_wm_p95": 1189.5006919838488,
  "summary_wm_stdv": 389.43407537971524,
  "tpm_overlap_csf": 0.0990340553980754,
  "tpm_overlap_gm": 0.3540641637248746,
  "tpm_overlap_wm": 0.12924379890636242,
  "wm2max": 0.5306683168316831
}