{
  "bids_meta": {
    "AcquisitionMatrixPE": 512,
    "AcquisitionNumber": 1,
    "AcquisitionTime": "13:27:52.272500",
    "BaseResolution": 512,
    "ConversionSoftware": "dcm2niix",
    "ConversionSoftwareVersion": "v1.0.20180404 Clang8.0.0",
    "DeviceSerialNumber": "35002",
    "DwellTime": 5e-06,
    "EchoTime": 0.064,
    "EchoTrainLength": 15,
    "FlipAngle": 129,
    "ImageOrientationPatientDICOM": [
      0.999952,
      0.00982608,
      3.98761e-10,
      -0.00496692,
      0.505459,
      -0.862836
    ],
    "ImageType": [
      "ORIGINAL",
      "PRIMARY",
      "M",
      "ND"
    ],
    "InPlanePhaseEncodingDirectionDICOM": "ROW",
    "InstitutionAddress": "University_Pkwy_1700_North_685_Provo_UT_US_84601",
    "InstitutionName": "Brigham_Young_University",
    "InstitutionalDepartmentName": "MRI",
    "MRAcquisitionType": "2D",
    "MagneticFieldStrength": 3,
    "Manufacturer": "Siemens",
    "ManufacturersModelName": "TrioTim",
    "Modality": "MR",
    "PartialFourier": 1,
    "PatientPosition": "HFS",
    "PercentPhaseFOV": 100,
    "PhaseEncodingDirection": "i",
    "PhaseEncodingSteps": 720,
    "PhaseOversampling": 0.4,
    "PhaseResolution": 1,
    "PixelBandwidth": 195,
    "ProcedureStepDescription": "Research_KIRWAN",
    "ProtocolName": "HHR_struct_MODIFIED",
    "PulseSequenceDetails": "%SiemensSeq%_tse",
    "ReceiveCoilName": "32Ch_Head",
    "ReconMatrixPE": 512,
    "RepetitionTime": 6,
    "SAR": 0.960108,
    "ScanningSequence": "SE",
    "SequenceName": "_tse2d1_15",
    "SequenceVariant": "SK_SP_OSP",
    "SeriesDescription": "HHR_struct_MODIFIED",
    "SeriesNumber": 16,
    "ShimSetting": [
      -2855,
      -22946,
      2448,
      762,
      -156,
      -539,
      284,
      444
    ],
    "SliceThickness": 2,
    "SoftwareVersions": "syngo_MR_B17",
    "SpacingBetweenSlices": 2,
    "StationName": "MININT-E41B04",
    "TxRefAmp": 337.171,
    "dataset": "ds002168",
    "modality": "T2w",
    "subject_id": "1963"
  },
  "cjv": 0.5565906704709349,
  "cnr": 1.2754061104818974,
  "efc": 0.6605688411202018,
  "fber": 1319.2272364004475,
  "fwhm_avg": 5.122119239535313,
  "fwhm_x": 5.5507968000000005,
  "fwhm_y": 3.7506137186059374,
  "fwhm_z": 6.064947200000001,
  "icvs_csf": 0.37843423473334675,
  "icvs_gm": 0.13442473409907058,
  "icvs_wm": 0.48714103116758267,
  "inu_med": 1.0043487548828125,
  "inu_range": 1.4020219296216965,
  "provenance": {
    "md5sum": "efead078b0bd6c27024a12049a2daafb",
    "settings": {
      "testing": false
    },
    "software": "mriqc",
    "version": "23.0.1",
    "warnings": {
      "large_rot_frame": false,
      "small_air_mask": false
    },
    "webapi_port": null,
    "webapi_url": "https://mriqc.nimh.nih.gov/api/v1"
  },
  "qi_1": 0.0,
  "qi_2": 0.0008060730934865199,
  "rpve_csf": 5.647664347669299,
  "rpve_gm": 18.077903775368824,
  "rpve_wm": 4.995118501561107,
  "size_x": 512,
  "size_y": 35,
  "size_z": 512,
  "snr_csf": 9.638524671061749,
  "snr_gm": 2.2367863041380205,
  "snr_total": 6.55812142858931,
  "snr_wm": 7.79905331056816,
  "snrd_csf": 47.592543667391915,
  "snrd_gm": 70.3760201537873,
  "snrd_total": 49.28466015223618,
  "snrd_wm": 29.88541663552932,
  "spacing_x": 0.390625,
  "spacing_y": 1.9999953508377075,
  "spacing_z": 0.390625,
  "summary_bg_k": 280.8105114339751,
  "summary_bg_mad": 22.689186689813493,
  "summary_bg_mean": 28.444502378133198,
  "summary_bg_median": 15.303623862564564,
  "summary_bg_n": 2094477.0,
  "summary_bg_p05": 0.0,
  "summary_bg_p95": 98.80019565671682,
  "summary_bg_stdv": 62.76916526203836,
  "summary_csf_k": 0.748340194567608,
  "summary_csf_mad": 159.36884730924996,
  "summary_csf_mean": 1661.8380261733796,
  "summary_csf_median": 1648.2615044936538,
  "summary_csf_n": 770099.0,
  "summary_csf_p05": 1407.6885373741388,
  "summary_csf_p95": 1964.495587989688,
  "summary_csf_stdv": 171.0075442645159,
  "summary_gm_k": -1.3246682414260558,
  "summary_gm_mad": 648.7292258351473,
  "summary_gm_mean": 1878.5100220954178,
  "summary_gm_median": 2437.3163508474827,
  "summary_gm_n": 326988.0,
  "summary_gm_p05": 111.04309474676847,
  "summary_gm_p95": 3093.046026110649,
  "summary_gm_stdv": 1089.6492970363163,
  "summary_wm_k": 0.09596373703977257,
  "summary_wm_mad": 131.77879629443675,
  "summary_wm_mean": 1038.090835817672,
  "summary_wm_median": 1035.0146890729666,
  "summary_wm_n": 1107023.0,
  "summary_wm_p05": 825.1713986694813,
  "summary_wm_p95": 1259.794316366315,
  "summary_wm_stdv": 132.71023807386484,
  "tpm_overlap_csf": 0.10157937143849265,
  "tpm_overlap_gm": 0.10943059883062219,
  "tpm_overlap_wm": 0.4470006013070601,
  "wm2max": 0.2468032930460676
}