{
  "aor": 0.0011730140186915889,
  "aqi": 0.021919954672897198,
  "bids_meta": {
    "AcquisitionMatrixPE": 100,
    "AcquisitionNumber": 1,
    "AcquisitionTime": "14:37:13.577500",
    "BandwidthPerPixelPhaseEncode": 13.889,
    "BaseResolution": 100,
    "ConversionSoftware": "dcm2niix",
    "ConversionSoftwareVersion": "v1.0.20180404 Clang8.0.0",
    "DerivedVendorReportedEchoSpacing": 0.000719994,
    "DeviceSerialNumber": "35002",
    "DwellTime": 2.8e-06,
    "EchoTime": 0.0436,
    "EffectiveEchoSpacing": 0.000719994,
    "FlipAngle": 55,
    "ImageComments": "Unaliased_MB8_PE3_(remote)",
    "ImageOrientationPatientDICOM": [
      0.999316,
      0.0193844,
      -0.031491,
      -4.05291e-08,
      0.851595,
      0.524201
    ],
    "ImageType": [
      "ORIGINAL",
      "PRIMARY",
      "M",
      "MB",
      "ND",
      "MOSAIC"
    ],
    "InPlanePhaseEncodingDirectionDICOM": "COL",
    "InstitutionAddress": "University_Pkwy_1700_North_685_Provo_UT_US_84601",
    "InstitutionName": "Brigham_Young_University",
    "InstitutionalDepartmentName": "MRI",
    "MRAcquisitionType": "2D",
    "MagneticFieldStrength": 3,
    "Manufacturer": "Siemens",
    "ManufacturersModelName": "TrioTim",
    "Modality": "MR",
    "MultibandAccelerationFactor": 8,
    "PartialFourier": 1,
    "PatientPosition": "HFS",
    "PercentPhaseFOV": 100,
    "PhaseEncodingDirection": "j-",
    "PhaseEncodingSteps": 100,
    "PhaseResolution": 1,
    "PixelBandwidth": 1786,
    "ProcedureStepDescription": "Research_KIRWAN",
    "ProtocolName": "run6",
    "PulseSequenceDetails": "%CustomerSeq%_cmrr_mbep2d_bold",
    "ReceiveCoilName": "32Ch_Head",
    "ReconMatrixPE": 100,
    "RepetitionTime": 0.875,
    "SAR": 0.131313,
    "ScanOptions": "FS",
    "ScanningSequence": "EP",
    "SequenceName": "epfid2d1_100",
    "SequenceVariant": "SK_SS",
    "SeriesDescription": "run6",
    "SeriesNumber": 8,
    "ShimSetting": [
      -2690,
      -22963,
      2504,
      1427,
      -41,
      568,
      206,
      -72
    ],
    "SliceThickness": 1.8,
    "SliceTiming": [
      0,
      0.4875,
      0.0975,
      0.585,
      0.195,
      0.6825,
      0.2925,
      0.78,
      0.39,
      0,
      0.4875,
      0.0975,
      0.585,
      0.195,
      0.6825,
      0.2925,
      0.78,
      0.39,
      0,
      0.4875,
      0.0975,
      0.585,
      0.195,
      0.6825,
      0.2925,
      0.78,
      0.39,
      0,
      0.4875,
      0.0975,
      0.585,
      0.195,
      0.6825,
      0.2925,
      0.78,
      0.39,
      0,
      0.4875,
      0.0975,
      0.585,
      0.195,
      0.6825,
      0.2925,
      0.78,
      0.39,
      0,
      0.4875,
      0.0975,
      0.585,
      0.195,
      0.6825,
      0.2925,
      0.78,
      0.39,
      0,
      0.4875,
      0.0975,
      0.585,
      0.195,
      0.6825,
      0.2925,
      0.78,
      0.39,
      0,
      0.4875,
      0.0975,
      0.585,
      0.195,
      0.6825,
      0.2925,
      0.78,
      0.39
    ],
    "SoftwareVersions": "syngo_MR_B17",
    "SpacingBetweenSlices": 1.8,
    "StationName": "MININT-E41B04",
    "TaskName": "MST",
    "TotalReadoutTime": 0.0712794,
    "TxRefAmp": 339.194,
    "dataset": "ds002168",
    "modality": "bold",
    "run_id": 6,
    "subject_id": "1539",
    "task_id": "mst"
  },
  "dummy_trs": 0,
  "dvars_nstd": 67.27617512152226,
  "dvars_std": 1.042619947587821,
  "dvars_vstd": 1.0031709035362995,
  "efc": 0.5811682937014797,
  "fber": 470.83123779296875,
  "fd_mean": 0.1393346427102382,
  "fd_num": 63,
  "fd_perc": 14.719626168224298,
  "fwhm_avg": 2.9097629792854156,
  "fwhm_x": 2.7609278509173882,
  "fwhm_y": 3.2160278629734216,
  "fwhm_z": 2.7523332239654374,
  "gcor": 0.00422182,
  "gsr_x": -0.017453376203775406,
  "gsr_y": 0.0819486603140831,
  "provenance": {
    "md5sum": "2f4b0001ff19ddf71e1b90e4a0a1c38c",
    "settings": {
      "fd_thres": 0.2,
      "testing": false
    },
    "software": "mriqc",
    "version": "23.0.1",
    "webapi_port": null,
    "webapi_url": "https://mriqc.nimh.nih.gov/api/v1"
  },
  "size_t": 428,
  "size_x": 100,
  "size_y": 100,
  "size_z": 72,
  "snr": 2.5174650884412726,
  "spacing_tr": 0.875,
  "spacing_x": 1.7999999523162842,
  "spacing_y": 1.7999999523162842,
  "spacing_z": 1.8000000715255737,
  "summary_bg_k": 27.362593419694957,
  "summary_bg_mad": 7.575819699299731,
  "summary_bg_mean": 27.71956443786621,
  "summary_bg_median": 15.60513973236084,
  "summary_bg_n": 420759.0,
  "summary_bg_p05": 9.780373573303223,
  "summary_bg_p95": 84.10747528076172,
  "summary_bg_stdv": 34.529441833496094,
  "summary_fg_k": 3.585451454963425,
  "summary_fg_mad": 99.62186071865628,
  "summary_fg_mean": 369.763671875,
  "summary_fg_median": 340.56072998046875,
  "summary_fg_n": 197984.0,
  "summary_fg_p05": 207.11353988647463,
  "summary_fg_p95": 635.5512573242183,
  "summary_fg_stdv": 135.2788848876953,
  "tsnr": 18.918877467513084
}