{
  "aor": 0.00060192037470726,
  "aqi": 0.021186645667447306,
  "bids_meta": {
    "AcquisitionMatrixPE": 100,
    "AcquisitionNumber": 1,
    "AcquisitionTime": "14:17:4.030000",
    "BandwidthPerPixelPhaseEncode": 13.889,
    "BaseResolution": 100,
    "ConversionSoftware": "dcm2niix",
    "ConversionSoftwareVersion": "v1.0.20180404 Clang8.0.0",
    "DerivedVendorReportedEchoSpacing": 0.000719994,
    "DeviceSerialNumber": "35002",
    "DwellTime": 2.8e-06,
    "EchoTime": 0.0436,
    "EffectiveEchoSpacing": 0.000719994,
    "FlipAngle": 55,
    "ImageComments": "Unaliased_MB8_PE3_(remote)",
    "ImageOrientationPatientDICOM": [
      0.999316,
      0.0193844,
      -0.031491,
      -4.05291e-08,
      0.851595,
      0.524201
    ],
    "ImageType": [
      "ORIGINAL",
      "PRIMARY",
      "M",
      "MB",
      "ND",
      "MOSAIC"
    ],
    "InPlanePhaseEncodingDirectionDICOM": "COL",
    "InstitutionAddress": "University_Pkwy_1700_North_685_Provo_UT_US_84601",
    "InstitutionName": "Brigham_Young_University",
    "InstitutionalDepartmentName": "MRI",
    "MRAcquisitionType": "2D",
    "MagneticFieldStrength": 3,
    "Manufacturer": "Siemens",
    "ManufacturersModelName": "TrioTim",
    "Modality": "MR",
    "MultibandAccelerationFactor": 8,
    "PartialFourier": 1,
    "PatientPosition": "HFS",
    "PercentPhaseFOV": 100,
    "PhaseEncodingDirection": "j-",
    "PhaseEncodingSteps": 100,
    "PhaseResolution": 1,
    "PixelBandwidth": 1786,
    "ProcedureStepDescription": "Research_KIRWAN",
    "ProtocolName": "run3",
    "PulseSequenceDetails": "%CustomerSeq%_cmrr_mbep2d_bold",
    "ReceiveCoilName": "32Ch_Head",
    "ReconMatrixPE": 100,
    "RepetitionTime": 0.875,
    "SAR": 0.128318,
    "ScanOptions": "FS",
    "ScanningSequence": "EP",
    "SequenceName": "epfid2d1_100",
    "SequenceVariant": "SK_SS",
    "SeriesDescription": "run3",
    "SeriesNumber": 5,
    "ShimSetting": [
      -2690,
      -22963,
      2504,
      1427,
      -41,
      568,
      206,
      -72
    ],
    "SliceThickness": 1.8,
    "SliceTiming": [
      0,
      0.4875,
      0.0975,
      0.585,
      0.195,
      0.6825,
      0.2925,
      0.78,
      0.39,
      0,
      0.4875,
      0.0975,
      0.585,
      0.195,
      0.6825,
      0.2925,
      0.78,
      0.39,
      0,
      0.4875,
      0.0975,
      0.585,
      0.195,
      0.6825,
      0.2925,
      0.78,
      0.39,
      0,
      0.4875,
      0.0975,
      0.585,
      0.195,
      0.6825,
      0.2925,
      0.78,
      0.39,
      0,
      0.4875,
      0.0975,
      0.585,
      0.195,
      0.6825,
      0.2925,
      0.78,
      0.39,
      0,
      0.4875,
      0.0975,
      0.585,
      0.195,
      0.6825,
      0.2925,
      0.78,
      0.39,
      0,
      0.4875,
      0.0975,
      0.585,
      0.195,
      0.6825,
      0.2925,
      0.78,
      0.39,
      0,
      0.4875,
      0.0975,
      0.585,
      0.195,
      0.6825,
      0.2925,
      0.78,
      0.39
    ],
    "SoftwareVersions": "syngo_MR_B17",
    "SpacingBetweenSlices": 1.8,
    "StationName": "MININT-E41B04",
    "TaskName": "MST",
    "TotalReadoutTime": 0.0712794,
    "TxRefAmp": 339.194,
    "dataset": "ds002168",
    "modality": "bold",
    "run_id": 3,
    "subject_id": "1539",
    "task_id": "mst"
  },
  "dummy_trs": 1,
  "dvars_nstd": 69.17025316260568,
  "dvars_std": 1.0460056705868537,
  "dvars_vstd": 1.0030368082394356,
  "efc": 0.582183673907971,
  "fber": 457.60418701171875,
  "fd_mean": 0.14994419828202155,
  "fd_num": 86,
  "fd_perc": 20.140515222482435,
  "fwhm_avg": 2.939483350636761,
  "fwhm_x": 2.8051000743097747,
  "fwhm_y": 3.2697889755087157,
  "fwhm_z": 2.7435610020917918,
  "gcor": 0.0107634,
  "gsr_x": -0.01812470145523548,
  "gsr_y": 0.08185997605323792,
  "provenance": {
    "md5sum": "c661538f900d4ba67216d42466a2f131",
    "settings": {
      "fd_thres": 0.2,
      "testing": false
    },
    "software": "mriqc",
    "version": "23.0.1",
    "webapi_port": null,
    "webapi_url": "https://mriqc.nimh.nih.gov/api/v1"
  },
  "size_t": 427,
  "size_x": 100,
  "size_y": 100,
  "size_z": 72,
  "snr": 2.4609109832298817,
  "spacing_tr": 0.875,
  "spacing_x": 1.7999999523162842,
  "spacing_y": 1.7999999523162842,
  "spacing_z": 1.8000000715255737,
  "summary_bg_k": 26.432295515161393,
  "summary_bg_mad": 7.760224514916071,
  "summary_bg_mean": 28.072998046875,
  "summary_bg_median": 15.84074878692627,
  "summary_bg_n": 418822.0,
  "summary_bg_p05": 9.941452026367188,
  "summary_bg_p95": 85.48687973022439,
  "summary_bg_stdv": 35.02888870239258,
  "summary_fg_k": 3.8715477822733826,
  "summary_fg_mad": 102.91063784138656,
  "summary_fg_mean": 371.7991943359375,
  "summary_fg_median": 341.4472961425781,
  "summary_fg_n": 199937.0,
  "summary_fg_p05": 209.22996215820314,
  "summary_fg_p95": 644.9442382812496,
  "summary_fg_stdv": 138.74798583984375,
  "tsnr": 18.9935212302953
}