{
  "aor": 0.0003573239436619719,
  "aqi": 0.011951446948356807,
  "bids_meta": {
    "AcquisitionMatrixPE": 100,
    "AcquisitionNumber": 1,
    "AcquisitionTime": "22:53:0.102500",
    "BandwidthPerPixelPhaseEncode": 13.889,
    "BaseResolution": 100,
    "ConversionSoftware": "dcm2niix",
    "ConversionSoftwareVersion": "v1.0.20180404 Clang8.0.0",
    "DerivedVendorReportedEchoSpacing": 0.000719994,
    "DeviceSerialNumber": "35002",
    "DwellTime": 2.8e-06,
    "EchoTime": 0.0436,
    "EffectiveEchoSpacing": 0.000719994,
    "FlipAngle": 55,
    "ImageComments": "Unaliased_MB8_PE3_(remote)",
    "ImageOrientationPatientDICOM": [
      0.998555,
      -0.0255916,
      0.0472521,
      -6.90138e-09,
      0.879317,
      0.476236
    ],
    "ImageType": [
      "ORIGINAL",
      "PRIMARY",
      "M",
      "MB",
      "ND",
      "MOSAIC"
    ],
    "InPlanePhaseEncodingDirectionDICOM": "COL",
    "InstitutionAddress": "University_Pkwy_1700_North_685_Provo_UT_US_84601",
    "InstitutionName": "Brigham_Young_University",
    "InstitutionalDepartmentName": "MRI",
    "MRAcquisitionType": "2D",
    "MagneticFieldStrength": 3,
    "Manufacturer": "Siemens",
    "ManufacturersModelName": "TrioTim",
    "Modality": "MR",
    "MultibandAccelerationFactor": 8,
    "PartialFourier": 1,
    "PatientPosition": "HFS",
    "PercentPhaseFOV": 100,
    "PhaseEncodingDirection": "j-",
    "PhaseEncodingSteps": 100,
    "PhaseResolution": 1,
    "PixelBandwidth": 1786,
    "ProcedureStepDescription": "Research_KIRWAN",
    "ProtocolName": "run2",
    "PulseSequenceDetails": "%CustomerSeq%_cmrr_mbep2d_bold",
    "ReceiveCoilName": "32Ch_Head",
    "ReconMatrixPE": 100,
    "RepetitionTime": 0.875,
    "SAR": 0.108159,
    "ScanOptions": "FS",
    "ScanningSequence": "EP",
    "SequenceName": "epfid2d1_100",
    "SequenceVariant": "SK_SS",
    "SeriesDescription": "run2",
    "SeriesNumber": 4,
    "ShimSetting": [
      -2701,
      -22871,
      2206,
      869,
      -158,
      694,
      347,
      10
    ],
    "SliceThickness": 1.8,
    "SliceTiming": [
      0,
      0.49,
      0.0975,
      0.5875,
      0.1975,
      0.685,
      0.295,
      0.7825,
      0.3925,
      0,
      0.49,
      0.0975,
      0.5875,
      0.1975,
      0.685,
      0.295,
      0.7825,
      0.3925,
      0,
      0.49,
      0.0975,
      0.5875,
      0.1975,
      0.685,
      0.295,
      0.7825,
      0.3925,
      0,
      0.49,
      0.0975,
      0.5875,
      0.1975,
      0.685,
      0.295,
      0.7825,
      0.3925,
      0,
      0.49,
      0.0975,
      0.5875,
      0.1975,
      0.685,
      0.295,
      0.7825,
      0.3925,
      0,
      0.49,
      0.0975,
      0.5875,
      0.1975,
      0.685,
      0.295,
      0.7825,
      0.3925,
      0,
      0.49,
      0.0975,
      0.5875,
      0.1975,
      0.685,
      0.295,
      0.7825,
      0.3925,
      0,
      0.49,
      0.0975,
      0.5875,
      0.1975,
      0.685,
      0.295,
      0.7825,
      0.3925
    ],
    "SoftwareVersions": "syngo_MR_B17",
    "SpacingBetweenSlices": 1.8,
    "StationName": "MININT-E41B04",
    "TaskName": "MST",
    "TotalReadoutTime": 0.0712794,
    "TxRefAmp": 320.917,
    "dataset": "ds002168",
    "modality": "bold",
    "run_id": 2,
    "subject_id": "1545",
    "task_id": "mst"
  },
  "dummy_trs": 2,
  "dvars_nstd": 73.05788647842346,
  "dvars_std": 1.0709238402117658,
  "dvars_vstd": 1.0079997028000005,
  "efc": 0.5605566045757867,
  "fber": 273.3300476074219,
  "fd_mean": 0.08218209493693521,
  "fd_num": 0,
  "fd_perc": 0.0,
  "fwhm_avg": 3.636896392641148,
  "fwhm_x": 3.4613667583615717,
  "fwhm_y": 4.000666772648143,
  "fwhm_z": 3.448655646913731,
  "gcor": 0.00358367,
  "gsr_x": -0.0036576043348759413,
  "gsr_y": 0.08263746649026871,
  "provenance": {
    "md5sum": "db2d5fd3a2f4b675d298ccbd7907b106",
    "settings": {
      "fd_thres": 0.2,
      "testing": false
    },
    "software": "mriqc",
    "version": "23.0.1",
    "webapi_port": null,
    "webapi_url": "https://mriqc.nimh.nih.gov/api/v1"
  },
  "size_t": 426,
  "size_x": 100,
  "size_y": 100,
  "size_z": 72,
  "snr": 1.7662569519041051,
  "spacing_tr": 0.875,
  "spacing_x": 1.7999999523162842,
  "spacing_y": 1.7999999523162842,
  "spacing_z": 1.7999999523162842,
  "summary_bg_k": 20.1097372038171,
  "summary_bg_mad": 13.43390799677419,
  "summary_bg_mean": 38.833984375,
  "summary_bg_median": 21.476526260375977,
  "summary_bg_n": 437276.0,
  "summary_bg_p05": 11.267605781555176,
  "summary_bg_p95": 135.0140838623047,
  "summary_bg_stdv": 49.75613784790039,
  "summary_fg_k": 4.446221933168237,
  "summary_fg_mad": 135.52585060420338,
  "summary_fg_mean": 425.47119140625,
  "summary_fg_median": 364.518798828125,
  "summary_fg_n": 182579.0,
  "summary_fg_p05": 214.03498229980468,
  "summary_fg_p95": 846.3859191894533,
  "summary_fg_stdv": 206.37869262695312,
  "tsnr": 21.967306872829795
}