{
  "aor": 0.00043868852459016396,
  "aqi": 0.012199692271662763,
  "bids_meta": {
    "AcquisitionMatrixPE": 100,
    "AcquisitionNumber": 1,
    "AcquisitionTime": "22:59:43.387500",
    "BandwidthPerPixelPhaseEncode": 13.889,
    "BaseResolution": 100,
    "ConversionSoftware": "dcm2niix",
    "ConversionSoftwareVersion": "v1.0.20180404 Clang8.0.0",
    "DerivedVendorReportedEchoSpacing": 0.000719994,
    "DeviceSerialNumber": "35002",
    "DwellTime": 2.8e-06,
    "EchoTime": 0.0436,
    "EffectiveEchoSpacing": 0.000719994,
    "FlipAngle": 55,
    "ImageComments": "Unaliased_MB8_PE3_(remote)",
    "ImageOrientationPatientDICOM": [
      0.998555,
      -0.0255916,
      0.0472521,
      -6.90138e-09,
      0.879317,
      0.476236
    ],
    "ImageType": [
      "ORIGINAL",
      "PRIMARY",
      "M",
      "MB",
      "ND",
      "MOSAIC"
    ],
    "InPlanePhaseEncodingDirectionDICOM": "COL",
    "InstitutionAddress": "University_Pkwy_1700_North_685_Provo_UT_US_84601",
    "InstitutionName": "Brigham_Young_University",
    "InstitutionalDepartmentName": "MRI",
    "MRAcquisitionType": "2D",
    "MagneticFieldStrength": 3,
    "Manufacturer": "Siemens",
    "ManufacturersModelName": "TrioTim",
    "Modality": "MR",
    "MultibandAccelerationFactor": 8,
    "PartialFourier": 1,
    "PatientPosition": "HFS",
    "PercentPhaseFOV": 100,
    "PhaseEncodingDirection": "j-",
    "PhaseEncodingSteps": 100,
    "PhaseResolution": 1,
    "PixelBandwidth": 1786,
    "ProcedureStepDescription": "Research_KIRWAN",
    "ProtocolName": "run3",
    "PulseSequenceDetails": "%CustomerSeq%_cmrr_mbep2d_bold",
    "ReceiveCoilName": "32Ch_Head",
    "ReconMatrixPE": 100,
    "RepetitionTime": 0.875,
    "SAR": 0.107941,
    "ScanOptions": "FS",
    "ScanningSequence": "EP",
    "SequenceName": "epfid2d1_100",
    "SequenceVariant": "SK_SS",
    "SeriesDescription": "run3",
    "SeriesNumber": 5,
    "ShimSetting": [
      -2701,
      -22871,
      2206,
      869,
      -158,
      694,
      347,
      10
    ],
    "SliceThickness": 1.8,
    "SliceTiming": [
      0,
      0.4875,
      0.0975,
      0.585,
      0.195,
      0.6825,
      0.2925,
      0.78,
      0.39,
      0,
      0.4875,
      0.0975,
      0.585,
      0.195,
      0.6825,
      0.2925,
      0.78,
      0.39,
      0,
      0.4875,
      0.0975,
      0.585,
      0.195,
      0.6825,
      0.2925,
      0.78,
      0.39,
      0,
      0.4875,
      0.0975,
      0.585,
      0.195,
      0.6825,
      0.2925,
      0.78,
      0.39,
      0,
      0.4875,
      0.0975,
      0.585,
      0.195,
      0.6825,
      0.2925,
      0.78,
      0.39,
      0,
      0.4875,
      0.0975,
      0.585,
      0.195,
      0.6825,
      0.2925,
      0.78,
      0.39,
      0,
      0.4875,
      0.0975,
      0.585,
      0.195,
      0.6825,
      0.2925,
      0.78,
      0.39,
      0,
      0.4875,
      0.0975,
      0.585,
      0.195,
      0.6825,
      0.2925,
      0.78,
      0.39
    ],
    "SoftwareVersions": "syngo_MR_B17",
    "SpacingBetweenSlices": 1.8,
    "StationName": "MININT-E41B04",
    "TaskName": "MST",
    "TotalReadoutTime": 0.0712794,
    "TxRefAmp": 320.917,
    "dataset": "ds002168",
    "modality": "bold",
    "run_id": 3,
    "subject_id": "1545",
    "task_id": "mst"
  },
  "dummy_trs": 1,
  "dvars_nstd": 74.2351592516666,
  "dvars_std": 1.0785417629342722,
  "dvars_vstd": 1.0083261813849753,
  "efc": 0.5600124771796449,
  "fber": 268.9004821777344,
  "fd_mean": 0.07321668527186129,
  "fd_num": 1,
  "fd_perc": 0.234192037470726,
  "fwhm_avg": 3.616461206914616,
  "fwhm_x": 3.3825723118297875,
  "fwhm_y": 4.010333439570889,
  "fwhm_z": 3.4564778693431712,
  "gcor": 0.00535306,
  "gsr_x": -0.012814678251743317,
  "gsr_y": 0.08415340632200241,
  "provenance": {
    "md5sum": "58574ac6698dea62f12fa3d0ca36c63f",
    "settings": {
      "fd_thres": 0.2,
      "testing": false
    },
    "software": "mriqc",
    "version": "23.0.1",
    "webapi_port": null,
    "webapi_url": "https://mriqc.nimh.nih.gov/api/v1"
  },
  "size_t": 427,
  "size_x": 100,
  "size_y": 100,
  "size_z": 72,
  "snr": 1.7460367685715983,
  "spacing_tr": 0.875,
  "spacing_x": 1.7999999523162842,
  "spacing_y": 1.7999999523162842,
  "spacing_z": 1.7999999523162842,
  "summary_bg_k": 19.76525180063763,
  "summary_bg_mad": 13.49619257159508,
  "summary_bg_mean": 37.62567138671875,
  "summary_bg_median": 21.51990509033203,
  "summary_bg_n": 435065.0,
  "summary_bg_p05": 11.255269050598145,
  "summary_bg_p95": 127.69741516113278,
  "summary_bg_stdv": 45.759979248046875,
  "summary_fg_k": 4.287979178090895,
  "summary_fg_mad": 136.05567457816275,
  "summary_fg_mean": 424.0978698730469,
  "summary_fg_median": 363.0561828613281,
  "summary_fg_n": 184233.0,
  "summary_fg_p05": 209.71708984375,
  "summary_fg_p95": 846.9915405273434,
  "summary_fg_stdv": 207.93101501464844,
  "tsnr": 21.889014686341397
}