{
  "aor": 0.00048056074766355134,
  "aqi": 0.012401809345794391,
  "bids_meta": {
    "AcquisitionMatrixPE": 100,
    "AcquisitionNumber": 1,
    "AcquisitionTime": "23:06:32.760000",
    "BandwidthPerPixelPhaseEncode": 13.889,
    "BaseResolution": 100,
    "ConversionSoftware": "dcm2niix",
    "ConversionSoftwareVersion": "v1.0.20180404 Clang8.0.0",
    "DerivedVendorReportedEchoSpacing": 0.000719994,
    "DeviceSerialNumber": "35002",
    "DwellTime": 2.8e-06,
    "EchoTime": 0.0436,
    "EffectiveEchoSpacing": 0.000719994,
    "FlipAngle": 55,
    "ImageComments": "Unaliased_MB8_PE3_(remote)",
    "ImageOrientationPatientDICOM": [
      0.998555,
      -0.0255916,
      0.0472521,
      -6.90138e-09,
      0.879317,
      0.476236
    ],
    "ImageType": [
      "ORIGINAL",
      "PRIMARY",
      "M",
      "MB",
      "ND",
      "MOSAIC"
    ],
    "InPlanePhaseEncodingDirectionDICOM": "COL",
    "InstitutionAddress": "University_Pkwy_1700_North_685_Provo_UT_US_84601",
    "InstitutionName": "Brigham_Young_University",
    "InstitutionalDepartmentName": "MRI",
    "MRAcquisitionType": "2D",
    "MagneticFieldStrength": 3,
    "Manufacturer": "Siemens",
    "ManufacturersModelName": "TrioTim",
    "Modality": "MR",
    "MultibandAccelerationFactor": 8,
    "PartialFourier": 1,
    "PatientPosition": "HFS",
    "PercentPhaseFOV": 100,
    "PhaseEncodingDirection": "j-",
    "PhaseEncodingSteps": 100,
    "PhaseResolution": 1,
    "PixelBandwidth": 1786,
    "ProcedureStepDescription": "Research_KIRWAN",
    "ProtocolName": "run4",
    "PulseSequenceDetails": "%CustomerSeq%_cmrr_mbep2d_bold",
    "ReceiveCoilName": "32Ch_Head",
    "ReconMatrixPE": 100,
    "RepetitionTime": 0.875,
    "SAR": 0.114317,
    "ScanOptions": "FS",
    "ScanningSequence": "EP",
    "SequenceName": "epfid2d1_100",
    "SequenceVariant": "SK_SS",
    "SeriesDescription": "run4",
    "SeriesNumber": 6,
    "ShimSetting": [
      -2701,
      -22871,
      2206,
      869,
      -158,
      694,
      347,
      10
    ],
    "SliceThickness": 1.8,
    "SliceTiming": [
      0,
      0.4875,
      0.0975,
      0.585,
      0.195,
      0.6825,
      0.2925,
      0.78,
      0.39,
      0,
      0.4875,
      0.0975,
      0.585,
      0.195,
      0.6825,
      0.2925,
      0.78,
      0.39,
      0,
      0.4875,
      0.0975,
      0.585,
      0.195,
      0.6825,
      0.2925,
      0.78,
      0.39,
      0,
      0.4875,
      0.0975,
      0.585,
      0.195,
      0.6825,
      0.2925,
      0.78,
      0.39,
      0,
      0.4875,
      0.0975,
      0.585,
      0.195,
      0.6825,
      0.2925,
      0.78,
      0.39,
      0,
      0.4875,
      0.0975,
      0.585,
      0.195,
      0.6825,
      0.2925,
      0.78,
      0.39,
      0,
      0.4875,
      0.0975,
      0.585,
      0.195,
      0.6825,
      0.2925,
      0.78,
      0.39,
      0,
      0.4875,
      0.0975,
      0.585,
      0.195,
      0.6825,
      0.2925,
      0.78,
      0.39
    ],
    "SoftwareVersions": "syngo_MR_B17",
    "SpacingBetweenSlices": 1.8,
    "StationName": "MININT-E41B04",
    "TaskName": "MST",
    "TotalReadoutTime": 0.0712794,
    "TxRefAmp": 320.917,
    "dataset": "ds002168",
    "modality": "bold",
    "run_id": 4,
    "subject_id": "1545",
    "task_id": "mst"
  },
  "dummy_trs": 0,
  "dvars_nstd": 73.83007215742386,
  "dvars_std": 1.072008522459016,
  "dvars_vstd": 1.0050956536533955,
  "efc": 0.5603503968046306,
  "fber": 277.8354797363281,
  "fd_mean": 0.08164332411865392,
  "fd_num": 0,
  "fd_perc": 0.0,
  "fwhm_avg": 3.6041686139963804,
  "fwhm_x": 3.4228889795644806,
  "fwhm_y": 3.9548223269892357,
  "fwhm_z": 3.4347945354354255,
  "gcor": 0.00564148,
  "gsr_x": -0.0032752070110291243,
  "gsr_y": 0.08275154232978821,
  "provenance": {
    "md5sum": "0fd95b303e6df1cb1492a886f8e34f4b",
    "settings": {
      "fd_thres": 0.2,
      "testing": false
    },
    "software": "mriqc",
    "version": "23.0.1",
    "webapi_port": null,
    "webapi_url": "https://mriqc.nimh.nih.gov/api/v1"
  },
  "size_t": 428,
  "size_x": 100,
  "size_y": 100,
  "size_z": 72,
  "snr": 1.78084466012156,
  "spacing_tr": 0.875,
  "spacing_x": 1.7999999523162842,
  "spacing_y": 1.7999999523162842,
  "spacing_z": 1.7999999523162842,
  "summary_bg_k": 20.945423351649996,
  "summary_bg_mad": 13.364203171592125,
  "summary_bg_mean": 38.59420394897461,
  "summary_bg_median": 21.301401138305664,
  "summary_bg_n": 438946.0,
  "summary_bg_p05": 11.161214828491211,
  "summary_bg_p95": 133.48014068603516,
  "summary_bg_stdv": 49.17699432373047,
  "summary_fg_k": 4.334075639925039,
  "summary_fg_mad": 134.65356397790427,
  "summary_fg_mean": 422.99163818359375,
  "summary_fg_median": 363.1331787109375,
  "summary_fg_n": 181263.0,
  "summary_fg_p05": 212.7151840209961,
  "summary_fg_p95": 837.918896484375,
  "summary_fg_stdv": 203.9100799560547,
  "tsnr": 21.824402943137102
}