{
  "aor": 0.0002424170616113744,
  "aqi": 0.01156104549763033,
  "bids_meta": {
    "AcquisitionMatrixPE": 100,
    "AcquisitionNumber": 1,
    "AcquisitionTime": "14:33:58.092500",
    "BandwidthPerPixelPhaseEncode": 13.889,
    "BaseResolution": 100,
    "ConversionSoftware": "dcm2niix",
    "ConversionSoftwareVersion": "v1.0.20180404 Clang8.0.0",
    "DerivedVendorReportedEchoSpacing": 0.000719994,
    "DeviceSerialNumber": "35002",
    "DwellTime": 2.8e-06,
    "EchoTime": 0.0436,
    "EffectiveEchoSpacing": 0.000719994,
    "FlipAngle": 55,
    "ImageComments": "Unaliased_MB8_PE3_(remote)",
    "ImageOrientationPatientDICOM": [
      1,
      0,
      1e-16,
      0,
      0.861629,
      0.507538
    ],
    "ImageType": [
      "ORIGINAL",
      "PRIMARY",
      "M",
      "MB",
      "ND",
      "MOSAIC"
    ],
    "InPlanePhaseEncodingDirectionDICOM": "COL",
    "InstitutionAddress": "University_Pkwy_1700_North_685_Provo_UT_US_84601",
    "InstitutionName": "Brigham_Young_University",
    "InstitutionalDepartmentName": "MRI",
    "MRAcquisitionType": "2D",
    "MagneticFieldStrength": 3,
    "Manufacturer": "Siemens",
    "ManufacturersModelName": "TrioTim",
    "Modality": "MR",
    "MultibandAccelerationFactor": 8,
    "PartialFourier": 1,
    "PatientPosition": "HFS",
    "PercentPhaseFOV": 100,
    "PhaseEncodingDirection": "j-",
    "PhaseEncodingSteps": 100,
    "PhaseResolution": 1,
    "PixelBandwidth": 1786,
    "ProcedureStepDescription": "Research_KIRWAN",
    "ProtocolName": "run4",
    "PulseSequenceDetails": "%CustomerSeq%_cmrr_mbep2d_bold",
    "ReceiveCoilName": "32Ch_Head",
    "ReconMatrixPE": 100,
    "RepetitionTime": 0.875,
    "SAR": 0.140032,
    "ScanOptions": "FS",
    "ScanningSequence": "EP",
    "SequenceName": "epfid2d1_100",
    "SequenceVariant": "SK_SS",
    "SeriesDescription": "run4",
    "SeriesNumber": 6,
    "ShimSetting": [
      -2620,
      -23118,
      2589,
      1127,
      35,
      54,
      -15,
      -21
    ],
    "SliceThickness": 1.8,
    "SliceTiming": [
      0,
      0.4875,
      0.0975,
      0.585,
      0.195,
      0.6825,
      0.2925,
      0.78,
      0.39,
      0,
      0.4875,
      0.0975,
      0.585,
      0.195,
      0.6825,
      0.2925,
      0.78,
      0.39,
      0,
      0.4875,
      0.0975,
      0.585,
      0.195,
      0.6825,
      0.2925,
      0.78,
      0.39,
      0,
      0.4875,
      0.0975,
      0.585,
      0.195,
      0.6825,
      0.2925,
      0.78,
      0.39,
      0,
      0.4875,
      0.0975,
      0.585,
      0.195,
      0.6825,
      0.2925,
      0.78,
      0.39,
      0,
      0.4875,
      0.0975,
      0.585,
      0.195,
      0.6825,
      0.2925,
      0.78,
      0.39,
      0,
      0.4875,
      0.0975,
      0.585,
      0.195,
      0.6825,
      0.2925,
      0.78,
      0.39,
      0,
      0.4875,
      0.0975,
      0.585,
      0.195,
      0.6825,
      0.2925,
      0.78,
      0.39
    ],
    "SoftwareVersions": "syngo_MR_B17",
    "SpacingBetweenSlices": 1.8,
    "StationName": "MININT-E41B04",
    "TaskName": "MST",
    "TotalReadoutTime": 0.0712794,
    "TxRefAmp": 335.291,
    "dataset": "ds002168",
    "modality": "bold",
    "run_id": 4,
    "subject_id": "1569",
    "task_id": "mst"
  },
  "dummy_trs": 6,
  "dvars_nstd": 64.03585221947742,
  "dvars_std": 1.0491588113301662,
  "dvars_vstd": 1.0055546607838486,
  "efc": 0.5390548471045346,
  "fber": 384.3822326660156,
  "fd_mean": 0.07817427634324502,
  "fd_num": 0,
  "fd_perc": 0.0,
  "fwhm_avg": 3.759077800141395,
  "fwhm_x": 3.6099167622968027,
  "fwhm_y": 4.169461221564113,
  "fwhm_z": 3.497855416563269,
  "gcor": 0.00321006,
  "gsr_x": -0.026323584839701653,
  "gsr_y": 0.09901146590709686,
  "provenance": {
    "md5sum": "21541a162dde0fdcea42f8374d8d18c4",
    "settings": {
      "fd_thres": 0.2,
      "testing": false
    },
    "software": "mriqc",
    "version": "23.0.1",
    "webapi_port": null,
    "webapi_url": "https://mriqc.nimh.nih.gov/api/v1"
  },
  "size_t": 422,
  "size_x": 100,
  "size_y": 100,
  "size_z": 72,
  "snr": 1.6679624559889747,
  "spacing_tr": 0.875,
  "spacing_x": 1.7999999523162842,
  "spacing_y": 1.7999999523162842,
  "spacing_z": 1.8000000715255737,
  "summary_bg_k": 48.907702059857165,
  "summary_bg_mad": 10.859533575737453,
  "summary_bg_mean": 35.56087112426758,
  "summary_bg_median": 19.208532333374023,
  "summary_bg_n": 440503.0,
  "summary_bg_p05": 11.097156524658203,
  "summary_bg_p95": 114.47109146118147,
  "summary_bg_stdv": 51.590518951416016,
  "summary_fg_k": 5.762130952490853,
  "summary_fg_mad": 140.85951751472876,
  "summary_fg_mean": 449.7140808105469,
  "summary_fg_median": 380.1907653808594,
  "summary_fg_n": 181176.0,
  "summary_fg_p05": 227.38507843017578,
  "summary_fg_p95": 918.1090087890625,
  "summary_fg_stdv": 227.93661499023438,
  "tsnr": 23.735408786684275
}