{
  "aor": 0.0002451408450704225,
  "aqi": 0.011601371737089203,
  "bids_meta": {
    "AcquisitionMatrixPE": 100,
    "AcquisitionNumber": 1,
    "AcquisitionTime": "14:47:23.457500",
    "BandwidthPerPixelPhaseEncode": 13.889,
    "BaseResolution": 100,
    "ConversionSoftware": "dcm2niix",
    "ConversionSoftwareVersion": "v1.0.20180404 Clang8.0.0",
    "DerivedVendorReportedEchoSpacing": 0.000719994,
    "DeviceSerialNumber": "35002",
    "DwellTime": 2.8e-06,
    "EchoTime": 0.0436,
    "EffectiveEchoSpacing": 0.000719994,
    "FlipAngle": 55,
    "ImageComments": "Unaliased_MB8_PE3_(remote)",
    "ImageOrientationPatientDICOM": [
      1,
      0,
      1e-16,
      0,
      0.861629,
      0.507538
    ],
    "ImageType": [
      "ORIGINAL",
      "PRIMARY",
      "M",
      "MB",
      "ND",
      "MOSAIC"
    ],
    "InPlanePhaseEncodingDirectionDICOM": "COL",
    "InstitutionAddress": "University_Pkwy_1700_North_685_Provo_UT_US_84601",
    "InstitutionName": "Brigham_Young_University",
    "InstitutionalDepartmentName": "MRI",
    "MRAcquisitionType": "2D",
    "MagneticFieldStrength": 3,
    "Manufacturer": "Siemens",
    "ManufacturersModelName": "TrioTim",
    "Modality": "MR",
    "MultibandAccelerationFactor": 8,
    "PartialFourier": 1,
    "PatientPosition": "HFS",
    "PercentPhaseFOV": 100,
    "PhaseEncodingDirection": "j-",
    "PhaseEncodingSteps": 100,
    "PhaseResolution": 1,
    "PixelBandwidth": 1786,
    "ProcedureStepDescription": "Research_KIRWAN",
    "ProtocolName": "run6",
    "PulseSequenceDetails": "%CustomerSeq%_cmrr_mbep2d_bold",
    "ReceiveCoilName": "32Ch_Head",
    "ReconMatrixPE": 100,
    "RepetitionTime": 0.875,
    "SAR": 0.143301,
    "ScanOptions": "FS",
    "ScanningSequence": "EP",
    "SequenceName": "epfid2d1_100",
    "SequenceVariant": "SK_SS",
    "SeriesDescription": "run6",
    "SeriesNumber": 8,
    "ShimSetting": [
      -2620,
      -23118,
      2589,
      1127,
      35,
      54,
      -15,
      -21
    ],
    "SliceThickness": 1.8,
    "SliceTiming": [
      0,
      0.4875,
      0.0975,
      0.585,
      0.195,
      0.6825,
      0.2925,
      0.78,
      0.39,
      0,
      0.4875,
      0.0975,
      0.585,
      0.195,
      0.6825,
      0.2925,
      0.78,
      0.39,
      0,
      0.4875,
      0.0975,
      0.585,
      0.195,
      0.6825,
      0.2925,
      0.78,
      0.39,
      0,
      0.4875,
      0.0975,
      0.585,
      0.195,
      0.6825,
      0.2925,
      0.78,
      0.39,
      0,
      0.4875,
      0.0975,
      0.585,
      0.195,
      0.6825,
      0.2925,
      0.78,
      0.39,
      0,
      0.4875,
      0.0975,
      0.585,
      0.195,
      0.6825,
      0.2925,
      0.78,
      0.39,
      0,
      0.4875,
      0.0975,
      0.585,
      0.195,
      0.6825,
      0.2925,
      0.78,
      0.39,
      0,
      0.4875,
      0.0975,
      0.585,
      0.195,
      0.6825,
      0.2925,
      0.78,
      0.39
    ],
    "SoftwareVersions": "syngo_MR_B17",
    "SpacingBetweenSlices": 1.8,
    "StationName": "MININT-E41B04",
    "TaskName": "MST",
    "TotalReadoutTime": 0.0712794,
    "TxRefAmp": 335.291,
    "dataset": "ds002168",
    "modality": "bold",
    "run_id": 6,
    "subject_id": "1569",
    "task_id": "mst"
  },
  "dummy_trs": 2,
  "dvars_nstd": 64.95593905284704,
  "dvars_std": 1.0508029300941175,
  "dvars_vstd": 1.0063269693882357,
  "efc": 0.539833982239871,
  "fber": 388.1883544921875,
  "fd_mean": 0.1011737251325329,
  "fd_num": 3,
  "fd_perc": 0.704225352112676,
  "fwhm_avg": 3.6891833566838366,
  "fwhm_x": 3.589016761743142,
  "fwhm_y": 4.109255664413655,
  "fwhm_z": 3.369277643894713,
  "gcor": 0.00228844,
  "gsr_x": -0.025178220123052597,
  "gsr_y": 0.09734245389699936,
  "provenance": {
    "md5sum": "db188ccfa50befd84b11e23802f93b7d",
    "settings": {
      "fd_thres": 0.2,
      "testing": false
    },
    "software": "mriqc",
    "version": "23.0.1",
    "webapi_port": null,
    "webapi_url": "https://mriqc.nimh.nih.gov/api/v1"
  },
  "size_t": 426,
  "size_x": 100,
  "size_y": 100,
  "size_z": 72,
  "snr": 1.6968420797316173,
  "spacing_tr": 0.875,
  "spacing_x": 1.7999999523162842,
  "spacing_y": 1.7999999523162842,
  "spacing_z": 1.8000000715255737,
  "summary_bg_k": 47.72188833782269,
  "summary_bg_mad": 10.788888493983329,
  "summary_bg_mean": 35.54885482788086,
  "summary_bg_median": 19.107980728149414,
  "summary_bg_n": 441577.0,
  "summary_bg_p05": 11.061033248901367,
  "summary_bg_p95": 114.79859466552723,
  "summary_bg_stdv": 51.492733001708984,
  "summary_fg_k": 5.874076518210581,
  "summary_fg_mad": 138.85994102410876,
  "summary_fg_mean": 446.744384765625,
  "summary_fg_median": 379.4976501464844,
  "summary_fg_n": 180285.0,
  "summary_fg_p05": 227.82066650390627,
  "summary_fg_p95": 905.7530761718747,
  "summary_fg_stdv": 223.64874267578125,
  "tsnr": 23.564653243054636
}