{
  "aor": 0.0002659718969555035,
  "aqi": 0.015301179156908665,
  "bids_meta": {
    "AcquisitionMatrixPE": 100,
    "AcquisitionNumber": 1,
    "AcquisitionTime": "18:52:32.015000",
    "BandwidthPerPixelPhaseEncode": 13.889,
    "BaseResolution": 100,
    "ConversionSoftware": "dcm2niix",
    "ConversionSoftwareVersion": "v1.0.20180404 Clang8.0.0",
    "DerivedVendorReportedEchoSpacing": 0.000719994,
    "DeviceSerialNumber": "35002",
    "DwellTime": 2.8e-06,
    "EchoTime": 0.0436,
    "EffectiveEchoSpacing": 0.000719994,
    "FlipAngle": 55,
    "ImageComments": "Unaliased_MB8_PE3_(remote)",
    "ImageOrientationPatientDICOM": [
      1,
      0,
      0,
      0,
      0.895712,
      0.444635
    ],
    "ImageType": [
      "ORIGINAL",
      "PRIMARY",
      "M",
      "MB",
      "ND",
      "MOSAIC"
    ],
    "InPlanePhaseEncodingDirectionDICOM": "COL",
    "InstitutionAddress": "University_Pkwy_1700_North_685_Provo_UT_US_84601",
    "InstitutionName": "Brigham_Young_University",
    "InstitutionalDepartmentName": "MRI",
    "MRAcquisitionType": "2D",
    "MagneticFieldStrength": 3,
    "Manufacturer": "Siemens",
    "ManufacturersModelName": "TrioTim",
    "Modality": "MR",
    "MultibandAccelerationFactor": 8,
    "PartialFourier": 1,
    "PatientPosition": "HFS",
    "PercentPhaseFOV": 100,
    "PhaseEncodingDirection": "j-",
    "PhaseEncodingSteps": 100,
    "PhaseResolution": 1,
    "PixelBandwidth": 1786,
    "ProcedureStepDescription": "Research_KIRWAN",
    "ProtocolName": "run6",
    "PulseSequenceDetails": "%CustomerSeq%_cmrr_mbep2d_bold",
    "ReceiveCoilName": "32Ch_Head",
    "ReconMatrixPE": 100,
    "RepetitionTime": 0.875,
    "SAR": 0.123352,
    "ScanOptions": "FS",
    "ScanningSequence": "EP",
    "SequenceName": "epfid2d1_100",
    "SequenceVariant": "SK_SS",
    "SeriesDescription": "run6",
    "SeriesNumber": 8,
    "ShimSetting": [
      -2661,
      -23119,
      2555,
      1044,
      -133,
      -157,
      -252,
      46
    ],
    "SliceThickness": 1.8,
    "SliceTiming": [
      0,
      0.4875,
      0.0975,
      0.5875,
      0.195,
      0.685,
      0.2925,
      0.7825,
      0.39,
      0,
      0.4875,
      0.0975,
      0.5875,
      0.195,
      0.685,
      0.2925,
      0.7825,
      0.39,
      0,
      0.4875,
      0.0975,
      0.5875,
      0.195,
      0.685,
      0.2925,
      0.7825,
      0.39,
      0,
      0.4875,
      0.0975,
      0.5875,
      0.195,
      0.685,
      0.2925,
      0.7825,
      0.39,
      0,
      0.4875,
      0.0975,
      0.5875,
      0.195,
      0.685,
      0.2925,
      0.7825,
      0.39,
      0,
      0.4875,
      0.0975,
      0.5875,
      0.195,
      0.685,
      0.2925,
      0.7825,
      0.39,
      0,
      0.4875,
      0.0975,
      0.5875,
      0.195,
      0.685,
      0.2925,
      0.7825,
      0.39,
      0,
      0.4875,
      0.0975,
      0.5875,
      0.195,
      0.685,
      0.2925,
      0.7825,
      0.39
    ],
    "SoftwareVersions": "syngo_MR_B17",
    "SpacingBetweenSlices": 1.8,
    "StationName": "MININT-E41B04",
    "TaskName": "MST",
    "TotalReadoutTime": 0.0712794,
    "TxRefAmp": 324.727,
    "dataset": "ds002168",
    "modality": "bold",
    "run_id": 6,
    "subject_id": "1592",
    "task_id": "mst"
  },
  "dummy_trs": 1,
  "dvars_nstd": 74.05730253744139,
  "dvars_std": 1.0550204134507037,
  "dvars_vstd": 1.005017102136151,
  "efc": 0.5975003075766431,
  "fber": 227.9388885498047,
  "fd_mean": 0.07548585006628364,
  "fd_num": 0,
  "fd_perc": 0.0,
  "fwhm_avg": 3.0447629049379437,
  "fwhm_x": 2.8521278533333634,
  "fwhm_y": 3.295610980155297,
  "fwhm_z": 2.9865498813251703,
  "gcor": 0.00607805,
  "gsr_x": 0.0008419526275247335,
  "gsr_y": 0.08254785090684891,
  "provenance": {
    "md5sum": "e3c00555fe809325826f51689bbf93dc",
    "settings": {
      "fd_thres": 0.2,
      "testing": false
    },
    "software": "mriqc",
    "version": "23.0.1",
    "webapi_port": null,
    "webapi_url": "https://mriqc.nimh.nih.gov/api/v1"
  },
  "size_t": 427,
  "size_x": 100,
  "size_y": 100,
  "size_z": 72,
  "snr": 2.251008998948036,
  "spacing_tr": 0.875,
  "spacing_x": 1.7999999523162842,
  "spacing_y": 1.8000000715255737,
  "spacing_z": 1.8000000715255737,
  "summary_bg_k": 37.3085972719598,
  "summary_bg_mad": 13.103841178069425,
  "summary_bg_mean": 40.31510925292969,
  "summary_bg_median": 21.711942672729492,
  "summary_bg_n": 428009.0,
  "summary_bg_p05": 11.299765586853027,
  "summary_bg_p95": 133.0927337646484,
  "summary_bg_stdv": 54.175662994384766,
  "summary_fg_k": 3.8611748778493107,
  "summary_fg_mad": 104.9730828556459,
  "summary_fg_mean": 368.00018310546875,
  "summary_fg_median": 333.27166748046875,
  "summary_fg_n": 188872.0,
  "summary_fg_p05": 197.56100006103514,
  "summary_fg_p95": 661.5374633789058,
  "summary_fg_stdv": 148.053955078125,
  "tsnr": 20.79340623447206
}