{
  "bids_meta": {
    "AcquisitionMatrixPE": 256,
    "AcquisitionNumber": 1,
    "AcquisitionTime": "16:20:29.020000",
    "BaseResolution": 256,
    "ConversionSoftware": "dcm2niix",
    "ConversionSoftwareVersion": "v1.0.20180404 Clang8.0.0",
    "DeviceSerialNumber": "35002",
    "DwellTime": 1.03e-05,
    "EchoTime": 0.00492,
    "FlipAngle": 25,
    "ImageOrientationPatientDICOM": [
      0.0488498,
      0.998806,
      0,
      0,
      0,
      -1
    ],
    "ImageType": [
      "ORIGINAL",
      "PRIMARY",
      "M",
      "ND",
      "NORM"
    ],
    "InPlanePhaseEncodingDirectionDICOM": "ROW",
    "InstitutionAddress": "University_Pkwy_1700_North_685_Provo_UT_US_84601",
    "InstitutionName": "Brigham_Young_University",
    "InstitutionalDepartmentName": "MRI",
    "MRAcquisitionType": "3D",
    "MagneticFieldStrength": 3,
    "Manufacturer": "Siemens",
    "ManufacturersModelName": "TrioTim",
    "Modality": "MR",
    "ParallelReductionFactorInPlane": 2,
    "PartialFourier": 1,
    "PatientPosition": "HFS",
    "PercentPhaseFOV": 100,
    "PhaseEncodingSteps": 255,
    "PhaseResolution": 1,
    "PixelBandwidth": 190,
    "ProcedureStepDescription": "Research_KIRWAN",
    "ProtocolName": "t1_fl3d_sag_no3Daccel_iso_1.0_1avg",
    "PulseSequenceDetails": "%SiemensSeq%_gre",
    "ReceiveCoilName": "32Ch_Head",
    "ReconMatrixPE": 256,
    "RepetitionTime": 0.02,
    "SAR": 0.156629,
    "ScanningSequence": "GR",
    "SequenceName": "_fl3d1_ns",
    "SequenceVariant": "SP",
    "SeriesDescription": "t1_fl3d_sag_no3Daccel_iso_1.0_1avg",
    "SeriesNumber": 9,
    "ShimSetting": [
      -2655,
      -23109,
      2059,
      81,
      -13,
      -145,
      -152,
      15
    ],
    "SliceThickness": 1,
    "SoftwareVersions": "syngo_MR_B17",
    "StationName": "MININT-E41B04",
    "TxRefAmp": 318.899,
    "dataset": "ds002168",
    "modality": "T1w",
    "subject_id": "1568"
  },
  "cjv": 0.4619306543527196,
  "cnr": 3.003849002433047,
  "efc": 0.5743934405597427,
  "fber": 7237.692136333259,
  "fwhm_avg": 3.5904182733111987,
  "fwhm_x": 3.4532948199335953,
  "fwhm_y": 3.83366,
  "fwhm_z": 3.4843,
  "icvs_csf": 0.16854374623364463,
  "icvs_gm": 0.4140641322390024,
  "icvs_wm": 0.41739212152735294,
  "inu_med": 0.4068656265735626,
  "inu_range": 0.18131123781204223,
  "provenance": {
    "md5sum": "cf6785aee94b7a8a63450406ca9574cf",
    "settings": {
      "testing": false
    },
    "software": "mriqc",
    "version": "23.0.1",
    "warnings": {
      "large_rot_frame": true,
      "small_air_mask": false
    },
    "webapi_port": null,
    "webapi_url": "https://mriqc.nimh.nih.gov/api/v1"
  },
  "qi_1": 0.0,
  "qi_2": 0.020146747602520092,
  "rpve_csf": 33.3830895227638,
  "rpve_gm": 13.555259733738533,
  "rpve_wm": 14.992380176197155,
  "size_x": 192,
  "size_y": 256,
  "size_z": 256,
  "snr_csf": 2.5683371035746223,
  "snr_gm": 16.864929431194668,
  "snr_total": 13.635024978897574,
  "snr_wm": 21.47180840192343,
  "snrd_csf": 50.28184230773719,
  "snrd_gm": 100.18366541884326,
  "snrd_total": 91.94107850276696,
  "snrd_wm": 125.35772778172038,
  "spacing_x": 0.9999957084655762,
  "spacing_y": 1.0,
  "spacing_z": 1.0,
  "summary_bg_k": 7.225237665849011,
  "summary_bg_mad": 5.226227044051102,
  "summary_bg_mean": 5.3668865971160375,
  "summary_bg_median": 3.525036573410034,
  "summary_bg_n": 2738426.0,
  "summary_bg_p05": 0.0,
  "summary_bg_p95": 19.74020481109619,
  "summary_bg_stdv": 7.409467487334865,
  "summary_csf_k": 0.06656804830358354,
  "summary_csf_mad": 120.72584471758046,
  "summary_csf_mean": 369.63246826072435,
  "summary_csf_median": 401.1139116883278,
  "summary_csf_n": 34318.0,
  "summary_csf_p05": 80.04829302728177,
  "summary_csf_p95": 588.5101434856653,
  "summary_csf_stdv": 156.17422923680147,
  "summary_gm_k": 0.16635271885866798,
  "summary_gm_mad": 47.349617019102986,
  "summary_gm_mean": 799.4216184151576,
  "summary_gm_median": 799.196291923523,
  "summary_gm_n": 35423.0,
  "summary_gm_p05": 722.279993891716,
  "summary_gm_p95": 876.5708447098732,
  "summary_gm_stdv": 47.38739135259929,
  "summary_wm_k": 0.3576696184257995,
  "summary_wm_mad": 45.415913012804076,
  "summary_wm_mean": 1004.9559581706604,
  "summary_wm_median": 1000.0176255106926,
  "summary_wm_n": 204125.0,
  "summary_wm_p05": 937.3072248697281,
  "summary_wm_p95": 1088.8485471606255,
  "summary_wm_stdv": 46.573402540954724,
  "tpm_overlap_csf": 0.1396832355486868,
  "tpm_overlap_gm": 0.45072644599694,
  "tpm_overlap_wm": 0.4796264248139101,
  "wm2max": 0.649592416193442
}