{
  "bids_meta": {
    "AcquisitionMatrixPE": 512,
    "AcquisitionNumber": 1,
    "AcquisitionTime": "16:45:17.512500",
    "BaseResolution": 512,
    "ConversionSoftware": "dcm2niix",
    "ConversionSoftwareVersion": "v1.0.20180404 Clang8.0.0",
    "DeviceSerialNumber": "35002",
    "DwellTime": 5e-06,
    "EchoTime": 0.064,
    "EchoTrainLength": 15,
    "FlipAngle": 129,
    "ImageOrientationPatientDICOM": [
      0.99923,
      -0.0392369,
      -1.7784e-10,
      0.0205947,
      0.524475,
      -0.851177
    ],
    "ImageType": [
      "ORIGINAL",
      "PRIMARY",
      "M",
      "ND"
    ],
    "InPlanePhaseEncodingDirectionDICOM": "ROW",
    "InstitutionAddress": "University_Pkwy_1700_North_685_Provo_UT_US_84601",
    "InstitutionName": "Brigham_Young_University",
    "InstitutionalDepartmentName": "MRI",
    "MRAcquisitionType": "2D",
    "MagneticFieldStrength": 3,
    "Manufacturer": "Siemens",
    "ManufacturersModelName": "TrioTim",
    "Modality": "MR",
    "PartialFourier": 1,
    "PatientPosition": "HFS",
    "PercentPhaseFOV": 100,
    "PhaseEncodingDirection": "i",
    "PhaseEncodingSteps": 720,
    "PhaseOversampling": 0.4,
    "PhaseResolution": 1,
    "PixelBandwidth": 195,
    "ProcedureStepDescription": "Research_KIRWAN",
    "ProtocolName": "HHR_struct_MODIFIED",
    "PulseSequenceDetails": "%SiemensSeq%_tse",
    "ReceiveCoilName": "32Ch_Head",
    "ReconMatrixPE": 512,
    "RepetitionTime": 6,
    "SAR": 0.769611,
    "ScanningSequence": "SE",
    "SequenceName": "_tse2d1_15",
    "SequenceVariant": "SK_SP_OSP",
    "SeriesDescription": "HHR_struct_MODIFIED",
    "SeriesNumber": 16,
    "ShimSetting": [
      -2717,
      -23190,
      2662,
      1074,
      -67,
      -518,
      -44,
      -58
    ],
    "SliceThickness": 2,
    "SoftwareVersions": "syngo_MR_B17",
    "SpacingBetweenSlices": 2,
    "StationName": "MININT-E41B04",
    "TxRefAmp": 318.899,
    "dataset": "ds002168",
    "modality": "T2w",
    "subject_id": "1568"
  },
  "cjv": 1.6758508228923377,
  "cnr": 0.8279956209285289,
  "efc": 0.6662101812479748,
  "fber": 2071.974848914993,
  "fwhm_avg": 6.494469829712439,
  "fwhm_x": 7.253274153380902,
  "fwhm_y": 4.4942505357564135,
  "fwhm_z": 7.7358848,
  "icvs_csf": 0.4345627129274058,
  "icvs_gm": 0.44462248538096527,
  "icvs_wm": 0.12081480169162896,
  "inu_med": 0.9846697747707367,
  "inu_range": 2.0022674888372425,
  "provenance": {
    "md5sum": "b798144623cb25308c91a82c3694d416",
    "settings": {
      "testing": false
    },
    "software": "mriqc",
    "version": "23.0.1",
    "warnings": {
      "large_rot_frame": false,
      "small_air_mask": false
    },
    "webapi_port": null,
    "webapi_url": "https://mriqc.nimh.nih.gov/api/v1"
  },
  "qi_1": 0.0,
  "qi_2": 0.0004085431381127042,
  "rpve_csf": 4.9118468881688635,
  "rpve_gm": 4.970655380518521,
  "rpve_wm": 18.982326212614144,
  "size_x": 512,
  "size_y": 35,
  "size_z": 512,
  "snr_csf": 11.112915470438992,
  "snr_gm": 8.405014832991931,
  "snr_total": 7.121253080724359,
  "snr_wm": 1.8458289387421545,
  "snrd_csf": 49.907789776984075,
  "snrd_gm": 33.36589517129669,
  "snrd_total": 48.06702758421918,
  "snrd_wm": 60.92739780437679,
  "spacing_x": 0.3906249701976776,
  "spacing_y": 1.999999761581421,
  "spacing_z": 0.390625,
  "summary_bg_k": 218.72800444573656,
  "summary_bg_mad": 8.462996214092973,
  "summary_bg_mean": 10.25254572921966,
  "summary_bg_median": 5.708204202353954,
  "summary_bg_n": 1872681.0,
  "summary_bg_p05": 0.0,
  "summary_bg_p95": 35.15221796929836,
  "summary_bg_stdv": 21.352305624685417,
  "summary_csf_k": 0.5392879615955208,
  "summary_csf_mad": 54.5552467812434,
  "summary_csf_mean": 649.2368855300277,
  "summary_csf_median": 644.7045774534345,
  "summary_csf_n": 893775.0,
  "summary_csf_p05": 562.4354875087738,
  "summary_csf_p95": 752.3219640254974,
  "summary_csf_stdv": 58.013958488614776,
  "summary_gm_k": 0.023402412757739022,
  "summary_gm_mad": 51.59080742941422,
  "summary_gm_mean": 431.87589006961025,
  "summary_gm_median": 431.0177918896079,
  "summary_gm_n": 947581.0,
  "summary_gm_p05": 349.0711993575096,
  "summary_gm_p95": 517.1246010437608,
  "summary_gm_stdv": 51.28099985821669,
  "summary_wm_k": -1.6278647781448259,
  "summary_wm_mad": 545.0743324331067,
  "summary_wm_mean": 606.9085928713394,
  "summary_wm_median": 787.0549353584647,
  "summary_wm_n": 293801.0,
  "summary_wm_p05": 30.218007557094097,
  "summary_wm_p95": 1179.469786964357,
  "summary_wm_stdv": 426.3957398231272,
  "tpm_overlap_csf": 0.10058482467268276,
  "tpm_overlap_gm": 0.28709197472509645,
  "tpm_overlap_wm": 0.029336276145255632,
  "wm2max": 0.5425083766750077
}