{
  "aor": 0.0004746838407494146,
  "aqi": 0.01594643138173302,
  "bids_meta": {
    "AcquisitionMatrixPE": 100,
    "AcquisitionNumber": 1,
    "AcquisitionTime": "14:06:22.270000",
    "BandwidthPerPixelPhaseEncode": 13.889,
    "BaseResolution": 100,
    "ConversionSoftware": "dcm2niix",
    "ConversionSoftwareVersion": "v1.0.20180404 Clang8.0.0",
    "DerivedVendorReportedEchoSpacing": 0.000719994,
    "DeviceSerialNumber": "35002",
    "DwellTime": 2.8e-06,
    "EchoTime": 0.0436,
    "EffectiveEchoSpacing": 0.000719994,
    "FlipAngle": 55,
    "ImageComments": "Unaliased_MB8_PE3_(remote)",
    "ImageOrientationPatientDICOM": [
      0.998151,
      -0.0158721,
      0.0586815,
      5.06833e-11,
      0.965313,
      0.261097
    ],
    "ImageType": [
      "ORIGINAL",
      "PRIMARY",
      "M",
      "MB",
      "ND",
      "MOSAIC"
    ],
    "InPlanePhaseEncodingDirectionDICOM": "COL",
    "InstitutionAddress": "University_Pkwy_1700_North_685_Provo_UT_US_84601",
    "InstitutionName": "Brigham_Young_University",
    "InstitutionalDepartmentName": "MRI",
    "MRAcquisitionType": "2D",
    "MagneticFieldStrength": 3,
    "Manufacturer": "Siemens",
    "ManufacturersModelName": "TrioTim",
    "Modality": "MR",
    "MultibandAccelerationFactor": 8,
    "PartialFourier": 1,
    "PatientPosition": "HFS",
    "PercentPhaseFOV": 100,
    "PhaseEncodingDirection": "j-",
    "PhaseEncodingSteps": 100,
    "PhaseResolution": 1,
    "PixelBandwidth": 1786,
    "ProcedureStepDescription": "Research_KIRWAN",
    "ProtocolName": "run4",
    "PulseSequenceDetails": "%CustomerSeq%_cmrr_mbep2d_bold",
    "ReceiveCoilName": "32Ch_Head",
    "ReconMatrixPE": 100,
    "RepetitionTime": 0.875,
    "SAR": 0.108609,
    "ScanOptions": "FS",
    "ScanningSequence": "EP",
    "SequenceName": "epfid2d1_100",
    "SequenceVariant": "SK_SS",
    "SeriesDescription": "run4",
    "SeriesNumber": 6,
    "ShimSetting": [
      -2631,
      -23000,
      2506,
      1109,
      59,
      365,
      -249,
      52
    ],
    "SliceThickness": 1.8,
    "SliceTiming": [
      0,
      0.4875,
      0.0975,
      0.585,
      0.195,
      0.6825,
      0.2925,
      0.78,
      0.39,
      0,
      0.4875,
      0.0975,
      0.585,
      0.195,
      0.6825,
      0.2925,
      0.78,
      0.39,
      0,
      0.4875,
      0.0975,
      0.585,
      0.195,
      0.6825,
      0.2925,
      0.78,
      0.39,
      0,
      0.4875,
      0.0975,
      0.585,
      0.195,
      0.6825,
      0.2925,
      0.78,
      0.39,
      0,
      0.4875,
      0.0975,
      0.585,
      0.195,
      0.6825,
      0.2925,
      0.78,
      0.39,
      0,
      0.4875,
      0.0975,
      0.585,
      0.195,
      0.6825,
      0.2925,
      0.78,
      0.39,
      0,
      0.4875,
      0.0975,
      0.585,
      0.195,
      0.6825,
      0.2925,
      0.78,
      0.39,
      0,
      0.4875,
      0.0975,
      0.585,
      0.195,
      0.6825,
      0.2925,
      0.78,
      0.39
    ],
    "SoftwareVersions": "syngo_MR_B17",
    "SpacingBetweenSlices": 1.8,
    "StationName": "MININT-E41B04",
    "TaskName": "MST",
    "TotalReadoutTime": 0.0712794,
    "TxRefAmp": 329.801,
    "dataset": "ds002168",
    "modality": "bold",
    "run_id": 4,
    "subject_id": "1591",
    "task_id": "mst"
  },
  "dummy_trs": 1,
  "dvars_nstd": 78.5719448322535,
  "dvars_std": 1.0829935430516424,
  "dvars_vstd": 1.0069759305633796,
  "efc": 0.6296179892666236,
  "fber": 161.75489807128906,
  "fd_mean": 0.07936630276252005,
  "fd_num": 5,
  "fd_perc": 1.17096018735363,
  "fwhm_avg": 3.557785203157657,
  "fwhm_x": 3.3436945330221,
  "fwhm_y": 3.874444547082174,
  "fwhm_z": 3.4552165293686974,
  "gcor": 0.0044484,
  "gsr_x": -0.03262869641184807,
  "gsr_y": 0.12553612887859344,
  "provenance": {
    "md5sum": "647c44c47fc88d6ee846adca29f2ea96",
    "settings": {
      "fd_thres": 0.2,
      "testing": false
    },
    "software": "mriqc",
    "version": "23.0.1",
    "webapi_port": null,
    "webapi_url": "https://mriqc.nimh.nih.gov/api/v1"
  },
  "size_t": 427,
  "size_x": 100,
  "size_y": 100,
  "size_z": 72,
  "snr": 1.7196788100954516,
  "spacing_tr": 0.875,
  "spacing_x": 1.7999999523162842,
  "spacing_y": 1.7999999523162842,
  "spacing_z": 1.8000000715255737,
  "summary_bg_k": 42.91141668376886,
  "summary_bg_mad": 17.52560838221875,
  "summary_bg_mean": 49.725013732910156,
  "summary_bg_median": 26.999998092651367,
  "summary_bg_n": 359656.0,
  "summary_bg_p05": 13.187353134155273,
  "summary_bg_p95": 160.13172149658203,
  "summary_bg_stdv": 69.46378326416016,
  "summary_fg_k": 7.324127246316076,
  "summary_fg_mad": 132.62172749638475,
  "summary_fg_mean": 415.2451477050781,
  "summary_fg_median": 361.7470703125,
  "summary_fg_n": 245988.0,
  "summary_fg_p05": 198.69167938232422,
  "summary_fg_p95": 833.0311309814452,
  "summary_fg_stdv": 210.35691833496094,
  "tsnr": 19.96831091796048
}