{
  "aor": 0.0003782394366197183,
  "aqi": 0.016935477230046948,
  "bids_meta": {
    "AcquisitionMatrixPE": 100,
    "AcquisitionNumber": 1,
    "AcquisitionTime": "13:46:15.430000",
    "BandwidthPerPixelPhaseEncode": 13.889,
    "BaseResolution": 100,
    "ConversionSoftware": "dcm2niix",
    "ConversionSoftwareVersion": "v1.0.20180404 Clang8.0.0",
    "DerivedVendorReportedEchoSpacing": 0.000719994,
    "DeviceSerialNumber": "35002",
    "DwellTime": 2.8e-06,
    "EchoTime": 0.0436,
    "EffectiveEchoSpacing": 0.000719994,
    "FlipAngle": 55,
    "ImageComments": "Unaliased_MB8_PE3_(remote)",
    "ImageOrientationPatientDICOM": [
      0.998151,
      -0.0158721,
      0.0586815,
      5.06833e-11,
      0.965313,
      0.261097
    ],
    "ImageType": [
      "ORIGINAL",
      "PRIMARY",
      "M",
      "MB",
      "ND",
      "MOSAIC"
    ],
    "InPlanePhaseEncodingDirectionDICOM": "COL",
    "InstitutionAddress": "University_Pkwy_1700_North_685_Provo_UT_US_84601",
    "InstitutionName": "Brigham_Young_University",
    "InstitutionalDepartmentName": "MRI",
    "MRAcquisitionType": "2D",
    "MagneticFieldStrength": 3,
    "Manufacturer": "Siemens",
    "ManufacturersModelName": "TrioTim",
    "Modality": "MR",
    "MultibandAccelerationFactor": 8,
    "PartialFourier": 1,
    "PatientPosition": "HFS",
    "PercentPhaseFOV": 100,
    "PhaseEncodingDirection": "j-",
    "PhaseEncodingSteps": 100,
    "PhaseResolution": 1,
    "PixelBandwidth": 1786,
    "ProcedureStepDescription": "Research_KIRWAN",
    "ProtocolName": "run1",
    "PulseSequenceDetails": "%CustomerSeq%_cmrr_mbep2d_bold",
    "ReceiveCoilName": "32Ch_Head",
    "ReconMatrixPE": 100,
    "RepetitionTime": 0.875,
    "SAR": 0.105743,
    "ScanOptions": "FS",
    "ScanningSequence": "EP",
    "SequenceName": "epfid2d1_100",
    "SequenceVariant": "SK_SS",
    "SeriesDescription": "run1",
    "SeriesNumber": 3,
    "ShimSetting": [
      -2631,
      -23000,
      2506,
      1109,
      59,
      365,
      -249,
      52
    ],
    "SliceThickness": 1.8,
    "SliceTiming": [
      0,
      0.4875,
      0.0975,
      0.585,
      0.195,
      0.6825,
      0.2925,
      0.78,
      0.39,
      0,
      0.4875,
      0.0975,
      0.585,
      0.195,
      0.6825,
      0.2925,
      0.78,
      0.39,
      0,
      0.4875,
      0.0975,
      0.585,
      0.195,
      0.6825,
      0.2925,
      0.78,
      0.39,
      0,
      0.4875,
      0.0975,
      0.585,
      0.195,
      0.6825,
      0.2925,
      0.78,
      0.39,
      0,
      0.4875,
      0.0975,
      0.585,
      0.195,
      0.6825,
      0.2925,
      0.78,
      0.39,
      0,
      0.4875,
      0.0975,
      0.585,
      0.195,
      0.6825,
      0.2925,
      0.78,
      0.39,
      0,
      0.4875,
      0.0975,
      0.585,
      0.195,
      0.6825,
      0.2925,
      0.78,
      0.39,
      0,
      0.4875,
      0.0975,
      0.585,
      0.195,
      0.6825,
      0.2925,
      0.78,
      0.39
    ],
    "SoftwareVersions": "syngo_MR_B17",
    "SpacingBetweenSlices": 1.8,
    "StationName": "MININT-E41B04",
    "TaskName": "MST",
    "TotalReadoutTime": 0.0712794,
    "TxRefAmp": 329.801,
    "dataset": "ds002168",
    "modality": "bold",
    "run_id": 1,
    "subject_id": "1591",
    "task_id": "mst"
  },
  "dummy_trs": 2,
  "dvars_nstd": 75.95225357988235,
  "dvars_std": 1.0560564309411764,
  "dvars_vstd": 0.9959678326117651,
  "efc": 0.6311094009448277,
  "fber": 166.1796875,
  "fd_mean": 0.08158286876951228,
  "fd_num": 0,
  "fd_perc": 0.0,
  "fwhm_avg": 3.58461668470961,
  "fwhm_x": 3.349155644277881,
  "fwhm_y": 3.9204723260792713,
  "fwhm_z": 3.4842220837716757,
  "gcor": 0.000865116,
  "gsr_x": -0.03319380432367325,
  "gsr_y": 0.1259807050228119,
  "provenance": {
    "md5sum": "ba429127f8f60a19bbe1aeed6d96b661",
    "settings": {
      "fd_thres": 0.2,
      "testing": false
    },
    "software": "mriqc",
    "version": "23.0.1",
    "webapi_port": null,
    "webapi_url": "https://mriqc.nimh.nih.gov/api/v1"
  },
  "size_t": 426,
  "size_x": 100,
  "size_y": 100,
  "size_z": 72,
  "snr": 1.7335636308946292,
  "spacing_tr": 0.875,
  "spacing_x": 1.7999999523162842,
  "spacing_y": 1.7999999523162842,
  "spacing_z": 1.8000000715255737,
  "summary_bg_k": 43.38115330365002,
  "summary_bg_mad": 17.450159508429167,
  "summary_bg_mean": 49.01633834838867,
  "summary_bg_median": 26.723005294799805,
  "summary_bg_n": 357528.0,
  "summary_bg_p05": 13.065728187561035,
  "summary_bg_p95": 156.776170349121,
  "summary_bg_stdv": 67.27191162109375,
  "summary_fg_k": 7.409444440702174,
  "summary_fg_mad": 131.42955568683263,
  "summary_fg_mean": 415.94342041015625,
  "summary_fg_median": 363.01055908203125,
  "summary_fg_n": 248034.0,
  "summary_fg_p05": 200.55387344360352,
  "summary_fg_p95": 832.5557586669919,
  "summary_fg_stdv": 209.4009246826172,
  "tsnr": 19.073492389172316
}