{
  "bids_meta": {
    "AcquisitionMatrixPE": 512,
    "AcquisitionNumber": 1,
    "AcquisitionTime": "15:09:5.742500",
    "BaseResolution": 512,
    "ConversionSoftware": "dcm2niix",
    "ConversionSoftwareVersion": "v1.0.20180404 Clang8.0.0",
    "DeviceSerialNumber": "35002",
    "DwellTime": 5e-06,
    "EchoTime": 0.064,
    "EchoTrainLength": 15,
    "FlipAngle": 129,
    "ImageOrientationPatientDICOM": [
      0.999996,
      -0.00285961,
      9.0977e-12,
      0.00147007,
      0.514078,
      -0.857742
    ],
    "ImageType": [
      "ORIGINAL",
      "PRIMARY",
      "M",
      "ND"
    ],
    "InPlanePhaseEncodingDirectionDICOM": "ROW",
    "InstitutionAddress": "University_Pkwy_1700_North_685_Provo_UT_US_84601",
    "InstitutionName": "Brigham_Young_University",
    "InstitutionalDepartmentName": "MRI",
    "MRAcquisitionType": "2D",
    "MagneticFieldStrength": 3,
    "Manufacturer": "Siemens",
    "ManufacturersModelName": "TrioTim",
    "Modality": "MR",
    "PartialFourier": 1,
    "PatientPosition": "HFS",
    "PercentPhaseFOV": 100,
    "PhaseEncodingDirection": "i",
    "PhaseEncodingSteps": 720,
    "PhaseOversampling": 0.4,
    "PhaseResolution": 1,
    "PixelBandwidth": 195,
    "ProcedureStepDescription": "Research_KIRWAN",
    "ProtocolName": "HHR_struct_MODIFIED",
    "PulseSequenceDetails": "%SiemensSeq%_tse",
    "ReceiveCoilName": "32Ch_Head",
    "ReconMatrixPE": 512,
    "RepetitionTime": 6,
    "SAR": 0.95991,
    "ScanningSequence": "SE",
    "SequenceName": "_tse2d1_15",
    "SequenceVariant": "SK_SP_OSP",
    "SeriesDescription": "HHR_struct_MODIFIED",
    "SeriesNumber": 16,
    "ShimSetting": [
      -2674,
      -23034,
      2596,
      1583,
      -30,
      107,
      30,
      -176
    ],
    "SliceThickness": 2,
    "SoftwareVersions": "syngo_MR_B17",
    "SpacingBetweenSlices": 2,
    "StationName": "MININT-E41B04",
    "TxRefAmp": 339.194,
    "dataset": "ds002168",
    "modality": "T2w",
    "subject_id": "1539"
  },
  "cjv": 0.74314428217402,
  "cnr": 1.140612562855188,
  "efc": 0.6144184070648552,
  "fber": 8241.72568968145,
  "fwhm_avg": 5.0545491571064955,
  "fwhm_x": 5.5469568,
  "fwhm_y": 3.7542906713194855,
  "fwhm_z": 5.8624,
  "icvs_csf": 0.4753712645942424,
  "icvs_gm": 0.12145709717204564,
  "icvs_wm": 0.403171638233712,
  "inu_med": 1.0351927876472473,
  "inu_range": 1.4711927860975256,
  "provenance": {
    "md5sum": "840e64d0e47a1ac4a6180fa5e44eeaa1",
    "settings": {
      "testing": false
    },
    "software": "mriqc",
    "version": "23.0.1",
    "warnings": {
      "large_rot_frame": false,
      "small_air_mask": false
    },
    "webapi_port": null,
    "webapi_url": "https://mriqc.nimh.nih.gov/api/v1"
  },
  "qi_1": 0.0,
  "qi_2": 0.00108946283712766,
  "rpve_csf": 5.066388859554234,
  "rpve_gm": 19.629815940342255,
  "rpve_wm": 5.961062687930575,
  "size_x": 512,
  "size_y": 35,
  "size_z": 512,
  "snr_csf": 12.34842792022541,
  "snr_gm": 2.2762547337803465,
  "snr_total": 7.943843146481434,
  "snr_wm": 9.206846785438549,
  "snrd_csf": 65.97930833686586,
  "snrd_gm": 93.05832374162925,
  "snrd_total": 68.36523192388928,
  "snrd_wm": 46.058063693172755,
  "spacing_x": 0.390625,
  "spacing_y": 1.9999996423721313,
  "spacing_z": 0.390625,
  "summary_bg_k": 41.16207465676964,
  "summary_bg_mad": 14.739533448675234,
  "summary_bg_mean": 18.999059558840024,
  "summary_bg_median": 9.941664233803749,
  "summary_bg_n": 2330892.0,
  "summary_bg_p05": 0.0,
  "summary_bg_p95": 72.1386875808239,
  "summary_bg_stdv": 28.21910445578195,
  "summary_csf_k": 0.3811245943763648,
  "summary_csf_mad": 115.47998106895969,
  "summary_csf_mean": 1492.0394323903847,
  "summary_csf_median": 1484.430146381259,
  "summary_csf_n": 885805.0,
  "summary_csf_p05": 1307.8629030883312,
  "summary_csf_p95": 1701.0926966667175,
  "summary_csf_stdv": 120.21200739656442,
  "summary_gm_k": -1.0811720406636742,
  "summary_gm_mad": 672.5368939680658,
  "summary_gm_mean": 1724.7048158679104,
  "summary_gm_median": 2093.665190130472,
  "summary_gm_n": 246449.0,
  "summary_gm_p05": 154.8763395100832,
  "summary_gm_p95": 2907.6163545817117,
  "summary_gm_stdv": 919.7832348863966,
  "summary_wm_k": 0.04010533207915801,
  "summary_wm_mad": 113.28732320056172,
  "summary_wm_mean": 1033.7502118718155,
  "summary_wm_median": 1036.2336307168007,
  "summary_wm_n": 772531.0,
  "summary_wm_p05": 846.7668726742268,
  "summary_wm_p95": 1214.5262868106365,
  "summary_wm_stdv": 112.55025571632336,
  "tpm_overlap_csf": 0.09605582746599113,
  "tpm_overlap_gm": 0.08069993557129385,
  "tpm_overlap_wm": 0.4254608371087288,
  "wm2max": 0.32320659899103854
}