{
  "bids_meta": {
    "AcquisitionMatrixPE": 256,
    "AcquisitionNumber": 1,
    "AcquisitionTime": "14:44:2.060000",
    "BaseResolution": 256,
    "ConversionSoftware": "dcm2niix",
    "ConversionSoftwareVersion": "v1.0.20180404 Clang8.0.0",
    "DeviceSerialNumber": "35002",
    "DwellTime": 1.03e-05,
    "EchoTime": 0.00492,
    "FlipAngle": 25,
    "ImageOrientationPatientDICOM": [
      0,
      1,
      -1e-16,
      -0.0418757,
      0,
      -0.999123
    ],
    "ImageType": [
      "ORIGINAL",
      "PRIMARY",
      "M",
      "ND",
      "NORM"
    ],
    "InPlanePhaseEncodingDirectionDICOM": "ROW",
    "InstitutionAddress": "University_Pkwy_1700_North_685_Provo_UT_US_84601",
    "InstitutionName": "Brigham_Young_University",
    "InstitutionalDepartmentName": "MRI",
    "MRAcquisitionType": "3D",
    "MagneticFieldStrength": 3,
    "Manufacturer": "Siemens",
    "ManufacturersModelName": "TrioTim",
    "Modality": "MR",
    "ParallelReductionFactorInPlane": 2,
    "PartialFourier": 1,
    "PatientPosition": "HFS",
    "PercentPhaseFOV": 100,
    "PhaseEncodingSteps": 255,
    "PhaseResolution": 1,
    "PixelBandwidth": 190,
    "ProcedureStepDescription": "Research_KIRWAN",
    "ProtocolName": "t1_fl3d_sag_no3Daccel_iso_1.0_1avg",
    "PulseSequenceDetails": "%SiemensSeq%_gre",
    "ReceiveCoilName": "32Ch_Head",
    "ReconMatrixPE": 256,
    "RepetitionTime": 0.02,
    "SAR": 0.194579,
    "ScanningSequence": "GR",
    "SequenceName": "_fl3d1_ns",
    "SequenceVariant": "SP",
    "SeriesDescription": "t1_fl3d_sag_no3Daccel_iso_1.0_1avg",
    "SeriesNumber": 9,
    "ShimSetting": [
      -2655,
      -23109,
      2059,
      81,
      -13,
      -145,
      -152,
      15
    ],
    "SliceThickness": 1,
    "SoftwareVersions": "syngo_MR_B17",
    "StationName": "MININT-E41B04",
    "TxRefAmp": 339.194,
    "dataset": "ds002168",
    "modality": "T1w",
    "subject_id": "1539"
  },
  "cjv": 0.4619010904854467,
  "cnr": 3.0041845771714875,
  "efc": 0.5405345880082638,
  "fber": 7813.250425240054,
  "fwhm_avg": 3.2161572974579644,
  "fwhm_x": 3.1801017059394927,
  "fwhm_y": 3.34052,
  "fwhm_z": 3.1278501864343995,
  "icvs_csf": 0.180660546469684,
  "icvs_gm": 0.4244051810017838,
  "icvs_wm": 0.3949342725285322,
  "inu_med": 0.38018186390399933,
  "inu_range": 0.12459332495927805,
  "provenance": {
    "md5sum": "485dc92f3a7f0a657010853539ef0e46",
    "settings": {
      "testing": false
    },
    "software": "mriqc",
    "version": "23.0.1",
    "warnings": {
      "large_rot_frame": true,
      "small_air_mask": false
    },
    "webapi_port": null,
    "webapi_url": "https://mriqc.nimh.nih.gov/api/v1"
  },
  "qi_1": 0.0,
  "qi_2": 0.01929160574804073,
  "rpve_csf": 32.800489166583745,
  "rpve_gm": 13.916424092207787,
  "rpve_wm": 16.46625254483058,
  "size_x": 192,
  "size_y": 256,
  "size_z": 256,
  "snr_csf": 3.6036938200333752,
  "snr_gm": 16.700267120132832,
  "snr_total": 14.076582669242418,
  "snr_wm": 21.925787067561043,
  "snrd_csf": 56.00752735878748,
  "snrd_gm": 109.72753019005036,
  "snrd_total": 100.94938728767956,
  "snrd_wm": 137.11310431420085,
  "spacing_x": 0.999999463558197,
  "spacing_y": 1.0,
  "spacing_z": 0.9999999403953552,
  "summary_bg_k": 7.303417077428623,
  "summary_bg_mad": 4.778228246546815,
  "summary_bg_mean": 4.863523169019038,
  "summary_bg_median": 3.222865976393223,
  "summary_bg_n": 2881885.0,
  "summary_bg_p05": 0.0,
  "summary_bg_p95": 17.96991938352585,
  "summary_bg_stdv": 6.617490558202285,
  "summary_csf_k": 2.977315248512012,
  "summary_csf_mad": 81.47120485021236,
  "summary_csf_mean": 402.8201017491571,
  "summary_csf_median": 408.49012395739555,
  "summary_csf_n": 45171.0,
  "summary_csf_p05": 176.55771336331964,
  "summary_csf_p95": 569.4543746672571,
  "summary_csf_stdv": 113.35191687608497,
  "summary_gm_k": 0.13512550672042334,
  "summary_gm_mad": 47.7581499995765,
  "summary_gm_mean": 799.749560267242,
  "summary_gm_median": 800.2962195016444,
  "summary_gm_n": 26680.0,
  "summary_gm_p05": 719.9361724033952,
  "summary_gm_p95": 876.067751858756,
  "summary_gm_stdv": 47.92026472087063,
  "summary_wm_k": 0.324218861187195,
  "summary_wm_mad": 44.50026710420367,
  "summary_wm_mean": 1002.271337012391,
  "summary_wm_median": 1000.0325245335698,
  "summary_wm_n": 173482.0,
  "summary_wm_p05": 931.5710381865501,
  "summary_wm_p95": 1080.6041739434004,
  "summary_wm_stdv": 45.60974888658917,
  "tpm_overlap_csf": 0.1442747909916142,
  "tpm_overlap_gm": 0.45347723816142493,
  "tpm_overlap_wm": 0.4684685944461344,
  "wm2max": 0.6421464108031272
}