{
  "aor": 0.00035399532710280373,
  "aqi": 0.015029633177570095,
  "bids_meta": {
    "AcquisitionMatrixPE": 100,
    "AcquisitionNumber": 1,
    "AcquisitionTime": "15:42:24.175000",
    "BandwidthPerPixelPhaseEncode": 13.889,
    "BaseResolution": 100,
    "ConversionSoftware": "dcm2niix",
    "ConversionSoftwareVersion": "v1.0.20180404 Clang8.0.0",
    "DerivedVendorReportedEchoSpacing": 0.000719994,
    "DeviceSerialNumber": "35002",
    "DwellTime": 2.8e-06,
    "EchoTime": 0.0436,
    "EffectiveEchoSpacing": 0.000719994,
    "FlipAngle": 55,
    "ImageComments": "Unaliased_MB8_PE3_(remote)",
    "ImageOrientationPatientDICOM": [
      0.999894,
      0.00658071,
      -0.0129722,
      1.47299e-08,
      0.891811,
      0.452409
    ],
    "ImageType": [
      "ORIGINAL",
      "PRIMARY",
      "M",
      "MB",
      "ND",
      "MOSAIC"
    ],
    "InPlanePhaseEncodingDirectionDICOM": "COL",
    "InstitutionAddress": "University_Pkwy_1700_North_685_Provo_UT_US_84601",
    "InstitutionName": "Brigham_Young_University",
    "InstitutionalDepartmentName": "MRI",
    "MRAcquisitionType": "2D",
    "MagneticFieldStrength": 3,
    "Manufacturer": "Siemens",
    "ManufacturersModelName": "TrioTim",
    "Modality": "MR",
    "MultibandAccelerationFactor": 8,
    "PartialFourier": 1,
    "PatientPosition": "HFS",
    "PercentPhaseFOV": 100,
    "PhaseEncodingDirection": "j-",
    "PhaseEncodingSteps": 100,
    "PhaseResolution": 1,
    "PixelBandwidth": 1786,
    "ProcedureStepDescription": "Research_KIRWAN",
    "ProtocolName": "run2",
    "PulseSequenceDetails": "%CustomerSeq%_cmrr_mbep2d_bold",
    "ReceiveCoilName": "32Ch_Head",
    "ReconMatrixPE": 100,
    "RepetitionTime": 0.875,
    "SAR": 0.116055,
    "ScanOptions": "FS",
    "ScanningSequence": "EP",
    "SequenceName": "epfid2d1_100",
    "SequenceVariant": "SK_SS",
    "SeriesDescription": "run2",
    "SeriesNumber": 4,
    "ShimSetting": [
      -2835,
      -22928,
      2394,
      617,
      128,
      118,
      -88,
      441
    ],
    "SliceThickness": 1.8,
    "SliceTiming": [
      0,
      0.4875,
      0.0975,
      0.585,
      0.195,
      0.6825,
      0.2925,
      0.78,
      0.39,
      0,
      0.4875,
      0.0975,
      0.585,
      0.195,
      0.6825,
      0.2925,
      0.78,
      0.39,
      0,
      0.4875,
      0.0975,
      0.585,
      0.195,
      0.6825,
      0.2925,
      0.78,
      0.39,
      0,
      0.4875,
      0.0975,
      0.585,
      0.195,
      0.6825,
      0.2925,
      0.78,
      0.39,
      0,
      0.4875,
      0.0975,
      0.585,
      0.195,
      0.6825,
      0.2925,
      0.78,
      0.39,
      0,
      0.4875,
      0.0975,
      0.585,
      0.195,
      0.6825,
      0.2925,
      0.78,
      0.39,
      0,
      0.4875,
      0.0975,
      0.585,
      0.195,
      0.6825,
      0.2925,
      0.78,
      0.39,
      0,
      0.4875,
      0.0975,
      0.585,
      0.195,
      0.6825,
      0.2925,
      0.78,
      0.39
    ],
    "SoftwareVersions": "syngo_MR_B17",
    "SpacingBetweenSlices": 1.8,
    "StationName": "MININT-E41B04",
    "TaskName": "MST",
    "TotalReadoutTime": 0.0712794,
    "TxRefAmp": 331.993,
    "dataset": "ds002168",
    "modality": "bold",
    "run_id": 2,
    "subject_id": "2436",
    "task_id": "mst"
  },
  "dummy_trs": 0,
  "dvars_nstd": 70.18399362311474,
  "dvars_std": 1.0470998421311482,
  "dvars_vstd": 0.9965966834192043,
  "efc": 0.652636545054573,
  "fber": 104.96235656738281,
  "fd_mean": 0.10864334521187062,
  "fd_num": 33,
  "fd_perc": 7.710280373831775,
  "fwhm_avg": 3.178092608968175,
  "fwhm_x": 3.0415111916836417,
  "fwhm_y": 3.420844535065877,
  "fwhm_z": 3.0719221001550054,
  "gcor": 0.00436093,
  "gsr_x": 0.015820195898413658,
  "gsr_y": 0.07811383903026581,
  "provenance": {
    "md5sum": "f85897618a5d40d649db5afc29f225fb",
    "settings": {
      "fd_thres": 0.2,
      "testing": false
    },
    "software": "mriqc",
    "version": "23.0.1",
    "webapi_port": null,
    "webapi_url": "https://mriqc.nimh.nih.gov/api/v1"
  },
  "size_t": 428,
  "size_x": 100,
  "size_y": 100,
  "size_z": 72,
  "snr": 1.9999528030806473,
  "spacing_tr": 0.875,
  "spacing_x": 1.7999999523162842,
  "spacing_y": 1.7999999523162842,
  "spacing_z": 1.8000000715255737,
  "summary_bg_k": 21.727193430843087,
  "summary_bg_mad": 25.39822466372866,
  "summary_bg_mean": 61.86211013793945,
  "summary_bg_median": 37.74532699584961,
  "summary_bg_n": 369305.0,
  "summary_bg_p05": 15.584111213684082,
  "summary_bg_p95": 199.53457946777328,
  "summary_bg_stdv": 72.87089538574219,
  "summary_fg_k": 3.2278659726782886,
  "summary_fg_mad": 145.16511778679944,
  "summary_fg_mean": 441.751953125,
  "summary_fg_median": 392.61566162109375,
  "summary_fg_n": 241772.0,
  "summary_fg_p05": 223.76997604370118,
  "summary_fg_p95": 839.5947357177727,
  "summary_fg_stdv": 196.3120574951172,
  "tsnr": 20.477893971838057
}