{
  "bids_meta": {
    "AcquisitionMatrixPE": 512,
    "AcquisitionNumber": 1,
    "AcquisitionTime": "15:25:48.257500",
    "BaseResolution": 512,
    "ConversionSoftware": "dcm2niix",
    "ConversionSoftwareVersion": "v1.0.20180404 Clang8.0.0",
    "DeviceSerialNumber": "35002",
    "DwellTime": 5e-06,
    "EchoTime": 0.064,
    "EchoTrainLength": 15,
    "FlipAngle": 125,
    "ImageOrientationPatientDICOM": [
      0.999966,
      0.00819696,
      -1.83857e-10,
      -0.00390623,
      0.47653,
      -0.87915
    ],
    "ImageType": [
      "ORIGINAL",
      "PRIMARY",
      "M",
      "ND"
    ],
    "InPlanePhaseEncodingDirectionDICOM": "ROW",
    "InstitutionAddress": "University_Pkwy_1700_North_685_Provo_UT_US_84601",
    "InstitutionName": "Brigham_Young_University",
    "InstitutionalDepartmentName": "MRI",
    "MRAcquisitionType": "2D",
    "MagneticFieldStrength": 3,
    "Manufacturer": "Siemens",
    "ManufacturersModelName": "TrioTim",
    "Modality": "MR",
    "PartialFourier": 1,
    "PatientPosition": "HFS",
    "PercentPhaseFOV": 100,
    "PhaseEncodingDirection": "i",
    "PhaseEncodingSteps": 720,
    "PhaseOversampling": 0.4,
    "PhaseResolution": 1,
    "PixelBandwidth": 195,
    "ProcedureStepDescription": "Research_KIRWAN",
    "ProtocolName": "HHR_struct_MODIFIED",
    "PulseSequenceDetails": "%SiemensSeq%_tse",
    "ReceiveCoilName": "32Ch_Head",
    "ReconMatrixPE": 512,
    "RepetitionTime": 6,
    "SAR": 0.895811,
    "ScanningSequence": "SE",
    "SequenceName": "_tse2d1_15",
    "SequenceVariant": "SK_SP_OSP",
    "SeriesDescription": "HHR_struct_MODIFIED",
    "SeriesNumber": 16,
    "ShimSetting": [
      -2848,
      -22920,
      2396,
      819,
      21,
      153,
      -163,
      517
    ],
    "SliceThickness": 2,
    "SoftwareVersions": "syngo_MR_B17",
    "SpacingBetweenSlices": 2,
    "StationName": "MININT-E41B04",
    "TxRefAmp": 319.068,
    "dataset": "ds002168",
    "modality": "T2w",
    "subject_id": "1593"
  },
  "cjv": 1.7762327544489058,
  "cnr": 0.8129269816036412,
  "efc": 0.6745627788908248,
  "fber": 2480.9143090181897,
  "fwhm_avg": 5.963141805485115,
  "fwhm_x": 6.353869284761756,
  "fwhm_y": 4.337552931693587,
  "fwhm_z": 7.1980032000000005,
  "icvs_csf": 0.45798622133442873,
  "icvs_gm": 0.4393254617904564,
  "icvs_wm": 0.10268831687511484,
  "inu_med": 1.0124819874763489,
  "inu_range": 1.75651191174984,
  "provenance": {
    "md5sum": "32e5ab4521fede49c158e0a074b5f5b6",
    "settings": {
      "testing": false
    },
    "software": "mriqc",
    "version": "23.0.1",
    "warnings": {
      "large_rot_frame": false,
      "small_air_mask": false
    },
    "webapi_port": null,
    "webapi_url": "https://mriqc.nimh.nih.gov/api/v1"
  },
  "qi_1": 0.0,
  "qi_2": 0.00048178511553552964,
  "rpve_csf": 4.6028076064378105,
  "rpve_gm": 4.879297849980295,
  "rpve_wm": 20.052157731385044,
  "size_x": 512,
  "size_y": 35,
  "size_z": 512,
  "snr_csf": 12.179692523259027,
  "snr_gm": 8.595951723212904,
  "snr_total": 7.538812261053388,
  "snr_wm": 1.8407925366882336,
  "snrd_csf": 55.205889495093,
  "snrd_gm": 37.30026335925368,
  "snrd_total": 53.25267830827395,
  "snrd_wm": 67.25188207047519,
  "spacing_x": 0.3906249701976776,
  "spacing_y": 2.0000009536743164,
  "spacing_z": 0.390625,
  "summary_bg_k": 168.97171970085935,
  "summary_bg_mad": 7.505349435455726,
  "summary_bg_mean": 10.46841688025603,
  "summary_bg_median": 5.0622812658548355,
  "summary_bg_n": 2258261.0,
  "summary_bg_p05": 0.0,
  "summary_bg_p95": 36.66318856179714,
  "summary_bg_stdv": 22.684576697851796,
  "summary_csf_k": 0.24192383043270382,
  "summary_csf_mad": 50.49053256579307,
  "summary_csf_mean": 636.0344558645256,
  "summary_csf_median": 632.4476728141308,
  "summary_csf_n": 1090517.0,
  "summary_csf_p05": 557.0043417066336,
  "summary_csf_p95": 726.7901873141527,
  "summary_csf_stdv": 51.926383332767635,
  "summary_gm_k": 0.06375744364185998,
  "summary_gm_mad": 49.80822807166073,
  "summary_gm_mean": 425.8499888264735,
  "summary_gm_median": 427.3178998231888,
  "summary_gm_n": 1068262.0,
  "summary_gm_p05": 343.0079063773155,
  "summary_gm_p95": 505.5224752575159,
  "summary_gm_stdv": 49.711505319773046,
  "summary_wm_k": -1.5470478771539782,
  "summary_wm_mad": 559.6716330536198,
  "summary_wm_mean": 600.5943438459406,
  "summary_wm_median": 770.4485281705856,
  "summary_wm_n": 255663.0,
  "summary_wm_p05": 33.963305220007896,
  "summary_wm_p95": 1191.934066365659,
  "summary_wm_stdv": 418.5409306305775,
  "tpm_overlap_csf": 0.10295630171194833,
  "tpm_overlap_gm": 0.2583350236899023,
  "tpm_overlap_wm": 0.02597756660156571,
  "wm2max": 0.5791245791245792
}