{
  "aor": 0.00024673708920187795,
  "aqi": 0.016268480046948357,
  "bids_meta": {
    "AcquisitionMatrixPE": 100,
    "AcquisitionNumber": 1,
    "AcquisitionTime": "09:26:35.862500",
    "BandwidthPerPixelPhaseEncode": 13.889,
    "BaseResolution": 100,
    "ConversionSoftware": "dcm2niix",
    "ConversionSoftwareVersion": "v1.0.20180404 Clang8.0.0",
    "DerivedVendorReportedEchoSpacing": 0.000719994,
    "DeviceSerialNumber": "35002",
    "DwellTime": 2.8e-06,
    "EchoTime": 0.0436,
    "EffectiveEchoSpacing": 0.000719994,
    "FlipAngle": 55,
    "ImageComments": "Unaliased_MB8_PE3_(remote)",
    "ImageOrientationPatientDICOM": [
      0.999998,
      -0.00099392,
      0.00174966,
      2.07109e-08,
      0.869505,
      0.493924
    ],
    "ImageType": [
      "ORIGINAL",
      "PRIMARY",
      "M",
      "ND",
      "MOSAIC"
    ],
    "InPlanePhaseEncodingDirectionDICOM": "COL",
    "InstitutionAddress": "University_Pkwy_1700_North_685_Provo_UT_US_84601",
    "InstitutionName": "Brigham_Young_University",
    "InstitutionalDepartmentName": "MRI",
    "MRAcquisitionType": "2D",
    "MagneticFieldStrength": 3,
    "Manufacturer": "Siemens",
    "ManufacturersModelName": "TrioTim",
    "Modality": "MR",
    "MultibandAccelerationFactor": 8,
    "PartialFourier": 1,
    "PatientPosition": "HFS",
    "PercentPhaseFOV": 100,
    "PhaseEncodingDirection": "j-",
    "PhaseEncodingSteps": 100,
    "PhaseResolution": 1,
    "PixelBandwidth": 1786,
    "ProcedureStepDescription": "Research_KIRWAN",
    "ProtocolName": "run2",
    "PulseSequenceDetails": "%CustomerSeq%_cmrr_mbep2d_bold",
    "ReceiveCoilName": "32Ch_Head",
    "ReconMatrixPE": 100,
    "RepetitionTime": 0.875,
    "SAR": 0.113689,
    "ScanOptions": "FS",
    "ScanningSequence": "EP",
    "SequenceName": "epfid2d1_100",
    "SequenceVariant": "SK",
    "SeriesDescription": "run2",
    "SeriesNumber": 4,
    "ShimSetting": [
      -2641,
      -23144,
      2503,
      961,
      19,
      20,
      140,
      -119
    ],
    "SliceThickness": 1.8,
    "SliceTiming": [
      0,
      0.49,
      0.0975,
      0.5875,
      0.195,
      0.685,
      0.2925,
      0.7825,
      0.39,
      0,
      0.49,
      0.0975,
      0.5875,
      0.195,
      0.685,
      0.2925,
      0.7825,
      0.39,
      0,
      0.49,
      0.0975,
      0.5875,
      0.195,
      0.685,
      0.2925,
      0.7825,
      0.39,
      0,
      0.49,
      0.0975,
      0.5875,
      0.195,
      0.685,
      0.2925,
      0.7825,
      0.39,
      0,
      0.49,
      0.0975,
      0.5875,
      0.195,
      0.685,
      0.2925,
      0.7825,
      0.39,
      0,
      0.49,
      0.0975,
      0.5875,
      0.195,
      0.685,
      0.2925,
      0.7825,
      0.39,
      0,
      0.49,
      0.0975,
      0.5875,
      0.195,
      0.685,
      0.2925,
      0.7825,
      0.39,
      0,
      0.49,
      0.0975,
      0.5875,
      0.195,
      0.685,
      0.2925,
      0.7825,
      0.39
    ],
    "SoftwareVersions": "syngo_MR_B17",
    "SpacingBetweenSlices": 1.8,
    "StationName": "MININT-E41B04",
    "TaskName": "MST",
    "TotalReadoutTime": 0.0712794,
    "TxRefAmp": 338.876,
    "dataset": "ds002168",
    "modality": "bold",
    "run_id": 2,
    "subject_id": "1425",
    "task_id": "mst"
  },
  "dummy_trs": 2,
  "dvars_nstd": 75.32804197416475,
  "dvars_std": 1.055373971294118,
  "dvars_vstd": 1.0054107722823535,
  "efc": 0.587544009292546,
  "fber": 284.77313232421875,
  "fd_mean": 0.10280770211495671,
  "fd_num": 1,
  "fd_perc": 0.2347417840375587,
  "fwhm_avg": 2.959950078411899,
  "fwhm_x": 2.7113445162705454,
  "fwhm_y": 3.2987223096085208,
  "fwhm_z": 2.8697834093566312,
  "gcor": 0.00300731,
  "gsr_x": -0.01302556972950697,
  "gsr_y": 0.0848068818449974,
  "provenance": {
    "md5sum": "fb2da66d6ea3113693b7ba3de679fedd",
    "settings": {
      "fd_thres": 0.2,
      "testing": false
    },
    "software": "mriqc",
    "version": "23.0.1",
    "webapi_port": null,
    "webapi_url": "https://mriqc.nimh.nih.gov/api/v1"
  },
  "size_t": 426,
  "size_x": 100,
  "size_y": 100,
  "size_z": 72,
  "snr": 2.403005639363345,
  "spacing_tr": 0.875,
  "spacing_x": 1.7999999523162842,
  "spacing_y": 1.7999999523162842,
  "spacing_z": 1.7999999523162842,
  "summary_bg_k": 60.861250433175876,
  "summary_bg_mad": 10.903739773820929,
  "summary_bg_mean": 32.307167053222656,
  "summary_bg_median": 18.868545532226562,
  "summary_bg_n": 426788.0,
  "summary_bg_p05": 10.434272766113281,
  "summary_bg_p95": 95.41549682617188,
  "summary_bg_stdv": 44.63237380981445,
  "summary_fg_k": 3.1739977439602622,
  "summary_fg_mad": 102.94513748102311,
  "summary_fg_mean": 356.1683349609375,
  "summary_fg_median": 327.18896484375,
  "summary_fg_n": 186278.0,
  "summary_fg_p05": 194.49061584472656,
  "summary_fg_p95": 624.5096343994139,
  "summary_fg_stdv": 136.15785217285156,
  "tsnr": 20.468614708515815
}