{
  "aor": 0.00022115023474178404,
  "aqi": 0.01598561150234742,
  "bids_meta": {
    "AcquisitionMatrixPE": 100,
    "AcquisitionNumber": 1,
    "AcquisitionTime": "09:33:19.662500",
    "BandwidthPerPixelPhaseEncode": 13.889,
    "BaseResolution": 100,
    "ConversionSoftware": "dcm2niix",
    "ConversionSoftwareVersion": "v1.0.20180404 Clang8.0.0",
    "DerivedVendorReportedEchoSpacing": 0.000719994,
    "DeviceSerialNumber": "35002",
    "DwellTime": 2.8e-06,
    "EchoTime": 0.0436,
    "EffectiveEchoSpacing": 0.000719994,
    "FlipAngle": 55,
    "ImageComments": "Unaliased_MB8_PE3_(remote)",
    "ImageOrientationPatientDICOM": [
      0.999998,
      -0.00099392,
      0.00174966,
      2.07109e-08,
      0.869505,
      0.493924
    ],
    "ImageType": [
      "ORIGINAL",
      "PRIMARY",
      "M",
      "ND",
      "MOSAIC"
    ],
    "InPlanePhaseEncodingDirectionDICOM": "COL",
    "InstitutionAddress": "University_Pkwy_1700_North_685_Provo_UT_US_84601",
    "InstitutionName": "Brigham_Young_University",
    "InstitutionalDepartmentName": "MRI",
    "MRAcquisitionType": "2D",
    "MagneticFieldStrength": 3,
    "Manufacturer": "Siemens",
    "ManufacturersModelName": "TrioTim",
    "Modality": "MR",
    "MultibandAccelerationFactor": 8,
    "PartialFourier": 1,
    "PatientPosition": "HFS",
    "PercentPhaseFOV": 100,
    "PhaseEncodingDirection": "j-",
    "PhaseEncodingSteps": 100,
    "PhaseResolution": 1,
    "PixelBandwidth": 1786,
    "ProcedureStepDescription": "Research_KIRWAN",
    "ProtocolName": "run3",
    "PulseSequenceDetails": "%CustomerSeq%_cmrr_mbep2d_bold",
    "ReceiveCoilName": "32Ch_Head",
    "ReconMatrixPE": 100,
    "RepetitionTime": 0.875,
    "SAR": 0.114992,
    "ScanOptions": "FS",
    "ScanningSequence": "EP",
    "SequenceName": "epfid2d1_100",
    "SequenceVariant": "SK",
    "SeriesDescription": "run3",
    "SeriesNumber": 5,
    "ShimSetting": [
      -2641,
      -23144,
      2503,
      961,
      19,
      20,
      140,
      -119
    ],
    "SliceThickness": 1.8,
    "SliceTiming": [
      0,
      0.49,
      0.0975,
      0.5875,
      0.195,
      0.685,
      0.295,
      0.7825,
      0.3925,
      0,
      0.49,
      0.0975,
      0.5875,
      0.195,
      0.685,
      0.295,
      0.7825,
      0.3925,
      0,
      0.49,
      0.0975,
      0.5875,
      0.195,
      0.685,
      0.295,
      0.7825,
      0.3925,
      0,
      0.49,
      0.0975,
      0.5875,
      0.195,
      0.685,
      0.295,
      0.7825,
      0.3925,
      0,
      0.49,
      0.0975,
      0.5875,
      0.195,
      0.685,
      0.295,
      0.7825,
      0.3925,
      0,
      0.49,
      0.0975,
      0.5875,
      0.195,
      0.685,
      0.295,
      0.7825,
      0.3925,
      0,
      0.49,
      0.0975,
      0.5875,
      0.195,
      0.685,
      0.295,
      0.7825,
      0.3925,
      0,
      0.49,
      0.0975,
      0.5875,
      0.195,
      0.685,
      0.295,
      0.7825,
      0.3925
    ],
    "SoftwareVersions": "syngo_MR_B17",
    "SpacingBetweenSlices": 1.8,
    "StationName": "MININT-E41B04",
    "TaskName": "MST",
    "TotalReadoutTime": 0.0712794,
    "TxRefAmp": 338.876,
    "dataset": "ds002168",
    "modality": "bold",
    "run_id": 3,
    "subject_id": "1425",
    "task_id": "mst"
  },
  "dummy_trs": 2,
  "dvars_nstd": 75.56464084395287,
  "dvars_std": 1.055871191294117,
  "dvars_vstd": 1.005364608517647,
  "efc": 0.5881022593396815,
  "fber": 277.5303039550781,
  "fd_mean": 0.10138343078710955,
  "fd_num": 0,
  "fd_perc": 0.0,
  "fwhm_avg": 2.975455634378212,
  "fwhm_x": 2.724305627725008,
  "fwhm_y": 3.315500087830758,
  "fwhm_z": 2.8865611875788684,
  "gcor": 0.0032323,
  "gsr_x": -0.014469531364738941,
  "gsr_y": 0.08643552660942078,
  "provenance": {
    "md5sum": "86e95341aa4f5cb8b1eb4213ac06b899",
    "settings": {
      "fd_thres": 0.2,
      "testing": false
    },
    "software": "mriqc",
    "version": "23.0.1",
    "webapi_port": null,
    "webapi_url": "https://mriqc.nimh.nih.gov/api/v1"
  },
  "size_t": 426,
  "size_x": 100,
  "size_y": 100,
  "size_z": 72,
  "snr": 2.3792467750928266,
  "spacing_tr": 0.875,
  "spacing_x": 1.7999999523162842,
  "spacing_y": 1.7999999523162842,
  "spacing_z": 1.7999999523162842,
  "summary_bg_k": 60.669139310825756,
  "summary_bg_mad": 11.1160355685959,
  "summary_bg_mean": 32.79720687866211,
  "summary_bg_median": 19.06807518005371,
  "summary_bg_n": 427079.0,
  "summary_bg_p05": 10.48356819152832,
  "summary_bg_p95": 97.66455688476557,
  "summary_bg_stdv": 45.30042266845703,
  "summary_fg_k": 3.2020316008325818,
  "summary_fg_mad": 103.60117357926596,
  "summary_fg_mean": 356.25372314453125,
  "summary_fg_median": 326.7065734863281,
  "summary_fg_n": 186131.0,
  "summary_fg_p05": 194.29225158691406,
  "summary_fg_p95": 626.1925048828125,
  "summary_fg_stdv": 137.31475830078125,
  "tsnr": 20.605377867352217
}