{
  "aor": 0.00031310588235294114,
  "aqi": 0.01845260776470588,
  "bids_meta": {
    "AcquisitionMatrixPE": 100,
    "AcquisitionNumber": 1,
    "AcquisitionTime": "12:43:1.952500",
    "BandwidthPerPixelPhaseEncode": 13.889,
    "BaseResolution": 100,
    "ConversionSoftware": "dcm2niix",
    "ConversionSoftwareVersion": "v1.0.20180404 Clang8.0.0",
    "DerivedVendorReportedEchoSpacing": 0.000719994,
    "DeviceSerialNumber": "35002",
    "DwellTime": 2.8e-06,
    "EchoTime": 0.0436,
    "EffectiveEchoSpacing": 0.000719994,
    "FlipAngle": 55,
    "ImageComments": "Unaliased_MB8_PE3_(remote)",
    "ImageOrientationPatientDICOM": [
      0.999729,
      0.0107074,
      -0.0206613,
      9.5561e-09,
      0.887858,
      0.460118
    ],
    "ImageType": [
      "ORIGINAL",
      "PRIMARY",
      "M",
      "MB",
      "ND",
      "MOSAIC"
    ],
    "InPlanePhaseEncodingDirectionDICOM": "COL",
    "InstitutionAddress": "University_Pkwy_1700_North_685_Provo_UT_US_84601",
    "InstitutionName": "Brigham_Young_University",
    "InstitutionalDepartmentName": "MRI",
    "MRAcquisitionType": "2D",
    "MagneticFieldStrength": 3,
    "Manufacturer": "Siemens",
    "ManufacturersModelName": "TrioTim",
    "Modality": "MR",
    "MultibandAccelerationFactor": 8,
    "PartialFourier": 1,
    "PatientPosition": "HFS",
    "PercentPhaseFOV": 100,
    "PhaseEncodingDirection": "j-",
    "PhaseEncodingSteps": 100,
    "PhaseResolution": 1,
    "PixelBandwidth": 1786,
    "ProcedureStepDescription": "Research_KIRWAN",
    "ProtocolName": "run4",
    "PulseSequenceDetails": "%CustomerSeq%_cmrr_mbep2d_bold",
    "ReceiveCoilName": "32Ch_Head",
    "ReconMatrixPE": 100,
    "RepetitionTime": 0.875,
    "SAR": 0.127248,
    "ScanOptions": "FS",
    "ScanningSequence": "EP",
    "SequenceName": "epfid2d1_100",
    "SequenceVariant": "SK_SS",
    "SeriesDescription": "run4",
    "SeriesNumber": 6,
    "ShimSetting": [
      -2834,
      -22937,
      2357,
      651,
      31,
      125,
      -6,
      456
    ],
    "SliceThickness": 1.8,
    "SliceTiming": [
      0,
      0.4875,
      0.0975,
      0.585,
      0.195,
      0.6825,
      0.2925,
      0.78,
      0.39,
      0,
      0.4875,
      0.0975,
      0.585,
      0.195,
      0.6825,
      0.2925,
      0.78,
      0.39,
      0,
      0.4875,
      0.0975,
      0.585,
      0.195,
      0.6825,
      0.2925,
      0.78,
      0.39,
      0,
      0.4875,
      0.0975,
      0.585,
      0.195,
      0.6825,
      0.2925,
      0.78,
      0.39,
      0,
      0.4875,
      0.0975,
      0.585,
      0.195,
      0.6825,
      0.2925,
      0.78,
      0.39,
      0,
      0.4875,
      0.0975,
      0.585,
      0.195,
      0.6825,
      0.2925,
      0.78,
      0.39,
      0,
      0.4875,
      0.0975,
      0.585,
      0.195,
      0.6825,
      0.2925,
      0.78,
      0.39,
      0,
      0.4875,
      0.0975,
      0.585,
      0.195,
      0.6825,
      0.2925,
      0.78,
      0.39
    ],
    "SoftwareVersions": "syngo_MR_B17",
    "SpacingBetweenSlices": 1.8,
    "StationName": "MININT-E41B04",
    "TaskName": "MST",
    "TotalReadoutTime": 0.0712794,
    "TxRefAmp": 337.171,
    "dataset": "ds002168",
    "modality": "bold",
    "run_id": 4,
    "subject_id": "1963",
    "task_id": "mst"
  },
  "dummy_trs": 3,
  "dvars_nstd": 79.70980923153297,
  "dvars_std": 1.0668791041745285,
  "dvars_vstd": 1.0035303310377357,
  "efc": 0.6127166320233024,
  "fber": 182.78955078125,
  "fd_mean": 0.0735961076808253,
  "fd_num": 0,
  "fd_perc": 0.0,
  "fwhm_avg": 3.024255709273517,
  "fwhm_x": 2.8455500753813343,
  "fwhm_y": 3.334083642464022,
  "fwhm_z": 2.893133409975195,
  "gcor": 0.00325569,
  "gsr_x": -0.015764392912387848,
  "gsr_y": 0.09732303768396378,
  "provenance": {
    "md5sum": "785c119d0842751066c4897dddd97921",
    "settings": {
      "fd_thres": 0.2,
      "testing": false
    },
    "software": "mriqc",
    "version": "23.0.1",
    "webapi_port": null,
    "webapi_url": "https://mriqc.nimh.nih.gov/api/v1"
  },
  "size_t": 425,
  "size_x": 100,
  "size_y": 100,
  "size_z": 72,
  "snr": 2.1819995517695943,
  "spacing_tr": 0.875,
  "spacing_x": 1.7999999523162842,
  "spacing_y": 1.7999998331069946,
  "spacing_z": 1.7999999523162842,
  "summary_bg_k": 61.27010977233644,
  "summary_bg_mad": 15.349292641404102,
  "summary_bg_mean": 39.84712600708008,
  "summary_bg_median": 24.063528060913086,
  "summary_bg_n": 401569.0,
  "summary_bg_p05": 11.724705696105957,
  "summary_bg_p95": 116.91434783935541,
  "summary_bg_stdv": 52.74076843261719,
  "summary_fg_k": 5.977397414699624,
  "summary_fg_mad": 102.43212218394895,
  "summary_fg_mean": 370.6148376464844,
  "summary_fg_median": 332.5411682128906,
  "summary_fg_n": 211157.0,
  "summary_fg_p05": 204.8517608642578,
  "summary_fg_p95": 674.3011596679679,
  "summary_fg_stdv": 152.40167236328125,
  "tsnr": 19.671587012708187
}