{
  "aor": 0.00033466042154566743,
  "aqi": 0.01949547470725995,
  "bids_meta": {
    "AcquisitionMatrixPE": 100,
    "AcquisitionNumber": 1,
    "AcquisitionTime": "12:29:41.732500",
    "BandwidthPerPixelPhaseEncode": 13.889,
    "BaseResolution": 100,
    "ConversionSoftware": "dcm2niix",
    "ConversionSoftwareVersion": "v1.0.20180404 Clang8.0.0",
    "DerivedVendorReportedEchoSpacing": 0.000719994,
    "DeviceSerialNumber": "35002",
    "DwellTime": 2.8e-06,
    "EchoTime": 0.0436,
    "EffectiveEchoSpacing": 0.000719994,
    "FlipAngle": 55,
    "ImageComments": "Unaliased_MB8_PE3_(remote)",
    "ImageOrientationPatientDICOM": [
      0.999729,
      0.0107074,
      -0.0206613,
      9.5561e-09,
      0.887858,
      0.460118
    ],
    "ImageType": [
      "ORIGINAL",
      "PRIMARY",
      "M",
      "MB",
      "ND",
      "MOSAIC"
    ],
    "InPlanePhaseEncodingDirectionDICOM": "COL",
    "InstitutionAddress": "University_Pkwy_1700_North_685_Provo_UT_US_84601",
    "InstitutionName": "Brigham_Young_University",
    "InstitutionalDepartmentName": "MRI",
    "MRAcquisitionType": "2D",
    "MagneticFieldStrength": 3,
    "Manufacturer": "Siemens",
    "ManufacturersModelName": "TrioTim",
    "Modality": "MR",
    "MultibandAccelerationFactor": 8,
    "PartialFourier": 1,
    "PatientPosition": "HFS",
    "PercentPhaseFOV": 100,
    "PhaseEncodingDirection": "j-",
    "PhaseEncodingSteps": 100,
    "PhaseResolution": 1,
    "PixelBandwidth": 1786,
    "ProcedureStepDescription": "Research_KIRWAN",
    "ProtocolName": "run2",
    "PulseSequenceDetails": "%CustomerSeq%_cmrr_mbep2d_bold",
    "ReceiveCoilName": "32Ch_Head",
    "ReconMatrixPE": 100,
    "RepetitionTime": 0.875,
    "SAR": 0.125259,
    "ScanOptions": "FS",
    "ScanningSequence": "EP",
    "SequenceName": "epfid2d1_100",
    "SequenceVariant": "SK_SS",
    "SeriesDescription": "run2",
    "SeriesNumber": 4,
    "ShimSetting": [
      -2834,
      -22937,
      2357,
      651,
      31,
      125,
      -6,
      456
    ],
    "SliceThickness": 1.8,
    "SliceTiming": [
      0,
      0.49,
      0.1,
      0.5875,
      0.1975,
      0.685,
      0.295,
      0.7825,
      0.3925,
      0,
      0.49,
      0.1,
      0.5875,
      0.1975,
      0.685,
      0.295,
      0.7825,
      0.3925,
      0,
      0.49,
      0.1,
      0.5875,
      0.1975,
      0.685,
      0.295,
      0.7825,
      0.3925,
      0,
      0.49,
      0.1,
      0.5875,
      0.1975,
      0.685,
      0.295,
      0.7825,
      0.3925,
      0,
      0.49,
      0.1,
      0.5875,
      0.1975,
      0.685,
      0.295,
      0.7825,
      0.3925,
      0,
      0.49,
      0.1,
      0.5875,
      0.1975,
      0.685,
      0.295,
      0.7825,
      0.3925,
      0,
      0.49,
      0.1,
      0.5875,
      0.1975,
      0.685,
      0.295,
      0.7825,
      0.3925,
      0,
      0.49,
      0.1,
      0.5875,
      0.1975,
      0.685,
      0.295,
      0.7825,
      0.3925
    ],
    "SoftwareVersions": "syngo_MR_B17",
    "SpacingBetweenSlices": 1.8,
    "StationName": "MININT-E41B04",
    "TaskName": "MST",
    "TotalReadoutTime": 0.0712794,
    "TxRefAmp": 337.171,
    "dataset": "ds002168",
    "modality": "bold",
    "run_id": 2,
    "subject_id": "1963",
    "task_id": "mst"
  },
  "dummy_trs": 1,
  "dvars_nstd": 81.31868272868549,
  "dvars_std": 1.0690683025586862,
  "dvars_vstd": 0.9979173546713608,
  "efc": 0.6134034365944382,
  "fber": 184.93519592285156,
  "fd_mean": 0.06344663531800218,
  "fd_num": 1,
  "fd_perc": 0.234192037470726,
  "fwhm_avg": 3.020896450243282,
  "fwhm_x": 2.8134500745309743,
  "fwhm_y": 3.3484891993552366,
  "fwhm_z": 2.9007500768436345,
  "gcor": 0.00506275,
  "gsr_x": -0.015664117410779,
  "gsr_y": 0.09047262370586395,
  "provenance": {
    "md5sum": "1e9489674d282996a40c34ddba54ee71",
    "settings": {
      "fd_thres": 0.2,
      "testing": false
    },
    "software": "mriqc",
    "version": "23.0.1",
    "webapi_port": null,
    "webapi_url": "https://mriqc.nimh.nih.gov/api/v1"
  },
  "size_t": 427,
  "size_x": 100,
  "size_y": 100,
  "size_z": 72,
  "snr": 2.1961896419515163,
  "spacing_tr": 0.875,
  "spacing_x": 1.7999999523162842,
  "spacing_y": 1.7999998331069946,
  "spacing_z": 1.7999999523162842,
  "summary_bg_k": 76.32356764968304,
  "summary_bg_mad": 14.857271223400586,
  "summary_bg_mean": 37.90107727050781,
  "summary_bg_median": 23.770490646362305,
  "summary_bg_n": 397645.0,
  "summary_bg_p05": 11.704917907714844,
  "summary_bg_p95": 108.8992919921875,
  "summary_bg_stdv": 47.72883224487305,
  "summary_fg_k": 5.841819099604466,
  "summary_fg_mad": 101.86899757422238,
  "summary_fg_mean": 369.57244873046875,
  "summary_fg_median": 332.2763366699219,
  "summary_fg_n": 213191.0,
  "summary_fg_p05": 204.26345825195312,
  "summary_fg_p95": 671.4976501464844,
  "summary_fg_stdv": 151.29638671875,
  "tsnr": 19.044078583829105
}