{
  "aor": 0.0004096244131455399,
  "aqi": 0.02101091009389671,
  "bids_meta": {
    "AcquisitionMatrixPE": 100,
    "AcquisitionNumber": 1,
    "AcquisitionTime": "12:36:23.577500",
    "BandwidthPerPixelPhaseEncode": 13.889,
    "BaseResolution": 100,
    "ConversionSoftware": "dcm2niix",
    "ConversionSoftwareVersion": "v1.0.20180404 Clang8.0.0",
    "DerivedVendorReportedEchoSpacing": 0.000719994,
    "DeviceSerialNumber": "35002",
    "DwellTime": 2.8e-06,
    "EchoTime": 0.0436,
    "EffectiveEchoSpacing": 0.000719994,
    "FlipAngle": 55,
    "ImageComments": "Unaliased_MB8_PE3_(remote)",
    "ImageOrientationPatientDICOM": [
      0.999729,
      0.0107074,
      -0.0206613,
      9.5561e-09,
      0.887858,
      0.460118
    ],
    "ImageType": [
      "ORIGINAL",
      "PRIMARY",
      "M",
      "MB",
      "ND",
      "MOSAIC"
    ],
    "InPlanePhaseEncodingDirectionDICOM": "COL",
    "InstitutionAddress": "University_Pkwy_1700_North_685_Provo_UT_US_84601",
    "InstitutionName": "Brigham_Young_University",
    "InstitutionalDepartmentName": "MRI",
    "MRAcquisitionType": "2D",
    "MagneticFieldStrength": 3,
    "Manufacturer": "Siemens",
    "ManufacturersModelName": "TrioTim",
    "Modality": "MR",
    "MultibandAccelerationFactor": 8,
    "PartialFourier": 1,
    "PatientPosition": "HFS",
    "PercentPhaseFOV": 100,
    "PhaseEncodingDirection": "j-",
    "PhaseEncodingSteps": 100,
    "PhaseResolution": 1,
    "PixelBandwidth": 1786,
    "ProcedureStepDescription": "Research_KIRWAN",
    "ProtocolName": "run3",
    "PulseSequenceDetails": "%CustomerSeq%_cmrr_mbep2d_bold",
    "ReceiveCoilName": "32Ch_Head",
    "ReconMatrixPE": 100,
    "RepetitionTime": 0.875,
    "SAR": 0.127761,
    "ScanOptions": "FS",
    "ScanningSequence": "EP",
    "SequenceName": "epfid2d1_100",
    "SequenceVariant": "SK_SS",
    "SeriesDescription": "run3",
    "SeriesNumber": 5,
    "ShimSetting": [
      -2834,
      -22937,
      2357,
      651,
      31,
      125,
      -6,
      456
    ],
    "SliceThickness": 1.8,
    "SliceTiming": [
      0,
      0.4875,
      0.0975,
      0.585,
      0.195,
      0.6825,
      0.2925,
      0.78,
      0.39,
      0,
      0.4875,
      0.0975,
      0.585,
      0.195,
      0.6825,
      0.2925,
      0.78,
      0.39,
      0,
      0.4875,
      0.0975,
      0.585,
      0.195,
      0.6825,
      0.2925,
      0.78,
      0.39,
      0,
      0.4875,
      0.0975,
      0.585,
      0.195,
      0.6825,
      0.2925,
      0.78,
      0.39,
      0,
      0.4875,
      0.0975,
      0.585,
      0.195,
      0.6825,
      0.2925,
      0.78,
      0.39,
      0,
      0.4875,
      0.0975,
      0.585,
      0.195,
      0.6825,
      0.2925,
      0.78,
      0.39,
      0,
      0.4875,
      0.0975,
      0.585,
      0.195,
      0.6825,
      0.2925,
      0.78,
      0.39,
      0,
      0.4875,
      0.0975,
      0.585,
      0.195,
      0.6825,
      0.2925,
      0.78,
      0.39
    ],
    "SoftwareVersions": "syngo_MR_B17",
    "SpacingBetweenSlices": 1.8,
    "StationName": "MININT-E41B04",
    "TaskName": "MST",
    "TotalReadoutTime": 0.0712794,
    "TxRefAmp": 337.171,
    "dataset": "ds002168",
    "modality": "bold",
    "run_id": 3,
    "subject_id": "1963",
    "task_id": "mst"
  },
  "dummy_trs": 2,
  "dvars_nstd": 80.06852007684705,
  "dvars_std": 1.064071032941176,
  "dvars_vstd": 1.0029811424941173,
  "efc": 0.6133731859613428,
  "fber": 186.1776123046875,
  "fd_mean": 0.07681898456826315,
  "fd_num": 4,
  "fd_perc": 0.9389671361502347,
  "fwhm_avg": 3.00783348727767,
  "fwhm_x": 2.834022297298174,
  "fwhm_y": 3.3640447563530773,
  "fwhm_z": 2.8254334081817576,
  "gcor": 0.00509113,
  "gsr_x": -0.017434032633900642,
  "gsr_y": 0.09565361589193344,
  "provenance": {
    "md5sum": "7a3a81542cdbb3e0eb9ec39f89b7156b",
    "settings": {
      "fd_thres": 0.2,
      "testing": false
    },
    "software": "mriqc",
    "version": "23.0.1",
    "webapi_port": null,
    "webapi_url": "https://mriqc.nimh.nih.gov/api/v1"
  },
  "size_t": 426,
  "size_x": 100,
  "size_y": 100,
  "size_z": 72,
  "snr": 2.182825762701981,
  "spacing_tr": 0.875,
  "spacing_x": 1.7999999523162842,
  "spacing_y": 1.7999998331069946,
  "spacing_z": 1.7999999523162842,
  "summary_bg_k": 65.74110642873863,
  "summary_bg_mad": 15.222773696554992,
  "summary_bg_mean": 39.22832489013672,
  "summary_bg_median": 23.845069885253906,
  "summary_bg_n": 400263.0,
  "summary_bg_p05": 11.65727710723877,
  "summary_bg_p95": 113.6241783142089,
  "summary_bg_stdv": 51.14241027832031,
  "summary_fg_k": 6.204335610897461,
  "summary_fg_mad": 101.84709878657111,
  "summary_fg_mean": 369.8075256347656,
  "summary_fg_median": 332.0633850097656,
  "summary_fg_n": 212125.0,
  "summary_fg_p05": 204.415966796875,
  "summary_fg_p95": 671.6084716796873,
  "summary_fg_stdv": 152.12510681152344,
  "tsnr": 18.512730339774862
}