{
  "aor": 0.0004414988290398126,
  "aqi": 0.013078174941451992,
  "bids_meta": {
    "AcquisitionMatrixPE": 100,
    "AcquisitionNumber": 1,
    "AcquisitionTime": "15:26:23.180000",
    "BandwidthPerPixelPhaseEncode": 13.889,
    "BaseResolution": 100,
    "ConversionSoftware": "dcm2niix",
    "ConversionSoftwareVersion": "v1.0.20180404 Clang8.0.0",
    "DerivedVendorReportedEchoSpacing": 0.000719994,
    "DeviceSerialNumber": "35002",
    "DwellTime": 2.8e-06,
    "EchoTime": 0.0436,
    "EffectiveEchoSpacing": 0.000719994,
    "FlipAngle": 55,
    "ImageComments": "Unaliased_MB8_PE3_(remote)",
    "ImageOrientationPatientDICOM": [
      1,
      0,
      0,
      0,
      0.886204,
      0.463296
    ],
    "ImageType": [
      "ORIGINAL",
      "PRIMARY",
      "M",
      "MB",
      "ND",
      "MOSAIC"
    ],
    "InPlanePhaseEncodingDirectionDICOM": "COL",
    "InstitutionAddress": "University_Pkwy_1700_North_685_Provo_UT_US_84601",
    "InstitutionName": "Brigham_Young_University",
    "InstitutionalDepartmentName": "MRI",
    "MRAcquisitionType": "2D",
    "MagneticFieldStrength": 3,
    "Manufacturer": "Siemens",
    "ManufacturersModelName": "TrioTim",
    "Modality": "MR",
    "MultibandAccelerationFactor": 8,
    "PartialFourier": 1,
    "PatientPosition": "HFS",
    "PercentPhaseFOV": 100,
    "PhaseEncodingDirection": "j-",
    "PhaseEncodingSteps": 100,
    "PhaseResolution": 1,
    "PixelBandwidth": 1786,
    "ProcedureStepDescription": "Research_KIRWAN",
    "ProtocolName": "run5",
    "PulseSequenceDetails": "%CustomerSeq%_cmrr_mbep2d_bold",
    "ReceiveCoilName": "32Ch_Head",
    "ReconMatrixPE": 100,
    "RepetitionTime": 0.875,
    "SAR": 0.106371,
    "ScanOptions": "FS",
    "ScanningSequence": "EP",
    "SequenceName": "epfid2d1_100",
    "SequenceVariant": "SK_SS",
    "SeriesDescription": "run5",
    "SeriesNumber": 7,
    "ShimSetting": [
      -2818,
      -22859,
      2347,
      780,
      -77,
      411,
      -200,
      462
    ],
    "SliceThickness": 1.8,
    "SliceTiming": [
      0,
      0.4875,
      0.0975,
      0.585,
      0.195,
      0.6825,
      0.2925,
      0.78,
      0.39,
      0,
      0.4875,
      0.0975,
      0.585,
      0.195,
      0.6825,
      0.2925,
      0.78,
      0.39,
      0,
      0.4875,
      0.0975,
      0.585,
      0.195,
      0.6825,
      0.2925,
      0.78,
      0.39,
      0,
      0.4875,
      0.0975,
      0.585,
      0.195,
      0.6825,
      0.2925,
      0.78,
      0.39,
      0,
      0.4875,
      0.0975,
      0.585,
      0.195,
      0.6825,
      0.2925,
      0.78,
      0.39,
      0,
      0.4875,
      0.0975,
      0.585,
      0.195,
      0.6825,
      0.2925,
      0.78,
      0.39,
      0,
      0.4875,
      0.0975,
      0.585,
      0.195,
      0.6825,
      0.2925,
      0.78,
      0.39,
      0,
      0.4875,
      0.0975,
      0.585,
      0.195,
      0.6825,
      0.2925,
      0.78,
      0.39
    ],
    "SoftwareVersions": "syngo_MR_B17",
    "SpacingBetweenSlices": 1.8,
    "StationName": "MININT-E41B04",
    "TaskName": "MST",
    "TotalReadoutTime": 0.0712794,
    "TxRefAmp": 337.197,
    "dataset": "ds002168",
    "modality": "bold",
    "run_id": 5,
    "subject_id": "2413",
    "task_id": "mst"
  },
  "dummy_trs": 1,
  "dvars_nstd": 71.40720247431929,
  "dvars_std": 1.042470984765259,
  "dvars_vstd": 1.002921431455399,
  "efc": 0.5936526318466918,
  "fber": 238.3797149658203,
  "fd_mean": 0.0823669644230079,
  "fd_num": 1,
  "fd_perc": 0.234192037470726,
  "fwhm_avg": 3.2284018685986506,
  "fwhm_x": 3.0473834140614247,
  "fwhm_y": 3.522344537754709,
  "fwhm_z": 3.115477653979818,
  "gcor": 0.00230048,
  "gsr_x": -0.012667883187532425,
  "gsr_y": 0.09008397161960602,
  "provenance": {
    "md5sum": "cf40f61733b7d35cd58101c71813ada9",
    "settings": {
      "fd_thres": 0.2,
      "testing": false
    },
    "software": "mriqc",
    "version": "23.0.1",
    "webapi_port": null,
    "webapi_url": "https://mriqc.nimh.nih.gov/api/v1"
  },
  "size_t": 427,
  "size_x": 100,
  "size_y": 100,
  "size_z": 72,
  "snr": 2.0207777734738523,
  "spacing_tr": 0.875,
  "spacing_x": 1.7999999523162842,
  "spacing_y": 1.7999999523162842,
  "spacing_z": 1.8000000715255737,
  "summary_bg_k": 44.25432779133574,
  "summary_bg_mad": 13.159396909241531,
  "summary_bg_mean": 41.54154968261719,
  "summary_bg_median": 22.51053810119629,
  "summary_bg_n": 417336.0,
  "summary_bg_p05": 12.01405143737793,
  "summary_bg_p95": 133.9074821472168,
  "summary_bg_stdv": 59.05617904663086,
  "summary_fg_k": 3.1720641686070383,
  "summary_fg_mad": 125.56285237688664,
  "summary_fg_mean": 398.98260498046875,
  "summary_fg_median": 356.6885070800781,
  "summary_fg_n": 195973.0,
  "summary_fg_p05": 196.96485900878906,
  "summary_fg_p95": 760.8318359374999,
  "summary_fg_stdv": 176.5100555419922,
  "tsnr": 20.91330118244514
}