{
  "aor": 0.0003543325526932085,
  "aqi": 0.01222182412177986,
  "bids_meta": {
    "AcquisitionMatrixPE": 100,
    "AcquisitionNumber": 1,
    "AcquisitionTime": "15:33:14.842500",
    "BandwidthPerPixelPhaseEncode": 13.889,
    "BaseResolution": 100,
    "ConversionSoftware": "dcm2niix",
    "ConversionSoftwareVersion": "v1.0.20180404 Clang8.0.0",
    "DerivedVendorReportedEchoSpacing": 0.000719994,
    "DeviceSerialNumber": "35002",
    "DwellTime": 2.8e-06,
    "EchoTime": 0.0436,
    "EffectiveEchoSpacing": 0.000719994,
    "FlipAngle": 55,
    "ImageComments": "Unaliased_MB8_PE3_(remote)",
    "ImageOrientationPatientDICOM": [
      1,
      0,
      0,
      0,
      0.886204,
      0.463296
    ],
    "ImageType": [
      "ORIGINAL",
      "PRIMARY",
      "M",
      "MB",
      "ND",
      "MOSAIC"
    ],
    "InPlanePhaseEncodingDirectionDICOM": "COL",
    "InstitutionAddress": "University_Pkwy_1700_North_685_Provo_UT_US_84601",
    "InstitutionName": "Brigham_Young_University",
    "InstitutionalDepartmentName": "MRI",
    "MRAcquisitionType": "2D",
    "MagneticFieldStrength": 3,
    "Manufacturer": "Siemens",
    "ManufacturersModelName": "TrioTim",
    "Modality": "MR",
    "MultibandAccelerationFactor": 8,
    "PartialFourier": 1,
    "PatientPosition": "HFS",
    "PercentPhaseFOV": 100,
    "PhaseEncodingDirection": "j-",
    "PhaseEncodingSteps": 100,
    "PhaseResolution": 1,
    "PixelBandwidth": 1786,
    "ProcedureStepDescription": "Research_KIRWAN",
    "ProtocolName": "run6",
    "PulseSequenceDetails": "%CustomerSeq%_cmrr_mbep2d_bold",
    "ReceiveCoilName": "32Ch_Head",
    "ReconMatrixPE": 100,
    "RepetitionTime": 0.875,
    "SAR": 0.106483,
    "ScanOptions": "FS",
    "ScanningSequence": "EP",
    "SequenceName": "epfid2d1_100",
    "SequenceVariant": "SK_SS",
    "SeriesDescription": "run6",
    "SeriesNumber": 8,
    "ShimSetting": [
      -2818,
      -22859,
      2347,
      780,
      -77,
      411,
      -200,
      462
    ],
    "SliceThickness": 1.8,
    "SliceTiming": [
      0,
      0.4875,
      0.0975,
      0.585,
      0.195,
      0.6825,
      0.2925,
      0.78,
      0.39,
      0,
      0.4875,
      0.0975,
      0.585,
      0.195,
      0.6825,
      0.2925,
      0.78,
      0.39,
      0,
      0.4875,
      0.0975,
      0.585,
      0.195,
      0.6825,
      0.2925,
      0.78,
      0.39,
      0,
      0.4875,
      0.0975,
      0.585,
      0.195,
      0.6825,
      0.2925,
      0.78,
      0.39,
      0,
      0.4875,
      0.0975,
      0.585,
      0.195,
      0.6825,
      0.2925,
      0.78,
      0.39,
      0,
      0.4875,
      0.0975,
      0.585,
      0.195,
      0.6825,
      0.2925,
      0.78,
      0.39,
      0,
      0.4875,
      0.0975,
      0.585,
      0.195,
      0.6825,
      0.2925,
      0.78,
      0.39,
      0,
      0.4875,
      0.0975,
      0.585,
      0.195,
      0.6825,
      0.2925,
      0.78,
      0.39
    ],
    "SoftwareVersions": "syngo_MR_B17",
    "SpacingBetweenSlices": 1.8,
    "StationName": "MININT-E41B04",
    "TaskName": "MST",
    "TotalReadoutTime": 0.0712794,
    "TxRefAmp": 337.197,
    "dataset": "ds002168",
    "modality": "bold",
    "run_id": 6,
    "subject_id": "2413",
    "task_id": "mst"
  },
  "dummy_trs": 1,
  "dvars_nstd": 71.40691769737086,
  "dvars_std": 1.0458401753521125,
  "dvars_vstd": 1.0047430114788738,
  "efc": 0.5937473090749548,
  "fber": 236.2191162109375,
  "fd_mean": 0.07958920268416787,
  "fd_num": 2,
  "fd_perc": 0.468384074941452,
  "fwhm_avg": 3.2063537203173857,
  "fwhm_x": 3.0306223025062957,
  "fwhm_y": 3.493388981432093,
  "fwhm_z": 3.0950498770137678,
  "gcor": 0.00202148,
  "gsr_x": -0.012471971102058887,
  "gsr_y": 0.09017062932252884,
  "provenance": {
    "md5sum": "056467bd64656df4d443169e2a7a0aff",
    "settings": {
      "fd_thres": 0.2,
      "testing": false
    },
    "software": "mriqc",
    "version": "23.0.1",
    "webapi_port": null,
    "webapi_url": "https://mriqc.nimh.nih.gov/api/v1"
  },
  "size_t": 427,
  "size_x": 100,
  "size_y": 100,
  "size_z": 72,
  "snr": 2.0224520976477542,
  "spacing_tr": 0.875,
  "spacing_x": 1.7999999523162842,
  "spacing_y": 1.7999999523162842,
  "spacing_z": 1.8000000715255737,
  "summary_bg_k": 43.91419502421968,
  "summary_bg_mad": 13.0795373130812,
  "summary_bg_mean": 41.59981155395508,
  "summary_bg_median": 22.540983200073242,
  "summary_bg_n": 417505.0,
  "summary_bg_p05": 12.133488655090332,
  "summary_bg_p95": 134.6355895996093,
  "summary_bg_stdv": 59.07086944580078,
  "summary_fg_k": 3.173979556192105,
  "summary_fg_mad": 125.5038523374295,
  "summary_fg_mean": 398.45257568359375,
  "summary_fg_median": 356.2388610839844,
  "summary_fg_n": 195839.0,
  "summary_fg_p05": 196.77047729492188,
  "summary_fg_p95": 760.2470214843751,
  "summary_fg_stdv": 176.1416015625,
  "tsnr": 21.455991007271223
}