{
  "bids_meta": {
    "AcquisitionMatrixPE": 256,
    "AcquisitionNumber": 1,
    "AcquisitionTime": "15:35:1.942500",
    "BaseResolution": 256,
    "ConversionSoftware": "dcm2niix",
    "ConversionSoftwareVersion": "v1.0.20180404 Clang8.0.0",
    "DeviceSerialNumber": "35002",
    "DwellTime": 1.03e-05,
    "EchoTime": 0.00492,
    "FlipAngle": 25,
    "ImageOrientationPatientDICOM": [
      0.0627905,
      0.998027,
      3.20676e-08,
      0.0661431,
      -0.00416134,
      -0.997801
    ],
    "ImageType": [
      "ORIGINAL",
      "PRIMARY",
      "M",
      "ND",
      "NORM"
    ],
    "InPlanePhaseEncodingDirectionDICOM": "ROW",
    "InstitutionAddress": "University_Pkwy_1700_North_685_Provo_UT_US_84601",
    "InstitutionName": "Brigham_Young_University",
    "InstitutionalDepartmentName": "MRI",
    "MRAcquisitionType": "3D",
    "MagneticFieldStrength": 3,
    "Manufacturer": "Siemens",
    "ManufacturersModelName": "TrioTim",
    "Modality": "MR",
    "ParallelReductionFactorInPlane": 2,
    "PartialFourier": 1,
    "PatientPosition": "HFS",
    "PercentPhaseFOV": 100,
    "PhaseEncodingSteps": 255,
    "PhaseResolution": 1,
    "PixelBandwidth": 190,
    "ProcedureStepDescription": "Research_KIRWAN",
    "ProtocolName": "t1_fl3d_sag_no3Daccel_iso_1.0_1avg",
    "PulseSequenceDetails": "%SiemensSeq%_gre",
    "ReceiveCoilName": "32Ch_Head",
    "ReconMatrixPE": 256,
    "RepetitionTime": 0.02,
    "SAR": 0.164621,
    "ScanningSequence": "GR",
    "SequenceName": "_fl3d1_ns",
    "SequenceVariant": "SP",
    "SeriesDescription": "t1_fl3d_sag_no3Daccel_iso_1.0_1avg",
    "SeriesNumber": 9,
    "ShimSetting": [
      -2655,
      -23109,
      2059,
      81,
      -13,
      -145,
      -152,
      15
    ],
    "SliceThickness": 1,
    "SoftwareVersions": "syngo_MR_B17",
    "StationName": "MININT-E41B04",
    "TxRefAmp": 325.747,
    "dataset": "ds002168",
    "modality": "T1w",
    "subject_id": "1476"
  },
  "cjv": 0.4577964468846763,
  "cnr": 3.023561452420618,
  "efc": 0.559524000534273,
  "fber": 11495.109111383701,
  "fwhm_avg": 3.361078432848311,
  "fwhm_x": 3.2865552985449336,
  "fwhm_y": 3.55625,
  "fwhm_z": 3.24043,
  "icvs_csf": 0.16977153027446037,
  "icvs_gm": 0.4211194190103161,
  "icvs_wm": 0.4091090507152236,
  "inu_med": 0.35054610669612885,
  "inu_range": 0.13059293180704112,
  "provenance": {
    "md5sum": "95e38347acee15ef4e62bff655449f8d",
    "settings": {
      "testing": false
    },
    "software": "mriqc",
    "version": "23.0.1",
    "warnings": {
      "large_rot_frame": true,
      "small_air_mask": false
    },
    "webapi_port": null,
    "webapi_url": "https://mriqc.nimh.nih.gov/api/v1"
  },
  "qi_1": 0.0,
  "qi_2": 0.027901050436070895,
  "rpve_csf": 29.00914603768251,
  "rpve_gm": 11.85899117690928,
  "rpve_wm": 13.512243247404015,
  "size_x": 192,
  "size_y": 256,
  "size_z": 256,
  "snr_csf": 3.227568291658958,
  "snr_gm": 17.63957046534028,
  "snr_total": 14.5351059720527,
  "snr_wm": 22.73817915915886,
  "snrd_csf": 47.67295082992676,
  "snrd_gm": 96.50099876915657,
  "snrd_total": 87.90754141571746,
  "snrd_wm": 119.54867464806904,
  "spacing_x": 1.0000014305114746,
  "spacing_y": 1.0,
  "spacing_z": 1.0,
  "summary_bg_k": 15.040095677749388,
  "summary_bg_mad": 5.480080588651589,
  "summary_bg_mean": 5.229163518019294,
  "summary_bg_median": 3.6962581872940063,
  "summary_bg_n": 3561047.0,
  "summary_bg_p05": 0.0,
  "summary_bg_p95": 16.503468573093414,
  "summary_bg_stdv": 6.119133339486556,
  "summary_csf_k": 2.635746849962917,
  "summary_csf_mad": 86.67180088893697,
  "summary_csf_mean": 391.1066752069312,
  "summary_csf_median": 398.77438110113144,
  "summary_csf_n": 43675.0,
  "summary_csf_p05": 123.49068910479546,
  "summary_csf_p95": 574.1942554056643,
  "summary_csf_stdv": 123.55116291664767,
  "summary_gm_k": 0.19572279987083574,
  "summary_gm_mad": 44.99434588577094,
  "summary_gm_mean": 806.7029279867464,
  "summary_gm_median": 807.2109107971191,
  "summary_gm_n": 35812.0,
  "summary_gm_p05": 730.5297650694847,
  "summary_gm_p95": 880.1779655128717,
  "summary_gm_stdv": 45.76073108961396,
  "summary_wm_k": 0.3273919770100151,
  "summary_wm_mad": 43.263794120933596,
  "summary_wm_mean": 1002.8909468890708,
  "summary_wm_median": 999.9999562501907,
  "summary_wm_n": 231729.0,
  "summary_wm_p05": 936.2557141780853,
  "summary_wm_p95": 1079.4695072770119,
  "summary_wm_stdv": 43.97879845855377,
  "tpm_overlap_csf": 0.14211272982106823,
  "tpm_overlap_gm": 0.43510900083520293,
  "tpm_overlap_wm": 0.4660253617193777,
  "wm2max": 0.6524369605686241
}