{
  "bids_meta": {
    "AcquisitionMatrixPE": 512,
    "AcquisitionNumber": 1,
    "AcquisitionTime": "16:00:20.402500",
    "BaseResolution": 512,
    "ConversionSoftware": "dcm2niix",
    "ConversionSoftwareVersion": "v1.0.20180404 Clang8.0.0",
    "DeviceSerialNumber": "35002",
    "DwellTime": 5e-06,
    "EchoTime": 0.064,
    "EchoTrainLength": 15,
    "FlipAngle": 129,
    "ImageOrientationPatientDICOM": [
      0.999978,
      0.00661061,
      -1.83276e-10,
      -0.00341097,
      0.515972,
      -0.856599
    ],
    "ImageType": [
      "ORIGINAL",
      "PRIMARY",
      "M",
      "ND"
    ],
    "InPlanePhaseEncodingDirectionDICOM": "ROW",
    "InstitutionAddress": "University_Pkwy_1700_North_685_Provo_UT_US_84601",
    "InstitutionName": "Brigham_Young_University",
    "InstitutionalDepartmentName": "MRI",
    "MRAcquisitionType": "2D",
    "MagneticFieldStrength": 3,
    "Manufacturer": "Siemens",
    "ManufacturersModelName": "TrioTim",
    "Modality": "MR",
    "PartialFourier": 1,
    "PatientPosition": "HFS",
    "PercentPhaseFOV": 100,
    "PhaseEncodingDirection": "i",
    "PhaseEncodingSteps": 720,
    "PhaseOversampling": 0.4,
    "PhaseResolution": 1,
    "PixelBandwidth": 195,
    "ProcedureStepDescription": "Research_KIRWAN",
    "ProtocolName": "HHR_struct_MODIFIED",
    "PulseSequenceDetails": "%SiemensSeq%_tse",
    "ReceiveCoilName": "32Ch_Head",
    "ReconMatrixPE": 512,
    "RepetitionTime": 7.09,
    "SAR": 0.815849,
    "ScanningSequence": "SE",
    "SequenceName": "_tse2d1_15",
    "SequenceVariant": "SK_SP_OSP",
    "SeriesDescription": "HHR_struct_MODIFIED",
    "SeriesNumber": 16,
    "ShimSetting": [
      -2600,
      -23122,
      2619,
      962,
      118,
      -26,
      261,
      119
    ],
    "SliceThickness": 2,
    "SoftwareVersions": "syngo_MR_B17",
    "SpacingBetweenSlices": 2,
    "StationName": "MININT-E41B04",
    "TxRefAmp": 325.747,
    "dataset": "ds002168",
    "modality": "T2w",
    "subject_id": "1476"
  },
  "cjv": 0.7489924054250144,
  "cnr": 1.2020830153938293,
  "efc": 0.6580957106040148,
  "fber": 1342.2835598336085,
  "fwhm_avg": 5.722445044529821,
  "fwhm_x": 6.0852740642695675,
  "fwhm_y": 4.252108548235874,
  "fwhm_z": 6.8299525210840235,
  "icvs_csf": 0.35273502620505853,
  "icvs_gm": 0.14439879046341894,
  "icvs_wm": 0.5028661833315226,
  "inu_med": 1.0209318399429321,
  "inu_range": 1.9341867327690119,
  "provenance": {
    "md5sum": "e4726b2f47c833d2be6646736ae1186d",
    "settings": {
      "testing": false
    },
    "software": "mriqc",
    "version": "23.0.1",
    "warnings": {
      "large_rot_frame": false,
      "small_air_mask": false
    },
    "webapi_port": null,
    "webapi_url": "https://mriqc.nimh.nih.gov/api/v1"
  },
  "qi_1": 0.0003620319639799002,
  "qi_2": 0.0003322357589144793,
  "rpve_csf": 5.272094833370611,
  "rpve_gm": 15.126752224737114,
  "rpve_wm": 4.065664189449612,
  "size_x": 512,
  "size_y": 35,
  "size_z": 512,
  "snr_csf": 10.312276664493977,
  "snr_gm": 2.270549533446458,
  "snr_total": 6.648366050417541,
  "snr_wm": 7.362271953312187,
  "snrd_csf": 48.994640112855556,
  "snrd_gm": 69.93799379860066,
  "snrd_total": 50.430562252428814,
  "snrd_wm": 32.35905284583023,
  "spacing_x": 0.3906249701976776,
  "spacing_y": 1.9999983310699463,
  "spacing_z": 0.3906249701976776,
  "summary_bg_k": 274.56287774960697,
  "summary_bg_mad": 21.141269480042887,
  "summary_bg_mean": 31.44492429629637,
  "summary_bg_median": 14.259569570422173,
  "summary_bg_n": 2642456.0,
  "summary_bg_p05": 0.0,
  "summary_bg_p95": 101.0370571166277,
  "summary_bg_stdv": 97.82356830108496,
  "summary_csf_k": 1.2154108814908158,
  "summary_csf_mad": 138.94449299985405,
  "summary_csf_mean": 1588.9663899739598,
  "summary_csf_median": 1581.058371514082,
  "summary_csf_n": 721199.0,
  "summary_csf_p05": 1357.480521351099,
  "summary_csf_p95": 1851.227649524808,
  "summary_csf_stdv": 153.31796525839678,
  "summary_gm_k": -1.1112319496255962,
  "summary_gm_mad": 766.399282380806,
  "summary_gm_mean": 1871.2263611991032,
  "summary_gm_median": 2256.9009656459093,
  "summary_gm_n": 364682.0,
  "summary_gm_p05": 154.8726513236761,
  "summary_gm_p95": 3040.715953003616,
  "summary_gm_stdv": 993.9875074546387,
  "summary_wm_k": 0.2926905503763657,
  "summary_wm_mad": 141.88392084199904,
  "summary_wm_mean": 1051.689508668336,
  "summary_wm_median": 1044.2275170981884,
  "summary_wm_n": 1197315.0,
  "summary_wm_p05": 833.9941839128733,
  "summary_wm_p95": 1290.1479014009237,
  "summary_wm_stdv": 141.8348965712693,
  "tpm_overlap_csf": 0.10317010422896929,
  "tpm_overlap_gm": 0.0944457348885019,
  "tpm_overlap_wm": 0.4069476745996936,
  "wm2max": 0.2973628611136643
}