{
  "aor": 0.0007056338028169015,
  "aqi": 0.015514293896713615,
  "bids_meta": {
    "AcquisitionMatrixPE": 100,
    "AcquisitionNumber": 1,
    "AcquisitionTime": "18:21:29.745000",
    "BandwidthPerPixelPhaseEncode": 13.889,
    "BaseResolution": 100,
    "ConversionSoftware": "dcm2niix",
    "ConversionSoftwareVersion": "v1.0.20180404 Clang8.0.0",
    "DerivedVendorReportedEchoSpacing": 0.000719994,
    "DeviceSerialNumber": "35002",
    "DwellTime": 2.8e-06,
    "EchoTime": 0.0436,
    "EffectiveEchoSpacing": 0.000719994,
    "FlipAngle": 55,
    "ImageComments": "Unaliased_MB8_PE3_(remote)",
    "ImageOrientationPatientDICOM": [
      1,
      0,
      0,
      0,
      0.867765,
      0.496974
    ],
    "ImageType": [
      "ORIGINAL",
      "PRIMARY",
      "M",
      "MB",
      "ND",
      "MOSAIC"
    ],
    "InPlanePhaseEncodingDirectionDICOM": "COL",
    "InstitutionAddress": "University_Pkwy_1700_North_685_Provo_UT_US_84601",
    "InstitutionName": "Brigham_Young_University",
    "InstitutionalDepartmentName": "MRI",
    "MRAcquisitionType": "2D",
    "MagneticFieldStrength": 3,
    "Manufacturer": "Siemens",
    "ManufacturersModelName": "TrioTim",
    "Modality": "MR",
    "MultibandAccelerationFactor": 8,
    "PartialFourier": 1,
    "PatientPosition": "HFS",
    "PercentPhaseFOV": 100,
    "PhaseEncodingDirection": "j-",
    "PhaseEncodingSteps": 100,
    "PhaseResolution": 1,
    "PixelBandwidth": 1786,
    "ProcedureStepDescription": "Research_KIRWAN",
    "ProtocolName": "run3",
    "PulseSequenceDetails": "%CustomerSeq%_cmrr_mbep2d_bold",
    "ReceiveCoilName": "32Ch_Head",
    "ReconMatrixPE": 100,
    "RepetitionTime": 0.875,
    "SAR": 0.108878,
    "ScanOptions": "FS",
    "ScanningSequence": "EP",
    "SequenceName": "epfid2d1_100",
    "SequenceVariant": "SK_SS",
    "SeriesDescription": "run3",
    "SeriesNumber": 5,
    "ShimSetting": [
      -2671,
      -23207,
      2652,
      1247,
      -29,
      -479,
      126,
      -184
    ],
    "SliceThickness": 1.8,
    "SliceTiming": [
      0,
      0.4875,
      0.0975,
      0.585,
      0.195,
      0.6825,
      0.2925,
      0.78,
      0.39,
      0,
      0.4875,
      0.0975,
      0.585,
      0.195,
      0.6825,
      0.2925,
      0.78,
      0.39,
      0,
      0.4875,
      0.0975,
      0.585,
      0.195,
      0.6825,
      0.2925,
      0.78,
      0.39,
      0,
      0.4875,
      0.0975,
      0.585,
      0.195,
      0.6825,
      0.2925,
      0.78,
      0.39,
      0,
      0.4875,
      0.0975,
      0.585,
      0.195,
      0.6825,
      0.2925,
      0.78,
      0.39,
      0,
      0.4875,
      0.0975,
      0.585,
      0.195,
      0.6825,
      0.2925,
      0.78,
      0.39,
      0,
      0.4875,
      0.0975,
      0.585,
      0.195,
      0.6825,
      0.2925,
      0.78,
      0.39,
      0,
      0.4875,
      0.0975,
      0.585,
      0.195,
      0.6825,
      0.2925,
      0.78,
      0.39
    ],
    "SoftwareVersions": "syngo_MR_B17",
    "SpacingBetweenSlices": 1.8,
    "StationName": "MININT-E41B04",
    "TaskName": "MST",
    "TotalReadoutTime": 0.0712794,
    "TxRefAmp": 323.294,
    "dataset": "ds002168",
    "modality": "bold",
    "run_id": 3,
    "subject_id": "1542",
    "task_id": "mst"
  },
  "dummy_trs": 2,
  "dvars_nstd": 74.06359830981171,
  "dvars_std": 1.0825307699294118,
  "dvars_vstd": 1.0137346256941178,
  "efc": 0.5888097998878051,
  "fber": 286.2019348144531,
  "fd_mean": 0.09624931666299938,
  "fd_num": 4,
  "fd_perc": 0.9389671361502347,
  "fwhm_avg": 3.2331852708353446,
  "fwhm_x": 2.978794523355551,
  "fwhm_y": 3.6174834291639177,
  "fwhm_z": 3.1032778599865662,
  "gcor": 0.00533382,
  "gsr_x": -0.002106405096128583,
  "gsr_y": 0.06516300141811371,
  "provenance": {
    "md5sum": "116bc90776a0c3271dda71495343985f",
    "settings": {
      "fd_thres": 0.2,
      "testing": false
    },
    "software": "mriqc",
    "version": "23.0.1",
    "webapi_port": null,
    "webapi_url": "https://mriqc.nimh.nih.gov/api/v1"
  },
  "size_t": 426,
  "size_x": 100,
  "size_y": 100,
  "size_z": 72,
  "snr": 2.2235977804448215,
  "spacing_tr": 0.875,
  "spacing_x": 1.7999999523162842,
  "spacing_y": 1.7999999523162842,
  "spacing_z": 1.7999999523162842,
  "summary_bg_k": 20.916555636245697,
  "summary_bg_mad": 11.749446124483672,
  "summary_bg_mean": 33.01586151123047,
  "summary_bg_median": 19.725353240966797,
  "summary_bg_n": 419207.0,
  "summary_bg_p05": 10.575117111206055,
  "summary_bg_p95": 103.3755874633789,
  "summary_bg_stdv": 37.14673614501953,
  "summary_fg_k": 3.561587467742566,
  "summary_fg_mad": 107.84714037587305,
  "summary_fg_mean": 379.2330017089844,
  "summary_fg_median": 342.76055908203125,
  "summary_fg_n": 194673.0,
  "summary_fg_p05": 203.71268310546876,
  "summary_fg_p95": 691.6676147460937,
  "summary_fg_stdv": 154.1464385986328,
  "tsnr": 20.619432093342766
}