{
  "aor": 0.0005052102803738319,
  "aqi": 0.01427594696261682,
  "bids_meta": {
    "AcquisitionMatrixPE": 100,
    "AcquisitionNumber": 1,
    "AcquisitionTime": "18:13:57.912500",
    "BandwidthPerPixelPhaseEncode": 13.889,
    "BaseResolution": 100,
    "ConversionSoftware": "dcm2niix",
    "ConversionSoftwareVersion": "v1.0.20180404 Clang8.0.0",
    "DerivedVendorReportedEchoSpacing": 0.000719994,
    "DeviceSerialNumber": "35002",
    "DwellTime": 2.8e-06,
    "EchoTime": 0.0436,
    "EffectiveEchoSpacing": 0.000719994,
    "FlipAngle": 55,
    "ImageComments": "Unaliased_MB8_PE3_(remote)",
    "ImageOrientationPatientDICOM": [
      0.998205,
      0.0244014,
      -0.054699,
      1.05712e-08,
      0.913248,
      0.407403
    ],
    "ImageType": [
      "ORIGINAL",
      "PRIMARY",
      "M",
      "ND",
      "MOSAIC"
    ],
    "InPlanePhaseEncodingDirectionDICOM": "COL",
    "InstitutionAddress": "University_Pkwy_1700_North_685_Provo_UT_US_84601",
    "InstitutionName": "Brigham_Young_University",
    "InstitutionalDepartmentName": "MRI",
    "MRAcquisitionType": "2D",
    "MagneticFieldStrength": 3,
    "Manufacturer": "Siemens",
    "ManufacturersModelName": "TrioTim",
    "Modality": "MR",
    "MultibandAccelerationFactor": 8,
    "PartialFourier": 1,
    "PatientPosition": "HFS",
    "PercentPhaseFOV": 100,
    "PhaseEncodingDirection": "j-",
    "PhaseEncodingSteps": 100,
    "PhaseResolution": 1,
    "PixelBandwidth": 1786,
    "ProcedureStepDescription": "Research_KIRWAN",
    "ProtocolName": "run5",
    "PulseSequenceDetails": "%CustomerSeq%_cmrr_mbep2d_bold",
    "ReceiveCoilName": "32Ch_Head",
    "ReconMatrixPE": 100,
    "RepetitionTime": 0.875,
    "SAR": 0.137639,
    "ScanOptions": "FS",
    "ScanningSequence": "EP",
    "SequenceName": "epfid2d1_100",
    "SequenceVariant": "SK",
    "SeriesDescription": "run5",
    "SeriesNumber": 7,
    "ShimSetting": [
      -2674,
      -23177,
      2485,
      707,
      199,
      137,
      228,
      -24
    ],
    "SliceThickness": 1.8,
    "SliceTiming": [
      0,
      0.4875,
      0.0975,
      0.585,
      0.195,
      0.6825,
      0.2925,
      0.78,
      0.39,
      0,
      0.4875,
      0.0975,
      0.585,
      0.195,
      0.6825,
      0.2925,
      0.78,
      0.39,
      0,
      0.4875,
      0.0975,
      0.585,
      0.195,
      0.6825,
      0.2925,
      0.78,
      0.39,
      0,
      0.4875,
      0.0975,
      0.585,
      0.195,
      0.6825,
      0.2925,
      0.78,
      0.39,
      0,
      0.4875,
      0.0975,
      0.585,
      0.195,
      0.6825,
      0.2925,
      0.78,
      0.39,
      0,
      0.4875,
      0.0975,
      0.585,
      0.195,
      0.6825,
      0.2925,
      0.78,
      0.39,
      0,
      0.4875,
      0.0975,
      0.585,
      0.195,
      0.6825,
      0.2925,
      0.78,
      0.39,
      0,
      0.4875,
      0.0975,
      0.585,
      0.195,
      0.6825,
      0.2925,
      0.78,
      0.39
    ],
    "SoftwareVersions": "syngo_MR_B17",
    "SpacingBetweenSlices": 1.8,
    "StationName": "MININT-E41B04",
    "TaskName": "MST",
    "TotalReadoutTime": 0.0712794,
    "TxRefAmp": 341.868,
    "dataset": "ds002168",
    "modality": "bold",
    "run_id": 5,
    "subject_id": "1475",
    "task_id": "mst"
  },
  "dummy_trs": 0,
  "dvars_nstd": 73.18479163644027,
  "dvars_std": 1.0540281225058552,
  "dvars_vstd": 1.0014309316861831,
  "efc": 0.6072864513829065,
  "fber": 161.36419677734375,
  "fd_mean": 0.10175501503823572,
  "fd_num": 3,
  "fd_perc": 0.7009345794392523,
  "fwhm_avg": 3.417746386835656,
  "fwhm_x": 3.2124278628780543,
  "fwhm_y": 3.740400099086764,
  "fwhm_z": 3.30041119854215,
  "gcor": 0.0068472,
  "gsr_x": -0.03097308799624443,
  "gsr_y": 0.1106145828962326,
  "provenance": {
    "md5sum": "cae222f5be77e1a8994178996b343c15",
    "settings": {
      "fd_thres": 0.2,
      "testing": false
    },
    "software": "mriqc",
    "version": "23.0.1",
    "webapi_port": null,
    "webapi_url": "https://mriqc.nimh.nih.gov/api/v1"
  },
  "size_t": 428,
  "size_x": 100,
  "size_y": 100,
  "size_z": 72,
  "snr": 1.6842496240494338,
  "spacing_tr": 0.875,
  "spacing_x": 1.7999999523162842,
  "spacing_y": 1.7999999523162842,
  "spacing_z": 1.7999999523162842,
  "summary_bg_k": 31.225910994936108,
  "summary_bg_mad": 18.466709771275703,
  "summary_bg_mean": 48.18632507324219,
  "summary_bg_median": 27.3668212890625,
  "summary_bg_n": 387504.0,
  "summary_bg_p05": 12.654205322265625,
  "summary_bg_p95": 158.9035026550292,
  "summary_bg_stdv": 59.692596435546875,
  "summary_fg_k": 7.725216820996236,
  "summary_fg_mad": 135.5957547920571,
  "summary_fg_mean": 417.7689514160156,
  "summary_fg_median": 359.8130798339844,
  "summary_fg_n": 221911.0,
  "summary_fg_p05": 201.42172241210938,
  "summary_fg_p95": 834.7324523925781,
  "summary_fg_stdv": 213.63357543945312,
  "tsnr": 20.320338742341846
}