{
  "bids_meta": {
    "AcquisitionMatrixPE": 512,
    "AcquisitionNumber": 1,
    "AcquisitionTime": "16:05:6.462500",
    "BaseResolution": 512,
    "ConversionSoftware": "dcm2niix",
    "ConversionSoftwareVersion": "v1.0.20180404 Clang8.0.0",
    "DeviceSerialNumber": "35002",
    "DwellTime": 5e-06,
    "EchoTime": 0.064,
    "EchoTrainLength": 15,
    "FlipAngle": 129,
    "ImageOrientationPatientDICOM": [
      0.999968,
      0.00794177,
      -4.71522e-11,
      -0.00418024,
      0.526345,
      -0.850261
    ],
    "ImageType": [
      "ORIGINAL",
      "PRIMARY",
      "M",
      "ND"
    ],
    "InPlanePhaseEncodingDirectionDICOM": "ROW",
    "InstitutionAddress": "University_Pkwy_1700_North_685_Provo_UT_US_84601",
    "InstitutionName": "Brigham_Young_University",
    "InstitutionalDepartmentName": "MRI",
    "MRAcquisitionType": "2D",
    "MagneticFieldStrength": 3,
    "Manufacturer": "Siemens",
    "ManufacturersModelName": "TrioTim",
    "Modality": "MR",
    "PartialFourier": 1,
    "PatientPosition": "HFS",
    "PercentPhaseFOV": 100,
    "PhaseEncodingDirection": "i",
    "PhaseEncodingSteps": 720,
    "PhaseOversampling": 0.4,
    "PhaseResolution": 1,
    "PixelBandwidth": 195,
    "ProcedureStepDescription": "Research_KIRWAN",
    "ProtocolName": "HHR_struct_MODIFIED",
    "PulseSequenceDetails": "%SiemensSeq%_tse",
    "ReceiveCoilName": "32Ch_Head",
    "ReconMatrixPE": 512,
    "RepetitionTime": 6,
    "SAR": 0.771367,
    "ScanningSequence": "SE",
    "SequenceName": "_tse2d1_15",
    "SequenceVariant": "SK_SP_OSP",
    "SeriesDescription": "HHR_struct_MODIFIED",
    "SeriesNumber": 16,
    "ShimSetting": [
      -2835,
      -22873,
      2467,
      966,
      -119,
      -312,
      83,
      511
    ],
    "SliceThickness": 2,
    "SoftwareVersions": "syngo_MR_B17",
    "SpacingBetweenSlices": 2,
    "StationName": "MININT-E41B04",
    "TxRefAmp": 337.197,
    "dataset": "ds002168",
    "modality": "T2w",
    "subject_id": "2413"
  },
  "cjv": 2.331316683396954,
  "cnr": 0.6783673960947462,
  "efc": 0.649774672283007,
  "fber": 5548.714023806993,
  "fwhm_avg": 5.32714956561145,
  "fwhm_x": 6.0089088,
  "fwhm_y": 3.761595896834349,
  "fwhm_z": 6.210944,
  "icvs_csf": 0.47772910052069495,
  "icvs_gm": 0.4152409041729012,
  "icvs_wm": 0.10702999530640382,
  "inu_med": 0.9988718628883362,
  "inu_range": 1.6496401727199532,
  "provenance": {
    "md5sum": "fbc01306a1d623a36132b3a7bd0cda2b",
    "settings": {
      "testing": false
    },
    "software": "mriqc",
    "version": "23.0.1",
    "warnings": {
      "large_rot_frame": false,
      "small_air_mask": false
    },
    "webapi_port": null,
    "webapi_url": "https://mriqc.nimh.nih.gov/api/v1"
  },
  "qi_1": 0.0,
  "qi_2": 0.0012472447169072883,
  "rpve_csf": 4.994506566788774,
  "rpve_gm": 5.788694023057665,
  "rpve_wm": 21.106585154698358,
  "size_x": 512,
  "size_y": 35,
  "size_z": 512,
  "snr_csf": 11.712601971134742,
  "snr_gm": 8.026783432838624,
  "snr_total": 7.121354926704886,
  "snr_wm": 1.6246793761412923,
  "snrd_csf": 39.35479842362311,
  "snrd_gm": 25.29263454684249,
  "snrd_total": 36.09828293649455,
  "snrd_wm": 43.64741583901804,
  "spacing_x": 0.390625,
  "spacing_y": 1.9999995231628418,
  "spacing_z": 0.390625,
  "summary_bg_k": 132.1049451775539,
  "summary_bg_mad": 0.0,
  "summary_bg_mean": 6.408266150746333,
  "summary_bg_median": 0.0,
  "summary_bg_n": 2279614.0,
  "summary_bg_p05": 0.0,
  "summary_bg_p95": 24.90292078256607,
  "summary_bg_stdv": 10.053532344891225,
  "summary_csf_k": 0.24091993762788366,
  "summary_csf_mad": 50.207136705383014,
  "summary_csf_mean": 608.3165153320989,
  "summary_csf_median": 603.9272720590234,
  "summary_csf_n": 1082964.0,
  "summary_csf_p05": 531.4824116006494,
  "summary_csf_p95": 699.6714561283588,
  "summary_csf_stdv": 51.56215456792522,
  "summary_gm_k": -0.020991884380876957,
  "summary_gm_mad": 49.13493230034698,
  "summary_gm_mean": 387.65206261945787,
  "summary_gm_median": 388.1334016919136,
  "summary_gm_n": 946785.0,
  "summary_gm_p05": 308.26797392964363,
  "summary_gm_p95": 466.1436876282096,
  "summary_gm_stdv": 48.354761277044226,
  "summary_wm_k": -1.6577854693230512,
  "summary_wm_mad": 607.5203394099829,
  "summary_wm_mean": 555.9272309892605,
  "summary_wm_median": 669.800528421998,
  "summary_wm_n": 240210.0,
  "summary_wm_p05": 28.990521416068077,
  "summary_wm_p95": 1139.4972842931747,
  "summary_wm_stdv": 412.26542544875184,
  "tpm_overlap_csf": 0.09290553432271369,
  "tpm_overlap_gm": 0.2174750421011606,
  "tpm_overlap_wm": 0.027419927922770048,
  "wm2max": 0.5381945780067074
}