{
  "bids_meta": {
    "AcquisitionMatrixPE": 256,
    "AcquisitionNumber": 1,
    "AcquisitionTime": "15:40:7.955000",
    "BaseResolution": 256,
    "ConversionSoftware": "dcm2niix",
    "ConversionSoftwareVersion": "v1.0.20180404 Clang8.0.0",
    "DeviceSerialNumber": "35002",
    "DwellTime": 1.03e-05,
    "EchoTime": 0.00492,
    "FlipAngle": 25,
    "ImageOrientationPatientDICOM": [
      -0.026177,
      0.999657,
      0,
      0,
      0,
      -1
    ],
    "ImageType": [
      "ORIGINAL",
      "PRIMARY",
      "M",
      "ND",
      "NORM"
    ],
    "InPlanePhaseEncodingDirectionDICOM": "ROW",
    "InstitutionAddress": "University_Pkwy_1700_North_685_Provo_UT_US_84601",
    "InstitutionName": "Brigham_Young_University",
    "InstitutionalDepartmentName": "MRI",
    "MRAcquisitionType": "3D",
    "MagneticFieldStrength": 3,
    "Manufacturer": "Siemens",
    "ManufacturersModelName": "TrioTim",
    "Modality": "MR",
    "ParallelReductionFactorInPlane": 2,
    "PartialFourier": 1,
    "PatientPosition": "HFS",
    "PercentPhaseFOV": 100,
    "PhaseEncodingSteps": 255,
    "PhaseResolution": 1,
    "PixelBandwidth": 190,
    "ProcedureStepDescription": "Research_KIRWAN",
    "ProtocolName": "t1_fl3d_sag_no3Daccel_iso_1.0_1avg",
    "PulseSequenceDetails": "%SiemensSeq%_gre",
    "ReceiveCoilName": "32Ch_Head",
    "ReconMatrixPE": 256,
    "RepetitionTime": 0.02,
    "SAR": 0.158945,
    "ScanningSequence": "GR",
    "SequenceName": "_fl3d1_ns",
    "SequenceVariant": "SP",
    "SeriesDescription": "t1_fl3d_sag_no3Daccel_iso_1.0_1avg",
    "SeriesNumber": 9,
    "ShimSetting": [
      -2826,
      -22917,
      1922,
      -109,
      -90,
      -53,
      -300,
      376
    ],
    "SliceThickness": 1,
    "SoftwareVersions": "syngo_MR_B17",
    "StationName": "MININT-E41B04",
    "TxRefAmp": 337.197,
    "dataset": "ds002168",
    "modality": "T1w",
    "subject_id": "2413"
  },
  "cjv": 0.40483896417544274,
  "cnr": 3.2862659820936355,
  "efc": 0.5635807845994425,
  "fber": 6840.500297441999,
  "fwhm_avg": 3.0765442436729065,
  "fwhm_x": 3.05459273101872,
  "fwhm_y": 3.31257,
  "fwhm_z": 2.86247,
  "icvs_csf": 0.16628447511229655,
  "icvs_gm": 0.45546786966831304,
  "icvs_wm": 0.3782476552193904,
  "inu_med": 0.35619282722473145,
  "inu_range": 0.12360829114913935,
  "provenance": {
    "md5sum": "320eecb866bffa32e17b651dc3b8a3af",
    "settings": {
      "testing": false
    },
    "software": "mriqc",
    "version": "23.0.1",
    "warnings": {
      "large_rot_frame": true,
      "small_air_mask": false
    },
    "webapi_port": null,
    "webapi_url": "https://mriqc.nimh.nih.gov/api/v1"
  },
  "qi_1": 0.0,
  "qi_2": 0.02488629589159735,
  "rpve_csf": 31.81238735131645,
  "rpve_gm": 12.665853481996947,
  "rpve_wm": 16.872992030258004,
  "size_x": 192,
  "size_y": 256,
  "size_z": 256,
  "snr_csf": 2.904674706034786,
  "snr_gm": 16.688511525954972,
  "snr_total": 14.517041314395987,
  "snr_wm": 23.957937711198205,
  "snrd_csf": 55.95987688082453,
  "snrd_gm": 111.6092415331007,
  "snrd_total": 102.85651221897682,
  "snrd_wm": 141.0004182430052,
  "spacing_x": 0.9999991059303284,
  "spacing_y": 1.0,
  "spacing_z": 1.0,
  "summary_bg_k": 2.3749573532872024,
  "summary_bg_mad": 4.646343518021924,
  "summary_bg_mean": 4.757129187054915,
  "summary_bg_median": 3.1339110787957907,
  "summary_bg_n": 2608827.0,
  "summary_bg_p05": 0.0,
  "summary_bg_p95": 15.980123158544302,
  "summary_bg_stdv": 5.6148143030815385,
  "summary_csf_k": 5.691226947875599,
  "summary_csf_mad": 90.83392282979797,
  "summary_csf_mean": 389.14213787081474,
  "summary_csf_median": 396.87736968137324,
  "summary_csf_n": 29478.0,
  "summary_csf_p05": 122.21406204309315,
  "summary_csf_p95": 591.9223958583548,
  "summary_csf_stdv": 136.6316982223057,
  "summary_gm_k": 0.3177443435914258,
  "summary_gm_mad": 46.044845674091135,
  "summary_gm_mean": 791.2371859997197,
  "summary_gm_median": 791.5525315776467,
  "summary_gm_n": 28530.0,
  "summary_gm_p05": 712.9224202763289,
  "summary_gm_p95": 868.1808924691751,
  "summary_gm_stdv": 47.43015324889358,
  "summary_wm_k": 0.8558706533177443,
  "summary_wm_mad": 38.34279876133407,
  "summary_wm_mean": 1002.6296536510846,
  "summary_wm_median": 999.9999684672803,
  "summary_wm_n": 191255.0,
  "summary_wm_p05": 939.0722197461873,
  "summary_wm_p95": 1075.10090062581,
  "summary_wm_stdv": 41.73970924408066,
  "tpm_overlap_csf": 0.16466275926980573,
  "tpm_overlap_gm": 0.4663133142797573,
  "tpm_overlap_wm": 0.49805883911441395,
  "wm2max": 0.6974028786894284
}