{
  "aor": 0.000287311320754717,
  "aqi": 0.013297742924528304,
  "bids_meta": {
    "AcquisitionMatrixPE": 100,
    "AcquisitionNumber": 1,
    "AcquisitionTime": "16:19:34.505000",
    "BandwidthPerPixelPhaseEncode": 13.889,
    "BaseResolution": 100,
    "ConversionSoftware": "dcm2niix",
    "ConversionSoftwareVersion": "v1.0.20180404 Clang8.0.0",
    "DerivedVendorReportedEchoSpacing": 0.000719994,
    "DeviceSerialNumber": "35002",
    "DwellTime": 2.8e-06,
    "EchoTime": 0.0436,
    "EffectiveEchoSpacing": 0.000719994,
    "FlipAngle": 55,
    "ImageComments": "Unaliased_MB8_PE3_(remote)",
    "ImageOrientationPatientDICOM": [
      0.999999,
      0.00074261,
      -0.00133419,
      -2.61088e-08,
      0.873778,
      0.486324
    ],
    "ImageType": [
      "ORIGINAL",
      "PRIMARY",
      "M",
      "MB",
      "ND",
      "MOSAIC"
    ],
    "InPlanePhaseEncodingDirectionDICOM": "COL",
    "InstitutionAddress": "University_Pkwy_1700_North_685_Provo_UT_US_84601",
    "InstitutionName": "Brigham_Young_University",
    "InstitutionalDepartmentName": "MRI",
    "MRAcquisitionType": "2D",
    "MagneticFieldStrength": 3,
    "Manufacturer": "Siemens",
    "ManufacturersModelName": "TrioTim",
    "Modality": "MR",
    "MultibandAccelerationFactor": 8,
    "PartialFourier": 1,
    "PatientPosition": "HFS",
    "PercentPhaseFOV": 100,
    "PhaseEncodingDirection": "j-",
    "PhaseEncodingSteps": 100,
    "PhaseResolution": 1,
    "PixelBandwidth": 1786,
    "ProcedureStepDescription": "Research_KIRWAN",
    "ProtocolName": "run3",
    "PulseSequenceDetails": "%CustomerSeq%_cmrr_mbep2d_bold",
    "ReceiveCoilName": "32Ch_Head",
    "ReconMatrixPE": 100,
    "RepetitionTime": 0.875,
    "SAR": 0.0980766,
    "ScanOptions": "FS",
    "ScanningSequence": "EP",
    "SequenceName": "epfid2d1_100",
    "SequenceVariant": "SK_SS",
    "SeriesDescription": "run3",
    "SeriesNumber": 5,
    "ShimSetting": [
      -2787,
      -22926,
      2256,
      673,
      70,
      305,
      -332,
      460
    ],
    "SliceThickness": 1.8,
    "SliceTiming": [
      0,
      0.4875,
      0.0975,
      0.585,
      0.195,
      0.6825,
      0.2925,
      0.78,
      0.39,
      0,
      0.4875,
      0.0975,
      0.585,
      0.195,
      0.6825,
      0.2925,
      0.78,
      0.39,
      0,
      0.4875,
      0.0975,
      0.585,
      0.195,
      0.6825,
      0.2925,
      0.78,
      0.39,
      0,
      0.4875,
      0.0975,
      0.585,
      0.195,
      0.6825,
      0.2925,
      0.78,
      0.39,
      0,
      0.4875,
      0.0975,
      0.585,
      0.195,
      0.6825,
      0.2925,
      0.78,
      0.39,
      0,
      0.4875,
      0.0975,
      0.585,
      0.195,
      0.6825,
      0.2925,
      0.78,
      0.39,
      0,
      0.4875,
      0.0975,
      0.585,
      0.195,
      0.6825,
      0.2925,
      0.78,
      0.39,
      0,
      0.4875,
      0.0975,
      0.585,
      0.195,
      0.6825,
      0.2925,
      0.78,
      0.39
    ],
    "SoftwareVersions": "syngo_MR_B17",
    "SpacingBetweenSlices": 1.8,
    "StationName": "MININT-E41B04",
    "TaskName": "MST",
    "TotalReadoutTime": 0.0712794,
    "TxRefAmp": 336.315,
    "dataset": "ds002168",
    "modality": "bold",
    "run_id": 3,
    "subject_id": "2555",
    "task_id": "mst"
  },
  "dummy_trs": 4,
  "dvars_nstd": 67.301766244539,
  "dvars_std": 1.0594642087706854,
  "dvars_vstd": 1.0012139745626474,
  "efc": 0.5412802953014577,
  "fber": 396.3158874511719,
  "fd_mean": 0.11176218629779952,
  "fd_num": 23,
  "fd_perc": 5.4245283018867925,
  "fwhm_avg": 3.450616758076794,
  "fwhm_x": 3.3059167542435532,
  "fwhm_y": 3.789338989272091,
  "fwhm_z": 3.2565945307147377,
  "gcor": 0.0105712,
  "gsr_x": -0.025241225957870483,
  "gsr_y": 0.10927175730466843,
  "provenance": {
    "md5sum": "bdb80951bfd5c03ffea6112289f32787",
    "settings": {
      "fd_thres": 0.2,
      "testing": false
    },
    "software": "mriqc",
    "version": "23.0.1",
    "webapi_port": null,
    "webapi_url": "https://mriqc.nimh.nih.gov/api/v1"
  },
  "size_t": 424,
  "size_x": 100,
  "size_y": 100,
  "size_z": 72,
  "snr": 1.8979986545357481,
  "spacing_tr": 0.875,
  "spacing_x": 1.7999999523162842,
  "spacing_y": 1.7999999523162842,
  "spacing_z": 1.7999999523162842,
  "summary_bg_k": 29.95397695522486,
  "summary_bg_mad": 11.367782549647062,
  "summary_bg_mean": 39.26484298706055,
  "summary_bg_median": 19.679244995117188,
  "summary_bg_n": 460055.0,
  "summary_bg_p05": 11.367924690246582,
  "summary_bg_p95": 135.56745452880853,
  "summary_bg_stdv": 56.897830963134766,
  "summary_fg_k": 6.338357720889983,
  "summary_fg_mad": 133.38176021325663,
  "summary_fg_mean": 455.60614013671875,
  "summary_fg_median": 396.22406005859375,
  "summary_fg_n": 164833.0,
  "summary_fg_p05": 245.06698303222657,
  "summary_fg_p95": 874.4901123046874,
  "summary_fg_stdv": 208.75823974609375,
  "tsnr": 22.94481454824563
}