{
  "aor": 0.0007932863849765257,
  "aqi": 0.0153606058685446,
  "bids_meta": {
    "AcquisitionMatrixPE": 100,
    "AcquisitionNumber": 1,
    "AcquisitionTime": "16:40:18.100000",
    "BandwidthPerPixelPhaseEncode": 13.889,
    "BaseResolution": 100,
    "ConversionSoftware": "dcm2niix",
    "ConversionSoftwareVersion": "v1.0.20180404 Clang8.0.0",
    "DerivedVendorReportedEchoSpacing": 0.000719994,
    "DeviceSerialNumber": "35002",
    "DwellTime": 2.8e-06,
    "EchoTime": 0.0436,
    "EffectiveEchoSpacing": 0.000719994,
    "FlipAngle": 55,
    "ImageComments": "Unaliased_MB8_PE3_(remote)",
    "ImageOrientationPatientDICOM": [
      0.999999,
      0.00074261,
      -0.00133419,
      -2.61088e-08,
      0.873778,
      0.486324
    ],
    "ImageType": [
      "ORIGINAL",
      "PRIMARY",
      "M",
      "MB",
      "ND",
      "MOSAIC"
    ],
    "InPlanePhaseEncodingDirectionDICOM": "COL",
    "InstitutionAddress": "University_Pkwy_1700_North_685_Provo_UT_US_84601",
    "InstitutionName": "Brigham_Young_University",
    "InstitutionalDepartmentName": "MRI",
    "MRAcquisitionType": "2D",
    "MagneticFieldStrength": 3,
    "Manufacturer": "Siemens",
    "ManufacturersModelName": "TrioTim",
    "Modality": "MR",
    "MultibandAccelerationFactor": 8,
    "PartialFourier": 1,
    "PatientPosition": "HFS",
    "PercentPhaseFOV": 100,
    "PhaseEncodingDirection": "j-",
    "PhaseEncodingSteps": 100,
    "PhaseResolution": 1,
    "PixelBandwidth": 1786,
    "ProcedureStepDescription": "Research_KIRWAN",
    "ProtocolName": "run6",
    "PulseSequenceDetails": "%CustomerSeq%_cmrr_mbep2d_bold",
    "ReceiveCoilName": "32Ch_Head",
    "ReconMatrixPE": 100,
    "RepetitionTime": 0.875,
    "SAR": 0.100269,
    "ScanOptions": "FS",
    "ScanningSequence": "EP",
    "SequenceName": "epfid2d1_100",
    "SequenceVariant": "SK_SS",
    "SeriesDescription": "run6",
    "SeriesNumber": 8,
    "ShimSetting": [
      -2787,
      -22926,
      2256,
      673,
      70,
      305,
      -332,
      460
    ],
    "SliceThickness": 1.8,
    "SliceTiming": [
      0,
      0.4875,
      0.0975,
      0.585,
      0.195,
      0.6825,
      0.2925,
      0.78,
      0.39,
      0,
      0.4875,
      0.0975,
      0.585,
      0.195,
      0.6825,
      0.2925,
      0.78,
      0.39,
      0,
      0.4875,
      0.0975,
      0.585,
      0.195,
      0.6825,
      0.2925,
      0.78,
      0.39,
      0,
      0.4875,
      0.0975,
      0.585,
      0.195,
      0.6825,
      0.2925,
      0.78,
      0.39,
      0,
      0.4875,
      0.0975,
      0.585,
      0.195,
      0.6825,
      0.2925,
      0.78,
      0.39,
      0,
      0.4875,
      0.0975,
      0.585,
      0.195,
      0.6825,
      0.2925,
      0.78,
      0.39,
      0,
      0.4875,
      0.0975,
      0.585,
      0.195,
      0.6825,
      0.2925,
      0.78,
      0.39,
      0,
      0.4875,
      0.0975,
      0.585,
      0.195,
      0.6825,
      0.2925,
      0.78,
      0.39
    ],
    "SoftwareVersions": "syngo_MR_B17",
    "SpacingBetweenSlices": 1.8,
    "StationName": "MININT-E41B04",
    "TaskName": "MST",
    "TotalReadoutTime": 0.0712794,
    "TxRefAmp": 336.315,
    "dataset": "ds002168",
    "modality": "bold",
    "run_id": 6,
    "subject_id": "2555",
    "task_id": "mst"
  },
  "dummy_trs": 2,
  "dvars_nstd": 68.4853328030353,
  "dvars_std": 1.0693508419058826,
  "dvars_vstd": 1.0129667975058823,
  "efc": 0.5418176387051282,
  "fber": 398.3086853027344,
  "fd_mean": 0.12843912844268035,
  "fd_num": 56,
  "fd_perc": 13.145539906103286,
  "fwhm_avg": 3.4278167574728005,
  "fwhm_x": 3.2986889762743044,
  "fwhm_y": 3.794888989419116,
  "fwhm_z": 3.1898723067249803,
  "gcor": 0.00795062,
  "gsr_x": -0.02479843981564045,
  "gsr_y": 0.10756231844425201,
  "provenance": {
    "md5sum": "b6fa7e49e75a5dfafb451939e3014f81",
    "settings": {
      "fd_thres": 0.2,
      "testing": false
    },
    "software": "mriqc",
    "version": "23.0.1",
    "webapi_port": null,
    "webapi_url": "https://mriqc.nimh.nih.gov/api/v1"
  },
  "size_t": 426,
  "size_x": 100,
  "size_y": 100,
  "size_z": 72,
  "snr": 1.888803555724844,
  "spacing_tr": 0.875,
  "spacing_x": 1.7999999523162842,
  "spacing_y": 1.7999999523162842,
  "spacing_z": 1.7999999523162842,
  "summary_bg_k": 28.863193808764557,
  "summary_bg_mad": 11.422300463790759,
  "summary_bg_mean": 39.83000946044922,
  "summary_bg_median": 19.78638458251953,
  "summary_bg_n": 460485.0,
  "summary_bg_p05": 11.38262939453125,
  "summary_bg_p95": 137.70093688964837,
  "summary_bg_stdv": 56.82341766357422,
  "summary_fg_k": 6.6190580137822845,
  "summary_fg_mad": 134.88200814908453,
  "summary_fg_mean": 457.4420471191406,
  "summary_fg_median": 397.4107971191406,
  "summary_fg_n": 164401.0,
  "summary_fg_p05": 245.54225158691406,
  "summary_fg_p95": 876.0540161132812,
  "summary_fg_stdv": 210.40281677246094,
  "tsnr": 21.36278892494738
}