{
  "aor": 0.0008029742388758782,
  "aqi": 0.02077539789227166,
  "bids_meta": {
    "AcquisitionMatrixPE": 100,
    "AcquisitionNumber": 1,
    "AcquisitionTime": "10:57:37.120000",
    "BandwidthPerPixelPhaseEncode": 13.889,
    "BaseResolution": 100,
    "ConversionSoftware": "dcm2niix",
    "ConversionSoftwareVersion": "v1.0.20180404 Clang8.0.0",
    "DerivedVendorReportedEchoSpacing": 0.000719994,
    "DeviceSerialNumber": "35002",
    "DwellTime": 2.8e-06,
    "EchoTime": 0.0436,
    "EffectiveEchoSpacing": 0.000719994,
    "FlipAngle": 55,
    "ImageComments": "Unaliased_MB8_PE3_(remote)",
    "ImageOrientationPatientDICOM": [
      1,
      0,
      0,
      0,
      0.903335,
      0.428935
    ],
    "ImageType": [
      "ORIGINAL",
      "PRIMARY",
      "M",
      "ND",
      "MOSAIC"
    ],
    "InPlanePhaseEncodingDirectionDICOM": "COL",
    "InstitutionAddress": "University_Pkwy_1700_North_685_Provo_UT_US_84601",
    "InstitutionName": "Brigham_Young_University",
    "InstitutionalDepartmentName": "MRI",
    "MRAcquisitionType": "2D",
    "MagneticFieldStrength": 3,
    "Manufacturer": "Siemens",
    "ManufacturersModelName": "TrioTim",
    "Modality": "MR",
    "MultibandAccelerationFactor": 8,
    "PartialFourier": 1,
    "PatientPosition": "HFS",
    "PercentPhaseFOV": 100,
    "PhaseEncodingDirection": "j-",
    "PhaseEncodingSteps": 100,
    "PhaseResolution": 1,
    "PixelBandwidth": 1786,
    "ProcedureStepDescription": "Research_KIRWAN",
    "ProtocolName": "run6",
    "PulseSequenceDetails": "%CustomerSeq%_cmrr_mbep2d_bold",
    "ReceiveCoilName": "32Ch_Head",
    "ReconMatrixPE": 100,
    "RepetitionTime": 0.875,
    "SAR": 0.144722,
    "ScanOptions": "FS",
    "ScanningSequence": "EP",
    "SequenceName": "epfid2d1_100",
    "SequenceVariant": "SK",
    "SeriesDescription": "run6",
    "SeriesNumber": 8,
    "ShimSetting": [
      -2683,
      -23106,
      2447,
      578,
      89,
      436,
      -56,
      19
    ],
    "SliceThickness": 1.8,
    "SliceTiming": [
      0,
      0.4875,
      0.0975,
      0.585,
      0.195,
      0.6825,
      0.2925,
      0.78,
      0.39,
      0,
      0.4875,
      0.0975,
      0.585,
      0.195,
      0.6825,
      0.2925,
      0.78,
      0.39,
      0,
      0.4875,
      0.0975,
      0.585,
      0.195,
      0.6825,
      0.2925,
      0.78,
      0.39,
      0,
      0.4875,
      0.0975,
      0.585,
      0.195,
      0.6825,
      0.2925,
      0.78,
      0.39,
      0,
      0.4875,
      0.0975,
      0.585,
      0.195,
      0.6825,
      0.2925,
      0.78,
      0.39,
      0,
      0.4875,
      0.0975,
      0.585,
      0.195,
      0.6825,
      0.2925,
      0.78,
      0.39,
      0,
      0.4875,
      0.0975,
      0.585,
      0.195,
      0.6825,
      0.2925,
      0.78,
      0.39,
      0,
      0.4875,
      0.0975,
      0.585,
      0.195,
      0.6825,
      0.2925,
      0.78,
      0.39
    ],
    "SoftwareVersions": "syngo_MR_B17",
    "SpacingBetweenSlices": 1.8,
    "StationName": "MININT-E41B04",
    "TaskName": "MST",
    "TotalReadoutTime": 0.0712794,
    "TxRefAmp": 334.91,
    "dataset": "ds002168",
    "modality": "bold",
    "run_id": 6,
    "subject_id": "1515",
    "task_id": "mst"
  },
  "dummy_trs": 1,
  "dvars_nstd": 85.62018690870893,
  "dvars_std": 1.0653467138732402,
  "dvars_vstd": 1.012333337300469,
  "efc": 0.6168698860807976,
  "fber": 165.61976623535156,
  "fd_mean": 0.13180670531851976,
  "fd_num": 64,
  "fd_perc": 14.988290398126464,
  "fwhm_avg": 2.9047999428100586,
  "fwhm_x": 2.6380222921059477,
  "fwhm_y": 3.200149872837469,
  "fwhm_z": 2.876227663486759,
  "gcor": 0.00324235,
  "gsr_x": 0.005376432090997696,
  "gsr_y": 0.0783555805683136,
  "provenance": {
    "md5sum": "f7af0ddc38b171490028ead3c4368c81",
    "settings": {
      "fd_thres": 0.2,
      "testing": false
    },
    "software": "mriqc",
    "version": "23.0.1",
    "webapi_port": null,
    "webapi_url": "https://mriqc.nimh.nih.gov/api/v1"
  },
  "size_t": 427,
  "size_x": 100,
  "size_y": 100,
  "size_z": 72,
  "snr": 2.137708748242692,
  "spacing_tr": 0.875,
  "spacing_x": 1.7999999523162842,
  "spacing_y": 1.8000000715255737,
  "spacing_z": 1.8000000715255737,
  "summary_bg_k": 47.72515401940968,
  "summary_bg_mad": 14.635053954390791,
  "summary_bg_mean": 40.777130126953125,
  "summary_bg_median": 23.637001037597656,
  "summary_bg_n": 410560.0,
  "summary_bg_p05": 11.763465881347656,
  "summary_bg_p95": 126.68641433715815,
  "summary_bg_stdv": 50.22945785522461,
  "summary_fg_k": 5.276561365133187,
  "summary_fg_mad": 107.9522002620843,
  "summary_fg_mean": 346.0643005371094,
  "summary_fg_median": 314.80560302734375,
  "summary_fg_n": 200327.0,
  "summary_fg_p05": 172.89389953613284,
  "summary_fg_p95": 623.7510131835937,
  "summary_fg_stdv": 147.26272583007812,
  "tsnr": 17.059405967593193
}