{
  "aor": 0.0002796728971962617,
  "aqi": 0.018254969859813085,
  "bids_meta": {
    "AcquisitionMatrixPE": 100,
    "AcquisitionNumber": 1,
    "AcquisitionTime": "10:30:47.210000",
    "BandwidthPerPixelPhaseEncode": 13.889,
    "BaseResolution": 100,
    "ConversionSoftware": "dcm2niix",
    "ConversionSoftwareVersion": "v1.0.20180404 Clang8.0.0",
    "DerivedVendorReportedEchoSpacing": 0.000719994,
    "DeviceSerialNumber": "35002",
    "DwellTime": 2.8e-06,
    "EchoTime": 0.0436,
    "EffectiveEchoSpacing": 0.000719994,
    "FlipAngle": 55,
    "ImageComments": "Unaliased_MB8_PE3_(remote)",
    "ImageOrientationPatientDICOM": [
      1,
      0,
      0,
      0,
      0.903335,
      0.428935
    ],
    "ImageType": [
      "ORIGINAL",
      "PRIMARY",
      "M",
      "ND",
      "MOSAIC"
    ],
    "InPlanePhaseEncodingDirectionDICOM": "COL",
    "InstitutionAddress": "University_Pkwy_1700_North_685_Provo_UT_US_84601",
    "InstitutionName": "Brigham_Young_University",
    "InstitutionalDepartmentName": "MRI",
    "MRAcquisitionType": "2D",
    "MagneticFieldStrength": 3,
    "Manufacturer": "Siemens",
    "ManufacturersModelName": "TrioTim",
    "Modality": "MR",
    "MultibandAccelerationFactor": 8,
    "PartialFourier": 1,
    "PatientPosition": "HFS",
    "PercentPhaseFOV": 100,
    "PhaseEncodingDirection": "j-",
    "PhaseEncodingSteps": 100,
    "PhaseResolution": 1,
    "PixelBandwidth": 1786,
    "ProcedureStepDescription": "Research_KIRWAN",
    "ProtocolName": "run2",
    "PulseSequenceDetails": "%CustomerSeq%_cmrr_mbep2d_bold",
    "ReceiveCoilName": "32Ch_Head",
    "ReconMatrixPE": 100,
    "RepetitionTime": 0.875,
    "SAR": 0.154319,
    "ScanOptions": "FS",
    "ScanningSequence": "EP",
    "SequenceName": "epfid2d1_100",
    "SequenceVariant": "SK",
    "SeriesDescription": "run2",
    "SeriesNumber": 4,
    "ShimSetting": [
      -2683,
      -23106,
      2447,
      578,
      89,
      436,
      -56,
      19
    ],
    "SliceThickness": 1.8,
    "SliceTiming": [
      0,
      0.4875,
      0.0975,
      0.585,
      0.195,
      0.6825,
      0.2925,
      0.78,
      0.39,
      0,
      0.4875,
      0.0975,
      0.585,
      0.195,
      0.6825,
      0.2925,
      0.78,
      0.39,
      0,
      0.4875,
      0.0975,
      0.585,
      0.195,
      0.6825,
      0.2925,
      0.78,
      0.39,
      0,
      0.4875,
      0.0975,
      0.585,
      0.195,
      0.6825,
      0.2925,
      0.78,
      0.39,
      0,
      0.4875,
      0.0975,
      0.585,
      0.195,
      0.6825,
      0.2925,
      0.78,
      0.39,
      0,
      0.4875,
      0.0975,
      0.585,
      0.195,
      0.6825,
      0.2925,
      0.78,
      0.39,
      0,
      0.4875,
      0.0975,
      0.585,
      0.195,
      0.6825,
      0.2925,
      0.78,
      0.39,
      0,
      0.4875,
      0.0975,
      0.585,
      0.195,
      0.6825,
      0.2925,
      0.78,
      0.39
    ],
    "SoftwareVersions": "syngo_MR_B17",
    "SpacingBetweenSlices": 1.8,
    "StationName": "MININT-E41B04",
    "TaskName": "MST",
    "TotalReadoutTime": 0.0712794,
    "TxRefAmp": 334.91,
    "dataset": "ds002168",
    "modality": "bold",
    "run_id": 2,
    "subject_id": "1515",
    "task_id": "mst"
  },
  "dummy_trs": 0,
  "dvars_nstd": 81.68131643803275,
  "dvars_std": 1.0434697805620605,
  "dvars_vstd": 0.9976838825292738,
  "efc": 0.6144154034713841,
  "fber": 179.552490234375,
  "fd_mean": 0.11205700322978446,
  "fd_num": 14,
  "fd_perc": 3.2710280373831777,
  "fwhm_avg": 2.9191351275693527,
  "fwhm_x": 2.644533403389544,
  "fwhm_y": 3.214416538937229,
  "fwhm_z": 2.8984554403812846,
  "gcor": 0.00355283,
  "gsr_x": 0.006061018444597721,
  "gsr_y": 0.07842274010181427,
  "provenance": {
    "md5sum": "4a895156ab729f174b9b39dd725a9a30",
    "settings": {
      "fd_thres": 0.2,
      "testing": false
    },
    "software": "mriqc",
    "version": "23.0.1",
    "webapi_port": null,
    "webapi_url": "https://mriqc.nimh.nih.gov/api/v1"
  },
  "size_t": 428,
  "size_x": 100,
  "size_y": 100,
  "size_z": 72,
  "snr": 2.148066814626805,
  "spacing_tr": 0.875,
  "spacing_x": 1.7999999523162842,
  "spacing_y": 1.8000000715255737,
  "spacing_z": 1.8000000715255737,
  "summary_bg_k": 49.20167858168762,
  "summary_bg_mad": 13.921912469031497,
  "summary_bg_mean": 39.66069030761719,
  "summary_bg_median": 22.922897338867188,
  "summary_bg_n": 409470.0,
  "summary_bg_p05": 11.712616920471191,
  "summary_bg_p95": 123.76529922485349,
  "summary_bg_stdv": 48.993473052978516,
  "summary_fg_k": 5.299435030470791,
  "summary_fg_mad": 108.3858324539226,
  "summary_fg_mean": 349.4610290527344,
  "summary_fg_median": 317.9801330566406,
  "summary_fg_n": 201502.0,
  "summary_fg_p05": 175.74778213500977,
  "summary_fg_p95": 628.191470336914,
  "summary_fg_stdv": 148.0304718017578,
  "tsnr": 18.083606765139848
}