{
  "aor": 0.0005069392523364486,
  "aqi": 0.01958572640186916,
  "bids_meta": {
    "AcquisitionMatrixPE": 100,
    "AcquisitionNumber": 1,
    "AcquisitionTime": "10:50:45.857500",
    "BandwidthPerPixelPhaseEncode": 13.889,
    "BaseResolution": 100,
    "ConversionSoftware": "dcm2niix",
    "ConversionSoftwareVersion": "v1.0.20180404 Clang8.0.0",
    "DerivedVendorReportedEchoSpacing": 0.000719994,
    "DeviceSerialNumber": "35002",
    "DwellTime": 2.8e-06,
    "EchoTime": 0.0436,
    "EffectiveEchoSpacing": 0.000719994,
    "FlipAngle": 55,
    "ImageComments": "Unaliased_MB8_PE3_(remote)",
    "ImageOrientationPatientDICOM": [
      1,
      0,
      0,
      0,
      0.903335,
      0.428935
    ],
    "ImageType": [
      "ORIGINAL",
      "PRIMARY",
      "M",
      "ND",
      "MOSAIC"
    ],
    "InPlanePhaseEncodingDirectionDICOM": "COL",
    "InstitutionAddress": "University_Pkwy_1700_North_685_Provo_UT_US_84601",
    "InstitutionName": "Brigham_Young_University",
    "InstitutionalDepartmentName": "MRI",
    "MRAcquisitionType": "2D",
    "MagneticFieldStrength": 3,
    "Manufacturer": "Siemens",
    "ManufacturersModelName": "TrioTim",
    "Modality": "MR",
    "MultibandAccelerationFactor": 8,
    "PartialFourier": 1,
    "PatientPosition": "HFS",
    "PercentPhaseFOV": 100,
    "PhaseEncodingDirection": "j-",
    "PhaseEncodingSteps": 100,
    "PhaseResolution": 1,
    "PixelBandwidth": 1786,
    "ProcedureStepDescription": "Research_KIRWAN",
    "ProtocolName": "run5",
    "PulseSequenceDetails": "%CustomerSeq%_cmrr_mbep2d_bold",
    "ReceiveCoilName": "32Ch_Head",
    "ReconMatrixPE": 100,
    "RepetitionTime": 0.875,
    "SAR": 0.167243,
    "ScanOptions": "FS",
    "ScanningSequence": "EP",
    "SequenceName": "epfid2d1_100",
    "SequenceVariant": "SK",
    "SeriesDescription": "run5",
    "SeriesNumber": 7,
    "ShimSetting": [
      -2683,
      -23106,
      2447,
      578,
      89,
      436,
      -56,
      19
    ],
    "SliceThickness": 1.8,
    "SliceTiming": [
      0,
      0.4875,
      0.0975,
      0.585,
      0.195,
      0.6825,
      0.2925,
      0.78,
      0.39,
      0,
      0.4875,
      0.0975,
      0.585,
      0.195,
      0.6825,
      0.2925,
      0.78,
      0.39,
      0,
      0.4875,
      0.0975,
      0.585,
      0.195,
      0.6825,
      0.2925,
      0.78,
      0.39,
      0,
      0.4875,
      0.0975,
      0.585,
      0.195,
      0.6825,
      0.2925,
      0.78,
      0.39,
      0,
      0.4875,
      0.0975,
      0.585,
      0.195,
      0.6825,
      0.2925,
      0.78,
      0.39,
      0,
      0.4875,
      0.0975,
      0.585,
      0.195,
      0.6825,
      0.2925,
      0.78,
      0.39,
      0,
      0.4875,
      0.0975,
      0.585,
      0.195,
      0.6825,
      0.2925,
      0.78,
      0.39,
      0,
      0.4875,
      0.0975,
      0.585,
      0.195,
      0.6825,
      0.2925,
      0.78,
      0.39
    ],
    "SoftwareVersions": "syngo_MR_B17",
    "SpacingBetweenSlices": 1.8,
    "StationName": "MININT-E41B04",
    "TaskName": "MST",
    "TotalReadoutTime": 0.0712794,
    "TxRefAmp": 334.91,
    "dataset": "ds002168",
    "modality": "bold",
    "run_id": 5,
    "subject_id": "1515",
    "task_id": "mst"
  },
  "dummy_trs": 0,
  "dvars_nstd": 85.86729143494142,
  "dvars_std": 1.0578966673302101,
  "dvars_vstd": 1.0053415023887586,
  "efc": 0.6164811078455867,
  "fber": 169.0257110595703,
  "fd_mean": 0.1281288840540568,
  "fd_num": 39,
  "fd_perc": 9.11214953271028,
  "fwhm_avg": 2.9028573502700064,
  "fwhm_x": 2.636905625409699,
  "fwhm_y": 3.2001054283947905,
  "fwhm_z": 2.871560997005529,
  "gcor": 0.00383924,
  "gsr_x": 0.006673645693808794,
  "gsr_y": 0.07926470041275024,
  "provenance": {
    "md5sum": "234e2241f79335c787a36540ad8ff78f",
    "settings": {
      "fd_thres": 0.2,
      "testing": false
    },
    "software": "mriqc",
    "version": "23.0.1",
    "webapi_port": null,
    "webapi_url": "https://mriqc.nimh.nih.gov/api/v1"
  },
  "size_t": 428,
  "size_x": 100,
  "size_y": 100,
  "size_z": 72,
  "snr": 2.1318949601145785,
  "spacing_tr": 0.875,
  "spacing_x": 1.7999999523162842,
  "spacing_y": 1.8000000715255737,
  "spacing_z": 1.8000000715255737,
  "summary_bg_k": 48.487513232098166,
  "summary_bg_mad": 14.420730598827344,
  "summary_bg_mean": 40.34672546386719,
  "summary_bg_median": 23.306074142456055,
  "summary_bg_n": 409703.0,
  "summary_bg_p05": 11.679905891418457,
  "summary_bg_p95": 125.59812927246094,
  "summary_bg_stdv": 49.926788330078125,
  "summary_fg_k": 5.101886743657587,
  "summary_fg_mad": 107.64457659009884,
  "summary_fg_mean": 344.6544494628906,
  "summary_fg_median": 313.6074523925781,
  "summary_fg_n": 201367.0,
  "summary_fg_p05": 170.85373687744143,
  "summary_fg_p95": 621.517266845703,
  "summary_fg_stdv": 147.10231018066406,
  "tsnr": 17.48992041219026
}